{
  "aor": 0.002256088709677419,
  "aqi": 0.014490867620967744,
  "bids_meta": {
    "AcquisitionMatrixPE": 64,
    "AcquisitionNumber": 1,
    "AcquisitionTime": "15:11:48.812500",
    "BandwidthPerPixelPhaseEncode": 72.674,
    "BaseResolution": 64,
    "CoilString": "T:HEA;HEP",
    "ConversionSoftware": "dcm2niix",
    "ConversionSoftwareVersion": "v1.0.20190902",
    "DerivedVendorReportedEchoSpacing": 0.000430002,
    "DeviceSerialNumber": "35002",
    "DwellTime": 2.7e-06,
    "EchoTime": 0.031,
    "EffectiveEchoSpacing": 0.000215001,
    "FlipAngle": 90,
    "ImageOrientationPatientDICOM": [
      1,
      0,
      0,
      0,
      1,
      0
    ],
    "ImageType": [
      "ORIGINAL",
      "PRIMARY",
      "M",
      "ND",
      "MOSAIC"
    ],
    "ImagingFrequency": 123.263,
    "InPlanePhaseEncodingDirectionDICOM": "COL",
    "InstitutionAddress": "University_Pkwy_1700_North_685_Provo_AEC1C0_UT_US_84601",
    "InstitutionName": "Brigham_Young_University",
    "InstitutionalDepartmentName": "MRI",
    "MRAcquisitionType": "2D",
    "MagneticFieldStrength": 3,
    "Manufacturer": "Siemens",
    "ManufacturersModelName": "TrioTim",
    "Modality": "MR",
    "ParallelReductionFactorInPlane": 2,
    "PartialFourier": 1,
    "PatientPosition": "HFS",
    "PercentPhaseFOV": 100,
    "PhaseEncodingDirection": "j-",
    "PhaseEncodingSteps": 63,
    "PhaseResolution": 1,
    "PixelBandwidth": 2894,
    "ProcedureStepDescription": "Research_KIRWAN",
    "ProtocolName": "Daselaar_run3",
    "PulseSequenceDetails": "%CustomerSeq%_ep2d_bold_PMU",
    "ReceiveCoilName": "HeadMatrix",
    "ReconMatrixPE": 64,
    "RefLinesPE": 24,
    "RepetitionTime": 1.8,
    "SAR": 0.162378,
    "ScanOptions": "FS",
    "ScanningSequence": "EP",
    "SequenceName": "epfid2d1_64",
    "SequenceVariant": "SK",
    "SeriesDescription": "Daselaar_run3",
    "SeriesNumber": 7,
    "ShimSetting": [
      -2765,
      -22774,
      2268,
      343,
      9,
      136,
      -267,
      342
    ],
    "SliceThickness": 3.8,
    "SliceTiming": [
      0.9025,
      0,
      0.9575,
      0.0525,
      1.01,
      0.105,
      1.0625,
      0.16,
      1.115,
      0.2125,
      1.17,
      0.265,
      1.2225,
      0.3175,
      1.275,
      0.3725,
      1.3275,
      0.425,
      1.3825,
      0.4775,
      1.435,
      0.53,
      1.4875,
      0.585,
      1.54,
      0.6375,
      1.595,
      0.69,
      1.6475,
      0.7425,
      1.7,
      0.7975,
      1.7525,
      0.85
    ],
    "SoftwareVersions": "syngo_MR_B17",
    "SpacingBetweenSlices": 3.8,
    "StationName": "MRC35002",
    "TaskName": "RecogConf",
    "TotalReadoutTime": 0.0135451,
    "TxRefAmp": 339.963,
    "dataset": "ds004086",
    "modality": "bold",
    "run_id": 3,
    "subject_id": "050",
    "task_id": "RecogConf"
  },
  "dummy_trs": 0,
  "dvars_nstd": 26.767063164170025,
  "dvars_std": 1.0150351022267206,
  "dvars_vstd": 0.9871297638866401,
  "efc": 0.46784629060974375,
  "fber": 1461.257080078125,
  "fd_mean": 0.25354061516805465,
  "fd_num": 111,
  "fd_perc": 44.75806451612903,
  "fwhm_avg": 1.8886907096171466,
  "fwhm_x": 1.78304,
  "fwhm_y": 2.00324,
  "fwhm_z": 1.8797921288514403,
  "gcor": 0.0318091,
  "gsr_x": 0.00018189562251791358,
  "gsr_y": 0.01608094573020935,
  "provenance": {
    "md5sum": "ee026b26ce9e342bec63e29df787bcab",
    "settings": {
      "fd_thres": 0.2,
      "testing": false
    },
    "software": "mriqc",
    "version": "23.0.0",
    "webapi_port": null,
    "webapi_url": "https://mriqc.nimh.nih.gov/api/v1"
  },
  "size_t": 248,
  "size_x": 64,
  "size_y": 64,
  "size_z": 34,
  "snr": 5.794051476925023,
  "spacing_tr": 1.7999999523162842,
  "spacing_x": 3.75,
  "spacing_y": 3.75,
  "spacing_z": 3.799999952316284,
  "summary_bg_k": 46.86660119186395,
  "summary_bg_mad": 7.855399688803579,
  "summary_bg_mean": 38.079498291015625,
  "summary_bg_median": 19.600805282592773,
  "summary_bg_n": 94091.0,
  "summary_bg_p05": 13.004032135009766,
  "summary_bg_p95": 136.5,
  "summary_bg_stdv": 58.349727630615234,
  "summary_fg_k": 2.0239230155673766,
  "summary_fg_mad": 111.03970309376777,
  "summary_fg_mean": 752.4699096679688,
  "summary_fg_median": 748.3507690429688,
  "summary_fg_n": 17571.0,
  "summary_fg_p05": 555.4375,
  "summary_fg_p95": 961.3648681640625,
  "summary_fg_stdv": 129.15478515625,
  "tsnr": 39.673523079254664
}