{
  "bids_meta": {
    "AcquisitionMatrixPE": 215,
    "AcquisitionNumber": 1,
    "AcquisitionTime": "11:48:22.957500",
    "BaseResolution": 256,
    "CoilString": "C:HEA;HEP",
    "ConversionSoftware": "dcm2niix",
    "ConversionSoftwareVersion": "v1.0.20190902",
    "DeviceSerialNumber": "35002",
    "DwellTime": 9.8e-06,
    "EchoTime": 0.00226,
    "FlipAngle": 9,
    "ImageOrientationPatientDICOM": [
      0,
      1,
      0,
      0,
      0,
      -1
    ],
    "ImageType": [
      "ORIGINAL",
      "PRIMARY",
      "M",
      "ND",
      "NORM"
    ],
    "ImagingFrequency": 123.263,
    "InPlanePhaseEncodingDirectionDICOM": "ROW",
    "InstitutionAddress": "University_Pkwy_1700_North_685_Provo_AEC1C0_UT_US_84601",
    "InstitutionName": "Brigham_Young_University",
    "InstitutionalDepartmentName": "MRI",
    "InversionTime": 0.9,
    "MRAcquisitionType": "3D",
    "MagneticFieldStrength": 3,
    "Manufacturer": "Siemens",
    "ManufacturersModelName": "TrioTim",
    "Modality": "MR",
    "PartialFourier": 0.875,
    "PatientPosition": "HFS",
    "PercentPhaseFOV": 87.5,
    "PhaseEncodingSteps": 227,
    "PhaseOversampling": 0.2,
    "PhaseResolution": 0.96,
    "PixelBandwidth": 199,
    "ProcedureStepDescription": "Research_KIRWAN",
    "ProtocolName": "t1_mpr_sag_iso_(mprage)",
    "PulseSequenceDetails": "%SiemensSeq%_tfl",
    "ReceiveCoilName": "HeadMatrix",
    "ReconMatrixPE": 224,
    "RepetitionTime": 1.9,
    "SAR": 0.0919881,
    "ScanOptions": "IR_PFP",
    "ScanningSequence": "GR_IR",
    "SequenceName": "_tfl3d1_ns",
    "SequenceVariant": "SP_MP_OSP",
    "SeriesDescription": "t1_mpr_sag_iso_(mprage)",
    "SeriesNumber": 2,
    "ShimSetting": [
      -2768,
      -22810,
      1838,
      -69,
      10,
      173,
      -426,
      363
    ],
    "SliceThickness": 1,
    "SoftwareVersions": "syngo_MR_B17",
    "StationName": "MRC35002",
    "TxRefAmp": 327.455,
    "dataset": "ds004086",
    "modality": "T1w",
    "subject_id": "028"
  },
  "cjv": 0.3323887647672859,
  "cnr": 4.09723069621736,
  "efc": 0.5505625097597036,
  "fber": 14984.737445215487,
  "fwhm_avg": 4.745118373333333,
  "fwhm_x": 4.59759,
  "fwhm_y": 5.01658624,
  "fwhm_z": 4.62117888,
  "icvs_csf": 0.19588331756053443,
  "icvs_gm": 0.45217253848308364,
  "icvs_wm": 0.35194414395638196,
  "inu_med": 0.4769608974456787,
  "inu_range": 0.1948644071817398,
  "provenance": {
    "md5sum": "6e69dcfd15e5a36004b0fcae815f3824",
    "settings": {
      "testing": false
    },
    "software": "mriqc",
    "version": "23.0.0",
    "warnings": {
      "large_rot_frame": true,
      "small_air_mask": false
    },
    "webapi_port": null,
    "webapi_url": "https://mriqc.nimh.nih.gov/api/v1"
  },
  "qi_1": 0.0,
  "qi_2": 0.003940893669342636,
  "rpve_csf": 25.658222859190253,
  "rpve_gm": 11.757226110258344,
  "rpve_wm": 16.611675253283053,
  "size_x": 176,
  "size_y": 224,
  "size_z": 256,
  "snr_csf": 2.7754631781013788,
  "snr_gm": 15.016067336111526,
  "snr_total": 13.970452432812246,
  "snr_wm": 24.119826784223836,
  "snrd_csf": 20.812264507683956,
  "snrd_gm": 49.01004646823031,
  "snrd_total": 45.52296378298731,
  "snrd_wm": 66.74658037304765,
  "spacing_x": 1.0,
  "spacing_y": 0.9765625,
  "spacing_z": 0.9765625,
  "summary_bg_k": 12.046475801472296,
  "summary_bg_mad": 0.0,
  "summary_bg_mean": 6.554240211251537,
  "summary_bg_median": 0.0,
  "summary_bg_n": 3193824.0,
  "summary_bg_p05": 0.0,
  "summary_bg_p95": 26.062437035143375,
  "summary_bg_stdv": 9.815675738224018,
  "summary_csf_k": 0.4412866583901143,
  "summary_csf_mad": 98.66098137724892,
  "summary_csf_mean": 313.57157158500365,
  "summary_csf_median": 311.82275902479887,
  "summary_csf_n": 33997.0,
  "summary_csf_p05": 113.03121842443943,
  "summary_csf_p95": 504.4914396107197,
  "summary_csf_stdv": 112.34815702758556,
  "summary_gm_k": 0.10426065377609106,
  "summary_gm_mad": 48.73326925171617,
  "summary_gm_mean": 732.6952020808797,
  "summary_gm_median": 734.3001000210643,
  "summary_gm_n": 39638.0,
  "summary_gm_p05": 650.2719027176499,
  "summary_gm_p95": 810.0704926997423,
  "summary_gm_stdv": 48.90034260962592,
  "summary_wm_k": 0.40230189099337954,
  "summary_wm_mad": 39.59578126701939,
  "summary_wm_mean": 1001.9253206137844,
  "summary_wm_median": 1000.0402810424566,
  "summary_wm_n": 167446.0,
  "summary_wm_p05": 936.7975822091103,
  "summary_wm_p95": 1073.1923454254866,
  "summary_wm_stdv": 41.46121379008107,
  "tpm_overlap_csf": 0.13881212782809782,
  "tpm_overlap_gm": 0.4804284521099759,
  "tpm_overlap_wm": 0.5050386074235627,
  "wm2max": 0.4311192150733698
}