{
  "bids_meta": {
    "AcquisitionMatrixPE": 215,
    "AcquisitionNumber": 1,
    "AcquisitionTime": "13:01:36.152500",
    "BaseResolution": 256,
    "CoilString": "C:HEA;HEP",
    "ConversionSoftware": "dcm2niix",
    "ConversionSoftwareVersion": "v1.0.20190902",
    "DeviceSerialNumber": "35002",
    "DwellTime": 9.8e-06,
    "EchoTime": 0.00226,
    "FlipAngle": 9,
    "ImageOrientationPatientDICOM": [
      0,
      1,
      0,
      0,
      0,
      -1
    ],
    "ImageType": [
      "ORIGINAL",
      "PRIMARY",
      "M",
      "ND",
      "NORM"
    ],
    "ImagingFrequency": 123.263,
    "InPlanePhaseEncodingDirectionDICOM": "ROW",
    "InstitutionAddress": "University_Pkwy_1700_North_685_Provo_AEC1C0_UT_US_84601",
    "InstitutionName": "Brigham_Young_University",
    "InstitutionalDepartmentName": "MRI",
    "InversionTime": 0.9,
    "MRAcquisitionType": "3D",
    "MagneticFieldStrength": 3,
    "Manufacturer": "Siemens",
    "ManufacturersModelName": "TrioTim",
    "Modality": "MR",
    "PartialFourier": 0.875,
    "PatientPosition": "HFS",
    "PercentPhaseFOV": 87.5,
    "PhaseEncodingSteps": 227,
    "PhaseOversampling": 0.2,
    "PhaseResolution": 0.96,
    "PixelBandwidth": 199,
    "ProcedureStepDescription": "Research_KIRWAN",
    "ProtocolName": "t1_mpr_sag_iso_(mprage)",
    "PulseSequenceDetails": "%SiemensSeq%_tfl",
    "ReceiveCoilName": "HeadMatrix",
    "ReconMatrixPE": 224,
    "RepetitionTime": 1.9,
    "SAR": 0.0911166,
    "ScanOptions": "IR_PFP",
    "ScanningSequence": "GR_IR",
    "SequenceName": "_tfl3d1_ns",
    "SequenceVariant": "SP_MP_OSP",
    "SeriesDescription": "t1_mpr_sag_iso_(mprage)",
    "SeriesNumber": 3,
    "ShimSetting": [
      -2768,
      -22810,
      1838,
      -69,
      10,
      173,
      -426,
      363
    ],
    "SliceThickness": 1,
    "SoftwareVersions": "syngo_MR_B17",
    "StationName": "MRC35002",
    "TxRefAmp": 343.93,
    "dataset": "ds004086",
    "modality": "T1w",
    "subject_id": "023"
  },
  "cjv": 0.3309022073744855,
  "cnr": 4.147433938529243,
  "efc": 0.630466745754784,
  "fber": 11449.000000000002,
  "fwhm_avg": 4.517280826666666,
  "fwhm_x": 4.25467,
  "fwhm_y": 4.90821632,
  "fwhm_z": 4.388956159999999,
  "icvs_csf": 0.1714061750799467,
  "icvs_gm": 0.459332790505241,
  "icvs_wm": 0.3692610344148123,
  "inu_med": 0.4480980485677719,
  "inu_range": 0.19007239490747446,
  "provenance": {
    "md5sum": "edf7432d92e84b34df5dba7e1d684dac",
    "settings": {
      "testing": false
    },
    "software": "mriqc",
    "version": "23.0.0",
    "warnings": {
      "large_rot_frame": true,
      "small_air_mask": false
    },
    "webapi_port": null,
    "webapi_url": "https://mriqc.nimh.nih.gov/api/v1"
  },
  "qi_1": 0.0,
  "qi_2": 0.0053636285405940926,
  "rpve_csf": 21.41989732733981,
  "rpve_gm": 9.12869516645359,
  "rpve_wm": 13.005669985756747,
  "size_x": 176,
  "size_y": 224,
  "size_z": 256,
  "snr_csf": 3.075072149767613,
  "snr_gm": 14.838156227758095,
  "snr_total": 14.567561532431908,
  "snr_wm": 25.789456219770013,
  "snrd_csf": 24.125204884277515,
  "snrd_gm": 53.51906645313337,
  "snrd_total": 50.114171865286686,
  "snrd_wm": 72.69824425844917,
  "spacing_x": 1.0,
  "spacing_y": 0.9765625,
  "spacing_z": 0.9765625,
  "summary_bg_k": 9.10583564335969,
  "summary_bg_mad": 0.0,
  "summary_bg_mean": 5.663751127697892,
  "summary_bg_median": 0.0,
  "summary_bg_n": 2083120.0,
  "summary_bg_p05": 0.0,
  "summary_bg_p95": 23.655742596834898,
  "summary_bg_stdv": 9.01172208838992,
  "summary_csf_k": 0.9859049319259974,
  "summary_csf_mad": 91.70432181812343,
  "summary_csf_mean": 337.41534590326137,
  "summary_csf_median": 331.8540104664862,
  "summary_csf_n": 23248.0,
  "summary_csf_p05": 162.76498134844007,
  "summary_csf_p95": 525.5636353341862,
  "summary_csf_stdv": 107.91515026906512,
  "summary_gm_k": 0.09585314646844711,
  "summary_gm_mad": 49.641352938061694,
  "summary_gm_mean": 735.5710013132076,
  "summary_gm_median": 736.1809743829072,
  "summary_gm_n": 52578.0,
  "summary_gm_p05": 653.6830579899251,
  "summary_gm_p95": 815.7526318298651,
  "summary_gm_stdv": 49.61357477328097,
  "summary_wm_k": 0.29995808738605234,
  "summary_wm_mad": 37.65693163703852,
  "summary_wm_mean": 1001.1436967621621,
  "summary_wm_median": 999.9999596588314,
  "summary_wm_n": 246905.0,
  "summary_wm_p05": 939.4935627654195,
  "summary_wm_p95": 1066.7670053467155,
  "summary_wm_stdv": 38.77545637507083,
  "tpm_overlap_csf": 0.16552650526593563,
  "tpm_overlap_gm": 0.4660917231216615,
  "tpm_overlap_wm": 0.5092257207067822,
  "wm2max": 0.5042559143222506
}