{
  "aor": 0.0006812096774193548,
  "aqi": 0.004727467782258065,
  "bids_meta": {
    "AcquisitionMatrixPE": 64,
    "AcquisitionNumber": 1,
    "AcquisitionTime": "13:56:22.912500",
    "BandwidthPerPixelPhaseEncode": 72.674,
    "BaseResolution": 64,
    "CoilString": "T:HEA;HEP",
    "ConversionSoftware": "dcm2niix",
    "ConversionSoftwareVersion": "v1.0.20190902",
    "DerivedVendorReportedEchoSpacing": 0.000430002,
    "DeviceSerialNumber": "35002",
    "DwellTime": 2.7e-06,
    "EchoTime": 0.031,
    "EffectiveEchoSpacing": 0.000215001,
    "FlipAngle": 90,
    "ImageOrientationPatientDICOM": [
      1,
      0,
      0,
      0,
      1,
      0
    ],
    "ImageType": [
      "ORIGINAL",
      "PRIMARY",
      "M",
      "ND",
      "MOSAIC"
    ],
    "ImagingFrequency": 123.263,
    "InPlanePhaseEncodingDirectionDICOM": "COL",
    "InstitutionAddress": "University_Pkwy_1700_North_685_Provo_AEC1C0_UT_US_84601",
    "InstitutionName": "Brigham_Young_University",
    "InstitutionalDepartmentName": "MRI",
    "MRAcquisitionType": "2D",
    "MagneticFieldStrength": 3,
    "Manufacturer": "Siemens",
    "ManufacturersModelName": "TrioTim",
    "Modality": "MR",
    "ParallelReductionFactorInPlane": 2,
    "PartialFourier": 1,
    "PatientPosition": "HFS",
    "PercentPhaseFOV": 100,
    "PhaseEncodingDirection": "j-",
    "PhaseEncodingSteps": 63,
    "PhaseResolution": 1,
    "PixelBandwidth": 2894,
    "ProcedureStepDescription": "Research_KIRWAN",
    "ProtocolName": "Daselaar_run2",
    "PulseSequenceDetails": "%CustomerSeq%_ep2d_bold_PMU",
    "ReceiveCoilName": "HeadMatrix",
    "ReconMatrixPE": 64,
    "RefLinesPE": 24,
    "RepetitionTime": 1.8,
    "SAR": 0.190382,
    "ScanOptions": "FS",
    "ScanningSequence": "EP",
    "SequenceName": "epfid2d1_64",
    "SequenceVariant": "SK",
    "SeriesDescription": "Daselaar_run2",
    "SeriesNumber": 6,
    "ShimSetting": [
      -2786,
      -22899,
      2370,
      521,
      111,
      227,
      -294,
      382
    ],
    "SliceThickness": 3.8,
    "SliceTiming": [
      0.905,
      0,
      0.9575,
      0.055,
      1.01,
      0.1075,
      1.0625,
      0.16,
      1.1175,
      0.2125,
      1.17,
      0.2675,
      1.2225,
      0.32,
      1.275,
      0.3725,
      1.33,
      0.425,
      1.3825,
      0.48,
      1.435,
      0.5325,
      1.49,
      0.585,
      1.5425,
      0.6375,
      1.595,
      0.6925,
      1.6475,
      0.745,
      1.7025,
      0.7975,
      1.755,
      0.85
    ],
    "SoftwareVersions": "syngo_MR_B17",
    "SpacingBetweenSlices": 3.8,
    "StationName": "MRC35002",
    "TaskName": "RecogConf",
    "TotalReadoutTime": 0.0135451,
    "TxRefAmp": 343.468,
    "dataset": "ds004086",
    "modality": "bold",
    "run_id": 2,
    "subject_id": "036",
    "task_id": "RecogConf"
  },
  "dummy_trs": 0,
  "dvars_nstd": 22.104478310850194,
  "dvars_std": 1.0850747548178143,
  "dvars_vstd": 0.9980892314574896,
  "efc": 0.45275528638778,
  "fber": 1980.323486328125,
  "fd_mean": 0.12830665370469202,
  "fd_num": 35,
  "fd_perc": 14.112903225806452,
  "fwhm_avg": 1.9030956570009891,
  "fwhm_x": 1.7796613333333333,
  "fwhm_y": 2.0461466666666666,
  "fwhm_z": 1.8834789710029674,
  "gcor": 0.0263698,
  "gsr_x": -0.01624452881515026,
  "gsr_y": 0.021026508882641792,
  "provenance": {
    "md5sum": "ae291d8e74f1289769d1cd868ba19906",
    "settings": {
      "fd_thres": 0.2,
      "testing": false
    },
    "software": "mriqc",
    "version": "23.0.0",
    "webapi_port": null,
    "webapi_url": "https://mriqc.nimh.nih.gov/api/v1"
  },
  "size_t": 248,
  "size_x": 64,
  "size_y": 64,
  "size_z": 34,
  "snr": 6.101476628858197,
  "spacing_tr": 1.7999999523162842,
  "spacing_x": 3.75,
  "spacing_y": 3.75,
  "spacing_z": 3.799999952316284,
  "summary_bg_k": 82.62061555115608,
  "summary_bg_mad": 5.631497774964833,
  "summary_bg_mean": 32.31559753417969,
  "summary_bg_median": 17.237903594970703,
  "summary_bg_n": 93994.0,
  "summary_bg_p05": 12.596774101257324,
  "summary_bg_p95": 104.48467292785602,
  "summary_bg_stdv": 49.736785888671875,
  "summary_fg_k": 1.4732937345820902,
  "summary_fg_mad": 113.62231218288824,
  "summary_fg_mean": 771.6187133789062,
  "summary_fg_median": 770.008056640625,
  "summary_fg_n": 17229.0,
  "summary_fg_p05": 571.0023803710938,
  "summary_fg_p95": 974.6798339843747,
  "summary_fg_stdv": 126.19661712646484,
  "tsnr": 68.55711465398781
}