{
  "bids_meta": {
    "AcquisitionMatrixPE": 215,
    "AcquisitionNumber": 1,
    "AcquisitionTime": "14:57:2.512500",
    "BaseResolution": 256,
    "CoilString": "C:HEA;HEP",
    "ConversionSoftware": "dcm2niix",
    "ConversionSoftwareVersion": "v1.0.20190902",
    "DeviceSerialNumber": "35002",
    "DwellTime": 9.8e-06,
    "EchoTime": 0.00226,
    "FlipAngle": 9,
    "ImageOrientationPatientDICOM": [
      0,
      1,
      0,
      0,
      0,
      -1
    ],
    "ImageType": [
      "ORIGINAL",
      "PRIMARY",
      "M",
      "ND",
      "NORM"
    ],
    "ImagingFrequency": 123.263,
    "InPlanePhaseEncodingDirectionDICOM": "ROW",
    "InstitutionAddress": "University_Pkwy_1700_North_685_Provo_AEC1C0_UT_US_84601",
    "InstitutionName": "Brigham_Young_University",
    "InstitutionalDepartmentName": "MRI",
    "InversionTime": 0.9,
    "MRAcquisitionType": "3D",
    "MagneticFieldStrength": 3,
    "Manufacturer": "Siemens",
    "ManufacturersModelName": "TrioTim",
    "Modality": "MR",
    "PartialFourier": 0.875,
    "PatientPosition": "HFS",
    "PercentPhaseFOV": 87.5,
    "PhaseEncodingSteps": 227,
    "PhaseOversampling": 0.2,
    "PhaseResolution": 0.96,
    "PixelBandwidth": 199,
    "ProcedureStepDescription": "Research_KIRWAN",
    "ProtocolName": "t1_mpr_sag_iso_(mprage)",
    "PulseSequenceDetails": "%SiemensSeq%_tfl",
    "ReceiveCoilName": "HeadMatrix",
    "ReconMatrixPE": 224,
    "RepetitionTime": 1.9,
    "SAR": 0.0733343,
    "ScanOptions": "IR_PFP",
    "ScanningSequence": "GR_IR",
    "SequenceName": "_tfl3d1_ns",
    "SequenceVariant": "SP_MP_OSP",
    "SeriesDescription": "t1_mpr_sag_iso_(mprage)",
    "SeriesNumber": 2,
    "ShimSetting": [
      -2768,
      -22810,
      1838,
      -69,
      10,
      173,
      -426,
      363
    ],
    "SliceThickness": 1,
    "SoftwareVersions": "syngo_MR_B17",
    "StationName": "MRC35002",
    "TxRefAmp": 335.833,
    "dataset": "ds004086",
    "modality": "T1w",
    "subject_id": "024"
  },
  "cjv": 0.3353976721316713,
  "cnr": 4.075654963926755,
  "efc": 0.5642825814970154,
  "fber": 21557.580625000002,
  "fwhm_avg": 4.541855386666666,
  "fwhm_x": 4.43021,
  "fwhm_y": 4.78275584,
  "fwhm_z": 4.412600319999999,
  "icvs_csf": 0.2013620790494833,
  "icvs_gm": 0.45492522294342513,
  "icvs_wm": 0.34371269800709153,
  "inu_med": 0.46204325556755066,
  "inu_range": 0.17599704414606093,
  "provenance": {
    "md5sum": "2e75c6e9110342d7bb7851ec30e081c2",
    "settings": {
      "testing": false
    },
    "software": "mriqc",
    "version": "23.0.0",
    "warnings": {
      "large_rot_frame": true,
      "small_air_mask": false
    },
    "webapi_port": null,
    "webapi_url": "https://mriqc.nimh.nih.gov/api/v1"
  },
  "qi_1": 0.0,
  "qi_2": 0.006818111421220757,
  "rpve_csf": 23.126984456819883,
  "rpve_gm": 10.932289758241371,
  "rpve_wm": 16.141340875813537,
  "size_x": 176,
  "size_y": 224,
  "size_z": 256,
  "snr_csf": 3.0117763315523427,
  "snr_gm": 14.729362462432881,
  "snr_total": 15.026500948885063,
  "snr_wm": 27.338364052669966,
  "snrd_csf": 29.629626307918624,
  "snrd_gm": 75.29559172747656,
  "snrd_total": 68.69271209156457,
  "snrd_wm": 101.15291823929853,
  "spacing_x": 1.0,
  "spacing_y": 0.9765625,
  "spacing_z": 0.9765625,
  "summary_bg_k": 7.88162057819885,
  "summary_bg_mad": 0.0,
  "summary_bg_mean": 3.591453668337572,
  "summary_bg_median": 0.0,
  "summary_bg_n": 2448395.0,
  "summary_bg_p05": 0.0,
  "summary_bg_p95": 17.562191642820835,
  "summary_bg_stdv": 6.476953527780885,
  "summary_csf_k": 1.1254558713571656,
  "summary_csf_mad": 83.4161144349048,
  "summary_csf_mean": 302.30073807469813,
  "summary_csf_median": 292.9309265092015,
  "summary_csf_n": 35829.0,
  "summary_csf_p05": 164.1040122523904,
  "summary_csf_p95": 483.55103497654187,
  "summary_csf_stdv": 97.2604889377917,
  "summary_gm_k": 0.06445194649790098,
  "summary_gm_mad": 50.40716629423533,
  "summary_gm_mean": 741.8339038202048,
  "summary_gm_median": 744.4038347825408,
  "summary_gm_n": 37531.0,
  "summary_gm_p05": 654.683942694217,
  "summary_gm_p95": 821.2032586485147,
  "summary_gm_stdv": 50.53809487198065,
  "summary_wm_k": 0.34833578262232123,
  "summary_wm_mad": 35.33268275707039,
  "summary_wm_mean": 1000.5676615046021,
  "summary_wm_median": 1000.0402216017246,
  "summary_wm_n": 176109.0,
  "summary_wm_p05": 941.4058106020093,
  "summary_wm_p95": 1061.2868579030037,
  "summary_wm_stdv": 36.5800009249302,
  "tpm_overlap_csf": 0.1587697878386709,
  "tpm_overlap_gm": 0.48039782686560917,
  "tpm_overlap_wm": 0.519673046073809,
  "wm2max": 0.46813392840622003
}