{
  "aor": 0.0017619354838709677,
  "aqi": 0.005064254919354839,
  "bids_meta": {
    "AcquisitionMatrixPE": 64,
    "AcquisitionNumber": 1,
    "AcquisitionTime": "17:30:12.662500",
    "BandwidthPerPixelPhaseEncode": 72.674,
    "BaseResolution": 64,
    "CoilString": "T:HEA;HEP",
    "ConversionSoftware": "dcm2niix",
    "ConversionSoftwareVersion": "v1.0.20190902",
    "DerivedVendorReportedEchoSpacing": 0.000430002,
    "DeviceSerialNumber": "35002",
    "DwellTime": 2.7e-06,
    "EchoTime": 0.031,
    "EffectiveEchoSpacing": 0.000215001,
    "FlipAngle": 90,
    "ImageOrientationPatientDICOM": [
      1,
      0,
      0,
      0,
      1,
      0
    ],
    "ImageType": [
      "ORIGINAL",
      "PRIMARY",
      "M",
      "ND",
      "MOSAIC"
    ],
    "ImagingFrequency": 123.263,
    "InPlanePhaseEncodingDirectionDICOM": "COL",
    "InstitutionAddress": "University_Pkwy_1700_North_685_Provo_AEC1C0_UT_US_84601",
    "InstitutionName": "Brigham_Young_University",
    "InstitutionalDepartmentName": "MRI",
    "MRAcquisitionType": "2D",
    "MagneticFieldStrength": 3,
    "Manufacturer": "Siemens",
    "ManufacturersModelName": "TrioTim",
    "Modality": "MR",
    "ParallelReductionFactorInPlane": 2,
    "PartialFourier": 1,
    "PatientPosition": "HFS",
    "PercentPhaseFOV": 100,
    "PhaseEncodingDirection": "j-",
    "PhaseEncodingSteps": 63,
    "PhaseResolution": 1,
    "PixelBandwidth": 2894,
    "ProcedureStepDescription": "Research_KIRWAN",
    "ProtocolName": "Daselaar_run3",
    "PulseSequenceDetails": "%CustomerSeq%_ep2d_bold_PMU",
    "ReceiveCoilName": "HeadMatrix",
    "ReconMatrixPE": 64,
    "RefLinesPE": 24,
    "RepetitionTime": 1.8,
    "SAR": 0.196657,
    "ScanOptions": "FS",
    "ScanningSequence": "EP",
    "SequenceName": "epfid2d1_64",
    "SequenceVariant": "SK",
    "SeriesDescription": "Daselaar_run3",
    "SeriesNumber": 7,
    "ShimSetting": [
      -2789,
      -22807,
      2148,
      614,
      44,
      467,
      -399,
      432
    ],
    "SliceThickness": 3.8,
    "SliceTiming": [
      0.9025,
      0,
      0.9575,
      0.0525,
      1.01,
      0.1075,
      1.0625,
      0.16,
      1.115,
      0.2125,
      1.17,
      0.265,
      1.2225,
      0.32,
      1.275,
      0.3725,
      1.33,
      0.425,
      1.3825,
      0.4775,
      1.435,
      0.5325,
      1.4875,
      0.585,
      1.5425,
      0.6375,
      1.595,
      0.69,
      1.6475,
      0.745,
      1.7,
      0.7975,
      1.755,
      0.85
    ],
    "SoftwareVersions": "syngo_MR_B17",
    "SpacingBetweenSlices": 3.8,
    "StationName": "MRC35002",
    "TaskName": "RecogConf",
    "TotalReadoutTime": 0.0135451,
    "TxRefAmp": 330.095,
    "dataset": "ds004086",
    "modality": "bold",
    "run_id": 3,
    "subject_id": "031",
    "task_id": "RecogConf"
  },
  "dummy_trs": 0,
  "dvars_nstd": 23.065077391740886,
  "dvars_std": 1.0942668817408907,
  "dvars_vstd": 1.0197003894736838,
  "efc": 0.4399742269764033,
  "fber": 2274.800048828125,
  "fd_mean": 0.13833255401679898,
  "fd_num": 25,
  "fd_perc": 10.080645161290322,
  "fwhm_avg": 2.038659985109714,
  "fwhm_x": 1.89492,
  "fwhm_y": 2.1885546666666666,
  "fwhm_z": 2.032505288662475,
  "gcor": 0.0278337,
  "gsr_x": -0.014894524589180946,
  "gsr_y": 0.013902316801249981,
  "provenance": {
    "md5sum": "efd0d5bbd9b98d289185399d7ac595fa",
    "settings": {
      "fd_thres": 0.2,
      "testing": false
    },
    "software": "mriqc",
    "version": "23.0.0",
    "webapi_port": null,
    "webapi_url": "https://mriqc.nimh.nih.gov/api/v1"
  },
  "size_t": 248,
  "size_x": 64,
  "size_y": 64,
  "size_z": 34,
  "snr": 5.657916487667842,
  "spacing_tr": 1.7999999523162842,
  "spacing_x": 3.75,
  "spacing_y": 3.75,
  "spacing_z": 3.799999952316284,
  "summary_bg_k": 69.25727156671728,
  "summary_bg_mad": 4.949977188819958,
  "summary_bg_mean": 24.52737808227539,
  "summary_bg_median": 16.165321350097656,
  "summary_bg_n": 92987.0,
  "summary_bg_p05": 11.919354438781738,
  "summary_bg_p95": 60.22056159973143,
  "summary_bg_stdv": 30.870014190673828,
  "summary_fg_k": 1.205529758493701,
  "summary_fg_mad": 121.31634263513116,
  "summary_fg_mean": 782.7505493164062,
  "summary_fg_median": 774.375,
  "summary_fg_n": 17728.0,
  "summary_fg_p05": 579.8159240722656,
  "summary_fg_p95": 1025.0134521484372,
  "summary_fg_stdv": 136.8618927001953,
  "tsnr": 64.26523592602462
}