{
  "aor": 0.0009398387096774194,
  "aqi": 0.006275284677419355,
  "bids_meta": {
    "AcquisitionMatrixPE": 64,
    "AcquisitionNumber": 1,
    "AcquisitionTime": "17:14:26.840000",
    "BandwidthPerPixelPhaseEncode": 72.674,
    "BaseResolution": 64,
    "CoilString": "T:HEA;HEP",
    "ConversionSoftware": "dcm2niix",
    "ConversionSoftwareVersion": "v1.0.20190902",
    "DerivedVendorReportedEchoSpacing": 0.000430002,
    "DeviceSerialNumber": "35002",
    "DwellTime": 2.7e-06,
    "EchoTime": 0.031,
    "EffectiveEchoSpacing": 0.000215001,
    "FlipAngle": 90,
    "ImageOrientationPatientDICOM": [
      1,
      0,
      0,
      0,
      1,
      0
    ],
    "ImageType": [
      "ORIGINAL",
      "PRIMARY",
      "M",
      "ND",
      "MOSAIC"
    ],
    "ImagingFrequency": 123.263,
    "InPlanePhaseEncodingDirectionDICOM": "COL",
    "InstitutionAddress": "University_Pkwy_1700_North_685_Provo_AEC1C0_UT_US_84601",
    "InstitutionName": "Brigham_Young_University",
    "InstitutionalDepartmentName": "MRI",
    "MRAcquisitionType": "2D",
    "MagneticFieldStrength": 3,
    "Manufacturer": "Siemens",
    "ManufacturersModelName": "TrioTim",
    "Modality": "MR",
    "ParallelReductionFactorInPlane": 2,
    "PartialFourier": 1,
    "PatientPosition": "HFS",
    "PercentPhaseFOV": 100,
    "PhaseEncodingDirection": "j-",
    "PhaseEncodingSteps": 63,
    "PhaseResolution": 1,
    "PixelBandwidth": 2894,
    "ProcedureStepDescription": "Research_KIRWAN",
    "ProtocolName": "Daselaar_run1",
    "PulseSequenceDetails": "%CustomerSeq%_ep2d_bold_PMU",
    "ReceiveCoilName": "HeadMatrix",
    "ReconMatrixPE": 64,
    "RefLinesPE": 24,
    "RepetitionTime": 1.8,
    "SAR": 0.196657,
    "ScanOptions": "FS",
    "ScanningSequence": "EP",
    "SequenceName": "epfid2d1_64",
    "SequenceVariant": "SK",
    "SeriesDescription": "Daselaar_run1",
    "SeriesNumber": 5,
    "ShimSetting": [
      -2789,
      -22807,
      2148,
      614,
      44,
      467,
      -399,
      432
    ],
    "SliceThickness": 3.8,
    "SliceTiming": [
      0.9025,
      0,
      0.9575,
      0.0525,
      1.01,
      0.1075,
      1.0625,
      0.16,
      1.115,
      0.2125,
      1.17,
      0.265,
      1.2225,
      0.32,
      1.275,
      0.3725,
      1.3275,
      0.425,
      1.3825,
      0.4775,
      1.435,
      0.5325,
      1.4875,
      0.585,
      1.54,
      0.6375,
      1.595,
      0.69,
      1.6475,
      0.745,
      1.7,
      0.7975,
      1.755,
      0.85
    ],
    "SoftwareVersions": "syngo_MR_B17",
    "SpacingBetweenSlices": 3.8,
    "StationName": "MRC35002",
    "TaskName": "RecogConf",
    "TotalReadoutTime": 0.0135451,
    "TxRefAmp": 330.095,
    "dataset": "ds004086",
    "modality": "bold",
    "run_id": 1,
    "subject_id": "031",
    "task_id": "RecogConf"
  },
  "dummy_trs": 0,
  "dvars_nstd": 22.507744437570853,
  "dvars_std": 1.0529611928744944,
  "dvars_vstd": 0.9971254379757079,
  "efc": 0.44042364988293947,
  "fber": 2214.33349609375,
  "fd_mean": 0.12538320897723315,
  "fd_num": 21,
  "fd_perc": 8.46774193548387,
  "fwhm_avg": 2.0414479733213793,
  "fwhm_x": 1.909672,
  "fwhm_y": 2.2042640000000002,
  "fwhm_z": 2.0104079199641367,
  "gcor": 0.0180764,
  "gsr_x": -0.015116095542907715,
  "gsr_y": 0.014908498153090477,
  "provenance": {
    "md5sum": "9ef3b329a1acbd355099273920a524d8",
    "settings": {
      "fd_thres": 0.2,
      "testing": false
    },
    "software": "mriqc",
    "version": "23.0.0",
    "webapi_port": null,
    "webapi_url": "https://mriqc.nimh.nih.gov/api/v1"
  },
  "size_t": 248,
  "size_x": 64,
  "size_y": 64,
  "size_z": 34,
  "snr": 5.613719839362427,
  "spacing_tr": 1.7999999523162842,
  "spacing_x": 3.75,
  "spacing_y": 3.75,
  "spacing_z": 3.799999952316284,
  "summary_bg_k": 68.96832797865474,
  "summary_bg_mad": 5.159216089295986,
  "summary_bg_mean": 24.53005027770996,
  "summary_bg_median": 16.33467674255371,
  "summary_bg_n": 92946.0,
  "summary_bg_p05": 11.963708877563477,
  "summary_bg_p95": 60.07661056518555,
  "summary_bg_stdv": 29.520273208618164,
  "summary_fg_k": 1.1918916527612504,
  "summary_fg_mad": 121.6272239780069,
  "summary_fg_mean": 780.555908203125,
  "summary_fg_median": 772.3306274414062,
  "summary_fg_n": 17741.0,
  "summary_fg_p05": 571.9031982421875,
  "summary_fg_p95": 1021.3709106445312,
  "summary_fg_stdv": 137.5752410888672,
  "tsnr": 60.262776990188286
}