{
  "aor": 0.0003826720647773279,
  "aqi": 0.008101832955465588,
  "bids_meta": {
    "AcquisitionMatrixPE": 64,
    "AcquisitionNumber": 1,
    "AcquisitionTime": "17:38:25.715000",
    "BandwidthPerPixelPhaseEncode": 72.674,
    "BaseResolution": 64,
    "CoilString": "T:HEA;HEP",
    "ConversionSoftware": "dcm2niix",
    "ConversionSoftwareVersion": "v1.0.20190902",
    "DerivedVendorReportedEchoSpacing": 0.000430002,
    "DeviceSerialNumber": "35002",
    "DwellTime": 2.7e-06,
    "EchoTime": 0.031,
    "EffectiveEchoSpacing": 0.000215001,
    "FlipAngle": 90,
    "ImageOrientationPatientDICOM": [
      1,
      0,
      0,
      0,
      1,
      0
    ],
    "ImageType": [
      "ORIGINAL",
      "PRIMARY",
      "M",
      "ND",
      "MOSAIC"
    ],
    "ImagingFrequency": 123.263,
    "InPlanePhaseEncodingDirectionDICOM": "COL",
    "InstitutionAddress": "University_Pkwy_1700_North_685_Provo_AEC1C0_UT_US_84601",
    "InstitutionName": "Brigham_Young_University",
    "InstitutionalDepartmentName": "MRI",
    "MRAcquisitionType": "2D",
    "MagneticFieldStrength": 3,
    "Manufacturer": "Siemens",
    "ManufacturersModelName": "TrioTim",
    "Modality": "MR",
    "ParallelReductionFactorInPlane": 2,
    "PartialFourier": 1,
    "PatientPosition": "HFS",
    "PercentPhaseFOV": 100,
    "PhaseEncodingDirection": "j-",
    "PhaseEncodingSteps": 63,
    "PhaseResolution": 1,
    "PixelBandwidth": 2894,
    "ProcedureStepDescription": "Research_KIRWAN",
    "ProtocolName": "Daselaar_run4",
    "PulseSequenceDetails": "%CustomerSeq%_ep2d_bold_PMU",
    "ReceiveCoilName": "HeadMatrix",
    "ReconMatrixPE": 64,
    "RefLinesPE": 24,
    "RepetitionTime": 1.8,
    "SAR": 0.196657,
    "ScanOptions": "FS",
    "ScanningSequence": "EP",
    "SequenceName": "epfid2d1_64",
    "SequenceVariant": "SK",
    "SeriesDescription": "Daselaar_run4",
    "SeriesNumber": 8,
    "ShimSetting": [
      -2789,
      -22807,
      2148,
      614,
      44,
      467,
      -399,
      432
    ],
    "SliceThickness": 3.8,
    "SliceTiming": [
      0.9025,
      0,
      0.955,
      0.0525,
      1.01,
      0.105,
      1.0625,
      0.1575,
      1.115,
      0.2125,
      1.1675,
      0.265,
      1.2225,
      0.3175,
      1.275,
      0.37,
      1.3275,
      0.425,
      1.38,
      0.4775,
      1.435,
      0.53,
      1.4875,
      0.585,
      1.54,
      0.6375,
      1.5925,
      0.69,
      1.6475,
      0.7425,
      1.7,
      0.7975,
      1.7525,
      0.85
    ],
    "SoftwareVersions": "syngo_MR_B17",
    "SpacingBetweenSlices": 3.8,
    "StationName": "MRC35002",
    "TaskName": "RecogConf",
    "TotalReadoutTime": 0.0135451,
    "TxRefAmp": 330.095,
    "dataset": "ds004086",
    "modality": "bold",
    "run_id": 4,
    "subject_id": "031",
    "task_id": "RecogConf"
  },
  "dummy_trs": 1,
  "dvars_nstd": 23.712107588373993,
  "dvars_std": 1.0343875918292686,
  "dvars_vstd": 0.9668516321951215,
  "efc": 0.44003415739532936,
  "fber": 2256.802001953125,
  "fd_mean": 0.1604995663405293,
  "fd_num": 54,
  "fd_perc": 21.86234817813765,
  "fwhm_avg": 2.0338483241463754,
  "fwhm_x": 1.9039973333333333,
  "fwhm_y": 2.199618666666667,
  "fwhm_z": 1.9979289724391256,
  "gcor": 0.0173964,
  "gsr_x": -0.014818207360804081,
  "gsr_y": 0.01506730355322361,
  "provenance": {
    "md5sum": "21257dafa473ccda57b02bc60a693354",
    "settings": {
      "fd_thres": 0.2,
      "testing": false
    },
    "software": "mriqc",
    "version": "23.0.0",
    "webapi_port": null,
    "webapi_url": "https://mriqc.nimh.nih.gov/api/v1"
  },
  "size_t": 247,
  "size_x": 64,
  "size_y": 64,
  "size_z": 34,
  "snr": 5.764002955903748,
  "spacing_tr": 1.7999999523162842,
  "spacing_x": 3.75,
  "spacing_y": 3.75,
  "spacing_z": 3.799999952316284,
  "summary_bg_k": 71.17048172979321,
  "summary_bg_mad": 5.006033447550726,
  "summary_bg_mean": 24.50345802307129,
  "summary_bg_median": 16.214574813842773,
  "summary_bg_n": 92970.0,
  "summary_bg_p05": 11.874494552612305,
  "summary_bg_p95": 59.727330017089876,
  "summary_bg_stdv": 30.19826316833496,
  "summary_fg_k": 1.1350057338435047,
  "summary_fg_mad": 119.69461072235357,
  "summary_fg_mean": 781.3245239257812,
  "summary_fg_median": 773.9676513671875,
  "summary_fg_n": 17859.0,
  "summary_fg_p05": 578.8903015136718,
  "summary_fg_p95": 1018.8583007812499,
  "summary_fg_stdv": 134.27230834960938,
  "tsnr": 56.81635536067188
}