{
  "aor": 0.0004084677419354839,
  "aqi": 0.003847979435483871,
  "bids_meta": {
    "AcquisitionMatrixPE": 64,
    "AcquisitionNumber": 1,
    "AcquisitionTime": "12:07:21.382500",
    "BandwidthPerPixelPhaseEncode": 72.674,
    "BaseResolution": 64,
    "CoilString": "T:HEA;HEP",
    "ConversionSoftware": "dcm2niix",
    "ConversionSoftwareVersion": "v1.0.20190902",
    "DerivedVendorReportedEchoSpacing": 0.000430002,
    "DeviceSerialNumber": "35002",
    "DwellTime": 2.7e-06,
    "EchoTime": 0.031,
    "EffectiveEchoSpacing": 0.000215001,
    "FlipAngle": 90,
    "ImageOrientationPatientDICOM": [
      1,
      0,
      0,
      0,
      1,
      0
    ],
    "ImageType": [
      "ORIGINAL",
      "PRIMARY",
      "M",
      "ND",
      "MOSAIC"
    ],
    "ImagingFrequency": 123.263,
    "InPlanePhaseEncodingDirectionDICOM": "COL",
    "InstitutionAddress": "University_Pkwy_1700_North_685_Provo_AEC1C0_UT_US_84601",
    "InstitutionName": "Brigham_Young_University",
    "InstitutionalDepartmentName": "MRI",
    "MRAcquisitionType": "2D",
    "MagneticFieldStrength": 3,
    "Manufacturer": "Siemens",
    "ManufacturersModelName": "TrioTim",
    "Modality": "MR",
    "ParallelReductionFactorInPlane": 2,
    "PartialFourier": 1,
    "PatientPosition": "HFS",
    "PercentPhaseFOV": 100,
    "PhaseEncodingDirection": "j-",
    "PhaseEncodingSteps": 63,
    "PhaseResolution": 1,
    "PixelBandwidth": 2894,
    "ProcedureStepDescription": "Research_KIRWAN",
    "ProtocolName": "Daselaar_run4",
    "PulseSequenceDetails": "%CustomerSeq%_ep2d_bold_PMU",
    "ReceiveCoilName": "HeadMatrix",
    "ReconMatrixPE": 64,
    "RefLinesPE": 24,
    "RepetitionTime": 1.8,
    "SAR": 0.127232,
    "ScanOptions": "FS",
    "ScanningSequence": "EP",
    "SequenceName": "epfid2d1_64",
    "SequenceVariant": "SK",
    "SeriesDescription": "Daselaar_run4",
    "SeriesNumber": 8,
    "ShimSetting": [
      -2745,
      -22629,
      2217,
      980,
      23,
      914,
      -765,
      357
    ],
    "SliceThickness": 3.8,
    "SliceTiming": [
      0.9025,
      0,
      0.955,
      0.0525,
      1.01,
      0.105,
      1.0625,
      0.1575,
      1.115,
      0.2125,
      1.1675,
      0.265,
      1.2225,
      0.3175,
      1.275,
      0.37,
      1.3275,
      0.425,
      1.38,
      0.4775,
      1.435,
      0.53,
      1.4875,
      0.5825,
      1.54,
      0.6375,
      1.5925,
      0.69,
      1.6475,
      0.7425,
      1.7,
      0.7975,
      1.7525,
      0.85
    ],
    "SoftwareVersions": "syngo_MR_B17",
    "SpacingBetweenSlices": 3.8,
    "StationName": "MRC35002",
    "TaskName": "RecogConf",
    "TotalReadoutTime": 0.0135451,
    "TxRefAmp": 334.67,
    "dataset": "ds004086",
    "modality": "bold",
    "run_id": 4,
    "subject_id": "022",
    "task_id": "RecogConf"
  },
  "dummy_trs": 0,
  "dvars_nstd": 20.305336840242923,
  "dvars_std": 1.0933344380161936,
  "dvars_vstd": 1.000703103522266,
  "efc": 0.41750802521871455,
  "fber": 2660.451416015625,
  "fd_mean": 0.07707713149291927,
  "fd_num": 0,
  "fd_perc": 0.0,
  "fwhm_avg": 1.8716773528736184,
  "fwhm_x": 1.7354213333333335,
  "fwhm_y": 2.0042133333333334,
  "fwhm_z": 1.8753973919541884,
  "gcor": 0.0138674,
  "gsr_x": -0.01905423402786255,
  "gsr_y": 0.013194110244512558,
  "provenance": {
    "md5sum": "733b09793b1c30d0f35546696411f690",
    "settings": {
      "fd_thres": 0.2,
      "testing": false
    },
    "software": "mriqc",
    "version": "23.0.0",
    "webapi_port": null,
    "webapi_url": "https://mriqc.nimh.nih.gov/api/v1"
  },
  "size_t": 248,
  "size_x": 64,
  "size_y": 64,
  "size_z": 34,
  "snr": 6.427457517542516,
  "spacing_tr": 1.7999999523162842,
  "spacing_x": 3.75,
  "spacing_y": 3.75,
  "spacing_z": 3.799999952316284,
  "summary_bg_k": 99.04063797312917,
  "summary_bg_mad": 4.083134153201198,
  "summary_bg_mean": 24.26388931274414,
  "summary_bg_median": 15.306450843811035,
  "summary_bg_n": 96669.0,
  "summary_bg_p05": 11.693548202514648,
  "summary_bg_p95": 61.11289978027344,
  "summary_bg_stdv": 35.27314758300781,
  "summary_fg_k": 1.7823776745015918,
  "summary_fg_mad": 108.12236832067194,
  "summary_fg_mean": 792.6035766601562,
  "summary_fg_median": 790.6672973632812,
  "summary_fg_n": 15570.0,
  "summary_fg_p05": 601.0163146972657,
  "summary_fg_p95": 993.4806091308593,
  "summary_fg_stdv": 123.01005554199219,
  "tsnr": 78.82043997035362
}