{
  "aor": 0.001270967741935484,
  "aqi": 0.004928230403225807,
  "bids_meta": {
    "AcquisitionMatrixPE": 64,
    "AcquisitionNumber": 1,
    "AcquisitionTime": "11:51:9.020000",
    "BandwidthPerPixelPhaseEncode": 72.674,
    "BaseResolution": 64,
    "CoilString": "T:HEA;HEP",
    "ConversionSoftware": "dcm2niix",
    "ConversionSoftwareVersion": "v1.0.20190902",
    "DerivedVendorReportedEchoSpacing": 0.000430002,
    "DeviceSerialNumber": "35002",
    "DwellTime": 2.7e-06,
    "EchoTime": 0.031,
    "EffectiveEchoSpacing": 0.000215001,
    "FlipAngle": 90,
    "ImageOrientationPatientDICOM": [
      1,
      0,
      0,
      0,
      1,
      0
    ],
    "ImageType": [
      "ORIGINAL",
      "PRIMARY",
      "M",
      "ND",
      "MOSAIC"
    ],
    "ImagingFrequency": 123.263,
    "InPlanePhaseEncodingDirectionDICOM": "COL",
    "InstitutionAddress": "University_Pkwy_1700_North_685_Provo_AEC1C0_UT_US_84601",
    "InstitutionName": "Brigham_Young_University",
    "InstitutionalDepartmentName": "MRI",
    "MRAcquisitionType": "2D",
    "MagneticFieldStrength": 3,
    "Manufacturer": "Siemens",
    "ManufacturersModelName": "TrioTim",
    "Modality": "MR",
    "ParallelReductionFactorInPlane": 2,
    "PartialFourier": 1,
    "PatientPosition": "HFS",
    "PercentPhaseFOV": 100,
    "PhaseEncodingDirection": "j-",
    "PhaseEncodingSteps": 63,
    "PhaseResolution": 1,
    "PixelBandwidth": 2894,
    "ProcedureStepDescription": "Research_KIRWAN",
    "ProtocolName": "Daselaar_run2",
    "PulseSequenceDetails": "%CustomerSeq%_ep2d_bold_PMU",
    "ReceiveCoilName": "HeadMatrix",
    "ReconMatrixPE": 64,
    "RefLinesPE": 24,
    "RepetitionTime": 1.8,
    "SAR": 0.127232,
    "ScanOptions": "FS",
    "ScanningSequence": "EP",
    "SequenceName": "epfid2d1_64",
    "SequenceVariant": "SK",
    "SeriesDescription": "Daselaar_run2",
    "SeriesNumber": 6,
    "ShimSetting": [
      -2745,
      -22629,
      2217,
      980,
      23,
      914,
      -765,
      357
    ],
    "SliceThickness": 3.8,
    "SliceTiming": [
      0.905,
      0,
      0.9575,
      0.055,
      1.01,
      0.1075,
      1.065,
      0.16,
      1.1175,
      0.2125,
      1.17,
      0.2675,
      1.2225,
      0.32,
      1.2775,
      0.3725,
      1.33,
      0.425,
      1.3825,
      0.48,
      1.435,
      0.5325,
      1.49,
      0.585,
      1.5425,
      0.6375,
      1.595,
      0.6925,
      1.6475,
      0.745,
      1.7025,
      0.7975,
      1.755,
      0.85
    ],
    "SoftwareVersions": "syngo_MR_B17",
    "SpacingBetweenSlices": 3.8,
    "StationName": "MRC35002",
    "TaskName": "RecogConf",
    "TotalReadoutTime": 0.0135451,
    "TxRefAmp": 334.67,
    "dataset": "ds004086",
    "modality": "bold",
    "run_id": 2,
    "subject_id": "022",
    "task_id": "RecogConf"
  },
  "dummy_trs": 0,
  "dvars_nstd": 21.13708259777325,
  "dvars_std": 1.105252013157895,
  "dvars_vstd": 1.0100523725506076,
  "efc": 0.4166511859342996,
  "fber": 2687.38330078125,
  "fd_mean": 0.10398856624810904,
  "fd_num": 16,
  "fd_perc": 6.451612903225806,
  "fwhm_avg": 1.8566942885142999,
  "fwhm_x": 1.7196346666666666,
  "fwhm_y": 1.9826613333333334,
  "fwhm_z": 1.8677868655428995,
  "gcor": 0.0175396,
  "gsr_x": -0.018676115199923515,
  "gsr_y": 0.011741098016500473,
  "provenance": {
    "md5sum": "14cc6262bc7db0825324902dbc83674d",
    "settings": {
      "fd_thres": 0.2,
      "testing": false
    },
    "software": "mriqc",
    "version": "23.0.0",
    "webapi_port": null,
    "webapi_url": "https://mriqc.nimh.nih.gov/api/v1"
  },
  "size_t": 248,
  "size_x": 64,
  "size_y": 64,
  "size_z": 34,
  "snr": 6.5649479677577585,
  "spacing_tr": 1.7999999523162842,
  "spacing_x": 3.75,
  "spacing_y": 3.75,
  "spacing_z": 3.799999952316284,
  "summary_bg_k": 95.58811022841428,
  "summary_bg_mad": 4.071176634659955,
  "summary_bg_mean": 23.979686737060547,
  "summary_bg_median": 15.229838371276855,
  "summary_bg_n": 96731.0,
  "summary_bg_p05": 11.629032135009766,
  "summary_bg_p95": 60.1169319152832,
  "summary_bg_stdv": 34.39434814453125,
  "summary_fg_k": 1.7304809733287367,
  "summary_fg_mad": 106.3947168585315,
  "summary_fg_mean": 793.0670776367188,
  "summary_fg_median": 790.9354858398438,
  "summary_fg_n": 15513.0,
  "summary_fg_p05": 606.2798461914062,
  "summary_fg_p95": 989.5064086914062,
  "summary_fg_stdv": 120.47467803955078,
  "tsnr": 72.76003991719335
}