{
  "aor": 0.0013413168724279835,
  "aqi": 0.004212274444444444,
  "bids_meta": {
    "AcquisitionMatrixPE": 64,
    "AcquisitionNumber": 1,
    "AcquisitionTime": "15:50:3.890000",
    "BandwidthPerPixelPhaseEncode": 72.674,
    "BaseResolution": 64,
    "CoilString": "T:HEA;HEP",
    "ConversionSoftware": "dcm2niix",
    "ConversionSoftwareVersion": "v1.0.20190902",
    "DerivedVendorReportedEchoSpacing": 0.000430002,
    "DeviceSerialNumber": "35002",
    "DwellTime": 2.7e-06,
    "EchoTime": 0.031,
    "EffectiveEchoSpacing": 0.000215001,
    "FlipAngle": 90,
    "ImageOrientationPatientDICOM": [
      1,
      0,
      0,
      0,
      1,
      0
    ],
    "ImageType": [
      "ORIGINAL",
      "PRIMARY",
      "M",
      "ND",
      "MOSAIC"
    ],
    "ImagingFrequency": 123.263,
    "InPlanePhaseEncodingDirectionDICOM": "COL",
    "InstitutionAddress": "University_Pkwy_1700_North_685_Provo_AEC1C0_UT_US_84601",
    "InstitutionName": "Brigham_Young_University",
    "InstitutionalDepartmentName": "MRI",
    "MRAcquisitionType": "2D",
    "MagneticFieldStrength": 3,
    "Manufacturer": "Siemens",
    "ManufacturersModelName": "TrioTim",
    "Modality": "MR",
    "ParallelReductionFactorInPlane": 2,
    "PartialFourier": 1,
    "PatientPosition": "HFS",
    "PercentPhaseFOV": 100,
    "PhaseEncodingDirection": "j-",
    "PhaseEncodingSteps": 63,
    "PhaseResolution": 1,
    "PixelBandwidth": 2894,
    "ProcedureStepDescription": "Research_KIRWAN",
    "ProtocolName": "Daselaar_run1",
    "PulseSequenceDetails": "%CustomerSeq%_ep2d_bold_PMU",
    "ReceiveCoilName": "HeadMatrix",
    "ReconMatrixPE": 64,
    "RefLinesPE": 24,
    "RepetitionTime": 1.8,
    "SAR": 0.168204,
    "ScanOptions": "FS",
    "ScanningSequence": "EP",
    "SequenceName": "epfid2d1_64",
    "SequenceVariant": "SK",
    "SeriesDescription": "Daselaar_run1",
    "SeriesNumber": 6,
    "ShimSetting": [
      -2712,
      -22815,
      2298,
      600,
      190,
      198,
      -465,
      279
    ],
    "SliceThickness": 3.8,
    "SliceTiming": [
      0.9025,
      0,
      0.9575,
      0.0525,
      1.01,
      0.1075,
      1.0625,
      0.16,
      1.115,
      0.2125,
      1.17,
      0.265,
      1.2225,
      0.32,
      1.275,
      0.3725,
      1.3275,
      0.425,
      1.3825,
      0.4775,
      1.435,
      0.5325,
      1.4875,
      0.585,
      1.54,
      0.6375,
      1.595,
      0.69,
      1.6475,
      0.745,
      1.7,
      0.7975,
      1.7525,
      0.85
    ],
    "SoftwareVersions": "syngo_MR_B17",
    "SpacingBetweenSlices": 3.8,
    "StationName": "MRC35002",
    "TaskName": "RecogConf",
    "TotalReadoutTime": 0.0135451,
    "TxRefAmp": 330.524,
    "dataset": "ds004086",
    "modality": "bold",
    "run_id": 1,
    "subject_id": "054",
    "task_id": "RecogConf"
  },
  "dummy_trs": 0,
  "dvars_nstd": 23.581186113388423,
  "dvars_std": 1.139192837933884,
  "dvars_vstd": 1.0138873796694212,
  "efc": 0.45813582282833715,
  "fber": 1857.3870849609375,
  "fd_mean": 0.10431811418477534,
  "fd_num": 20,
  "fd_perc": 8.23045267489712,
  "fwhm_avg": 2.000298253892994,
  "fwhm_x": 1.9164906666666668,
  "fwhm_y": 2.1051093333333335,
  "fwhm_z": 1.9792947616789813,
  "gcor": 0.0238282,
  "gsr_x": -0.006931932643055916,
  "gsr_y": 0.007001140620559454,
  "provenance": {
    "md5sum": "4acd5daa60e971d975a5bc3a1c835cf7",
    "settings": {
      "fd_thres": 0.2,
      "testing": false
    },
    "software": "mriqc",
    "version": "23.0.0",
    "webapi_port": null,
    "webapi_url": "https://mriqc.nimh.nih.gov/api/v1"
  },
  "size_t": 243,
  "size_x": 64,
  "size_y": 64,
  "size_z": 34,
  "snr": 5.990910212248222,
  "spacing_tr": 1.7999999523162842,
  "spacing_x": 3.75,
  "spacing_y": 3.75,
  "spacing_z": 3.799999952316284,
  "summary_bg_k": 44.04231058927221,
  "summary_bg_mad": 5.436208605827093,
  "summary_bg_mean": 32.69666290283203,
  "summary_bg_median": 17.773662567138672,
  "summary_bg_n": 93638.0,
  "summary_bg_p05": 13.238682746887207,
  "summary_bg_p95": 109.03950271606436,
  "summary_bg_stdv": 48.59754943847656,
  "summary_fg_k": 1.579149231904708,
  "summary_fg_mad": 114.73693332708031,
  "summary_fg_mean": 771.2119750976562,
  "summary_fg_median": 771.938232421875,
  "summary_fg_n": 17816.0,
  "summary_fg_p05": 556.8477172851562,
  "summary_fg_p95": 978.4958343505859,
  "summary_fg_stdv": 128.84796142578125,
  "tsnr": 68.26988524012268
}