{
  "aor": 0.0005174193548387097,
  "aqi": 0.006648083508064516,
  "bids_meta": {
    "AcquisitionMatrixPE": 64,
    "AcquisitionNumber": 1,
    "AcquisitionTime": "16:13:46.997500",
    "BandwidthPerPixelPhaseEncode": 72.674,
    "BaseResolution": 64,
    "CoilString": "T:HEA;HEP",
    "ConversionSoftware": "dcm2niix",
    "ConversionSoftwareVersion": "v1.0.20190902",
    "DerivedVendorReportedEchoSpacing": 0.000430002,
    "DeviceSerialNumber": "35002",
    "DwellTime": 2.7e-06,
    "EchoTime": 0.031,
    "EffectiveEchoSpacing": 0.000215001,
    "FlipAngle": 90,
    "ImageOrientationPatientDICOM": [
      1,
      0,
      0,
      0,
      1,
      0
    ],
    "ImageType": [
      "ORIGINAL",
      "PRIMARY",
      "M",
      "ND",
      "MOSAIC"
    ],
    "ImagingFrequency": 123.263,
    "InPlanePhaseEncodingDirectionDICOM": "COL",
    "InstitutionAddress": "University_Pkwy_1700_North_685_Provo_AEC1C0_UT_US_84601",
    "InstitutionName": "Brigham_Young_University",
    "InstitutionalDepartmentName": "MRI",
    "MRAcquisitionType": "2D",
    "MagneticFieldStrength": 3,
    "Manufacturer": "Siemens",
    "ManufacturersModelName": "TrioTim",
    "Modality": "MR",
    "ParallelReductionFactorInPlane": 2,
    "PartialFourier": 1,
    "PatientPosition": "HFS",
    "PercentPhaseFOV": 100,
    "PhaseEncodingDirection": "j-",
    "PhaseEncodingSteps": 63,
    "PhaseResolution": 1,
    "PixelBandwidth": 2894,
    "ProcedureStepDescription": "Research_KIRWAN",
    "ProtocolName": "Daselaar_run4",
    "PulseSequenceDetails": "%CustomerSeq%_ep2d_bold_PMU",
    "ReceiveCoilName": "HeadMatrix",
    "ReconMatrixPE": 64,
    "RefLinesPE": 24,
    "RepetitionTime": 1.8,
    "SAR": 0.168204,
    "ScanOptions": "FS",
    "ScanningSequence": "EP",
    "SequenceName": "epfid2d1_64",
    "SequenceVariant": "SK",
    "SeriesDescription": "Daselaar_run4",
    "SeriesNumber": 9,
    "ShimSetting": [
      -2712,
      -22815,
      2298,
      600,
      190,
      198,
      -466,
      279
    ],
    "SliceThickness": 3.8,
    "SliceTiming": [
      0.905,
      0,
      0.9575,
      0.0525,
      1.01,
      0.1075,
      1.0625,
      0.16,
      1.1175,
      0.2125,
      1.17,
      0.265,
      1.2225,
      0.32,
      1.275,
      0.3725,
      1.33,
      0.425,
      1.3825,
      0.4775,
      1.435,
      0.5325,
      1.4875,
      0.585,
      1.5425,
      0.6375,
      1.595,
      0.6925,
      1.6475,
      0.745,
      1.7,
      0.7975,
      1.755,
      0.85
    ],
    "SoftwareVersions": "syngo_MR_B17",
    "SpacingBetweenSlices": 3.8,
    "StationName": "MRC35002",
    "TaskName": "RecogConf",
    "TotalReadoutTime": 0.0135451,
    "TxRefAmp": 330.524,
    "dataset": "ds004086",
    "modality": "bold",
    "run_id": 4,
    "subject_id": "054",
    "task_id": "RecogConf"
  },
  "dummy_trs": 0,
  "dvars_nstd": 23.20979977089068,
  "dvars_std": 1.083920314251013,
  "dvars_vstd": 0.9744008174898781,
  "efc": 0.4567691330997777,
  "fber": 1931.8983154296875,
  "fd_mean": 0.13197993344189832,
  "fd_num": 31,
  "fd_perc": 12.5,
  "fwhm_avg": 1.978422698151723,
  "fwhm_x": 1.894648,
  "fwhm_y": 2.1057253333333334,
  "fwhm_z": 1.9348947611218346,
  "gcor": 0.0137177,
  "gsr_x": -0.007602998986840248,
  "gsr_y": 0.008324064314365387,
  "provenance": {
    "md5sum": "a136603797faa29df0cb7f38f490cc3f",
    "settings": {
      "fd_thres": 0.2,
      "testing": false
    },
    "software": "mriqc",
    "version": "23.0.0",
    "webapi_port": null,
    "webapi_url": "https://mriqc.nimh.nih.gov/api/v1"
  },
  "size_t": 248,
  "size_x": 64,
  "size_y": 64,
  "size_z": 34,
  "snr": 6.0207926889209125,
  "spacing_tr": 1.7999999523162842,
  "spacing_x": 3.75,
  "spacing_y": 3.75,
  "spacing_z": 3.799999952316284,
  "summary_bg_k": 42.48096050954536,
  "summary_bg_mad": 5.452147722123111,
  "summary_bg_mean": 32.783992767333984,
  "summary_bg_median": 17.61693572998047,
  "summary_bg_n": 93639.0,
  "summary_bg_p05": 13.137096405029297,
  "summary_bg_p95": 111.70362701415962,
  "summary_bg_stdv": 48.59970474243164,
  "summary_fg_k": 1.482085364125096,
  "summary_fg_mad": 114.15738462661527,
  "summary_fg_mean": 776.5036010742188,
  "summary_fg_median": 776.8547973632812,
  "summary_fg_n": 17758.0,
  "summary_fg_p05": 566.9020233154297,
  "summary_fg_p95": 985.2701416015625,
  "summary_fg_stdv": 129.0250244140625,
  "tsnr": 60.815607844269834
}