{
  "bids_meta": {
    "AcquisitionMatrixPE": 215,
    "AcquisitionNumber": 1,
    "AcquisitionTime": "14:38:55.512500",
    "BaseResolution": 256,
    "CoilString": "C:HEA;HEP",
    "ConversionSoftware": "dcm2niix",
    "ConversionSoftwareVersion": "v1.0.20190902",
    "DeviceSerialNumber": "35002",
    "DwellTime": 9.8e-06,
    "EchoTime": 0.00226,
    "FlipAngle": 9,
    "ImageOrientationPatientDICOM": [
      0,
      1,
      0,
      0,
      0,
      -1
    ],
    "ImageType": [
      "ORIGINAL",
      "PRIMARY",
      "M",
      "ND",
      "NORM"
    ],
    "ImagingFrequency": 123.263,
    "InPlanePhaseEncodingDirectionDICOM": "ROW",
    "InstitutionAddress": "University_Pkwy_1700_North_685_Provo_AEC1C0_UT_US_84601",
    "InstitutionName": "Brigham_Young_University",
    "InstitutionalDepartmentName": "MRI",
    "InversionTime": 0.9,
    "MRAcquisitionType": "3D",
    "MagneticFieldStrength": 3,
    "Manufacturer": "Siemens",
    "ManufacturersModelName": "TrioTim",
    "Modality": "MR",
    "PartialFourier": 0.875,
    "PatientPosition": "HFS",
    "PercentPhaseFOV": 87.5,
    "PhaseEncodingSteps": 227,
    "PhaseOversampling": 0.2,
    "PhaseResolution": 0.96,
    "PixelBandwidth": 199,
    "ProcedureStepDescription": "Research_KIRWAN",
    "ProtocolName": "t1_mpr_sag_iso_(mprage)",
    "PulseSequenceDetails": "%SiemensSeq%_tfl",
    "ReceiveCoilName": "HeadMatrix",
    "ReconMatrixPE": 224,
    "RepetitionTime": 1.9,
    "SAR": 0.103811,
    "ScanOptions": "IR_PFP",
    "ScanningSequence": "GR_IR",
    "SequenceName": "_tfl3d1_ns",
    "SequenceVariant": "SP_MP_OSP",
    "SeriesDescription": "t1_mpr_sag_iso_(mprage)",
    "SeriesNumber": 2,
    "ShimSetting": [
      -2768,
      -22810,
      1838,
      -69,
      10,
      173,
      -426,
      363
    ],
    "SliceThickness": 1,
    "SoftwareVersions": "syngo_MR_B17",
    "StationName": "MRC35002",
    "TxRefAmp": 323.343,
    "dataset": "ds004086",
    "modality": "T1w",
    "subject_id": "038"
  },
  "cjv": 0.3031036912948548,
  "cnr": 4.554820603724221,
  "efc": 0.5615540582209969,
  "fber": -1.0,
  "fwhm_avg": 4.85871056,
  "fwhm_x": 4.62918,
  "fwhm_y": 5.26464,
  "fwhm_z": 4.68231168,
  "icvs_csf": 0.164916510554093,
  "icvs_gm": 0.4669769339303887,
  "icvs_wm": 0.3681065555155183,
  "inu_med": 0.38089805841445923,
  "inu_range": 0.1450510799884796,
  "provenance": {
    "md5sum": "b38c703b5ab277197470a888b35a449e",
    "settings": {
      "testing": false
    },
    "software": "mriqc",
    "version": "23.0.0",
    "warnings": {
      "large_rot_frame": true,
      "small_air_mask": false
    },
    "webapi_port": null,
    "webapi_url": "https://mriqc.nimh.nih.gov/api/v1"
  },
  "qi_1": 0.0,
  "qi_2": 0.012583723981239673,
  "rpve_csf": 24.698174716294393,
  "rpve_gm": 9.896813562295415,
  "rpve_wm": 14.051528540050446,
  "size_x": 176,
  "size_y": 224,
  "size_z": 256,
  "snr_csf": 2.5704825332025685,
  "snr_gm": 14.891804520622875,
  "snr_total": 15.512899786481205,
  "snr_wm": 29.07641230561817,
  "snrd_csf": 29.158204670634028,
  "snrd_gm": 69.78111552795654,
  "snrd_total": 65.00179062062723,
  "snrd_wm": 96.06605166329112,
  "spacing_x": 1.0,
  "spacing_y": 0.9765625,
  "spacing_z": 0.9765625,
  "summary_bg_k": 9.320417387765172,
  "summary_bg_mad": 0.0,
  "summary_bg_mean": 3.96266222218234,
  "summary_bg_median": 0.0,
  "summary_bg_n": 3071678.0,
  "summary_bg_p05": 0.0,
  "summary_bg_p95": 18.09744856506586,
  "summary_bg_stdv": 6.819645613657323,
  "summary_csf_k": 0.008411743185211318,
  "summary_csf_mad": 107.13763797727782,
  "summary_csf_mean": 309.0189764419284,
  "summary_csf_median": 303.522476516664,
  "summary_csf_n": 26558.0,
  "summary_csf_p05": 109.76587684452534,
  "summary_csf_p95": 515.5030803382397,
  "summary_csf_stdv": 118.07773762709874,
  "summary_gm_k": 0.0816600430751584,
  "summary_gm_mad": 48.8467573031255,
  "summary_gm_mean": 726.8283246652866,
  "summary_gm_median": 726.3868690952659,
  "summary_gm_n": 60559.0,
  "summary_gm_p05": 647.1630732789636,
  "summary_gm_p95": 807.213702313602,
  "summary_gm_stdv": 48.777223117317284,
  "summary_wm_k": 0.11058099328369275,
  "summary_wm_mad": 34.08640554443457,
  "summary_wm_mean": 1001.2881740453882,
  "summary_wm_median": 1000.0000425055623,
  "summary_wm_n": 239427.0,
  "summary_wm_p05": 946.9732526540756,
  "summary_wm_p95": 1059.523352354765,
  "summary_wm_stdv": 34.392068171040385,
  "tpm_overlap_csf": 0.13353036844329588,
  "tpm_overlap_gm": 0.4799067643210832,
  "tpm_overlap_wm": 0.5163659089788214,
  "wm2max": 0.44103146105043817
}