{
  "aor": 0.0011591869918699189,
  "aqi": 0.003787774674796748,
  "bids_meta": {
    "AcquisitionMatrixPE": 64,
    "AcquisitionNumber": 1,
    "AcquisitionTime": "13:13:11.597500",
    "BandwidthPerPixelPhaseEncode": 72.674,
    "BaseResolution": 64,
    "CoilString": "T:HEA;HEP",
    "ConversionSoftware": "dcm2niix",
    "ConversionSoftwareVersion": "v1.0.20190902",
    "DerivedVendorReportedEchoSpacing": 0.000430002,
    "DeviceSerialNumber": "35002",
    "DwellTime": 2.7e-06,
    "EchoTime": 0.031,
    "EffectiveEchoSpacing": 0.000215001,
    "FlipAngle": 90,
    "ImageOrientationPatientDICOM": [
      1,
      0,
      0,
      0,
      1,
      0
    ],
    "ImageType": [
      "ORIGINAL",
      "PRIMARY",
      "M",
      "ND",
      "MOSAIC"
    ],
    "ImagingFrequency": 123.262,
    "InPlanePhaseEncodingDirectionDICOM": "COL",
    "InstitutionAddress": "University_Pkwy_1700_North_685_Provo_AEC1C0_UT_US_84601",
    "InstitutionName": "Brigham_Young_University",
    "InstitutionalDepartmentName": "MRI",
    "MRAcquisitionType": "2D",
    "MagneticFieldStrength": 3,
    "Manufacturer": "Siemens",
    "ManufacturersModelName": "TrioTim",
    "Modality": "MR",
    "ParallelReductionFactorInPlane": 2,
    "PartialFourier": 1,
    "PatientPosition": "HFS",
    "PercentPhaseFOV": 100,
    "PhaseEncodingDirection": "j-",
    "PhaseEncodingSteps": 63,
    "PhaseResolution": 1,
    "PixelBandwidth": 2894,
    "ProcedureStepDescription": "Research_KIRWAN",
    "ProtocolName": "Daselaar_run3",
    "PulseSequenceDetails": "%CustomerSeq%_ep2d_bold_PMU",
    "ReceiveCoilName": "HeadMatrix",
    "ReconMatrixPE": 64,
    "RefLinesPE": 24,
    "RepetitionTime": 1.8,
    "SAR": 0.154936,
    "ScanOptions": "FS",
    "ScanningSequence": "EP",
    "SequenceName": "epfid2d1_64",
    "SequenceVariant": "SK",
    "SeriesDescription": "Daselaar_run3",
    "SeriesNumber": 7,
    "ShimSetting": [
      -2806,
      -22856,
      2328,
      671,
      -240,
      287,
      -106,
      384
    ],
    "SliceThickness": 3.8,
    "SliceTiming": [
      0.9025,
      0,
      0.955,
      0.0525,
      1.01,
      0.105,
      1.0625,
      0.1575,
      1.115,
      0.2125,
      1.1675,
      0.265,
      1.2225,
      0.3175,
      1.275,
      0.37,
      1.3275,
      0.425,
      1.38,
      0.4775,
      1.435,
      0.53,
      1.4875,
      0.585,
      1.54,
      0.6375,
      1.5925,
      0.69,
      1.6475,
      0.7425,
      1.7,
      0.7975,
      1.7525,
      0.85
    ],
    "SoftwareVersions": "syngo_MR_B17",
    "SpacingBetweenSlices": 3.8,
    "StationName": "MRC35002",
    "TaskName": "RecogConf",
    "TotalReadoutTime": 0.0135451,
    "TxRefAmp": 329.252,
    "dataset": "ds004086",
    "modality": "bold",
    "run_id": 3,
    "subject_id": "042",
    "task_id": "RecogConf"
  },
  "dummy_trs": 2,
  "dvars_nstd": 22.083818419836742,
  "dvars_std": 1.0707044472653064,
  "dvars_vstd": 1.0172628455510206,
  "efc": 0.4309898562659573,
  "fber": 2284.16015625,
  "fd_mean": 0.16233083754132033,
  "fd_num": 69,
  "fd_perc": 28.048780487804876,
  "fwhm_avg": 2.0002245112480765,
  "fwhm_x": 1.8742613333333333,
  "fwhm_y": 2.136325333333333,
  "fwhm_z": 1.9900868670775624,
  "gcor": 0.0231864,
  "gsr_x": -0.016502460464835167,
  "gsr_y": 0.013880167156457901,
  "provenance": {
    "md5sum": "0cbe57b0e4287dd7dac54a3e817003b3",
    "settings": {
      "fd_thres": 0.2,
      "testing": false
    },
    "software": "mriqc",
    "version": "23.0.0",
    "webapi_port": null,
    "webapi_url": "https://mriqc.nimh.nih.gov/api/v1"
  },
  "size_t": 246,
  "size_x": 64,
  "size_y": 64,
  "size_z": 34,
  "snr": 5.507288916980884,
  "spacing_tr": 1.7999999523162842,
  "spacing_x": 3.75,
  "spacing_y": 3.75,
  "spacing_z": 3.799999952316284,
  "summary_bg_k": 49.17366312249553,
  "summary_bg_mad": 4.369457125550403,
  "summary_bg_mean": 25.605587005615234,
  "summary_bg_median": 15.59349536895752,
  "summary_bg_n": 95295.0,
  "summary_bg_p05": 11.784552574157715,
  "summary_bg_p95": 72.68007583618166,
  "summary_bg_stdv": 34.49077224731445,
  "summary_fg_k": 1.0612477573204169,
  "summary_fg_mad": 123.2488201544974,
  "summary_fg_mean": 756.845703125,
  "summary_fg_median": 749.1991577148438,
  "summary_fg_n": 16295.0,
  "summary_fg_p05": 543.2597412109375,
  "summary_fg_p95": 983.6495483398436,
  "summary_fg_stdv": 136.0335693359375,
  "tsnr": 67.52788714505732
}