{
  "bids_meta": {
    "AcquisitionMatrixPE": 215,
    "AcquisitionNumber": 1,
    "AcquisitionTime": "12:59:19.872500",
    "BaseResolution": 256,
    "CoilString": "C:HEA;HEP",
    "ConversionSoftware": "dcm2niix",
    "ConversionSoftwareVersion": "v1.0.20190902",
    "DeviceSerialNumber": "35002",
    "DwellTime": 9.8e-06,
    "EchoTime": 0.00226,
    "FlipAngle": 9,
    "ImageOrientationPatientDICOM": [
      0,
      1,
      0,
      0,
      0,
      -1
    ],
    "ImageType": [
      "ORIGINAL",
      "PRIMARY",
      "M",
      "ND",
      "NORM"
    ],
    "ImagingFrequency": 123.263,
    "InPlanePhaseEncodingDirectionDICOM": "ROW",
    "InstitutionAddress": "University_Pkwy_1700_North_685_Provo_AEC1C0_UT_US_84601",
    "InstitutionName": "Brigham_Young_University",
    "InstitutionalDepartmentName": "MRI",
    "InversionTime": 0.9,
    "MRAcquisitionType": "3D",
    "MagneticFieldStrength": 3,
    "Manufacturer": "Siemens",
    "ManufacturersModelName": "TrioTim",
    "Modality": "MR",
    "PartialFourier": 0.875,
    "PatientPosition": "HFS",
    "PercentPhaseFOV": 87.5,
    "PhaseEncodingSteps": 227,
    "PhaseOversampling": 0.2,
    "PhaseResolution": 0.96,
    "PixelBandwidth": 199,
    "ProcedureStepDescription": "Research_KIRWAN",
    "ProtocolName": "t1_mpr_sag_iso_(mprage)",
    "PulseSequenceDetails": "%SiemensSeq%_tfl",
    "ReceiveCoilName": "HeadMatrix",
    "ReconMatrixPE": 224,
    "RepetitionTime": 1.9,
    "SAR": 0.0952187,
    "ScanOptions": "IR_PFP",
    "ScanningSequence": "GR_IR",
    "SequenceName": "_tfl3d1_ns",
    "SequenceVariant": "SP_MP_OSP",
    "SeriesDescription": "t1_mpr_sag_iso_(mprage)",
    "SeriesNumber": 2,
    "ShimSetting": [
      -2768,
      -22810,
      1838,
      -69,
      10,
      173,
      -426,
      363
    ],
    "SliceThickness": 1,
    "SoftwareVersions": "syngo_MR_B17",
    "StationName": "MRC35002",
    "TxRefAmp": 367.41,
    "dataset": "ds004086",
    "modality": "T1w",
    "subject_id": "029"
  },
  "cjv": 0.35464869185871134,
  "cnr": 3.8893519352752826,
  "efc": 0.6130213039594946,
  "fber": -1.0,
  "fwhm_avg": 4.52552544,
  "fwhm_x": 4.27284,
  "fwhm_y": 4.79699968,
  "fwhm_z": 4.50673664,
  "icvs_csf": 0.19405932261449063,
  "icvs_gm": 0.44307561440683124,
  "icvs_wm": 0.3628650629786781,
  "inu_med": 0.41483190655708313,
  "inu_range": 0.14269040524959564,
  "provenance": {
    "md5sum": "f5aa47cf5c4c129cf398661ab0c6648a",
    "settings": {
      "testing": false
    },
    "software": "mriqc",
    "version": "23.0.0",
    "warnings": {
      "large_rot_frame": true,
      "small_air_mask": false
    },
    "webapi_port": null,
    "webapi_url": "https://mriqc.nimh.nih.gov/api/v1"
  },
  "qi_1": 0.0,
  "qi_2": 0.0039891351907732344,
  "rpve_csf": 19.766016250847017,
  "rpve_gm": 9.298108943249542,
  "rpve_wm": 12.882939942910728,
  "size_x": 176,
  "size_y": 224,
  "size_z": 256,
  "snr_csf": 3.2527812803429375,
  "snr_gm": 13.73747528498022,
  "snr_total": 14.292445793050788,
  "snr_wm": 25.887080813829204,
  "snrd_csf": 21.444459855719085,
  "snrd_gm": 53.45784609953858,
  "snrd_total": 49.05312478724341,
  "snrd_wm": 72.25706840647258,
  "spacing_x": 1.0,
  "spacing_y": 0.9765625,
  "spacing_z": 0.9765625,
  "summary_bg_k": 12.607081817736713,
  "summary_bg_mad": 0.0,
  "summary_bg_mean": 5.0845493717276655,
  "summary_bg_median": 0.0,
  "summary_bg_n": 2974192.0,
  "summary_bg_p05": 0.0,
  "summary_bg_p95": 23.255814038217068,
  "summary_bg_stdv": 9.06712204310321,
  "summary_csf_k": 1.768686951705103,
  "summary_csf_mad": 69.3283229883809,
  "summary_csf_mean": 303.45718560340646,
  "summary_csf_median": 296.7924460619688,
  "summary_csf_n": 41888.0,
  "summary_csf_p05": 166.71589693389834,
  "summary_csf_p95": 468.9291526008398,
  "summary_csf_stdv": 91.24157998073396,
  "summary_gm_k": -0.0854927323206156,
  "summary_gm_mad": 54.89520236624467,
  "summary_gm_mean": 739.8321068447104,
  "summary_gm_median": 739.8593861460686,
  "summary_gm_n": 54774.0,
  "summary_gm_p05": 651.3292031884193,
  "summary_gm_p95": 827.3911083936691,
  "summary_gm_stdv": 53.856521451068915,
  "summary_wm_k": 0.3272482799961951,
  "summary_wm_mad": 37.378081611173336,
  "summary_wm_mean": 1001.3672240601281,
  "summary_wm_median": 1000.0416061729193,
  "summary_wm_n": 258553.0,
  "summary_wm_p05": 940.2587711587548,
  "summary_wm_p95": 1067.104883864522,
  "summary_wm_stdv": 38.63083981709024,
  "tpm_overlap_csf": 0.16158043247412485,
  "tpm_overlap_gm": 0.47263598811487934,
  "tpm_overlap_wm": 0.519770185796257,
  "wm2max": 0.41230853673178847
}