{
  "aor": 0.0023339919354838706,
  "aqi": 0.005146513790322581,
  "bids_meta": {
    "AcquisitionMatrixPE": 64,
    "AcquisitionNumber": 1,
    "AcquisitionTime": "12:05:16.442500",
    "BandwidthPerPixelPhaseEncode": 72.674,
    "BaseResolution": 64,
    "CoilString": "T:HEA;HEP",
    "ConversionSoftware": "dcm2niix",
    "ConversionSoftwareVersion": "v1.0.20190902",
    "DerivedVendorReportedEchoSpacing": 0.000430002,
    "DeviceSerialNumber": "35002",
    "DwellTime": 2.7e-06,
    "EchoTime": 0.031,
    "EffectiveEchoSpacing": 0.000215001,
    "FlipAngle": 90,
    "ImageOrientationPatientDICOM": [
      1,
      0,
      0,
      0,
      1,
      0
    ],
    "ImageType": [
      "ORIGINAL",
      "PRIMARY",
      "M",
      "ND",
      "MOSAIC"
    ],
    "ImagingFrequency": 123.263,
    "InPlanePhaseEncodingDirectionDICOM": "COL",
    "InstitutionAddress": "University_Pkwy_1700_North_685_Provo_AEC1C0_UT_US_84601",
    "InstitutionName": "Brigham_Young_University",
    "InstitutionalDepartmentName": "MRI",
    "MRAcquisitionType": "2D",
    "MagneticFieldStrength": 3,
    "Manufacturer": "Siemens",
    "ManufacturersModelName": "TrioTim",
    "Modality": "MR",
    "ParallelReductionFactorInPlane": 2,
    "PartialFourier": 1,
    "PatientPosition": "HFS",
    "PercentPhaseFOV": 100,
    "PhaseEncodingDirection": "j-",
    "PhaseEncodingSteps": 63,
    "PhaseResolution": 1,
    "PixelBandwidth": 2894,
    "ProcedureStepDescription": "Research_KIRWAN",
    "ProtocolName": "Daselaar_run1",
    "PulseSequenceDetails": "%CustomerSeq%_ep2d_bold_PMU",
    "ReceiveCoilName": "HeadMatrix",
    "ReconMatrixPE": 64,
    "RefLinesPE": 24,
    "RepetitionTime": 1.8,
    "SAR": 0.128827,
    "ScanOptions": "FS",
    "ScanningSequence": "EP",
    "SequenceName": "epfid2d1_64",
    "SequenceVariant": "SK",
    "SeriesDescription": "Daselaar_run1",
    "SeriesNumber": 5,
    "ShimSetting": [
      -2800,
      -22834,
      2309,
      823,
      80,
      241,
      -232,
      332
    ],
    "SliceThickness": 3.8,
    "SliceTiming": [
      0.905,
      0,
      0.9575,
      0.0525,
      1.01,
      0.1075,
      1.0625,
      0.16,
      1.1175,
      0.2125,
      1.17,
      0.2675,
      1.2225,
      0.32,
      1.275,
      0.3725,
      1.33,
      0.425,
      1.3825,
      0.48,
      1.435,
      0.5325,
      1.4875,
      0.585,
      1.5425,
      0.6375,
      1.595,
      0.6925,
      1.6475,
      0.745,
      1.7,
      0.7975,
      1.755,
      0.85
    ],
    "SoftwareVersions": "syngo_MR_B17",
    "SpacingBetweenSlices": 3.8,
    "StationName": "MRC35002",
    "TaskName": "RecogConf",
    "TotalReadoutTime": 0.0135451,
    "TxRefAmp": 329.239,
    "dataset": "ds004086",
    "modality": "bold",
    "run_id": 1,
    "subject_id": "013",
    "task_id": "RecogConf"
  },
  "dummy_trs": 0,
  "dvars_nstd": 20.852845427287455,
  "dvars_std": 1.0715529969230768,
  "dvars_vstd": 1.0076242634008092,
  "efc": 0.45229989805705584,
  "fber": 2224.406494140625,
  "fd_mean": 0.10424631544122889,
  "fd_num": 8,
  "fd_perc": 3.225806451612903,
  "fwhm_avg": 2.0515080554097334,
  "fwhm_x": 1.9302773333333334,
  "fwhm_y": 2.1619573333333335,
  "fwhm_z": 2.0622894995625334,
  "gcor": 0.0113673,
  "gsr_x": -0.017760682851076126,
  "gsr_y": 0.020683353766798973,
  "provenance": {
    "md5sum": "7636cff73f86ee9a2ca5075a7f672671",
    "settings": {
      "fd_thres": 0.2,
      "testing": false
    },
    "software": "mriqc",
    "version": "23.0.0",
    "webapi_port": null,
    "webapi_url": "https://mriqc.nimh.nih.gov/api/v1"
  },
  "size_t": 248,
  "size_x": 64,
  "size_y": 64,
  "size_z": 34,
  "snr": 5.384570954412041,
  "spacing_tr": 1.7999999523162842,
  "spacing_x": 3.75,
  "spacing_y": 3.75,
  "spacing_z": 3.799999952316284,
  "summary_bg_k": 121.49326373610967,
  "summary_bg_mad": 5.422257460569148,
  "summary_bg_mean": 26.954458236694336,
  "summary_bg_median": 16.92338752746582,
  "summary_bg_n": 91577.0,
  "summary_bg_p05": 12.161290168762207,
  "summary_bg_p95": 71.38870544433591,
  "summary_bg_stdv": 36.98588180541992,
  "summary_fg_k": 1.2509634427705008,
  "summary_fg_mad": 128.23314710747024,
  "summary_fg_mean": 810.0592041015625,
  "summary_fg_median": 799.1370849609375,
  "summary_fg_n": 19462.0,
  "summary_fg_p05": 584.8189453125,
  "summary_fg_p95": 1068.9307922363282,
  "summary_fg_stdv": 148.40858459472656,
  "tsnr": 65.22939863789361
}