{
  "bids_meta": {
    "AcquisitionMatrixPE": 215,
    "AcquisitionNumber": 1,
    "AcquisitionTime": "09:19:32.695000",
    "BaseResolution": 256,
    "CoilString": "C:HEA;HEP",
    "ConversionSoftware": "dcm2niix",
    "ConversionSoftwareVersion": "v1.0.20190902",
    "DeviceSerialNumber": "35002",
    "DwellTime": 9.8e-06,
    "EchoTime": 0.00226,
    "FlipAngle": 9,
    "ImageOrientationPatientDICOM": [
      0,
      1,
      0,
      0,
      0,
      -1
    ],
    "ImageType": [
      "ORIGINAL",
      "PRIMARY",
      "M",
      "ND",
      "NORM"
    ],
    "ImagingFrequency": 123.263,
    "InPlanePhaseEncodingDirectionDICOM": "ROW",
    "InstitutionAddress": "University_Pkwy_1700_North_685_Provo_AEC1C0_UT_US_84601",
    "InstitutionName": "Brigham_Young_University",
    "InstitutionalDepartmentName": "MRI",
    "InversionTime": 0.9,
    "MRAcquisitionType": "3D",
    "MagneticFieldStrength": 3,
    "Manufacturer": "Siemens",
    "ManufacturersModelName": "TrioTim",
    "Modality": "MR",
    "PartialFourier": 0.875,
    "PatientPosition": "HFS",
    "PercentPhaseFOV": 87.5,
    "PhaseEncodingSteps": 227,
    "PhaseOversampling": 0.2,
    "PhaseResolution": 0.96,
    "PixelBandwidth": 199,
    "ProcedureStepDescription": "Research_KIRWAN",
    "ProtocolName": "t1_mpr_sag_iso_(mprage)",
    "PulseSequenceDetails": "%SiemensSeq%_tfl",
    "ReceiveCoilName": "HeadMatrix",
    "ReconMatrixPE": 224,
    "RepetitionTime": 1.9,
    "SAR": 0.113636,
    "ScanOptions": "IR_PFP",
    "ScanningSequence": "GR_IR",
    "SequenceName": "_tfl3d1_ns",
    "SequenceVariant": "SP_MP_OSP",
    "SeriesDescription": "t1_mpr_sag_iso_(mprage)",
    "SeriesNumber": 2,
    "ShimSetting": [
      -2768,
      -22810,
      1838,
      -69,
      10,
      173,
      -426,
      363
    ],
    "SliceThickness": 1,
    "SoftwareVersions": "syngo_MR_B17",
    "StationName": "MRC35002",
    "TxRefAmp": 332.038,
    "dataset": "ds004086",
    "modality": "T1w",
    "subject_id": "015"
  },
  "cjv": 0.29255570870441294,
  "cnr": 4.649414037302374,
  "efc": 0.6038734364858457,
  "fber": -1.0,
  "fwhm_avg": 4.640319333333333,
  "fwhm_x": 4.39315,
  "fwhm_y": 5.02086656,
  "fwhm_z": 4.506941439999999,
  "icvs_csf": 0.1542053393568363,
  "icvs_gm": 0.4989538303922579,
  "icvs_wm": 0.3468408302509058,
  "inu_med": 0.4849875122308731,
  "inu_range": 0.2226051539182663,
  "provenance": {
    "md5sum": "762be85d25c5b13c103d9cfb36e659e7",
    "settings": {
      "testing": false
    },
    "software": "mriqc",
    "version": "23.0.0",
    "warnings": {
      "large_rot_frame": true,
      "small_air_mask": false
    },
    "webapi_port": null,
    "webapi_url": "https://mriqc.nimh.nih.gov/api/v1"
  },
  "qi_1": 0.0,
  "qi_2": 0.006363850064633865,
  "rpve_csf": 25.152204586423505,
  "rpve_gm": 9.077010862557872,
  "rpve_wm": 13.897983948314351,
  "size_x": 176,
  "size_y": 224,
  "size_z": 256,
  "snr_csf": 3.012439903143802,
  "snr_gm": 14.906638642453224,
  "snr_total": 14.765383368910777,
  "snr_wm": 26.37707156113531,
  "snrd_csf": 25.387096342905103,
  "snrd_gm": 63.57260177204493,
  "snrd_total": 59.33454782019326,
  "snrd_wm": 89.04394534562972,
  "spacing_x": 1.0,
  "spacing_y": 0.9765625,
  "spacing_z": 0.9765625,
  "summary_bg_k": 6.465620441710323,
  "summary_bg_mad": 0.0,
  "summary_bg_mean": 4.073516192521035,
  "summary_bg_median": 0.0,
  "summary_bg_n": 2167631.0,
  "summary_bg_p05": 0.0,
  "summary_bg_p95": 19.124693609774113,
  "summary_bg_stdv": 7.35774673774478,
  "summary_csf_k": 2.1513837980018717,
  "summary_csf_mad": 48.560492141311656,
  "summary_csf_mean": 292.3214310116121,
  "summary_csf_median": 285.118984837085,
  "summary_csf_n": 30350.0,
  "summary_csf_p05": 107.53311935365201,
  "summary_csf_p95": 467.91280635930593,
  "summary_csf_stdv": 94.6456350276826,
  "summary_gm_k": 0.05120139574592919,
  "summary_gm_mad": 47.814326005151365,
  "summary_gm_mean": 714.1259248140711,
  "summary_gm_median": 713.975140593946,
  "summary_gm_n": 92359.0,
  "summary_gm_p05": 635.9061281532049,
  "summary_gm_p95": 793.0507158562541,
  "summary_gm_stdv": 47.89619527860607,
  "summary_wm_k": 0.5567265024543535,
  "summary_wm_mad": 35.87566782658673,
  "summary_wm_mean": 1000.9987795927501,
  "summary_wm_median": 1000.040294483304,
  "summary_wm_n": 212389.0,
  "summary_wm_p05": 940.4920379593968,
  "summary_wm_p95": 1064.5811026021838,
  "summary_wm_stdv": 37.91315263701491,
  "tpm_overlap_csf": 0.14833141882162043,
  "tpm_overlap_gm": 0.4743183580902016,
  "tpm_overlap_wm": 0.48992861926785525,
  "wm2max": 0.49645489371595775
}