{
  "bids_meta": {
    "AcquisitionMatrixPE": 215,
    "AcquisitionNumber": 1,
    "AcquisitionTime": "17:02:4.885000",
    "BaseResolution": 256,
    "CoilString": "C:HEA;HEP",
    "ConversionSoftware": "dcm2niix",
    "ConversionSoftwareVersion": "v1.0.20190902",
    "DeviceSerialNumber": "35002",
    "DwellTime": 9.8e-06,
    "EchoTime": 0.00226,
    "FlipAngle": 9,
    "ImageOrientationPatientDICOM": [
      0,
      1,
      0,
      0,
      0,
      -1
    ],
    "ImageType": [
      "ORIGINAL",
      "PRIMARY",
      "M",
      "ND",
      "NORM"
    ],
    "ImagingFrequency": 123.263,
    "InPlanePhaseEncodingDirectionDICOM": "ROW",
    "InstitutionAddress": "University_Pkwy_1700_North_685_Provo_AEC1C0_UT_US_84601",
    "InstitutionName": "Brigham_Young_University",
    "InstitutionalDepartmentName": "MRI",
    "InversionTime": 0.9,
    "MRAcquisitionType": "3D",
    "MagneticFieldStrength": 3,
    "Manufacturer": "Siemens",
    "ManufacturersModelName": "TrioTim",
    "Modality": "MR",
    "PartialFourier": 0.875,
    "PatientPosition": "HFS",
    "PercentPhaseFOV": 87.5,
    "PhaseEncodingSteps": 227,
    "PhaseOversampling": 0.2,
    "PhaseResolution": 0.96,
    "PixelBandwidth": 199,
    "ProcedureStepDescription": "Research_KIRWAN",
    "ProtocolName": "t1_mpr_sag_iso_(mprage)",
    "PulseSequenceDetails": "%SiemensSeq%_tfl",
    "ReceiveCoilName": "HeadMatrix",
    "ReconMatrixPE": 224,
    "RepetitionTime": 1.9,
    "SAR": 0.120381,
    "ScanOptions": "IR_PFP",
    "ScanningSequence": "GR_IR",
    "SequenceName": "_tfl3d1_ns",
    "SequenceVariant": "SP_MP_OSP",
    "SeriesDescription": "t1_mpr_sag_iso_(mprage)",
    "SeriesNumber": 2,
    "ShimSetting": [
      -2768,
      -22810,
      1838,
      -69,
      10,
      173,
      -426,
      363
    ],
    "SliceThickness": 1,
    "SoftwareVersions": "syngo_MR_B17",
    "StationName": "MRC35002",
    "TxRefAmp": 330.095,
    "dataset": "ds004086",
    "modality": "T1w",
    "subject_id": "031"
  },
  "cjv": 0.3316315424686497,
  "cnr": 4.029790827277686,
  "efc": 0.597743998773078,
  "fber": 10804.657520661158,
  "fwhm_avg": 4.43548392,
  "fwhm_x": 4.27171,
  "fwhm_y": 4.711034880000001,
  "fwhm_z": 4.32370688,
  "icvs_csf": 0.194889600432536,
  "icvs_gm": 0.4569683851318746,
  "icvs_wm": 0.3481420144355894,
  "inu_med": 0.4662419557571411,
  "inu_range": 0.18985103517770757,
  "provenance": {
    "md5sum": "1819dc0fd036c2a6b7194d77a86a68cc",
    "settings": {
      "testing": false
    },
    "software": "mriqc",
    "version": "23.0.0",
    "warnings": {
      "large_rot_frame": true,
      "small_air_mask": false
    },
    "webapi_port": null,
    "webapi_url": "https://mriqc.nimh.nih.gov/api/v1"
  },
  "qi_1": 0.0,
  "qi_2": 0.004269820925466782,
  "rpve_csf": 21.654174509422123,
  "rpve_gm": 10.188590503445884,
  "rpve_wm": 15.010475860527828,
  "size_x": 176,
  "size_y": 224,
  "size_z": 256,
  "snr_csf": 2.508552028374441,
  "snr_gm": 14.76228509691731,
  "snr_total": 14.243402806071034,
  "snr_wm": 25.45937129292135,
  "snrd_csf": 20.367539717284096,
  "snrd_gm": 50.5187392691386,
  "snrd_total": 46.3730151777105,
  "snrd_wm": 68.23276654670882,
  "spacing_x": 1.0,
  "spacing_y": 0.9765625,
  "spacing_z": 0.9765625,
  "summary_bg_k": 17.371020388690866,
  "summary_bg_mad": 0.0,
  "summary_bg_mean": 6.150684472492148,
  "summary_bg_median": 0.0,
  "summary_bg_n": 1626841.0,
  "summary_bg_p05": 0.0,
  "summary_bg_p95": 25.014738388359547,
  "summary_bg_stdv": 9.601896537049054,
  "summary_csf_k": 11.686264340864245,
  "summary_csf_mad": 92.18656168194539,
  "summary_csf_mean": 314.9489078451785,
  "summary_csf_median": 298.51342266984284,
  "summary_csf_n": 29136.0,
  "summary_csf_p05": 147.34059921931475,
  "summary_csf_p95": 527.4993485733867,
  "summary_csf_stdv": 118.99625620288472,
  "summary_gm_k": 0.1987901068389335,
  "summary_gm_mad": 49.19946536090279,
  "summary_gm_mean": 738.1911101886458,
  "summary_gm_median": 740.4194113537669,
  "summary_gm_n": 48756.0,
  "summary_gm_p05": 652.5730405151844,
  "summary_gm_p95": 816.8533342070878,
  "summary_gm_stdv": 50.15563737884581,
  "summary_wm_k": 0.6252555200468466,
  "summary_wm_mad": 36.899599020677094,
  "summary_wm_mean": 1002.1231632192507,
  "summary_wm_median": 1000.0420749299228,
  "summary_wm_n": 205394.0,
  "summary_wm_p05": 941.5059026069939,
  "summary_wm_p95": 1070.0749199464917,
  "summary_wm_stdv": 39.27982466546164,
  "tpm_overlap_csf": 0.1596582345292274,
  "tpm_overlap_gm": 0.488959719784465,
  "tpm_overlap_wm": 0.5278575146743725,
  "wm2max": 0.42930134338398446
}