{
  "aor": 0.000743811475409836,
  "aqi": 0.003557764221311476,
  "bids_meta": {
    "AcquisitionMatrixPE": 64,
    "AcquisitionNumber": 1,
    "AcquisitionTime": "13:21:28.980000",
    "BandwidthPerPixelPhaseEncode": 72.674,
    "BaseResolution": 64,
    "CoilString": "T:HEA;HEP",
    "ConversionSoftware": "dcm2niix",
    "ConversionSoftwareVersion": "v1.0.20190902",
    "DerivedVendorReportedEchoSpacing": 0.000430002,
    "DeviceSerialNumber": "35002",
    "DwellTime": 2.7e-06,
    "EchoTime": 0.031,
    "EffectiveEchoSpacing": 0.000215001,
    "FlipAngle": 90,
    "ImageOrientationPatientDICOM": [
      1,
      0,
      0,
      0,
      1,
      0
    ],
    "ImageType": [
      "ORIGINAL",
      "PRIMARY",
      "M",
      "ND",
      "MOSAIC"
    ],
    "ImagingFrequency": 123.262,
    "InPlanePhaseEncodingDirectionDICOM": "COL",
    "InstitutionAddress": "University_Pkwy_1700_North_685_Provo_AEC1C0_UT_US_84601",
    "InstitutionName": "Brigham_Young_University",
    "InstitutionalDepartmentName": "MRI",
    "MRAcquisitionType": "2D",
    "MagneticFieldStrength": 3,
    "Manufacturer": "Siemens",
    "ManufacturersModelName": "TrioTim",
    "Modality": "MR",
    "ParallelReductionFactorInPlane": 2,
    "PartialFourier": 1,
    "PatientPosition": "HFS",
    "PercentPhaseFOV": 100,
    "PhaseEncodingDirection": "j-",
    "PhaseEncodingSteps": 63,
    "PhaseResolution": 1,
    "PixelBandwidth": 2894,
    "ProcedureStepDescription": "Research_KIRWAN",
    "ProtocolName": "Daselaar_run4",
    "PulseSequenceDetails": "%CustomerSeq%_ep2d_bold_PMU",
    "ReceiveCoilName": "HeadMatrix",
    "ReconMatrixPE": 64,
    "RefLinesPE": 24,
    "RepetitionTime": 1.8,
    "SAR": 0.154936,
    "ScanOptions": "FS",
    "ScanningSequence": "EP",
    "SequenceName": "epfid2d1_64",
    "SequenceVariant": "SK",
    "SeriesDescription": "Daselaar_run4",
    "SeriesNumber": 8,
    "ShimSetting": [
      -2806,
      -22856,
      2328,
      671,
      -240,
      287,
      -106,
      384
    ],
    "SliceThickness": 3.8,
    "SliceTiming": [
      0.905,
      0,
      0.9575,
      0.055,
      1.01,
      0.1075,
      1.0625,
      0.16,
      1.1175,
      0.2125,
      1.17,
      0.2675,
      1.2225,
      0.32,
      1.275,
      0.3725,
      1.33,
      0.425,
      1.3825,
      0.48,
      1.435,
      0.5325,
      1.4875,
      0.585,
      1.5425,
      0.6375,
      1.595,
      0.6925,
      1.6475,
      0.745,
      1.7,
      0.7975,
      1.755,
      0.85
    ],
    "SoftwareVersions": "syngo_MR_B17",
    "SpacingBetweenSlices": 3.8,
    "StationName": "MRC35002",
    "TaskName": "RecogConf",
    "TotalReadoutTime": 0.0135451,
    "TxRefAmp": 329.252,
    "dataset": "ds004086",
    "modality": "bold",
    "run_id": 4,
    "subject_id": "042",
    "task_id": "RecogConf"
  },
  "dummy_trs": 4,
  "dvars_nstd": 21.658559760082312,
  "dvars_std": 1.0551614936213993,
  "dvars_vstd": 1.0042990691358027,
  "efc": 0.43105437122384266,
  "fber": 2262.661376953125,
  "fd_mean": 0.1601381149585903,
  "fd_num": 48,
  "fd_perc": 19.672131147540984,
  "fwhm_avg": 2.000494593146323,
  "fwhm_x": 1.8750959999999999,
  "fwhm_y": 2.129869333333333,
  "fwhm_z": 1.9965184461056362,
  "gcor": 0.0187376,
  "gsr_x": -0.01603499799966812,
  "gsr_y": 0.013144778087735176,
  "provenance": {
    "md5sum": "5957968b2ee56ddb6ab85e5e2af19604",
    "settings": {
      "fd_thres": 0.2,
      "testing": false
    },
    "software": "mriqc",
    "version": "23.0.0",
    "webapi_port": null,
    "webapi_url": "https://mriqc.nimh.nih.gov/api/v1"
  },
  "size_t": 244,
  "size_x": 64,
  "size_y": 64,
  "size_z": 34,
  "snr": 5.518904843029405,
  "spacing_tr": 1.7999999523162842,
  "spacing_x": 3.75,
  "spacing_y": 3.75,
  "spacing_z": 3.799999952316284,
  "summary_bg_k": 50.09191114108134,
  "summary_bg_mad": 4.362739593258876,
  "summary_bg_mean": 25.711904525756836,
  "summary_bg_median": 15.663933753967285,
  "summary_bg_n": 95274.0,
  "summary_bg_p05": 11.901638984680176,
  "summary_bg_p95": 73.30778541564919,
  "summary_bg_stdv": 34.90978240966797,
  "summary_fg_k": 1.0575848342145795,
  "summary_fg_mad": 123.90967489093211,
  "summary_fg_mean": 756.5125122070312,
  "summary_fg_median": 749.1741333007812,
  "summary_fg_n": 16368.0,
  "summary_fg_p05": 543.9792724609375,
  "summary_fg_p95": 984.28623046875,
  "summary_fg_stdv": 135.74273681640625,
  "tsnr": 69.76933054998517
}