{
  "aor": 0.0059939516129032255,
  "aqi": 0.005479022258064515,
  "bids_meta": {
    "AcquisitionMatrixPE": 64,
    "AcquisitionNumber": 1,
    "AcquisitionTime": "12:56:34.610000",
    "BandwidthPerPixelPhaseEncode": 72.674,
    "BaseResolution": 64,
    "CoilString": "T:HEA;HEP",
    "ConversionSoftware": "dcm2niix",
    "ConversionSoftwareVersion": "v1.0.20190902",
    "DerivedVendorReportedEchoSpacing": 0.000430002,
    "DeviceSerialNumber": "35002",
    "DwellTime": 2.7e-06,
    "EchoTime": 0.031,
    "EffectiveEchoSpacing": 0.000215001,
    "FlipAngle": 90,
    "ImageOrientationPatientDICOM": [
      1,
      0,
      0,
      0,
      1,
      0
    ],
    "ImageType": [
      "ORIGINAL",
      "PRIMARY",
      "M",
      "ND",
      "MOSAIC"
    ],
    "ImagingFrequency": 123.262,
    "InPlanePhaseEncodingDirectionDICOM": "COL",
    "InstitutionAddress": "University_Pkwy_1700_North_685_Provo_AEC1C0_UT_US_84601",
    "InstitutionName": "Brigham_Young_University",
    "InstitutionalDepartmentName": "MRI",
    "MRAcquisitionType": "2D",
    "MagneticFieldStrength": 3,
    "Manufacturer": "Siemens",
    "ManufacturersModelName": "TrioTim",
    "Modality": "MR",
    "ParallelReductionFactorInPlane": 2,
    "PartialFourier": 1,
    "PatientPosition": "HFS",
    "PercentPhaseFOV": 100,
    "PhaseEncodingDirection": "j-",
    "PhaseEncodingSteps": 63,
    "PhaseResolution": 1,
    "PixelBandwidth": 2894,
    "ProcedureStepDescription": "Research_KIRWAN",
    "ProtocolName": "Daselaar_run1",
    "PulseSequenceDetails": "%CustomerSeq%_ep2d_bold_PMU",
    "ReceiveCoilName": "HeadMatrix",
    "ReconMatrixPE": 64,
    "RefLinesPE": 24,
    "RepetitionTime": 1.8,
    "SAR": 0.154936,
    "ScanOptions": "FS",
    "ScanningSequence": "EP",
    "SequenceName": "epfid2d1_64",
    "SequenceVariant": "SK",
    "SeriesDescription": "Daselaar_run1",
    "SeriesNumber": 5,
    "ShimSetting": [
      -2806,
      -22856,
      2328,
      671,
      -240,
      287,
      -106,
      384
    ],
    "SliceThickness": 3.8,
    "SliceTiming": [
      0.9025,
      0,
      0.955,
      0.0525,
      1.01,
      0.105,
      1.0625,
      0.16,
      1.115,
      0.2125,
      1.17,
      0.265,
      1.2225,
      0.3175,
      1.275,
      0.3725,
      1.3275,
      0.425,
      1.3825,
      0.4775,
      1.435,
      0.53,
      1.4875,
      0.585,
      1.54,
      0.6375,
      1.595,
      0.69,
      1.6475,
      0.7425,
      1.7,
      0.7975,
      1.7525,
      0.85
    ],
    "SoftwareVersions": "syngo_MR_B17",
    "SpacingBetweenSlices": 3.8,
    "StationName": "MRC35002",
    "TaskName": "RecogConf",
    "TotalReadoutTime": 0.0135451,
    "TxRefAmp": 329.252,
    "dataset": "ds004086",
    "modality": "bold",
    "run_id": 1,
    "subject_id": "042",
    "task_id": "RecogConf"
  },
  "dummy_trs": 0,
  "dvars_nstd": 22.228268380242923,
  "dvars_std": 1.0818333785425098,
  "dvars_vstd": 1.0534171989878542,
  "efc": 0.4318158741920674,
  "fber": 2180.72509765625,
  "fd_mean": 0.16872170275341614,
  "fd_num": 54,
  "fd_perc": 21.774193548387096,
  "fwhm_avg": 1.9800683824380456,
  "fwhm_x": 1.888552,
  "fwhm_y": 2.0986373333333335,
  "fwhm_z": 1.953015813980803,
  "gcor": 0.0184876,
  "gsr_x": -0.01708362251520157,
  "gsr_y": 0.014259337447583675,
  "provenance": {
    "md5sum": "3edb02d12d2654d0c30767a6acd60695",
    "settings": {
      "fd_thres": 0.2,
      "testing": false
    },
    "software": "mriqc",
    "version": "23.0.0",
    "webapi_port": null,
    "webapi_url": "https://mriqc.nimh.nih.gov/api/v1"
  },
  "size_t": 248,
  "size_x": 64,
  "size_y": 64,
  "size_z": 34,
  "snr": 5.49428634756061,
  "spacing_tr": 1.7999999523162842,
  "spacing_x": 3.75,
  "spacing_y": 3.75,
  "spacing_z": 3.799999952316284,
  "summary_bg_k": 50.55158520786557,
  "summary_bg_mad": 4.920086927265995,
  "summary_bg_mean": 25.930280685424805,
  "summary_bg_median": 15.95161247253418,
  "summary_bg_n": 95263.0,
  "summary_bg_p05": 11.366934776306152,
  "summary_bg_p95": 73.84959716796868,
  "summary_bg_stdv": 34.72066116333008,
  "summary_fg_k": 1.1724065604104448,
  "summary_fg_mad": 122.85862357452937,
  "summary_fg_mean": 755.81640625,
  "summary_fg_median": 747.7943115234375,
  "summary_fg_n": 16319.0,
  "summary_fg_p05": 545.4411193847657,
  "summary_fg_p95": 984.1713317871092,
  "summary_fg_stdv": 136.09982299804688,
  "tsnr": 57.91603777813725
}