{
  "aor": 0.0011062903225806454,
  "aqi": 0.0036765189112903224,
  "bids_meta": {
    "AcquisitionMatrixPE": 64,
    "AcquisitionNumber": 1,
    "AcquisitionTime": "13:04:45.065000",
    "BandwidthPerPixelPhaseEncode": 72.674,
    "BaseResolution": 64,
    "CoilString": "T:HEA;HEP",
    "ConversionSoftware": "dcm2niix",
    "ConversionSoftwareVersion": "v1.0.20190902",
    "DerivedVendorReportedEchoSpacing": 0.000430002,
    "DeviceSerialNumber": "35002",
    "DwellTime": 2.7e-06,
    "EchoTime": 0.031,
    "EffectiveEchoSpacing": 0.000215001,
    "FlipAngle": 90,
    "ImageOrientationPatientDICOM": [
      1,
      0,
      0,
      0,
      1,
      0
    ],
    "ImageType": [
      "ORIGINAL",
      "PRIMARY",
      "M",
      "ND",
      "MOSAIC"
    ],
    "ImagingFrequency": 123.262,
    "InPlanePhaseEncodingDirectionDICOM": "COL",
    "InstitutionAddress": "University_Pkwy_1700_North_685_Provo_AEC1C0_UT_US_84601",
    "InstitutionName": "Brigham_Young_University",
    "InstitutionalDepartmentName": "MRI",
    "MRAcquisitionType": "2D",
    "MagneticFieldStrength": 3,
    "Manufacturer": "Siemens",
    "ManufacturersModelName": "TrioTim",
    "Modality": "MR",
    "ParallelReductionFactorInPlane": 2,
    "PartialFourier": 1,
    "PatientPosition": "HFS",
    "PercentPhaseFOV": 100,
    "PhaseEncodingDirection": "j-",
    "PhaseEncodingSteps": 63,
    "PhaseResolution": 1,
    "PixelBandwidth": 2894,
    "ProcedureStepDescription": "Research_KIRWAN",
    "ProtocolName": "Daselaar_run2",
    "PulseSequenceDetails": "%CustomerSeq%_ep2d_bold_PMU",
    "ReceiveCoilName": "HeadMatrix",
    "ReconMatrixPE": 64,
    "RefLinesPE": 24,
    "RepetitionTime": 1.8,
    "SAR": 0.154936,
    "ScanOptions": "FS",
    "ScanningSequence": "EP",
    "SequenceName": "epfid2d1_64",
    "SequenceVariant": "SK",
    "SeriesDescription": "Daselaar_run2",
    "SeriesNumber": 6,
    "ShimSetting": [
      -2806,
      -22856,
      2328,
      671,
      -240,
      287,
      -106,
      384
    ],
    "SliceThickness": 3.8,
    "SliceTiming": [
      0.9025,
      0,
      0.955,
      0.0525,
      1.0075,
      0.105,
      1.0625,
      0.1575,
      1.115,
      0.2125,
      1.1675,
      0.265,
      1.22,
      0.3175,
      1.275,
      0.37,
      1.3275,
      0.425,
      1.38,
      0.4775,
      1.435,
      0.53,
      1.4875,
      0.5825,
      1.54,
      0.6375,
      1.5925,
      0.69,
      1.6475,
      0.7425,
      1.7,
      0.795,
      1.7525,
      0.85
    ],
    "SoftwareVersions": "syngo_MR_B17",
    "SpacingBetweenSlices": 3.8,
    "StationName": "MRC35002",
    "TaskName": "RecogConf",
    "TotalReadoutTime": 0.0135451,
    "TxRefAmp": 329.252,
    "dataset": "ds004086",
    "modality": "bold",
    "run_id": 2,
    "subject_id": "042",
    "task_id": "RecogConf"
  },
  "dummy_trs": 0,
  "dvars_nstd": 22.165730549473675,
  "dvars_std": 1.0614136072469629,
  "dvars_vstd": 1.0117261655060723,
  "efc": 0.43174785178570113,
  "fber": 2227.56201171875,
  "fd_mean": 0.16646825587799893,
  "fd_num": 79,
  "fd_perc": 31.85483870967742,
  "fwhm_avg": 1.9987915989489924,
  "fwhm_x": 1.8923093333333334,
  "fwhm_y": 2.1183733333333334,
  "fwhm_z": 1.9856921301803103,
  "gcor": 0.0233645,
  "gsr_x": -0.017055796459317207,
  "gsr_y": 0.013806709088385105,
  "provenance": {
    "md5sum": "c3973965b513dcc7444db7662b55b2e9",
    "settings": {
      "fd_thres": 0.2,
      "testing": false
    },
    "software": "mriqc",
    "version": "23.0.0",
    "webapi_port": null,
    "webapi_url": "https://mriqc.nimh.nih.gov/api/v1"
  },
  "size_t": 248,
  "size_x": 64,
  "size_y": 64,
  "size_z": 34,
  "snr": 5.5043097222154245,
  "spacing_tr": 1.7999999523162842,
  "spacing_x": 3.75,
  "spacing_y": 3.75,
  "spacing_z": 3.799999952316284,
  "summary_bg_k": 50.242570549762476,
  "summary_bg_mad": 4.465740812449184,
  "summary_bg_mean": 25.824804306030273,
  "summary_bg_median": 15.770160675048828,
  "summary_bg_n": 95266.0,
  "summary_bg_p05": 11.875,
  "summary_bg_p95": 73.03023719787598,
  "summary_bg_stdv": 34.76276779174805,
  "summary_fg_k": 1.1120885448689002,
  "summary_fg_mad": 122.7271403577637,
  "summary_fg_mean": 754.8785400390625,
  "summary_fg_median": 747.1975708007812,
  "summary_fg_n": 16325.0,
  "summary_fg_p05": 543.383056640625,
  "summary_fg_p95": 981.5943115234375,
  "summary_fg_stdv": 135.7435760498047,
  "tsnr": 67.57642034906894
}