{
  "aor": 0.005055967741935484,
  "aqi": 0.004484472620967742,
  "bids_meta": {
    "AcquisitionMatrixPE": 64,
    "AcquisitionNumber": 1,
    "AcquisitionTime": "12:45:27.252500",
    "BandwidthPerPixelPhaseEncode": 72.674,
    "BaseResolution": 64,
    "CoilString": "T:HEA;HEP",
    "ConversionSoftware": "dcm2niix",
    "ConversionSoftwareVersion": "v1.0.20190902",
    "DerivedVendorReportedEchoSpacing": 0.000430002,
    "DeviceSerialNumber": "35002",
    "DwellTime": 2.7e-06,
    "EchoTime": 0.031,
    "EffectiveEchoSpacing": 0.000215001,
    "FlipAngle": 90,
    "ImageOrientationPatientDICOM": [
      1,
      0,
      0,
      0,
      1,
      0
    ],
    "ImageType": [
      "ORIGINAL",
      "PRIMARY",
      "M",
      "ND",
      "MOSAIC"
    ],
    "ImagingFrequency": 123.263,
    "InPlanePhaseEncodingDirectionDICOM": "COL",
    "InstitutionAddress": "University_Pkwy_1700_North_685_Provo_AEC1C0_UT_US_84601",
    "InstitutionName": "Brigham_Young_University",
    "InstitutionalDepartmentName": "MRI",
    "MRAcquisitionType": "2D",
    "MagneticFieldStrength": 3,
    "Manufacturer": "Siemens",
    "ManufacturersModelName": "TrioTim",
    "Modality": "MR",
    "ParallelReductionFactorInPlane": 2,
    "PartialFourier": 1,
    "PatientPosition": "HFS",
    "PercentPhaseFOV": 100,
    "PhaseEncodingDirection": "j-",
    "PhaseEncodingSteps": 63,
    "PhaseResolution": 1,
    "PixelBandwidth": 2894,
    "ProcedureStepDescription": "Research_KIRWAN",
    "ProtocolName": "Daselaar_run3",
    "PulseSequenceDetails": "%CustomerSeq%_ep2d_bold_PMU",
    "ReceiveCoilName": "HeadMatrix",
    "ReconMatrixPE": 64,
    "RefLinesPE": 24,
    "RepetitionTime": 1.8,
    "SAR": 0.164012,
    "ScanOptions": "FS",
    "ScanningSequence": "EP",
    "SequenceName": "epfid2d1_64",
    "SequenceVariant": "SK",
    "SeriesDescription": "Daselaar_run3",
    "SeriesNumber": 7,
    "ShimSetting": [
      -2768,
      -22840,
      2284,
      690,
      46,
      137,
      -507,
      306
    ],
    "SliceThickness": 3.8,
    "SliceTiming": [
      0.9025,
      0,
      0.9575,
      0.0525,
      1.01,
      0.1075,
      1.0625,
      0.16,
      1.1175,
      0.2125,
      1.17,
      0.265,
      1.2225,
      0.32,
      1.275,
      0.3725,
      1.33,
      0.425,
      1.3825,
      0.4775,
      1.435,
      0.5325,
      1.4875,
      0.585,
      1.5425,
      0.6375,
      1.595,
      0.69,
      1.6475,
      0.745,
      1.7,
      0.7975,
      1.755,
      0.85
    ],
    "SoftwareVersions": "syngo_MR_B17",
    "SpacingBetweenSlices": 3.8,
    "StationName": "MRC35002",
    "TaskName": "RecogConf",
    "TotalReadoutTime": 0.0135451,
    "TxRefAmp": 333.666,
    "dataset": "ds004086",
    "modality": "bold",
    "run_id": 3,
    "subject_id": "020",
    "task_id": "RecogConf"
  },
  "dummy_trs": 0,
  "dvars_nstd": 22.468412298663967,
  "dvars_std": 1.1380414101214573,
  "dvars_vstd": 1.0344674886234817,
  "efc": 0.43450349111270686,
  "fber": 2344.713134765625,
  "fd_mean": 0.12278995167178029,
  "fd_num": 16,
  "fd_perc": 6.451612903225806,
  "fwhm_avg": 2.049079517199861,
  "fwhm_x": 1.9594533333333333,
  "fwhm_y": 2.1728746666666665,
  "fwhm_z": 2.0149105515995847,
  "gcor": 0.021323,
  "gsr_x": -0.013254750519990921,
  "gsr_y": 0.0075094024650752544,
  "provenance": {
    "md5sum": "a7c64f22cf187181059b32e6d5489eb9",
    "settings": {
      "fd_thres": 0.2,
      "testing": false
    },
    "software": "mriqc",
    "version": "23.0.0",
    "webapi_port": null,
    "webapi_url": "https://mriqc.nimh.nih.gov/api/v1"
  },
  "size_t": 248,
  "size_x": 64,
  "size_y": 64,
  "size_z": 34,
  "snr": 5.429186495396123,
  "spacing_tr": 1.7999999523162842,
  "spacing_x": 3.75,
  "spacing_y": 3.75,
  "spacing_z": 3.799999952316284,
  "summary_bg_k": 57.157318996234906,
  "summary_bg_mad": 3.9516127606047884,
  "summary_bg_mean": 24.703170776367188,
  "summary_bg_median": 15.342741012573242,
  "summary_bg_n": 94481.0,
  "summary_bg_p05": 11.754032135009766,
  "summary_bg_p95": 67.04032135009766,
  "summary_bg_stdv": 32.706451416015625,
  "summary_fg_k": 1.6112853464416812,
  "summary_fg_mad": 116.34237688540654,
  "summary_fg_mean": 749.911865234375,
  "summary_fg_median": 745.2822265625,
  "summary_fg_n": 17199.0,
  "summary_fg_p05": 537.5084533691406,
  "summary_fg_p95": 982.7354614257808,
  "summary_fg_stdv": 137.269287109375,
  "tsnr": 65.26147016789764
}