{
  "aor": 0.00038733870967741924,
  "aqi": 0.003741751330645161,
  "bids_meta": {
    "AcquisitionMatrixPE": 64,
    "AcquisitionNumber": 1,
    "AcquisitionTime": "12:29:25.967500",
    "BandwidthPerPixelPhaseEncode": 72.674,
    "BaseResolution": 64,
    "CoilString": "T:HEA;HEP",
    "ConversionSoftware": "dcm2niix",
    "ConversionSoftwareVersion": "v1.0.20190902",
    "DerivedVendorReportedEchoSpacing": 0.000430002,
    "DeviceSerialNumber": "35002",
    "DwellTime": 2.7e-06,
    "EchoTime": 0.031,
    "EffectiveEchoSpacing": 0.000215001,
    "FlipAngle": 90,
    "ImageOrientationPatientDICOM": [
      1,
      0,
      0,
      0,
      1,
      0
    ],
    "ImageType": [
      "ORIGINAL",
      "PRIMARY",
      "M",
      "ND",
      "MOSAIC"
    ],
    "ImagingFrequency": 123.263,
    "InPlanePhaseEncodingDirectionDICOM": "COL",
    "InstitutionAddress": "University_Pkwy_1700_North_685_Provo_AEC1C0_UT_US_84601",
    "InstitutionName": "Brigham_Young_University",
    "InstitutionalDepartmentName": "MRI",
    "MRAcquisitionType": "2D",
    "MagneticFieldStrength": 3,
    "Manufacturer": "Siemens",
    "ManufacturersModelName": "TrioTim",
    "Modality": "MR",
    "ParallelReductionFactorInPlane": 2,
    "PartialFourier": 1,
    "PatientPosition": "HFS",
    "PercentPhaseFOV": 100,
    "PhaseEncodingDirection": "j-",
    "PhaseEncodingSteps": 63,
    "PhaseResolution": 1,
    "PixelBandwidth": 2894,
    "ProcedureStepDescription": "Research_KIRWAN",
    "ProtocolName": "Daselaar_run1",
    "PulseSequenceDetails": "%CustomerSeq%_ep2d_bold_PMU",
    "ReceiveCoilName": "HeadMatrix",
    "ReconMatrixPE": 64,
    "RefLinesPE": 24,
    "RepetitionTime": 1.8,
    "SAR": 0.164012,
    "ScanOptions": "FS",
    "ScanningSequence": "EP",
    "SequenceName": "epfid2d1_64",
    "SequenceVariant": "SK",
    "SeriesDescription": "Daselaar_run1",
    "SeriesNumber": 5,
    "ShimSetting": [
      -2768,
      -22840,
      2284,
      690,
      46,
      137,
      -507,
      306
    ],
    "SliceThickness": 3.8,
    "SliceTiming": [
      0.905,
      0,
      0.9575,
      0.0525,
      1.01,
      0.1075,
      1.0625,
      0.16,
      1.1175,
      0.2125,
      1.17,
      0.265,
      1.2225,
      0.32,
      1.275,
      0.3725,
      1.33,
      0.425,
      1.3825,
      0.4775,
      1.435,
      0.5325,
      1.4875,
      0.585,
      1.5425,
      0.6375,
      1.595,
      0.6925,
      1.6475,
      0.745,
      1.7,
      0.7975,
      1.755,
      0.85
    ],
    "SoftwareVersions": "syngo_MR_B17",
    "SpacingBetweenSlices": 3.8,
    "StationName": "MRC35002",
    "TaskName": "RecogConf",
    "TotalReadoutTime": 0.0135451,
    "TxRefAmp": 333.666,
    "dataset": "ds004086",
    "modality": "bold",
    "run_id": 1,
    "subject_id": "020",
    "task_id": "RecogConf"
  },
  "dummy_trs": 0,
  "dvars_nstd": 22.059240603643737,
  "dvars_std": 1.0912685551821864,
  "dvars_vstd": 0.9923863458704458,
  "efc": 0.4341400421205102,
  "fber": 2283.41015625,
  "fd_mean": 0.11218922245095848,
  "fd_num": 13,
  "fd_perc": 5.241935483870968,
  "fwhm_avg": 2.0548335875214225,
  "fwhm_x": 1.9334906666666667,
  "fwhm_y": 2.1811653333333334,
  "fwhm_z": 2.049844762564267,
  "gcor": 0.0106164,
  "gsr_x": -0.012637744657695293,
  "gsr_y": 0.0075485664419829845,
  "provenance": {
    "md5sum": "55851895d3191f028c58bc156898515e",
    "settings": {
      "fd_thres": 0.2,
      "testing": false
    },
    "software": "mriqc",
    "version": "23.0.0",
    "webapi_port": null,
    "webapi_url": "https://mriqc.nimh.nih.gov/api/v1"
  },
  "size_t": 248,
  "size_x": 64,
  "size_y": 64,
  "size_z": 34,
  "snr": 5.4660139816708515,
  "spacing_tr": 1.7999999523162842,
  "spacing_x": 3.75,
  "spacing_y": 3.75,
  "spacing_z": 3.799999952316284,
  "summary_bg_k": 60.6652762738121,
  "summary_bg_mad": 3.8858513573467555,
  "summary_bg_mean": 24.454723358154297,
  "summary_bg_median": 15.52822494506836,
  "summary_bg_n": 94491.0,
  "summary_bg_p05": 12.171370506286621,
  "summary_bg_p95": 64.15523910522461,
  "summary_bg_stdv": 32.403236389160156,
  "summary_fg_k": 1.5777435044679446,
  "summary_fg_mad": 114.5818772417892,
  "summary_fg_mean": 747.7109985351562,
  "summary_fg_median": 743.540283203125,
  "summary_fg_n": 17150.0,
  "summary_fg_p05": 536.2102478027344,
  "summary_fg_p95": 979.0826141357421,
  "summary_fg_stdv": 136.02574157714844,
  "tsnr": 71.32034118752927
}