{
  "aor": 0.000858225806451613,
  "aqi": 0.006934571814516129,
  "bids_meta": {
    "AcquisitionMatrixPE": 64,
    "AcquisitionNumber": 1,
    "AcquisitionTime": "11:18:50.895000",
    "BandwidthPerPixelPhaseEncode": 72.674,
    "BaseResolution": 64,
    "CoilString": "T:HEA;HEP",
    "ConversionSoftware": "dcm2niix",
    "ConversionSoftwareVersion": "v1.0.20190902",
    "DerivedVendorReportedEchoSpacing": 0.000430002,
    "DeviceSerialNumber": "35002",
    "DwellTime": 2.7e-06,
    "EchoTime": 0.031,
    "EffectiveEchoSpacing": 0.000215001,
    "FlipAngle": 90,
    "ImageOrientationPatientDICOM": [
      1,
      0,
      0,
      0,
      1,
      0
    ],
    "ImageType": [
      "ORIGINAL",
      "PRIMARY",
      "M",
      "ND",
      "MOSAIC"
    ],
    "ImagingFrequency": 123.263,
    "InPlanePhaseEncodingDirectionDICOM": "COL",
    "InstitutionAddress": "University_Pkwy_1700_North_685_Provo_AEC1C0_UT_US_84601",
    "InstitutionName": "Brigham_Young_University",
    "InstitutionalDepartmentName": "MRI",
    "MRAcquisitionType": "2D",
    "MagneticFieldStrength": 3,
    "Manufacturer": "Siemens",
    "ManufacturersModelName": "TrioTim",
    "Modality": "MR",
    "ParallelReductionFactorInPlane": 2,
    "PartialFourier": 1,
    "PatientPosition": "HFS",
    "PercentPhaseFOV": 100,
    "PhaseEncodingDirection": "j-",
    "PhaseEncodingSteps": 63,
    "PhaseResolution": 1,
    "PixelBandwidth": 2894,
    "ProcedureStepDescription": "Research_KIRWAN",
    "ProtocolName": "Daselaar_run4",
    "PulseSequenceDetails": "%CustomerSeq%_ep2d_bold_PMU",
    "ReceiveCoilName": "HeadMatrix",
    "ReconMatrixPE": 64,
    "RefLinesPE": 24,
    "RepetitionTime": 1.8,
    "SAR": 0.120902,
    "ScanOptions": "FS",
    "ScanningSequence": "EP",
    "SequenceName": "epfid2d1_64",
    "SequenceVariant": "SK",
    "SeriesDescription": "Daselaar_run4",
    "SeriesNumber": 12,
    "ShimSetting": [
      -2761,
      -22755,
      2210,
      494,
      -136,
      518,
      -590,
      481
    ],
    "SliceThickness": 3.8,
    "SliceTiming": [
      0.9025,
      0,
      0.955,
      0.0525,
      1.0075,
      0.105,
      1.0625,
      0.1575,
      1.115,
      0.2125,
      1.1675,
      0.265,
      1.22,
      0.3175,
      1.275,
      0.37,
      1.3275,
      0.425,
      1.38,
      0.4775,
      1.4325,
      0.53,
      1.4875,
      0.5825,
      1.54,
      0.6375,
      1.5925,
      0.69,
      1.645,
      0.7425,
      1.7,
      0.795,
      1.7525,
      0.85
    ],
    "SoftwareVersions": "syngo_MR_B17",
    "SpacingBetweenSlices": 3.8,
    "StationName": "MRC35002",
    "TaskName": "RecogConf",
    "TotalReadoutTime": 0.0135451,
    "TxRefAmp": 341.731,
    "dataset": "ds004086",
    "modality": "bold",
    "run_id": 4,
    "subject_id": "012",
    "task_id": "RecogConf"
  },
  "dummy_trs": 0,
  "dvars_nstd": 22.066640699352238,
  "dvars_std": 1.0737452005263157,
  "dvars_vstd": 0.9928869781376515,
  "efc": 0.46332538284176356,
  "fber": 1865.8482666015625,
  "fd_mean": 0.1249759499405,
  "fd_num": 28,
  "fd_perc": 11.290322580645162,
  "fwhm_avg": 1.9345921836007125,
  "fwhm_x": 1.827224,
  "fwhm_y": 2.025192,
  "fwhm_z": 1.9513605508021372,
  "gcor": 0.0690611,
  "gsr_x": -0.011470392346382141,
  "gsr_y": 0.021106766536831856,
  "provenance": {
    "md5sum": "a912ee5d72312de13c018a1072c6323c",
    "settings": {
      "fd_thres": 0.2,
      "testing": false
    },
    "software": "mriqc",
    "version": "23.0.0",
    "webapi_port": null,
    "webapi_url": "https://mriqc.nimh.nih.gov/api/v1"
  },
  "size_t": 248,
  "size_x": 64,
  "size_y": 64,
  "size_z": 34,
  "snr": 5.408607565269932,
  "spacing_tr": 1.7999999523162842,
  "spacing_x": 3.75,
  "spacing_y": 3.75,
  "spacing_z": 3.799999952316284,
  "summary_bg_k": 132.38616778144788,
  "summary_bg_mad": 6.785295805019583,
  "summary_bg_mean": 31.100101470947266,
  "summary_bg_median": 18.697580337524414,
  "summary_bg_n": 90967.0,
  "summary_bg_p05": 12.971774101257324,
  "summary_bg_p95": 92.50443420410153,
  "summary_bg_stdv": 43.81760025024414,
  "summary_fg_k": 1.5994647564943927,
  "summary_fg_mad": 126.43369114945673,
  "summary_fg_mean": 821.0435180664062,
  "summary_fg_median": 809.6148681640625,
  "summary_fg_n": 19802.0,
  "summary_fg_p05": 599.2598754882813,
  "summary_fg_p95": 1079.2693359375,
  "summary_fg_stdv": 149.68629455566406,
  "tsnr": 56.52280868822709
}