{
  "aor": 0.0011324193548387096,
  "aqi": 0.007028399072580645,
  "bids_meta": {
    "AcquisitionMatrixPE": 64,
    "AcquisitionNumber": 1,
    "AcquisitionTime": "11:10:30.082500",
    "BandwidthPerPixelPhaseEncode": 72.674,
    "BaseResolution": 64,
    "CoilString": "T:HEA;HEP",
    "ConversionSoftware": "dcm2niix",
    "ConversionSoftwareVersion": "v1.0.20190902",
    "DerivedVendorReportedEchoSpacing": 0.000430002,
    "DeviceSerialNumber": "35002",
    "DwellTime": 2.7e-06,
    "EchoTime": 0.031,
    "EffectiveEchoSpacing": 0.000215001,
    "FlipAngle": 90,
    "ImageOrientationPatientDICOM": [
      1,
      0,
      0,
      0,
      1,
      0
    ],
    "ImageType": [
      "ORIGINAL",
      "PRIMARY",
      "M",
      "ND",
      "MOSAIC"
    ],
    "ImagingFrequency": 123.263,
    "InPlanePhaseEncodingDirectionDICOM": "COL",
    "InstitutionAddress": "University_Pkwy_1700_North_685_Provo_AEC1C0_UT_US_84601",
    "InstitutionName": "Brigham_Young_University",
    "InstitutionalDepartmentName": "MRI",
    "MRAcquisitionType": "2D",
    "MagneticFieldStrength": 3,
    "Manufacturer": "Siemens",
    "ManufacturersModelName": "TrioTim",
    "Modality": "MR",
    "ParallelReductionFactorInPlane": 2,
    "PartialFourier": 1,
    "PatientPosition": "HFS",
    "PercentPhaseFOV": 100,
    "PhaseEncodingDirection": "j-",
    "PhaseEncodingSteps": 63,
    "PhaseResolution": 1,
    "PixelBandwidth": 2894,
    "ProcedureStepDescription": "Research_KIRWAN",
    "ProtocolName": "Daselaar_run3",
    "PulseSequenceDetails": "%CustomerSeq%_ep2d_bold_PMU",
    "ReceiveCoilName": "HeadMatrix",
    "ReconMatrixPE": 64,
    "RefLinesPE": 24,
    "RepetitionTime": 1.8,
    "SAR": 0.120902,
    "ScanOptions": "FS",
    "ScanningSequence": "EP",
    "SequenceName": "epfid2d1_64",
    "SequenceVariant": "SK",
    "SeriesDescription": "Daselaar_run3",
    "SeriesNumber": 11,
    "ShimSetting": [
      -2761,
      -22755,
      2210,
      494,
      -136,
      518,
      -590,
      481
    ],
    "SliceThickness": 3.8,
    "SliceTiming": [
      0.9025,
      0,
      0.955,
      0.0525,
      1.0075,
      0.105,
      1.0625,
      0.1575,
      1.115,
      0.2125,
      1.1675,
      0.265,
      1.22,
      0.3175,
      1.275,
      0.37,
      1.3275,
      0.425,
      1.38,
      0.4775,
      1.4325,
      0.53,
      1.4875,
      0.5825,
      1.54,
      0.6375,
      1.5925,
      0.69,
      1.645,
      0.7425,
      1.7,
      0.795,
      1.7525,
      0.85
    ],
    "SoftwareVersions": "syngo_MR_B17",
    "SpacingBetweenSlices": 3.8,
    "StationName": "MRC35002",
    "TaskName": "RecogConf",
    "TotalReadoutTime": 0.0135451,
    "TxRefAmp": 341.731,
    "dataset": "ds004086",
    "modality": "bold",
    "run_id": 3,
    "subject_id": "012",
    "task_id": "RecogConf"
  },
  "dummy_trs": 0,
  "dvars_nstd": 23.113518772429153,
  "dvars_std": 1.0832177944534411,
  "dvars_vstd": 0.9908250488663969,
  "efc": 0.4623247657873353,
  "fber": 1901.29638671875,
  "fd_mean": 0.14245072776980056,
  "fd_num": 45,
  "fd_perc": 18.14516129032258,
  "fwhm_avg": 1.9260767799554388,
  "fwhm_x": 1.8455333333333332,
  "fwhm_y": 2.013970666666667,
  "fwhm_z": 1.9187263398663161,
  "gcor": 0.0923803,
  "gsr_x": -0.011359643191099167,
  "gsr_y": 0.021121619269251823,
  "provenance": {
    "md5sum": "c5fa62d6e6faf1bd68bec4a5965f904f",
    "settings": {
      "fd_thres": 0.2,
      "testing": false
    },
    "software": "mriqc",
    "version": "23.0.0",
    "webapi_port": null,
    "webapi_url": "https://mriqc.nimh.nih.gov/api/v1"
  },
  "size_t": 248,
  "size_x": 64,
  "size_y": 64,
  "size_z": 34,
  "snr": 5.387422087040868,
  "spacing_tr": 1.7999999523162842,
  "spacing_x": 3.75,
  "spacing_y": 3.75,
  "spacing_z": 3.799999952316284,
  "summary_bg_k": 132.99748166491207,
  "summary_bg_mad": 6.611926632327968,
  "summary_bg_mean": 30.73653221130371,
  "summary_bg_median": 18.395160675048828,
  "summary_bg_n": 91053.0,
  "summary_bg_p05": 12.709676742553711,
  "summary_bg_p95": 91.99354858398424,
  "summary_bg_stdv": 43.33771896362305,
  "summary_fg_k": 1.4690108359219138,
  "summary_fg_mad": 127.03749139988268,
  "summary_fg_mean": 813.3168334960938,
  "summary_fg_median": 802.3145141601562,
  "summary_fg_n": 19697.0,
  "summary_fg_p05": 591.463671875,
  "summary_fg_p95": 1068.7782226562501,
  "summary_fg_stdv": 148.91986083984375,
  "tsnr": 53.58847292489372
}