{
  "bids_meta": {
    "AcquisitionMatrixPE": 215,
    "AcquisitionNumber": 1,
    "AcquisitionTime": "09:33:15.612500",
    "BaseResolution": 256,
    "CoilString": "C:HEA;HEP",
    "ConversionSoftware": "dcm2niix",
    "ConversionSoftwareVersion": "v1.0.20190902",
    "DeviceSerialNumber": "35002",
    "DwellTime": 9.8e-06,
    "EchoTime": 0.00226,
    "FlipAngle": 9,
    "ImageOrientationPatientDICOM": [
      0,
      1,
      0,
      0,
      0,
      -1
    ],
    "ImageType": [
      "ORIGINAL",
      "PRIMARY",
      "M",
      "ND",
      "NORM"
    ],
    "ImagingFrequency": 123.263,
    "InPlanePhaseEncodingDirectionDICOM": "ROW",
    "InstitutionAddress": "University_Pkwy_1700_North_685_Provo_AEC1C0_UT_US_84601",
    "InstitutionName": "Brigham_Young_University",
    "InstitutionalDepartmentName": "MRI",
    "InversionTime": 0.9,
    "MRAcquisitionType": "3D",
    "MagneticFieldStrength": 3,
    "Manufacturer": "Siemens",
    "ManufacturersModelName": "TrioTim",
    "Modality": "MR",
    "PartialFourier": 0.875,
    "PatientPosition": "HFS",
    "PercentPhaseFOV": 87.5,
    "PhaseEncodingSteps": 227,
    "PhaseOversampling": 0.2,
    "PhaseResolution": 0.96,
    "PixelBandwidth": 199,
    "ProcedureStepDescription": "Research_KIRWAN",
    "ProtocolName": "t1_mpr_sag_iso_(mprage)",
    "PulseSequenceDetails": "%SiemensSeq%_tfl",
    "ReceiveCoilName": "HeadMatrix",
    "ReconMatrixPE": 224,
    "RepetitionTime": 1.9,
    "SAR": 0.100085,
    "ScanOptions": "IR_PFP",
    "ScanningSequence": "GR_IR",
    "SequenceName": "_tfl3d1_ns",
    "SequenceVariant": "SP_MP_OSP",
    "SeriesDescription": "t1_mpr_sag_iso_(mprage)",
    "SeriesNumber": 2,
    "ShimSetting": [
      -2768,
      -22810,
      1838,
      -69,
      10,
      173,
      -426,
      363
    ],
    "SliceThickness": 1,
    "SoftwareVersions": "syngo_MR_B17",
    "StationName": "MRC35002",
    "TxRefAmp": 325.786,
    "dataset": "ds004086",
    "modality": "T1w",
    "subject_id": "046"
  },
  "cjv": 0.3203831485463913,
  "cnr": 4.2387308409606215,
  "efc": 0.5406266401738389,
  "fber": 19525.695556640625,
  "fwhm_avg": 4.7196897600000005,
  "fwhm_x": 4.6039,
  "fwhm_y": 4.9475174399999995,
  "fwhm_z": 4.607651840000001,
  "icvs_csf": 0.19828974462153914,
  "icvs_gm": 0.44470577038259645,
  "icvs_wm": 0.3570044849958644,
  "inu_med": 0.4366868585348129,
  "inu_range": 0.17786867618560798,
  "provenance": {
    "md5sum": "f78df82ccb84a20b52030c4991d52d7d",
    "settings": {
      "testing": false
    },
    "software": "mriqc",
    "version": "23.0.0",
    "warnings": {
      "large_rot_frame": true,
      "small_air_mask": false
    },
    "webapi_port": null,
    "webapi_url": "https://mriqc.nimh.nih.gov/api/v1"
  },
  "qi_1": 0.0,
  "qi_2": 0.00796429172122038,
  "rpve_csf": 21.428592834559538,
  "rpve_gm": 10.197920991084677,
  "rpve_wm": 14.440567787375606,
  "size_x": 176,
  "size_y": 224,
  "size_z": 256,
  "snr_csf": 2.7116491110562193,
  "snr_gm": 14.922497137455721,
  "snr_total": 15.116750486553656,
  "snr_wm": 27.716105211149024,
  "snrd_csf": 31.15272436437466,
  "snrd_gm": 74.00691302955724,
  "snrd_total": 68.4417138478194,
  "snrd_wm": 100.1655041495263,
  "spacing_x": 1.0,
  "spacing_y": 0.9765625,
  "spacing_z": 0.9765625,
  "summary_bg_k": 6.212148707613423,
  "summary_bg_mad": 0.0,
  "summary_bg_mean": 4.355927174111152,
  "summary_bg_median": 0.0,
  "summary_bg_n": 3194190.0,
  "summary_bg_p05": 0.0,
  "summary_bg_p95": 16.821976829320192,
  "summary_bg_stdv": 6.540802727879476,
  "summary_csf_k": 0.1939203285040505,
  "summary_csf_mad": 101.70498904950435,
  "summary_csf_mean": 318.9434723939168,
  "summary_csf_median": 311.02503921836615,
  "summary_csf_n": 37318.0,
  "summary_csf_p05": 123.91987895239146,
  "summary_csf_p95": 517.810298755765,
  "summary_csf_stdv": 114.69805244965684,
  "summary_gm_k": 0.10031825690625329,
  "summary_gm_mad": 49.0432761073764,
  "summary_gm_mean": 736.8547377712305,
  "summary_gm_median": 738.8760853856802,
  "summary_gm_n": 42738.0,
  "summary_gm_p05": 652.8298585824668,
  "summary_gm_p95": 815.2063095046208,
  "summary_gm_stdv": 49.513659428255316,
  "summary_wm_k": 0.43205309061653097,
  "summary_wm_mad": 34.629337641671874,
  "summary_wm_mean": 1001.1965329455935,
  "summary_wm_median": 1000.0403011962771,
  "summary_wm_n": 216125.0,
  "summary_wm_p05": 944.0880665145814,
  "summary_wm_p95": 1062.2453090399504,
  "summary_wm_stdv": 36.081476095064545,
  "tpm_overlap_csf": 0.15055361858989177,
  "tpm_overlap_gm": 0.4732009920918367,
  "tpm_overlap_wm": 0.5110247325249135,
  "wm2max": 0.4635811126694717
}