{
  "aor": 0.0007937096774193549,
  "aqi": 0.006622564032258064,
  "bids_meta": {
    "AcquisitionMatrixPE": 64,
    "AcquisitionNumber": 1,
    "AcquisitionTime": "16:25:9.882500",
    "BandwidthPerPixelPhaseEncode": 72.674,
    "BaseResolution": 64,
    "CoilString": "T:HEA;HEP",
    "ConversionSoftware": "dcm2niix",
    "ConversionSoftwareVersion": "v1.0.20190902",
    "DerivedVendorReportedEchoSpacing": 0.000430002,
    "DeviceSerialNumber": "35002",
    "DwellTime": 2.7e-06,
    "EchoTime": 0.031,
    "EffectiveEchoSpacing": 0.000215001,
    "FlipAngle": 90,
    "ImageOrientationPatientDICOM": [
      1,
      0,
      0,
      0,
      1,
      0
    ],
    "ImageType": [
      "ORIGINAL",
      "PRIMARY",
      "M",
      "ND",
      "MOSAIC"
    ],
    "ImagingFrequency": 123.263,
    "InPlanePhaseEncodingDirectionDICOM": "COL",
    "InstitutionAddress": "University_Pkwy_1700_North_685_Provo_AEC1C0_UT_US_84601",
    "InstitutionName": "Brigham_Young_University",
    "InstitutionalDepartmentName": "MRI",
    "MRAcquisitionType": "2D",
    "MagneticFieldStrength": 3,
    "Manufacturer": "Siemens",
    "ManufacturersModelName": "TrioTim",
    "Modality": "MR",
    "ParallelReductionFactorInPlane": 2,
    "PartialFourier": 1,
    "PatientPosition": "HFS",
    "PercentPhaseFOV": 100,
    "PhaseEncodingDirection": "j-",
    "PhaseEncodingSteps": 63,
    "PhaseResolution": 1,
    "PixelBandwidth": 2894,
    "ProcedureStepDescription": "Research_KIRWAN",
    "ProtocolName": "Daselaar_run1",
    "PulseSequenceDetails": "%CustomerSeq%_ep2d_bold_PMU",
    "ReceiveCoilName": "HeadMatrix",
    "ReconMatrixPE": 64,
    "RefLinesPE": 24,
    "RepetitionTime": 1.8,
    "SAR": 0.219614,
    "ScanOptions": "FS",
    "ScanningSequence": "EP",
    "SequenceName": "epfid2d1_64",
    "SequenceVariant": "SK",
    "SeriesDescription": "Daselaar_run1",
    "SeriesNumber": 5,
    "ShimSetting": [
      -2781,
      -22841,
      2325,
      479,
      124,
      167,
      -269,
      442
    ],
    "SliceThickness": 3.8,
    "SliceTiming": [
      0.9025,
      0,
      0.955,
      0.0525,
      1.01,
      0.105,
      1.0625,
      0.1575,
      1.115,
      0.2125,
      1.1675,
      0.265,
      1.2225,
      0.3175,
      1.275,
      0.37,
      1.3275,
      0.425,
      1.38,
      0.4775,
      1.435,
      0.53,
      1.4875,
      0.5825,
      1.54,
      0.6375,
      1.5925,
      0.69,
      1.6475,
      0.7425,
      1.7,
      0.795,
      1.7525,
      0.85
    ],
    "SoftwareVersions": "syngo_MR_B17",
    "SpacingBetweenSlices": 3.8,
    "StationName": "MRC35002",
    "TaskName": "RecogConf",
    "TotalReadoutTime": 0.0135451,
    "TxRefAmp": 344.329,
    "dataset": "ds004086",
    "modality": "bold",
    "run_id": 1,
    "subject_id": "007",
    "task_id": "RecogConf"
  },
  "dummy_trs": 0,
  "dvars_nstd": 25.523263452307692,
  "dvars_std": 1.0551756063562758,
  "dvars_vstd": 1.001805643441297,
  "efc": 0.5358849914217266,
  "fber": 1236.7376708984375,
  "fd_mean": 0.08812881872720275,
  "fd_num": 12,
  "fd_perc": 4.838709677419355,
  "fwhm_avg": 2.0279063010103613,
  "fwhm_x": 1.8972853333333333,
  "fwhm_y": 2.1273493333333335,
  "fwhm_z": 2.0590842363644177,
  "gcor": 0.016012,
  "gsr_x": -0.010264980606734753,
  "gsr_y": 0.03677972033619881,
  "provenance": {
    "md5sum": "00e6ee9f35f5f3567adc9e936e6b834e",
    "settings": {
      "fd_thres": 0.2,
      "testing": false
    },
    "software": "mriqc",
    "version": "23.0.0",
    "webapi_port": null,
    "webapi_url": "https://mriqc.nimh.nih.gov/api/v1"
  },
  "size_t": 248,
  "size_x": 64,
  "size_y": 64,
  "size_z": 34,
  "snr": 5.007131141616728,
  "spacing_tr": 1.7999999523162842,
  "spacing_x": 3.75,
  "spacing_y": 3.75,
  "spacing_z": 3.799999952316284,
  "summary_bg_k": 58.57651702094344,
  "summary_bg_mad": 8.27985412814677,
  "summary_bg_mean": 36.21199035644531,
  "summary_bg_median": 20.838708877563477,
  "summary_bg_n": 79858.0,
  "summary_bg_p05": 14.104838371276855,
  "summary_bg_p95": 109.5207622528076,
  "summary_bg_stdv": 48.55394744873047,
  "summary_fg_k": 1.2699633765568432,
  "summary_fg_mad": 129.54236884192696,
  "summary_fg_mean": 751.6746215820312,
  "summary_fg_median": 739.1572265625,
  "summary_fg_n": 28193.0,
  "summary_fg_p05": 535.4249633789062,
  "summary_fg_p95": 1013.9177001953125,
  "summary_fg_stdv": 147.6182861328125,
  "tsnr": 54.83263510465622
}