{
  "bids_meta": {
    "AcquisitionMatrixPE": 215,
    "AcquisitionNumber": 1,
    "AcquisitionTime": "11:21:59.092500",
    "BaseResolution": 256,
    "CoilString": "C:HEA;HEP",
    "ConversionSoftware": "dcm2niix",
    "ConversionSoftwareVersion": "v1.0.20190902",
    "DeviceSerialNumber": "35002",
    "DwellTime": 9.8e-06,
    "EchoTime": 0.00226,
    "FlipAngle": 9,
    "ImageOrientationPatientDICOM": [
      0,
      1,
      0,
      0,
      0,
      -1
    ],
    "ImageType": [
      "ORIGINAL",
      "PRIMARY",
      "M",
      "ND",
      "NORM"
    ],
    "ImagingFrequency": 123.263,
    "InPlanePhaseEncodingDirectionDICOM": "ROW",
    "InstitutionAddress": "University_Pkwy_1700_North_685_Provo_AEC1C0_UT_US_84601",
    "InstitutionName": "Brigham_Young_University",
    "InstitutionalDepartmentName": "MRI",
    "InversionTime": 0.9,
    "MRAcquisitionType": "3D",
    "MagneticFieldStrength": 3,
    "Manufacturer": "Siemens",
    "ManufacturersModelName": "TrioTim",
    "Modality": "MR",
    "PartialFourier": 0.875,
    "PatientPosition": "HFS",
    "PercentPhaseFOV": 87.5,
    "PhaseEncodingSteps": 227,
    "PhaseOversampling": 0.2,
    "PhaseResolution": 0.96,
    "PixelBandwidth": 199,
    "ProcedureStepDescription": "Research_KIRWAN",
    "ProtocolName": "t1_mpr_sag_iso_(mprage)",
    "PulseSequenceDetails": "%SiemensSeq%_tfl",
    "ReceiveCoilName": "HeadMatrix",
    "ReconMatrixPE": 224,
    "RepetitionTime": 1.9,
    "SAR": 0.143219,
    "ScanOptions": "IR_PFP",
    "ScanningSequence": "GR_IR",
    "SequenceName": "_tfl3d1_ns",
    "SequenceVariant": "SP_MP_OSP",
    "SeriesDescription": "t1_mpr_sag_iso_(mprage)",
    "SeriesNumber": 2,
    "ShimSetting": [
      -2768,
      -22810,
      1838,
      -69,
      10,
      173,
      -426,
      363
    ],
    "SliceThickness": 1,
    "SoftwareVersions": "syngo_MR_B17",
    "StationName": "MRC35002",
    "TxRefAmp": 402.095,
    "dataset": "ds004086",
    "modality": "T1w",
    "subject_id": "003"
  },
  "cjv": 0.35982352926963457,
  "cnr": 3.851310429737568,
  "efc": 0.6611124650105596,
  "fber": 8858.462018266873,
  "fwhm_avg": 4.537713226666667,
  "fwhm_x": 4.3515,
  "fwhm_y": 4.7716249600000005,
  "fwhm_z": 4.4900147200000005,
  "icvs_csf": 0.16573001794933162,
  "icvs_gm": 0.4565752472845927,
  "icvs_wm": 0.3776947347660757,
  "inu_med": 0.46629947423934937,
  "inu_range": 0.21515213549137113,
  "provenance": {
    "md5sum": "616d34d1e8b8dcff0a0da84d46a549ef",
    "settings": {
      "testing": false
    },
    "software": "mriqc",
    "version": "23.0.0",
    "warnings": {
      "large_rot_frame": true,
      "small_air_mask": false
    },
    "webapi_port": null,
    "webapi_url": "https://mriqc.nimh.nih.gov/api/v1"
  },
  "qi_1": 0.0,
  "qi_2": 0.004795533731862327,
  "rpve_csf": 22.137831994990343,
  "rpve_gm": 9.030289214676108,
  "rpve_wm": 12.299191165607919,
  "size_x": 176,
  "size_y": 224,
  "size_z": 256,
  "snr_csf": 3.189097871313888,
  "snr_gm": 14.39108163526691,
  "snr_total": 13.840028499075382,
  "snr_wm": 23.93990599064535,
  "snrd_csf": 20.901054528580598,
  "snrd_gm": 49.67488149053635,
  "snrd_total": 45.8490961637174,
  "snrd_wm": 66.97135247203522,
  "spacing_x": 1.0,
  "spacing_y": 0.9765625,
  "spacing_z": 0.9765625,
  "summary_bg_k": 8.672224249387774,
  "summary_bg_mad": 0.0,
  "summary_bg_mean": 5.687879718550142,
  "summary_bg_median": 0.0,
  "summary_bg_n": 1841369.0,
  "summary_bg_p05": 0.0,
  "summary_bg_p95": 26.049096509814262,
  "summary_bg_stdv": 9.782705496565391,
  "summary_csf_k": 1.1285015551769026,
  "summary_csf_mad": 81.41457611971413,
  "summary_csf_mean": 318.51188378625517,
  "summary_csf_median": 312.1012067422271,
  "summary_csf_n": 32803.0,
  "summary_csf_p05": 166.8493426591158,
  "summary_csf_p95": 495.6047051958739,
  "summary_csf_stdv": 97.8635532976454,
  "summary_gm_k": -0.019997571958381588,
  "summary_gm_mad": 52.14317007803974,
  "summary_gm_mean": 741.3557742653479,
  "summary_gm_median": 741.7611602693796,
  "summary_gm_n": 53158.0,
  "summary_gm_p05": 656.0318570584059,
  "summary_gm_p95": 824.9756371602416,
  "summary_gm_stdv": 51.54262911491134,
  "summary_wm_k": 0.24930175368190932,
  "summary_wm_mad": 40.79076165123066,
  "summary_wm_mean": 1001.7946197359081,
  "summary_wm_median": 1000.0375768169761,
  "summary_wm_n": 250820.0,
  "summary_wm_p05": 936.2660855054855,
  "summary_wm_p95": 1073.2678178697824,
  "summary_wm_stdv": 41.77274479145424,
  "tpm_overlap_csf": 0.15861973236673743,
  "tpm_overlap_gm": 0.46692157783774035,
  "tpm_overlap_wm": 0.5060331798205204,
  "wm2max": 0.5176212309605223
}