{
  "aor": 0.000617217741935484,
  "aqi": 0.004612812822580645,
  "bids_meta": {
    "AcquisitionMatrixPE": 64,
    "AcquisitionNumber": 1,
    "AcquisitionTime": "10:23:27.452500",
    "BandwidthPerPixelPhaseEncode": 72.674,
    "BaseResolution": 64,
    "CoilString": "T:HEA;HEP",
    "ConversionSoftware": "dcm2niix",
    "ConversionSoftwareVersion": "v1.0.20190902",
    "DerivedVendorReportedEchoSpacing": 0.000430002,
    "DeviceSerialNumber": "35002",
    "DwellTime": 2.7e-06,
    "EchoTime": 0.031,
    "EffectiveEchoSpacing": 0.000215001,
    "FlipAngle": 90,
    "ImageOrientationPatientDICOM": [
      1,
      0,
      0,
      0,
      1,
      0
    ],
    "ImageType": [
      "ORIGINAL",
      "PRIMARY",
      "M",
      "ND",
      "MOSAIC"
    ],
    "ImagingFrequency": 123.263,
    "InPlanePhaseEncodingDirectionDICOM": "COL",
    "InstitutionAddress": "University_Pkwy_1700_North_685_Provo_AEC1C0_UT_US_84601",
    "InstitutionName": "Brigham_Young_University",
    "InstitutionalDepartmentName": "MRI",
    "MRAcquisitionType": "2D",
    "MagneticFieldStrength": 3,
    "Manufacturer": "Siemens",
    "ManufacturersModelName": "TrioTim",
    "Modality": "MR",
    "ParallelReductionFactorInPlane": 2,
    "PartialFourier": 1,
    "PatientPosition": "HFS",
    "PercentPhaseFOV": 100,
    "PhaseEncodingDirection": "j-",
    "PhaseEncodingSteps": 63,
    "PhaseResolution": 1,
    "PixelBandwidth": 2894,
    "ProcedureStepDescription": "Research_KIRWAN",
    "ProtocolName": "Daselaar_run2",
    "PulseSequenceDetails": "%CustomerSeq%_ep2d_bold_PMU",
    "ReceiveCoilName": "HeadMatrix",
    "ReconMatrixPE": 64,
    "RefLinesPE": 24,
    "RepetitionTime": 1.8,
    "SAR": 0.145629,
    "ScanOptions": "FS",
    "ScanningSequence": "EP",
    "SequenceName": "epfid2d1_64",
    "SequenceVariant": "SK",
    "SeriesDescription": "Daselaar_run2",
    "SeriesNumber": 6,
    "ShimSetting": [
      -2748,
      -22764,
      2217,
      326,
      -95,
      544,
      -762,
      335
    ],
    "SliceThickness": 3.8,
    "SliceTiming": [
      0.9025,
      0,
      0.955,
      0.0525,
      1.01,
      0.105,
      1.0625,
      0.16,
      1.115,
      0.2125,
      1.1675,
      0.265,
      1.2225,
      0.3175,
      1.275,
      0.3725,
      1.3275,
      0.425,
      1.38,
      0.4775,
      1.435,
      0.53,
      1.4875,
      0.585,
      1.54,
      0.6375,
      1.5925,
      0.69,
      1.6475,
      0.7425,
      1.7,
      0.7975,
      1.7525,
      0.85
    ],
    "SoftwareVersions": "syngo_MR_B17",
    "SpacingBetweenSlices": 3.8,
    "StationName": "MRC35002",
    "TaskName": "RecogConf",
    "TotalReadoutTime": 0.0135451,
    "TxRefAmp": 346.14,
    "dataset": "ds004086",
    "modality": "bold",
    "run_id": 2,
    "subject_id": "008",
    "task_id": "RecogConf"
  },
  "dummy_trs": 0,
  "dvars_nstd": 23.054249674655882,
  "dvars_std": 1.0615793869230772,
  "dvars_vstd": 1.0020820876518224,
  "efc": 0.48146181896483026,
  "fber": 1577.5447998046875,
  "fd_mean": 0.11204913056769585,
  "fd_num": 11,
  "fd_perc": 4.435483870967742,
  "fwhm_avg": 1.977317657662078,
  "fwhm_x": 1.8683173333333334,
  "fwhm_y": 2.0221066666666667,
  "fwhm_z": 2.0415289729862334,
  "gcor": 0.0243384,
  "gsr_x": -0.005741997621953487,
  "gsr_y": 0.017335103824734688,
  "provenance": {
    "md5sum": "1d812d1547dc7ddca341e718775fea78",
    "settings": {
      "fd_thres": 0.2,
      "testing": false
    },
    "software": "mriqc",
    "version": "23.0.0",
    "webapi_port": null,
    "webapi_url": "https://mriqc.nimh.nih.gov/api/v1"
  },
  "size_t": 248,
  "size_x": 64,
  "size_y": 64,
  "size_z": 34,
  "snr": 5.35885742180734,
  "spacing_tr": 1.7999999523162842,
  "spacing_x": 3.75,
  "spacing_y": 3.75,
  "spacing_z": 3.799999952316284,
  "summary_bg_k": 61.36219013132201,
  "summary_bg_mad": 6.444536925866803,
  "summary_bg_mean": 33.11640548706055,
  "summary_bg_median": 17.814516067504883,
  "summary_bg_n": 89688.0,
  "summary_bg_p05": 12.439516067504883,
  "summary_bg_p95": 115.61249656677232,
  "summary_bg_stdv": 51.34538269042969,
  "summary_fg_k": 1.4066470455904918,
  "summary_fg_mad": 114.25601966190403,
  "summary_fg_mean": 721.2852783203125,
  "summary_fg_median": 711.4636840820312,
  "summary_fg_n": 20557.0,
  "summary_fg_p05": 516.8830444335938,
  "summary_fg_p95": 948.0088623046875,
  "summary_fg_stdv": 132.76083374023438,
  "tsnr": 62.21537654008716
}