{
  "aor": 0.0007917338709677419,
  "aqi": 0.004850084677419354,
  "bids_meta": {
    "AcquisitionMatrixPE": 64,
    "AcquisitionNumber": 1,
    "AcquisitionTime": "10:15:0.467500",
    "BandwidthPerPixelPhaseEncode": 72.674,
    "BaseResolution": 64,
    "CoilString": "T:HEA;HEP",
    "ConversionSoftware": "dcm2niix",
    "ConversionSoftwareVersion": "v1.0.20190902",
    "DerivedVendorReportedEchoSpacing": 0.000430002,
    "DeviceSerialNumber": "35002",
    "DwellTime": 2.7e-06,
    "EchoTime": 0.031,
    "EffectiveEchoSpacing": 0.000215001,
    "FlipAngle": 90,
    "ImageOrientationPatientDICOM": [
      1,
      0,
      0,
      0,
      1,
      0
    ],
    "ImageType": [
      "ORIGINAL",
      "PRIMARY",
      "M",
      "ND",
      "MOSAIC"
    ],
    "ImagingFrequency": 123.263,
    "InPlanePhaseEncodingDirectionDICOM": "COL",
    "InstitutionAddress": "University_Pkwy_1700_North_685_Provo_AEC1C0_UT_US_84601",
    "InstitutionName": "Brigham_Young_University",
    "InstitutionalDepartmentName": "MRI",
    "MRAcquisitionType": "2D",
    "MagneticFieldStrength": 3,
    "Manufacturer": "Siemens",
    "ManufacturersModelName": "TrioTim",
    "Modality": "MR",
    "ParallelReductionFactorInPlane": 2,
    "PartialFourier": 1,
    "PatientPosition": "HFS",
    "PercentPhaseFOV": 100,
    "PhaseEncodingDirection": "j-",
    "PhaseEncodingSteps": 63,
    "PhaseResolution": 1,
    "PixelBandwidth": 2894,
    "ProcedureStepDescription": "Research_KIRWAN",
    "ProtocolName": "Daselaar_run1",
    "PulseSequenceDetails": "%CustomerSeq%_ep2d_bold_PMU",
    "ReceiveCoilName": "HeadMatrix",
    "ReconMatrixPE": 64,
    "RefLinesPE": 24,
    "RepetitionTime": 1.8,
    "SAR": 0.145629,
    "ScanOptions": "FS",
    "ScanningSequence": "EP",
    "SequenceName": "epfid2d1_64",
    "SequenceVariant": "SK",
    "SeriesDescription": "Daselaar_run1",
    "SeriesNumber": 5,
    "ShimSetting": [
      -2748,
      -22764,
      2217,
      326,
      -95,
      544,
      -762,
      335
    ],
    "SliceThickness": 3.8,
    "SliceTiming": [
      0.9025,
      0,
      0.955,
      0.0525,
      1.0075,
      0.105,
      1.0625,
      0.1575,
      1.115,
      0.2125,
      1.1675,
      0.265,
      1.22,
      0.3175,
      1.275,
      0.37,
      1.3275,
      0.425,
      1.38,
      0.4775,
      1.4325,
      0.53,
      1.4875,
      0.5825,
      1.54,
      0.6375,
      1.5925,
      0.69,
      1.645,
      0.7425,
      1.7,
      0.795,
      1.7525,
      0.85
    ],
    "SoftwareVersions": "syngo_MR_B17",
    "SpacingBetweenSlices": 3.8,
    "StationName": "MRC35002",
    "TaskName": "RecogConf",
    "TotalReadoutTime": 0.0135451,
    "TxRefAmp": 346.14,
    "dataset": "ds004086",
    "modality": "bold",
    "run_id": 1,
    "subject_id": "008",
    "task_id": "RecogConf"
  },
  "dummy_trs": 0,
  "dvars_nstd": 22.882337794048578,
  "dvars_std": 1.054406799959514,
  "dvars_vstd": 0.9916444229554656,
  "efc": 0.48234078003060915,
  "fber": 1536.3807373046875,
  "fd_mean": 0.11270167102774385,
  "fd_num": 8,
  "fd_perc": 3.225806451612903,
  "fwhm_avg": 1.9993288976233743,
  "fwhm_x": 1.8766213333333333,
  "fwhm_y": 2.0331653333333333,
  "fwhm_z": 2.088200026203457,
  "gcor": 0.00968538,
  "gsr_x": -0.006787202786654234,
  "gsr_y": 0.015380055643618107,
  "provenance": {
    "md5sum": "bb6190a8363f6be5ad8f078406f4b5d0",
    "settings": {
      "fd_thres": 0.2,
      "testing": false
    },
    "software": "mriqc",
    "version": "23.0.0",
    "webapi_port": null,
    "webapi_url": "https://mriqc.nimh.nih.gov/api/v1"
  },
  "size_t": 248,
  "size_x": 64,
  "size_y": 64,
  "size_z": 34,
  "snr": 5.305675578947096,
  "spacing_tr": 1.7999999523162842,
  "spacing_x": 3.75,
  "spacing_y": 3.75,
  "spacing_z": 3.799999952316284,
  "summary_bg_k": 60.62038336380532,
  "summary_bg_mad": 6.5461680569092495,
  "summary_bg_mean": 33.07823181152344,
  "summary_bg_median": 18.129032135009766,
  "summary_bg_n": 89549.0,
  "summary_bg_p05": 12.620966911315918,
  "summary_bg_p95": 115.21773681640607,
  "summary_bg_stdv": 50.67710876464844,
  "summary_fg_k": 1.5022208420898213,
  "summary_fg_mad": 116.24975949217898,
  "summary_fg_mean": 725.3504638671875,
  "summary_fg_median": 715.024169921875,
  "summary_fg_n": 20700.0,
  "summary_fg_p05": 517.8439178466797,
  "summary_fg_p95": 956.6745513916015,
  "summary_fg_stdv": 134.7626495361328,
  "tsnr": 61.39770642039366
}