{
  "aor": 0.0008221774193548388,
  "aqi": 0.004545053669354838,
  "bids_meta": {
    "AcquisitionMatrixPE": 64,
    "AcquisitionNumber": 1,
    "AcquisitionTime": "14:42:10.080000",
    "BandwidthPerPixelPhaseEncode": 72.674,
    "BaseResolution": 64,
    "CoilString": "T:HEA;HEP",
    "ConversionSoftware": "dcm2niix",
    "ConversionSoftwareVersion": "v1.0.20190902",
    "DerivedVendorReportedEchoSpacing": 0.000430002,
    "DeviceSerialNumber": "35002",
    "DwellTime": 2.7e-06,
    "EchoTime": 0.031,
    "EffectiveEchoSpacing": 0.000215001,
    "FlipAngle": 90,
    "ImageOrientationPatientDICOM": [
      1,
      0,
      0,
      0,
      1,
      0
    ],
    "ImageType": [
      "ORIGINAL",
      "PRIMARY",
      "M",
      "ND",
      "MOSAIC"
    ],
    "ImagingFrequency": 123.263,
    "InPlanePhaseEncodingDirectionDICOM": "COL",
    "InstitutionAddress": "University_Pkwy_1700_North_685_Provo_AEC1C0_UT_US_84601",
    "InstitutionName": "Brigham_Young_University",
    "InstitutionalDepartmentName": "MRI",
    "MRAcquisitionType": "2D",
    "MagneticFieldStrength": 3,
    "Manufacturer": "Siemens",
    "ManufacturersModelName": "TrioTim",
    "Modality": "MR",
    "ParallelReductionFactorInPlane": 2,
    "PartialFourier": 1,
    "PatientPosition": "HFS",
    "PercentPhaseFOV": 100,
    "PhaseEncodingDirection": "j-",
    "PhaseEncodingSteps": 63,
    "PhaseResolution": 1,
    "PixelBandwidth": 2894,
    "ProcedureStepDescription": "Research_KIRWAN",
    "ProtocolName": "Daselaar_run3",
    "PulseSequenceDetails": "%CustomerSeq%_ep2d_bold_PMU",
    "ReceiveCoilName": "HeadMatrix",
    "ReconMatrixPE": 64,
    "RefLinesPE": 24,
    "RepetitionTime": 1.8,
    "SAR": 0.13002,
    "ScanOptions": "FS",
    "ScanningSequence": "EP",
    "SequenceName": "epfid2d1_64",
    "SequenceVariant": "SK",
    "SeriesDescription": "Daselaar_run3",
    "SeriesNumber": 7,
    "ShimSetting": [
      -2790,
      -22856,
      2247,
      677,
      -31,
      -156,
      -393,
      378
    ],
    "SliceThickness": 3.8,
    "SliceTiming": [
      0.905,
      0,
      0.9575,
      0.055,
      1.01,
      0.1075,
      1.065,
      0.16,
      1.1175,
      0.2125,
      1.17,
      0.2675,
      1.2225,
      0.32,
      1.2775,
      0.3725,
      1.33,
      0.425,
      1.3825,
      0.48,
      1.435,
      0.5325,
      1.49,
      0.585,
      1.5425,
      0.6375,
      1.595,
      0.6925,
      1.6475,
      0.745,
      1.7025,
      0.7975,
      1.755,
      0.8525
    ],
    "SoftwareVersions": "syngo_MR_B17",
    "SpacingBetweenSlices": 3.8,
    "StationName": "MRC35002",
    "TaskName": "RecogConf",
    "TotalReadoutTime": 0.0135451,
    "TxRefAmp": 326.838,
    "dataset": "ds004086",
    "modality": "bold",
    "run_id": 3,
    "subject_id": "005",
    "task_id": "RecogConf"
  },
  "dummy_trs": 0,
  "dvars_nstd": 19.561934405465607,
  "dvars_std": 1.0563732933198382,
  "dvars_vstd": 0.9998255524696366,
  "efc": 0.41001153072449964,
  "fber": 2758.092529296875,
  "fd_mean": 0.14187107565462784,
  "fd_num": 35,
  "fd_perc": 14.112903225806452,
  "fwhm_avg": 1.9252744876402446,
  "fwhm_x": 1.846528,
  "fwhm_y": 1.9908533333333334,
  "fwhm_z": 1.938442129587401,
  "gcor": 0.0235407,
  "gsr_x": -0.012145557440817356,
  "gsr_y": 0.005029045976698399,
  "provenance": {
    "md5sum": "69d65b8b14c4d521af8ed36585be8478",
    "settings": {
      "fd_thres": 0.2,
      "testing": false
    },
    "software": "mriqc",
    "version": "23.0.0",
    "webapi_port": null,
    "webapi_url": "https://mriqc.nimh.nih.gov/api/v1"
  },
  "size_t": 248,
  "size_x": 64,
  "size_y": 64,
  "size_z": 34,
  "snr": 6.0633108496874,
  "spacing_tr": 1.7999999523162842,
  "spacing_x": 3.75,
  "spacing_y": 3.75,
  "spacing_z": 3.799999952316284,
  "summary_bg_k": 55.58434399725958,
  "summary_bg_mad": 4.107046362444368,
  "summary_bg_mean": 26.565105438232422,
  "summary_bg_median": 15.649192810058594,
  "summary_bg_n": 98625.0,
  "summary_bg_p05": 12.080644607543945,
  "summary_bg_p95": 77.56773681640621,
  "summary_bg_stdv": 38.064918518066406,
  "summary_fg_k": 1.5449508772265297,
  "summary_fg_mad": 117.61277804175421,
  "summary_fg_mean": 829.35009765625,
  "summary_fg_median": 823.4112548828125,
  "summary_fg_n": 14390.0,
  "summary_fg_p05": 618.5435333251953,
  "summary_fg_p95": 1057.343524169922,
  "summary_fg_stdv": 135.7975311279297,
  "tsnr": 69.91017393535003
}