{
  "aor": 0.007060411522633745,
  "aqi": 0.011695788971193416,
  "bids_meta": {
    "AcquisitionMatrixPE": 64,
    "AcquisitionNumber": 1,
    "AcquisitionTime": "14:50:9.910000",
    "BandwidthPerPixelPhaseEncode": 72.674,
    "BaseResolution": 64,
    "CoilString": "T:HEA;HEP",
    "ConversionSoftware": "dcm2niix",
    "ConversionSoftwareVersion": "v1.0.20190902",
    "DerivedVendorReportedEchoSpacing": 0.000430002,
    "DeviceSerialNumber": "35002",
    "DwellTime": 2.7e-06,
    "EchoTime": 0.031,
    "EffectiveEchoSpacing": 0.000215001,
    "FlipAngle": 90,
    "ImageOrientationPatientDICOM": [
      1,
      0,
      0,
      0,
      1,
      0
    ],
    "ImageType": [
      "ORIGINAL",
      "PRIMARY",
      "M",
      "ND",
      "MOSAIC"
    ],
    "ImagingFrequency": 123.263,
    "InPlanePhaseEncodingDirectionDICOM": "COL",
    "InstitutionAddress": "University_Pkwy_1700_North_685_Provo_AEC1C0_UT_US_84601",
    "InstitutionName": "Brigham_Young_University",
    "InstitutionalDepartmentName": "MRI",
    "MRAcquisitionType": "2D",
    "MagneticFieldStrength": 3,
    "Manufacturer": "Siemens",
    "ManufacturersModelName": "TrioTim",
    "Modality": "MR",
    "ParallelReductionFactorInPlane": 2,
    "PartialFourier": 1,
    "PatientPosition": "HFS",
    "PercentPhaseFOV": 100,
    "PhaseEncodingDirection": "j-",
    "PhaseEncodingSteps": 63,
    "PhaseResolution": 1,
    "PixelBandwidth": 2894,
    "ProcedureStepDescription": "Research_KIRWAN",
    "ProtocolName": "Daselaar_run4",
    "PulseSequenceDetails": "%CustomerSeq%_ep2d_bold_PMU",
    "ReceiveCoilName": "HeadMatrix",
    "ReconMatrixPE": 64,
    "RefLinesPE": 24,
    "RepetitionTime": 1.8,
    "SAR": 0.13002,
    "ScanOptions": "FS",
    "ScanningSequence": "EP",
    "SequenceName": "epfid2d1_64",
    "SequenceVariant": "SK",
    "SeriesDescription": "Daselaar_run4",
    "SeriesNumber": 8,
    "ShimSetting": [
      -2790,
      -22856,
      2247,
      677,
      -31,
      -156,
      -393,
      378
    ],
    "SliceThickness": 3.8,
    "SliceTiming": [
      0.9025,
      0,
      0.9575,
      0.0525,
      1.01,
      0.1075,
      1.0625,
      0.16,
      1.115,
      0.2125,
      1.17,
      0.265,
      1.2225,
      0.32,
      1.275,
      0.3725,
      1.33,
      0.425,
      1.3825,
      0.4775,
      1.435,
      0.5325,
      1.4875,
      0.585,
      1.5425,
      0.6375,
      1.595,
      0.69,
      1.6475,
      0.745,
      1.7,
      0.7975,
      1.755,
      0.85
    ],
    "SoftwareVersions": "syngo_MR_B17",
    "SpacingBetweenSlices": 3.8,
    "StationName": "MRC35002",
    "TaskName": "RecogConf",
    "TotalReadoutTime": 0.0135451,
    "TxRefAmp": 326.838,
    "dataset": "ds004086",
    "modality": "bold",
    "run_id": 4,
    "subject_id": "005",
    "task_id": "RecogConf"
  },
  "dummy_trs": 5,
  "dvars_nstd": 22.73092645049586,
  "dvars_std": 0.9846029957024797,
  "dvars_vstd": 0.9731443864876029,
  "efc": 0.41006718039921664,
  "fber": 2711.77294921875,
  "fd_mean": 0.23019814262037908,
  "fd_num": 51,
  "fd_perc": 20.987654320987655,
  "fwhm_avg": 1.9298552947201892,
  "fwhm_x": 1.8579253333333334,
  "fwhm_y": 1.97828,
  "fwhm_z": 1.953360550827234,
  "gcor": 0.0281209,
  "gsr_x": -0.012275952845811844,
  "gsr_y": 0.00427233288064599,
  "provenance": {
    "md5sum": "7001efa69bd0dda85713bb9955128820",
    "settings": {
      "fd_thres": 0.2,
      "testing": false
    },
    "software": "mriqc",
    "version": "23.0.0",
    "webapi_port": null,
    "webapi_url": "https://mriqc.nimh.nih.gov/api/v1"
  },
  "size_t": 243,
  "size_x": 64,
  "size_y": 64,
  "size_z": 34,
  "snr": 6.1139279900510575,
  "spacing_tr": 1.7999999523162842,
  "spacing_x": 3.75,
  "spacing_y": 3.75,
  "spacing_z": 3.799999952316284,
  "summary_bg_k": 55.573075504001395,
  "summary_bg_mad": 4.0329216244137855,
  "summary_bg_mean": 26.56572914123535,
  "summary_bg_median": 15.728394508361816,
  "summary_bg_n": 98632.0,
  "summary_bg_p05": 12.168724060058594,
  "summary_bg_p95": 77.77139701843261,
  "summary_bg_stdv": 38.07688522338867,
  "summary_fg_k": 1.5580155918480871,
  "summary_fg_mad": 116.83274684525041,
  "summary_fg_mean": 827.5874633789062,
  "summary_fg_median": 820.9197387695312,
  "summary_fg_n": 14384.0,
  "summary_fg_p05": 623.2902984619141,
  "summary_fg_p95": 1053.0186584472656,
  "summary_fg_stdv": 134.26576232910156,
  "tsnr": 47.74487761314958
}