{
  "bids_meta": {
    "AcquisitionMatrixPE": 215,
    "AcquisitionNumber": 1,
    "AcquisitionTime": "11:32:19.597500",
    "BaseResolution": 256,
    "CoilString": "C:HEA;HEP",
    "ConversionSoftware": "dcm2niix",
    "ConversionSoftwareVersion": "v1.0.20190902",
    "DeviceSerialNumber": "35002",
    "DwellTime": 9.8e-06,
    "EchoTime": 0.00226,
    "FlipAngle": 9,
    "ImageOrientationPatientDICOM": [
      0,
      1,
      0,
      0,
      0,
      -1
    ],
    "ImageType": [
      "ORIGINAL",
      "PRIMARY",
      "M",
      "ND",
      "NORM"
    ],
    "ImagingFrequency": 123.263,
    "InPlanePhaseEncodingDirectionDICOM": "ROW",
    "InstitutionAddress": "University_Pkwy_1700_North_685_Provo_AEC1C0_UT_US_84601",
    "InstitutionName": "Brigham_Young_University",
    "InstitutionalDepartmentName": "MRI",
    "InversionTime": 0.9,
    "MRAcquisitionType": "3D",
    "MagneticFieldStrength": 3,
    "Manufacturer": "Siemens",
    "ManufacturersModelName": "TrioTim",
    "Modality": "MR",
    "PartialFourier": 0.875,
    "PatientPosition": "HFS",
    "PercentPhaseFOV": 87.5,
    "PhaseEncodingSteps": 227,
    "PhaseOversampling": 0.2,
    "PhaseResolution": 0.96,
    "PixelBandwidth": 199,
    "ProcedureStepDescription": "Research_KIRWAN",
    "ProtocolName": "t1_mpr_sag_iso_(mprage)",
    "PulseSequenceDetails": "%SiemensSeq%_tfl",
    "ReceiveCoilName": "HeadMatrix",
    "ReconMatrixPE": 224,
    "RepetitionTime": 1.9,
    "SAR": 0.0789757,
    "ScanOptions": "IR_PFP",
    "ScanningSequence": "GR_IR",
    "SequenceName": "_tfl3d1_ns",
    "SequenceVariant": "SP_MP_OSP",
    "SeriesDescription": "t1_mpr_sag_iso_(mprage)",
    "SeriesNumber": 2,
    "ShimSetting": [
      -2768,
      -22810,
      1838,
      -69,
      10,
      173,
      -426,
      363
    ],
    "SliceThickness": 1,
    "SoftwareVersions": "syngo_MR_B17",
    "StationName": "MRC35002",
    "TxRefAmp": 334.67,
    "dataset": "ds004086",
    "modality": "T1w",
    "subject_id": "022"
  },
  "cjv": 0.3141206723264464,
  "cnr": 4.350120343021224,
  "efc": 0.5509238900672607,
  "fber": -1.0,
  "fwhm_avg": 4.458721386666666,
  "fwhm_x": 4.22996,
  "fwhm_y": 4.70893568,
  "fwhm_z": 4.437268479999999,
  "icvs_csf": 0.17671362552845726,
  "icvs_gm": 0.46817038313577386,
  "icvs_wm": 0.3551159913357689,
  "inu_med": 0.4098883271217346,
  "inu_range": 0.14453403651714325,
  "provenance": {
    "md5sum": "1adaab631687366ac27133bd76fbb36e",
    "settings": {
      "testing": false
    },
    "software": "mriqc",
    "version": "23.0.0",
    "warnings": {
      "large_rot_frame": true,
      "small_air_mask": false
    },
    "webapi_port": null,
    "webapi_url": "https://mriqc.nimh.nih.gov/api/v1"
  },
  "qi_1": 0.0,
  "qi_2": 0.007531726334472644,
  "rpve_csf": 27.16128149701215,
  "rpve_gm": 11.439011859252124,
  "rpve_wm": 16.718502534216512,
  "size_x": 176,
  "size_y": 224,
  "size_z": 256,
  "snr_csf": 2.351836375255671,
  "snr_gm": 14.03110276252062,
  "snr_total": 15.119314438149617,
  "snr_wm": 28.975004176672563,
  "snrd_csf": 32.673516267914806,
  "snrd_gm": 78.1370584942238,
  "snrd_total": 72.72843784251467,
  "snrd_wm": 107.3747387654054,
  "spacing_x": 1.0,
  "spacing_y": 0.9765625,
  "spacing_z": 0.9765625,
  "summary_bg_k": 10.003115583239314,
  "summary_bg_mad": 0.0,
  "summary_bg_mean": 3.427389205724225,
  "summary_bg_median": 0.0,
  "summary_bg_n": 2513810.0,
  "summary_bg_p05": 0.0,
  "summary_bg_p95": 16.344132598489523,
  "summary_bg_stdv": 6.101622617616948,
  "summary_csf_k": 14.517176949628617,
  "summary_csf_mad": 103.58980376526725,
  "summary_csf_mean": 317.7910523821438,
  "summary_csf_median": 304.3052803315222,
  "summary_csf_n": 19937.0,
  "summary_csf_p05": 117.55453951880337,
  "summary_csf_p95": 519.9391113460064,
  "summary_csf_stdv": 129.38725319739456,
  "summary_gm_k": 0.01672868117594284,
  "summary_gm_mad": 52.43965169860002,
  "summary_gm_mean": 727.5968377017332,
  "summary_gm_median": 727.7306578941643,
  "summary_gm_n": 65684.0,
  "summary_gm_p05": 642.5780894536525,
  "summary_gm_p95": 811.9518644548953,
  "summary_gm_stdv": 51.86514064901667,
  "summary_wm_k": 0.45272456099338587,
  "summary_wm_mad": 33.097157219608206,
  "summary_wm_mean": 1000.0273122434676,
  "summary_wm_median": 1000.0362285040319,
  "summary_wm_n": 189989.0,
  "summary_wm_p05": 943.4659602418542,
  "summary_wm_p95": 1056.099140100181,
  "summary_wm_stdv": 34.51366531567335,
  "tpm_overlap_csf": 0.1414894584348412,
  "tpm_overlap_gm": 0.4859562707931038,
  "tpm_overlap_wm": 0.520257212489148,
  "wm2max": 0.4897941072062478
}