{
  "aor": 0.0066189430894308945,
  "aqi": 0.013545423048780487,
  "bids_meta": {
    "AcquisitionMatrixPE": 64,
    "AcquisitionNumber": 1,
    "AcquisitionTime": "11:12:21.672500",
    "BandwidthPerPixelPhaseEncode": 72.674,
    "BaseResolution": 64,
    "CoilString": "T:HEA;HEP",
    "ConversionSoftware": "dcm2niix",
    "ConversionSoftwareVersion": "v1.0.20190902",
    "DerivedVendorReportedEchoSpacing": 0.000430002,
    "DeviceSerialNumber": "35002",
    "DwellTime": 2.7e-06,
    "EchoTime": 0.031,
    "EffectiveEchoSpacing": 0.000215001,
    "FlipAngle": 90,
    "ImageOrientationPatientDICOM": [
      1,
      0,
      0,
      0,
      1,
      0
    ],
    "ImageType": [
      "ORIGINAL",
      "PRIMARY",
      "M",
      "ND",
      "MOSAIC"
    ],
    "ImagingFrequency": 123.262,
    "InPlanePhaseEncodingDirectionDICOM": "COL",
    "InstitutionAddress": "University_Pkwy_1700_North_685_Provo_AEC1C0_UT_US_84601",
    "InstitutionName": "Brigham_Young_University",
    "InstitutionalDepartmentName": "MRI",
    "MRAcquisitionType": "2D",
    "MagneticFieldStrength": 3,
    "Manufacturer": "Siemens",
    "ManufacturersModelName": "TrioTim",
    "Modality": "MR",
    "ParallelReductionFactorInPlane": 2,
    "PartialFourier": 1,
    "PatientPosition": "HFS",
    "PercentPhaseFOV": 100,
    "PhaseEncodingDirection": "j-",
    "PhaseEncodingSteps": 63,
    "PhaseResolution": 1,
    "PixelBandwidth": 2894,
    "ProcedureStepDescription": "Research_KIRWAN",
    "ProtocolName": "Daselaar_run4",
    "PulseSequenceDetails": "%CustomerSeq%_ep2d_bold_PMU",
    "ReceiveCoilName": "HeadMatrix",
    "ReconMatrixPE": 64,
    "RefLinesPE": 24,
    "RepetitionTime": 1.8,
    "SAR": 0.195268,
    "ScanOptions": "FS",
    "ScanningSequence": "EP",
    "SequenceName": "epfid2d1_64",
    "SequenceVariant": "SK",
    "SeriesDescription": "Daselaar_run4",
    "SeriesNumber": 8,
    "ShimSetting": [
      -2801,
      -22721,
      2199,
      463,
      41,
      277,
      -556,
      427
    ],
    "SliceThickness": 3.8,
    "SliceTiming": [
      0.9025,
      0,
      0.9575,
      0.0525,
      1.01,
      0.1075,
      1.0625,
      0.16,
      1.115,
      0.2125,
      1.17,
      0.265,
      1.2225,
      0.32,
      1.275,
      0.3725,
      1.3275,
      0.425,
      1.3825,
      0.4775,
      1.435,
      0.5325,
      1.4875,
      0.585,
      1.5425,
      0.6375,
      1.595,
      0.69,
      1.6475,
      0.745,
      1.7,
      0.7975,
      1.755,
      0.85
    ],
    "SoftwareVersions": "syngo_MR_B17",
    "SpacingBetweenSlices": 3.8,
    "StationName": "MRC35002",
    "TaskName": "RecogConf",
    "TotalReadoutTime": 0.0135451,
    "TxRefAmp": 353.423,
    "dataset": "ds004086",
    "modality": "bold",
    "run_id": 4,
    "subject_id": "040",
    "task_id": "RecogConf"
  },
  "dummy_trs": 2,
  "dvars_nstd": 29.18383374926531,
  "dvars_std": 1.0099969597142855,
  "dvars_vstd": 0.9470041878775517,
  "efc": 0.4494243426567889,
  "fber": 1711.272216796875,
  "fd_mean": 0.20250319628619298,
  "fd_num": 56,
  "fd_perc": 22.764227642276424,
  "fwhm_avg": 1.9163889319602516,
  "fwhm_x": 1.8147573333333333,
  "fwhm_y": 2.0257173333333336,
  "fwhm_z": 1.9086921292140877,
  "gcor": 0.0276514,
  "gsr_x": -0.016664879396557808,
  "gsr_y": 0.013474568724632263,
  "provenance": {
    "md5sum": "b974682d8ec4a04cb4e0f35a38310034",
    "settings": {
      "fd_thres": 0.2,
      "testing": false
    },
    "software": "mriqc",
    "version": "23.0.0",
    "webapi_port": null,
    "webapi_url": "https://mriqc.nimh.nih.gov/api/v1"
  },
  "size_t": 246,
  "size_x": 64,
  "size_y": 64,
  "size_z": 34,
  "snr": 5.455777865282614,
  "spacing_tr": 1.7999999523162842,
  "spacing_x": 3.75,
  "spacing_y": 3.75,
  "spacing_z": 3.799999952316284,
  "summary_bg_k": 58.53640954560159,
  "summary_bg_mad": 4.785309277698972,
  "summary_bg_mean": 28.54695701599121,
  "summary_bg_median": 16.390243530273438,
  "summary_bg_n": 94718.0,
  "summary_bg_p05": 12.369917869567871,
  "summary_bg_p95": 83.51707038879375,
  "summary_bg_stdv": 40.71742630004883,
  "summary_fg_k": 1.3325146520085775,
  "summary_fg_mad": 106.81975241885381,
  "summary_fg_mean": 686.1823120117188,
  "summary_fg_median": 679.7560424804688,
  "summary_fg_n": 17181.0,
  "summary_fg_p05": 496.6910400390625,
  "summary_fg_p95": 897.532470703125,
  "summary_fg_stdv": 124.59016418457031,
  "tsnr": 41.545518167316914
}