{
  "aor": 0.0004211382113821138,
  "aqi": 0.008116894024390245,
  "bids_meta": {
    "AcquisitionMatrixPE": 64,
    "AcquisitionNumber": 1,
    "AcquisitionTime": "11:04:22.122500",
    "BandwidthPerPixelPhaseEncode": 72.674,
    "BaseResolution": 64,
    "CoilString": "T:HEA;HEP",
    "ConversionSoftware": "dcm2niix",
    "ConversionSoftwareVersion": "v1.0.20190902",
    "DerivedVendorReportedEchoSpacing": 0.000430002,
    "DeviceSerialNumber": "35002",
    "DwellTime": 2.7e-06,
    "EchoTime": 0.031,
    "EffectiveEchoSpacing": 0.000215001,
    "FlipAngle": 90,
    "ImageOrientationPatientDICOM": [
      1,
      0,
      0,
      0,
      1,
      0
    ],
    "ImageType": [
      "ORIGINAL",
      "PRIMARY",
      "M",
      "ND",
      "MOSAIC"
    ],
    "ImagingFrequency": 123.262,
    "InPlanePhaseEncodingDirectionDICOM": "COL",
    "InstitutionAddress": "University_Pkwy_1700_North_685_Provo_AEC1C0_UT_US_84601",
    "InstitutionName": "Brigham_Young_University",
    "InstitutionalDepartmentName": "MRI",
    "MRAcquisitionType": "2D",
    "MagneticFieldStrength": 3,
    "Manufacturer": "Siemens",
    "ManufacturersModelName": "TrioTim",
    "Modality": "MR",
    "ParallelReductionFactorInPlane": 2,
    "PartialFourier": 1,
    "PatientPosition": "HFS",
    "PercentPhaseFOV": 100,
    "PhaseEncodingDirection": "j-",
    "PhaseEncodingSteps": 63,
    "PhaseResolution": 1,
    "PixelBandwidth": 2894,
    "ProcedureStepDescription": "Research_KIRWAN",
    "ProtocolName": "Daselaar_run3",
    "PulseSequenceDetails": "%CustomerSeq%_ep2d_bold_PMU",
    "ReceiveCoilName": "HeadMatrix",
    "ReconMatrixPE": 64,
    "RefLinesPE": 24,
    "RepetitionTime": 1.8,
    "SAR": 0.195268,
    "ScanOptions": "FS",
    "ScanningSequence": "EP",
    "SequenceName": "epfid2d1_64",
    "SequenceVariant": "SK",
    "SeriesDescription": "Daselaar_run3",
    "SeriesNumber": 7,
    "ShimSetting": [
      -2801,
      -22721,
      2199,
      463,
      41,
      277,
      -556,
      427
    ],
    "SliceThickness": 3.8,
    "SliceTiming": [
      0.905,
      0,
      0.9575,
      0.0525,
      1.01,
      0.1075,
      1.0625,
      0.16,
      1.1175,
      0.2125,
      1.17,
      0.2675,
      1.2225,
      0.32,
      1.275,
      0.3725,
      1.33,
      0.425,
      1.3825,
      0.48,
      1.435,
      0.5325,
      1.4875,
      0.585,
      1.5425,
      0.6375,
      1.595,
      0.6925,
      1.6475,
      0.745,
      1.7,
      0.7975,
      1.755,
      0.85
    ],
    "SoftwareVersions": "syngo_MR_B17",
    "SpacingBetweenSlices": 3.8,
    "StationName": "MRC35002",
    "TaskName": "RecogConf",
    "TotalReadoutTime": 0.0135451,
    "TxRefAmp": 353.423,
    "dataset": "ds004086",
    "modality": "bold",
    "run_id": 3,
    "subject_id": "040",
    "task_id": "RecogConf"
  },
  "dummy_trs": 2,
  "dvars_nstd": 27.801600374612242,
  "dvars_std": 1.0626797163265307,
  "dvars_vstd": 0.9645033054693878,
  "efc": 0.4498228385160902,
  "fber": 1688.95361328125,
  "fd_mean": 0.16612525617854884,
  "fd_num": 42,
  "fd_perc": 17.073170731707318,
  "fwhm_avg": 1.9357144878401817,
  "fwhm_x": 1.806776,
  "fwhm_y": 2.0141253333333333,
  "fwhm_z": 1.986242130187212,
  "gcor": 0.008149,
  "gsr_x": -0.01709379069507122,
  "gsr_y": 0.011720883660018444,
  "provenance": {
    "md5sum": "54ced2b39aaf03745acb1e9db3004acd",
    "settings": {
      "fd_thres": 0.2,
      "testing": false
    },
    "software": "mriqc",
    "version": "23.0.0",
    "webapi_port": null,
    "webapi_url": "https://mriqc.nimh.nih.gov/api/v1"
  },
  "size_t": 246,
  "size_x": 64,
  "size_y": 64,
  "size_z": 34,
  "snr": 5.417547537333757,
  "spacing_tr": 1.7999999523162842,
  "spacing_x": 3.75,
  "spacing_y": 3.75,
  "spacing_z": 3.799999952316284,
  "summary_bg_k": 56.45693386865103,
  "summary_bg_mad": 4.815445561273294,
  "summary_bg_mean": 29.05679702758789,
  "summary_bg_median": 16.524389266967773,
  "summary_bg_n": 95127.0,
  "summary_bg_p05": 12.439023971557617,
  "summary_bg_p95": 87.2142265319824,
  "summary_bg_stdv": 41.88557815551758,
  "summary_fg_k": 1.438502662783006,
  "summary_fg_mad": 107.95871560386485,
  "summary_fg_mean": 689.0775146484375,
  "summary_fg_median": 682.5589599609375,
  "summary_fg_n": 17018.0,
  "summary_fg_p05": 497.5749755859375,
  "summary_fg_p95": 901.9058563232421,
  "summary_fg_stdv": 125.9866943359375,
  "tsnr": 52.06760247051716
}