{
  "aor": 0.0018203225806451612,
  "aqi": 0.011698283709677418,
  "bids_meta": {
    "AcquisitionMatrixPE": 64,
    "AcquisitionNumber": 1,
    "AcquisitionTime": "10:48:41.500000",
    "BandwidthPerPixelPhaseEncode": 72.674,
    "BaseResolution": 64,
    "CoilString": "T:HEA;HEP",
    "ConversionSoftware": "dcm2niix",
    "ConversionSoftwareVersion": "v1.0.20190902",
    "DerivedVendorReportedEchoSpacing": 0.000430002,
    "DeviceSerialNumber": "35002",
    "DwellTime": 2.7e-06,
    "EchoTime": 0.031,
    "EffectiveEchoSpacing": 0.000215001,
    "FlipAngle": 90,
    "ImageOrientationPatientDICOM": [
      1,
      0,
      0,
      0,
      1,
      0
    ],
    "ImageType": [
      "ORIGINAL",
      "PRIMARY",
      "M",
      "ND",
      "MOSAIC"
    ],
    "ImagingFrequency": 123.262,
    "InPlanePhaseEncodingDirectionDICOM": "COL",
    "InstitutionAddress": "University_Pkwy_1700_North_685_Provo_AEC1C0_UT_US_84601",
    "InstitutionName": "Brigham_Young_University",
    "InstitutionalDepartmentName": "MRI",
    "MRAcquisitionType": "2D",
    "MagneticFieldStrength": 3,
    "Manufacturer": "Siemens",
    "ManufacturersModelName": "TrioTim",
    "Modality": "MR",
    "ParallelReductionFactorInPlane": 2,
    "PartialFourier": 1,
    "PatientPosition": "HFS",
    "PercentPhaseFOV": 100,
    "PhaseEncodingDirection": "j-",
    "PhaseEncodingSteps": 63,
    "PhaseResolution": 1,
    "PixelBandwidth": 2894,
    "ProcedureStepDescription": "Research_KIRWAN",
    "ProtocolName": "Daselaar_run1",
    "PulseSequenceDetails": "%CustomerSeq%_ep2d_bold_PMU",
    "ReceiveCoilName": "HeadMatrix",
    "ReconMatrixPE": 64,
    "RefLinesPE": 24,
    "RepetitionTime": 1.8,
    "SAR": 0.195268,
    "ScanOptions": "FS",
    "ScanningSequence": "EP",
    "SequenceName": "epfid2d1_64",
    "SequenceVariant": "SK",
    "SeriesDescription": "Daselaar_run1",
    "SeriesNumber": 5,
    "ShimSetting": [
      -2801,
      -22721,
      2199,
      463,
      41,
      277,
      -556,
      427
    ],
    "SliceThickness": 3.8,
    "SliceTiming": [
      0.9025,
      0,
      0.955,
      0.0525,
      1.0075,
      0.105,
      1.0625,
      0.1575,
      1.115,
      0.2125,
      1.1675,
      0.265,
      1.2225,
      0.3175,
      1.275,
      0.37,
      1.3275,
      0.425,
      1.38,
      0.4775,
      1.435,
      0.53,
      1.4875,
      0.5825,
      1.54,
      0.6375,
      1.5925,
      0.69,
      1.6475,
      0.7425,
      1.7,
      0.795,
      1.7525,
      0.85
    ],
    "SoftwareVersions": "syngo_MR_B17",
    "SpacingBetweenSlices": 3.8,
    "StationName": "MRC35002",
    "TaskName": "RecogConf",
    "TotalReadoutTime": 0.0135451,
    "TxRefAmp": 353.423,
    "dataset": "ds004086",
    "modality": "bold",
    "run_id": 1,
    "subject_id": "040",
    "task_id": "RecogConf"
  },
  "dummy_trs": 0,
  "dvars_nstd": 27.218667204129552,
  "dvars_std": 1.0337009574089064,
  "dvars_vstd": 0.9664814375708496,
  "efc": 0.4482619134712603,
  "fber": 1622.20751953125,
  "fd_mean": 0.1306214044492792,
  "fd_num": 24,
  "fd_perc": 9.67741935483871,
  "fwhm_avg": 1.9871106281603925,
  "fwhm_x": 1.903296,
  "fwhm_y": 2.0791253333333333,
  "fwhm_z": 1.9789105511478444,
  "gcor": 0.00617606,
  "gsr_x": -0.016449688002467155,
  "gsr_y": 0.013536819256842136,
  "provenance": {
    "md5sum": "e2073de4fcfac43144199282eeec50cf",
    "settings": {
      "fd_thres": 0.2,
      "testing": false
    },
    "software": "mriqc",
    "version": "23.0.0",
    "webapi_port": null,
    "webapi_url": "https://mriqc.nimh.nih.gov/api/v1"
  },
  "size_t": 248,
  "size_x": 64,
  "size_y": 64,
  "size_z": 34,
  "snr": 5.3494691736913405,
  "spacing_tr": 1.7999999523162842,
  "spacing_x": 3.75,
  "spacing_y": 3.75,
  "spacing_z": 3.799999952316284,
  "summary_bg_k": 50.11194783085637,
  "summary_bg_mad": 5.350520832839637,
  "summary_bg_mean": 29.072982788085938,
  "summary_bg_median": 16.63306427001953,
  "summary_bg_n": 95745.0,
  "summary_bg_p05": 11.80241870880127,
  "summary_bg_p95": 86.89273834228518,
  "summary_bg_stdv": 40.57249450683594,
  "summary_fg_k": 1.0735181802623694,
  "summary_fg_mad": 110.48074106351208,
  "summary_fg_mean": 675.9938354492188,
  "summary_fg_median": 672.0745849609375,
  "summary_fg_n": 16690.0,
  "summary_fg_p05": 474.86107940673827,
  "summary_fg_p95": 883.4705657958984,
  "summary_fg_stdv": 125.63011932373047,
  "tsnr": 41.178432495566085
}