{
  "aor": 0.0011106854838709675,
  "aqi": 0.007742507177419354,
  "bids_meta": {
    "AcquisitionMatrixPE": 64,
    "AcquisitionNumber": 1,
    "AcquisitionTime": "10:56:30.657500",
    "BandwidthPerPixelPhaseEncode": 72.674,
    "BaseResolution": 64,
    "CoilString": "T:HEA;HEP",
    "ConversionSoftware": "dcm2niix",
    "ConversionSoftwareVersion": "v1.0.20190902",
    "DerivedVendorReportedEchoSpacing": 0.000430002,
    "DeviceSerialNumber": "35002",
    "DwellTime": 2.7e-06,
    "EchoTime": 0.031,
    "EffectiveEchoSpacing": 0.000215001,
    "FlipAngle": 90,
    "ImageOrientationPatientDICOM": [
      1,
      0,
      0,
      0,
      1,
      0
    ],
    "ImageType": [
      "ORIGINAL",
      "PRIMARY",
      "M",
      "ND",
      "MOSAIC"
    ],
    "ImagingFrequency": 123.262,
    "InPlanePhaseEncodingDirectionDICOM": "COL",
    "InstitutionAddress": "University_Pkwy_1700_North_685_Provo_AEC1C0_UT_US_84601",
    "InstitutionName": "Brigham_Young_University",
    "InstitutionalDepartmentName": "MRI",
    "MRAcquisitionType": "2D",
    "MagneticFieldStrength": 3,
    "Manufacturer": "Siemens",
    "ManufacturersModelName": "TrioTim",
    "Modality": "MR",
    "ParallelReductionFactorInPlane": 2,
    "PartialFourier": 1,
    "PatientPosition": "HFS",
    "PercentPhaseFOV": 100,
    "PhaseEncodingDirection": "j-",
    "PhaseEncodingSteps": 63,
    "PhaseResolution": 1,
    "PixelBandwidth": 2894,
    "ProcedureStepDescription": "Research_KIRWAN",
    "ProtocolName": "Daselaar_run2",
    "PulseSequenceDetails": "%CustomerSeq%_ep2d_bold_PMU",
    "ReceiveCoilName": "HeadMatrix",
    "ReconMatrixPE": 64,
    "RefLinesPE": 24,
    "RepetitionTime": 1.8,
    "SAR": 0.195268,
    "ScanOptions": "FS",
    "ScanningSequence": "EP",
    "SequenceName": "epfid2d1_64",
    "SequenceVariant": "SK",
    "SeriesDescription": "Daselaar_run2",
    "SeriesNumber": 6,
    "ShimSetting": [
      -2801,
      -22721,
      2199,
      463,
      41,
      277,
      -556,
      427
    ],
    "SliceThickness": 3.8,
    "SliceTiming": [
      0.9025,
      0,
      0.955,
      0.0525,
      1.01,
      0.105,
      1.0625,
      0.16,
      1.115,
      0.2125,
      1.1675,
      0.265,
      1.2225,
      0.3175,
      1.275,
      0.3725,
      1.3275,
      0.425,
      1.3825,
      0.4775,
      1.435,
      0.53,
      1.4875,
      0.585,
      1.54,
      0.6375,
      1.595,
      0.69,
      1.6475,
      0.7425,
      1.7,
      0.7975,
      1.7525,
      0.85
    ],
    "SoftwareVersions": "syngo_MR_B17",
    "SpacingBetweenSlices": 3.8,
    "StationName": "MRC35002",
    "TaskName": "RecogConf",
    "TotalReadoutTime": 0.0135451,
    "TxRefAmp": 353.423,
    "dataset": "ds004086",
    "modality": "bold",
    "run_id": 2,
    "subject_id": "040",
    "task_id": "RecogConf"
  },
  "dummy_trs": 0,
  "dvars_nstd": 27.48269983068827,
  "dvars_std": 1.0735882209311745,
  "dvars_vstd": 0.9677189376113362,
  "efc": 0.44889651308696654,
  "fber": 1701.1522216796875,
  "fd_mean": 0.13635662131847304,
  "fd_num": 14,
  "fd_perc": 5.645161290322581,
  "fwhm_avg": 1.93597813682947,
  "fwhm_x": 1.8192266666666665,
  "fwhm_y": 2.034386666666667,
  "fwhm_z": 1.9543210771550765,
  "gcor": 0.0102993,
  "gsr_x": -0.017020296305418015,
  "gsr_y": 0.011458898894488811,
  "provenance": {
    "md5sum": "06de7849c6c04318f497e82bd6b1a270",
    "settings": {
      "fd_thres": 0.2,
      "testing": false
    },
    "software": "mriqc",
    "version": "23.0.0",
    "webapi_port": null,
    "webapi_url": "https://mriqc.nimh.nih.gov/api/v1"
  },
  "size_t": 248,
  "size_x": 64,
  "size_y": 64,
  "size_z": 34,
  "snr": 5.422963660723458,
  "spacing_tr": 1.7999999523162842,
  "spacing_x": 3.75,
  "spacing_y": 3.75,
  "spacing_z": 3.799999952316284,
  "summary_bg_k": 51.25422492160115,
  "summary_bg_mad": 4.920085513346338,
  "summary_bg_mean": 29.282541275024414,
  "summary_bg_median": 16.53628921508789,
  "summary_bg_n": 95394.0,
  "summary_bg_p05": 12.32661247253418,
  "summary_bg_p95": 88.84031867980943,
  "summary_bg_stdv": 42.26128387451172,
  "summary_fg_k": 1.4126287595470544,
  "summary_fg_mad": 109.10573247524349,
  "summary_fg_mean": 691.635498046875,
  "summary_fg_median": 684.70361328125,
  "summary_fg_n": 16816.0,
  "summary_fg_p05": 500.4062271118164,
  "summary_fg_p95": 903.3346557617188,
  "summary_fg_stdv": 126.25628662109375,
  "tsnr": 51.28746652090922
}