{
  "bids_meta": {
    "AcquisitionMatrixPE": 215,
    "AcquisitionNumber": 1,
    "AcquisitionTime": "11:59:18.987500",
    "BaseResolution": 256,
    "CoilString": "C:HEA;HEP",
    "ConversionSoftware": "dcm2niix",
    "ConversionSoftwareVersion": "v1.0.20190902",
    "DeviceSerialNumber": "35002",
    "DwellTime": 9.8e-06,
    "EchoTime": 0.00226,
    "FlipAngle": 9,
    "ImageOrientationPatientDICOM": [
      0,
      1,
      0,
      0,
      0,
      -1
    ],
    "ImageType": [
      "ORIGINAL",
      "PRIMARY",
      "M",
      "ND",
      "NORM"
    ],
    "ImagingFrequency": 123.263,
    "InPlanePhaseEncodingDirectionDICOM": "ROW",
    "InstitutionAddress": "University_Pkwy_1700_North_685_Provo_AEC1C0_UT_US_84601",
    "InstitutionName": "Brigham_Young_University",
    "InstitutionalDepartmentName": "MRI",
    "InversionTime": 0.9,
    "MRAcquisitionType": "3D",
    "MagneticFieldStrength": 3,
    "Manufacturer": "Siemens",
    "ManufacturersModelName": "TrioTim",
    "Modality": "MR",
    "PartialFourier": 0.875,
    "PatientPosition": "HFS",
    "PercentPhaseFOV": 87.5,
    "PhaseEncodingSteps": 227,
    "PhaseOversampling": 0.2,
    "PhaseResolution": 0.96,
    "PixelBandwidth": 199,
    "ProcedureStepDescription": "Research_KIRWAN",
    "ProtocolName": "t1_mpr_sag_iso_(mprage)",
    "PulseSequenceDetails": "%SiemensSeq%_tfl",
    "ReceiveCoilName": "HeadMatrix",
    "ReconMatrixPE": 224,
    "RepetitionTime": 1.9,
    "SAR": 0.105992,
    "ScanOptions": "IR_PFP",
    "ScanningSequence": "GR_IR",
    "SequenceName": "_tfl3d1_ns",
    "SequenceVariant": "SP_MP_OSP",
    "SeriesDescription": "t1_mpr_sag_iso_(mprage)",
    "SeriesNumber": 2,
    "ShimSetting": [
      -2768,
      -22810,
      1838,
      -69,
      10,
      173,
      -426,
      363
    ],
    "SliceThickness": 1,
    "SoftwareVersions": "syngo_MR_B17",
    "StationName": "MRC35002",
    "TxRefAmp": 354.293,
    "dataset": "ds004086",
    "modality": "T1w",
    "subject_id": "033"
  },
  "cjv": 0.3482640182226577,
  "cnr": 3.9111616541547094,
  "efc": 0.6195598311372754,
  "fber": 9908.285791443232,
  "fwhm_avg": 4.415827279999999,
  "fwhm_x": 4.33391,
  "fwhm_y": 4.64478208,
  "fwhm_z": 4.26878976,
  "icvs_csf": 0.17489842271201286,
  "icvs_gm": 0.44340186379280694,
  "icvs_wm": 0.38169971349518017,
  "inu_med": 0.40627384185791016,
  "inu_range": 0.15393277406692507,
  "provenance": {
    "md5sum": "9e683795f0931c3f603278162061712a",
    "settings": {
      "testing": false
    },
    "software": "mriqc",
    "version": "23.0.0",
    "warnings": {
      "large_rot_frame": true,
      "small_air_mask": false
    },
    "webapi_port": null,
    "webapi_url": "https://mriqc.nimh.nih.gov/api/v1"
  },
  "qi_1": 0.0,
  "qi_2": 0.005867019727741457,
  "rpve_csf": 22.9525469359488,
  "rpve_gm": 10.191172514902066,
  "rpve_wm": 13.687032451346226,
  "size_x": 176,
  "size_y": 224,
  "size_z": 256,
  "snr_csf": 2.3550613389428756,
  "snr_gm": 13.43912589793949,
  "snr_total": 14.386138706587156,
  "snr_wm": 27.364228882879107,
  "snrd_csf": 27.36264172141792,
  "snrd_gm": 62.59468383873842,
  "snrd_total": 58.18898258260872,
  "snrd_wm": 84.60962218766983,
  "spacing_x": 1.0,
  "spacing_y": 0.9765625,
  "spacing_z": 0.9765625,
  "summary_bg_k": 7.212363452107811,
  "summary_bg_mad": 0.0,
  "summary_bg_mean": 4.730468212851173,
  "summary_bg_median": 0.0,
  "summary_bg_n": 2229199.0,
  "summary_bg_p05": 0.0,
  "summary_bg_p95": 20.16036629676819,
  "summary_bg_stdv": 7.743403084260734,
  "summary_csf_k": 9.779463613572217,
  "summary_csf_mad": 105.6332838751641,
  "summary_csf_mean": 323.42871769431014,
  "summary_csf_median": 323.4135125130415,
  "summary_csf_n": 21618.0,
  "summary_csf_p05": 87.17983852922917,
  "summary_csf_p95": 533.9358466163277,
  "summary_csf_stdv": 137.32382545131284,
  "summary_gm_k": 0.008244990881010494,
  "summary_gm_mad": 55.16027428079308,
  "summary_gm_mean": 737.9954460051862,
  "summary_gm_median": 739.8396240770817,
  "summary_gm_n": 58113.0,
  "summary_gm_p05": 645.131721496582,
  "summary_gm_p95": 825.5211808383465,
  "summary_gm_stdv": 55.05069780149441,
  "summary_wm_k": 0.3230286641881248,
  "summary_wm_mad": 35.46017632336698,
  "summary_wm_mean": 1001.2410551221427,
  "summary_wm_median": 1000.0458063483238,
  "summary_wm_n": 262523.0,
  "summary_wm_p05": 943.4135046601295,
  "summary_wm_p95": 1063.138589054346,
  "summary_wm_stdv": 36.54566353557786,
  "tpm_overlap_csf": 0.1558422305211878,
  "tpm_overlap_gm": 0.45888338066993917,
  "tpm_overlap_wm": 0.518938367203934,
  "wm2max": 0.4372545877073483
}