{
  "aor": 0.0016224193548387098,
  "aqi": 0.004657216451612903,
  "bids_meta": {
    "AcquisitionMatrixPE": 64,
    "AcquisitionNumber": 1,
    "AcquisitionTime": "12:43:17.280000",
    "BandwidthPerPixelPhaseEncode": 72.674,
    "BaseResolution": 64,
    "CoilString": "T:HEA;HEP",
    "ConversionSoftware": "dcm2niix",
    "ConversionSoftwareVersion": "v1.0.20190902",
    "DerivedVendorReportedEchoSpacing": 0.000430002,
    "DeviceSerialNumber": "35002",
    "DwellTime": 2.7e-06,
    "EchoTime": 0.031,
    "EffectiveEchoSpacing": 0.000215001,
    "FlipAngle": 90,
    "ImageOrientationPatientDICOM": [
      1,
      0,
      0,
      0,
      1,
      0
    ],
    "ImageType": [
      "ORIGINAL",
      "PRIMARY",
      "M",
      "ND",
      "MOSAIC"
    ],
    "ImagingFrequency": 123.263,
    "InPlanePhaseEncodingDirectionDICOM": "COL",
    "InstitutionAddress": "University_Pkwy_1700_North_685_Provo_AEC1C0_UT_US_84601",
    "InstitutionName": "Brigham_Young_University",
    "InstitutionalDepartmentName": "MRI",
    "MRAcquisitionType": "2D",
    "MagneticFieldStrength": 3,
    "Manufacturer": "Siemens",
    "ManufacturersModelName": "TrioTim",
    "Modality": "MR",
    "ParallelReductionFactorInPlane": 2,
    "PartialFourier": 1,
    "PatientPosition": "HFS",
    "PercentPhaseFOV": 100,
    "PhaseEncodingDirection": "j-",
    "PhaseEncodingSteps": 63,
    "PhaseResolution": 1,
    "PixelBandwidth": 2894,
    "ProcedureStepDescription": "Research_KIRWAN",
    "ProtocolName": "Daselaar_run2",
    "PulseSequenceDetails": "%CustomerSeq%_ep2d_bold_PMU",
    "ReceiveCoilName": "HeadMatrix",
    "ReconMatrixPE": 64,
    "RefLinesPE": 24,
    "RepetitionTime": 1.8,
    "SAR": 0.185397,
    "ScanOptions": "FS",
    "ScanningSequence": "EP",
    "SequenceName": "epfid2d1_64",
    "SequenceVariant": "SK",
    "SeriesDescription": "Daselaar_run2",
    "SeriesNumber": 7,
    "ShimSetting": [
      -2782,
      -22811,
      2372,
      710,
      -56,
      501,
      -564,
      449
    ],
    "SliceThickness": 3.8,
    "SliceTiming": [
      0.9025,
      0,
      0.955,
      0.0525,
      1.0075,
      0.105,
      1.0625,
      0.1575,
      1.115,
      0.2125,
      1.1675,
      0.265,
      1.2225,
      0.3175,
      1.275,
      0.37,
      1.3275,
      0.425,
      1.38,
      0.4775,
      1.435,
      0.53,
      1.4875,
      0.5825,
      1.54,
      0.6375,
      1.5925,
      0.69,
      1.6475,
      0.7425,
      1.7,
      0.795,
      1.7525,
      0.85
    ],
    "SoftwareVersions": "syngo_MR_B17",
    "SpacingBetweenSlices": 3.8,
    "StationName": "MRC35002",
    "TaskName": "RecogConf",
    "TotalReadoutTime": 0.0135451,
    "TxRefAmp": 331.281,
    "dataset": "ds004086",
    "modality": "bold",
    "run_id": 2,
    "subject_id": "004",
    "task_id": "RecogConf"
  },
  "dummy_trs": 0,
  "dvars_nstd": 25.79931414352227,
  "dvars_std": 1.1829913306882593,
  "dvars_vstd": 1.002557324048583,
  "efc": 0.4730240026279079,
  "fber": 1798.758056640625,
  "fd_mean": 0.08558869134291462,
  "fd_num": 5,
  "fd_perc": 2.0161290322580645,
  "fwhm_avg": 1.9373091777095777,
  "fwhm_x": 1.821312,
  "fwhm_y": 2.0495786666666667,
  "fwhm_z": 1.9410368664620659,
  "gcor": 0.0316396,
  "gsr_x": -0.010395314544439316,
  "gsr_y": 0.014392732642591,
  "provenance": {
    "md5sum": "0e895fa388b0e88e72c90186371034a2",
    "settings": {
      "fd_thres": 0.2,
      "testing": false
    },
    "software": "mriqc",
    "version": "23.0.0",
    "webapi_port": null,
    "webapi_url": "https://mriqc.nimh.nih.gov/api/v1"
  },
  "size_t": 248,
  "size_x": 64,
  "size_y": 64,
  "size_z": 34,
  "snr": 5.304183015784748,
  "spacing_tr": 1.7999999523162842,
  "spacing_x": 3.75,
  "spacing_y": 3.75,
  "spacing_z": 3.799999952316284,
  "summary_bg_k": 42.342984062521516,
  "summary_bg_mad": 4.991826382834821,
  "summary_bg_mean": 30.121681213378906,
  "summary_bg_median": 16.77822494506836,
  "summary_bg_n": 90507.0,
  "summary_bg_p05": 12.560483932495117,
  "summary_bg_p95": 101.6749946594238,
  "summary_bg_stdv": 43.64756393432617,
  "summary_fg_k": 1.4993596566847538,
  "summary_fg_mad": 118.26738890898257,
  "summary_fg_mean": 722.2178344726562,
  "summary_fg_median": 714.4677124023438,
  "summary_fg_n": 20221.0,
  "summary_fg_p05": 522.1814575195312,
  "summary_fg_p95": 954.758056640625,
  "summary_fg_stdv": 134.69558715820312,
  "tsnr": 65.24121851706877
}