{
  "aor": 0.0007915322580645161,
  "aqi": 0.005031032943548387,
  "bids_meta": {
    "AcquisitionMatrixPE": 64,
    "AcquisitionNumber": 1,
    "AcquisitionTime": "16:31:9.017500",
    "BandwidthPerPixelPhaseEncode": 72.674,
    "BaseResolution": 64,
    "CoilString": "T:HEA;HEP",
    "ConversionSoftware": "dcm2niix",
    "ConversionSoftwareVersion": "v1.0.20190902",
    "DerivedVendorReportedEchoSpacing": 0.000430002,
    "DeviceSerialNumber": "35002",
    "DwellTime": 2.7e-06,
    "EchoTime": 0.031,
    "EffectiveEchoSpacing": 0.000215001,
    "FlipAngle": 90,
    "ImageOrientationPatientDICOM": [
      1,
      0,
      0,
      0,
      1,
      0
    ],
    "ImageType": [
      "ORIGINAL",
      "PRIMARY",
      "M",
      "ND",
      "MOSAIC"
    ],
    "ImagingFrequency": 123.263,
    "InPlanePhaseEncodingDirectionDICOM": "COL",
    "InstitutionAddress": "University_Pkwy_1700_North_685_Provo_AEC1C0_UT_US_84601",
    "InstitutionName": "Brigham_Young_University",
    "InstitutionalDepartmentName": "MRI",
    "MRAcquisitionType": "2D",
    "MagneticFieldStrength": 3,
    "Manufacturer": "Siemens",
    "ManufacturersModelName": "TrioTim",
    "Modality": "MR",
    "ParallelReductionFactorInPlane": 2,
    "PartialFourier": 1,
    "PatientPosition": "HFS",
    "PercentPhaseFOV": 100,
    "PhaseEncodingDirection": "j-",
    "PhaseEncodingSteps": 63,
    "PhaseResolution": 1,
    "PixelBandwidth": 2894,
    "ProcedureStepDescription": "Research_KIRWAN",
    "ProtocolName": "Daselaar_run3",
    "PulseSequenceDetails": "%CustomerSeq%_ep2d_bold_PMU",
    "ReceiveCoilName": "HeadMatrix",
    "ReconMatrixPE": 64,
    "RefLinesPE": 24,
    "RepetitionTime": 1.8,
    "SAR": 0.164577,
    "ScanOptions": "FS",
    "ScanningSequence": "EP",
    "SequenceName": "epfid2d1_64",
    "SequenceVariant": "SK",
    "SeriesDescription": "Daselaar_run3",
    "SeriesNumber": 7,
    "ShimSetting": [
      -2803,
      -22841,
      2351,
      827,
      78,
      548,
      -255,
      432
    ],
    "SliceThickness": 3.8,
    "SliceTiming": [
      0.9025,
      0,
      0.955,
      0.0525,
      1.0075,
      0.105,
      1.0625,
      0.1575,
      1.115,
      0.2125,
      1.1675,
      0.265,
      1.22,
      0.3175,
      1.275,
      0.37,
      1.3275,
      0.425,
      1.38,
      0.4775,
      1.4325,
      0.53,
      1.4875,
      0.5825,
      1.54,
      0.6375,
      1.5925,
      0.69,
      1.6475,
      0.7425,
      1.7,
      0.795,
      1.7525,
      0.85
    ],
    "SoftwareVersions": "syngo_MR_B17",
    "SpacingBetweenSlices": 3.8,
    "StationName": "MRC35002",
    "TaskName": "RecogConf",
    "TotalReadoutTime": 0.0135451,
    "TxRefAmp": 324.093,
    "dataset": "ds004086",
    "modality": "bold",
    "run_id": 3,
    "subject_id": "025",
    "task_id": "RecogConf"
  },
  "dummy_trs": 0,
  "dvars_nstd": 25.2643219717814,
  "dvars_std": 1.1570794882186233,
  "dvars_vstd": 1.0064997799595148,
  "efc": 0.4659280753208373,
  "fber": 1912.1334228515625,
  "fd_mean": 0.10533872145878896,
  "fd_num": 27,
  "fd_perc": 10.887096774193548,
  "fwhm_avg": 1.9273020664227893,
  "fwhm_x": 1.8347146666666667,
  "fwhm_y": 2.0481546666666666,
  "fwhm_z": 1.8990368659350352,
  "gcor": 0.0317344,
  "gsr_x": -0.018070504069328308,
  "gsr_y": 0.02276543155312538,
  "provenance": {
    "md5sum": "66f8671c6f6867cac18a99e1b8595a11",
    "settings": {
      "fd_thres": 0.2,
      "testing": false
    },
    "software": "mriqc",
    "version": "23.0.0",
    "webapi_port": null,
    "webapi_url": "https://mriqc.nimh.nih.gov/api/v1"
  },
  "size_t": 248,
  "size_x": 64,
  "size_y": 64,
  "size_z": 34,
  "snr": 5.636468013175798,
  "spacing_tr": 1.7999999523162842,
  "spacing_x": 3.75,
  "spacing_y": 3.75,
  "spacing_z": 3.799999952316284,
  "summary_bg_k": 109.35346936002342,
  "summary_bg_mad": 5.123346361511573,
  "summary_bg_mean": 29.4984188079834,
  "summary_bg_median": 17.520160675048828,
  "summary_bg_n": 90574.0,
  "summary_bg_p05": 13.008064270019531,
  "summary_bg_p95": 86.10100631713857,
  "summary_bg_stdv": 42.56181716918945,
  "summary_fg_k": 1.4853291142167526,
  "summary_fg_mad": 116.80578056954761,
  "summary_fg_mean": 779.2249755859375,
  "summary_fg_median": 767.4757690429688,
  "summary_fg_n": 20022.0,
  "summary_fg_p05": 573.4417297363282,
  "summary_fg_p95": 1010.987451171875,
  "summary_fg_stdv": 136.1591339111328,
  "tsnr": 66.73006662272383
}