{
  "aor": 0.0005466396761133604,
  "aqi": 0.004501737449392712,
  "bids_meta": {
    "AcquisitionMatrixPE": 64,
    "AcquisitionNumber": 1,
    "AcquisitionTime": "16:15:20.255000",
    "BandwidthPerPixelPhaseEncode": 72.674,
    "BaseResolution": 64,
    "CoilString": "T:HEA;HEP",
    "ConversionSoftware": "dcm2niix",
    "ConversionSoftwareVersion": "v1.0.20190902",
    "DerivedVendorReportedEchoSpacing": 0.000430002,
    "DeviceSerialNumber": "35002",
    "DwellTime": 2.7e-06,
    "EchoTime": 0.031,
    "EffectiveEchoSpacing": 0.000215001,
    "FlipAngle": 90,
    "ImageOrientationPatientDICOM": [
      1,
      0,
      0,
      0,
      1,
      0
    ],
    "ImageType": [
      "ORIGINAL",
      "PRIMARY",
      "M",
      "ND",
      "MOSAIC"
    ],
    "ImagingFrequency": 123.263,
    "InPlanePhaseEncodingDirectionDICOM": "COL",
    "InstitutionAddress": "University_Pkwy_1700_North_685_Provo_AEC1C0_UT_US_84601",
    "InstitutionName": "Brigham_Young_University",
    "InstitutionalDepartmentName": "MRI",
    "MRAcquisitionType": "2D",
    "MagneticFieldStrength": 3,
    "Manufacturer": "Siemens",
    "ManufacturersModelName": "TrioTim",
    "Modality": "MR",
    "ParallelReductionFactorInPlane": 2,
    "PartialFourier": 1,
    "PatientPosition": "HFS",
    "PercentPhaseFOV": 100,
    "PhaseEncodingDirection": "j-",
    "PhaseEncodingSteps": 63,
    "PhaseResolution": 1,
    "PixelBandwidth": 2894,
    "ProcedureStepDescription": "Research_KIRWAN",
    "ProtocolName": "Daselaar_run1",
    "PulseSequenceDetails": "%CustomerSeq%_ep2d_bold_PMU",
    "ReceiveCoilName": "HeadMatrix",
    "ReconMatrixPE": 64,
    "RefLinesPE": 24,
    "RepetitionTime": 1.8,
    "SAR": 0.164577,
    "ScanOptions": "FS",
    "ScanningSequence": "EP",
    "SequenceName": "epfid2d1_64",
    "SequenceVariant": "SK",
    "SeriesDescription": "Daselaar_run1",
    "SeriesNumber": 5,
    "ShimSetting": [
      -2803,
      -22841,
      2351,
      827,
      78,
      548,
      -255,
      432
    ],
    "SliceThickness": 3.8,
    "SliceTiming": [
      0.9025,
      0,
      0.9575,
      0.0525,
      1.01,
      0.1075,
      1.0625,
      0.16,
      1.115,
      0.2125,
      1.17,
      0.265,
      1.2225,
      0.32,
      1.275,
      0.3725,
      1.3275,
      0.425,
      1.3825,
      0.4775,
      1.435,
      0.5325,
      1.4875,
      0.585,
      1.54,
      0.6375,
      1.595,
      0.69,
      1.6475,
      0.745,
      1.7,
      0.7975,
      1.755,
      0.85
    ],
    "SoftwareVersions": "syngo_MR_B17",
    "SpacingBetweenSlices": 3.8,
    "StationName": "MRC35002",
    "TaskName": "RecogConf",
    "TotalReadoutTime": 0.0135451,
    "TxRefAmp": 324.093,
    "dataset": "ds004086",
    "modality": "bold",
    "run_id": 1,
    "subject_id": "025",
    "task_id": "RecogConf"
  },
  "dummy_trs": 1,
  "dvars_nstd": 25.018193423414626,
  "dvars_std": 1.1564001888211373,
  "dvars_vstd": 1.0084466474390246,
  "efc": 0.4652025029862636,
  "fber": 1915.9908447265625,
  "fd_mean": 0.07474401981784518,
  "fd_num": 6,
  "fd_perc": 2.42914979757085,
  "fwhm_avg": 1.9348767682478316,
  "fwhm_x": 1.8286133333333334,
  "fwhm_y": 2.060088,
  "fwhm_z": 1.915928971410161,
  "gcor": 0.0132111,
  "gsr_x": -0.01801716536283493,
  "gsr_y": 0.02250363677740097,
  "provenance": {
    "md5sum": "712c271fe212d8750096d8c60441a38d",
    "settings": {
      "fd_thres": 0.2,
      "testing": false
    },
    "software": "mriqc",
    "version": "23.0.0",
    "webapi_port": null,
    "webapi_url": "https://mriqc.nimh.nih.gov/api/v1"
  },
  "size_t": 247,
  "size_x": 64,
  "size_y": 64,
  "size_z": 34,
  "snr": 5.674691446979256,
  "spacing_tr": 1.7999999523162842,
  "spacing_x": 3.75,
  "spacing_y": 3.75,
  "spacing_z": 3.799999952316284,
  "summary_bg_k": 118.16991114579844,
  "summary_bg_mad": 5.07206066770432,
  "summary_bg_mean": 29.206384658813477,
  "summary_bg_median": 17.595142364501953,
  "summary_bg_n": 90620.0,
  "summary_bg_p05": 13.174089431762695,
  "summary_bg_p95": 82.94878921508797,
  "summary_bg_stdv": 41.83627700805664,
  "summary_fg_k": 1.5188136053334356,
  "summary_fg_mad": 115.82300460555346,
  "summary_fg_mean": 783.3848876953125,
  "summary_fg_median": 771.5506591796875,
  "summary_fg_n": 19976.0,
  "summary_fg_p05": 579.6852569580078,
  "summary_fg_p95": 1015.5617523193359,
  "summary_fg_stdv": 135.96005249023438,
  "tsnr": 69.78437106544152
}