{
  "aor": 0.000897298387096774,
  "aqi": 0.004789689193548387,
  "bids_meta": {
    "AcquisitionMatrixPE": 64,
    "AcquisitionNumber": 1,
    "AcquisitionTime": "16:39:11.637500",
    "BandwidthPerPixelPhaseEncode": 72.674,
    "BaseResolution": 64,
    "CoilString": "T:HEA;HEP",
    "ConversionSoftware": "dcm2niix",
    "ConversionSoftwareVersion": "v1.0.20190902",
    "DerivedVendorReportedEchoSpacing": 0.000430002,
    "DeviceSerialNumber": "35002",
    "DwellTime": 2.7e-06,
    "EchoTime": 0.031,
    "EffectiveEchoSpacing": 0.000215001,
    "FlipAngle": 90,
    "ImageOrientationPatientDICOM": [
      1,
      0,
      0,
      0,
      1,
      0
    ],
    "ImageType": [
      "ORIGINAL",
      "PRIMARY",
      "M",
      "ND",
      "MOSAIC"
    ],
    "ImagingFrequency": 123.263,
    "InPlanePhaseEncodingDirectionDICOM": "COL",
    "InstitutionAddress": "University_Pkwy_1700_North_685_Provo_AEC1C0_UT_US_84601",
    "InstitutionName": "Brigham_Young_University",
    "InstitutionalDepartmentName": "MRI",
    "MRAcquisitionType": "2D",
    "MagneticFieldStrength": 3,
    "Manufacturer": "Siemens",
    "ManufacturersModelName": "TrioTim",
    "Modality": "MR",
    "ParallelReductionFactorInPlane": 2,
    "PartialFourier": 1,
    "PatientPosition": "HFS",
    "PercentPhaseFOV": 100,
    "PhaseEncodingDirection": "j-",
    "PhaseEncodingSteps": 63,
    "PhaseResolution": 1,
    "PixelBandwidth": 2894,
    "ProcedureStepDescription": "Research_KIRWAN",
    "ProtocolName": "Daselaar_run4",
    "PulseSequenceDetails": "%CustomerSeq%_ep2d_bold_PMU",
    "ReceiveCoilName": "HeadMatrix",
    "ReconMatrixPE": 64,
    "RefLinesPE": 24,
    "RepetitionTime": 1.8,
    "SAR": 0.164577,
    "ScanOptions": "FS",
    "ScanningSequence": "EP",
    "SequenceName": "epfid2d1_64",
    "SequenceVariant": "SK",
    "SeriesDescription": "Daselaar_run4",
    "SeriesNumber": 8,
    "ShimSetting": [
      -2803,
      -22841,
      2351,
      827,
      78,
      548,
      -255,
      432
    ],
    "SliceThickness": 3.8,
    "SliceTiming": [
      0.905,
      0,
      0.9575,
      0.055,
      1.01,
      0.1075,
      1.065,
      0.16,
      1.1175,
      0.2125,
      1.17,
      0.2675,
      1.2225,
      0.32,
      1.2775,
      0.3725,
      1.33,
      0.425,
      1.3825,
      0.48,
      1.435,
      0.5325,
      1.49,
      0.585,
      1.5425,
      0.64,
      1.595,
      0.6925,
      1.6475,
      0.745,
      1.7025,
      0.7975,
      1.755,
      0.8525
    ],
    "SoftwareVersions": "syngo_MR_B17",
    "SpacingBetweenSlices": 3.8,
    "StationName": "MRC35002",
    "TaskName": "RecogConf",
    "TotalReadoutTime": 0.0135451,
    "TxRefAmp": 324.093,
    "dataset": "ds004086",
    "modality": "bold",
    "run_id": 4,
    "subject_id": "025",
    "task_id": "RecogConf"
  },
  "dummy_trs": 0,
  "dvars_nstd": 24.61633130125505,
  "dvars_std": 1.1551694143724691,
  "dvars_vstd": 1.0103973422672061,
  "efc": 0.46615989833303323,
  "fber": 1923.265869140625,
  "fd_mean": 0.08346315067986948,
  "fd_num": 13,
  "fd_perc": 5.241935483870968,
  "fwhm_avg": 1.926092955327782,
  "fwhm_x": 1.8347546666666665,
  "fwhm_y": 2.040637333333333,
  "fwhm_z": 1.9028868659833464,
  "gcor": 0.0398335,
  "gsr_x": -0.017788290977478027,
  "gsr_y": 0.022442320361733437,
  "provenance": {
    "md5sum": "0ae6400f28ece9d898ca955c0d9a6213",
    "settings": {
      "fd_thres": 0.2,
      "testing": false
    },
    "software": "mriqc",
    "version": "23.0.0",
    "webapi_port": null,
    "webapi_url": "https://mriqc.nimh.nih.gov/api/v1"
  },
  "size_t": 248,
  "size_x": 64,
  "size_y": 64,
  "size_z": 34,
  "snr": 5.6383290476842225,
  "spacing_tr": 1.7999999523162842,
  "spacing_x": 3.75,
  "spacing_y": 3.75,
  "spacing_z": 3.799999952316284,
  "summary_bg_k": 103.31702814277153,
  "summary_bg_mad": 5.093454686037953,
  "summary_bg_mean": 29.614734649658203,
  "summary_bg_median": 17.483869552612305,
  "summary_bg_n": 90607.0,
  "summary_bg_p05": 13.096774101257324,
  "summary_bg_p95": 86.81854248046875,
  "summary_bg_stdv": 42.823726654052734,
  "summary_fg_k": 1.5042975984191198,
  "summary_fg_mad": 116.45006100650161,
  "summary_fg_mean": 780.1039428710938,
  "summary_fg_median": 768.4838256835938,
  "summary_fg_n": 19991.0,
  "summary_fg_p05": 575.5201416015625,
  "summary_fg_p95": 1012.0302124023438,
  "summary_fg_stdv": 136.29296875,
  "tsnr": 67.42630045418628
}