{
  "aor": 0.002640404858299596,
  "aqi": 0.02378622145748988,
  "bids_meta": {
    "AcquisitionMatrixPE": 64,
    "AcquisitionNumber": 1,
    "AcquisitionTime": "13:00:37.312500",
    "BandwidthPerPixelPhaseEncode": 72.674,
    "BaseResolution": 64,
    "CoilString": "T:HEA;HEP",
    "ConversionSoftware": "dcm2niix",
    "ConversionSoftwareVersion": "v1.0.20190902",
    "DerivedVendorReportedEchoSpacing": 0.000430002,
    "DeviceSerialNumber": "35002",
    "DwellTime": 2.7e-06,
    "EchoTime": 0.031,
    "EffectiveEchoSpacing": 0.000215001,
    "FlipAngle": 90,
    "ImageOrientationPatientDICOM": [
      1,
      0,
      0,
      0,
      1,
      0
    ],
    "ImageType": [
      "ORIGINAL",
      "PRIMARY",
      "M",
      "ND",
      "MOSAIC"
    ],
    "ImagingFrequency": 123.263,
    "InPlanePhaseEncodingDirectionDICOM": "COL",
    "InstitutionAddress": "University_Pkwy_1700_North_685_Provo_AEC1C0_UT_US_84601",
    "InstitutionName": "Brigham_Young_University",
    "InstitutionalDepartmentName": "MRI",
    "MRAcquisitionType": "2D",
    "MagneticFieldStrength": 3,
    "Manufacturer": "Siemens",
    "ManufacturersModelName": "TrioTim",
    "Modality": "MR",
    "ParallelReductionFactorInPlane": 2,
    "PartialFourier": 1,
    "PatientPosition": "HFS",
    "PercentPhaseFOV": 100,
    "PhaseEncodingDirection": "j-",
    "PhaseEncodingSteps": 63,
    "PhaseResolution": 1,
    "PixelBandwidth": 2894,
    "ProcedureStepDescription": "Research_KIRWAN",
    "ProtocolName": "Daselaar_run4",
    "PulseSequenceDetails": "%CustomerSeq%_ep2d_bold_PMU",
    "ReceiveCoilName": "HeadMatrix",
    "ReconMatrixPE": 64,
    "RefLinesPE": 24,
    "RepetitionTime": 1.8,
    "SAR": 0.159484,
    "ScanOptions": "FS",
    "ScanningSequence": "EP",
    "SequenceName": "epfid2d1_64",
    "SequenceVariant": "SK",
    "SeriesDescription": "Daselaar_run4",
    "SeriesNumber": 8,
    "ShimSetting": [
      -2794,
      -22782,
      2274,
      398,
      123,
      50,
      -450,
      411
    ],
    "SliceThickness": 3.8,
    "SliceTiming": [
      0.905,
      0,
      0.9575,
      0.055,
      1.01,
      0.1075,
      1.0625,
      0.16,
      1.1175,
      0.2125,
      1.17,
      0.2675,
      1.2225,
      0.32,
      1.2775,
      0.3725,
      1.33,
      0.425,
      1.3825,
      0.48,
      1.435,
      0.5325,
      1.49,
      0.585,
      1.5425,
      0.6375,
      1.595,
      0.6925,
      1.6475,
      0.745,
      1.7025,
      0.7975,
      1.755,
      0.85
    ],
    "SoftwareVersions": "syngo_MR_B17",
    "SpacingBetweenSlices": 3.8,
    "StationName": "MRC35002",
    "TaskName": "RecogConf",
    "TotalReadoutTime": 0.0135451,
    "TxRefAmp": 317.1,
    "dataset": "ds004086",
    "modality": "bold",
    "run_id": 4,
    "subject_id": "053",
    "task_id": "RecogConf"
  },
  "dummy_trs": 1,
  "dvars_nstd": 24.59020624703252,
  "dvars_std": 0.959229896707317,
  "dvars_vstd": 0.9066654125203251,
  "efc": 0.449266590328261,
  "fber": 2072.64794921875,
  "fd_mean": 0.2287865645036518,
  "fd_num": 73,
  "fd_perc": 29.554655870445345,
  "fwhm_avg": 1.888623750425938,
  "fwhm_x": 1.7944719999999998,
  "fwhm_y": 2.0219413333333334,
  "fwhm_z": 1.8494579179444806,
  "gcor": 0.0130763,
  "gsr_x": -0.017302263528108597,
  "gsr_y": 0.01496332697570324,
  "provenance": {
    "md5sum": "b42dc1a1e5d068aefeb144907375e99d",
    "settings": {
      "fd_thres": 0.2,
      "testing": false
    },
    "software": "mriqc",
    "version": "23.0.0",
    "webapi_port": null,
    "webapi_url": "https://mriqc.nimh.nih.gov/api/v1"
  },
  "size_t": 247,
  "size_x": 64,
  "size_y": 64,
  "size_z": 34,
  "snr": 6.431078758409675,
  "spacing_tr": 1.7999999523162842,
  "spacing_x": 3.75,
  "spacing_y": 3.75,
  "spacing_z": 3.799999952316284,
  "summary_bg_k": 56.46859975152649,
  "summary_bg_mad": 5.3541758151535905,
  "summary_bg_mean": 27.837787628173828,
  "summary_bg_median": 16.40485954284668,
  "summary_bg_n": 94026.0,
  "summary_bg_p05": 11.85830020904541,
  "summary_bg_p95": 78.73077201843262,
  "summary_bg_stdv": 37.51905822753906,
  "summary_fg_k": 1.7383362546240875,
  "summary_fg_mad": 99.04319430405735,
  "summary_fg_mean": 739.5675659179688,
  "summary_fg_median": 744.8016357421875,
  "summary_fg_n": 17716.0,
  "summary_fg_p05": 546.5617370605469,
  "summary_fg_p95": 919.2652130126953,
  "summary_fg_stdv": 115.8095932006836,
  "tsnr": 34.50184102868661
}