{
  "aor": 0.003160927419354838,
  "aqi": 0.019442016532258063,
  "bids_meta": {
    "AcquisitionMatrixPE": 64,
    "AcquisitionNumber": 1,
    "AcquisitionTime": "12:37:9.747500",
    "BandwidthPerPixelPhaseEncode": 72.674,
    "BaseResolution": 64,
    "CoilString": "T:HEA;HEP",
    "ConversionSoftware": "dcm2niix",
    "ConversionSoftwareVersion": "v1.0.20190902",
    "DerivedVendorReportedEchoSpacing": 0.000430002,
    "DeviceSerialNumber": "35002",
    "DwellTime": 2.7e-06,
    "EchoTime": 0.031,
    "EffectiveEchoSpacing": 0.000215001,
    "FlipAngle": 90,
    "ImageOrientationPatientDICOM": [
      1,
      0,
      0,
      0,
      1,
      0
    ],
    "ImageType": [
      "ORIGINAL",
      "PRIMARY",
      "M",
      "ND",
      "MOSAIC"
    ],
    "ImagingFrequency": 123.263,
    "InPlanePhaseEncodingDirectionDICOM": "COL",
    "InstitutionAddress": "University_Pkwy_1700_North_685_Provo_AEC1C0_UT_US_84601",
    "InstitutionName": "Brigham_Young_University",
    "InstitutionalDepartmentName": "MRI",
    "MRAcquisitionType": "2D",
    "MagneticFieldStrength": 3,
    "Manufacturer": "Siemens",
    "ManufacturersModelName": "TrioTim",
    "Modality": "MR",
    "ParallelReductionFactorInPlane": 2,
    "PartialFourier": 1,
    "PatientPosition": "HFS",
    "PercentPhaseFOV": 100,
    "PhaseEncodingDirection": "j-",
    "PhaseEncodingSteps": 63,
    "PhaseResolution": 1,
    "PixelBandwidth": 2894,
    "ProcedureStepDescription": "Research_KIRWAN",
    "ProtocolName": "Daselaar_run1",
    "PulseSequenceDetails": "%CustomerSeq%_ep2d_bold_PMU",
    "ReceiveCoilName": "HeadMatrix",
    "ReconMatrixPE": 64,
    "RefLinesPE": 24,
    "RepetitionTime": 1.8,
    "SAR": 0.159484,
    "ScanOptions": "FS",
    "ScanningSequence": "EP",
    "SequenceName": "epfid2d1_64",
    "SequenceVariant": "SK",
    "SeriesDescription": "Daselaar_run1",
    "SeriesNumber": 5,
    "ShimSetting": [
      -2794,
      -22782,
      2274,
      398,
      123,
      50,
      -450,
      411
    ],
    "SliceThickness": 3.8,
    "SliceTiming": [
      0.905,
      0,
      0.9575,
      0.055,
      1.01,
      0.1075,
      1.065,
      0.16,
      1.1175,
      0.2125,
      1.17,
      0.2675,
      1.2225,
      0.32,
      1.2775,
      0.3725,
      1.33,
      0.425,
      1.3825,
      0.48,
      1.435,
      0.5325,
      1.49,
      0.585,
      1.5425,
      0.6375,
      1.595,
      0.6925,
      1.6475,
      0.745,
      1.7025,
      0.7975,
      1.755,
      0.85
    ],
    "SoftwareVersions": "syngo_MR_B17",
    "SpacingBetweenSlices": 3.8,
    "StationName": "MRC35002",
    "TaskName": "RecogConf",
    "TotalReadoutTime": 0.0135451,
    "TxRefAmp": 317.1,
    "dataset": "ds004086",
    "modality": "bold",
    "run_id": 1,
    "subject_id": "053",
    "task_id": "RecogConf"
  },
  "dummy_trs": 0,
  "dvars_nstd": 22.937036321295547,
  "dvars_std": 0.9718419336437255,
  "dvars_vstd": 0.9353233631983805,
  "efc": 0.4519741748493076,
  "fber": 1998.4732666015625,
  "fd_mean": 0.15724894344639534,
  "fd_num": 28,
  "fd_perc": 11.290322580645162,
  "fwhm_avg": 1.9097202184683846,
  "fwhm_x": 1.803872,
  "fwhm_y": 2.026536,
  "fwhm_z": 1.898752655405153,
  "gcor": 0.00408556,
  "gsr_x": -0.019757306203246117,
  "gsr_y": 0.01981613039970398,
  "provenance": {
    "md5sum": "9f46e019ff14a17d4b8fbd2a2e4cc765",
    "settings": {
      "fd_thres": 0.2,
      "testing": false
    },
    "software": "mriqc",
    "version": "23.0.0",
    "webapi_port": null,
    "webapi_url": "https://mriqc.nimh.nih.gov/api/v1"
  },
  "size_t": 248,
  "size_x": 64,
  "size_y": 64,
  "size_z": 34,
  "snr": 6.230767943147857,
  "spacing_tr": 1.7999999523162842,
  "spacing_x": 3.75,
  "spacing_y": 3.75,
  "spacing_z": 3.799999952316284,
  "summary_bg_k": 47.9306123527855,
  "summary_bg_mad": 6.085842475861988,
  "summary_bg_mean": 29.283979415893555,
  "summary_bg_median": 16.717741012573242,
  "summary_bg_n": 94109.0,
  "summary_bg_p05": 11.221774101257324,
  "summary_bg_p95": 87.1878997802734,
  "summary_bg_stdv": 39.464107513427734,
  "summary_fg_k": 1.736883078692511,
  "summary_fg_mad": 103.75826570886348,
  "summary_fg_mean": 741.8449096679688,
  "summary_fg_median": 746.7620849609375,
  "summary_fg_n": 17817.0,
  "summary_fg_p05": 544.4628662109375,
  "summary_fg_p95": 928.8096557617189,
  "summary_fg_stdv": 119.84736633300781,
  "tsnr": 36.42121520906221
}