{
  "aor": 0.0011608870967741935,
  "aqi": 0.009407341088709676,
  "bids_meta": {
    "AcquisitionMatrixPE": 64,
    "AcquisitionNumber": 1,
    "AcquisitionTime": "12:45:0.362500",
    "BandwidthPerPixelPhaseEncode": 72.674,
    "BaseResolution": 64,
    "CoilString": "T:HEA;HEP",
    "ConversionSoftware": "dcm2niix",
    "ConversionSoftwareVersion": "v1.0.20190902",
    "DerivedVendorReportedEchoSpacing": 0.000430002,
    "DeviceSerialNumber": "35002",
    "DwellTime": 2.7e-06,
    "EchoTime": 0.031,
    "EffectiveEchoSpacing": 0.000215001,
    "FlipAngle": 90,
    "ImageOrientationPatientDICOM": [
      1,
      0,
      0,
      0,
      1,
      0
    ],
    "ImageType": [
      "ORIGINAL",
      "PRIMARY",
      "M",
      "ND",
      "MOSAIC"
    ],
    "ImagingFrequency": 123.263,
    "InPlanePhaseEncodingDirectionDICOM": "COL",
    "InstitutionAddress": "University_Pkwy_1700_North_685_Provo_AEC1C0_UT_US_84601",
    "InstitutionName": "Brigham_Young_University",
    "InstitutionalDepartmentName": "MRI",
    "MRAcquisitionType": "2D",
    "MagneticFieldStrength": 3,
    "Manufacturer": "Siemens",
    "ManufacturersModelName": "TrioTim",
    "Modality": "MR",
    "ParallelReductionFactorInPlane": 2,
    "PartialFourier": 1,
    "PatientPosition": "HFS",
    "PercentPhaseFOV": 100,
    "PhaseEncodingDirection": "j-",
    "PhaseEncodingSteps": 63,
    "PhaseResolution": 1,
    "PixelBandwidth": 2894,
    "ProcedureStepDescription": "Research_KIRWAN",
    "ProtocolName": "Daselaar_run2",
    "PulseSequenceDetails": "%CustomerSeq%_ep2d_bold_PMU",
    "ReceiveCoilName": "HeadMatrix",
    "ReconMatrixPE": 64,
    "RefLinesPE": 24,
    "RepetitionTime": 1.8,
    "SAR": 0.159484,
    "ScanOptions": "FS",
    "ScanningSequence": "EP",
    "SequenceName": "epfid2d1_64",
    "SequenceVariant": "SK",
    "SeriesDescription": "Daselaar_run2",
    "SeriesNumber": 6,
    "ShimSetting": [
      -2794,
      -22782,
      2274,
      398,
      123,
      50,
      -450,
      411
    ],
    "SliceThickness": 3.8,
    "SliceTiming": [
      0.9025,
      0,
      0.9575,
      0.0525,
      1.01,
      0.1075,
      1.0625,
      0.16,
      1.115,
      0.2125,
      1.17,
      0.265,
      1.2225,
      0.32,
      1.275,
      0.3725,
      1.3275,
      0.425,
      1.3825,
      0.4775,
      1.435,
      0.5325,
      1.4875,
      0.585,
      1.54,
      0.6375,
      1.595,
      0.69,
      1.6475,
      0.745,
      1.7,
      0.7975,
      1.7525,
      0.85
    ],
    "SoftwareVersions": "syngo_MR_B17",
    "SpacingBetweenSlices": 3.8,
    "StationName": "MRC35002",
    "TaskName": "RecogConf",
    "TotalReadoutTime": 0.0135451,
    "TxRefAmp": 317.1,
    "dataset": "ds004086",
    "modality": "bold",
    "run_id": 2,
    "subject_id": "053",
    "task_id": "RecogConf"
  },
  "dummy_trs": 0,
  "dvars_nstd": 22.34037053331984,
  "dvars_std": 1.0590065457489872,
  "dvars_vstd": 0.9705989904453438,
  "efc": 0.45003676525572206,
  "fber": 2109.61572265625,
  "fd_mean": 0.10785064322819078,
  "fd_num": 9,
  "fd_perc": 3.629032258064516,
  "fwhm_avg": 1.8800728263797193,
  "fwhm_x": 1.79968,
  "fwhm_y": 2.0077226666666665,
  "fwhm_z": 1.8328158124724916,
  "gcor": 0.00871003,
  "gsr_x": -0.018739089369773865,
  "gsr_y": 0.013874111697077751,
  "provenance": {
    "md5sum": "0c0df273f89ada15c2d4c050c6b12718",
    "settings": {
      "fd_thres": 0.2,
      "testing": false
    },
    "software": "mriqc",
    "version": "23.0.0",
    "webapi_port": null,
    "webapi_url": "https://mriqc.nimh.nih.gov/api/v1"
  },
  "size_t": 248,
  "size_x": 64,
  "size_y": 64,
  "size_z": 34,
  "snr": 6.300600108350536,
  "spacing_tr": 1.7999999523162842,
  "spacing_x": 3.75,
  "spacing_y": 3.75,
  "spacing_z": 3.799999952316284,
  "summary_bg_k": 58.66556237944839,
  "summary_bg_mad": 4.75269722080483,
  "summary_bg_mean": 28.172849655151367,
  "summary_bg_median": 16.254032135009766,
  "summary_bg_n": 93980.0,
  "summary_bg_p05": 12.25,
  "summary_bg_p95": 81.49395179748547,
  "summary_bg_stdv": 39.332679748535156,
  "summary_fg_k": 1.9189801833656936,
  "summary_fg_mad": 101.69272138271548,
  "summary_fg_mean": 744.8182373046875,
  "summary_fg_median": 749.1511840820312,
  "summary_fg_n": 17778.0,
  "summary_fg_p05": 550.3818481445312,
  "summary_fg_p95": 929.1886566162108,
  "summary_fg_stdv": 118.8982162475586,
  "tsnr": 57.134995665750466
}