{
  "aor": 0.0016278947368421057,
  "aqi": 0.007340397287449393,
  "bids_meta": {
    "AcquisitionMatrixPE": 64,
    "AcquisitionNumber": 1,
    "AcquisitionTime": "13:11:17.802500",
    "BandwidthPerPixelPhaseEncode": 72.674,
    "BaseResolution": 64,
    "CoilString": "T:HEA;HEP",
    "ConversionSoftware": "dcm2niix",
    "ConversionSoftwareVersion": "v1.0.20190902",
    "DerivedVendorReportedEchoSpacing": 0.000430002,
    "DeviceSerialNumber": "35002",
    "DwellTime": 2.7e-06,
    "EchoTime": 0.031,
    "EffectiveEchoSpacing": 0.000215001,
    "FlipAngle": 90,
    "ImageOrientationPatientDICOM": [
      1,
      0,
      0,
      0,
      1,
      0
    ],
    "ImageType": [
      "ORIGINAL",
      "PRIMARY",
      "M",
      "ND",
      "MOSAIC"
    ],
    "ImagingFrequency": 123.263,
    "InPlanePhaseEncodingDirectionDICOM": "COL",
    "InstitutionAddress": "University_Pkwy_1700_North_685_Provo_AEC1C0_UT_US_84601",
    "InstitutionName": "Brigham_Young_University",
    "InstitutionalDepartmentName": "MRI",
    "MRAcquisitionType": "2D",
    "MagneticFieldStrength": 3,
    "Manufacturer": "Siemens",
    "ManufacturersModelName": "TrioTim",
    "Modality": "MR",
    "ParallelReductionFactorInPlane": 2,
    "PartialFourier": 1,
    "PatientPosition": "HFS",
    "PercentPhaseFOV": 100,
    "PhaseEncodingDirection": "j-",
    "PhaseEncodingSteps": 63,
    "PhaseResolution": 1,
    "PixelBandwidth": 2894,
    "ProcedureStepDescription": "Research_KIRWAN",
    "ProtocolName": "Daselaar_run1",
    "PulseSequenceDetails": "%CustomerSeq%_ep2d_bold_PMU",
    "ReceiveCoilName": "HeadMatrix",
    "ReconMatrixPE": 64,
    "RefLinesPE": 24,
    "RepetitionTime": 1.8,
    "SAR": 0.154851,
    "ScanOptions": "FS",
    "ScanningSequence": "EP",
    "SequenceName": "epfid2d1_64",
    "SequenceVariant": "SK",
    "SeriesDescription": "Daselaar_run1",
    "SeriesNumber": 5,
    "ShimSetting": [
      -2748,
      -22802,
      2171,
      479,
      -12,
      -317,
      -583,
      390
    ],
    "SliceThickness": 3.8,
    "SliceTiming": [
      0.9025,
      0,
      0.9575,
      0.0525,
      1.01,
      0.105,
      1.0625,
      0.16,
      1.115,
      0.2125,
      1.17,
      0.265,
      1.2225,
      0.3175,
      1.275,
      0.3725,
      1.3275,
      0.425,
      1.3825,
      0.4775,
      1.435,
      0.53,
      1.4875,
      0.585,
      1.54,
      0.6375,
      1.595,
      0.69,
      1.6475,
      0.745,
      1.7,
      0.7975,
      1.7525,
      0.85
    ],
    "SoftwareVersions": "syngo_MR_B17",
    "SpacingBetweenSlices": 3.8,
    "StationName": "MRC35002",
    "TaskName": "RecogConf",
    "TotalReadoutTime": 0.0135451,
    "TxRefAmp": 367.41,
    "dataset": "ds004086",
    "modality": "bold",
    "run_id": 1,
    "subject_id": "029",
    "task_id": "RecogConf"
  },
  "dummy_trs": 1,
  "dvars_nstd": 26.989711474471555,
  "dvars_std": 1.1178662873577239,
  "dvars_vstd": 1.0006277866260165,
  "efc": 0.47002924921469863,
  "fber": 1452.5469970703125,
  "fd_mean": 0.1434307488831609,
  "fd_num": 38,
  "fd_perc": 15.384615384615385,
  "fwhm_avg": 2.096650956307599,
  "fwhm_x": 1.9690613333333333,
  "fwhm_y": 2.1837546666666667,
  "fwhm_z": 2.1371368689227963,
  "gcor": 0.0240212,
  "gsr_x": -0.011560508981347084,
  "gsr_y": 0.02143067866563797,
  "provenance": {
    "md5sum": "debb95a1e4f849d405e79dcea999d691",
    "settings": {
      "fd_thres": 0.2,
      "testing": false
    },
    "software": "mriqc",
    "version": "23.0.0",
    "webapi_port": null,
    "webapi_url": "https://mriqc.nimh.nih.gov/api/v1"
  },
  "size_t": 247,
  "size_x": 64,
  "size_y": 64,
  "size_z": 34,
  "snr": 4.9244242316976,
  "spacing_tr": 1.7999999523162842,
  "spacing_x": 3.75,
  "spacing_y": 3.75,
  "spacing_z": 3.799999952316284,
  "summary_bg_k": 54.92747327253602,
  "summary_bg_mad": 7.238940615686406,
  "summary_bg_mean": 33.15276336669922,
  "summary_bg_median": 18.538461685180664,
  "summary_bg_n": 92321.0,
  "summary_bg_p05": 12.392712593078613,
  "summary_bg_p95": 101.75303649902344,
  "summary_bg_stdv": 46.341922760009766,
  "summary_fg_k": 2.6075397842479626,
  "summary_fg_mad": 110.57086995814292,
  "summary_fg_mean": 722.76953125,
  "summary_fg_median": 711.2753295898438,
  "summary_fg_n": 19113.0,
  "summary_fg_p05": 507.8405029296875,
  "summary_fg_p95": 972.6154174804688,
  "summary_fg_stdv": 144.4344940185547,
  "tsnr": 52.64442454848904
}