{
  "aor": 0.0009902419354838711,
  "aqi": 0.00486378620967742,
  "bids_meta": {
    "AcquisitionMatrixPE": 64,
    "AcquisitionNumber": 1,
    "AcquisitionTime": "12:00:13.717500",
    "BandwidthPerPixelPhaseEncode": 72.674,
    "BaseResolution": 64,
    "CoilString": "T:HEA;HEP",
    "ConversionSoftware": "dcm2niix",
    "ConversionSoftwareVersion": "v1.0.20190902",
    "DerivedVendorReportedEchoSpacing": 0.000430002,
    "DeviceSerialNumber": "35002",
    "DwellTime": 2.7e-06,
    "EchoTime": 0.031,
    "EffectiveEchoSpacing": 0.000215001,
    "FlipAngle": 90,
    "ImageOrientationPatientDICOM": [
      1,
      0,
      0,
      0,
      1,
      0
    ],
    "ImageType": [
      "ORIGINAL",
      "PRIMARY",
      "M",
      "ND",
      "MOSAIC"
    ],
    "ImagingFrequency": 123.262,
    "InPlanePhaseEncodingDirectionDICOM": "COL",
    "InstitutionAddress": "University_Pkwy_1700_North_685_Provo_AEC1C0_UT_US_84601",
    "InstitutionName": "Brigham_Young_University",
    "InstitutionalDepartmentName": "MRI",
    "MRAcquisitionType": "2D",
    "MagneticFieldStrength": 3,
    "Manufacturer": "Siemens",
    "ManufacturersModelName": "TrioTim",
    "Modality": "MR",
    "ParallelReductionFactorInPlane": 2,
    "PartialFourier": 1,
    "PatientPosition": "HFS",
    "PercentPhaseFOV": 100,
    "PhaseEncodingDirection": "j-",
    "PhaseEncodingSteps": 63,
    "PhaseResolution": 1,
    "PixelBandwidth": 2894,
    "ProcedureStepDescription": "Research_KIRWAN",
    "ProtocolName": "Daselaar_run2",
    "PulseSequenceDetails": "%CustomerSeq%_ep2d_bold_PMU",
    "ReceiveCoilName": "HeadMatrix",
    "ReconMatrixPE": 64,
    "RefLinesPE": 24,
    "RepetitionTime": 1.8,
    "SAR": 0.188297,
    "ScanOptions": "FS",
    "ScanningSequence": "EP",
    "SequenceName": "epfid2d1_64",
    "SequenceVariant": "SK",
    "SeriesDescription": "Daselaar_run2",
    "SeriesNumber": 6,
    "ShimSetting": [
      -2775,
      -22911,
      2284,
      866,
      78,
      74,
      -207,
      344
    ],
    "SliceThickness": 3.8,
    "SliceTiming": [
      0.905,
      0,
      0.9575,
      0.0525,
      1.01,
      0.1075,
      1.0625,
      0.16,
      1.1175,
      0.2125,
      1.17,
      0.265,
      1.2225,
      0.32,
      1.275,
      0.3725,
      1.33,
      0.425,
      1.3825,
      0.48,
      1.435,
      0.5325,
      1.4875,
      0.585,
      1.5425,
      0.6375,
      1.595,
      0.6925,
      1.6475,
      0.745,
      1.7,
      0.7975,
      1.755,
      0.85
    ],
    "SoftwareVersions": "syngo_MR_B17",
    "SpacingBetweenSlices": 3.8,
    "StationName": "MRC35002",
    "TaskName": "RecogConf",
    "TotalReadoutTime": 0.0135451,
    "TxRefAmp": 337.092,
    "dataset": "ds004086",
    "modality": "bold",
    "run_id": 2,
    "subject_id": "041",
    "task_id": "RecogConf"
  },
  "dummy_trs": 0,
  "dvars_nstd": 21.393192330000016,
  "dvars_std": 1.0340527174898775,
  "dvars_vstd": 0.9851408277732798,
  "efc": 0.4510161995307419,
  "fber": 1823.7803955078125,
  "fd_mean": 0.09699366143555578,
  "fd_num": 17,
  "fd_perc": 6.854838709677419,
  "fwhm_avg": 2.139858312796605,
  "fwhm_x": 2.0209546666666665,
  "fwhm_y": 2.317938666666667,
  "fwhm_z": 2.0806816050564816,
  "gcor": 0.0122383,
  "gsr_x": -0.010657508857548237,
  "gsr_y": 0.014648900367319584,
  "provenance": {
    "md5sum": "d3c1fc81d1a013c01722bce387f37593",
    "settings": {
      "fd_thres": 0.2,
      "testing": false
    },
    "software": "mriqc",
    "version": "23.0.0",
    "webapi_port": null,
    "webapi_url": "https://mriqc.nimh.nih.gov/api/v1"
  },
  "size_t": 248,
  "size_x": 64,
  "size_y": 64,
  "size_z": 34,
  "snr": 5.360481148755349,
  "spacing_tr": 1.7999999523162842,
  "spacing_x": 3.75,
  "spacing_y": 3.75,
  "spacing_z": 3.799999952316284,
  "summary_bg_k": 39.31566226890132,
  "summary_bg_mad": 6.235299439310432,
  "summary_bg_mean": 28.381942749023438,
  "summary_bg_median": 17.004032135009766,
  "summary_bg_n": 93557.0,
  "summary_bg_p05": 12.044354438781738,
  "summary_bg_p95": 83.15806274414061,
  "summary_bg_stdv": 35.838985443115234,
  "summary_fg_k": 1.1082553141999343,
  "summary_fg_mad": 115.7923734500991,
  "summary_fg_mean": 726.6927490234375,
  "summary_fg_median": 732.4031982421875,
  "summary_fg_n": 17507.0,
  "summary_fg_p05": 483.3935424804688,
  "summary_fg_p95": 943.2144897460938,
  "summary_fg_stdv": 136.626220703125,
  "tsnr": 63.487309634685516
}