{
  "aor": 0.0020868548387096768,
  "aqi": 0.0036489219758064515,
  "bids_meta": {
    "AcquisitionMatrixPE": 64,
    "AcquisitionNumber": 1,
    "AcquisitionTime": "12:16:12.505000",
    "BandwidthPerPixelPhaseEncode": 72.674,
    "BaseResolution": 64,
    "CoilString": "T:HEA;HEP",
    "ConversionSoftware": "dcm2niix",
    "ConversionSoftwareVersion": "v1.0.20190902",
    "DerivedVendorReportedEchoSpacing": 0.000430002,
    "DeviceSerialNumber": "35002",
    "DwellTime": 2.7e-06,
    "EchoTime": 0.031,
    "EffectiveEchoSpacing": 0.000215001,
    "FlipAngle": 90,
    "ImageOrientationPatientDICOM": [
      1,
      0,
      0,
      0,
      1,
      0
    ],
    "ImageType": [
      "ORIGINAL",
      "PRIMARY",
      "M",
      "ND",
      "MOSAIC"
    ],
    "ImagingFrequency": 123.262,
    "InPlanePhaseEncodingDirectionDICOM": "COL",
    "InstitutionAddress": "University_Pkwy_1700_North_685_Provo_AEC1C0_UT_US_84601",
    "InstitutionName": "Brigham_Young_University",
    "InstitutionalDepartmentName": "MRI",
    "MRAcquisitionType": "2D",
    "MagneticFieldStrength": 3,
    "Manufacturer": "Siemens",
    "ManufacturersModelName": "TrioTim",
    "Modality": "MR",
    "ParallelReductionFactorInPlane": 2,
    "PartialFourier": 1,
    "PatientPosition": "HFS",
    "PercentPhaseFOV": 100,
    "PhaseEncodingDirection": "j-",
    "PhaseEncodingSteps": 63,
    "PhaseResolution": 1,
    "PixelBandwidth": 2894,
    "ProcedureStepDescription": "Research_KIRWAN",
    "ProtocolName": "Daselaar_run4",
    "PulseSequenceDetails": "%CustomerSeq%_ep2d_bold_PMU",
    "ReceiveCoilName": "HeadMatrix",
    "ReconMatrixPE": 64,
    "RefLinesPE": 24,
    "RepetitionTime": 1.8,
    "SAR": 0.188297,
    "ScanOptions": "FS",
    "ScanningSequence": "EP",
    "SequenceName": "epfid2d1_64",
    "SequenceVariant": "SK",
    "SeriesDescription": "Daselaar_run4",
    "SeriesNumber": 8,
    "ShimSetting": [
      -2775,
      -22911,
      2284,
      866,
      78,
      74,
      -207,
      344
    ],
    "SliceThickness": 3.8,
    "SliceTiming": [
      0.905,
      0,
      0.9575,
      0.0525,
      1.01,
      0.1075,
      1.0625,
      0.16,
      1.1175,
      0.2125,
      1.17,
      0.265,
      1.2225,
      0.32,
      1.275,
      0.3725,
      1.33,
      0.425,
      1.3825,
      0.48,
      1.435,
      0.5325,
      1.4875,
      0.585,
      1.5425,
      0.6375,
      1.595,
      0.6925,
      1.6475,
      0.745,
      1.7,
      0.7975,
      1.755,
      0.85
    ],
    "SoftwareVersions": "syngo_MR_B17",
    "SpacingBetweenSlices": 3.8,
    "StationName": "MRC35002",
    "TaskName": "RecogConf",
    "TotalReadoutTime": 0.0135451,
    "TxRefAmp": 337.092,
    "dataset": "ds004086",
    "modality": "bold",
    "run_id": 4,
    "subject_id": "041",
    "task_id": "RecogConf"
  },
  "dummy_trs": 0,
  "dvars_nstd": 21.263238822024277,
  "dvars_std": 1.0722177144129552,
  "dvars_vstd": 1.0158539602834007,
  "efc": 0.45159669606318725,
  "fber": 1838.142333984375,
  "fd_mean": 0.10365756305626442,
  "fd_num": 21,
  "fd_perc": 8.46774193548387,
  "fwhm_avg": 2.1246670496857,
  "fwhm_x": 2.004253333333333,
  "fwhm_y": 2.2778319999999996,
  "fwhm_z": 2.0919158157237683,
  "gcor": 0.0272176,
  "gsr_x": -0.01092834584414959,
  "gsr_y": 0.015855051577091217,
  "provenance": {
    "md5sum": "26411b1b29f23030687150e63dc32ea8",
    "settings": {
      "fd_thres": 0.2,
      "testing": false
    },
    "software": "mriqc",
    "version": "23.0.0",
    "webapi_port": null,
    "webapi_url": "https://mriqc.nimh.nih.gov/api/v1"
  },
  "size_t": 248,
  "size_x": 64,
  "size_y": 64,
  "size_z": 34,
  "snr": 5.3391357344126655,
  "spacing_tr": 1.7999999523162842,
  "spacing_x": 3.75,
  "spacing_y": 3.75,
  "spacing_z": 3.799999952316284,
  "summary_bg_k": 37.79936647961107,
  "summary_bg_mad": 6.235299439310432,
  "summary_bg_mean": 28.709501266479492,
  "summary_bg_median": 16.927419662475586,
  "summary_bg_n": 93547.0,
  "summary_bg_p05": 11.82661247253418,
  "summary_bg_p95": 86.4052383422851,
  "summary_bg_stdv": 36.41124725341797,
  "summary_fg_k": 1.043108948480434,
  "summary_fg_mad": 115.84322931233056,
  "summary_fg_mean": 727.9798583984375,
  "summary_fg_median": 732.6471557617188,
  "summary_fg_n": 17542.0,
  "summary_fg_p05": 485.55643157958986,
  "summary_fg_p95": 947.0384704589844,
  "summary_fg_stdv": 137.2181396484375,
  "tsnr": 68.03306264150888
}