{
  "bids_meta": {
    "AcquisitionMatrixPE": 215,
    "AcquisitionNumber": 1,
    "AcquisitionTime": "13:36:37.800000",
    "BaseResolution": 256,
    "CoilString": "C:HEA;HEP",
    "ConversionSoftware": "dcm2niix",
    "ConversionSoftwareVersion": "v1.0.20190902",
    "DeviceSerialNumber": "35002",
    "DwellTime": 9.8e-06,
    "EchoTime": 0.00226,
    "FlipAngle": 9,
    "ImageOrientationPatientDICOM": [
      0,
      1,
      0,
      0,
      0,
      -1
    ],
    "ImageType": [
      "ORIGINAL",
      "PRIMARY",
      "M",
      "ND",
      "NORM"
    ],
    "ImagingFrequency": 123.263,
    "InPlanePhaseEncodingDirectionDICOM": "ROW",
    "InstitutionAddress": "University_Pkwy_1700_North_685_Provo_AEC1C0_UT_US_84601",
    "InstitutionName": "Brigham_Young_University",
    "InstitutionalDepartmentName": "MRI",
    "InversionTime": 0.9,
    "MRAcquisitionType": "3D",
    "MagneticFieldStrength": 3,
    "Manufacturer": "Siemens",
    "ManufacturersModelName": "TrioTim",
    "Modality": "MR",
    "PartialFourier": 0.875,
    "PatientPosition": "HFS",
    "PercentPhaseFOV": 87.5,
    "PhaseEncodingSteps": 227,
    "PhaseOversampling": 0.2,
    "PhaseResolution": 0.96,
    "PixelBandwidth": 199,
    "ProcedureStepDescription": "Research_KIRWAN",
    "ProtocolName": "t1_mpr_sag_iso_(mprage)",
    "PulseSequenceDetails": "%SiemensSeq%_tfl",
    "ReceiveCoilName": "HeadMatrix",
    "ReconMatrixPE": 224,
    "RepetitionTime": 1.9,
    "SAR": 0.115885,
    "ScanOptions": "IR_PFP",
    "ScanningSequence": "GR_IR",
    "SequenceName": "_tfl3d1_ns",
    "SequenceVariant": "SP_MP_OSP",
    "SeriesDescription": "t1_mpr_sag_iso_(mprage)",
    "SeriesNumber": 2,
    "ShimSetting": [
      -2768,
      -22810,
      1838,
      -69,
      10,
      173,
      -426,
      363
    ],
    "SliceThickness": 1,
    "SoftwareVersions": "syngo_MR_B17",
    "StationName": "MRC35002",
    "TxRefAmp": 343.468,
    "dataset": "ds004086",
    "modality": "T1w",
    "subject_id": "036"
  },
  "cjv": 0.3343830353029754,
  "cnr": 4.103385583170762,
  "efc": 0.5882437279604774,
  "fber": 20219.907551733402,
  "fwhm_avg": 4.53682432,
  "fwhm_x": 4.312,
  "fwhm_y": 4.81313792,
  "fwhm_z": 4.48533504,
  "icvs_csf": 0.17780646757893287,
  "icvs_gm": 0.4584689207196831,
  "icvs_wm": 0.36372461170138404,
  "inu_med": 0.40761715173721313,
  "inu_range": 0.164854496717453,
  "provenance": {
    "md5sum": "6488692ecdff79a401be83c5af5f66d1",
    "settings": {
      "testing": false
    },
    "software": "mriqc",
    "version": "23.0.0",
    "warnings": {
      "large_rot_frame": true,
      "small_air_mask": false
    },
    "webapi_port": null,
    "webapi_url": "https://mriqc.nimh.nih.gov/api/v1"
  },
  "qi_1": 0.0,
  "qi_2": 0.012720274477609162,
  "rpve_csf": 22.80927624849356,
  "rpve_gm": 9.83255629637702,
  "rpve_wm": 13.929041420118343,
  "size_x": 176,
  "size_y": 224,
  "size_z": 256,
  "snr_csf": 2.4143824070348154,
  "snr_gm": 14.221646192528457,
  "snr_total": 14.405314737868508,
  "snr_wm": 26.579915614042253,
  "snrd_csf": 26.108073390437486,
  "snrd_gm": 61.475879556639306,
  "snrd_total": 57.05251770404873,
  "snrd_wm": 83.57360016506941,
  "spacing_x": 1.0,
  "spacing_y": 0.9765625,
  "spacing_z": 0.9765625,
  "summary_bg_k": 6.051545359223191,
  "summary_bg_mad": 0.0,
  "summary_bg_mean": 4.827814949918976,
  "summary_bg_median": 0.0,
  "summary_bg_n": 3005909.0,
  "summary_bg_p05": 0.0,
  "summary_bg_p95": 20.474272575229406,
  "summary_bg_stdv": 7.839360981312436,
  "summary_csf_k": -0.1301976028230425,
  "summary_csf_mad": 119.9430697437043,
  "summary_csf_mean": 309.6810235032963,
  "summary_csf_median": 312.4091591220349,
  "summary_csf_n": 23006.0,
  "summary_csf_p05": 76.78890464827418,
  "summary_csf_p95": 520.816904255189,
  "summary_csf_stdv": 129.39224888558493,
  "summary_gm_k": 0.063910046131753,
  "summary_gm_mad": 51.720830895642514,
  "summary_gm_mean": 734.9558713239497,
  "summary_gm_median": 735.6202639453113,
  "summary_gm_n": 63625.0,
  "summary_gm_p05": 649.0718176029623,
  "summary_gm_p95": 818.2981175817547,
  "summary_gm_stdv": 51.72498830713809,
  "summary_wm_k": 0.26519490690687686,
  "summary_wm_mad": 36.69716096881302,
  "summary_wm_mean": 1001.4379211387013,
  "summary_wm_median": 1000.0415489077568,
  "summary_wm_n": 232510.0,
  "summary_wm_p05": 942.1072482131422,
  "summary_wm_p95": 1065.5758331343532,
  "summary_wm_stdv": 37.62387408945082,
  "tpm_overlap_csf": 0.1449683234749663,
  "tpm_overlap_gm": 0.472070474666591,
  "tpm_overlap_wm": 0.5085791144473811,
  "wm2max": 0.47027575970627294
}