{
  "bids_meta": {
    "AcquisitionMatrixPE": 215,
    "AcquisitionNumber": 1,
    "AcquisitionTime": "10:24:1.717500",
    "BaseResolution": 256,
    "CoilString": "C:HEA;HEP",
    "ConversionSoftware": "dcm2niix",
    "ConversionSoftwareVersion": "v1.0.20190902",
    "DeviceSerialNumber": "35002",
    "DwellTime": 9.8e-06,
    "EchoTime": 0.00226,
    "FlipAngle": 9,
    "ImageOrientationPatientDICOM": [
      0,
      1,
      0,
      0,
      0,
      -1
    ],
    "ImageType": [
      "ORIGINAL",
      "PRIMARY",
      "M",
      "ND",
      "NORM"
    ],
    "ImagingFrequency": 123.263,
    "InPlanePhaseEncodingDirectionDICOM": "ROW",
    "InstitutionAddress": "University_Pkwy_1700_North_685_Provo_AEC1C0_UT_US_84601",
    "InstitutionName": "Brigham_Young_University",
    "InstitutionalDepartmentName": "MRI",
    "InversionTime": 0.9,
    "MRAcquisitionType": "3D",
    "MagneticFieldStrength": 3,
    "Manufacturer": "Siemens",
    "ManufacturersModelName": "TrioTim",
    "Modality": "MR",
    "PartialFourier": 0.875,
    "PatientPosition": "HFS",
    "PercentPhaseFOV": 87.5,
    "PhaseEncodingSteps": 227,
    "PhaseOversampling": 0.2,
    "PhaseResolution": 0.96,
    "PixelBandwidth": 199,
    "ProcedureStepDescription": "Research_KIRWAN",
    "ProtocolName": "t1_mpr_sag_iso_(mprage)",
    "PulseSequenceDetails": "%SiemensSeq%_tfl",
    "ReceiveCoilName": "HeadMatrix",
    "ReconMatrixPE": 224,
    "RepetitionTime": 1.9,
    "SAR": 0.112366,
    "ScanOptions": "IR_PFP",
    "ScanningSequence": "GR_IR",
    "SequenceName": "_tfl3d1_ns",
    "SequenceVariant": "SP_MP_OSP",
    "SeriesDescription": "t1_mpr_sag_iso_(mprage)",
    "SeriesNumber": 2,
    "ShimSetting": [
      -2768,
      -22810,
      1838,
      -69,
      10,
      173,
      -426,
      363
    ],
    "SliceThickness": 1,
    "SoftwareVersions": "syngo_MR_B17",
    "StationName": "MRC35002",
    "TxRefAmp": 388.6,
    "dataset": "ds004086",
    "modality": "T1w",
    "subject_id": "059"
  },
  "cjv": 0.3495216824303062,
  "cnr": 3.921447960811235,
  "efc": 0.6300627751952473,
  "fber": 19759.974222837795,
  "fwhm_avg": 4.504742906666666,
  "fwhm_x": 4.40367,
  "fwhm_y": 4.75344896,
  "fwhm_z": 4.35710976,
  "icvs_csf": 0.18411939227761936,
  "icvs_gm": 0.4384330779004202,
  "icvs_wm": 0.37744752982196045,
  "inu_med": 0.3933398127555847,
  "inu_range": 0.1394707441329956,
  "provenance": {
    "md5sum": "e96b486c611a7ebf8a7d1ff4f5006d0b",
    "settings": {
      "testing": false
    },
    "software": "mriqc",
    "version": "23.0.0",
    "warnings": {
      "large_rot_frame": true,
      "small_air_mask": false
    },
    "webapi_port": null,
    "webapi_url": "https://mriqc.nimh.nih.gov/api/v1"
  },
  "qi_1": 0.0,
  "qi_2": 0.005604994333426228,
  "rpve_csf": 19.47283611280479,
  "rpve_gm": 8.907943235606428,
  "rpve_wm": 11.975528484800558,
  "size_x": 176,
  "size_y": 224,
  "size_z": 256,
  "snr_csf": 2.8733288127197145,
  "snr_gm": 13.137402232607025,
  "snr_total": 13.879137582865736,
  "snr_wm": 25.626681703270467,
  "snrd_csf": 26.216785920448366,
  "snrd_gm": 64.76391085117032,
  "snrd_total": 59.82922633977194,
  "snrd_wm": 88.50698224769714,
  "spacing_x": 1.0,
  "spacing_y": 0.9765625,
  "spacing_z": 0.9765625,
  "summary_bg_k": 11.327996103586692,
  "summary_bg_mad": 0.0,
  "summary_bg_mean": 4.224619632277371,
  "summary_bg_median": 0.0,
  "summary_bg_n": 2578369.0,
  "summary_bg_p05": 0.0,
  "summary_bg_p95": 18.489718466997147,
  "summary_bg_stdv": 7.4024070207894646,
  "summary_csf_k": 1.5131429540447474,
  "summary_csf_mad": 73.2718571864691,
  "summary_csf_mean": 304.3183989511751,
  "summary_csf_median": 296.2242979630828,
  "summary_csf_n": 37201.0,
  "summary_csf_p05": 121.95438138395548,
  "summary_csf_p95": 491.70555044710636,
  "summary_csf_stdv": 103.09307978351019,
  "summary_gm_k": -0.0538908736538235,
  "summary_gm_mad": 56.106771761666906,
  "summary_gm_mean": 730.4041280845321,
  "summary_gm_median": 731.7694885805249,
  "summary_gm_n": 48802.0,
  "summary_gm_p05": 637.1198421429842,
  "summary_gm_p95": 819.939093499258,
  "summary_gm_stdv": 55.70066123079871,
  "summary_wm_k": 0.4125344146154002,
  "summary_wm_mad": 37.66070981262573,
  "summary_wm_mean": 1001.2801244359064,
  "summary_wm_median": 1000.0432074591517,
  "summary_wm_n": 275686.0,
  "summary_wm_p05": 939.4764193966985,
  "summary_wm_p95": 1067.2628381475806,
  "summary_wm_stdv": 39.02344459969438,
  "tpm_overlap_csf": 0.17242376505281135,
  "tpm_overlap_gm": 0.46785023951330496,
  "tpm_overlap_wm": 0.5085378822263549,
  "wm2max": 0.497405889372514
}