{
  "aor": 0.0013269230769230767,
  "aqi": 0.008257934777327936,
  "bids_meta": {
    "AcquisitionMatrixPE": 64,
    "AcquisitionNumber": 1,
    "AcquisitionTime": "14:56:7.135000",
    "BandwidthPerPixelPhaseEncode": 72.674,
    "BaseResolution": 64,
    "CoilString": "T:HEA;HEP",
    "ConversionSoftware": "dcm2niix",
    "ConversionSoftwareVersion": "v1.0.20190902",
    "DerivedVendorReportedEchoSpacing": 0.000430002,
    "DeviceSerialNumber": "35002",
    "DwellTime": 2.7e-06,
    "EchoTime": 0.031,
    "EffectiveEchoSpacing": 0.000215001,
    "FlipAngle": 90,
    "ImageOrientationPatientDICOM": [
      1,
      0,
      0,
      0,
      1,
      0
    ],
    "ImageType": [
      "ORIGINAL",
      "PRIMARY",
      "M",
      "ND",
      "MOSAIC"
    ],
    "ImagingFrequency": 123.263,
    "InPlanePhaseEncodingDirectionDICOM": "COL",
    "InstitutionAddress": "University_Pkwy_1700_North_685_Provo_AEC1C0_UT_US_84601",
    "InstitutionName": "Brigham_Young_University",
    "InstitutionalDepartmentName": "MRI",
    "MRAcquisitionType": "2D",
    "MagneticFieldStrength": 3,
    "Manufacturer": "Siemens",
    "ManufacturersModelName": "TrioTim",
    "Modality": "MR",
    "ParallelReductionFactorInPlane": 2,
    "PartialFourier": 1,
    "PatientPosition": "HFS",
    "PercentPhaseFOV": 100,
    "PhaseEncodingDirection": "j-",
    "PhaseEncodingSteps": 63,
    "PhaseResolution": 1,
    "PixelBandwidth": 2894,
    "ProcedureStepDescription": "Research_KIRWAN",
    "ProtocolName": "Daselaar_run1",
    "PulseSequenceDetails": "%CustomerSeq%_ep2d_bold_PMU",
    "ReceiveCoilName": "HeadMatrix",
    "ReconMatrixPE": 64,
    "RefLinesPE": 24,
    "RepetitionTime": 1.8,
    "SAR": 0.162378,
    "ScanOptions": "FS",
    "ScanningSequence": "EP",
    "SequenceName": "epfid2d1_64",
    "SequenceVariant": "SK",
    "SeriesDescription": "Daselaar_run1",
    "SeriesNumber": 5,
    "ShimSetting": [
      -2765,
      -22774,
      2268,
      343,
      9,
      136,
      -267,
      342
    ],
    "SliceThickness": 3.8,
    "SliceTiming": [
      0.9025,
      0,
      0.955,
      0.0525,
      1.01,
      0.105,
      1.0625,
      0.1575,
      1.115,
      0.2125,
      1.1675,
      0.265,
      1.2225,
      0.3175,
      1.275,
      0.37,
      1.3275,
      0.425,
      1.38,
      0.4775,
      1.435,
      0.53,
      1.4875,
      0.5825,
      1.54,
      0.6375,
      1.5925,
      0.69,
      1.6475,
      0.7425,
      1.7,
      0.7975,
      1.7525,
      0.85
    ],
    "SoftwareVersions": "syngo_MR_B17",
    "SpacingBetweenSlices": 3.8,
    "StationName": "MRC35002",
    "TaskName": "RecogConf",
    "TotalReadoutTime": 0.0135451,
    "TxRefAmp": 339.963,
    "dataset": "ds004086",
    "modality": "bold",
    "run_id": 1,
    "subject_id": "050",
    "task_id": "RecogConf"
  },
  "dummy_trs": 1,
  "dvars_nstd": 22.442603786097568,
  "dvars_std": 0.988782556504065,
  "dvars_vstd": 0.9742405499593498,
  "efc": 0.46655880845790315,
  "fber": 1480.3905029296875,
  "fd_mean": 0.11074108291407754,
  "fd_num": 16,
  "fd_perc": 6.477732793522267,
  "fwhm_avg": 1.9171635402783622,
  "fwhm_x": 1.7814186666666667,
  "fwhm_y": 2.030066666666667,
  "fwhm_z": 1.9400052875017528,
  "gcor": 0.0140622,
  "gsr_x": 0.0011698728194460273,
  "gsr_y": 0.01152050867676735,
  "provenance": {
    "md5sum": "e5dcd2a47c0aef12e072e9e4e6b17a39",
    "settings": {
      "fd_thres": 0.2,
      "testing": false
    },
    "software": "mriqc",
    "version": "23.0.0",
    "webapi_port": null,
    "webapi_url": "https://mriqc.nimh.nih.gov/api/v1"
  },
  "size_t": 247,
  "size_x": 64,
  "size_y": 64,
  "size_z": 34,
  "snr": 5.747597294041983,
  "spacing_tr": 1.7999999523162842,
  "spacing_x": 3.75,
  "spacing_y": 3.75,
  "spacing_z": 3.799999952316284,
  "summary_bg_k": 45.037797518632985,
  "summary_bg_mad": 7.491043904491192,
  "summary_bg_mean": 37.3160400390625,
  "summary_bg_median": 19.566802978515625,
  "summary_bg_n": 93787.0,
  "summary_bg_p05": 13.121458053588867,
  "summary_bg_p95": 131.4052627563475,
  "summary_bg_stdv": 57.53608703613281,
  "summary_fg_k": 1.9169019089168087,
  "summary_fg_mad": 113.2600772780617,
  "summary_fg_mean": 759.2332153320312,
  "summary_fg_median": 754.7611694335938,
  "summary_fg_n": 17651.0,
  "summary_fg_p05": 558.6822204589844,
  "summary_fg_p95": 971.4960021972656,
  "summary_fg_stdv": 131.31396484375,
  "tsnr": 52.4518547616899
}