{
  "aor": 0.005283750000000001,
  "aqi": 0.007530617903225807,
  "bids_meta": {
    "AcquisitionMatrixPE": 64,
    "AcquisitionNumber": 1,
    "AcquisitionTime": "14:18:53.732500",
    "BandwidthPerPixelPhaseEncode": 72.674,
    "BaseResolution": 64,
    "CoilString": "T:HEA;HEP",
    "ConversionSoftware": "dcm2niix",
    "ConversionSoftwareVersion": "v1.0.20190902",
    "DerivedVendorReportedEchoSpacing": 0.000430002,
    "DeviceSerialNumber": "35002",
    "DwellTime": 2.7e-06,
    "EchoTime": 0.031,
    "EffectiveEchoSpacing": 0.000215001,
    "FlipAngle": 90,
    "ImageOrientationPatientDICOM": [
      1,
      0,
      0,
      0,
      1,
      0
    ],
    "ImageType": [
      "ORIGINAL",
      "PRIMARY",
      "M",
      "ND",
      "MOSAIC"
    ],
    "ImagingFrequency": 123.263,
    "InPlanePhaseEncodingDirectionDICOM": "COL",
    "InstitutionAddress": "University_Pkwy_1700_North_685_Provo_AEC1C0_UT_US_84601",
    "InstitutionName": "Brigham_Young_University",
    "InstitutionalDepartmentName": "MRI",
    "MRAcquisitionType": "2D",
    "MagneticFieldStrength": 3,
    "Manufacturer": "Siemens",
    "ManufacturersModelName": "TrioTim",
    "Modality": "MR",
    "ParallelReductionFactorInPlane": 2,
    "PartialFourier": 1,
    "PatientPosition": "HFS",
    "PercentPhaseFOV": 100,
    "PhaseEncodingDirection": "j-",
    "PhaseEncodingSteps": 63,
    "PhaseResolution": 1,
    "PixelBandwidth": 2894,
    "ProcedureStepDescription": "Research_KIRWAN",
    "ProtocolName": "Daselaar_run1",
    "PulseSequenceDetails": "%CustomerSeq%_ep2d_bold_PMU",
    "ReceiveCoilName": "HeadMatrix",
    "ReconMatrixPE": 64,
    "RefLinesPE": 24,
    "RepetitionTime": 1.8,
    "SAR": 0.15145,
    "ScanOptions": "FS",
    "ScanningSequence": "EP",
    "SequenceName": "epfid2d1_64",
    "SequenceVariant": "SK",
    "SeriesDescription": "Daselaar_run1",
    "SeriesNumber": 5,
    "ShimSetting": [
      -2806,
      -22765,
      2234,
      879,
      42,
      431,
      -23,
      481
    ],
    "SliceThickness": 3.8,
    "SliceTiming": [
      0.9025,
      0,
      0.9575,
      0.0525,
      1.01,
      0.105,
      1.0625,
      0.16,
      1.115,
      0.2125,
      1.17,
      0.265,
      1.2225,
      0.3175,
      1.275,
      0.3725,
      1.3275,
      0.425,
      1.3825,
      0.4775,
      1.435,
      0.53,
      1.4875,
      0.585,
      1.54,
      0.6375,
      1.595,
      0.69,
      1.6475,
      0.7425,
      1.7,
      0.7975,
      1.7525,
      0.85
    ],
    "SoftwareVersions": "syngo_MR_B17",
    "SpacingBetweenSlices": 3.8,
    "StationName": "MRC35002",
    "TaskName": "RecogConf",
    "TotalReadoutTime": 0.0135451,
    "TxRefAmp": 329.729,
    "dataset": "ds004086",
    "modality": "bold",
    "run_id": 1,
    "subject_id": "010",
    "task_id": "RecogConf"
  },
  "dummy_trs": 0,
  "dvars_nstd": 21.150100113036444,
  "dvars_std": 1.1048369615384617,
  "dvars_vstd": 1.046515866639676,
  "efc": 0.4360957070168193,
  "fber": 2415.661376953125,
  "fd_mean": 0.1554035327245181,
  "fd_num": 49,
  "fd_perc": 19.758064516129032,
  "fwhm_avg": 2.007276651781609,
  "fwhm_x": 1.8765226666666666,
  "fwhm_y": 2.111552,
  "fwhm_z": 2.0337552886781602,
  "gcor": 0.0154544,
  "gsr_x": -0.014845342375338078,
  "gsr_y": 0.012767638079822063,
  "provenance": {
    "md5sum": "b78b448e90cf1f6699c11e10695222d7",
    "settings": {
      "fd_thres": 0.2,
      "testing": false
    },
    "software": "mriqc",
    "version": "23.0.0",
    "webapi_port": null,
    "webapi_url": "https://mriqc.nimh.nih.gov/api/v1"
  },
  "size_t": 248,
  "size_x": 64,
  "size_y": 64,
  "size_z": 34,
  "snr": 5.94019138317096,
  "spacing_tr": 1.7999999523162842,
  "spacing_x": 3.75,
  "spacing_y": 3.75,
  "spacing_z": 3.799999952316284,
  "summary_bg_k": 115.29909039233388,
  "summary_bg_mad": 4.609218309667178,
  "summary_bg_mean": 26.14724349975586,
  "summary_bg_median": 15.709676742553711,
  "summary_bg_n": 94335.0,
  "summary_bg_p05": 11.770160675048828,
  "summary_bg_p95": 69.3705635070801,
  "summary_bg_stdv": 38.47006607055664,
  "summary_fg_k": 1.2728198300344884,
  "summary_fg_mad": 110.40599561475197,
  "summary_fg_mean": 783.2219848632812,
  "summary_fg_median": 776.2701416015625,
  "summary_fg_n": 16931.0,
  "summary_fg_p05": 577.790283203125,
  "summary_fg_p95": 1010.0221557617188,
  "summary_fg_stdv": 130.67713928222656,
  "tsnr": 58.8810432725586
}