{
  "aor": 0.0010070564516129034,
  "aqi": 0.008521202258064516,
  "bids_meta": {
    "AcquisitionMatrixPE": 64,
    "AcquisitionNumber": 1,
    "AcquisitionTime": "14:26:48.097500",
    "BandwidthPerPixelPhaseEncode": 72.674,
    "BaseResolution": 64,
    "CoilString": "T:HEA;HEP",
    "ConversionSoftware": "dcm2niix",
    "ConversionSoftwareVersion": "v1.0.20190902",
    "DerivedVendorReportedEchoSpacing": 0.000430002,
    "DeviceSerialNumber": "35002",
    "DwellTime": 2.7e-06,
    "EchoTime": 0.031,
    "EffectiveEchoSpacing": 0.000215001,
    "FlipAngle": 90,
    "ImageOrientationPatientDICOM": [
      1,
      0,
      0,
      0,
      1,
      0
    ],
    "ImageType": [
      "ORIGINAL",
      "PRIMARY",
      "M",
      "ND",
      "MOSAIC"
    ],
    "ImagingFrequency": 123.263,
    "InPlanePhaseEncodingDirectionDICOM": "COL",
    "InstitutionAddress": "University_Pkwy_1700_North_685_Provo_AEC1C0_UT_US_84601",
    "InstitutionName": "Brigham_Young_University",
    "InstitutionalDepartmentName": "MRI",
    "MRAcquisitionType": "2D",
    "MagneticFieldStrength": 3,
    "Manufacturer": "Siemens",
    "ManufacturersModelName": "TrioTim",
    "Modality": "MR",
    "ParallelReductionFactorInPlane": 2,
    "PartialFourier": 1,
    "PatientPosition": "HFS",
    "PercentPhaseFOV": 100,
    "PhaseEncodingDirection": "j-",
    "PhaseEncodingSteps": 63,
    "PhaseResolution": 1,
    "PixelBandwidth": 2894,
    "ProcedureStepDescription": "Research_KIRWAN",
    "ProtocolName": "Daselaar_run2",
    "PulseSequenceDetails": "%CustomerSeq%_ep2d_bold_PMU",
    "ReceiveCoilName": "HeadMatrix",
    "ReconMatrixPE": 64,
    "RefLinesPE": 24,
    "RepetitionTime": 1.8,
    "SAR": 0.15145,
    "ScanOptions": "FS",
    "ScanningSequence": "EP",
    "SequenceName": "epfid2d1_64",
    "SequenceVariant": "SK",
    "SeriesDescription": "Daselaar_run2",
    "SeriesNumber": 6,
    "ShimSetting": [
      -2806,
      -22765,
      2234,
      879,
      42,
      431,
      -23,
      481
    ],
    "SliceThickness": 3.8,
    "SliceTiming": [
      0.9025,
      0,
      0.9575,
      0.0525,
      1.01,
      0.1075,
      1.0625,
      0.16,
      1.115,
      0.2125,
      1.17,
      0.265,
      1.2225,
      0.32,
      1.275,
      0.3725,
      1.3275,
      0.425,
      1.3825,
      0.4775,
      1.435,
      0.5325,
      1.4875,
      0.585,
      1.54,
      0.6375,
      1.595,
      0.69,
      1.6475,
      0.745,
      1.7,
      0.7975,
      1.7525,
      0.85
    ],
    "SoftwareVersions": "syngo_MR_B17",
    "SpacingBetweenSlices": 3.8,
    "StationName": "MRC35002",
    "TaskName": "RecogConf",
    "TotalReadoutTime": 0.0135451,
    "TxRefAmp": 329.729,
    "dataset": "ds004086",
    "modality": "bold",
    "run_id": 2,
    "subject_id": "010",
    "task_id": "RecogConf"
  },
  "dummy_trs": 0,
  "dvars_nstd": 20.317508504372466,
  "dvars_std": 1.0217807639676113,
  "dvars_vstd": 0.95919779757085,
  "efc": 0.43547958364547323,
  "fber": 2420.71630859375,
  "fd_mean": 0.10343805077815772,
  "fd_num": 13,
  "fd_perc": 5.241935483870968,
  "fwhm_avg": 2.020442020227725,
  "fwhm_x": 1.8773146666666667,
  "fwhm_y": 2.144264,
  "fwhm_z": 2.039747394016509,
  "gcor": 0.0213407,
  "gsr_x": -0.014330724254250526,
  "gsr_y": 0.011614839546382427,
  "provenance": {
    "md5sum": "4bef7f37a8ec74234211a817fe664846",
    "settings": {
      "fd_thres": 0.2,
      "testing": false
    },
    "software": "mriqc",
    "version": "23.0.0",
    "webapi_port": null,
    "webapi_url": "https://mriqc.nimh.nih.gov/api/v1"
  },
  "size_t": 248,
  "size_x": 64,
  "size_y": 64,
  "size_z": 34,
  "snr": 5.956042416313351,
  "spacing_tr": 1.7999999523162842,
  "spacing_x": 3.75,
  "spacing_y": 3.75,
  "spacing_z": 3.799999952316284,
  "summary_bg_k": 119.19533549614258,
  "summary_bg_mad": 4.399980823110807,
  "summary_bg_mean": 25.956525802612305,
  "summary_bg_median": 15.689516067504883,
  "summary_bg_n": 94324.0,
  "summary_bg_p05": 11.983870506286621,
  "summary_bg_p95": 68.2004047393798,
  "summary_bg_stdv": 38.85396194458008,
  "summary_fg_k": 1.2265851416343123,
  "summary_fg_mad": 111.67345581821259,
  "summary_fg_mean": 783.7811889648438,
  "summary_fg_median": 777.2560424804688,
  "summary_fg_n": 16932.0,
  "summary_fg_p05": 579.1533996582032,
  "summary_fg_p95": 1012.4096435546875,
  "summary_fg_stdv": 130.49488830566406,
  "tsnr": 59.732380983419716
}