{
  "aor": 0.0004730645161290322,
  "aqi": 0.004393349838709678,
  "bids_meta": {
    "AcquisitionMatrixPE": 64,
    "AcquisitionNumber": 1,
    "AcquisitionTime": "14:42:54.352500",
    "BandwidthPerPixelPhaseEncode": 72.674,
    "BaseResolution": 64,
    "CoilString": "T:HEA;HEP",
    "ConversionSoftware": "dcm2niix",
    "ConversionSoftwareVersion": "v1.0.20190902",
    "DerivedVendorReportedEchoSpacing": 0.000430002,
    "DeviceSerialNumber": "35002",
    "DwellTime": 2.7e-06,
    "EchoTime": 0.031,
    "EffectiveEchoSpacing": 0.000215001,
    "FlipAngle": 90,
    "ImageOrientationPatientDICOM": [
      1,
      0,
      0,
      0,
      1,
      0
    ],
    "ImageType": [
      "ORIGINAL",
      "PRIMARY",
      "M",
      "ND",
      "MOSAIC"
    ],
    "ImagingFrequency": 123.263,
    "InPlanePhaseEncodingDirectionDICOM": "COL",
    "InstitutionAddress": "University_Pkwy_1700_North_685_Provo_AEC1C0_UT_US_84601",
    "InstitutionName": "Brigham_Young_University",
    "InstitutionalDepartmentName": "MRI",
    "MRAcquisitionType": "2D",
    "MagneticFieldStrength": 3,
    "Manufacturer": "Siemens",
    "ManufacturersModelName": "TrioTim",
    "Modality": "MR",
    "ParallelReductionFactorInPlane": 2,
    "PartialFourier": 1,
    "PatientPosition": "HFS",
    "PercentPhaseFOV": 100,
    "PhaseEncodingDirection": "j-",
    "PhaseEncodingSteps": 63,
    "PhaseResolution": 1,
    "PixelBandwidth": 2894,
    "ProcedureStepDescription": "Research_KIRWAN",
    "ProtocolName": "Daselaar_run4",
    "PulseSequenceDetails": "%CustomerSeq%_ep2d_bold_PMU",
    "ReceiveCoilName": "HeadMatrix",
    "ReconMatrixPE": 64,
    "RefLinesPE": 24,
    "RepetitionTime": 1.8,
    "SAR": 0.15145,
    "ScanOptions": "FS",
    "ScanningSequence": "EP",
    "SequenceName": "epfid2d1_64",
    "SequenceVariant": "SK",
    "SeriesDescription": "Daselaar_run4",
    "SeriesNumber": 8,
    "ShimSetting": [
      -2806,
      -22765,
      2234,
      879,
      42,
      431,
      -23,
      481
    ],
    "SliceThickness": 3.8,
    "SliceTiming": [
      0.905,
      0,
      0.9575,
      0.055,
      1.01,
      0.1075,
      1.0625,
      0.16,
      1.1175,
      0.2125,
      1.17,
      0.2675,
      1.2225,
      0.32,
      1.2775,
      0.3725,
      1.33,
      0.425,
      1.3825,
      0.48,
      1.435,
      0.5325,
      1.49,
      0.585,
      1.5425,
      0.6375,
      1.595,
      0.6925,
      1.6475,
      0.745,
      1.7025,
      0.7975,
      1.755,
      0.85
    ],
    "SoftwareVersions": "syngo_MR_B17",
    "SpacingBetweenSlices": 3.8,
    "StationName": "MRC35002",
    "TaskName": "RecogConf",
    "TotalReadoutTime": 0.0135451,
    "TxRefAmp": 329.729,
    "dataset": "ds004086",
    "modality": "bold",
    "run_id": 4,
    "subject_id": "010",
    "task_id": "RecogConf"
  },
  "dummy_trs": 0,
  "dvars_nstd": 19.71522141275303,
  "dvars_std": 1.0723652917813762,
  "dvars_vstd": 0.9962985611740892,
  "efc": 0.43556597182538137,
  "fber": 2425.900390625,
  "fd_mean": 0.08221949235283556,
  "fd_num": 2,
  "fd_perc": 0.8064516129032258,
  "fwhm_avg": 1.9953338797209623,
  "fwhm_x": 1.8700506666666667,
  "fwhm_y": 2.113472,
  "fwhm_z": 2.0024789724962204,
  "gcor": 0.0208472,
  "gsr_x": -0.014263777993619442,
  "gsr_y": 0.011406552977859974,
  "provenance": {
    "md5sum": "e8e8cb8c10a0d85f61e43bf80fe243e5",
    "settings": {
      "fd_thres": 0.2,
      "testing": false
    },
    "software": "mriqc",
    "version": "23.0.0",
    "webapi_port": null,
    "webapi_url": "https://mriqc.nimh.nih.gov/api/v1"
  },
  "size_t": 248,
  "size_x": 64,
  "size_y": 64,
  "size_z": 34,
  "snr": 5.9630512198319945,
  "spacing_tr": 1.7999999523162842,
  "spacing_x": 3.75,
  "spacing_y": 3.75,
  "spacing_z": 3.799999952316284,
  "summary_bg_k": 116.26950114048107,
  "summary_bg_mad": 4.4059588754216,
  "summary_bg_mean": 26.103755950927734,
  "summary_bg_median": 15.717741012573242,
  "summary_bg_n": 94380.0,
  "summary_bg_p05": 12.0,
  "summary_bg_p95": 69.04919204711919,
  "summary_bg_stdv": 39.28091812133789,
  "summary_fg_k": 1.306922901076212,
  "summary_fg_mad": 110.7049774097924,
  "summary_fg_mean": 785.4630737304688,
  "summary_fg_median": 779.0564575195312,
  "summary_fg_n": 16953.0,
  "summary_fg_p05": 582.7306030273437,
  "summary_fg_p95": 1016.306396484375,
  "summary_fg_stdv": 130.6434326171875,
  "tsnr": 72.6865950319916
}