{
  "bids_meta": {
    "AcquisitionMatrixPE": 215,
    "AcquisitionNumber": 1,
    "AcquisitionTime": "14:45:8.892500",
    "BaseResolution": 256,
    "CoilString": "C:HEA;HEP",
    "ConversionSoftware": "dcm2niix",
    "ConversionSoftwareVersion": "v1.0.20190902",
    "DeviceSerialNumber": "35002",
    "DwellTime": 9.8e-06,
    "EchoTime": 0.00226,
    "FlipAngle": 9,
    "ImageOrientationPatientDICOM": [
      0,
      1,
      0,
      0,
      0,
      -1
    ],
    "ImageType": [
      "ORIGINAL",
      "PRIMARY",
      "M",
      "ND",
      "NORM"
    ],
    "ImagingFrequency": 123.263,
    "InPlanePhaseEncodingDirectionDICOM": "ROW",
    "InstitutionAddress": "University_Pkwy_1700_North_685_Provo_AEC1C0_UT_US_84601",
    "InstitutionName": "Brigham_Young_University",
    "InstitutionalDepartmentName": "MRI",
    "InversionTime": 0.9,
    "MRAcquisitionType": "3D",
    "MagneticFieldStrength": 3,
    "Manufacturer": "Siemens",
    "ManufacturersModelName": "TrioTim",
    "Modality": "MR",
    "PartialFourier": 0.875,
    "PatientPosition": "HFS",
    "PercentPhaseFOV": 87.5,
    "PhaseEncodingSteps": 227,
    "PhaseOversampling": 0.2,
    "PhaseResolution": 0.96,
    "PixelBandwidth": 199,
    "ProcedureStepDescription": "Research_KIRWAN",
    "ProtocolName": "t1_mpr_sag_iso_(mprage)",
    "PulseSequenceDetails": "%SiemensSeq%_tfl",
    "ReceiveCoilName": "HeadMatrix",
    "ReconMatrixPE": 224,
    "RepetitionTime": 1.9,
    "SAR": 0.100162,
    "ScanOptions": "IR_PFP",
    "ScanningSequence": "GR_IR",
    "SequenceName": "_tfl3d1_ns",
    "SequenceVariant": "SP_MP_OSP",
    "SeriesDescription": "t1_mpr_sag_iso_(mprage)",
    "SeriesNumber": 2,
    "ShimSetting": [
      -2768,
      -22810,
      1838,
      -69,
      10,
      173,
      -426,
      363
    ],
    "SliceThickness": 1,
    "SoftwareVersions": "syngo_MR_B17",
    "StationName": "MRC35002",
    "TxRefAmp": 339.963,
    "dataset": "ds004086",
    "modality": "T1w",
    "subject_id": "050"
  },
  "cjv": 0.3330882630875685,
  "cnr": 4.159273975748019,
  "efc": 0.618658977060515,
  "fber": 10598.301399898804,
  "fwhm_avg": 4.701902613333334,
  "fwhm_x": 4.5506,
  "fwhm_y": 4.94734336,
  "fwhm_z": 4.60776448,
  "icvs_csf": 0.17775646182692328,
  "icvs_gm": 0.4446700309394067,
  "icvs_wm": 0.37757350723367,
  "inu_med": 0.4319695830345154,
  "inu_range": 0.18012843430042264,
  "provenance": {
    "md5sum": "8ad3fdd775e91cfba875192b28b6665c",
    "settings": {
      "testing": false
    },
    "software": "mriqc",
    "version": "23.0.0",
    "warnings": {
      "large_rot_frame": true,
      "small_air_mask": false
    },
    "webapi_port": null,
    "webapi_url": "https://mriqc.nimh.nih.gov/api/v1"
  },
  "qi_1": 0.0,
  "qi_2": 0.004667206815404998,
  "rpve_csf": 21.77133360451938,
  "rpve_gm": 9.491926254588497,
  "rpve_wm": 12.739927911760732,
  "size_x": 176,
  "size_y": 224,
  "size_z": 256,
  "snr_csf": 2.5622694811077276,
  "snr_gm": 13.746868204295065,
  "snr_total": 14.007058582168364,
  "snr_wm": 25.712038061102298,
  "snrd_csf": 21.858824393896825,
  "snrd_gm": 53.74904656482093,
  "snrd_total": 49.915321395983305,
  "snrd_wm": 74.13809322923215,
  "spacing_x": 1.0,
  "spacing_y": 0.9765625,
  "spacing_z": 0.9765625,
  "summary_bg_k": 6.640245552291269,
  "summary_bg_mad": 0.0,
  "summary_bg_mean": 5.977053658884078,
  "summary_bg_median": 0.0,
  "summary_bg_n": 2511704.0,
  "summary_bg_p05": 0.0,
  "summary_bg_p95": 23.11419367790222,
  "summary_bg_stdv": 8.836704460268665,
  "summary_csf_k": 3.831119483032311,
  "summary_csf_mad": 99.0510378908009,
  "summary_csf_mean": 297.8389329988785,
  "summary_csf_median": 294.83932051062584,
  "summary_csf_n": 30559.0,
  "summary_csf_p05": 89.82975769937039,
  "summary_csf_p95": 491.7589155346154,
  "summary_csf_stdv": 115.06771576738178,
  "summary_gm_k": -0.038456141892083906,
  "summary_gm_mad": 53.77621218821925,
  "summary_gm_mean": 725.2989089161235,
  "summary_gm_median": 724.9855747818947,
  "summary_gm_n": 50532.0,
  "summary_gm_p05": 639.952012270689,
  "summary_gm_p95": 811.8860529363155,
  "summary_gm_stdv": 52.73771381546361,
  "summary_wm_k": 0.3325766430220529,
  "summary_wm_mad": 37.827874750046384,
  "summary_wm_mean": 1001.552652120347,
  "summary_wm_median": 1000.0000291764736,
  "summary_wm_n": 253388.0,
  "summary_wm_p05": 940.5698812007904,
  "summary_wm_p95": 1067.9646486639977,
  "summary_wm_stdv": 38.89221280474396,
  "tpm_overlap_csf": 0.14697716609947797,
  "tpm_overlap_gm": 0.47193543947642447,
  "tpm_overlap_wm": 0.5087326774278981,
  "wm2max": 0.45858898831970973
}