{
  "aor": 0.004845483870967743,
  "aqi": 0.015140834717741936,
  "bids_meta": {
    "AcquisitionMatrixPE": 64,
    "AcquisitionNumber": 1,
    "AcquisitionTime": "11:50:54.085000",
    "BandwidthPerPixelPhaseEncode": 72.674,
    "BaseResolution": 64,
    "CoilString": "T:HEA;HEP",
    "ConversionSoftware": "dcm2niix",
    "ConversionSoftwareVersion": "v1.0.20190902",
    "DerivedVendorReportedEchoSpacing": 0.000430002,
    "DeviceSerialNumber": "35002",
    "DwellTime": 2.7e-06,
    "EchoTime": 0.031,
    "EffectiveEchoSpacing": 0.000215001,
    "FlipAngle": 90,
    "ImageOrientationPatientDICOM": [
      1,
      0,
      0,
      0,
      1,
      0
    ],
    "ImageType": [
      "ORIGINAL",
      "PRIMARY",
      "M",
      "ND",
      "MOSAIC"
    ],
    "ImagingFrequency": 123.263,
    "InPlanePhaseEncodingDirectionDICOM": "COL",
    "InstitutionAddress": "University_Pkwy_1700_North_685_Provo_AEC1C0_UT_US_84601",
    "InstitutionName": "Brigham_Young_University",
    "InstitutionalDepartmentName": "MRI",
    "MRAcquisitionType": "2D",
    "MagneticFieldStrength": 3,
    "Manufacturer": "Siemens",
    "ManufacturersModelName": "TrioTim",
    "Modality": "MR",
    "ParallelReductionFactorInPlane": 2,
    "PartialFourier": 1,
    "PatientPosition": "HFS",
    "PercentPhaseFOV": 100,
    "PhaseEncodingDirection": "j-",
    "PhaseEncodingSteps": 63,
    "PhaseResolution": 1,
    "PixelBandwidth": 2894,
    "ProcedureStepDescription": "Research_KIRWAN",
    "ProtocolName": "Daselaar_run2",
    "PulseSequenceDetails": "%CustomerSeq%_ep2d_bold_PMU",
    "ReceiveCoilName": "HeadMatrix",
    "ReconMatrixPE": 64,
    "RefLinesPE": 24,
    "RepetitionTime": 1.8,
    "SAR": 0.159622,
    "ScanOptions": "FS",
    "ScanningSequence": "EP",
    "SequenceName": "epfid2d1_64",
    "SequenceVariant": "SK",
    "SeriesDescription": "Daselaar_run2",
    "SeriesNumber": 6,
    "ShimSetting": [
      -2754,
      -22553,
      2117,
      748,
      69,
      851,
      -1210,
      370
    ],
    "SliceThickness": 3.8,
    "SliceTiming": [
      0.9025,
      0,
      0.9575,
      0.0525,
      1.01,
      0.105,
      1.0625,
      0.16,
      1.115,
      0.2125,
      1.17,
      0.265,
      1.2225,
      0.32,
      1.275,
      0.3725,
      1.3275,
      0.425,
      1.3825,
      0.4775,
      1.435,
      0.5325,
      1.4875,
      0.585,
      1.54,
      0.6375,
      1.595,
      0.69,
      1.6475,
      0.745,
      1.7,
      0.7975,
      1.7525,
      0.85
    ],
    "SoftwareVersions": "syngo_MR_B17",
    "SpacingBetweenSlices": 3.8,
    "StationName": "MRC35002",
    "TaskName": "RecogConf",
    "TotalReadoutTime": 0.0135451,
    "TxRefAmp": 339.585,
    "dataset": "ds004086",
    "modality": "bold",
    "run_id": 2,
    "subject_id": "060",
    "task_id": "RecogConf"
  },
  "dummy_trs": 0,
  "dvars_nstd": 22.05561377688258,
  "dvars_std": 0.8647151805263158,
  "dvars_vstd": 0.9040357948178133,
  "efc": 0.4525681764392897,
  "fber": 2009.25439453125,
  "fd_mean": 0.13474657717333127,
  "fd_num": 23,
  "fd_perc": 9.274193548387096,
  "fwhm_avg": 2.0057675287158974,
  "fwhm_x": 1.880688,
  "fwhm_y": 2.1647066666666666,
  "fwhm_z": 1.9719079194810254,
  "gcor": 0.0307326,
  "gsr_x": -0.00994361937046051,
  "gsr_y": 0.01958015188574791,
  "provenance": {
    "md5sum": "da745a8d5d9aa5262817fbfab9173824",
    "settings": {
      "fd_thres": 0.2,
      "testing": false
    },
    "software": "mriqc",
    "version": "23.0.0",
    "webapi_port": null,
    "webapi_url": "https://mriqc.nimh.nih.gov/api/v1"
  },
  "size_t": 248,
  "size_x": 64,
  "size_y": 64,
  "size_z": 34,
  "snr": 5.306055473994911,
  "spacing_tr": 1.7999999523162842,
  "spacing_x": 3.75,
  "spacing_y": 3.75,
  "spacing_z": 3.799999952316284,
  "summary_bg_k": 74.4646266304114,
  "summary_bg_mad": 5.356497471230772,
  "summary_bg_mean": 27.379392623901367,
  "summary_bg_median": 16.483869552612305,
  "summary_bg_n": 92522.0,
  "summary_bg_p05": 11.822580337524414,
  "summary_bg_p95": 73.4754039764404,
  "summary_bg_stdv": 37.48003005981445,
  "summary_fg_k": 1.189616002377532,
  "summary_fg_mad": 122.94839050572796,
  "summary_fg_mean": 744.2999267578125,
  "summary_fg_median": 737.508056640625,
  "summary_fg_n": 18795.0,
  "summary_fg_p05": 530.1798278808594,
  "summary_fg_p95": 984.9822143554687,
  "summary_fg_stdv": 138.98995971679688,
  "tsnr": 39.33398234564811
}