{
  "aor": 0.001626008064516129,
  "aqi": 0.005075058387096774,
  "bids_meta": {
    "AcquisitionMatrixPE": 64,
    "AcquisitionNumber": 1,
    "AcquisitionTime": "12:08:17.072500",
    "BandwidthPerPixelPhaseEncode": 72.674,
    "BaseResolution": 64,
    "CoilString": "T:HEA;HEP",
    "ConversionSoftware": "dcm2niix",
    "ConversionSoftwareVersion": "v1.0.20190902",
    "DerivedVendorReportedEchoSpacing": 0.000430002,
    "DeviceSerialNumber": "35002",
    "DwellTime": 2.7e-06,
    "EchoTime": 0.031,
    "EffectiveEchoSpacing": 0.000215001,
    "FlipAngle": 90,
    "ImageOrientationPatientDICOM": [
      1,
      0,
      0,
      0,
      1,
      0
    ],
    "ImageType": [
      "ORIGINAL",
      "PRIMARY",
      "M",
      "ND",
      "MOSAIC"
    ],
    "ImagingFrequency": 123.263,
    "InPlanePhaseEncodingDirectionDICOM": "COL",
    "InstitutionAddress": "University_Pkwy_1700_North_685_Provo_AEC1C0_UT_US_84601",
    "InstitutionName": "Brigham_Young_University",
    "InstitutionalDepartmentName": "MRI",
    "MRAcquisitionType": "2D",
    "MagneticFieldStrength": 3,
    "Manufacturer": "Siemens",
    "ManufacturersModelName": "TrioTim",
    "Modality": "MR",
    "ParallelReductionFactorInPlane": 2,
    "PartialFourier": 1,
    "PatientPosition": "HFS",
    "PercentPhaseFOV": 100,
    "PhaseEncodingDirection": "j-",
    "PhaseEncodingSteps": 63,
    "PhaseResolution": 1,
    "PixelBandwidth": 2894,
    "ProcedureStepDescription": "Research_KIRWAN",
    "ProtocolName": "Daselaar_run4",
    "PulseSequenceDetails": "%CustomerSeq%_ep2d_bold_PMU",
    "ReceiveCoilName": "HeadMatrix",
    "ReconMatrixPE": 64,
    "RefLinesPE": 24,
    "RepetitionTime": 1.8,
    "SAR": 0.159622,
    "ScanOptions": "FS",
    "ScanningSequence": "EP",
    "SequenceName": "epfid2d1_64",
    "SequenceVariant": "SK",
    "SeriesDescription": "Daselaar_run4",
    "SeriesNumber": 8,
    "ShimSetting": [
      -2754,
      -22553,
      2117,
      748,
      69,
      851,
      -1210,
      370
    ],
    "SliceThickness": 3.8,
    "SliceTiming": [
      0.9025,
      0,
      0.955,
      0.0525,
      1.01,
      0.105,
      1.0625,
      0.16,
      1.115,
      0.2125,
      1.1675,
      0.265,
      1.2225,
      0.3175,
      1.275,
      0.3725,
      1.3275,
      0.425,
      1.38,
      0.4775,
      1.435,
      0.53,
      1.4875,
      0.585,
      1.54,
      0.6375,
      1.5925,
      0.69,
      1.6475,
      0.7425,
      1.7,
      0.7975,
      1.7525,
      0.85
    ],
    "SoftwareVersions": "syngo_MR_B17",
    "SpacingBetweenSlices": 3.8,
    "StationName": "MRC35002",
    "TaskName": "RecogConf",
    "TotalReadoutTime": 0.0135451,
    "TxRefAmp": 339.585,
    "dataset": "ds004086",
    "modality": "bold",
    "run_id": 4,
    "subject_id": "060",
    "task_id": "RecogConf"
  },
  "dummy_trs": 0,
  "dvars_nstd": 20.240688439595125,
  "dvars_std": 1.028534012307693,
  "dvars_vstd": 0.9959586950202428,
  "efc": 0.4504512241482672,
  "fber": 2005.666259765625,
  "fd_mean": 0.08343152334206377,
  "fd_num": 7,
  "fd_perc": 2.8225806451612905,
  "fwhm_avg": 1.9849538914457192,
  "fwhm_x": 1.8456560000000002,
  "fwhm_y": 2.0998293333333335,
  "fwhm_z": 2.009376341003824,
  "gcor": 0.0239906,
  "gsr_x": -0.008452940732240677,
  "gsr_y": 0.015380027703940868,
  "provenance": {
    "md5sum": "92356bc471f66d4f6448e96317715d81",
    "settings": {
      "fd_thres": 0.2,
      "testing": false
    },
    "software": "mriqc",
    "version": "23.0.0",
    "webapi_port": null,
    "webapi_url": "https://mriqc.nimh.nih.gov/api/v1"
  },
  "size_t": 248,
  "size_x": 64,
  "size_y": 64,
  "size_z": 34,
  "snr": 5.277308681551507,
  "spacing_tr": 1.7999999523162842,
  "spacing_x": 3.75,
  "spacing_y": 3.75,
  "spacing_z": 3.799999952316284,
  "summary_bg_k": 82.42913796532042,
  "summary_bg_mad": 4.890196665712033,
  "summary_bg_mean": 26.54082679748535,
  "summary_bg_median": 16.362903594970703,
  "summary_bg_n": 92721.0,
  "summary_bg_p05": 11.875,
  "summary_bg_p95": 71.59274291992188,
  "summary_bg_stdv": 37.21186828613281,
  "summary_fg_k": 1.1215686453896252,
  "summary_fg_mad": 124.3472886805252,
  "summary_fg_mean": 740.6392822265625,
  "summary_fg_median": 734.6451416015625,
  "summary_fg_n": 18711.0,
  "summary_fg_p05": 524.2600708007812,
  "summary_fg_p95": 977.5846557617188,
  "summary_fg_stdv": 139.20457458496094,
  "tsnr": 62.37921989732422
}