{
  "bids_meta": {
    "AcquisitionMatrixPE": 215,
    "AcquisitionNumber": 1,
    "AcquisitionTime": "12:26:13.302500",
    "BaseResolution": 256,
    "CoilString": "C:HEA;HEP",
    "ConversionSoftware": "dcm2niix",
    "ConversionSoftwareVersion": "v1.0.20190902",
    "DeviceSerialNumber": "35002",
    "DwellTime": 9.8e-06,
    "EchoTime": 0.00226,
    "FlipAngle": 9,
    "ImageOrientationPatientDICOM": [
      0,
      1,
      0,
      0,
      0,
      -1
    ],
    "ImageType": [
      "ORIGINAL",
      "PRIMARY",
      "M",
      "ND",
      "NORM"
    ],
    "ImagingFrequency": 123.263,
    "InPlanePhaseEncodingDirectionDICOM": "ROW",
    "InstitutionAddress": "University_Pkwy_1700_North_685_Provo_AEC1C0_UT_US_84601",
    "InstitutionName": "Brigham_Young_University",
    "InstitutionalDepartmentName": "MRI",
    "InversionTime": 0.9,
    "MRAcquisitionType": "3D",
    "MagneticFieldStrength": 3,
    "Manufacturer": "Siemens",
    "ManufacturersModelName": "TrioTim",
    "Modality": "MR",
    "PartialFourier": 0.875,
    "PatientPosition": "HFS",
    "PercentPhaseFOV": 87.5,
    "PhaseEncodingSteps": 227,
    "PhaseOversampling": 0.2,
    "PhaseResolution": 0.96,
    "PixelBandwidth": 199,
    "ProcedureStepDescription": "Research_KIRWAN",
    "ProtocolName": "t1_mpr_sag_iso_(mprage)",
    "PulseSequenceDetails": "%SiemensSeq%_tfl",
    "ReceiveCoilName": "HeadMatrix",
    "ReconMatrixPE": 224,
    "RepetitionTime": 1.9,
    "SAR": 0.0970398,
    "ScanOptions": "IR_PFP",
    "ScanningSequence": "GR_IR",
    "SequenceName": "_tfl3d1_ns",
    "SequenceVariant": "SP_MP_OSP",
    "SeriesDescription": "t1_mpr_sag_iso_(mprage)",
    "SeriesNumber": 2,
    "ShimSetting": [
      -2768,
      -22810,
      1838,
      -69,
      10,
      173,
      -426,
      363
    ],
    "SliceThickness": 1,
    "SoftwareVersions": "syngo_MR_B17",
    "StationName": "MRC35002",
    "TxRefAmp": 317.1,
    "dataset": "ds004086",
    "modality": "T1w",
    "subject_id": "053"
  },
  "cjv": 0.3302159486671568,
  "cnr": 4.256691428464947,
  "efc": 0.5727134909582724,
  "fber": 17141.45333036311,
  "fwhm_avg": 4.619434826666667,
  "fwhm_x": 4.38782,
  "fwhm_y": 4.9993728,
  "fwhm_z": 4.47111168,
  "icvs_csf": 0.14435292733742075,
  "icvs_gm": 0.48178379221178214,
  "icvs_wm": 0.3738632804507971,
  "inu_med": 0.41328202188014984,
  "inu_range": 0.16822225004434588,
  "provenance": {
    "md5sum": "8e573fb8f5711adee19246ab727edf84",
    "settings": {
      "testing": false
    },
    "software": "mriqc",
    "version": "23.0.0",
    "warnings": {
      "large_rot_frame": true,
      "small_air_mask": false
    },
    "webapi_port": null,
    "webapi_url": "https://mriqc.nimh.nih.gov/api/v1"
  },
  "qi_1": 0.0,
  "qi_2": 0.006064671526995785,
  "rpve_csf": 27.76520751371419,
  "rpve_gm": 9.776117301521506,
  "rpve_wm": 13.771200819717286,
  "size_x": 176,
  "size_y": 224,
  "size_z": 256,
  "snr_csf": 2.611843026011439,
  "snr_gm": 14.907296720130148,
  "snr_total": 14.220006417042631,
  "snr_wm": 25.1408795049863,
  "snrd_csf": 28.088795188985188,
  "snrd_gm": 63.710380734267694,
  "snrd_total": 59.70553065405201,
  "snrd_wm": 87.31741603890316,
  "spacing_x": 1.0,
  "spacing_y": 0.9765625,
  "spacing_z": 0.9765625,
  "summary_bg_k": 6.8528747494816695,
  "summary_bg_mad": 0.0,
  "summary_bg_mean": 4.9441375818829,
  "summary_bg_median": 0.0,
  "summary_bg_n": 2851523.0,
  "summary_bg_p05": 0.0,
  "summary_bg_p95": 21.015116751194,
  "summary_bg_stdv": 7.503236887306666,
  "summary_csf_k": 2.298519631447429,
  "summary_csf_mad": 94.44293626836802,
  "summary_csf_mean": 323.20699092151705,
  "summary_csf_median": 321.6992433667183,
  "summary_csf_n": 15717.0,
  "summary_csf_p05": 92.30265314579012,
  "summary_csf_p95": 526.9427871227264,
  "summary_csf_stdv": 123.16552177252163,
  "summary_gm_k": -0.12280890866000771,
  "summary_gm_mad": 50.22785099288768,
  "summary_gm_mean": 729.9706549380977,
  "summary_gm_median": 729.6710712909698,
  "summary_gm_n": 72403.0,
  "summary_gm_p05": 650.4035256505013,
  "summary_gm_p95": 810.0405791938302,
  "summary_gm_stdv": 48.946904728353715,
  "summary_wm_k": 0.19702171250917955,
  "summary_wm_mad": 39.05260965952452,
  "summary_wm_mean": 1000.789279138348,
  "summary_wm_median": 1000.0409944057465,
  "summary_wm_n": 219455.0,
  "summary_wm_p05": 936.7088881731033,
  "summary_wm_p95": 1067.3467192053795,
  "summary_wm_stdv": 39.77739584408685,
  "tpm_overlap_csf": 0.12948991003761268,
  "tpm_overlap_gm": 0.4670278791310761,
  "tpm_overlap_wm": 0.49864647800828865,
  "wm2max": 0.4503145118149453
}