{
  "aor": 0.00037689516129032254,
  "aqi": 0.006230699879032258,
  "bids_meta": {
    "AcquisitionMatrixPE": 64,
    "AcquisitionNumber": 1,
    "AcquisitionTime": "12:10:57.537500",
    "BandwidthPerPixelPhaseEncode": 72.674,
    "BaseResolution": 64,
    "CoilString": "T:HEA;HEP",
    "ConversionSoftware": "dcm2niix",
    "ConversionSoftwareVersion": "v1.0.20190902",
    "DerivedVendorReportedEchoSpacing": 0.000430002,
    "DeviceSerialNumber": "35002",
    "DwellTime": 2.7e-06,
    "EchoTime": 0.031,
    "EffectiveEchoSpacing": 0.000215001,
    "FlipAngle": 90,
    "ImageOrientationPatientDICOM": [
      1,
      0,
      0,
      0,
      1,
      0
    ],
    "ImageType": [
      "ORIGINAL",
      "PRIMARY",
      "M",
      "ND",
      "MOSAIC"
    ],
    "ImagingFrequency": 123.263,
    "InPlanePhaseEncodingDirectionDICOM": "COL",
    "InstitutionAddress": "University_Pkwy_1700_North_685_Provo_AEC1C0_UT_US_84601",
    "InstitutionName": "Brigham_Young_University",
    "InstitutionalDepartmentName": "MRI",
    "MRAcquisitionType": "2D",
    "MagneticFieldStrength": 3,
    "Manufacturer": "Siemens",
    "ManufacturersModelName": "TrioTim",
    "Modality": "MR",
    "ParallelReductionFactorInPlane": 2,
    "PartialFourier": 1,
    "PatientPosition": "HFS",
    "PercentPhaseFOV": 100,
    "PhaseEncodingDirection": "j-",
    "PhaseEncodingSteps": 63,
    "PhaseResolution": 1,
    "PixelBandwidth": 2894,
    "ProcedureStepDescription": "Research_KIRWAN",
    "ProtocolName": "Daselaar_run1",
    "PulseSequenceDetails": "%CustomerSeq%_ep2d_bold_PMU",
    "ReceiveCoilName": "HeadMatrix",
    "ReconMatrixPE": 64,
    "RefLinesPE": 24,
    "RepetitionTime": 1.8,
    "SAR": 0.172601,
    "ScanOptions": "FS",
    "ScanningSequence": "EP",
    "SequenceName": "epfid2d1_64",
    "SequenceVariant": "SK",
    "SeriesDescription": "Daselaar_run1",
    "SeriesNumber": 5,
    "ShimSetting": [
      -2770,
      -22791,
      2273,
      426,
      -63,
      332,
      -386,
      435
    ],
    "SliceThickness": 3.8,
    "SliceTiming": [
      0.9025,
      0,
      0.955,
      0.0525,
      1.0075,
      0.105,
      1.0625,
      0.1575,
      1.115,
      0.2125,
      1.1675,
      0.265,
      1.22,
      0.3175,
      1.275,
      0.37,
      1.3275,
      0.425,
      1.38,
      0.4775,
      1.435,
      0.53,
      1.4875,
      0.5825,
      1.54,
      0.6375,
      1.5925,
      0.69,
      1.6475,
      0.7425,
      1.7,
      0.795,
      1.7525,
      0.85
    ],
    "SoftwareVersions": "syngo_MR_B17",
    "SpacingBetweenSlices": 3.8,
    "StationName": "MRC35002",
    "TaskName": "RecogConf",
    "TotalReadoutTime": 0.0135451,
    "TxRefAmp": 354.293,
    "dataset": "ds004086",
    "modality": "bold",
    "run_id": 1,
    "subject_id": "033",
    "task_id": "RecogConf"
  },
  "dummy_trs": 0,
  "dvars_nstd": 23.17987442765181,
  "dvars_std": 1.0623655787044544,
  "dvars_vstd": 0.9801881810931174,
  "efc": 0.456247876543644,
  "fber": 1786.1593017578125,
  "fd_mean": 0.10995325601926913,
  "fd_num": 20,
  "fd_perc": 8.064516129032258,
  "fwhm_avg": 1.9379487168838632,
  "fwhm_x": 1.8531333333333333,
  "fwhm_y": 2.0687813333333334,
  "fwhm_z": 1.8919314839849228,
  "gcor": 0.0267635,
  "gsr_x": -0.014006337150931358,
  "gsr_y": 0.01285618543624878,
  "provenance": {
    "md5sum": "9bd6f2cc62a55e200c38b9701410e8b8",
    "settings": {
      "fd_thres": 0.2,
      "testing": false
    },
    "software": "mriqc",
    "version": "23.0.0",
    "webapi_port": null,
    "webapi_url": "https://mriqc.nimh.nih.gov/api/v1"
  },
  "size_t": 248,
  "size_x": 64,
  "size_y": 64,
  "size_z": 34,
  "snr": 5.9412533010821695,
  "spacing_tr": 1.7999999523162842,
  "spacing_x": 3.75,
  "spacing_y": 3.75,
  "spacing_z": 3.8000001907348633,
  "summary_bg_k": 93.68622805766984,
  "summary_bg_mad": 5.631497774964833,
  "summary_bg_mean": 32.24978256225586,
  "summary_bg_median": 18.120967864990234,
  "summary_bg_n": 93733.0,
  "summary_bg_p05": 13.391128540039062,
  "summary_bg_p95": 91.3806427001953,
  "summary_bg_stdv": 50.88105392456055,
  "summary_fg_k": 1.7218822279332482,
  "summary_fg_mad": 113.18596526530804,
  "summary_fg_mean": 768.6761474609375,
  "summary_fg_median": 768.8467407226562,
  "summary_fg_n": 17589.0,
  "summary_fg_p05": 559.2338500976563,
  "summary_fg_p95": 976.8128784179687,
  "summary_fg_stdv": 129.4044952392578,
  "tsnr": 61.829095150809735
}