{
  "aor": 0.0029885080645161294,
  "aqi": 0.007578486048387098,
  "bids_meta": {
    "AcquisitionMatrixPE": 64,
    "AcquisitionNumber": 1,
    "AcquisitionTime": "12:34:56.480000",
    "BandwidthPerPixelPhaseEncode": 72.674,
    "BaseResolution": 64,
    "CoilString": "T:HEA;HEP",
    "ConversionSoftware": "dcm2niix",
    "ConversionSoftwareVersion": "v1.0.20190902",
    "DerivedVendorReportedEchoSpacing": 0.000430002,
    "DeviceSerialNumber": "35002",
    "DwellTime": 2.7e-06,
    "EchoTime": 0.031,
    "EffectiveEchoSpacing": 0.000215001,
    "FlipAngle": 90,
    "ImageOrientationPatientDICOM": [
      1,
      0,
      0,
      0,
      1,
      0
    ],
    "ImageType": [
      "ORIGINAL",
      "PRIMARY",
      "M",
      "ND",
      "MOSAIC"
    ],
    "ImagingFrequency": 123.263,
    "InPlanePhaseEncodingDirectionDICOM": "COL",
    "InstitutionAddress": "University_Pkwy_1700_North_685_Provo_AEC1C0_UT_US_84601",
    "InstitutionName": "Brigham_Young_University",
    "InstitutionalDepartmentName": "MRI",
    "MRAcquisitionType": "2D",
    "MagneticFieldStrength": 3,
    "Manufacturer": "Siemens",
    "ManufacturersModelName": "TrioTim",
    "Modality": "MR",
    "ParallelReductionFactorInPlane": 2,
    "PartialFourier": 1,
    "PatientPosition": "HFS",
    "PercentPhaseFOV": 100,
    "PhaseEncodingDirection": "j-",
    "PhaseEncodingSteps": 63,
    "PhaseResolution": 1,
    "PixelBandwidth": 2894,
    "ProcedureStepDescription": "Research_KIRWAN",
    "ProtocolName": "Daselaar_run4",
    "PulseSequenceDetails": "%CustomerSeq%_ep2d_bold_PMU",
    "ReceiveCoilName": "HeadMatrix",
    "ReconMatrixPE": 64,
    "RefLinesPE": 24,
    "RepetitionTime": 1.8,
    "SAR": 0.172601,
    "ScanOptions": "FS",
    "ScanningSequence": "EP",
    "SequenceName": "epfid2d1_64",
    "SequenceVariant": "SK",
    "SeriesDescription": "Daselaar_run4",
    "SeriesNumber": 8,
    "ShimSetting": [
      -2770,
      -22791,
      2273,
      426,
      -63,
      332,
      -386,
      435
    ],
    "SliceThickness": 3.8,
    "SliceTiming": [
      0.905,
      0,
      0.9575,
      0.0525,
      1.01,
      0.1075,
      1.0625,
      0.16,
      1.1175,
      0.2125,
      1.17,
      0.265,
      1.2225,
      0.32,
      1.275,
      0.3725,
      1.33,
      0.425,
      1.3825,
      0.48,
      1.435,
      0.5325,
      1.4875,
      0.585,
      1.5425,
      0.6375,
      1.595,
      0.6925,
      1.6475,
      0.745,
      1.7,
      0.7975,
      1.755,
      0.85
    ],
    "SoftwareVersions": "syngo_MR_B17",
    "SpacingBetweenSlices": 3.8,
    "StationName": "MRC35002",
    "TaskName": "RecogConf",
    "TotalReadoutTime": 0.0135451,
    "TxRefAmp": 354.293,
    "dataset": "ds004086",
    "modality": "bold",
    "run_id": 4,
    "subject_id": "033",
    "task_id": "RecogConf"
  },
  "dummy_trs": 0,
  "dvars_nstd": 25.11451853234817,
  "dvars_std": 1.1296721598380564,
  "dvars_vstd": 1.040562753076924,
  "efc": 0.4559961135487455,
  "fber": 1805.92724609375,
  "fd_mean": 0.1840403430569141,
  "fd_num": 78,
  "fd_perc": 31.451612903225808,
  "fwhm_avg": 1.9255034892524396,
  "fwhm_x": 1.8612053333333334,
  "fwhm_y": 2.0495973333333333,
  "fwhm_z": 1.865707801090652,
  "gcor": 0.0741205,
  "gsr_x": -0.013493267819285393,
  "gsr_y": 0.012486527673900127,
  "provenance": {
    "md5sum": "9bef0f56f176a829d0ecba236c0983e2",
    "settings": {
      "fd_thres": 0.2,
      "testing": false
    },
    "software": "mriqc",
    "version": "23.0.0",
    "webapi_port": null,
    "webapi_url": "https://mriqc.nimh.nih.gov/api/v1"
  },
  "size_t": 248,
  "size_x": 64,
  "size_y": 64,
  "size_z": 34,
  "snr": 6.093186250144798,
  "spacing_tr": 1.7999999523162842,
  "spacing_x": 3.75,
  "spacing_y": 3.75,
  "spacing_z": 3.8000001907348633,
  "summary_bg_k": 92.26474979734678,
  "summary_bg_mad": 5.655409984208004,
  "summary_bg_mean": 32.63477325439453,
  "summary_bg_median": 18.217741012573242,
  "summary_bg_n": 93756.0,
  "summary_bg_p05": 13.491934776306152,
  "summary_bg_p95": 93.8639087677002,
  "summary_bg_stdv": 52.91961669921875,
  "summary_fg_k": 1.7860570954466635,
  "summary_fg_mad": 112.12776517111831,
  "summary_fg_mean": 778.0217895507812,
  "summary_fg_median": 778.1350708007812,
  "summary_fg_n": 17498.0,
  "summary_fg_p05": 572.6632690429688,
  "summary_fg_p95": 985.3660858154295,
  "summary_fg_stdv": 127.7021255493164,
  "tsnr": 54.85426789778285
}