{
  "bids_meta": {
    "AcquisitionMatrixPE": 215,
    "AcquisitionNumber": 1,
    "AcquisitionTime": "16:08:51.727500",
    "BaseResolution": 256,
    "CoilString": "C:HEA;HEP",
    "ConversionSoftware": "dcm2niix",
    "ConversionSoftwareVersion": "v1.0.20190902",
    "DeviceSerialNumber": "35002",
    "DwellTime": 9.8e-06,
    "EchoTime": 0.00226,
    "FlipAngle": 9,
    "ImageOrientationPatientDICOM": [
      0,
      1,
      0,
      0,
      0,
      -1
    ],
    "ImageType": [
      "ORIGINAL",
      "PRIMARY",
      "M",
      "ND",
      "NORM"
    ],
    "ImagingFrequency": 123.263,
    "InPlanePhaseEncodingDirectionDICOM": "ROW",
    "InstitutionAddress": "University_Pkwy_1700_North_685_Provo_AEC1C0_UT_US_84601",
    "InstitutionName": "Brigham_Young_University",
    "InstitutionalDepartmentName": "MRI",
    "InversionTime": 0.9,
    "MRAcquisitionType": "3D",
    "MagneticFieldStrength": 3,
    "Manufacturer": "Siemens",
    "ManufacturersModelName": "TrioTim",
    "Modality": "MR",
    "PartialFourier": 0.875,
    "PatientPosition": "HFS",
    "PercentPhaseFOV": 87.5,
    "PhaseEncodingSteps": 227,
    "PhaseOversampling": 0.2,
    "PhaseResolution": 0.96,
    "PixelBandwidth": 199,
    "ProcedureStepDescription": "Research_KIRWAN",
    "ProtocolName": "t1_mpr_sag_iso_(mprage)",
    "PulseSequenceDetails": "%SiemensSeq%_tfl",
    "ReceiveCoilName": "HeadMatrix",
    "ReconMatrixPE": 224,
    "RepetitionTime": 1.9,
    "SAR": 0.0729959,
    "ScanOptions": "IR_PFP",
    "ScanningSequence": "GR_IR",
    "SequenceName": "_tfl3d1_ns",
    "SequenceVariant": "SP_MP_OSP",
    "SeriesDescription": "t1_mpr_sag_iso_(mprage)",
    "SeriesNumber": 2,
    "ShimSetting": [
      -2768,
      -22810,
      1838,
      -69,
      10,
      173,
      -426,
      363
    ],
    "SliceThickness": 1,
    "SoftwareVersions": "syngo_MR_B17",
    "StationName": "MRC35002",
    "TxRefAmp": 328.512,
    "dataset": "ds004086",
    "modality": "T1w",
    "subject_id": "011"
  },
  "cjv": 0.32756970482165654,
  "cnr": 4.203358994372727,
  "efc": 0.5795319613419074,
  "fber": 20998.443505623218,
  "fwhm_avg": 4.518176373333333,
  "fwhm_x": 4.37526,
  "fwhm_y": 4.7915212799999995,
  "fwhm_z": 4.38774784,
  "icvs_csf": 0.1706323008588229,
  "icvs_gm": 0.47619672515529893,
  "icvs_wm": 0.3531709739858782,
  "inu_med": 0.48092444241046906,
  "inu_range": 0.19675755500793457,
  "provenance": {
    "md5sum": "b43af924670af602c61ec3f3e855c8eb",
    "settings": {
      "testing": false
    },
    "software": "mriqc",
    "version": "23.0.0",
    "warnings": {
      "large_rot_frame": true,
      "small_air_mask": false
    },
    "webapi_port": null,
    "webapi_url": "https://mriqc.nimh.nih.gov/api/v1"
  },
  "qi_1": 0.0,
  "qi_2": 0.006812265088116206,
  "rpve_csf": 26.29326856204056,
  "rpve_gm": 10.681760003785971,
  "rpve_wm": 15.790833631902673,
  "size_x": 176,
  "size_y": 224,
  "size_z": 256,
  "snr_csf": 2.298409284718303,
  "snr_gm": 14.187356405635862,
  "snr_total": 13.548020963978777,
  "snr_wm": 24.158297201582165,
  "snrd_csf": 26.35535358288557,
  "snrd_gm": 63.59188591443337,
  "snrd_total": 59.32513328341767,
  "snrd_wm": 88.02816035293408,
  "spacing_x": 1.0,
  "spacing_y": 0.9765625,
  "spacing_z": 0.9765625,
  "summary_bg_k": 8.644197065417352,
  "summary_bg_mad": 0.0,
  "summary_bg_mean": 4.150288828139583,
  "summary_bg_median": 0.0,
  "summary_bg_n": 2349756.0,
  "summary_bg_p05": 0.0,
  "summary_bg_p95": 18.38662724941969,
  "summary_bg_stdv": 7.442890838555762,
  "summary_csf_k": 0.09303455628959112,
  "summary_csf_mad": 114.31983267282814,
  "summary_csf_mean": 301.7872029489079,
  "summary_csf_median": 299.41859394311905,
  "summary_csf_n": 18466.0,
  "summary_csf_p05": 74.02797700371593,
  "summary_csf_p95": 528.0886439047754,
  "summary_csf_stdv": 130.26856814830933,
  "summary_gm_k": -0.0222006813602893,
  "summary_gm_mad": 51.66480656608963,
  "summary_gm_mean": 721.3390262948845,
  "summary_gm_median": 722.4563695117831,
  "summary_gm_n": 40991.0,
  "summary_gm_p05": 636.0283202771097,
  "summary_gm_p95": 802.0711922459304,
  "summary_gm_stdv": 50.92192910534711,
  "summary_wm_k": 0.5326012859566052,
  "summary_wm_mad": 39.27387277026,
  "summary_wm_mean": 1000.9862761820261,
  "summary_wm_median": 1000.0726386532187,
  "summary_wm_n": 173894.0,
  "summary_wm_p05": 934.55665262416,
  "summary_wm_p95": 1070.3124617226422,
  "summary_wm_stdv": 41.396533653865404,
  "tpm_overlap_csf": 0.1470169444561698,
  "tpm_overlap_gm": 0.4799590474374403,
  "tpm_overlap_wm": 0.5131977900242907,
  "wm2max": 0.5124280846785455
}