{
  "bids_meta": {
    "AcquisitionMatrixPE": 215,
    "AcquisitionNumber": 1,
    "AcquisitionTime": "10:49:14.932500",
    "BaseResolution": 256,
    "CoilString": "C:HEA;HEP",
    "ConversionSoftware": "dcm2niix",
    "ConversionSoftwareVersion": "v1.0.20190902",
    "DeviceSerialNumber": "35002",
    "DwellTime": 9.8e-06,
    "EchoTime": 0.00226,
    "FlipAngle": 9,
    "ImageOrientationPatientDICOM": [
      0,
      1,
      0,
      0,
      0,
      -1
    ],
    "ImageType": [
      "ORIGINAL",
      "PRIMARY",
      "M",
      "ND",
      "NORM"
    ],
    "ImagingFrequency": 123.263,
    "InPlanePhaseEncodingDirectionDICOM": "ROW",
    "InstitutionAddress": "University_Pkwy_1700_North_685_Provo_AEC1C0_UT_US_84601",
    "InstitutionName": "Brigham_Young_University",
    "InstitutionalDepartmentName": "MRI",
    "InversionTime": 0.9,
    "MRAcquisitionType": "3D",
    "MagneticFieldStrength": 3,
    "Manufacturer": "Siemens",
    "ManufacturersModelName": "TrioTim",
    "Modality": "MR",
    "PartialFourier": 0.875,
    "PatientPosition": "HFS",
    "PercentPhaseFOV": 87.5,
    "PhaseEncodingSteps": 227,
    "PhaseOversampling": 0.2,
    "PhaseResolution": 0.96,
    "PixelBandwidth": 199,
    "ProcedureStepDescription": "Research_KIRWAN",
    "ProtocolName": "t1_mpr_sag_iso_(mprage)",
    "PulseSequenceDetails": "%SiemensSeq%_tfl",
    "ReceiveCoilName": "HeadMatrix",
    "ReconMatrixPE": 224,
    "RepetitionTime": 1.9,
    "SAR": 0.0948709,
    "ScanOptions": "IR_PFP",
    "ScanningSequence": "GR_IR",
    "SequenceName": "_tfl3d1_ns",
    "SequenceVariant": "SP_MP_OSP",
    "SeriesDescription": "t1_mpr_sag_iso_(mprage)",
    "SeriesNumber": 2,
    "ShimSetting": [
      -2768,
      -22810,
      1838,
      -69,
      10,
      173,
      -426,
      363
    ],
    "SliceThickness": 1,
    "SoftwareVersions": "syngo_MR_B17",
    "StationName": "MRC35002",
    "TxRefAmp": 334.108,
    "dataset": "ds004086",
    "modality": "T1w",
    "subject_id": "037"
  },
  "cjv": 0.34380412166892,
  "cnr": 3.9761752725790074,
  "efc": 0.5814311713549158,
  "fber": 20212.02856576076,
  "fwhm_avg": 4.432441466666667,
  "fwhm_x": 4.21255,
  "fwhm_y": 4.80508928,
  "fwhm_z": 4.27968512,
  "icvs_csf": 0.17587024637591037,
  "icvs_gm": 0.4559801469444672,
  "icvs_wm": 0.36814960667962243,
  "inu_med": 0.39523541927337646,
  "inu_range": 0.1597427248954773,
  "provenance": {
    "md5sum": "f6d292b266d6ff8ad97ee3094bd7cd08",
    "settings": {
      "testing": false
    },
    "software": "mriqc",
    "version": "23.0.0",
    "warnings": {
      "large_rot_frame": true,
      "small_air_mask": false
    },
    "webapi_port": null,
    "webapi_url": "https://mriqc.nimh.nih.gov/api/v1"
  },
  "qi_1": 0.0,
  "qi_2": 0.0067500272354264704,
  "rpve_csf": 20.51990936574493,
  "rpve_gm": 8.971585349944556,
  "rpve_wm": 12.655740319915939,
  "size_x": 176,
  "size_y": 224,
  "size_z": 256,
  "snr_csf": 2.9238181569069743,
  "snr_gm": 14.802755449505822,
  "snr_total": 14.696632876406815,
  "snr_wm": 26.363325022807647,
  "snrd_csf": 26.652170530384637,
  "snrd_gm": 61.55574084987615,
  "snrd_total": 56.870497569985446,
  "snrd_wm": 82.40358132969556,
  "spacing_x": 1.0,
  "spacing_y": 0.9765625,
  "spacing_z": 0.9765625,
  "summary_bg_k": 6.844857971612589,
  "summary_bg_mad": 0.0,
  "summary_bg_mean": 5.089375079829226,
  "summary_bg_median": 0.0,
  "summary_bg_n": 3067547.0,
  "summary_bg_p05": 0.0,
  "summary_bg_p95": 21.368296146392822,
  "summary_bg_stdv": 7.950915140040922,
  "summary_csf_k": 1.2193297632702453,
  "summary_csf_mad": 88.27634457577136,
  "summary_csf_mean": 333.94799671693545,
  "summary_csf_median": 323.4580557346344,
  "summary_csf_n": 25278.0,
  "summary_csf_p05": 153.6652123808861,
  "summary_csf_p95": 534.2544863462447,
  "summary_csf_stdv": 110.62646180374682,
  "summary_gm_k": 0.07005085550696766,
  "summary_gm_mad": 49.937348208921755,
  "summary_gm_mean": 745.3225991121693,
  "summary_gm_median": 747.0573637485504,
  "summary_gm_n": 51284.0,
  "summary_gm_p05": 659.4835669994354,
  "summary_gm_p95": 825.3232755661011,
  "summary_gm_stdv": 50.46696087960175,
  "summary_wm_k": 0.21990265561618338,
  "summary_wm_mad": 37.05029060661936,
  "summary_wm_mean": 1001.7247072834765,
  "summary_wm_median": 1000.0724771022797,
  "summary_wm_n": 258608.0,
  "summary_wm_p05": 942.378077507019,
  "summary_wm_p95": 1066.603934764862,
  "summary_wm_stdv": 37.93415825457874,
  "tpm_overlap_csf": 0.1759288408368744,
  "tpm_overlap_gm": 0.46861552524468747,
  "tpm_overlap_wm": 0.5222252446150001,
  "wm2max": 0.48928856206254984
}