{
  "aor": 0.0010483805668016195,
  "aqi": 0.0044999270445344125,
  "bids_meta": {
    "AcquisitionMatrixPE": 64,
    "AcquisitionNumber": 1,
    "AcquisitionTime": "09:52:48.140000",
    "BandwidthPerPixelPhaseEncode": 72.674,
    "BaseResolution": 64,
    "CoilString": "T:HEA;HEP",
    "ConversionSoftware": "dcm2niix",
    "ConversionSoftwareVersion": "v1.0.20190902",
    "DerivedVendorReportedEchoSpacing": 0.000430002,
    "DeviceSerialNumber": "35002",
    "DwellTime": 2.7e-06,
    "EchoTime": 0.031,
    "EffectiveEchoSpacing": 0.000215001,
    "FlipAngle": 90,
    "ImageOrientationPatientDICOM": [
      1,
      0,
      0,
      0,
      1,
      0
    ],
    "ImageType": [
      "ORIGINAL",
      "PRIMARY",
      "M",
      "ND",
      "MOSAIC"
    ],
    "ImagingFrequency": 123.263,
    "InPlanePhaseEncodingDirectionDICOM": "COL",
    "InstitutionAddress": "University_Pkwy_1700_North_685_Provo_AEC1C0_UT_US_84601",
    "InstitutionName": "Brigham_Young_University",
    "InstitutionalDepartmentName": "MRI",
    "MRAcquisitionType": "2D",
    "MagneticFieldStrength": 3,
    "Manufacturer": "Siemens",
    "ManufacturersModelName": "TrioTim",
    "Modality": "MR",
    "ParallelReductionFactorInPlane": 2,
    "PartialFourier": 1,
    "PatientPosition": "HFS",
    "PercentPhaseFOV": 100,
    "PhaseEncodingDirection": "j-",
    "PhaseEncodingSteps": 63,
    "PhaseResolution": 1,
    "PixelBandwidth": 2894,
    "ProcedureStepDescription": "Research_KIRWAN",
    "ProtocolName": "Daselaar_run2",
    "PulseSequenceDetails": "%CustomerSeq%_ep2d_bold_PMU",
    "ReceiveCoilName": "HeadMatrix",
    "ReconMatrixPE": 64,
    "RefLinesPE": 24,
    "RepetitionTime": 1.8,
    "SAR": 0.163331,
    "ScanOptions": "FS",
    "ScanningSequence": "EP",
    "SequenceName": "epfid2d1_64",
    "SequenceVariant": "SK",
    "SeriesDescription": "Daselaar_run2",
    "SeriesNumber": 6,
    "ShimSetting": [
      -2756,
      -22884,
      2254,
      918,
      -10,
      11,
      -221,
      318
    ],
    "SliceThickness": 3.8,
    "SliceTiming": [
      0.9025,
      0,
      0.9575,
      0.0525,
      1.01,
      0.1075,
      1.0625,
      0.16,
      1.115,
      0.2125,
      1.17,
      0.265,
      1.2225,
      0.32,
      1.275,
      0.3725,
      1.3275,
      0.425,
      1.3825,
      0.4775,
      1.435,
      0.5325,
      1.4875,
      0.585,
      1.54,
      0.6375,
      1.595,
      0.69,
      1.6475,
      0.745,
      1.7,
      0.7975,
      1.7525,
      0.85
    ],
    "SoftwareVersions": "syngo_MR_B17",
    "SpacingBetweenSlices": 3.8,
    "StationName": "MRC35002",
    "TaskName": "RecogConf",
    "TotalReadoutTime": 0.0135451,
    "TxRefAmp": 325.786,
    "dataset": "ds004086",
    "modality": "bold",
    "run_id": 2,
    "subject_id": "046",
    "task_id": "RecogConf"
  },
  "dummy_trs": 1,
  "dvars_nstd": 22.300680765406497,
  "dvars_std": 1.1758984366666667,
  "dvars_vstd": 1.0137881083739837,
  "efc": 0.4402280889168495,
  "fber": 2446.09375,
  "fd_mean": 0.08056317848808046,
  "fd_num": 2,
  "fd_perc": 0.8097165991902834,
  "fwhm_avg": 1.9133767637028007,
  "fwhm_x": 1.8101466666666668,
  "fwhm_y": 2.040162666666667,
  "fwhm_z": 1.889820957775068,
  "gcor": 0.0180432,
  "gsr_x": -0.010201890021562576,
  "gsr_y": 0.007870473898947239,
  "provenance": {
    "md5sum": "71899eee42cb29e19d97ee347e155064",
    "settings": {
      "fd_thres": 0.2,
      "testing": false
    },
    "software": "mriqc",
    "version": "23.0.0",
    "webapi_port": null,
    "webapi_url": "https://mriqc.nimh.nih.gov/api/v1"
  },
  "size_t": 247,
  "size_x": 64,
  "size_y": 64,
  "size_z": 34,
  "snr": 6.432916115473358,
  "spacing_tr": 1.7999999523162842,
  "spacing_x": 3.75,
  "spacing_y": 3.75,
  "spacing_z": 3.8000001907348633,
  "summary_bg_k": 53.272371459126155,
  "summary_bg_mad": 4.80194969814498,
  "summary_bg_mean": 26.430204391479492,
  "summary_bg_median": 16.384614944458008,
  "summary_bg_n": 93846.0,
  "summary_bg_p05": 12.242915153503418,
  "summary_bg_p95": 76.02530670166016,
  "summary_bg_stdv": 34.045196533203125,
  "summary_fg_k": 2.1722714850666476,
  "summary_fg_mad": 108.53002963624614,
  "summary_fg_mean": 817.1246948242188,
  "summary_fg_median": 815.5991821289062,
  "summary_fg_n": 17475.0,
  "summary_fg_p05": 618.7157897949219,
  "summary_fg_p95": 1025.1612060546875,
  "summary_fg_stdv": 126.78166961669922,
  "tsnr": 74.8277186381165
}