{
  "aor": 0.0008639676113360325,
  "aqi": 0.004559027813765181,
  "bids_meta": {
    "AcquisitionMatrixPE": 64,
    "AcquisitionNumber": 1,
    "AcquisitionTime": "09:44:59.320000",
    "BandwidthPerPixelPhaseEncode": 72.674,
    "BaseResolution": 64,
    "CoilString": "T:HEA;HEP",
    "ConversionSoftware": "dcm2niix",
    "ConversionSoftwareVersion": "v1.0.20190902",
    "DerivedVendorReportedEchoSpacing": 0.000430002,
    "DeviceSerialNumber": "35002",
    "DwellTime": 2.7e-06,
    "EchoTime": 0.031,
    "EffectiveEchoSpacing": 0.000215001,
    "FlipAngle": 90,
    "ImageOrientationPatientDICOM": [
      1,
      0,
      0,
      0,
      1,
      0
    ],
    "ImageType": [
      "ORIGINAL",
      "PRIMARY",
      "M",
      "ND",
      "MOSAIC"
    ],
    "ImagingFrequency": 123.263,
    "InPlanePhaseEncodingDirectionDICOM": "COL",
    "InstitutionAddress": "University_Pkwy_1700_North_685_Provo_AEC1C0_UT_US_84601",
    "InstitutionName": "Brigham_Young_University",
    "InstitutionalDepartmentName": "MRI",
    "MRAcquisitionType": "2D",
    "MagneticFieldStrength": 3,
    "Manufacturer": "Siemens",
    "ManufacturersModelName": "TrioTim",
    "Modality": "MR",
    "ParallelReductionFactorInPlane": 2,
    "PartialFourier": 1,
    "PatientPosition": "HFS",
    "PercentPhaseFOV": 100,
    "PhaseEncodingDirection": "j-",
    "PhaseEncodingSteps": 63,
    "PhaseResolution": 1,
    "PixelBandwidth": 2894,
    "ProcedureStepDescription": "Research_KIRWAN",
    "ProtocolName": "Daselaar_run1",
    "PulseSequenceDetails": "%CustomerSeq%_ep2d_bold_PMU",
    "ReceiveCoilName": "HeadMatrix",
    "ReconMatrixPE": 64,
    "RefLinesPE": 24,
    "RepetitionTime": 1.8,
    "SAR": 0.163331,
    "ScanOptions": "FS",
    "ScanningSequence": "EP",
    "SequenceName": "epfid2d1_64",
    "SequenceVariant": "SK",
    "SeriesDescription": "Daselaar_run1",
    "SeriesNumber": 5,
    "ShimSetting": [
      -2756,
      -22884,
      2254,
      918,
      -10,
      11,
      -221,
      318
    ],
    "SliceThickness": 3.8,
    "SliceTiming": [
      0.905,
      0,
      0.9575,
      0.055,
      1.01,
      0.1075,
      1.065,
      0.16,
      1.1175,
      0.2125,
      1.17,
      0.2675,
      1.2225,
      0.32,
      1.2775,
      0.3725,
      1.33,
      0.425,
      1.3825,
      0.48,
      1.435,
      0.5325,
      1.49,
      0.585,
      1.5425,
      0.6375,
      1.595,
      0.6925,
      1.6475,
      0.745,
      1.7025,
      0.7975,
      1.755,
      0.85
    ],
    "SoftwareVersions": "syngo_MR_B17",
    "SpacingBetweenSlices": 3.8,
    "StationName": "MRC35002",
    "TaskName": "RecogConf",
    "TotalReadoutTime": 0.0135451,
    "TxRefAmp": 325.786,
    "dataset": "ds004086",
    "modality": "bold",
    "run_id": 1,
    "subject_id": "046",
    "task_id": "RecogConf"
  },
  "dummy_trs": 1,
  "dvars_nstd": 21.96568009142277,
  "dvars_std": 1.1386125063008132,
  "dvars_vstd": 1.0090573030487806,
  "efc": 0.4402992597415372,
  "fber": 2387.96875,
  "fd_mean": 0.0840996734990257,
  "fd_num": 5,
  "fd_perc": 2.0242914979757085,
  "fwhm_avg": 1.9205168336693639,
  "fwhm_x": 1.8200159999999999,
  "fwhm_y": 2.039229333333333,
  "fwhm_z": 1.902305167674759,
  "gcor": 0.0112793,
  "gsr_x": -0.009679414331912994,
  "gsr_y": 0.00774022750556469,
  "provenance": {
    "md5sum": "4f2910eac993885687d409e2ab00eec6",
    "settings": {
      "fd_thres": 0.2,
      "testing": false
    },
    "software": "mriqc",
    "version": "23.0.0",
    "webapi_port": null,
    "webapi_url": "https://mriqc.nimh.nih.gov/api/v1"
  },
  "size_t": 247,
  "size_x": 64,
  "size_y": 64,
  "size_z": 34,
  "snr": 6.418719688180736,
  "spacing_tr": 1.7999999523162842,
  "spacing_x": 3.75,
  "spacing_y": 3.75,
  "spacing_z": 3.8000001907348633,
  "summary_bg_k": 53.27790216122814,
  "summary_bg_mad": 4.88598318513347,
  "summary_bg_mean": 26.397119522094727,
  "summary_bg_median": 16.574899673461914,
  "summary_bg_n": 93810.0,
  "summary_bg_p05": 12.31174087524414,
  "summary_bg_p95": 75.31619682312014,
  "summary_bg_stdv": 33.47926712036133,
  "summary_fg_k": 2.170671878083982,
  "summary_fg_mad": 108.95325537940718,
  "summary_fg_mean": 817.8697509765625,
  "summary_fg_median": 815.9352416992188,
  "summary_fg_n": 17490.0,
  "summary_fg_p05": 618.6400939941407,
  "summary_fg_p95": 1026.9117614746094,
  "summary_fg_stdv": 127.11443328857422,
  "tsnr": 74.40552433999255
}