{
  "aor": 0.0007819028340080973,
  "aqi": 0.008855557530364372,
  "bids_meta": {
    "AcquisitionMatrixPE": 64,
    "AcquisitionNumber": 1,
    "AcquisitionTime": "10:02:46.777500",
    "BandwidthPerPixelPhaseEncode": 72.674,
    "BaseResolution": 64,
    "CoilString": "T:HEA;HEP",
    "ConversionSoftware": "dcm2niix",
    "ConversionSoftwareVersion": "v1.0.20190902",
    "DerivedVendorReportedEchoSpacing": 0.000430002,
    "DeviceSerialNumber": "35002",
    "DwellTime": 2.7e-06,
    "EchoTime": 0.031,
    "EffectiveEchoSpacing": 0.000215001,
    "FlipAngle": 90,
    "ImageOrientationPatientDICOM": [
      1,
      0,
      0,
      0,
      1,
      0
    ],
    "ImageType": [
      "ORIGINAL",
      "PRIMARY",
      "M",
      "ND",
      "MOSAIC"
    ],
    "ImagingFrequency": 123.263,
    "InPlanePhaseEncodingDirectionDICOM": "COL",
    "InstitutionAddress": "University_Pkwy_1700_North_685_Provo_AEC1C0_UT_US_84601",
    "InstitutionName": "Brigham_Young_University",
    "InstitutionalDepartmentName": "MRI",
    "MRAcquisitionType": "2D",
    "MagneticFieldStrength": 3,
    "Manufacturer": "Siemens",
    "ManufacturersModelName": "TrioTim",
    "Modality": "MR",
    "ParallelReductionFactorInPlane": 2,
    "PartialFourier": 1,
    "PatientPosition": "HFS",
    "PercentPhaseFOV": 100,
    "PhaseEncodingDirection": "j-",
    "PhaseEncodingSteps": 63,
    "PhaseResolution": 1,
    "PixelBandwidth": 2894,
    "ProcedureStepDescription": "Research_KIRWAN",
    "ProtocolName": "Daselaar_run1",
    "PulseSequenceDetails": "%CustomerSeq%_ep2d_bold_PMU",
    "ReceiveCoilName": "HeadMatrix",
    "ReconMatrixPE": 64,
    "RefLinesPE": 24,
    "RepetitionTime": 1.8,
    "SAR": 0.181896,
    "ScanOptions": "FS",
    "ScanningSequence": "EP",
    "SequenceName": "epfid2d1_64",
    "SequenceVariant": "SK",
    "SeriesDescription": "Daselaar_run1",
    "SeriesNumber": 5,
    "ShimSetting": [
      -2794,
      -22771,
      2300,
      359,
      21,
      242,
      -314,
      385
    ],
    "SliceThickness": 3.8,
    "SliceTiming": [
      0.9025,
      0,
      0.955,
      0.0525,
      1.0075,
      0.105,
      1.0625,
      0.1575,
      1.115,
      0.2125,
      1.1675,
      0.265,
      1.2225,
      0.3175,
      1.275,
      0.37,
      1.3275,
      0.425,
      1.38,
      0.4775,
      1.435,
      0.53,
      1.4875,
      0.5825,
      1.54,
      0.6375,
      1.5925,
      0.69,
      1.6475,
      0.7425,
      1.7,
      0.795,
      1.7525,
      0.85
    ],
    "SoftwareVersions": "syngo_MR_B17",
    "SpacingBetweenSlices": 3.8,
    "StationName": "MRC35002",
    "TaskName": "RecogConf",
    "TotalReadoutTime": 0.0135451,
    "TxRefAmp": 361.855,
    "dataset": "ds004086",
    "modality": "bold",
    "run_id": 1,
    "subject_id": "032",
    "task_id": "RecogConf"
  },
  "dummy_trs": 1,
  "dvars_nstd": 25.43144229182928,
  "dvars_std": 1.060374901382113,
  "dvars_vstd": 0.9851065502439023,
  "efc": 0.4684882917702759,
  "fber": 1614.078125,
  "fd_mean": 0.12901736882977818,
  "fd_num": 31,
  "fd_perc": 12.550607287449393,
  "fwhm_avg": 1.856758732741658,
  "fwhm_x": 1.7253786666666668,
  "fwhm_y": 2.0290106666666667,
  "fwhm_z": 1.8158868648916402,
  "gcor": 0.0228691,
  "gsr_x": -0.0199748482555151,
  "gsr_y": 0.024906326085329056,
  "provenance": {
    "md5sum": "874012cbfd5b8cbfaf159bd11ffe61b5",
    "settings": {
      "fd_thres": 0.2,
      "testing": false
    },
    "software": "mriqc",
    "version": "23.0.0",
    "webapi_port": null,
    "webapi_url": "https://mriqc.nimh.nih.gov/api/v1"
  },
  "size_t": 247,
  "size_x": 64,
  "size_y": 64,
  "size_z": 34,
  "snr": 5.99640787655883,
  "spacing_tr": 1.7999999523162842,
  "spacing_x": 3.75,
  "spacing_y": 3.75,
  "spacing_z": 3.799999952316284,
  "summary_bg_k": 66.83386186685838,
  "summary_bg_mad": 5.699315017404487,
  "summary_bg_mean": 32.53782653808594,
  "summary_bg_median": 17.742916107177734,
  "summary_bg_n": 92698.0,
  "summary_bg_p05": 13.004049301147461,
  "summary_bg_p95": 98.353441619873,
  "summary_bg_stdv": 46.838260650634766,
  "summary_fg_k": 1.5769036391671998,
  "summary_fg_mad": 105.58283287998948,
  "summary_fg_mean": 720.20166015625,
  "summary_fg_median": 717.0607299804688,
  "summary_fg_n": 18467.0,
  "summary_fg_p05": 527.3202697753907,
  "summary_fg_p95": 915.0129760742187,
  "summary_fg_stdv": 119.57847595214844,
  "tsnr": 52.461056517786346
}