{
  "aor": 0.0009637903225806451,
  "aqi": 0.008351042983870967,
  "bids_meta": {
    "AcquisitionMatrixPE": 64,
    "AcquisitionNumber": 1,
    "AcquisitionTime": "10:18:20.785000",
    "BandwidthPerPixelPhaseEncode": 72.674,
    "BaseResolution": 64,
    "CoilString": "T:HEA;HEP",
    "ConversionSoftware": "dcm2niix",
    "ConversionSoftwareVersion": "v1.0.20190902",
    "DerivedVendorReportedEchoSpacing": 0.000430002,
    "DeviceSerialNumber": "35002",
    "DwellTime": 2.7e-06,
    "EchoTime": 0.031,
    "EffectiveEchoSpacing": 0.000215001,
    "FlipAngle": 90,
    "ImageOrientationPatientDICOM": [
      1,
      0,
      0,
      0,
      1,
      0
    ],
    "ImageType": [
      "ORIGINAL",
      "PRIMARY",
      "M",
      "ND",
      "MOSAIC"
    ],
    "ImagingFrequency": 123.263,
    "InPlanePhaseEncodingDirectionDICOM": "COL",
    "InstitutionAddress": "University_Pkwy_1700_North_685_Provo_AEC1C0_UT_US_84601",
    "InstitutionName": "Brigham_Young_University",
    "InstitutionalDepartmentName": "MRI",
    "MRAcquisitionType": "2D",
    "MagneticFieldStrength": 3,
    "Manufacturer": "Siemens",
    "ManufacturersModelName": "TrioTim",
    "Modality": "MR",
    "ParallelReductionFactorInPlane": 2,
    "PartialFourier": 1,
    "PatientPosition": "HFS",
    "PercentPhaseFOV": 100,
    "PhaseEncodingDirection": "j-",
    "PhaseEncodingSteps": 63,
    "PhaseResolution": 1,
    "PixelBandwidth": 2894,
    "ProcedureStepDescription": "Research_KIRWAN",
    "ProtocolName": "Daselaar_run3",
    "PulseSequenceDetails": "%CustomerSeq%_ep2d_bold_PMU",
    "ReceiveCoilName": "HeadMatrix",
    "ReconMatrixPE": 64,
    "RefLinesPE": 24,
    "RepetitionTime": 1.8,
    "SAR": 0.181896,
    "ScanOptions": "FS",
    "ScanningSequence": "EP",
    "SequenceName": "epfid2d1_64",
    "SequenceVariant": "SK",
    "SeriesDescription": "Daselaar_run3",
    "SeriesNumber": 7,
    "ShimSetting": [
      -2794,
      -22771,
      2300,
      359,
      21,
      242,
      -314,
      385
    ],
    "SliceThickness": 3.8,
    "SliceTiming": [
      0.905,
      0,
      0.9575,
      0.055,
      1.01,
      0.1075,
      1.0625,
      0.16,
      1.1175,
      0.2125,
      1.17,
      0.2675,
      1.2225,
      0.32,
      1.275,
      0.3725,
      1.33,
      0.425,
      1.3825,
      0.48,
      1.435,
      0.5325,
      1.49,
      0.585,
      1.5425,
      0.6375,
      1.595,
      0.6925,
      1.6475,
      0.745,
      1.7025,
      0.7975,
      1.755,
      0.85
    ],
    "SoftwareVersions": "syngo_MR_B17",
    "SpacingBetweenSlices": 3.8,
    "StationName": "MRC35002",
    "TaskName": "RecogConf",
    "TotalReadoutTime": 0.0135451,
    "TxRefAmp": 361.855,
    "dataset": "ds004086",
    "modality": "bold",
    "run_id": 3,
    "subject_id": "032",
    "task_id": "RecogConf"
  },
  "dummy_trs": 0,
  "dvars_nstd": 24.498155887449382,
  "dvars_std": 1.0383076710526316,
  "dvars_vstd": 0.9696632922672059,
  "efc": 0.468122136243031,
  "fber": 1622.954345703125,
  "fd_mean": 0.12083073818569408,
  "fd_num": 21,
  "fd_perc": 8.46774193548387,
  "fwhm_avg": 1.8291648847174002,
  "fwhm_x": 1.7157173333333333,
  "fwhm_y": 1.9728746666666666,
  "fwhm_z": 1.7989026541522006,
  "gcor": 0.0304052,
  "gsr_x": -0.019095666706562042,
  "gsr_y": 0.024846691638231277,
  "provenance": {
    "md5sum": "2f1bc2e5ef0fd44926fe71fbcd9c86d9",
    "settings": {
      "fd_thres": 0.2,
      "testing": false
    },
    "software": "mriqc",
    "version": "23.0.0",
    "webapi_port": null,
    "webapi_url": "https://mriqc.nimh.nih.gov/api/v1"
  },
  "size_t": 248,
  "size_x": 64,
  "size_y": 64,
  "size_z": 34,
  "snr": 6.060312954793634,
  "spacing_tr": 1.7999999523162842,
  "spacing_x": 3.75,
  "spacing_y": 3.75,
  "spacing_z": 3.799999952316284,
  "summary_bg_k": 65.91580176401953,
  "summary_bg_mad": 5.505953020759559,
  "summary_bg_mean": 32.36948013305664,
  "summary_bg_median": 17.66128921508789,
  "summary_bg_n": 92693.0,
  "summary_bg_p05": 13.145160675048828,
  "summary_bg_p95": 99.48306121826167,
  "summary_bg_stdv": 47.08193588256836,
  "summary_fg_k": 1.6022871823682534,
  "summary_fg_mad": 103.54307844838947,
  "summary_fg_mean": 719.9652099609375,
  "summary_fg_median": 717.258056640625,
  "summary_fg_n": 18505.0,
  "summary_fg_p05": 526.9983642578125,
  "summary_fg_p95": 912.2451538085937,
  "summary_fg_stdv": 118.35010528564453,
  "tsnr": 53.085271812044084
}