{
  "aor": 0.0014830645161290322,
  "aqi": 0.006832797580645162,
  "bids_meta": {
    "AcquisitionMatrixPE": 64,
    "AcquisitionNumber": 1,
    "AcquisitionTime": "10:10:33.215000",
    "BandwidthPerPixelPhaseEncode": 72.674,
    "BaseResolution": 64,
    "CoilString": "T:HEA;HEP",
    "ConversionSoftware": "dcm2niix",
    "ConversionSoftwareVersion": "v1.0.20190902",
    "DerivedVendorReportedEchoSpacing": 0.000430002,
    "DeviceSerialNumber": "35002",
    "DwellTime": 2.7e-06,
    "EchoTime": 0.031,
    "EffectiveEchoSpacing": 0.000215001,
    "FlipAngle": 90,
    "ImageOrientationPatientDICOM": [
      1,
      0,
      0,
      0,
      1,
      0
    ],
    "ImageType": [
      "ORIGINAL",
      "PRIMARY",
      "M",
      "ND",
      "MOSAIC"
    ],
    "ImagingFrequency": 123.263,
    "InPlanePhaseEncodingDirectionDICOM": "COL",
    "InstitutionAddress": "University_Pkwy_1700_North_685_Provo_AEC1C0_UT_US_84601",
    "InstitutionName": "Brigham_Young_University",
    "InstitutionalDepartmentName": "MRI",
    "MRAcquisitionType": "2D",
    "MagneticFieldStrength": 3,
    "Manufacturer": "Siemens",
    "ManufacturersModelName": "TrioTim",
    "Modality": "MR",
    "ParallelReductionFactorInPlane": 2,
    "PartialFourier": 1,
    "PatientPosition": "HFS",
    "PercentPhaseFOV": 100,
    "PhaseEncodingDirection": "j-",
    "PhaseEncodingSteps": 63,
    "PhaseResolution": 1,
    "PixelBandwidth": 2894,
    "ProcedureStepDescription": "Research_KIRWAN",
    "ProtocolName": "Daselaar_run2",
    "PulseSequenceDetails": "%CustomerSeq%_ep2d_bold_PMU",
    "ReceiveCoilName": "HeadMatrix",
    "ReconMatrixPE": 64,
    "RefLinesPE": 24,
    "RepetitionTime": 1.8,
    "SAR": 0.181896,
    "ScanOptions": "FS",
    "ScanningSequence": "EP",
    "SequenceName": "epfid2d1_64",
    "SequenceVariant": "SK",
    "SeriesDescription": "Daselaar_run2",
    "SeriesNumber": 6,
    "ShimSetting": [
      -2794,
      -22771,
      2300,
      359,
      21,
      242,
      -314,
      385
    ],
    "SliceThickness": 3.8,
    "SliceTiming": [
      0.905,
      0,
      0.9575,
      0.0525,
      1.01,
      0.1075,
      1.0625,
      0.16,
      1.1175,
      0.2125,
      1.17,
      0.265,
      1.2225,
      0.32,
      1.275,
      0.3725,
      1.33,
      0.425,
      1.3825,
      0.4775,
      1.435,
      0.5325,
      1.4875,
      0.585,
      1.5425,
      0.6375,
      1.595,
      0.6925,
      1.6475,
      0.745,
      1.7,
      0.7975,
      1.755,
      0.85
    ],
    "SoftwareVersions": "syngo_MR_B17",
    "SpacingBetweenSlices": 3.8,
    "StationName": "MRC35002",
    "TaskName": "RecogConf",
    "TotalReadoutTime": 0.0135451,
    "TxRefAmp": 361.855,
    "dataset": "ds004086",
    "modality": "bold",
    "run_id": 2,
    "subject_id": "032",
    "task_id": "RecogConf"
  },
  "dummy_trs": 0,
  "dvars_nstd": 24.969365270202438,
  "dvars_std": 1.0680882163967615,
  "dvars_vstd": 0.995922302874494,
  "efc": 0.46727659259978693,
  "fber": 1614.94873046875,
  "fd_mean": 0.13611464827213943,
  "fd_num": 32,
  "fd_perc": 12.903225806451612,
  "fwhm_avg": 1.8459072356237518,
  "fwhm_x": 1.7300213333333334,
  "fwhm_y": 2.0018266666666666,
  "fwhm_z": 1.805873706871255,
  "gcor": 0.0389602,
  "gsr_x": -0.019221289083361626,
  "gsr_y": 0.024882564321160316,
  "provenance": {
    "md5sum": "de4b14fa98981df391fd5bb219748d31",
    "settings": {
      "fd_thres": 0.2,
      "testing": false
    },
    "software": "mriqc",
    "version": "23.0.0",
    "webapi_port": null,
    "webapi_url": "https://mriqc.nimh.nih.gov/api/v1"
  },
  "size_t": 248,
  "size_x": 64,
  "size_y": 64,
  "size_z": 34,
  "snr": 6.035344139092594,
  "spacing_tr": 1.7999999523162842,
  "spacing_x": 3.75,
  "spacing_y": 3.75,
  "spacing_z": 3.799999952316284,
  "summary_bg_k": 65.2299802754014,
  "summary_bg_mad": 5.559758319396007,
  "summary_bg_mean": 32.08693313598633,
  "summary_bg_median": 17.649192810058594,
  "summary_bg_n": 92771.0,
  "summary_bg_p05": 13.084676742553711,
  "summary_bg_p95": 97.53830337524414,
  "summary_bg_stdv": 46.560123443603516,
  "summary_fg_k": 1.782125883828387,
  "summary_fg_mad": 102.37719423310466,
  "summary_fg_mean": 718.703125,
  "summary_fg_median": 715.9797973632812,
  "summary_fg_n": 18437.0,
  "summary_fg_p05": 526.654833984375,
  "summary_fg_p95": 911.7878662109378,
  "summary_fg_stdv": 118.6279296875,
  "tsnr": 56.32850280357525
}