{
  "aor": 0.0009072177419354841,
  "aqi": 0.006318634032258064,
  "bids_meta": {
    "AcquisitionMatrixPE": 64,
    "AcquisitionNumber": 1,
    "AcquisitionTime": "11:09:1.290000",
    "BandwidthPerPixelPhaseEncode": 72.674,
    "BaseResolution": 64,
    "CoilString": "T:HEA;HEP",
    "ConversionSoftware": "dcm2niix",
    "ConversionSoftwareVersion": "v1.0.20190902",
    "DerivedVendorReportedEchoSpacing": 0.000430002,
    "DeviceSerialNumber": "35002",
    "DwellTime": 2.7e-06,
    "EchoTime": 0.031,
    "EffectiveEchoSpacing": 0.000215001,
    "FlipAngle": 90,
    "ImageOrientationPatientDICOM": [
      1,
      0,
      0,
      0,
      1,
      0
    ],
    "ImageType": [
      "ORIGINAL",
      "PRIMARY",
      "M",
      "ND",
      "MOSAIC"
    ],
    "ImagingFrequency": 123.263,
    "InPlanePhaseEncodingDirectionDICOM": "COL",
    "InstitutionAddress": "University_Pkwy_1700_North_685_Provo_AEC1C0_UT_US_84601",
    "InstitutionName": "Brigham_Young_University",
    "InstitutionalDepartmentName": "MRI",
    "MRAcquisitionType": "2D",
    "MagneticFieldStrength": 3,
    "Manufacturer": "Siemens",
    "ManufacturersModelName": "TrioTim",
    "Modality": "MR",
    "ParallelReductionFactorInPlane": 2,
    "PartialFourier": 1,
    "PatientPosition": "HFS",
    "PercentPhaseFOV": 100,
    "PhaseEncodingDirection": "j-",
    "PhaseEncodingSteps": 63,
    "PhaseResolution": 1,
    "PixelBandwidth": 2894,
    "ProcedureStepDescription": "Research_KIRWAN",
    "ProtocolName": "Daselaar_run4",
    "PulseSequenceDetails": "%CustomerSeq%_ep2d_bold_PMU",
    "ReceiveCoilName": "HeadMatrix",
    "ReconMatrixPE": 64,
    "RefLinesPE": 24,
    "RepetitionTime": 1.8,
    "SAR": 0.159473,
    "ScanOptions": "FS",
    "ScanningSequence": "EP",
    "SequenceName": "epfid2d1_64",
    "SequenceVariant": "SK",
    "SeriesDescription": "Daselaar_run4",
    "SeriesNumber": 8,
    "ShimSetting": [
      -2794,
      -22928,
      2166,
      800,
      -298,
      -130,
      -995,
      391
    ],
    "SliceThickness": 3.8,
    "SliceTiming": [
      0.9025,
      0,
      0.955,
      0.0525,
      1.0075,
      0.105,
      1.0625,
      0.1575,
      1.115,
      0.2125,
      1.1675,
      0.265,
      1.22,
      0.3175,
      1.275,
      0.37,
      1.3275,
      0.425,
      1.38,
      0.4775,
      1.4325,
      0.53,
      1.4875,
      0.5825,
      1.54,
      0.6375,
      1.5925,
      0.69,
      1.6475,
      0.7425,
      1.7,
      0.795,
      1.7525,
      0.85
    ],
    "SoftwareVersions": "syngo_MR_B17",
    "SpacingBetweenSlices": 3.8,
    "StationName": "MRC35002",
    "TaskName": "RecogConf",
    "TotalReadoutTime": 0.0135451,
    "TxRefAmp": 333.733,
    "dataset": "ds004086",
    "modality": "bold",
    "run_id": 4,
    "subject_id": "021",
    "task_id": "RecogConf"
  },
  "dummy_trs": 0,
  "dvars_nstd": 27.897130557246964,
  "dvars_std": 1.1465632582995948,
  "dvars_vstd": 1.0079817078137652,
  "efc": 0.42346115952820884,
  "fber": 2230.329345703125,
  "fd_mean": 0.19910979870624634,
  "fd_num": 95,
  "fd_perc": 38.306451612903224,
  "fwhm_avg": 1.8626160896512427,
  "fwhm_x": 1.7821173333333333,
  "fwhm_y": 1.9457493333333333,
  "fwhm_z": 1.8599816022870614,
  "gcor": 0.026967,
  "gsr_x": -0.008660506457090378,
  "gsr_y": 0.009287402965128422,
  "provenance": {
    "md5sum": "77f8ff7b6366d3000285a6e59834344c",
    "settings": {
      "fd_thres": 0.2,
      "testing": false
    },
    "software": "mriqc",
    "version": "23.0.0",
    "webapi_port": null,
    "webapi_url": "https://mriqc.nimh.nih.gov/api/v1"
  },
  "size_t": 248,
  "size_x": 64,
  "size_y": 64,
  "size_z": 34,
  "snr": 6.189527508907423,
  "spacing_tr": 1.7999999523162842,
  "spacing_x": 3.75,
  "spacing_y": 3.75,
  "spacing_z": 3.799999952316284,
  "summary_bg_k": 100.92816953732846,
  "summary_bg_mad": 4.585306100424008,
  "summary_bg_mean": 24.213489532470703,
  "summary_bg_median": 15.681450843811035,
  "summary_bg_n": 96813.0,
  "summary_bg_p05": 11.681450843811035,
  "summary_bg_p95": 61.91774063110342,
  "summary_bg_stdv": 31.447189331054688,
  "summary_fg_k": 2.0478874532339715,
  "summary_fg_mad": 101.42667826001001,
  "summary_fg_mean": 743.876220703125,
  "summary_fg_median": 744.5523681640625,
  "summary_fg_n": 15381.0,
  "summary_fg_p05": 548.6734008789062,
  "summary_fg_p95": 931.9193115234375,
  "summary_fg_stdv": 120.28836822509766,
  "tsnr": 61.543373778113164
}