{
  "aor": 0.0008488709677419357,
  "aqi": 0.003094154919354839,
  "bids_meta": {
    "AcquisitionMatrixPE": 64,
    "AcquisitionNumber": 1,
    "AcquisitionTime": "12:37:30.260000",
    "BandwidthPerPixelPhaseEncode": 72.674,
    "BaseResolution": 64,
    "CoilString": "T:HEA;HEP",
    "ConversionSoftware": "dcm2niix",
    "ConversionSoftwareVersion": "v1.0.20190902",
    "DerivedVendorReportedEchoSpacing": 0.000430002,
    "DeviceSerialNumber": "35002",
    "DwellTime": 2.7e-06,
    "EchoTime": 0.031,
    "EffectiveEchoSpacing": 0.000215001,
    "FlipAngle": 90,
    "ImageOrientationPatientDICOM": [
      1,
      0,
      0,
      0,
      1,
      0
    ],
    "ImageType": [
      "ORIGINAL",
      "PRIMARY",
      "M",
      "ND",
      "MOSAIC"
    ],
    "ImagingFrequency": 123.263,
    "InPlanePhaseEncodingDirectionDICOM": "COL",
    "InstitutionAddress": "University_Pkwy_1700_North_685_Provo_AEC1C0_UT_US_84601",
    "InstitutionName": "Brigham_Young_University",
    "InstitutionalDepartmentName": "MRI",
    "MRAcquisitionType": "2D",
    "MagneticFieldStrength": 3,
    "Manufacturer": "Siemens",
    "ManufacturersModelName": "TrioTim",
    "Modality": "MR",
    "ParallelReductionFactorInPlane": 2,
    "PartialFourier": 1,
    "PatientPosition": "HFS",
    "PercentPhaseFOV": 100,
    "PhaseEncodingDirection": "j-",
    "PhaseEncodingSteps": 63,
    "PhaseResolution": 1,
    "PixelBandwidth": 2894,
    "ProcedureStepDescription": "Research_KIRWAN",
    "ProtocolName": "Daselaar_run2",
    "PulseSequenceDetails": "%CustomerSeq%_ep2d_bold_PMU",
    "ReceiveCoilName": "HeadMatrix",
    "ReconMatrixPE": 64,
    "RefLinesPE": 24,
    "RepetitionTime": 1.8,
    "SAR": 0.164012,
    "ScanOptions": "FS",
    "ScanningSequence": "EP",
    "SequenceName": "epfid2d1_64",
    "SequenceVariant": "SK",
    "SeriesDescription": "Daselaar_run2",
    "SeriesNumber": 6,
    "ShimSetting": [
      -2768,
      -22840,
      2284,
      690,
      46,
      137,
      -507,
      306
    ],
    "SliceThickness": 3.8,
    "SliceTiming": [
      0.9025,
      0,
      0.955,
      0.0525,
      1.01,
      0.105,
      1.0625,
      0.16,
      1.115,
      0.2125,
      1.1675,
      0.265,
      1.2225,
      0.3175,
      1.275,
      0.3725,
      1.3275,
      0.425,
      1.38,
      0.4775,
      1.435,
      0.53,
      1.4875,
      0.585,
      1.54,
      0.6375,
      1.5925,
      0.69,
      1.6475,
      0.7425,
      1.7,
      0.7975,
      1.7525,
      0.85
    ],
    "SoftwareVersions": "syngo_MR_B17",
    "SpacingBetweenSlices": 3.8,
    "StationName": "MRC35002",
    "TaskName": "RecogConf",
    "TotalReadoutTime": 0.0135451,
    "TxRefAmp": 333.666,
    "dataset": "ds004086",
    "modality": "bold",
    "run_id": 2,
    "subject_id": "020",
    "task_id": "RecogConf"
  },
  "dummy_trs": 0,
  "dvars_nstd": 21.700548287813763,
  "dvars_std": 1.112124154453441,
  "dvars_vstd": 1.0078363486639679,
  "efc": 0.43373505610063395,
  "fber": 2323.994384765625,
  "fd_mean": 0.10073565199997499,
  "fd_num": 4,
  "fd_perc": 1.6129032258064515,
  "fwhm_avg": 2.045678207282997,
  "fwhm_x": 1.932184,
  "fwhm_y": 2.184045333333333,
  "fwhm_z": 2.020805288515659,
  "gcor": 0.0171006,
  "gsr_x": -0.01269752997905016,
  "gsr_y": 0.007454965729266405,
  "provenance": {
    "md5sum": "223d0b4ffcf34ed3157185697b17c010",
    "settings": {
      "fd_thres": 0.2,
      "testing": false
    },
    "software": "mriqc",
    "version": "23.0.0",
    "webapi_port": null,
    "webapi_url": "https://mriqc.nimh.nih.gov/api/v1"
  },
  "size_t": 248,
  "size_x": 64,
  "size_y": 64,
  "size_z": 34,
  "snr": 5.480864799126596,
  "spacing_tr": 1.7999999523162842,
  "spacing_x": 3.75,
  "spacing_y": 3.75,
  "spacing_z": 3.799999952316284,
  "summary_bg_k": 60.51232842117132,
  "summary_bg_mad": 3.7782435879131735,
  "summary_bg_mean": 24.222898483276367,
  "summary_bg_median": 15.334676742553711,
  "summary_bg_n": 94461.0,
  "summary_bg_p05": 12.056450843811035,
  "summary_bg_p95": 63.89112854003906,
  "summary_bg_stdv": 32.071678161621094,
  "summary_fg_k": 1.6422920317756882,
  "summary_fg_mad": 114.09458397111949,
  "summary_fg_mean": 746.9456787109375,
  "summary_fg_median": 742.6975708007812,
  "summary_fg_n": 17147.0,
  "summary_fg_p05": 537.2213562011718,
  "summary_fg_p95": 977.8181274414061,
  "summary_fg_stdv": 135.50341796875,
  "tsnr": 76.27295129746199
}