{
  "aor": 0.0005454032258064516,
  "aqi": 0.006170346532258064,
  "bids_meta": {
    "AcquisitionMatrixPE": 64,
    "AcquisitionNumber": 1,
    "AcquisitionTime": "15:13:44.265000",
    "BandwidthPerPixelPhaseEncode": 72.674,
    "BaseResolution": 64,
    "CoilString": "T:HEA;HEP",
    "ConversionSoftware": "dcm2niix",
    "ConversionSoftwareVersion": "v1.0.20190902",
    "DerivedVendorReportedEchoSpacing": 0.000430002,
    "DeviceSerialNumber": "35002",
    "DwellTime": 2.7e-06,
    "EchoTime": 0.031,
    "EffectiveEchoSpacing": 0.000215001,
    "FlipAngle": 90,
    "ImageOrientationPatientDICOM": [
      1,
      0,
      0,
      0,
      1,
      0
    ],
    "ImageType": [
      "ORIGINAL",
      "PRIMARY",
      "M",
      "ND",
      "MOSAIC"
    ],
    "ImagingFrequency": 123.263,
    "InPlanePhaseEncodingDirectionDICOM": "COL",
    "InstitutionAddress": "University_Pkwy_1700_North_685_Provo_AEC1C0_UT_US_84601",
    "InstitutionName": "Brigham_Young_University",
    "InstitutionalDepartmentName": "MRI",
    "MRAcquisitionType": "2D",
    "MagneticFieldStrength": 3,
    "Manufacturer": "Siemens",
    "ManufacturersModelName": "TrioTim",
    "Modality": "MR",
    "ParallelReductionFactorInPlane": 2,
    "PartialFourier": 1,
    "PatientPosition": "HFS",
    "PercentPhaseFOV": 100,
    "PhaseEncodingDirection": "j-",
    "PhaseEncodingSteps": 63,
    "PhaseResolution": 1,
    "PixelBandwidth": 2894,
    "ProcedureStepDescription": "Research_KIRWAN",
    "ProtocolName": "Daselaar_run1",
    "PulseSequenceDetails": "%CustomerSeq%_ep2d_bold_PMU",
    "ReceiveCoilName": "HeadMatrix",
    "ReconMatrixPE": 64,
    "RefLinesPE": 24,
    "RepetitionTime": 1.8,
    "SAR": 0.119902,
    "ScanOptions": "FS",
    "ScanningSequence": "EP",
    "SequenceName": "epfid2d1_64",
    "SequenceVariant": "SK",
    "SeriesDescription": "Daselaar_run1",
    "SeriesNumber": 5,
    "ShimSetting": [
      -2770,
      -22791,
      2243,
      341,
      -7,
      409,
      -619,
      386
    ],
    "SliceThickness": 3.8,
    "SliceTiming": [
      0.9025,
      0,
      0.955,
      0.0525,
      1.01,
      0.105,
      1.0625,
      0.1575,
      1.115,
      0.2125,
      1.1675,
      0.265,
      1.2225,
      0.3175,
      1.275,
      0.3725,
      1.3275,
      0.425,
      1.38,
      0.4775,
      1.435,
      0.53,
      1.4875,
      0.585,
      1.54,
      0.6375,
      1.5925,
      0.69,
      1.6475,
      0.7425,
      1.7,
      0.7975,
      1.7525,
      0.85
    ],
    "SoftwareVersions": "syngo_MR_B17",
    "SpacingBetweenSlices": 3.8,
    "StationName": "MRC35002",
    "TaskName": "RecogConf",
    "TotalReadoutTime": 0.0135451,
    "TxRefAmp": 335.833,
    "dataset": "ds004086",
    "modality": "bold",
    "run_id": 1,
    "subject_id": "024",
    "task_id": "RecogConf"
  },
  "dummy_trs": 0,
  "dvars_nstd": 22.473169936275312,
  "dvars_std": 1.094487633400809,
  "dvars_vstd": 0.9928633763157894,
  "efc": 0.42929923848044693,
  "fber": 2204.1875,
  "fd_mean": 0.0785356822769161,
  "fd_num": 2,
  "fd_perc": 0.8064516129032258,
  "fwhm_avg": 1.8715001246925003,
  "fwhm_x": 1.7897333333333334,
  "fwhm_y": 1.9758933333333333,
  "fwhm_z": 1.8488737074108337,
  "gcor": 0.0100225,
  "gsr_x": -0.011200311593711376,
  "gsr_y": 0.009191688150167465,
  "provenance": {
    "md5sum": "f52e111c950e4343eb3567b4902220ba",
    "settings": {
      "fd_thres": 0.2,
      "testing": false
    },
    "software": "mriqc",
    "version": "23.0.0",
    "webapi_port": null,
    "webapi_url": "https://mriqc.nimh.nih.gov/api/v1"
  },
  "size_t": 248,
  "size_x": 64,
  "size_y": 64,
  "size_z": 34,
  "snr": 6.354524737315642,
  "spacing_tr": 1.7999999523162842,
  "spacing_x": 3.75,
  "spacing_y": 3.75,
  "spacing_z": 3.799999952316284,
  "summary_bg_k": 120.71781670328058,
  "summary_bg_mad": 4.669001660614419,
  "summary_bg_mean": 26.416688919067383,
  "summary_bg_median": 16.00806427001953,
  "summary_bg_n": 96646.0,
  "summary_bg_p05": 11.97580623626709,
  "summary_bg_p95": 71.05846214294434,
  "summary_bg_stdv": 38.88105010986328,
  "summary_fg_k": 1.8416528144250055,
  "summary_fg_mad": 101.10398786015705,
  "summary_fg_mean": 747.4345703125,
  "summary_fg_median": 753.3628540039062,
  "summary_fg_n": 15577.0,
  "summary_fg_p05": 547.4531982421875,
  "summary_fg_p95": 928.3145141601562,
  "summary_fg_stdv": 118.5515365600586,
  "tsnr": 64.70334041165188
}