{
  "aor": 0.0005325806451612903,
  "aqi": 0.004605930766129032,
  "bids_meta": {
    "AcquisitionMatrixPE": 64,
    "AcquisitionNumber": 1,
    "AcquisitionTime": "15:21:31.447500",
    "BandwidthPerPixelPhaseEncode": 72.674,
    "BaseResolution": 64,
    "CoilString": "T:HEA;HEP",
    "ConversionSoftware": "dcm2niix",
    "ConversionSoftwareVersion": "v1.0.20190902",
    "DerivedVendorReportedEchoSpacing": 0.000430002,
    "DeviceSerialNumber": "35002",
    "DwellTime": 2.7e-06,
    "EchoTime": 0.031,
    "EffectiveEchoSpacing": 0.000215001,
    "FlipAngle": 90,
    "ImageOrientationPatientDICOM": [
      1,
      0,
      0,
      0,
      1,
      0
    ],
    "ImageType": [
      "ORIGINAL",
      "PRIMARY",
      "M",
      "ND",
      "MOSAIC"
    ],
    "ImagingFrequency": 123.263,
    "InPlanePhaseEncodingDirectionDICOM": "COL",
    "InstitutionAddress": "University_Pkwy_1700_North_685_Provo_AEC1C0_UT_US_84601",
    "InstitutionName": "Brigham_Young_University",
    "InstitutionalDepartmentName": "MRI",
    "MRAcquisitionType": "2D",
    "MagneticFieldStrength": 3,
    "Manufacturer": "Siemens",
    "ManufacturersModelName": "TrioTim",
    "Modality": "MR",
    "ParallelReductionFactorInPlane": 2,
    "PartialFourier": 1,
    "PatientPosition": "HFS",
    "PercentPhaseFOV": 100,
    "PhaseEncodingDirection": "j-",
    "PhaseEncodingSteps": 63,
    "PhaseResolution": 1,
    "PixelBandwidth": 2894,
    "ProcedureStepDescription": "Research_KIRWAN",
    "ProtocolName": "Daselaar_run2",
    "PulseSequenceDetails": "%CustomerSeq%_ep2d_bold_PMU",
    "ReceiveCoilName": "HeadMatrix",
    "ReconMatrixPE": 64,
    "RefLinesPE": 24,
    "RepetitionTime": 1.8,
    "SAR": 0.119902,
    "ScanOptions": "FS",
    "ScanningSequence": "EP",
    "SequenceName": "epfid2d1_64",
    "SequenceVariant": "SK",
    "SeriesDescription": "Daselaar_run2",
    "SeriesNumber": 6,
    "ShimSetting": [
      -2770,
      -22791,
      2243,
      341,
      -7,
      409,
      -619,
      386
    ],
    "SliceThickness": 3.8,
    "SliceTiming": [
      0.9025,
      0,
      0.955,
      0.0525,
      1.01,
      0.105,
      1.0625,
      0.16,
      1.115,
      0.2125,
      1.1675,
      0.265,
      1.2225,
      0.3175,
      1.275,
      0.3725,
      1.3275,
      0.425,
      1.38,
      0.4775,
      1.435,
      0.53,
      1.4875,
      0.585,
      1.54,
      0.6375,
      1.5925,
      0.69,
      1.6475,
      0.7425,
      1.7,
      0.7975,
      1.7525,
      0.85
    ],
    "SoftwareVersions": "syngo_MR_B17",
    "SpacingBetweenSlices": 3.8,
    "StationName": "MRC35002",
    "TaskName": "RecogConf",
    "TotalReadoutTime": 0.0135451,
    "TxRefAmp": 335.833,
    "dataset": "ds004086",
    "modality": "bold",
    "run_id": 2,
    "subject_id": "024",
    "task_id": "RecogConf"
  },
  "dummy_trs": 0,
  "dvars_nstd": 22.478365152834,
  "dvars_std": 1.105527968785425,
  "dvars_vstd": 1.0048790473684215,
  "efc": 0.42788446632822374,
  "fber": 2252.994140625,
  "fd_mean": 0.08120719445141283,
  "fd_num": 7,
  "fd_perc": 2.8225806451612905,
  "fwhm_avg": 1.8455612123250276,
  "fwhm_x": 1.7591679999999998,
  "fwhm_y": 1.9493866666666666,
  "fwhm_z": 1.8281289703084163,
  "gcor": 0.0219212,
  "gsr_x": -0.011040928773581982,
  "gsr_y": 0.007979384623467922,
  "provenance": {
    "md5sum": "1928485d9e5971802d04fc04019cd18a",
    "settings": {
      "fd_thres": 0.2,
      "testing": false
    },
    "software": "mriqc",
    "version": "23.0.0",
    "webapi_port": null,
    "webapi_url": "https://mriqc.nimh.nih.gov/api/v1"
  },
  "size_t": 248,
  "size_x": 64,
  "size_y": 64,
  "size_z": 34,
  "snr": 6.426120848144397,
  "spacing_tr": 1.7999999523162842,
  "spacing_x": 3.75,
  "spacing_y": 3.75,
  "spacing_z": 3.799999952316284,
  "summary_bg_k": 124.2864141139291,
  "summary_bg_mad": 4.352154990704809,
  "summary_bg_mean": 25.923322677612305,
  "summary_bg_median": 15.770160675048828,
  "summary_bg_n": 96685.0,
  "summary_bg_p05": 12.05241870880127,
  "summary_bg_p95": 69.45000152587893,
  "summary_bg_stdv": 38.52609634399414,
  "summary_fg_k": 1.8502407762830835,
  "summary_fg_mad": 99.91122786002751,
  "summary_fg_mean": 743.8917236328125,
  "summary_fg_median": 749.9112548828125,
  "summary_fg_n": 15492.0,
  "summary_fg_p05": 547.0868713378907,
  "summary_fg_p95": 923.0743835449218,
  "summary_fg_stdv": 116.6935806274414,
  "tsnr": 71.37578700436279
}