{
  "bids_meta": {
    "AcquisitionMatrixPE": 215,
    "AcquisitionNumber": 1,
    "AcquisitionTime": "13:47:48.770000",
    "BaseResolution": 256,
    "CoilString": "C:HEA;HEP",
    "ConversionSoftware": "dcm2niix",
    "ConversionSoftwareVersion": "v1.0.20190902",
    "DeviceSerialNumber": "35002",
    "DwellTime": 9.8e-06,
    "EchoTime": 0.00226,
    "FlipAngle": 9,
    "ImageOrientationPatientDICOM": [
      0,
      1,
      0,
      0,
      0,
      -1
    ],
    "ImageType": [
      "ORIGINAL",
      "PRIMARY",
      "M",
      "ND",
      "NORM"
    ],
    "ImagingFrequency": 123.263,
    "InPlanePhaseEncodingDirectionDICOM": "ROW",
    "InstitutionAddress": "University_Pkwy_1700_North_685_Provo_AEC1C0_UT_US_84601",
    "InstitutionName": "Brigham_Young_University",
    "InstitutionalDepartmentName": "MRI",
    "InversionTime": 0.9,
    "MRAcquisitionType": "3D",
    "MagneticFieldStrength": 3,
    "Manufacturer": "Siemens",
    "ManufacturersModelName": "TrioTim",
    "Modality": "MR",
    "PartialFourier": 0.875,
    "PatientPosition": "HFS",
    "PercentPhaseFOV": 87.5,
    "PhaseEncodingSteps": 227,
    "PhaseOversampling": 0.2,
    "PhaseResolution": 0.96,
    "PixelBandwidth": 199,
    "ProcedureStepDescription": "Research_KIRWAN",
    "ProtocolName": "t1_mpr_sag_iso_(mprage)",
    "PulseSequenceDetails": "%SiemensSeq%_tfl",
    "ReceiveCoilName": "HeadMatrix",
    "ReconMatrixPE": 224,
    "RepetitionTime": 1.9,
    "SAR": 0.0795827,
    "ScanOptions": "IR_PFP",
    "ScanningSequence": "GR_IR",
    "SequenceName": "_tfl3d1_ns",
    "SequenceVariant": "SP_MP_OSP",
    "SeriesDescription": "t1_mpr_sag_iso_(mprage)",
    "SeriesNumber": 2,
    "ShimSetting": [
      -2768,
      -22810,
      1838,
      -69,
      10,
      173,
      -426,
      363
    ],
    "SliceThickness": 1,
    "SoftwareVersions": "syngo_MR_B17",
    "StationName": "MRC35002",
    "TxRefAmp": 331.929,
    "dataset": "ds004086",
    "modality": "T1w",
    "subject_id": "043"
  },
  "cjv": 0.32388376576297256,
  "cnr": 4.244153901057161,
  "efc": 0.5754777549906237,
  "fber": 15557.638547437673,
  "fwhm_avg": 4.507766826666667,
  "fwhm_x": 4.26248,
  "fwhm_y": 4.879267840000001,
  "fwhm_z": 4.38155264,
  "icvs_csf": 0.17543451082243688,
  "icvs_gm": 0.4692075609955947,
  "icvs_wm": 0.35535792818196843,
  "inu_med": 0.4636087119579315,
  "inu_range": 0.18641124665737152,
  "provenance": {
    "md5sum": "2f5e76cd602fe83d8495ed63da6dc73e",
    "settings": {
      "testing": false
    },
    "software": "mriqc",
    "version": "23.0.0",
    "warnings": {
      "large_rot_frame": true,
      "small_air_mask": false
    },
    "webapi_port": null,
    "webapi_url": "https://mriqc.nimh.nih.gov/api/v1"
  },
  "qi_1": 5.765594801410264e-06,
  "qi_2": 0.005610370474861539,
  "rpve_csf": 24.74882668537383,
  "rpve_gm": 10.352431047707983,
  "rpve_wm": 15.03079666330674,
  "size_x": 176,
  "size_y": 224,
  "size_z": 256,
  "snr_csf": 2.217648067516651,
  "snr_gm": 14.647678059038654,
  "snr_total": 14.487150866143017,
  "snr_wm": 26.596126471873742,
  "snrd_csf": 22.395513934617643,
  "snrd_gm": 58.0475517087734,
  "snrd_total": 53.23973147019975,
  "snrd_wm": 79.2761287672082,
  "spacing_x": 1.0,
  "spacing_y": 0.9765625,
  "spacing_z": 0.9765625,
  "summary_bg_k": 9.33094658406015,
  "summary_bg_mad": 0.0,
  "summary_bg_mean": 5.113534801446752,
  "summary_bg_median": 0.0,
  "summary_bg_n": 2226986.0,
  "summary_bg_p05": 0.0,
  "summary_bg_p95": 22.233239024877548,
  "summary_bg_stdv": 8.264295789249188,
  "summary_csf_k": 6.941543679658045,
  "summary_csf_mad": 97.47563866708627,
  "summary_csf_mean": 288.6117551089251,
  "summary_csf_median": 282.510865688324,
  "summary_csf_n": 22602.0,
  "summary_csf_p05": 74.37075657695532,
  "summary_csf_p95": 507.31827688515193,
  "summary_csf_stdv": 127.38929141639018,
  "summary_gm_k": -0.010632932907119752,
  "summary_gm_mad": 50.94289468622084,
  "summary_gm_mean": 731.4856611767796,
  "summary_gm_median": 732.2477230131626,
  "summary_gm_n": 54141.0,
  "summary_gm_p05": 648.9207465648651,
  "summary_gm_p95": 811.4178846180439,
  "summary_gm_stdv": 49.99024129397745,
  "summary_wm_k": 0.5990735719941771,
  "summary_wm_mad": 35.790069185768914,
  "summary_wm_mean": 1001.866229981607,
  "summary_wm_median": 1000.0381251275539,
  "summary_wm_n": 198742.0,
  "summary_wm_p05": 943.7132839992643,
  "summary_wm_p95": 1066.165803462267,
  "summary_wm_stdv": 37.60079913371996,
  "tpm_overlap_csf": 0.1522763349286638,
  "tpm_overlap_gm": 0.48887232270706943,
  "tpm_overlap_wm": 0.5205083499343639,
  "wm2max": 0.4782949695399993
}