{
  "aor": 0.0011582258064516129,
  "aqi": 0.004754487177419355,
  "bids_meta": {
    "AcquisitionMatrixPE": 64,
    "AcquisitionNumber": 1,
    "AcquisitionTime": "11:43:16.380000",
    "BandwidthPerPixelPhaseEncode": 72.674,
    "BaseResolution": 64,
    "CoilString": "T:HEA;HEP",
    "ConversionSoftware": "dcm2niix",
    "ConversionSoftwareVersion": "v1.0.20190902",
    "DerivedVendorReportedEchoSpacing": 0.000430002,
    "DeviceSerialNumber": "35002",
    "DwellTime": 2.7e-06,
    "EchoTime": 0.031,
    "EffectiveEchoSpacing": 0.000215001,
    "FlipAngle": 90,
    "ImageOrientationPatientDICOM": [
      1,
      0,
      0,
      0,
      1,
      0
    ],
    "ImageType": [
      "ORIGINAL",
      "PRIMARY",
      "M",
      "ND",
      "MOSAIC"
    ],
    "ImagingFrequency": 123.263,
    "InPlanePhaseEncodingDirectionDICOM": "COL",
    "InstitutionAddress": "University_Pkwy_1700_North_685_Provo_AEC1C0_UT_US_84601",
    "InstitutionName": "Brigham_Young_University",
    "InstitutionalDepartmentName": "MRI",
    "MRAcquisitionType": "2D",
    "MagneticFieldStrength": 3,
    "Manufacturer": "Siemens",
    "ManufacturersModelName": "TrioTim",
    "Modality": "MR",
    "ParallelReductionFactorInPlane": 2,
    "PartialFourier": 1,
    "PatientPosition": "HFS",
    "PercentPhaseFOV": 100,
    "PhaseEncodingDirection": "j-",
    "PhaseEncodingSteps": 63,
    "PhaseResolution": 1,
    "PixelBandwidth": 2894,
    "ProcedureStepDescription": "Research_KIRWAN",
    "ProtocolName": "Daselaar_run3",
    "PulseSequenceDetails": "%CustomerSeq%_ep2d_bold_PMU",
    "ReceiveCoilName": "HeadMatrix",
    "ReconMatrixPE": 64,
    "RefLinesPE": 24,
    "RepetitionTime": 1.8,
    "SAR": 0.137049,
    "ScanOptions": "FS",
    "ScanningSequence": "EP",
    "SequenceName": "epfid2d1_64",
    "SequenceVariant": "SK",
    "SeriesDescription": "Daselaar_run3",
    "SeriesNumber": 7,
    "ShimSetting": [
      -2810,
      -22830,
      2283,
      632,
      -70,
      116,
      -611,
      461
    ],
    "SliceThickness": 3.8,
    "SliceTiming": [
      0.9025,
      0,
      0.955,
      0.0525,
      1.01,
      0.105,
      1.0625,
      0.1575,
      1.115,
      0.2125,
      1.1675,
      0.265,
      1.2225,
      0.3175,
      1.275,
      0.37,
      1.3275,
      0.425,
      1.38,
      0.4775,
      1.435,
      0.53,
      1.4875,
      0.585,
      1.54,
      0.6375,
      1.5925,
      0.69,
      1.6475,
      0.7425,
      1.7,
      0.7975,
      1.7525,
      0.85
    ],
    "SoftwareVersions": "syngo_MR_B17",
    "SpacingBetweenSlices": 3.8,
    "StationName": "MRC35002",
    "TaskName": "RecogConf",
    "TotalReadoutTime": 0.0135451,
    "TxRefAmp": 335.051,
    "dataset": "ds004086",
    "modality": "bold",
    "run_id": 3,
    "subject_id": "019",
    "task_id": "RecogConf"
  },
  "dummy_trs": 0,
  "dvars_nstd": 21.08653755805668,
  "dvars_std": 1.0681816711740895,
  "dvars_vstd": 1.0110773469230772,
  "efc": 0.4630606119080106,
  "fber": 2070.93212890625,
  "fd_mean": 0.08231198257547756,
  "fd_num": 14,
  "fd_perc": 5.645161290322581,
  "fwhm_avg": 1.9361721834011938,
  "fwhm_x": 1.7945093333333333,
  "fwhm_y": 2.1103466666666666,
  "fwhm_z": 1.9036605502035813,
  "gcor": 0.0156077,
  "gsr_x": -0.01489073596894741,
  "gsr_y": 0.022711608558893204,
  "provenance": {
    "md5sum": "ff8aa79dfcdd2a851ba05429186f8e9b",
    "settings": {
      "fd_thres": 0.2,
      "testing": false
    },
    "software": "mriqc",
    "version": "23.0.0",
    "webapi_port": null,
    "webapi_url": "https://mriqc.nimh.nih.gov/api/v1"
  },
  "size_t": 248,
  "size_x": 64,
  "size_y": 64,
  "size_z": 34,
  "snr": 5.454503425275252,
  "spacing_tr": 1.7999999523162842,
  "spacing_x": 3.75,
  "spacing_y": 3.75,
  "spacing_z": 3.799999952316284,
  "summary_bg_k": 112.7213090816941,
  "summary_bg_mad": 5.780951910573963,
  "summary_bg_mean": 29.816612243652344,
  "summary_bg_median": 17.90322494506836,
  "summary_bg_n": 90405.0,
  "summary_bg_p05": 12.883064270019531,
  "summary_bg_p95": 85.90564422607424,
  "summary_bg_stdv": 42.41611862182617,
  "summary_fg_k": 0.8283745059043239,
  "summary_fg_mad": 137.12577422018776,
  "summary_fg_mean": 827.6793823242188,
  "summary_fg_median": 818.3427124023438,
  "summary_fg_n": 19832.0,
  "summary_fg_p05": 597.1421051025391,
  "summary_fg_p95": 1082.4777770996095,
  "summary_fg_stdv": 150.02687072753906,
  "tsnr": 64.95041411276907
}