{
  "aor": 0.0030772177419354837,
  "aqi": 0.005158425443548387,
  "bids_meta": {
    "AcquisitionMatrixPE": 64,
    "AcquisitionNumber": 1,
    "AcquisitionTime": "11:35:14.550000",
    "BandwidthPerPixelPhaseEncode": 72.674,
    "BaseResolution": 64,
    "CoilString": "T:HEA;HEP",
    "ConversionSoftware": "dcm2niix",
    "ConversionSoftwareVersion": "v1.0.20190902",
    "DerivedVendorReportedEchoSpacing": 0.000430002,
    "DeviceSerialNumber": "35002",
    "DwellTime": 2.7e-06,
    "EchoTime": 0.031,
    "EffectiveEchoSpacing": 0.000215001,
    "FlipAngle": 90,
    "ImageOrientationPatientDICOM": [
      1,
      0,
      0,
      0,
      1,
      0
    ],
    "ImageType": [
      "ORIGINAL",
      "PRIMARY",
      "M",
      "ND",
      "MOSAIC"
    ],
    "ImagingFrequency": 123.263,
    "InPlanePhaseEncodingDirectionDICOM": "COL",
    "InstitutionAddress": "University_Pkwy_1700_North_685_Provo_AEC1C0_UT_US_84601",
    "InstitutionName": "Brigham_Young_University",
    "InstitutionalDepartmentName": "MRI",
    "MRAcquisitionType": "2D",
    "MagneticFieldStrength": 3,
    "Manufacturer": "Siemens",
    "ManufacturersModelName": "TrioTim",
    "Modality": "MR",
    "ParallelReductionFactorInPlane": 2,
    "PartialFourier": 1,
    "PatientPosition": "HFS",
    "PercentPhaseFOV": 100,
    "PhaseEncodingDirection": "j-",
    "PhaseEncodingSteps": 63,
    "PhaseResolution": 1,
    "PixelBandwidth": 2894,
    "ProcedureStepDescription": "Research_KIRWAN",
    "ProtocolName": "Daselaar_run2",
    "PulseSequenceDetails": "%CustomerSeq%_ep2d_bold_PMU",
    "ReceiveCoilName": "HeadMatrix",
    "ReconMatrixPE": 64,
    "RefLinesPE": 24,
    "RepetitionTime": 1.8,
    "SAR": 0.137049,
    "ScanOptions": "FS",
    "ScanningSequence": "EP",
    "SequenceName": "epfid2d1_64",
    "SequenceVariant": "SK",
    "SeriesDescription": "Daselaar_run2",
    "SeriesNumber": 6,
    "ShimSetting": [
      -2810,
      -22830,
      2283,
      632,
      -70,
      116,
      -611,
      461
    ],
    "SliceThickness": 3.8,
    "SliceTiming": [
      0.9025,
      0,
      0.955,
      0.0525,
      1.01,
      0.105,
      1.0625,
      0.16,
      1.115,
      0.2125,
      1.1675,
      0.265,
      1.2225,
      0.3175,
      1.275,
      0.3725,
      1.3275,
      0.425,
      1.38,
      0.4775,
      1.435,
      0.53,
      1.4875,
      0.585,
      1.54,
      0.6375,
      1.595,
      0.69,
      1.6475,
      0.7425,
      1.7,
      0.7975,
      1.7525,
      0.85
    ],
    "SoftwareVersions": "syngo_MR_B17",
    "SpacingBetweenSlices": 3.8,
    "StationName": "MRC35002",
    "TaskName": "RecogConf",
    "TotalReadoutTime": 0.0135451,
    "TxRefAmp": 335.051,
    "dataset": "ds004086",
    "modality": "bold",
    "run_id": 2,
    "subject_id": "019",
    "task_id": "RecogConf"
  },
  "dummy_trs": 0,
  "dvars_nstd": 22.704357239878522,
  "dvars_std": 1.0831802230364371,
  "dvars_vstd": 1.0191030724696362,
  "efc": 0.46306036334866946,
  "fber": 2083.55224609375,
  "fd_mean": 0.12643109723306067,
  "fd_num": 25,
  "fd_perc": 10.080645161290322,
  "fwhm_avg": 1.9443144991863968,
  "fwhm_x": 1.8100106666666667,
  "fwhm_y": 2.1202933333333336,
  "fwhm_z": 1.9026394975591898,
  "gcor": 0.0210982,
  "gsr_x": -0.014986313879489899,
  "gsr_y": 0.021856578066945076,
  "provenance": {
    "md5sum": "7a4639213562a1934606cc05945b0403",
    "settings": {
      "fd_thres": 0.2,
      "testing": false
    },
    "software": "mriqc",
    "version": "23.0.0",
    "webapi_port": null,
    "webapi_url": "https://mriqc.nimh.nih.gov/api/v1"
  },
  "size_t": 248,
  "size_x": 64,
  "size_y": 64,
  "size_z": 34,
  "snr": 5.432807652988627,
  "spacing_tr": 1.7999999523162842,
  "spacing_x": 3.75,
  "spacing_y": 3.75,
  "spacing_z": 3.799999952316284,
  "summary_bg_k": 113.77346308119952,
  "summary_bg_mad": 5.440193031421183,
  "summary_bg_mean": 29.614103317260742,
  "summary_bg_median": 17.78628921508789,
  "summary_bg_n": 90321.0,
  "summary_bg_p05": 13.080644607543945,
  "summary_bg_p95": 84.74193572998047,
  "summary_bg_stdv": 41.95048522949219,
  "summary_fg_k": 0.8714279898358104,
  "summary_fg_mad": 137.31109949750098,
  "summary_fg_mean": 824.843994140625,
  "summary_fg_median": 815.6451416015625,
  "summary_fg_n": 19874.0,
  "summary_fg_p05": 594.1761962890625,
  "summary_fg_p95": 1077.6626647949217,
  "summary_fg_stdv": 150.12948608398438,
  "tsnr": 61.65170577936806
}