{
  "aor": 0.0006012550607287448,
  "aqi": 0.004013455101214575,
  "bids_meta": {
    "AcquisitionMatrixPE": 64,
    "AcquisitionNumber": 1,
    "AcquisitionTime": "10:00:47.102500",
    "BandwidthPerPixelPhaseEncode": 72.674,
    "BaseResolution": 64,
    "CoilString": "T:HEA;HEP",
    "ConversionSoftware": "dcm2niix",
    "ConversionSoftwareVersion": "v1.0.20190902",
    "DerivedVendorReportedEchoSpacing": 0.000430002,
    "DeviceSerialNumber": "35002",
    "DwellTime": 2.7e-06,
    "EchoTime": 0.031,
    "EffectiveEchoSpacing": 0.000215001,
    "FlipAngle": 90,
    "ImageOrientationPatientDICOM": [
      1,
      0,
      0,
      0,
      1,
      0
    ],
    "ImageType": [
      "ORIGINAL",
      "PRIMARY",
      "M",
      "ND",
      "MOSAIC"
    ],
    "ImagingFrequency": 123.263,
    "InPlanePhaseEncodingDirectionDICOM": "COL",
    "InstitutionAddress": "University_Pkwy_1700_North_685_Provo_AEC1C0_UT_US_84601",
    "InstitutionName": "Brigham_Young_University",
    "InstitutionalDepartmentName": "MRI",
    "MRAcquisitionType": "2D",
    "MagneticFieldStrength": 3,
    "Manufacturer": "Siemens",
    "ManufacturersModelName": "TrioTim",
    "Modality": "MR",
    "ParallelReductionFactorInPlane": 2,
    "PartialFourier": 1,
    "PatientPosition": "HFS",
    "PercentPhaseFOV": 100,
    "PhaseEncodingDirection": "j-",
    "PhaseEncodingSteps": 63,
    "PhaseResolution": 1,
    "PixelBandwidth": 2894,
    "ProcedureStepDescription": "Research_KIRWAN",
    "ProtocolName": "Daselaar_run3",
    "PulseSequenceDetails": "%CustomerSeq%_ep2d_bold_PMU",
    "ReceiveCoilName": "HeadMatrix",
    "ReconMatrixPE": 64,
    "RefLinesPE": 24,
    "RepetitionTime": 1.8,
    "SAR": 0.163331,
    "ScanOptions": "FS",
    "ScanningSequence": "EP",
    "SequenceName": "epfid2d1_64",
    "SequenceVariant": "SK",
    "SeriesDescription": "Daselaar_run3",
    "SeriesNumber": 7,
    "ShimSetting": [
      -2756,
      -22884,
      2254,
      918,
      -10,
      11,
      -221,
      318
    ],
    "SliceThickness": 3.8,
    "SliceTiming": [
      0.9025,
      0,
      0.955,
      0.0525,
      1.01,
      0.105,
      1.0625,
      0.1575,
      1.115,
      0.2125,
      1.1675,
      0.265,
      1.2225,
      0.3175,
      1.275,
      0.37,
      1.3275,
      0.425,
      1.38,
      0.4775,
      1.435,
      0.53,
      1.4875,
      0.5825,
      1.54,
      0.6375,
      1.5925,
      0.69,
      1.6475,
      0.7425,
      1.7,
      0.795,
      1.7525,
      0.85
    ],
    "SoftwareVersions": "syngo_MR_B17",
    "SpacingBetweenSlices": 3.8,
    "StationName": "MRC35002",
    "TaskName": "RecogConf",
    "TotalReadoutTime": 0.0135451,
    "TxRefAmp": 325.786,
    "dataset": "ds004086",
    "modality": "bold",
    "run_id": 3,
    "subject_id": "046",
    "task_id": "RecogConf"
  },
  "dummy_trs": 1,
  "dvars_nstd": 21.960812863008144,
  "dvars_std": 1.1697119578048785,
  "dvars_vstd": 1.0113167735365853,
  "efc": 0.43993964961027643,
  "fber": 2447.781982421875,
  "fd_mean": 0.07638022971127245,
  "fd_num": 2,
  "fd_perc": 0.8097165991902834,
  "fwhm_avg": 1.9036390327088244,
  "fwhm_x": 1.8062693333333333,
  "fwhm_y": 2.0148373333333334,
  "fwhm_z": 1.8898104314598068,
  "gcor": 0.0212759,
  "gsr_x": -0.00995661597698927,
  "gsr_y": 0.007541014347225428,
  "provenance": {
    "md5sum": "7fe64624f5934a8566a663d2139795c6",
    "settings": {
      "fd_thres": 0.2,
      "testing": false
    },
    "software": "mriqc",
    "version": "23.0.0",
    "webapi_port": null,
    "webapi_url": "https://mriqc.nimh.nih.gov/api/v1"
  },
  "size_t": 247,
  "size_x": 64,
  "size_y": 64,
  "size_z": 34,
  "snr": 6.409599240303204,
  "spacing_tr": 1.7999999523162842,
  "spacing_x": 3.75,
  "spacing_y": 3.75,
  "spacing_z": 3.8000001907348633,
  "summary_bg_k": 51.46774062104115,
  "summary_bg_mad": 4.639886227032621,
  "summary_bg_mean": 26.346229553222656,
  "summary_bg_median": 16.36032485961914,
  "summary_bg_n": 93857.0,
  "summary_bg_p05": 12.32388687133789,
  "summary_bg_p95": 76.46802062988277,
  "summary_bg_stdv": 34.11335372924805,
  "summary_fg_k": 2.2352790380267633,
  "summary_fg_mad": 109.61655336900961,
  "summary_fg_mean": 816.95068359375,
  "summary_fg_median": 814.4736938476562,
  "summary_fg_n": 17493.0,
  "summary_fg_p05": 618.1894897460937,
  "summary_fg_p95": 1025.6104980468745,
  "summary_fg_stdv": 127.06729125976562,
  "tsnr": 78.16108264401555
}