{
  "bids_meta": {
    "AcquisitionMatrixPE": 215,
    "AcquisitionNumber": 1,
    "AcquisitionTime": "11:42:56.962500",
    "BaseResolution": 256,
    "CoilString": "C:HEA;HEP",
    "ConversionSoftware": "dcm2niix",
    "ConversionSoftwareVersion": "v1.0.20190902",
    "DeviceSerialNumber": "35002",
    "DwellTime": 9.8e-06,
    "EchoTime": 0.00226,
    "FlipAngle": 9,
    "ImageOrientationPatientDICOM": [
      0,
      1,
      0,
      0,
      0,
      -1
    ],
    "ImageType": [
      "ORIGINAL",
      "PRIMARY",
      "M",
      "ND",
      "NORM"
    ],
    "ImagingFrequency": 123.263,
    "InPlanePhaseEncodingDirectionDICOM": "ROW",
    "InstitutionAddress": "University_Pkwy_1700_North_685_Provo_AEC1C0_UT_US_84601",
    "InstitutionName": "Brigham_Young_University",
    "InstitutionalDepartmentName": "MRI",
    "InversionTime": 0.9,
    "MRAcquisitionType": "3D",
    "MagneticFieldStrength": 3,
    "Manufacturer": "Siemens",
    "ManufacturersModelName": "TrioTim",
    "Modality": "MR",
    "PartialFourier": 0.875,
    "PatientPosition": "HFS",
    "PercentPhaseFOV": 87.5,
    "PhaseEncodingSteps": 227,
    "PhaseOversampling": 0.2,
    "PhaseResolution": 0.96,
    "PixelBandwidth": 199,
    "ProcedureStepDescription": "Research_KIRWAN",
    "ProtocolName": "t1_mpr_sag_iso_(mprage)",
    "PulseSequenceDetails": "%SiemensSeq%_tfl",
    "ReceiveCoilName": "HeadMatrix",
    "ReconMatrixPE": 224,
    "RepetitionTime": 1.9,
    "SAR": 0.0899953,
    "ScanOptions": "IR_PFP",
    "ScanningSequence": "GR_IR",
    "SequenceName": "_tfl3d1_ns",
    "SequenceVariant": "SP_MP_OSP",
    "SeriesDescription": "t1_mpr_sag_iso_(mprage)",
    "SeriesNumber": 2,
    "ShimSetting": [
      -2768,
      -22810,
      1838,
      -69,
      10,
      173,
      -426,
      363
    ],
    "SliceThickness": 1,
    "SoftwareVersions": "syngo_MR_B17",
    "StationName": "MRC35002",
    "TxRefAmp": 338.834,
    "dataset": "ds004086",
    "modality": "T1w",
    "subject_id": "048"
  },
  "cjv": 0.3848152085821473,
  "cnr": 3.581989987082663,
  "efc": 0.593569346999146,
  "fber": 15180.994907603872,
  "fwhm_avg": 4.646071466666666,
  "fwhm_x": 4.35552,
  "fwhm_y": 5.0068684800000005,
  "fwhm_z": 4.575825920000001,
  "icvs_csf": 0.18408413044302954,
  "icvs_gm": 0.4292729798426684,
  "icvs_wm": 0.38664288971430205,
  "inu_med": 0.5272583961486816,
  "inu_range": 0.23035175800323482,
  "provenance": {
    "md5sum": "0846c71327725b376f1eb005f1f60a4d",
    "settings": {
      "testing": false
    },
    "software": "mriqc",
    "version": "23.0.0",
    "warnings": {
      "large_rot_frame": true,
      "small_air_mask": false
    },
    "webapi_port": null,
    "webapi_url": "https://mriqc.nimh.nih.gov/api/v1"
  },
  "qi_1": 0.0,
  "qi_2": 0.004711288883202556,
  "rpve_csf": 23.763859648289987,
  "rpve_gm": 10.639490075191684,
  "rpve_wm": 13.483129277412562,
  "size_x": 176,
  "size_y": 224,
  "size_z": 256,
  "snr_csf": 3.265092186299536,
  "snr_gm": 14.29183606642385,
  "snr_total": 12.221744375120025,
  "snr_wm": 19.108304872636687,
  "snrd_csf": 19.84708492446002,
  "snrd_gm": 44.94794576053565,
  "snrd_total": 41.99712112359279,
  "snrd_wm": 61.19633268578269,
  "spacing_x": 1.0,
  "spacing_y": 0.9765625,
  "spacing_z": 0.9765625,
  "summary_bg_k": 14.092508935482304,
  "summary_bg_mad": 0.0,
  "summary_bg_mean": 6.744882639184587,
  "summary_bg_median": 0.0,
  "summary_bg_n": 2747552.0,
  "summary_bg_p05": 0.0,
  "summary_bg_p95": 28.405447874218225,
  "summary_bg_stdv": 10.706292585092585,
  "summary_csf_k": 0.5401127394306817,
  "summary_csf_mad": 92.1418089100213,
  "summary_csf_mean": 333.6180286478918,
  "summary_csf_median": 324.3426836952567,
  "summary_csf_n": 34516.0,
  "summary_csf_p05": 184.69199573993683,
  "summary_csf_p95": 513.4954287195578,
  "summary_csf_stdv": 99.33501620032149,
  "summary_gm_k": -0.015795008663797017,
  "summary_gm_mad": 51.901425595447506,
  "summary_gm_mean": 735.1514397273343,
  "summary_gm_median": 734.5430026650429,
  "summary_gm_n": 25353.0,
  "summary_gm_p05": 651.8918256498873,
  "summary_gm_p95": 820.1365766711533,
  "summary_gm_stdv": 51.39497212219849,
  "summary_wm_k": 0.5631548117865233,
  "summary_wm_mad": 50.27950604558977,
  "summary_wm_mean": 1006.1410103936294,
  "summary_wm_median": 1000.0754695795476,
  "summary_wm_n": 199293.0,
  "summary_wm_p05": 931.4949858672917,
  "summary_wm_p95": 1101.0223201923072,
  "summary_wm_stdv": 52.337084172773565,
  "tpm_overlap_csf": 0.17494679715014883,
  "tpm_overlap_gm": 0.46009121301217853,
  "tpm_overlap_wm": 0.5095787379425466,
  "wm2max": 0.5106714951650807
}