{
  "bids_meta": {
    "AcquisitionMatrixPE": 215,
    "AcquisitionNumber": 1,
    "AcquisitionTime": "10:30:12.555000",
    "BaseResolution": 256,
    "CoilString": "C:HEA;HEP",
    "ConversionSoftware": "dcm2niix",
    "ConversionSoftwareVersion": "v1.0.20190902",
    "DeviceSerialNumber": "35002",
    "DwellTime": 9.8e-06,
    "EchoTime": 0.00226,
    "FlipAngle": 9,
    "ImageOrientationPatientDICOM": [
      0,
      1,
      0,
      0,
      0,
      -1
    ],
    "ImageType": [
      "ORIGINAL",
      "PRIMARY",
      "M",
      "ND",
      "NORM"
    ],
    "ImagingFrequency": 123.263,
    "InPlanePhaseEncodingDirectionDICOM": "ROW",
    "InstitutionAddress": "University_Pkwy_1700_North_685_Provo_AEC1C0_UT_US_84601",
    "InstitutionName": "Brigham_Young_University",
    "InstitutionalDepartmentName": "MRI",
    "InversionTime": 0.9,
    "MRAcquisitionType": "3D",
    "MagneticFieldStrength": 3,
    "Manufacturer": "Siemens",
    "ManufacturersModelName": "TrioTim",
    "Modality": "MR",
    "PartialFourier": 0.875,
    "PatientPosition": "HFS",
    "PercentPhaseFOV": 87.5,
    "PhaseEncodingSteps": 227,
    "PhaseOversampling": 0.2,
    "PhaseResolution": 0.96,
    "PixelBandwidth": 199,
    "ProcedureStepDescription": "Research_KIRWAN",
    "ProtocolName": "t1_mpr_sag_iso_(mprage)",
    "PulseSequenceDetails": "%SiemensSeq%_tfl",
    "ReceiveCoilName": "HeadMatrix",
    "ReconMatrixPE": 224,
    "RepetitionTime": 1.9,
    "SAR": 0.0799872,
    "ScanOptions": "IR_PFP",
    "ScanningSequence": "GR_IR",
    "SequenceName": "_tfl3d1_ns",
    "SequenceVariant": "SP_MP_OSP",
    "SeriesDescription": "t1_mpr_sag_iso_(mprage)",
    "SeriesNumber": 3,
    "ShimSetting": [
      -2768,
      -22810,
      1838,
      -69,
      10,
      173,
      -426,
      363
    ],
    "SliceThickness": 1,
    "SoftwareVersions": "syngo_MR_B17",
    "StationName": "MRC35002",
    "TxRefAmp": 327.489,
    "dataset": "ds004086",
    "modality": "T1w",
    "subject_id": "012"
  },
  "cjv": 0.3514332731886789,
  "cnr": 3.9161485853531706,
  "efc": 0.579960007781459,
  "fber": 27586.190082644625,
  "fwhm_avg": 4.633316933333333,
  "fwhm_x": 4.41725,
  "fwhm_y": 4.98275328,
  "fwhm_z": 4.49994752,
  "icvs_csf": 0.1928158080523806,
  "icvs_gm": 0.4419615222242283,
  "icvs_wm": 0.36522266972339107,
  "inu_med": 0.4317001402378082,
  "inu_range": 0.17450435161590572,
  "provenance": {
    "md5sum": "82e4b0dba2ebfb7daeb39e2a907137f2",
    "settings": {
      "testing": false
    },
    "software": "mriqc",
    "version": "23.0.0",
    "warnings": {
      "large_rot_frame": true,
      "small_air_mask": false
    },
    "webapi_port": null,
    "webapi_url": "https://mriqc.nimh.nih.gov/api/v1"
  },
  "qi_1": 0.0,
  "qi_2": 0.007077776013607707,
  "rpve_csf": 19.707071324129288,
  "rpve_gm": 9.351124597347162,
  "rpve_wm": 12.991512676429556,
  "size_x": 176,
  "size_y": 224,
  "size_z": 256,
  "snr_csf": 3.0223977319925495,
  "snr_gm": 13.638771800131796,
  "snr_total": 14.447838003859266,
  "snr_wm": 26.682344479453448,
  "snrd_csf": 31.169499448190233,
  "snrd_gm": 79.35711475671613,
  "snrd_total": 72.56312497800373,
  "snrd_wm": 107.16276072910485,
  "spacing_x": 1.0,
  "spacing_y": 0.9765625,
  "spacing_z": 0.9765625,
  "summary_bg_k": 7.66021562454139,
  "summary_bg_mad": 0.0,
  "summary_bg_mean": 3.4505844391359917,
  "summary_bg_median": 0.0,
  "summary_bg_n": 2628466.0,
  "summary_bg_p05": 0.0,
  "summary_bg_p95": 16.120926819741726,
  "summary_bg_stdv": 6.113707268483445,
  "summary_csf_k": 1.2262530752891854,
  "summary_csf_mad": 75.82954347831765,
  "summary_csf_mean": 300.91778042889285,
  "summary_csf_median": 290.8725501000881,
  "summary_csf_n": 35717.0,
  "summary_csf_p05": 156.06758170574903,
  "summary_csf_p95": 479.18971730470645,
  "summary_csf_stdv": 96.23765763402413,
  "summary_gm_k": -0.014609000491512703,
  "summary_gm_mad": 55.081021377674425,
  "summary_gm_mean": 739.1192014766362,
  "summary_gm_median": 740.5574919879436,
  "summary_gm_n": 54186.0,
  "summary_gm_p05": 648.1231130287051,
  "summary_gm_p95": 825.4049839247018,
  "summary_gm_stdv": 54.29745942907954,
  "summary_wm_k": 0.466223717582551,
  "summary_wm_mad": 36.109306418246504,
  "summary_wm_mean": 1001.4065617525763,
  "summary_wm_median": 1000.0386929810047,
  "summary_wm_n": 257871.0,
  "summary_wm_p05": 942.5136591494083,
  "summary_wm_p95": 1064.8703339323401,
  "summary_wm_stdv": 37.479343493230104,
  "tpm_overlap_csf": 0.16948412772536642,
  "tpm_overlap_gm": 0.4757787734274325,
  "tpm_overlap_wm": 0.5254844860348992,
  "wm2max": 0.49592607503690495
}