{
  "aor": 0.0005393951612903226,
  "aqi": 0.0031696806048387097,
  "bids_meta": {
    "AcquisitionMatrixPE": 64,
    "AcquisitionNumber": 1,
    "AcquisitionTime": "15:58:11.592500",
    "BandwidthPerPixelPhaseEncode": 72.674,
    "BaseResolution": 64,
    "CoilString": "T:HEA;HEP",
    "ConversionSoftware": "dcm2niix",
    "ConversionSoftwareVersion": "v1.0.20190902",
    "DerivedVendorReportedEchoSpacing": 0.000430002,
    "DeviceSerialNumber": "35002",
    "DwellTime": 2.7e-06,
    "EchoTime": 0.031,
    "EffectiveEchoSpacing": 0.000215001,
    "FlipAngle": 90,
    "ImageOrientationPatientDICOM": [
      1,
      0,
      0,
      0,
      1,
      0
    ],
    "ImageType": [
      "ORIGINAL",
      "PRIMARY",
      "M",
      "ND",
      "MOSAIC"
    ],
    "ImagingFrequency": 123.263,
    "InPlanePhaseEncodingDirectionDICOM": "COL",
    "InstitutionAddress": "University_Pkwy_1700_North_685_Provo_AEC1C0_UT_US_84601",
    "InstitutionName": "Brigham_Young_University",
    "InstitutionalDepartmentName": "MRI",
    "MRAcquisitionType": "2D",
    "MagneticFieldStrength": 3,
    "Manufacturer": "Siemens",
    "ManufacturersModelName": "TrioTim",
    "Modality": "MR",
    "ParallelReductionFactorInPlane": 2,
    "PartialFourier": 1,
    "PatientPosition": "HFS",
    "PercentPhaseFOV": 100,
    "PhaseEncodingDirection": "j-",
    "PhaseEncodingSteps": 63,
    "PhaseResolution": 1,
    "PixelBandwidth": 2894,
    "ProcedureStepDescription": "Research_KIRWAN",
    "ProtocolName": "Daselaar_run4",
    "PulseSequenceDetails": "%CustomerSeq%_ep2d_bold_PMU",
    "ReceiveCoilName": "HeadMatrix",
    "ReconMatrixPE": 64,
    "RefLinesPE": 24,
    "RepetitionTime": 1.8,
    "SAR": 0.132217,
    "ScanOptions": "FS",
    "ScanningSequence": "EP",
    "SequenceName": "epfid2d1_64",
    "SequenceVariant": "SK",
    "SeriesDescription": "Daselaar_run4",
    "SeriesNumber": 8,
    "ShimSetting": [
      -2817,
      -22779,
      2203,
      370,
      -56,
      417,
      -439,
      465
    ],
    "SliceThickness": 3.8,
    "SliceTiming": [
      0.9025,
      0,
      0.9575,
      0.0525,
      1.01,
      0.1075,
      1.0625,
      0.16,
      1.115,
      0.2125,
      1.17,
      0.265,
      1.2225,
      0.32,
      1.275,
      0.3725,
      1.3275,
      0.425,
      1.3825,
      0.4775,
      1.435,
      0.5325,
      1.4875,
      0.585,
      1.54,
      0.6375,
      1.595,
      0.69,
      1.6475,
      0.745,
      1.7,
      0.7975,
      1.755,
      0.85
    ],
    "SoftwareVersions": "syngo_MR_B17",
    "SpacingBetweenSlices": 3.8,
    "StationName": "MRC35002",
    "TaskName": "RecogConf",
    "TotalReadoutTime": 0.0135451,
    "TxRefAmp": 332.773,
    "dataset": "ds004086",
    "modality": "bold",
    "run_id": 4,
    "subject_id": "035",
    "task_id": "RecogConf"
  },
  "dummy_trs": 0,
  "dvars_nstd": 19.727872361983806,
  "dvars_std": 1.0278786761538463,
  "dvars_vstd": 1.0049683419028344,
  "efc": 0.48348614147471086,
  "fber": 1566.78173828125,
  "fd_mean": 0.05584253284477366,
  "fd_num": 2,
  "fd_perc": 0.8064516129032258,
  "fwhm_avg": 1.9882592012429556,
  "fwhm_x": 1.8578426666666668,
  "fwhm_y": 2.1320533333333334,
  "fwhm_z": 1.9748816037288666,
  "gcor": 0.0349403,
  "gsr_x": -0.011434724554419518,
  "gsr_y": 0.018529513850808144,
  "provenance": {
    "md5sum": "7d5dc2325d4e392b8f92e6e6c1be6060",
    "settings": {
      "fd_thres": 0.2,
      "testing": false
    },
    "software": "mriqc",
    "version": "23.0.0",
    "webapi_port": null,
    "webapi_url": "https://mriqc.nimh.nih.gov/api/v1"
  },
  "size_t": 248,
  "size_x": 64,
  "size_y": 64,
  "size_z": 34,
  "snr": 5.30657620921369,
  "spacing_tr": 1.7999999523162842,
  "spacing_x": 3.75,
  "spacing_y": 3.75,
  "spacing_z": 3.799999952316284,
  "summary_bg_k": 44.90915765724188,
  "summary_bg_mad": 7.155947773565641,
  "summary_bg_mean": 35.89241027832031,
  "summary_bg_median": 19.629032135009766,
  "summary_bg_n": 89610.0,
  "summary_bg_p05": 13.584676742553711,
  "summary_bg_p95": 122.68044013977057,
  "summary_bg_stdv": 52.820899963378906,
  "summary_fg_k": 1.4469104580133454,
  "summary_fg_mad": 127.13911263348753,
  "summary_fg_mean": 786.8302612304688,
  "summary_fg_median": 784.0886840820312,
  "summary_fg_n": 20753.0,
  "summary_fg_p05": 549.5330322265625,
  "summary_fg_p95": 1031.1265380859372,
  "summary_fg_stdv": 147.75436401367188,
  "tsnr": 69.88908573053777
}