{
  "aor": 0.0026660887096774193,
  "aqi": 0.007241398427419356,
  "bids_meta": {
    "AcquisitionMatrixPE": 64,
    "AcquisitionNumber": 1,
    "AcquisitionTime": "14:30:52.207500",
    "BandwidthPerPixelPhaseEncode": 72.674,
    "BaseResolution": 64,
    "CoilString": "T:HEA;HEP",
    "ConversionSoftware": "dcm2niix",
    "ConversionSoftwareVersion": "v1.0.20190902",
    "DerivedVendorReportedEchoSpacing": 0.000430002,
    "DeviceSerialNumber": "35002",
    "DwellTime": 2.7e-06,
    "EchoTime": 0.031,
    "EffectiveEchoSpacing": 0.000215001,
    "FlipAngle": 90,
    "ImageOrientationPatientDICOM": [
      1,
      0,
      0,
      0,
      1,
      0
    ],
    "ImageType": [
      "ORIGINAL",
      "PRIMARY",
      "M",
      "ND",
      "MOSAIC"
    ],
    "ImagingFrequency": 123.263,
    "InPlanePhaseEncodingDirectionDICOM": "COL",
    "InstitutionAddress": "University_Pkwy_1700_North_685_Provo_AEC1C0_UT_US_84601",
    "InstitutionName": "Brigham_Young_University",
    "InstitutionalDepartmentName": "MRI",
    "MRAcquisitionType": "2D",
    "MagneticFieldStrength": 3,
    "Manufacturer": "Siemens",
    "ManufacturersModelName": "TrioTim",
    "Modality": "MR",
    "ParallelReductionFactorInPlane": 2,
    "PartialFourier": 1,
    "PatientPosition": "HFS",
    "PercentPhaseFOV": 100,
    "PhaseEncodingDirection": "j-",
    "PhaseEncodingSteps": 63,
    "PhaseResolution": 1,
    "PixelBandwidth": 2894,
    "ProcedureStepDescription": "Research_KIRWAN",
    "ProtocolName": "Daselaar_run3",
    "PulseSequenceDetails": "%CustomerSeq%_ep2d_bold_PMU",
    "ReceiveCoilName": "HeadMatrix",
    "ReconMatrixPE": 64,
    "RefLinesPE": 24,
    "RepetitionTime": 1.8,
    "SAR": 0.151431,
    "ScanOptions": "FS",
    "ScanningSequence": "EP",
    "SequenceName": "epfid2d1_64",
    "SequenceVariant": "SK",
    "SeriesDescription": "Daselaar_run3",
    "SeriesNumber": 8,
    "ShimSetting": [
      -2765,
      -22863,
      2155,
      598,
      -80,
      475,
      -473,
      312
    ],
    "SliceThickness": 3.8,
    "SliceTiming": [
      0.9025,
      0,
      0.955,
      0.0525,
      1.01,
      0.105,
      1.0625,
      0.16,
      1.115,
      0.2125,
      1.1675,
      0.265,
      1.2225,
      0.3175,
      1.275,
      0.3725,
      1.3275,
      0.425,
      1.3825,
      0.4775,
      1.435,
      0.53,
      1.4875,
      0.585,
      1.54,
      0.6375,
      1.595,
      0.69,
      1.6475,
      0.7425,
      1.7,
      0.7975,
      1.7525,
      0.85
    ],
    "SoftwareVersions": "syngo_MR_B17",
    "SpacingBetweenSlices": 3.8,
    "StationName": "MRC35002",
    "TaskName": "RecogConf",
    "TotalReadoutTime": 0.0135451,
    "TxRefAmp": 324.69,
    "dataset": "ds004086",
    "modality": "bold",
    "run_id": 3,
    "subject_id": "034",
    "task_id": "RecogConf"
  },
  "dummy_trs": 0,
  "dvars_nstd": 23.332454920526324,
  "dvars_std": 1.0871470191902828,
  "dvars_vstd": 1.0041121938461541,
  "efc": 0.45019415855409045,
  "fber": 2123.1982421875,
  "fd_mean": 0.13048175848453347,
  "fd_num": 30,
  "fd_perc": 12.096774193548388,
  "fwhm_avg": 1.9185604407564856,
  "fwhm_x": 1.7922506666666667,
  "fwhm_y": 2.048928,
  "fwhm_z": 1.9145026556027895,
  "gcor": 0.0151076,
  "gsr_x": -0.010745339095592499,
  "gsr_y": 0.009889837354421616,
  "provenance": {
    "md5sum": "2c20f2510ea0b21987eee5940d3d6473",
    "settings": {
      "fd_thres": 0.2,
      "testing": false
    },
    "software": "mriqc",
    "version": "23.0.0",
    "webapi_port": null,
    "webapi_url": "https://mriqc.nimh.nih.gov/api/v1"
  },
  "size_t": 248,
  "size_x": 64,
  "size_y": 64,
  "size_z": 34,
  "snr": 5.659134981115571,
  "spacing_tr": 1.7999999523162842,
  "spacing_x": 3.75,
  "spacing_y": 3.75,
  "spacing_z": 3.799999952316284,
  "summary_bg_k": 40.969079152038674,
  "summary_bg_mad": 5.1113902568899885,
  "summary_bg_mean": 29.05010986328125,
  "summary_bg_median": 17.237903594970703,
  "summary_bg_n": 92776.0,
  "summary_bg_p05": 12.657258033752441,
  "summary_bg_p95": 85.85282325744629,
  "summary_bg_stdv": 40.09663772583008,
  "summary_fg_k": 1.2039424395979097,
  "summary_fg_mad": 129.8413506369674,
  "summary_fg_mean": 805.1785888671875,
  "summary_fg_median": 796.3588256835938,
  "summary_fg_n": 18453.0,
  "summary_fg_p05": 597.32822265625,
  "summary_fg_p95": 1041.7991943359373,
  "summary_fg_stdv": 140.71713256835938,
  "tsnr": 55.31444955361076
}