{
  "aor": 0.0007480241935483869,
  "aqi": 0.0033889370161290324,
  "bids_meta": {
    "AcquisitionMatrixPE": 64,
    "AcquisitionNumber": 1,
    "AcquisitionTime": "14:15:1.772500",
    "BandwidthPerPixelPhaseEncode": 72.674,
    "BaseResolution": 64,
    "CoilString": "T:HEA;HEP",
    "ConversionSoftware": "dcm2niix",
    "ConversionSoftwareVersion": "v1.0.20190902",
    "DerivedVendorReportedEchoSpacing": 0.000430002,
    "DeviceSerialNumber": "35002",
    "DwellTime": 2.7e-06,
    "EchoTime": 0.031,
    "EffectiveEchoSpacing": 0.000215001,
    "FlipAngle": 90,
    "ImageOrientationPatientDICOM": [
      1,
      0,
      0,
      0,
      1,
      0
    ],
    "ImageType": [
      "ORIGINAL",
      "PRIMARY",
      "M",
      "ND",
      "MOSAIC"
    ],
    "ImagingFrequency": 123.263,
    "InPlanePhaseEncodingDirectionDICOM": "COL",
    "InstitutionAddress": "University_Pkwy_1700_North_685_Provo_AEC1C0_UT_US_84601",
    "InstitutionName": "Brigham_Young_University",
    "InstitutionalDepartmentName": "MRI",
    "MRAcquisitionType": "2D",
    "MagneticFieldStrength": 3,
    "Manufacturer": "Siemens",
    "ManufacturersModelName": "TrioTim",
    "Modality": "MR",
    "ParallelReductionFactorInPlane": 2,
    "PartialFourier": 1,
    "PatientPosition": "HFS",
    "PercentPhaseFOV": 100,
    "PhaseEncodingDirection": "j-",
    "PhaseEncodingSteps": 63,
    "PhaseResolution": 1,
    "PixelBandwidth": 2894,
    "ProcedureStepDescription": "Research_KIRWAN",
    "ProtocolName": "Daselaar_run1",
    "PulseSequenceDetails": "%CustomerSeq%_ep2d_bold_PMU",
    "ReceiveCoilName": "HeadMatrix",
    "ReconMatrixPE": 64,
    "RefLinesPE": 24,
    "RepetitionTime": 1.8,
    "SAR": 0.151431,
    "ScanOptions": "FS",
    "ScanningSequence": "EP",
    "SequenceName": "epfid2d1_64",
    "SequenceVariant": "SK",
    "SeriesDescription": "Daselaar_run1",
    "SeriesNumber": 6,
    "ShimSetting": [
      -2765,
      -22863,
      2155,
      598,
      -80,
      475,
      -473,
      312
    ],
    "SliceThickness": 3.8,
    "SliceTiming": [
      0.9025,
      0,
      0.955,
      0.0525,
      1.01,
      0.105,
      1.0625,
      0.1575,
      1.115,
      0.2125,
      1.1675,
      0.265,
      1.2225,
      0.3175,
      1.275,
      0.3725,
      1.3275,
      0.425,
      1.38,
      0.4775,
      1.435,
      0.53,
      1.4875,
      0.585,
      1.54,
      0.6375,
      1.5925,
      0.69,
      1.6475,
      0.7425,
      1.7,
      0.7975,
      1.7525,
      0.85
    ],
    "SoftwareVersions": "syngo_MR_B17",
    "SpacingBetweenSlices": 3.8,
    "StationName": "MRC35002",
    "TaskName": "RecogConf",
    "TotalReadoutTime": 0.0135451,
    "TxRefAmp": 324.69,
    "dataset": "ds004086",
    "modality": "bold",
    "run_id": 1,
    "subject_id": "034",
    "task_id": "RecogConf"
  },
  "dummy_trs": 0,
  "dvars_nstd": 21.14670736506074,
  "dvars_std": 1.1084857687449385,
  "dvars_vstd": 1.00908228562753,
  "efc": 0.45026118672309207,
  "fber": 2093.357666015625,
  "fd_mean": 0.07164966600194313,
  "fd_num": 2,
  "fd_perc": 0.8064516129032258,
  "fwhm_avg": 1.9283624290988624,
  "fwhm_x": 1.8007493333333333,
  "fwhm_y": 2.0606826666666667,
  "fwhm_z": 1.9236552872965875,
  "gcor": 0.0237427,
  "gsr_x": -0.010859180241823196,
  "gsr_y": 0.009809717535972595,
  "provenance": {
    "md5sum": "93d40e122d3c1c7b4082544c688cf754",
    "settings": {
      "fd_thres": 0.2,
      "testing": false
    },
    "software": "mriqc",
    "version": "23.0.0",
    "webapi_port": null,
    "webapi_url": "https://mriqc.nimh.nih.gov/api/v1"
  },
  "size_t": 248,
  "size_x": 64,
  "size_y": 64,
  "size_z": 34,
  "snr": 5.592385985481366,
  "spacing_tr": 1.7999999523162842,
  "spacing_x": 3.75,
  "spacing_y": 3.75,
  "spacing_z": 3.799999952316284,
  "summary_bg_k": 42.23177305183192,
  "summary_bg_mad": 5.171173607837229,
  "summary_bg_mean": 28.901473999023438,
  "summary_bg_median": 17.342741012573242,
  "summary_bg_n": 92626.0,
  "summary_bg_p05": 12.754032135009766,
  "summary_bg_p95": 84.6401195526123,
  "summary_bg_stdv": 39.60810470581055,
  "summary_fg_k": 1.1990011640295055,
  "summary_fg_mad": 130.00568203521,
  "summary_fg_mean": 802.8953247070312,
  "summary_fg_median": 794.9253540039062,
  "summary_fg_n": 18504.0,
  "summary_fg_p05": 592.8981628417969,
  "summary_fg_p95": 1041.0929565429688,
  "summary_fg_stdv": 142.140380859375,
  "tsnr": 71.43270397884771
}