{
  "aor": 0.004081209677419355,
  "aqi": 0.008876461129032258,
  "bids_meta": {
    "AcquisitionMatrixPE": 64,
    "AcquisitionNumber": 1,
    "AcquisitionTime": "14:38:46.070000",
    "BandwidthPerPixelPhaseEncode": 72.674,
    "BaseResolution": 64,
    "CoilString": "T:HEA;HEP",
    "ConversionSoftware": "dcm2niix",
    "ConversionSoftwareVersion": "v1.0.20190902",
    "DerivedVendorReportedEchoSpacing": 0.000430002,
    "DeviceSerialNumber": "35002",
    "DwellTime": 2.7e-06,
    "EchoTime": 0.031,
    "EffectiveEchoSpacing": 0.000215001,
    "FlipAngle": 90,
    "ImageOrientationPatientDICOM": [
      1,
      0,
      0,
      0,
      1,
      0
    ],
    "ImageType": [
      "ORIGINAL",
      "PRIMARY",
      "M",
      "ND",
      "MOSAIC"
    ],
    "ImagingFrequency": 123.263,
    "InPlanePhaseEncodingDirectionDICOM": "COL",
    "InstitutionAddress": "University_Pkwy_1700_North_685_Provo_AEC1C0_UT_US_84601",
    "InstitutionName": "Brigham_Young_University",
    "InstitutionalDepartmentName": "MRI",
    "MRAcquisitionType": "2D",
    "MagneticFieldStrength": 3,
    "Manufacturer": "Siemens",
    "ManufacturersModelName": "TrioTim",
    "Modality": "MR",
    "ParallelReductionFactorInPlane": 2,
    "PartialFourier": 1,
    "PatientPosition": "HFS",
    "PercentPhaseFOV": 100,
    "PhaseEncodingDirection": "j-",
    "PhaseEncodingSteps": 63,
    "PhaseResolution": 1,
    "PixelBandwidth": 2894,
    "ProcedureStepDescription": "Research_KIRWAN",
    "ProtocolName": "Daselaar_run4",
    "PulseSequenceDetails": "%CustomerSeq%_ep2d_bold_PMU",
    "ReceiveCoilName": "HeadMatrix",
    "ReconMatrixPE": 64,
    "RefLinesPE": 24,
    "RepetitionTime": 1.8,
    "SAR": 0.151431,
    "ScanOptions": "FS",
    "ScanningSequence": "EP",
    "SequenceName": "epfid2d1_64",
    "SequenceVariant": "SK",
    "SeriesDescription": "Daselaar_run4",
    "SeriesNumber": 9,
    "ShimSetting": [
      -2765,
      -22863,
      2155,
      598,
      -80,
      475,
      -473,
      312
    ],
    "SliceThickness": 3.8,
    "SliceTiming": [
      0.9025,
      0,
      0.955,
      0.0525,
      1.01,
      0.105,
      1.0625,
      0.16,
      1.115,
      0.2125,
      1.1675,
      0.265,
      1.2225,
      0.3175,
      1.275,
      0.3725,
      1.3275,
      0.425,
      1.3825,
      0.4775,
      1.435,
      0.53,
      1.4875,
      0.585,
      1.54,
      0.6375,
      1.595,
      0.69,
      1.6475,
      0.7425,
      1.7,
      0.7975,
      1.7525,
      0.85
    ],
    "SoftwareVersions": "syngo_MR_B17",
    "SpacingBetweenSlices": 3.8,
    "StationName": "MRC35002",
    "TaskName": "RecogConf",
    "TotalReadoutTime": 0.0135451,
    "TxRefAmp": 324.69,
    "dataset": "ds004086",
    "modality": "bold",
    "run_id": 4,
    "subject_id": "034",
    "task_id": "RecogConf"
  },
  "dummy_trs": 0,
  "dvars_nstd": 25.44956359376517,
  "dvars_std": 1.1149952634412958,
  "dvars_vstd": 1.0108232104453445,
  "efc": 0.4505882631983645,
  "fber": 2080.28466796875,
  "fd_mean": 0.17487480732330865,
  "fd_num": 54,
  "fd_perc": 21.774193548387096,
  "fwhm_avg": 1.9484684057612387,
  "fwhm_x": 1.8128506666666666,
  "fwhm_y": 2.0959440000000003,
  "fwhm_z": 1.9366105506170492,
  "gcor": 0.0384223,
  "gsr_x": -0.010139435529708862,
  "gsr_y": 0.010482938028872013,
  "provenance": {
    "md5sum": "9c9961e9706702d41e7be96fafe4f902",
    "settings": {
      "fd_thres": 0.2,
      "testing": false
    },
    "software": "mriqc",
    "version": "23.0.0",
    "webapi_port": null,
    "webapi_url": "https://mriqc.nimh.nih.gov/api/v1"
  },
  "size_t": 248,
  "size_x": 64,
  "size_y": 64,
  "size_z": 34,
  "snr": 5.583645022813407,
  "spacing_tr": 1.7999999523162842,
  "spacing_x": 3.75,
  "spacing_y": 3.75,
  "spacing_z": 3.799999952316284,
  "summary_bg_k": 39.84313780420349,
  "summary_bg_mad": 5.422257460569148,
  "summary_bg_mean": 29.297260284423828,
  "summary_bg_median": 17.467741012573242,
  "summary_bg_n": 92790.0,
  "summary_bg_p05": 12.685483932495117,
  "summary_bg_p95": 87.34132614135746,
  "summary_bg_stdv": 40.1540412902832,
  "summary_fg_k": 1.3186274213782632,
  "summary_fg_mad": 130.65726145869323,
  "summary_fg_mean": 806.3795166015625,
  "summary_fg_median": 798.064453125,
  "summary_fg_n": 18448.0,
  "summary_fg_p05": 595.3701263427735,
  "summary_fg_p95": 1049.0244079589838,
  "summary_fg_stdv": 142.92506408691406,
  "tsnr": 50.3217115070438
}