{
  "aor": 0.0014297975708502026,
  "aqi": 0.005099469716599189,
  "bids_meta": {
    "AcquisitionMatrixPE": 64,
    "AcquisitionNumber": 1,
    "AcquisitionTime": "14:23:1.152500",
    "BandwidthPerPixelPhaseEncode": 72.674,
    "BaseResolution": 64,
    "CoilString": "T:HEA;HEP",
    "ConversionSoftware": "dcm2niix",
    "ConversionSoftwareVersion": "v1.0.20190902",
    "DerivedVendorReportedEchoSpacing": 0.000430002,
    "DeviceSerialNumber": "35002",
    "DwellTime": 2.7e-06,
    "EchoTime": 0.031,
    "EffectiveEchoSpacing": 0.000215001,
    "FlipAngle": 90,
    "ImageOrientationPatientDICOM": [
      1,
      0,
      0,
      0,
      1,
      0
    ],
    "ImageType": [
      "ORIGINAL",
      "PRIMARY",
      "M",
      "ND",
      "MOSAIC"
    ],
    "ImagingFrequency": 123.263,
    "InPlanePhaseEncodingDirectionDICOM": "COL",
    "InstitutionAddress": "University_Pkwy_1700_North_685_Provo_AEC1C0_UT_US_84601",
    "InstitutionName": "Brigham_Young_University",
    "InstitutionalDepartmentName": "MRI",
    "MRAcquisitionType": "2D",
    "MagneticFieldStrength": 3,
    "Manufacturer": "Siemens",
    "ManufacturersModelName": "TrioTim",
    "Modality": "MR",
    "ParallelReductionFactorInPlane": 2,
    "PartialFourier": 1,
    "PatientPosition": "HFS",
    "PercentPhaseFOV": 100,
    "PhaseEncodingDirection": "j-",
    "PhaseEncodingSteps": 63,
    "PhaseResolution": 1,
    "PixelBandwidth": 2894,
    "ProcedureStepDescription": "Research_KIRWAN",
    "ProtocolName": "Daselaar_run2",
    "PulseSequenceDetails": "%CustomerSeq%_ep2d_bold_PMU",
    "ReceiveCoilName": "HeadMatrix",
    "ReconMatrixPE": 64,
    "RefLinesPE": 24,
    "RepetitionTime": 1.8,
    "SAR": 0.151431,
    "ScanOptions": "FS",
    "ScanningSequence": "EP",
    "SequenceName": "epfid2d1_64",
    "SequenceVariant": "SK",
    "SeriesDescription": "Daselaar_run2",
    "SeriesNumber": 7,
    "ShimSetting": [
      -2765,
      -22863,
      2155,
      598,
      -80,
      475,
      -473,
      312
    ],
    "SliceThickness": 3.8,
    "SliceTiming": [
      0.9025,
      0,
      0.9575,
      0.0525,
      1.01,
      0.105,
      1.0625,
      0.16,
      1.115,
      0.2125,
      1.17,
      0.265,
      1.2225,
      0.3175,
      1.275,
      0.3725,
      1.3275,
      0.425,
      1.3825,
      0.4775,
      1.435,
      0.53,
      1.4875,
      0.585,
      1.54,
      0.6375,
      1.595,
      0.69,
      1.6475,
      0.7425,
      1.7,
      0.7975,
      1.7525,
      0.85
    ],
    "SoftwareVersions": "syngo_MR_B17",
    "SpacingBetweenSlices": 3.8,
    "StationName": "MRC35002",
    "TaskName": "RecogConf",
    "TotalReadoutTime": 0.0135451,
    "TxRefAmp": 324.69,
    "dataset": "ds004086",
    "modality": "bold",
    "run_id": 2,
    "subject_id": "034",
    "task_id": "RecogConf"
  },
  "dummy_trs": 1,
  "dvars_nstd": 22.771802065121946,
  "dvars_std": 1.0995706039837396,
  "dvars_vstd": 1.0031953223983743,
  "efc": 0.45044876617256013,
  "fber": 2101.6865234375,
  "fd_mean": 0.10745652594907257,
  "fd_num": 24,
  "fd_perc": 9.7165991902834,
  "fwhm_avg": 1.9220189904558322,
  "fwhm_x": 1.796152,
  "fwhm_y": 2.057376,
  "fwhm_z": 1.9125289713674969,
  "gcor": 0.0171051,
  "gsr_x": -0.01055967342108488,
  "gsr_y": 0.00974203459918499,
  "provenance": {
    "md5sum": "04037c9ff0d8aa0cde110d19037472e4",
    "settings": {
      "fd_thres": 0.2,
      "testing": false
    },
    "software": "mriqc",
    "version": "23.0.0",
    "webapi_port": null,
    "webapi_url": "https://mriqc.nimh.nih.gov/api/v1"
  },
  "size_t": 247,
  "size_x": 64,
  "size_y": 64,
  "size_z": 34,
  "snr": 5.641535003592091,
  "spacing_tr": 1.7999999523162842,
  "spacing_x": 3.75,
  "spacing_y": 3.75,
  "spacing_z": 3.799999952316284,
  "summary_bg_k": 41.74226405556721,
  "summary_bg_mad": 5.126080882128667,
  "summary_bg_mean": 29.07454490661621,
  "summary_bg_median": 17.3157901763916,
  "summary_bg_n": 92665.0,
  "summary_bg_p05": 12.748988151550293,
  "summary_bg_p95": 85.57489776611328,
  "summary_bg_stdv": 40.275604248046875,
  "summary_fg_k": 1.1851269895919687,
  "summary_fg_mad": 129.89573564266334,
  "summary_fg_mean": 803.825927734375,
  "summary_fg_median": 796.4150390625,
  "summary_fg_n": 18518.0,
  "summary_fg_p05": 595.1358703613281,
  "summary_fg_p95": 1041.088946533203,
  "summary_fg_stdv": 141.16610717773438,
  "tsnr": 62.315847650170326
}