{
  "aor": 0.0011708870967741935,
  "aqi": 0.0045419387903225805,
  "bids_meta": {
    "AcquisitionMatrixPE": 64,
    "AcquisitionNumber": 1,
    "AcquisitionTime": "16:29:12.650000",
    "BandwidthPerPixelPhaseEncode": 72.674,
    "BaseResolution": 64,
    "CoilString": "T:HEA;HEP",
    "ConversionSoftware": "dcm2niix",
    "ConversionSoftwareVersion": "v1.0.20190902",
    "DerivedVendorReportedEchoSpacing": 0.000430002,
    "DeviceSerialNumber": "35002",
    "DwellTime": 2.7e-06,
    "EchoTime": 0.031,
    "EffectiveEchoSpacing": 0.000215001,
    "FlipAngle": 90,
    "ImageOrientationPatientDICOM": [
      1,
      0,
      0,
      0,
      1,
      0
    ],
    "ImageType": [
      "ORIGINAL",
      "PRIMARY",
      "M",
      "ND",
      "MOSAIC"
    ],
    "ImagingFrequency": 123.263,
    "InPlanePhaseEncodingDirectionDICOM": "COL",
    "InstitutionAddress": "University_Pkwy_1700_North_685_Provo_AEC1C0_UT_US_84601",
    "InstitutionName": "Brigham_Young_University",
    "InstitutionalDepartmentName": "MRI",
    "MRAcquisitionType": "2D",
    "MagneticFieldStrength": 3,
    "Manufacturer": "Siemens",
    "ManufacturersModelName": "TrioTim",
    "Modality": "MR",
    "ParallelReductionFactorInPlane": 2,
    "PartialFourier": 1,
    "PatientPosition": "HFS",
    "PercentPhaseFOV": 100,
    "PhaseEncodingDirection": "j-",
    "PhaseEncodingSteps": 63,
    "PhaseResolution": 1,
    "PixelBandwidth": 2894,
    "ProcedureStepDescription": "Research_KIRWAN",
    "ProtocolName": "Daselaar_run2",
    "PulseSequenceDetails": "%CustomerSeq%_ep2d_bold_PMU",
    "ReceiveCoilName": "HeadMatrix",
    "ReconMatrixPE": 64,
    "RefLinesPE": 24,
    "RepetitionTime": 1.8,
    "SAR": 0.120839,
    "ScanOptions": "FS",
    "ScanningSequence": "EP",
    "SequenceName": "epfid2d1_64",
    "SequenceVariant": "SK",
    "SeriesDescription": "Daselaar_run2",
    "SeriesNumber": 6,
    "ShimSetting": [
      -2805,
      -22767,
      2206,
      256,
      45,
      22,
      -385,
      412
    ],
    "SliceThickness": 3.8,
    "SliceTiming": [
      0.9025,
      0,
      0.955,
      0.0525,
      1.01,
      0.105,
      1.0625,
      0.16,
      1.115,
      0.2125,
      1.1675,
      0.265,
      1.2225,
      0.3175,
      1.275,
      0.3725,
      1.3275,
      0.425,
      1.38,
      0.4775,
      1.435,
      0.53,
      1.4875,
      0.585,
      1.54,
      0.6375,
      1.595,
      0.69,
      1.6475,
      0.7425,
      1.7,
      0.7975,
      1.7525,
      0.85
    ],
    "SoftwareVersions": "syngo_MR_B17",
    "SpacingBetweenSlices": 3.8,
    "StationName": "MRC35002",
    "TaskName": "RecogConf",
    "TotalReadoutTime": 0.0135451,
    "TxRefAmp": 328.512,
    "dataset": "ds004086",
    "modality": "bold",
    "run_id": 2,
    "subject_id": "011",
    "task_id": "RecogConf"
  },
  "dummy_trs": 0,
  "dvars_nstd": 21.846048741093114,
  "dvars_std": 1.1009490606072885,
  "dvars_vstd": 1.0041753134817812,
  "efc": 0.4303180556021896,
  "fber": 2326.72021484375,
  "fd_mean": 0.09416740081349592,
  "fd_num": 12,
  "fd_perc": 4.838709677419355,
  "fwhm_avg": 1.9790616458415355,
  "fwhm_x": 1.8197493333333334,
  "fwhm_y": 2.1057040000000002,
  "fwhm_z": 2.011731604191273,
  "gcor": 0.0160624,
  "gsr_x": -0.015855181962251663,
  "gsr_y": 0.01118384674191475,
  "provenance": {
    "md5sum": "4ecf3e7c22b4c00289fce5f33329545f",
    "settings": {
      "fd_thres": 0.2,
      "testing": false
    },
    "software": "mriqc",
    "version": "23.0.0",
    "webapi_port": null,
    "webapi_url": "https://mriqc.nimh.nih.gov/api/v1"
  },
  "size_t": 248,
  "size_x": 64,
  "size_y": 64,
  "size_z": 34,
  "snr": 6.013125683300739,
  "spacing_tr": 1.7999999523162842,
  "spacing_x": 3.75,
  "spacing_y": 3.75,
  "spacing_z": 3.799999952316284,
  "summary_bg_k": 66.00468313588999,
  "summary_bg_mad": 5.35649888515043,
  "summary_bg_mean": 30.257598876953125,
  "summary_bg_median": 16.67338752746582,
  "summary_bg_n": 96621.0,
  "summary_bg_p05": 12.193548202514648,
  "summary_bg_p95": 95.78225708007812,
  "summary_bg_stdv": 47.01245880126953,
  "summary_fg_k": 1.5024677777576922,
  "summary_fg_mad": 116.2348737460276,
  "summary_fg_mean": 809.9275512695312,
  "summary_fg_median": 805.5967407226562,
  "summary_fg_n": 15281.0,
  "summary_fg_p05": 602.54833984375,
  "summary_fg_p95": 1035.76611328125,
  "summary_fg_stdv": 133.96865844726562,
  "tsnr": 68.4513500580797
}