{
  "aor": 0.005920766129032258,
  "aqi": 0.008964824919354838,
  "bids_meta": {
    "AcquisitionMatrixPE": 64,
    "AcquisitionNumber": 1,
    "AcquisitionTime": "16:21:5.377500",
    "BandwidthPerPixelPhaseEncode": 72.674,
    "BaseResolution": 64,
    "CoilString": "T:HEA;HEP",
    "ConversionSoftware": "dcm2niix",
    "ConversionSoftwareVersion": "v1.0.20190902",
    "DerivedVendorReportedEchoSpacing": 0.000430002,
    "DeviceSerialNumber": "35002",
    "DwellTime": 2.7e-06,
    "EchoTime": 0.031,
    "EffectiveEchoSpacing": 0.000215001,
    "FlipAngle": 90,
    "ImageOrientationPatientDICOM": [
      1,
      0,
      0,
      0,
      1,
      0
    ],
    "ImageType": [
      "ORIGINAL",
      "PRIMARY",
      "M",
      "ND",
      "MOSAIC"
    ],
    "ImagingFrequency": 123.263,
    "InPlanePhaseEncodingDirectionDICOM": "COL",
    "InstitutionAddress": "University_Pkwy_1700_North_685_Provo_AEC1C0_UT_US_84601",
    "InstitutionName": "Brigham_Young_University",
    "InstitutionalDepartmentName": "MRI",
    "MRAcquisitionType": "2D",
    "MagneticFieldStrength": 3,
    "Manufacturer": "Siemens",
    "ManufacturersModelName": "TrioTim",
    "Modality": "MR",
    "ParallelReductionFactorInPlane": 2,
    "PartialFourier": 1,
    "PatientPosition": "HFS",
    "PercentPhaseFOV": 100,
    "PhaseEncodingDirection": "j-",
    "PhaseEncodingSteps": 63,
    "PhaseResolution": 1,
    "PixelBandwidth": 2894,
    "ProcedureStepDescription": "Research_KIRWAN",
    "ProtocolName": "Daselaar_run1",
    "PulseSequenceDetails": "%CustomerSeq%_ep2d_bold_PMU",
    "ReceiveCoilName": "HeadMatrix",
    "ReconMatrixPE": 64,
    "RefLinesPE": 24,
    "RepetitionTime": 1.8,
    "SAR": 0.120839,
    "ScanOptions": "FS",
    "ScanningSequence": "EP",
    "SequenceName": "epfid2d1_64",
    "SequenceVariant": "SK",
    "SeriesDescription": "Daselaar_run1",
    "SeriesNumber": 5,
    "ShimSetting": [
      -2805,
      -22767,
      2206,
      256,
      45,
      22,
      -385,
      412
    ],
    "SliceThickness": 3.8,
    "SliceTiming": [
      0.905,
      0,
      0.9575,
      0.0525,
      1.01,
      0.1075,
      1.0625,
      0.16,
      1.1175,
      0.2125,
      1.17,
      0.2675,
      1.2225,
      0.32,
      1.275,
      0.3725,
      1.33,
      0.425,
      1.3825,
      0.48,
      1.435,
      0.5325,
      1.4875,
      0.585,
      1.5425,
      0.6375,
      1.595,
      0.6925,
      1.6475,
      0.745,
      1.7,
      0.7975,
      1.755,
      0.85
    ],
    "SoftwareVersions": "syngo_MR_B17",
    "SpacingBetweenSlices": 3.8,
    "StationName": "MRC35002",
    "TaskName": "RecogConf",
    "TotalReadoutTime": 0.0135451,
    "TxRefAmp": 328.512,
    "dataset": "ds004086",
    "modality": "bold",
    "run_id": 1,
    "subject_id": "011",
    "task_id": "RecogConf"
  },
  "dummy_trs": 0,
  "dvars_nstd": 24.37696717923077,
  "dvars_std": 1.0498697290283394,
  "dvars_vstd": 0.9934905707692311,
  "efc": 0.43017792336918004,
  "fber": 2294.552490234375,
  "fd_mean": 0.17262041856879956,
  "fd_num": 37,
  "fd_perc": 14.919354838709678,
  "fwhm_avg": 1.9922707452757829,
  "fwhm_x": 1.8467466666666668,
  "fwhm_y": 2.1137813333333333,
  "fwhm_z": 2.0162842358273485,
  "gcor": 0.0389888,
  "gsr_x": -0.015184743329882622,
  "gsr_y": 0.010147555731236935,
  "provenance": {
    "md5sum": "3948fe744a26fe588ad3c47264a87d6f",
    "settings": {
      "fd_thres": 0.2,
      "testing": false
    },
    "software": "mriqc",
    "version": "23.0.0",
    "webapi_port": null,
    "webapi_url": "https://mriqc.nimh.nih.gov/api/v1"
  },
  "size_t": 248,
  "size_x": 64,
  "size_y": 64,
  "size_z": 34,
  "snr": 6.051119338796065,
  "spacing_tr": 1.7999999523162842,
  "spacing_x": 3.75,
  "spacing_y": 3.75,
  "spacing_z": 3.799999952316284,
  "summary_bg_k": 63.13763046615939,
  "summary_bg_mad": 5.392368612934842,
  "summary_bg_mean": 29.942747116088867,
  "summary_bg_median": 16.75806427001953,
  "summary_bg_n": 96489.0,
  "summary_bg_p05": 12.237902641296387,
  "summary_bg_p95": 94.1532211303711,
  "summary_bg_stdv": 46.16126251220703,
  "summary_fg_k": 1.4757385647685046,
  "summary_fg_mad": 115.96575393414798,
  "summary_fg_mean": 810.2468872070312,
  "summary_fg_median": 806.6975708007812,
  "summary_fg_n": 15293.0,
  "summary_fg_p05": 603.75078125,
  "summary_fg_p95": 1031.6781494140623,
  "summary_fg_stdv": 133.30941772460938,
  "tsnr": 49.03965737647377
}