{
  "aor": 0.009646356275303641,
  "aqi": 0.00879012072874494,
  "bids_meta": {
    "AcquisitionMatrixPE": 64,
    "AcquisitionNumber": 1,
    "AcquisitionTime": "11:20:50.472500",
    "BandwidthPerPixelPhaseEncode": 72.674,
    "BaseResolution": 64,
    "CoilString": "T:HEA;HEP",
    "ConversionSoftware": "dcm2niix",
    "ConversionSoftwareVersion": "v1.0.20190902",
    "DerivedVendorReportedEchoSpacing": 0.000430002,
    "DeviceSerialNumber": "35002",
    "DwellTime": 2.7e-06,
    "EchoTime": 0.031,
    "EffectiveEchoSpacing": 0.000215001,
    "FlipAngle": 90,
    "ImageOrientationPatientDICOM": [
      1,
      0,
      0,
      0,
      1,
      0
    ],
    "ImageType": [
      "ORIGINAL",
      "PRIMARY",
      "M",
      "ND",
      "MOSAIC"
    ],
    "ImagingFrequency": 123.263,
    "InPlanePhaseEncodingDirectionDICOM": "COL",
    "InstitutionAddress": "University_Pkwy_1700_North_685_Provo_AEC1C0_UT_US_84601",
    "InstitutionName": "Brigham_Young_University",
    "InstitutionalDepartmentName": "MRI",
    "MRAcquisitionType": "2D",
    "MagneticFieldStrength": 3,
    "Manufacturer": "Siemens",
    "ManufacturersModelName": "TrioTim",
    "Modality": "MR",
    "ParallelReductionFactorInPlane": 2,
    "PartialFourier": 1,
    "PatientPosition": "HFS",
    "PercentPhaseFOV": 100,
    "PhaseEncodingDirection": "j-",
    "PhaseEncodingSteps": 63,
    "PhaseResolution": 1,
    "PixelBandwidth": 2894,
    "ProcedureStepDescription": "Research_KIRWAN",
    "ProtocolName": "Daselaar_run4",
    "PulseSequenceDetails": "%CustomerSeq%_ep2d_bold_PMU",
    "ReceiveCoilName": "HeadMatrix",
    "ReconMatrixPE": 64,
    "RefLinesPE": 24,
    "RepetitionTime": 1.8,
    "SAR": 0.143598,
    "ScanOptions": "FS",
    "ScanningSequence": "EP",
    "SequenceName": "epfid2d1_64",
    "SequenceVariant": "SK",
    "SeriesDescription": "Daselaar_run4",
    "SeriesNumber": 9,
    "ShimSetting": [
      -2811,
      -22856,
      2200,
      327,
      -66,
      149,
      -517,
      409
    ],
    "SliceThickness": 3.8,
    "SliceTiming": [
      0.9025,
      0,
      0.9575,
      0.0525,
      1.01,
      0.1075,
      1.0625,
      0.16,
      1.115,
      0.2125,
      1.17,
      0.265,
      1.2225,
      0.32,
      1.275,
      0.3725,
      1.33,
      0.425,
      1.3825,
      0.4775,
      1.435,
      0.5325,
      1.4875,
      0.585,
      1.5425,
      0.6375,
      1.595,
      0.69,
      1.6475,
      0.745,
      1.7,
      0.7975,
      1.755,
      0.85
    ],
    "SoftwareVersions": "syngo_MR_B17",
    "SpacingBetweenSlices": 3.8,
    "StationName": "MRC35002",
    "TaskName": "RecogConf",
    "TotalReadoutTime": 0.0135451,
    "TxRefAmp": 335.213,
    "dataset": "ds004086",
    "modality": "bold",
    "run_id": 4,
    "subject_id": "055",
    "task_id": "RecogConf"
  },
  "dummy_trs": 1,
  "dvars_nstd": 21.64824699772358,
  "dvars_std": 1.058152098130081,
  "dvars_vstd": 1.0499177365040653,
  "efc": 0.411510674964197,
  "fber": 2204.555908203125,
  "fd_mean": 0.11977846239725562,
  "fd_num": 12,
  "fd_perc": 4.8582995951417,
  "fwhm_avg": 1.915697691968002,
  "fwhm_x": 1.87508,
  "fwhm_y": 2.017392,
  "fwhm_z": 1.8546210759040063,
  "gcor": 0.0193351,
  "gsr_x": -0.01165899820625782,
  "gsr_y": 0.009199611842632294,
  "provenance": {
    "md5sum": "a097bb76a7c37064bc279f4f9cef7c19",
    "settings": {
      "fd_thres": 0.2,
      "testing": false
    },
    "software": "mriqc",
    "version": "23.0.0",
    "webapi_port": null,
    "webapi_url": "https://mriqc.nimh.nih.gov/api/v1"
  },
  "size_t": 247,
  "size_x": 64,
  "size_y": 64,
  "size_z": 34,
  "snr": 5.660831833173382,
  "spacing_tr": 1.7999999523162842,
  "spacing_x": 3.75,
  "spacing_y": 3.75,
  "spacing_z": 3.799999952316284,
  "summary_bg_k": 81.69030984991149,
  "summary_bg_mad": 3.9676112615264105,
  "summary_bg_mean": 24.490625381469727,
  "summary_bg_median": 14.765182495117188,
  "summary_bg_n": 99302.0,
  "summary_bg_p05": 11.340081214904785,
  "summary_bg_p95": 66.80546913146972,
  "summary_bg_stdv": 34.56450653076172,
  "summary_fg_k": 0.8457759142737666,
  "summary_fg_mad": 117.20063742870587,
  "summary_fg_mean": 698.1280517578125,
  "summary_fg_median": 696.9393310546875,
  "summary_fg_n": 13322.0,
  "summary_fg_p05": 501.1917144775391,
  "summary_fg_p95": 898.4850311279297,
  "summary_fg_stdv": 123.11144256591797,
  "tsnr": 49.1431434256956
}