{
  "aor": 0.0004627419354838709,
  "aqi": 0.003993190483870967,
  "bids_meta": {
    "AcquisitionMatrixPE": 64,
    "AcquisitionNumber": 1,
    "AcquisitionTime": "11:05:14.740000",
    "BandwidthPerPixelPhaseEncode": 72.674,
    "BaseResolution": 64,
    "CoilString": "T:HEA;HEP",
    "ConversionSoftware": "dcm2niix",
    "ConversionSoftwareVersion": "v1.0.20190902",
    "DerivedVendorReportedEchoSpacing": 0.000430002,
    "DeviceSerialNumber": "35002",
    "DwellTime": 2.7e-06,
    "EchoTime": 0.031,
    "EffectiveEchoSpacing": 0.000215001,
    "FlipAngle": 90,
    "ImageOrientationPatientDICOM": [
      1,
      0,
      0,
      0,
      1,
      0
    ],
    "ImageType": [
      "ORIGINAL",
      "PRIMARY",
      "M",
      "ND",
      "MOSAIC"
    ],
    "ImagingFrequency": 123.263,
    "InPlanePhaseEncodingDirectionDICOM": "COL",
    "InstitutionAddress": "University_Pkwy_1700_North_685_Provo_AEC1C0_UT_US_84601",
    "InstitutionName": "Brigham_Young_University",
    "InstitutionalDepartmentName": "MRI",
    "MRAcquisitionType": "2D",
    "MagneticFieldStrength": 3,
    "Manufacturer": "Siemens",
    "ManufacturersModelName": "TrioTim",
    "Modality": "MR",
    "ParallelReductionFactorInPlane": 2,
    "PartialFourier": 1,
    "PatientPosition": "HFS",
    "PercentPhaseFOV": 100,
    "PhaseEncodingDirection": "j-",
    "PhaseEncodingSteps": 63,
    "PhaseResolution": 1,
    "PixelBandwidth": 2894,
    "ProcedureStepDescription": "Research_KIRWAN",
    "ProtocolName": "Daselaar_run2",
    "PulseSequenceDetails": "%CustomerSeq%_ep2d_bold_PMU",
    "ReceiveCoilName": "HeadMatrix",
    "ReconMatrixPE": 64,
    "RefLinesPE": 24,
    "RepetitionTime": 1.8,
    "SAR": 0.143598,
    "ScanOptions": "FS",
    "ScanningSequence": "EP",
    "SequenceName": "epfid2d1_64",
    "SequenceVariant": "SK",
    "SeriesDescription": "Daselaar_run2",
    "SeriesNumber": 7,
    "ShimSetting": [
      -2811,
      -22856,
      2200,
      327,
      -66,
      149,
      -517,
      409
    ],
    "SliceThickness": 3.8,
    "SliceTiming": [
      0.9025,
      0,
      0.9575,
      0.0525,
      1.01,
      0.1075,
      1.0625,
      0.16,
      1.115,
      0.2125,
      1.17,
      0.265,
      1.2225,
      0.32,
      1.275,
      0.3725,
      1.3275,
      0.425,
      1.3825,
      0.4775,
      1.435,
      0.5325,
      1.4875,
      0.585,
      1.5425,
      0.6375,
      1.595,
      0.69,
      1.6475,
      0.745,
      1.7,
      0.7975,
      1.755,
      0.85
    ],
    "SoftwareVersions": "syngo_MR_B17",
    "SpacingBetweenSlices": 3.8,
    "StationName": "MRC35002",
    "TaskName": "RecogConf",
    "TotalReadoutTime": 0.0135451,
    "TxRefAmp": 335.213,
    "dataset": "ds004086",
    "modality": "bold",
    "run_id": 2,
    "subject_id": "055",
    "task_id": "RecogConf"
  },
  "dummy_trs": 0,
  "dvars_nstd": 20.90656871259109,
  "dvars_std": 1.0437152486639674,
  "dvars_vstd": 0.9918152607287456,
  "efc": 0.40993226791237164,
  "fber": 2230.023193359375,
  "fd_mean": 0.0949460397531652,
  "fd_num": 6,
  "fd_perc": 2.4193548387096775,
  "fwhm_avg": 1.8849268380749875,
  "fwhm_x": 1.823512,
  "fwhm_y": 1.9986053333333333,
  "fwhm_z": 1.8326631808916292,
  "gcor": 0.028362,
  "gsr_x": -0.011409519240260124,
  "gsr_y": 0.008938196115195751,
  "provenance": {
    "md5sum": "2b7cb9a1badcad519d8eeab02c694468",
    "settings": {
      "fd_thres": 0.2,
      "testing": false
    },
    "software": "mriqc",
    "version": "23.0.0",
    "webapi_port": null,
    "webapi_url": "https://mriqc.nimh.nih.gov/api/v1"
  },
  "size_t": 248,
  "size_x": 64,
  "size_y": 64,
  "size_z": 34,
  "snr": 5.73086618457721,
  "spacing_tr": 1.7999999523162842,
  "spacing_x": 3.75,
  "spacing_y": 3.75,
  "spacing_z": 3.799999952316284,
  "summary_bg_k": 85.26652526326599,
  "summary_bg_mad": 3.861940562023242,
  "summary_bg_mean": 24.050329208374023,
  "summary_bg_median": 14.693548202514648,
  "summary_bg_n": 99402.0,
  "summary_bg_p05": 11.366934776306152,
  "summary_bg_p95": 64.76572532653806,
  "summary_bg_stdv": 34.04056167602539,
  "summary_fg_k": 0.8886012614038838,
  "summary_fg_mad": 115.89408517456202,
  "summary_fg_mean": 697.6455078125,
  "summary_fg_median": 697.2096557617188,
  "summary_fg_n": 13235.0,
  "summary_fg_p05": 504.0794189453125,
  "summary_fg_p95": 896.2798278808593,
  "summary_fg_stdv": 121.65409088134766,
  "tsnr": 65.53005878662225
}