{
  "bids_meta": {
    "AcquisitionMatrixPE": 215,
    "AcquisitionNumber": 1,
    "AcquisitionTime": "16:03:54.337500",
    "BaseResolution": 256,
    "CoilString": "C:HEA;HEP",
    "ConversionSoftware": "dcm2niix",
    "ConversionSoftwareVersion": "v1.0.20190902",
    "DeviceSerialNumber": "35002",
    "DwellTime": 9.8e-06,
    "EchoTime": 0.00226,
    "FlipAngle": 9,
    "ImageOrientationPatientDICOM": [
      0,
      1,
      0,
      0,
      0,
      -1
    ],
    "ImageType": [
      "ORIGINAL",
      "PRIMARY",
      "M",
      "ND",
      "NORM"
    ],
    "ImagingFrequency": 123.263,
    "InPlanePhaseEncodingDirectionDICOM": "ROW",
    "InstitutionAddress": "University_Pkwy_1700_North_685_Provo_AEC1C0_UT_US_84601",
    "InstitutionName": "Brigham_Young_University",
    "InstitutionalDepartmentName": "MRI",
    "InversionTime": 0.9,
    "MRAcquisitionType": "3D",
    "MagneticFieldStrength": 3,
    "Manufacturer": "Siemens",
    "ManufacturersModelName": "TrioTim",
    "Modality": "MR",
    "PartialFourier": 0.875,
    "PatientPosition": "HFS",
    "PercentPhaseFOV": 87.5,
    "PhaseEncodingSteps": 227,
    "PhaseOversampling": 0.2,
    "PhaseResolution": 0.96,
    "PixelBandwidth": 199,
    "ProcedureStepDescription": "Research_KIRWAN",
    "ProtocolName": "t1_mpr_sag_iso_(mprage)",
    "PulseSequenceDetails": "%SiemensSeq%_tfl",
    "ReceiveCoilName": "HeadMatrix",
    "ReconMatrixPE": 224,
    "RepetitionTime": 1.9,
    "SAR": 0.105623,
    "ScanOptions": "IR_PFP",
    "ScanningSequence": "GR_IR",
    "SequenceName": "_tfl3d1_ns",
    "SequenceVariant": "SP_MP_OSP",
    "SeriesDescription": "t1_mpr_sag_iso_(mprage)",
    "SeriesNumber": 2,
    "ShimSetting": [
      -2768,
      -22810,
      1838,
      -69,
      10,
      173,
      -426,
      363
    ],
    "SliceThickness": 1,
    "SoftwareVersions": "syngo_MR_B17",
    "StationName": "MRC35002",
    "TxRefAmp": 324.093,
    "dataset": "ds004086",
    "modality": "T1w",
    "subject_id": "025"
  },
  "cjv": 0.33958776702032994,
  "cnr": 4.000321427021359,
  "efc": 0.6183280847811723,
  "fber": 10133.777777777777,
  "fwhm_avg": 4.675562293333333,
  "fwhm_x": 4.39226,
  "fwhm_y": 4.97600512,
  "fwhm_z": 4.65842176,
  "icvs_csf": 0.22500661705672437,
  "icvs_gm": 0.4321786345477743,
  "icvs_wm": 0.34281474839550136,
  "inu_med": 0.4515083134174347,
  "inu_range": 0.19316035807132714,
  "provenance": {
    "md5sum": "d600ece084f2f5bb3f012dfd90684c05",
    "settings": {
      "testing": false
    },
    "software": "mriqc",
    "version": "23.0.0",
    "warnings": {
      "large_rot_frame": true,
      "small_air_mask": false
    },
    "webapi_port": null,
    "webapi_url": "https://mriqc.nimh.nih.gov/api/v1"
  },
  "qi_1": 0.0,
  "qi_2": 0.009579127620081365,
  "rpve_csf": 17.97783943473667,
  "rpve_gm": 9.611512603902007,
  "rpve_wm": 13.75977517644276,
  "size_x": 176,
  "size_y": 224,
  "size_z": 256,
  "snr_csf": 3.3134778446277444,
  "snr_gm": 13.790421798599285,
  "snr_total": 14.843439856306523,
  "snr_wm": 27.42641992569254,
  "snrd_csf": 25.659018717627156,
  "snrd_gm": 67.2390180100843,
  "snrd_total": 61.290773455060815,
  "snrd_wm": 90.974283637471,
  "spacing_x": 1.0,
  "spacing_y": 0.9765625,
  "spacing_z": 0.9765625,
  "summary_bg_k": 6.079225461029463,
  "summary_bg_mad": 0.0,
  "summary_bg_mean": 4.444583821256219,
  "summary_bg_median": 0.0,
  "summary_bg_n": 1848137.0,
  "summary_bg_p05": 0.0,
  "summary_bg_p95": 18.439417079091072,
  "summary_bg_stdv": 7.201336455775076,
  "summary_csf_k": 2.3005925319325033,
  "summary_csf_mad": 65.3987808674201,
  "summary_csf_mean": 294.70787891356,
  "summary_csf_median": 282.04695527628064,
  "summary_csf_n": 69943.0,
  "summary_csf_p05": 186.09008965529503,
  "summary_csf_p95": 460.9854269772768,
  "summary_csf_stdv": 85.12051452628234,
  "summary_gm_k": 0.054615464574857775,
  "summary_gm_mad": 53.48529250231001,
  "summary_gm_mean": 738.1215611308901,
  "summary_gm_median": 739.0992038398981,
  "summary_gm_n": 44869.0,
  "summary_gm_p05": 648.2131779156625,
  "summary_gm_p95": 824.022023782134,
  "summary_gm_stdv": 53.59451497554906,
  "summary_wm_k": 0.4494074278163014,
  "summary_wm_mad": 35.113439391903405,
  "summary_wm_mean": 1001.5092858794969,
  "summary_wm_median": 1000.000038612634,
  "summary_wm_n": 229116.0,
  "summary_wm_p05": 944.343449447304,
  "summary_wm_p95": 1063.829603352584,
  "summary_wm_stdv": 36.46111519545143,
  "tpm_overlap_csf": 0.1687929330430614,
  "tpm_overlap_gm": 0.4661807216434449,
  "tpm_overlap_wm": 0.5019835818567918,
  "wm2max": 0.4862924953211443
}