{
  "aor": 0.0004968145161290322,
  "aqi": 0.011097680282258065,
  "bids_meta": {
    "AcquisitionMatrixPE": 64,
    "AcquisitionNumber": 1,
    "AcquisitionTime": "13:20:52.435000",
    "BandwidthPerPixelPhaseEncode": 72.674,
    "BaseResolution": 64,
    "CoilString": "T:HEA;HEP",
    "ConversionSoftware": "dcm2niix",
    "ConversionSoftwareVersion": "v1.0.20190902",
    "DerivedVendorReportedEchoSpacing": 0.000430002,
    "DeviceSerialNumber": "35002",
    "DwellTime": 2.7e-06,
    "EchoTime": 0.031,
    "EffectiveEchoSpacing": 0.000215001,
    "FlipAngle": 90,
    "ImageOrientationPatientDICOM": [
      1,
      0,
      0,
      0,
      1,
      0
    ],
    "ImageType": [
      "ORIGINAL",
      "PRIMARY",
      "M",
      "ND",
      "MOSAIC"
    ],
    "ImagingFrequency": 123.263,
    "InPlanePhaseEncodingDirectionDICOM": "COL",
    "InstitutionAddress": "University_Pkwy_1700_North_685_Provo_AEC1C0_UT_US_84601",
    "InstitutionName": "Brigham_Young_University",
    "InstitutionalDepartmentName": "MRI",
    "MRAcquisitionType": "2D",
    "MagneticFieldStrength": 3,
    "Manufacturer": "Siemens",
    "ManufacturersModelName": "TrioTim",
    "Modality": "MR",
    "ParallelReductionFactorInPlane": 2,
    "PartialFourier": 1,
    "PatientPosition": "HFS",
    "PercentPhaseFOV": 100,
    "PhaseEncodingDirection": "j-",
    "PhaseEncodingSteps": 63,
    "PhaseResolution": 1,
    "PixelBandwidth": 2894,
    "ProcedureStepDescription": "Research_KIRWAN",
    "ProtocolName": "Daselaar_run1",
    "PulseSequenceDetails": "%CustomerSeq%_ep2d_bold_PMU",
    "ReceiveCoilName": "HeadMatrix",
    "ReconMatrixPE": 64,
    "RefLinesPE": 24,
    "RepetitionTime": 1.8,
    "SAR": 0.149185,
    "ScanOptions": "FS",
    "ScanningSequence": "EP",
    "SequenceName": "epfid2d1_64",
    "SequenceVariant": "SK",
    "SeriesDescription": "Daselaar_run1",
    "SeriesNumber": 5,
    "ShimSetting": [
      -2739,
      -22736,
      2271,
      645,
      27,
      327,
      -402,
      415
    ],
    "SliceThickness": 3.8,
    "SliceTiming": [
      0.9025,
      0,
      0.955,
      0.0525,
      1.01,
      0.105,
      1.0625,
      0.16,
      1.115,
      0.2125,
      1.17,
      0.265,
      1.2225,
      0.3175,
      1.275,
      0.3725,
      1.3275,
      0.425,
      1.3825,
      0.4775,
      1.435,
      0.53,
      1.4875,
      0.585,
      1.54,
      0.6375,
      1.595,
      0.69,
      1.6475,
      0.7425,
      1.7,
      0.7975,
      1.7525,
      0.85
    ],
    "SoftwareVersions": "syngo_MR_B17",
    "SpacingBetweenSlices": 3.8,
    "StationName": "MRC35002",
    "TaskName": "RecogConf",
    "TotalReadoutTime": 0.0135451,
    "TxRefAmp": 325.428,
    "dataset": "ds004086",
    "modality": "bold",
    "run_id": 1,
    "subject_id": "017",
    "task_id": "RecogConf"
  },
  "dummy_trs": 0,
  "dvars_nstd": 22.570128143846176,
  "dvars_std": 1.0046242766801625,
  "dvars_vstd": 0.9509254714574902,
  "efc": 0.4927163649912765,
  "fber": 1890.5693359375,
  "fd_mean": 0.1437273180533744,
  "fd_num": 43,
  "fd_perc": 17.338709677419356,
  "fwhm_avg": 1.9298619845741085,
  "fwhm_x": 1.80612,
  "fwhm_y": 2.0790106666666666,
  "fwhm_z": 1.9044552870556593,
  "gcor": 0.0136448,
  "gsr_x": -0.011558580212295055,
  "gsr_y": 0.028429042547941208,
  "provenance": {
    "md5sum": "8bec3bbf5130784035531c029d76d5b3",
    "settings": {
      "fd_thres": 0.2,
      "testing": false
    },
    "software": "mriqc",
    "version": "23.0.0",
    "webapi_port": null,
    "webapi_url": "https://mriqc.nimh.nih.gov/api/v1"
  },
  "size_t": 248,
  "size_x": 64,
  "size_y": 64,
  "size_z": 34,
  "snr": 6.072351754013637,
  "spacing_tr": 1.7999999523162842,
  "spacing_x": 3.75,
  "spacing_y": 3.75,
  "spacing_z": 3.799999952316284,
  "summary_bg_k": 56.42052413845405,
  "summary_bg_mad": 6.318992171661529,
  "summary_bg_mean": 33.94796371459961,
  "summary_bg_median": 18.294353485107422,
  "summary_bg_n": 86818.0,
  "summary_bg_p05": 12.685483932495117,
  "summary_bg_p95": 113.92116470336907,
  "summary_bg_stdv": 51.5006217956543,
  "summary_fg_k": 1.6750264749727384,
  "summary_fg_mad": 115.90602996782636,
  "summary_fg_mean": 793.8687744140625,
  "summary_fg_median": 792.852783203125,
  "summary_fg_n": 23074.0,
  "summary_fg_p05": 589.3977600097656,
  "summary_fg_p95": 1003.8342529296874,
  "summary_fg_stdv": 130.56483459472656,
  "tsnr": 50.80727480328642
}