{
  "aor": 0.0018482661290322585,
  "aqi": 0.0047128075,
  "bids_meta": {
    "AcquisitionMatrixPE": 64,
    "AcquisitionNumber": 1,
    "AcquisitionTime": "13:44:28.015000",
    "BandwidthPerPixelPhaseEncode": 72.674,
    "BaseResolution": 64,
    "CoilString": "T:HEA;HEP",
    "ConversionSoftware": "dcm2niix",
    "ConversionSoftwareVersion": "v1.0.20190902",
    "DerivedVendorReportedEchoSpacing": 0.000430002,
    "DeviceSerialNumber": "35002",
    "DwellTime": 2.7e-06,
    "EchoTime": 0.031,
    "EffectiveEchoSpacing": 0.000215001,
    "FlipAngle": 90,
    "ImageOrientationPatientDICOM": [
      1,
      0,
      0,
      0,
      1,
      0
    ],
    "ImageType": [
      "ORIGINAL",
      "PRIMARY",
      "M",
      "ND",
      "MOSAIC"
    ],
    "ImagingFrequency": 123.263,
    "InPlanePhaseEncodingDirectionDICOM": "COL",
    "InstitutionAddress": "University_Pkwy_1700_North_685_Provo_AEC1C0_UT_US_84601",
    "InstitutionName": "Brigham_Young_University",
    "InstitutionalDepartmentName": "MRI",
    "MRAcquisitionType": "2D",
    "MagneticFieldStrength": 3,
    "Manufacturer": "Siemens",
    "ManufacturersModelName": "TrioTim",
    "Modality": "MR",
    "ParallelReductionFactorInPlane": 2,
    "PartialFourier": 1,
    "PatientPosition": "HFS",
    "PercentPhaseFOV": 100,
    "PhaseEncodingDirection": "j-",
    "PhaseEncodingSteps": 63,
    "PhaseResolution": 1,
    "PixelBandwidth": 2894,
    "ProcedureStepDescription": "Research_KIRWAN",
    "ProtocolName": "Daselaar_run4",
    "PulseSequenceDetails": "%CustomerSeq%_ep2d_bold_PMU",
    "ReceiveCoilName": "HeadMatrix",
    "ReconMatrixPE": 64,
    "RefLinesPE": 24,
    "RepetitionTime": 1.8,
    "SAR": 0.149185,
    "ScanOptions": "FS",
    "ScanningSequence": "EP",
    "SequenceName": "epfid2d1_64",
    "SequenceVariant": "SK",
    "SeriesDescription": "Daselaar_run4",
    "SeriesNumber": 8,
    "ShimSetting": [
      -2739,
      -22736,
      2271,
      645,
      27,
      327,
      -402,
      415
    ],
    "SliceThickness": 3.8,
    "SliceTiming": [
      0.9025,
      0,
      0.955,
      0.0525,
      1.01,
      0.105,
      1.0625,
      0.16,
      1.115,
      0.2125,
      1.1675,
      0.265,
      1.2225,
      0.3175,
      1.275,
      0.3725,
      1.3275,
      0.425,
      1.38,
      0.4775,
      1.435,
      0.53,
      1.4875,
      0.585,
      1.54,
      0.6375,
      1.5925,
      0.69,
      1.6475,
      0.7425,
      1.7,
      0.7975,
      1.7525,
      0.85
    ],
    "SoftwareVersions": "syngo_MR_B17",
    "SpacingBetweenSlices": 3.8,
    "StationName": "MRC35002",
    "TaskName": "RecogConf",
    "TotalReadoutTime": 0.0135451,
    "TxRefAmp": 325.428,
    "dataset": "ds004086",
    "modality": "bold",
    "run_id": 4,
    "subject_id": "017",
    "task_id": "RecogConf"
  },
  "dummy_trs": 0,
  "dvars_nstd": 20.817143027125503,
  "dvars_std": 1.073727311336033,
  "dvars_vstd": 1.0177539803238866,
  "efc": 0.4931142808787818,
  "fber": 1913.27490234375,
  "fd_mean": 0.10818801258278316,
  "fd_num": 9,
  "fd_perc": 3.629032258064516,
  "fwhm_avg": 1.8971703821437866,
  "fwhm_x": 1.7747253333333333,
  "fwhm_y": 2.03412,
  "fwhm_z": 1.8826658130980267,
  "gcor": 0.0356417,
  "gsr_x": -0.011141983792185783,
  "gsr_y": 0.02779213897883892,
  "provenance": {
    "md5sum": "70b799621bb2c782a0069dd720444845",
    "settings": {
      "fd_thres": 0.2,
      "testing": false
    },
    "software": "mriqc",
    "version": "23.0.0",
    "webapi_port": null,
    "webapi_url": "https://mriqc.nimh.nih.gov/api/v1"
  },
  "size_t": 248,
  "size_x": 64,
  "size_y": 64,
  "size_z": 34,
  "snr": 5.941104797204284,
  "spacing_tr": 1.7999999523162842,
  "spacing_x": 3.75,
  "spacing_y": 3.75,
  "spacing_z": 3.799999952316284,
  "summary_bg_k": 54.731454661479994,
  "summary_bg_mad": 5.828779156899619,
  "summary_bg_mean": 34.548404693603516,
  "summary_bg_median": 18.129032135009766,
  "summary_bg_n": 86837.0,
  "summary_bg_p05": 13.120966911315918,
  "summary_bg_p95": 119.50483856201164,
  "summary_bg_stdv": 53.92660903930664,
  "summary_fg_k": 1.7058937729670163,
  "summary_fg_mad": 119.0326700956221,
  "summary_fg_mean": 796.0034790039062,
  "summary_fg_median": 795.9636840820312,
  "summary_fg_n": 23035.0,
  "summary_fg_p05": 584.5628845214844,
  "summary_fg_p95": 1009.4939147949218,
  "summary_fg_stdv": 133.97279357910156,
  "tsnr": 66.33278005407192
}