{
  "aor": 0.0007597983870967741,
  "aqi": 0.005945874475806451,
  "bids_meta": {
    "AcquisitionMatrixPE": 64,
    "AcquisitionNumber": 1,
    "AcquisitionTime": "13:28:41.657500",
    "BandwidthPerPixelPhaseEncode": 72.674,
    "BaseResolution": 64,
    "CoilString": "T:HEA;HEP",
    "ConversionSoftware": "dcm2niix",
    "ConversionSoftwareVersion": "v1.0.20190902",
    "DerivedVendorReportedEchoSpacing": 0.000430002,
    "DeviceSerialNumber": "35002",
    "DwellTime": 2.7e-06,
    "EchoTime": 0.031,
    "EffectiveEchoSpacing": 0.000215001,
    "FlipAngle": 90,
    "ImageOrientationPatientDICOM": [
      1,
      0,
      0,
      0,
      1,
      0
    ],
    "ImageType": [
      "ORIGINAL",
      "PRIMARY",
      "M",
      "ND",
      "MOSAIC"
    ],
    "ImagingFrequency": 123.263,
    "InPlanePhaseEncodingDirectionDICOM": "COL",
    "InstitutionAddress": "University_Pkwy_1700_North_685_Provo_AEC1C0_UT_US_84601",
    "InstitutionName": "Brigham_Young_University",
    "InstitutionalDepartmentName": "MRI",
    "MRAcquisitionType": "2D",
    "MagneticFieldStrength": 3,
    "Manufacturer": "Siemens",
    "ManufacturersModelName": "TrioTim",
    "Modality": "MR",
    "ParallelReductionFactorInPlane": 2,
    "PartialFourier": 1,
    "PatientPosition": "HFS",
    "PercentPhaseFOV": 100,
    "PhaseEncodingDirection": "j-",
    "PhaseEncodingSteps": 63,
    "PhaseResolution": 1,
    "PixelBandwidth": 2894,
    "ProcedureStepDescription": "Research_KIRWAN",
    "ProtocolName": "Daselaar_run2",
    "PulseSequenceDetails": "%CustomerSeq%_ep2d_bold_PMU",
    "ReceiveCoilName": "HeadMatrix",
    "ReconMatrixPE": 64,
    "RefLinesPE": 24,
    "RepetitionTime": 1.8,
    "SAR": 0.149185,
    "ScanOptions": "FS",
    "ScanningSequence": "EP",
    "SequenceName": "epfid2d1_64",
    "SequenceVariant": "SK",
    "SeriesDescription": "Daselaar_run2",
    "SeriesNumber": 6,
    "ShimSetting": [
      -2739,
      -22736,
      2271,
      645,
      27,
      327,
      -402,
      415
    ],
    "SliceThickness": 3.8,
    "SliceTiming": [
      0.9025,
      0,
      0.955,
      0.0525,
      1.01,
      0.105,
      1.0625,
      0.1575,
      1.115,
      0.2125,
      1.1675,
      0.265,
      1.2225,
      0.3175,
      1.275,
      0.37,
      1.3275,
      0.425,
      1.38,
      0.4775,
      1.435,
      0.53,
      1.4875,
      0.585,
      1.54,
      0.6375,
      1.5925,
      0.69,
      1.6475,
      0.7425,
      1.7,
      0.7975,
      1.7525,
      0.85
    ],
    "SoftwareVersions": "syngo_MR_B17",
    "SpacingBetweenSlices": 3.8,
    "StationName": "MRC35002",
    "TaskName": "RecogConf",
    "TotalReadoutTime": 0.0135451,
    "TxRefAmp": 325.428,
    "dataset": "ds004086",
    "modality": "bold",
    "run_id": 2,
    "subject_id": "017",
    "task_id": "RecogConf"
  },
  "dummy_trs": 0,
  "dvars_nstd": 21.8360033848583,
  "dvars_std": 1.0483918918623483,
  "dvars_vstd": 0.9913066519028334,
  "efc": 0.49228486597500903,
  "fber": 1918.0196533203125,
  "fd_mean": 0.1447004086115964,
  "fd_num": 40,
  "fd_perc": 16.129032258064516,
  "fwhm_avg": 1.9120295401033125,
  "fwhm_x": 1.782688,
  "fwhm_y": 2.055245333333333,
  "fwhm_z": 1.8981552869766045,
  "gcor": 0.0307912,
  "gsr_x": -0.010951751843094826,
  "gsr_y": 0.02762504108250141,
  "provenance": {
    "md5sum": "576cc13926f8b9d442a2762d23b2d6f6",
    "settings": {
      "fd_thres": 0.2,
      "testing": false
    },
    "software": "mriqc",
    "version": "23.0.0",
    "webapi_port": null,
    "webapi_url": "https://mriqc.nimh.nih.gov/api/v1"
  },
  "size_t": 248,
  "size_x": 64,
  "size_y": 64,
  "size_z": 34,
  "snr": 6.018874054022017,
  "spacing_tr": 1.7999999523162842,
  "spacing_x": 3.75,
  "spacing_y": 3.75,
  "spacing_z": 3.799999952316284,
  "summary_bg_k": 54.58444118877111,
  "summary_bg_mad": 5.846714727751654,
  "summary_bg_mean": 33.953678131103516,
  "summary_bg_median": 18.120967864990234,
  "summary_bg_n": 86786.0,
  "summary_bg_p05": 12.931450843811035,
  "summary_bg_p95": 116.36491775512695,
  "summary_bg_stdv": 52.76303482055664,
  "summary_fg_k": 1.7852708195139781,
  "summary_fg_mad": 116.55168224010646,
  "summary_fg_mean": 795.7762451171875,
  "summary_fg_median": 794.9395141601562,
  "summary_fg_n": 23079.0,
  "summary_fg_p05": 590.5645141601562,
  "summary_fg_p95": 1006.3378784179687,
  "summary_fg_stdv": 132.07159423828125,
  "tsnr": 62.52925637527369
}