{
  "aor": 0.000574516129032258,
  "aqi": 0.003853053629032258,
  "bids_meta": {
    "AcquisitionMatrixPE": 64,
    "AcquisitionNumber": 1,
    "AcquisitionTime": "15:26:9.437500",
    "BandwidthPerPixelPhaseEncode": 72.674,
    "BaseResolution": 64,
    "CoilString": "T:HEA;HEP",
    "ConversionSoftware": "dcm2niix",
    "ConversionSoftwareVersion": "v1.0.20190902",
    "DerivedVendorReportedEchoSpacing": 0.000430002,
    "DeviceSerialNumber": "35002",
    "DwellTime": 2.7e-06,
    "EchoTime": 0.031,
    "EffectiveEchoSpacing": 0.000215001,
    "FlipAngle": 90,
    "ImageOrientationPatientDICOM": [
      1,
      0,
      0,
      0,
      1,
      0
    ],
    "ImageType": [
      "ORIGINAL",
      "PRIMARY",
      "M",
      "ND",
      "MOSAIC"
    ],
    "ImagingFrequency": 123.263,
    "InPlanePhaseEncodingDirectionDICOM": "COL",
    "InstitutionAddress": "University_Pkwy_1700_North_685_Provo_AEC1C0_UT_US_84601",
    "InstitutionName": "Brigham_Young_University",
    "InstitutionalDepartmentName": "MRI",
    "MRAcquisitionType": "2D",
    "MagneticFieldStrength": 3,
    "Manufacturer": "Siemens",
    "ManufacturersModelName": "TrioTim",
    "Modality": "MR",
    "ParallelReductionFactorInPlane": 2,
    "PartialFourier": 1,
    "PatientPosition": "HFS",
    "PercentPhaseFOV": 100,
    "PhaseEncodingDirection": "j-",
    "PhaseEncodingSteps": 63,
    "PhaseResolution": 1,
    "PixelBandwidth": 2894,
    "ProcedureStepDescription": "Research_KIRWAN",
    "ProtocolName": "Daselaar_run4",
    "PulseSequenceDetails": "%CustomerSeq%_ep2d_bold_PMU",
    "ReceiveCoilName": "HeadMatrix",
    "ReconMatrixPE": 64,
    "RefLinesPE": 24,
    "RepetitionTime": 1.8,
    "SAR": 0.144823,
    "ScanOptions": "FS",
    "ScanningSequence": "EP",
    "SequenceName": "epfid2d1_64",
    "SequenceVariant": "SK",
    "SeriesDescription": "Daselaar_run4",
    "SeriesNumber": 8,
    "ShimSetting": [
      -2728,
      -22701,
      2014,
      274,
      151,
      496,
      -737,
      201
    ],
    "SliceThickness": 3.8,
    "SliceTiming": [
      0.9025,
      0,
      0.955,
      0.0525,
      1.01,
      0.105,
      1.0625,
      0.1575,
      1.115,
      0.2125,
      1.1675,
      0.265,
      1.2225,
      0.3175,
      1.275,
      0.37,
      1.3275,
      0.425,
      1.38,
      0.4775,
      1.435,
      0.53,
      1.4875,
      0.5825,
      1.54,
      0.6375,
      1.5925,
      0.69,
      1.6475,
      0.7425,
      1.7,
      0.7975,
      1.7525,
      0.85
    ],
    "SoftwareVersions": "syngo_MR_B17",
    "SpacingBetweenSlices": 3.8,
    "StationName": "MRC35002",
    "TaskName": "RecogConf",
    "TotalReadoutTime": 0.0135451,
    "TxRefAmp": 333.791,
    "dataset": "ds004086",
    "modality": "bold",
    "run_id": 4,
    "subject_id": "044",
    "task_id": "RecogConf"
  },
  "dummy_trs": 0,
  "dvars_nstd": 21.796454997246958,
  "dvars_std": 1.1268047374898789,
  "dvars_vstd": 0.9942368195141699,
  "efc": 0.413387988432629,
  "fber": 2459.879638671875,
  "fd_mean": 0.1317794832397498,
  "fd_num": 27,
  "fd_perc": 10.887096774193548,
  "fwhm_avg": 2.027022710408111,
  "fwhm_x": 1.892056,
  "fwhm_y": 2.12012,
  "fwhm_z": 2.0688921312243327,
  "gcor": 0.0251872,
  "gsr_x": -0.016502423211932182,
  "gsr_y": 0.006641890853643417,
  "provenance": {
    "md5sum": "38619cf34163fb16737f2cba820a4f37",
    "settings": {
      "fd_thres": 0.2,
      "testing": false
    },
    "software": "mriqc",
    "version": "23.0.0",
    "webapi_port": null,
    "webapi_url": "https://mriqc.nimh.nih.gov/api/v1"
  },
  "size_t": 248,
  "size_x": 64,
  "size_y": 64,
  "size_z": 34,
  "snr": 5.415619333134167,
  "spacing_tr": 1.7999999523162842,
  "spacing_x": 3.75,
  "spacing_y": 3.75,
  "spacing_z": 3.799999952316284,
  "summary_bg_k": 56.99143790026623,
  "summary_bg_mad": 3.7304191694268325,
  "summary_bg_mean": 23.715145111083984,
  "summary_bg_median": 14.508064270019531,
  "summary_bg_n": 98014.0,
  "summary_bg_p05": 11.266128540039062,
  "summary_bg_p95": 68.53527870178205,
  "summary_bg_stdv": 31.14134979248047,
  "summary_fg_k": 1.8103410013430947,
  "summary_fg_mad": 115.21848042826302,
  "summary_fg_mean": 736.2906494140625,
  "summary_fg_median": 729.649169921875,
  "summary_fg_n": 14293.0,
  "summary_fg_p05": 541.0362548828125,
  "summary_fg_p95": 968.699951171875,
  "summary_fg_stdv": 134.72579956054688,
  "tsnr": 72.1803795004962
}