{
  "aor": 0.0005559677419354838,
  "aqi": 0.0035333232258064513,
  "bids_meta": {
    "AcquisitionMatrixPE": 64,
    "AcquisitionNumber": 1,
    "AcquisitionTime": "15:10:14.720000",
    "BandwidthPerPixelPhaseEncode": 72.674,
    "BaseResolution": 64,
    "CoilString": "T:HEA;HEP",
    "ConversionSoftware": "dcm2niix",
    "ConversionSoftwareVersion": "v1.0.20190902",
    "DerivedVendorReportedEchoSpacing": 0.000430002,
    "DeviceSerialNumber": "35002",
    "DwellTime": 2.7e-06,
    "EchoTime": 0.031,
    "EffectiveEchoSpacing": 0.000215001,
    "FlipAngle": 90,
    "ImageOrientationPatientDICOM": [
      1,
      0,
      0,
      0,
      1,
      0
    ],
    "ImageType": [
      "ORIGINAL",
      "PRIMARY",
      "M",
      "ND",
      "MOSAIC"
    ],
    "ImagingFrequency": 123.263,
    "InPlanePhaseEncodingDirectionDICOM": "COL",
    "InstitutionAddress": "University_Pkwy_1700_North_685_Provo_AEC1C0_UT_US_84601",
    "InstitutionName": "Brigham_Young_University",
    "InstitutionalDepartmentName": "MRI",
    "MRAcquisitionType": "2D",
    "MagneticFieldStrength": 3,
    "Manufacturer": "Siemens",
    "ManufacturersModelName": "TrioTim",
    "Modality": "MR",
    "ParallelReductionFactorInPlane": 2,
    "PartialFourier": 1,
    "PatientPosition": "HFS",
    "PercentPhaseFOV": 100,
    "PhaseEncodingDirection": "j-",
    "PhaseEncodingSteps": 63,
    "PhaseResolution": 1,
    "PixelBandwidth": 2894,
    "ProcedureStepDescription": "Research_KIRWAN",
    "ProtocolName": "Daselaar_run2",
    "PulseSequenceDetails": "%CustomerSeq%_ep2d_bold_PMU",
    "ReceiveCoilName": "HeadMatrix",
    "ReconMatrixPE": 64,
    "RefLinesPE": 24,
    "RepetitionTime": 1.8,
    "SAR": 0.144823,
    "ScanOptions": "FS",
    "ScanningSequence": "EP",
    "SequenceName": "epfid2d1_64",
    "SequenceVariant": "SK",
    "SeriesDescription": "Daselaar_run2",
    "SeriesNumber": 6,
    "ShimSetting": [
      -2728,
      -22701,
      2014,
      274,
      151,
      496,
      -737,
      201
    ],
    "SliceThickness": 3.8,
    "SliceTiming": [
      0.9025,
      0,
      0.955,
      0.0525,
      1.01,
      0.105,
      1.0625,
      0.1575,
      1.115,
      0.2125,
      1.1675,
      0.265,
      1.2225,
      0.3175,
      1.275,
      0.37,
      1.3275,
      0.425,
      1.38,
      0.4775,
      1.435,
      0.53,
      1.4875,
      0.5825,
      1.54,
      0.6375,
      1.5925,
      0.69,
      1.6475,
      0.7425,
      1.7,
      0.795,
      1.7525,
      0.85
    ],
    "SoftwareVersions": "syngo_MR_B17",
    "SpacingBetweenSlices": 3.8,
    "StationName": "MRC35002",
    "TaskName": "RecogConf",
    "TotalReadoutTime": 0.0135451,
    "TxRefAmp": 333.791,
    "dataset": "ds004086",
    "modality": "bold",
    "run_id": 2,
    "subject_id": "044",
    "task_id": "RecogConf"
  },
  "dummy_trs": 0,
  "dvars_nstd": 21.21649815497977,
  "dvars_std": 1.1200803979757097,
  "dvars_vstd": 0.9967587193522266,
  "efc": 0.41367628965067926,
  "fber": 2472.195556640625,
  "fd_mean": 0.12322501627906653,
  "fd_num": 14,
  "fd_perc": 5.645161290322581,
  "fwhm_avg": 2.0428896578314806,
  "fwhm_x": 1.9081786666666667,
  "fwhm_y": 2.1384613333333333,
  "fwhm_z": 2.0820289734944417,
  "gcor": 0.0218042,
  "gsr_x": -0.016535216942429543,
  "gsr_y": 0.006701568607240915,
  "provenance": {
    "md5sum": "899e34891bdde4077e02fc5b2fc283f2",
    "settings": {
      "fd_thres": 0.2,
      "testing": false
    },
    "software": "mriqc",
    "version": "23.0.0",
    "webapi_port": null,
    "webapi_url": "https://mriqc.nimh.nih.gov/api/v1"
  },
  "size_t": 248,
  "size_x": 64,
  "size_y": 64,
  "size_z": 34,
  "snr": 5.386700423151012,
  "spacing_tr": 1.7999999523162842,
  "spacing_x": 3.75,
  "spacing_y": 3.75,
  "spacing_z": 3.799999952316284,
  "summary_bg_k": 57.31923359748003,
  "summary_bg_mad": 3.8320488865496216,
  "summary_bg_mean": 23.684085845947266,
  "summary_bg_median": 14.467741966247559,
  "summary_bg_n": 97933.0,
  "summary_bg_p05": 11.133064270019531,
  "summary_bg_p95": 67.91532135009766,
  "summary_bg_stdv": 30.940141677856445,
  "summary_fg_k": 1.87593205968429,
  "summary_fg_mad": 114.6745398804458,
  "summary_fg_mean": 737.277099609375,
  "summary_fg_median": 730.2620849609375,
  "summary_fg_n": 14345.0,
  "summary_fg_p05": 539.1467651367187,
  "summary_fg_p95": 973.8975585937497,
  "summary_fg_stdv": 135.56288146972656,
  "tsnr": 74.30516547523439
}