{
  "aor": 0.0006081048387096774,
  "aqi": 0.0037214277419354838,
  "bids_meta": {
    "AcquisitionMatrixPE": 64,
    "AcquisitionNumber": 1,
    "AcquisitionTime": "15:18:8.817500",
    "BandwidthPerPixelPhaseEncode": 72.674,
    "BaseResolution": 64,
    "CoilString": "T:HEA;HEP",
    "ConversionSoftware": "dcm2niix",
    "ConversionSoftwareVersion": "v1.0.20190902",
    "DerivedVendorReportedEchoSpacing": 0.000430002,
    "DeviceSerialNumber": "35002",
    "DwellTime": 2.7e-06,
    "EchoTime": 0.031,
    "EffectiveEchoSpacing": 0.000215001,
    "FlipAngle": 90,
    "ImageOrientationPatientDICOM": [
      1,
      0,
      0,
      0,
      1,
      0
    ],
    "ImageType": [
      "ORIGINAL",
      "PRIMARY",
      "M",
      "ND",
      "MOSAIC"
    ],
    "ImagingFrequency": 123.263,
    "InPlanePhaseEncodingDirectionDICOM": "COL",
    "InstitutionAddress": "University_Pkwy_1700_North_685_Provo_AEC1C0_UT_US_84601",
    "InstitutionName": "Brigham_Young_University",
    "InstitutionalDepartmentName": "MRI",
    "MRAcquisitionType": "2D",
    "MagneticFieldStrength": 3,
    "Manufacturer": "Siemens",
    "ManufacturersModelName": "TrioTim",
    "Modality": "MR",
    "ParallelReductionFactorInPlane": 2,
    "PartialFourier": 1,
    "PatientPosition": "HFS",
    "PercentPhaseFOV": 100,
    "PhaseEncodingDirection": "j-",
    "PhaseEncodingSteps": 63,
    "PhaseResolution": 1,
    "PixelBandwidth": 2894,
    "ProcedureStepDescription": "Research_KIRWAN",
    "ProtocolName": "Daselaar_run3",
    "PulseSequenceDetails": "%CustomerSeq%_ep2d_bold_PMU",
    "ReceiveCoilName": "HeadMatrix",
    "ReconMatrixPE": 64,
    "RefLinesPE": 24,
    "RepetitionTime": 1.8,
    "SAR": 0.144823,
    "ScanOptions": "FS",
    "ScanningSequence": "EP",
    "SequenceName": "epfid2d1_64",
    "SequenceVariant": "SK",
    "SeriesDescription": "Daselaar_run3",
    "SeriesNumber": 7,
    "ShimSetting": [
      -2728,
      -22701,
      2014,
      274,
      151,
      496,
      -737,
      201
    ],
    "SliceThickness": 3.8,
    "SliceTiming": [
      0.905,
      0,
      0.9575,
      0.0525,
      1.01,
      0.1075,
      1.0625,
      0.16,
      1.1175,
      0.2125,
      1.17,
      0.265,
      1.2225,
      0.32,
      1.275,
      0.3725,
      1.33,
      0.425,
      1.3825,
      0.4775,
      1.435,
      0.5325,
      1.4875,
      0.585,
      1.5425,
      0.6375,
      1.595,
      0.6925,
      1.6475,
      0.745,
      1.7,
      0.7975,
      1.755,
      0.85
    ],
    "SoftwareVersions": "syngo_MR_B17",
    "SpacingBetweenSlices": 3.8,
    "StationName": "MRC35002",
    "TaskName": "RecogConf",
    "TotalReadoutTime": 0.0135451,
    "TxRefAmp": 333.791,
    "dataset": "ds004086",
    "modality": "bold",
    "run_id": 3,
    "subject_id": "044",
    "task_id": "RecogConf"
  },
  "dummy_trs": 0,
  "dvars_nstd": 21.836882394372484,
  "dvars_std": 1.133522513805668,
  "dvars_vstd": 0.9942795807287459,
  "efc": 0.4135011657859742,
  "fber": 2458.15771484375,
  "fd_mean": 0.15458754607222408,
  "fd_num": 59,
  "fd_perc": 23.79032258064516,
  "fwhm_avg": 2.029352324465103,
  "fwhm_x": 1.889512,
  "fwhm_y": 2.124416,
  "fwhm_z": 2.0741289733953097,
  "gcor": 0.023852,
  "gsr_x": -0.016377171501517296,
  "gsr_y": 0.007228122092783451,
  "provenance": {
    "md5sum": "a514c6537db2efd7a4281c26b9677671",
    "settings": {
      "fd_thres": 0.2,
      "testing": false
    },
    "software": "mriqc",
    "version": "23.0.0",
    "webapi_port": null,
    "webapi_url": "https://mriqc.nimh.nih.gov/api/v1"
  },
  "size_t": 248,
  "size_x": 64,
  "size_y": 64,
  "size_z": 34,
  "snr": 5.418455474596006,
  "spacing_tr": 1.7999999523162842,
  "spacing_x": 3.75,
  "spacing_y": 3.75,
  "spacing_z": 3.799999952316284,
  "summary_bg_k": 57.56919895783054,
  "summary_bg_mad": 3.7662874832915882,
  "summary_bg_mean": 23.66625213623047,
  "summary_bg_median": 14.487902641296387,
  "summary_bg_n": 98011.0,
  "summary_bg_p05": 11.193548202514648,
  "summary_bg_p95": 68.20362854003906,
  "summary_bg_stdv": 30.979942321777344,
  "summary_fg_k": 1.8016585327651304,
  "summary_fg_mad": 115.08699721149736,
  "summary_fg_mean": 735.0616455078125,
  "summary_fg_median": 728.0261840820312,
  "summary_fg_n": 14282.0,
  "summary_fg_p05": 538.805453491211,
  "summary_fg_p95": 964.8786193847656,
  "summary_fg_stdv": 134.3557586669922,
  "tsnr": 72.90518395951949
}