{
  "bids_meta": {
    "AcquisitionMatrixPE": 215,
    "AcquisitionNumber": 1,
    "AcquisitionTime": "09:26:30.650000",
    "BaseResolution": 256,
    "CoilString": "C:HEA;HEP",
    "ConversionSoftware": "dcm2niix",
    "ConversionSoftwareVersion": "v1.0.20190902",
    "DeviceSerialNumber": "35002",
    "DwellTime": 9.8e-06,
    "EchoTime": 0.00226,
    "FlipAngle": 9,
    "ImageOrientationPatientDICOM": [
      0,
      1,
      0,
      0,
      0,
      -1
    ],
    "ImageType": [
      "ORIGINAL",
      "PRIMARY",
      "M",
      "ND",
      "NORM"
    ],
    "ImagingFrequency": 123.262,
    "InPlanePhaseEncodingDirectionDICOM": "ROW",
    "InstitutionAddress": "University_Pkwy_1700_North_685_Provo_AEC1C0_UT_US_84601",
    "InstitutionName": "Brigham_Young_University",
    "InstitutionalDepartmentName": "MRI",
    "InversionTime": 0.9,
    "MRAcquisitionType": "3D",
    "MagneticFieldStrength": 3,
    "Manufacturer": "Siemens",
    "ManufacturersModelName": "TrioTim",
    "Modality": "MR",
    "PartialFourier": 0.875,
    "PatientPosition": "HFS",
    "PercentPhaseFOV": 87.5,
    "PhaseEncodingSteps": 227,
    "PhaseOversampling": 0.2,
    "PhaseResolution": 0.96,
    "PixelBandwidth": 199,
    "ProcedureStepDescription": "Research_KIRWAN",
    "ProtocolName": "t1_mpr_sag_iso_(mprage)",
    "PulseSequenceDetails": "%SiemensSeq%_tfl",
    "ReceiveCoilName": "HeadMatrix",
    "ReconMatrixPE": 224,
    "RepetitionTime": 1.9,
    "SAR": 0.0824179,
    "ScanOptions": "IR_PFP",
    "ScanningSequence": "GR_IR",
    "SequenceName": "_tfl3d1_ns",
    "SequenceVariant": "SP_MP_OSP",
    "SeriesDescription": "t1_mpr_sag_iso_(mprage)",
    "SeriesNumber": 2,
    "ShimSetting": [
      -2768,
      -22810,
      1838,
      -69,
      10,
      173,
      -426,
      363
    ],
    "SliceThickness": 1,
    "SoftwareVersions": "syngo_MR_B17",
    "StationName": "MRC35002",
    "TxRefAmp": 342.905,
    "dataset": "ds004086",
    "modality": "T1w",
    "subject_id": "039"
  },
  "cjv": 0.3419381877187216,
  "cnr": 3.9884096480687883,
  "efc": 0.5957800196121642,
  "fber": 8203.183673469388,
  "fwhm_avg": 4.342297680000001,
  "fwhm_x": 4.14911,
  "fwhm_y": 4.69042176,
  "fwhm_z": 4.18736128,
  "icvs_csf": 0.171695140413854,
  "icvs_gm": 0.4743654568161166,
  "icvs_wm": 0.3539394027700294,
  "inu_med": 0.4148482382297516,
  "inu_range": 0.15106430649757385,
  "provenance": {
    "md5sum": "6d31368cca4751baddaebe77064bb0b7",
    "settings": {
      "testing": false
    },
    "software": "mriqc",
    "version": "23.0.0",
    "warnings": {
      "large_rot_frame": true,
      "small_air_mask": false
    },
    "webapi_port": null,
    "webapi_url": "https://mriqc.nimh.nih.gov/api/v1"
  },
  "qi_1": 0.0,
  "qi_2": 0.00563741706149457,
  "rpve_csf": 27.10956002304989,
  "rpve_gm": 11.238740810641291,
  "rpve_wm": 16.68421806624211,
  "size_x": 176,
  "size_y": 224,
  "size_z": 256,
  "snr_csf": 3.3563308188315073,
  "snr_gm": 15.68718976487013,
  "snr_total": 14.66970082238459,
  "snr_wm": 24.96558188345213,
  "snrd_csf": 24.387433847026404,
  "snrd_gm": 55.29515309835614,
  "snrd_total": 51.171295579551675,
  "snrd_wm": 73.83129979327249,
  "spacing_x": 1.0,
  "spacing_y": 0.9765625,
  "spacing_z": 0.9765625,
  "summary_bg_k": 8.657733406229793,
  "summary_bg_mad": 0.0,
  "summary_bg_mean": 5.9193029680803475,
  "summary_bg_median": 0.0,
  "summary_bg_n": 1783877.0,
  "summary_bg_p05": 0.0,
  "summary_bg_p95": 22.763437125831842,
  "summary_bg_stdv": 8.873423653475413,
  "summary_csf_k": 2.5653610011772425,
  "summary_csf_mad": 73.1995528202891,
  "summary_csf_mean": 342.8000699778823,
  "summary_csf_median": 330.31294299289584,
  "summary_csf_n": 16267.0,
  "summary_csf_p05": 215.63826089724898,
  "summary_csf_p95": 533.0622363835573,
  "summary_csf_stdv": 98.41186933358615,
  "summary_gm_k": 0.030005185390789446,
  "summary_gm_mad": 47.77302954878313,
  "summary_gm_mean": 747.3643899679146,
  "summary_gm_median": 748.9391818642616,
  "summary_gm_n": 45686.0,
  "summary_gm_p05": 666.1067912355065,
  "summary_gm_p95": 823.3181601623073,
  "summary_gm_stdv": 47.74156470667672,
  "summary_wm_k": 0.5105735423812945,
  "summary_wm_mad": 38.074252630786006,
  "summary_wm_mean": 1003.1105338817798,
  "summary_wm_median": 1000.0000029802322,
  "summary_wm_n": 183209.0,
  "summary_wm_p05": 942.7599037997425,
  "summary_wm_p95": 1074.1690272465348,
  "summary_wm_stdv": 40.05503570961253,
  "tpm_overlap_csf": 0.15356391025378693,
  "tpm_overlap_gm": 0.45919234118243407,
  "tpm_overlap_wm": 0.4893091849999465,
  "wm2max": 0.44013851601105014
}