{
  "bids_meta": {
    "AcquisitionMatrixPE": 215,
    "AcquisitionNumber": 1,
    "AcquisitionTime": "14:00:32.257500",
    "BaseResolution": 256,
    "CoilString": "C:HEA;HEP",
    "ConversionSoftware": "dcm2niix",
    "ConversionSoftwareVersion": "v1.0.20190902",
    "DeviceSerialNumber": "35002",
    "DwellTime": 9.8e-06,
    "EchoTime": 0.00226,
    "FlipAngle": 9,
    "ImageOrientationPatientDICOM": [
      0,
      1,
      0,
      0,
      0,
      -1
    ],
    "ImageType": [
      "ORIGINAL",
      "PRIMARY",
      "M",
      "ND",
      "NORM"
    ],
    "ImagingFrequency": 123.263,
    "InPlanePhaseEncodingDirectionDICOM": "ROW",
    "InstitutionAddress": "University_Pkwy_1700_North_685_Provo_AEC1C0_UT_US_84601",
    "InstitutionName": "Brigham_Young_University",
    "InstitutionalDepartmentName": "MRI",
    "InversionTime": 0.9,
    "MRAcquisitionType": "3D",
    "MagneticFieldStrength": 3,
    "Manufacturer": "Siemens",
    "ManufacturersModelName": "TrioTim",
    "Modality": "MR",
    "PartialFourier": 0.875,
    "PatientPosition": "HFS",
    "PercentPhaseFOV": 87.5,
    "PhaseEncodingSteps": 227,
    "PhaseOversampling": 0.2,
    "PhaseResolution": 0.96,
    "PixelBandwidth": 199,
    "ProcedureStepDescription": "Research_KIRWAN",
    "ProtocolName": "t1_mpr_sag_iso_(mprage)",
    "PulseSequenceDetails": "%SiemensSeq%_tfl",
    "ReceiveCoilName": "HeadMatrix",
    "ReconMatrixPE": 224,
    "RepetitionTime": 1.9,
    "SAR": 0.0922717,
    "ScanOptions": "IR_PFP",
    "ScanningSequence": "GR_IR",
    "SequenceName": "_tfl3d1_ns",
    "SequenceVariant": "SP_MP_OSP",
    "SeriesDescription": "t1_mpr_sag_iso_(mprage)",
    "SeriesNumber": 2,
    "ShimSetting": [
      -2768,
      -22810,
      1838,
      -69,
      10,
      173,
      -426,
      363
    ],
    "SliceThickness": 1,
    "SoftwareVersions": "syngo_MR_B17",
    "StationName": "MRC35002",
    "TxRefAmp": 324.69,
    "dataset": "ds004086",
    "modality": "T1w",
    "subject_id": "034"
  },
  "cjv": 0.3149739007682933,
  "cnr": 4.382836945428005,
  "efc": 0.5959772475858267,
  "fber": 20159.22717322223,
  "fwhm_avg": 4.729245893333334,
  "fwhm_x": 4.55157,
  "fwhm_y": 4.98876416,
  "fwhm_z": 4.64740352,
  "icvs_csf": 0.19979286602903568,
  "icvs_gm": 0.4388135591492358,
  "icvs_wm": 0.3613935748217285,
  "inu_med": 0.44842785596847534,
  "inu_range": 0.1808112740516662,
  "provenance": {
    "md5sum": "d26a36b62b3f182f6e64dabb9fbc227f",
    "settings": {
      "testing": false
    },
    "software": "mriqc",
    "version": "23.0.0",
    "warnings": {
      "large_rot_frame": true,
      "small_air_mask": false
    },
    "webapi_port": null,
    "webapi_url": "https://mriqc.nimh.nih.gov/api/v1"
  },
  "qi_1": 6.322423688129563e-05,
  "qi_2": 0.0063710290543428204,
  "rpve_csf": 20.837645628440328,
  "rpve_gm": 10.120482099688722,
  "rpve_wm": 14.075557724464495,
  "size_x": 176,
  "size_y": 224,
  "size_z": 256,
  "snr_csf": 2.9801448558028816,
  "snr_gm": 13.421356276838521,
  "snr_total": 14.876824779916205,
  "snr_wm": 28.228973207107217,
  "snrd_csf": 26.425323699012452,
  "snrd_gm": 68.76682773291543,
  "snrd_total": 63.68398710589116,
  "snrd_wm": 95.85980988574562,
  "spacing_x": 1.0,
  "spacing_y": 0.9765625,
  "spacing_z": 0.9765625,
  "summary_bg_k": 9.502898029523628,
  "summary_bg_mad": 0.0,
  "summary_bg_mean": 3.8454020015515162,
  "summary_bg_median": 0.0,
  "summary_bg_n": 2104707.0,
  "summary_bg_p05": 0.0,
  "summary_bg_p95": 17.71383498609066,
  "summary_bg_stdv": 6.834318029813762,
  "summary_csf_k": 1.2588367746685538,
  "summary_csf_mad": 69.75610127115895,
  "summary_csf_mean": 283.6517201132485,
  "summary_csf_median": 275.6663592495024,
  "summary_csf_n": 41542.0,
  "summary_csf_p05": 136.51503744386136,
  "summary_csf_p95": 457.2331678569317,
  "summary_csf_stdv": 92.4998799200082,
  "summary_gm_k": -0.14894282751347943,
  "summary_gm_mad": 55.299357348855125,
  "summary_gm_mean": 717.9697487385622,
  "summary_gm_median": 717.3687351644039,
  "summary_gm_n": 56744.0,
  "summary_gm_p05": 631.460793659091,
  "summary_gm_p95": 805.7715830057859,
  "summary_gm_stdv": 53.449323543912264,
  "summary_wm_k": 0.43846758565501753,
  "summary_wm_mad": 33.72212761407331,
  "summary_wm_mean": 1001.1234140286562,
  "summary_wm_median": 1000.0000412687659,
  "summary_wm_n": 232202.0,
  "summary_wm_p05": 944.9041930139065,
  "summary_wm_p95": 1061.4163189083338,
  "summary_wm_stdv": 35.42452219682681,
  "tpm_overlap_csf": 0.1586171696498472,
  "tpm_overlap_gm": 0.4688811865267598,
  "tpm_overlap_wm": 0.5021590765200861,
  "wm2max": 0.47040778725674254
}