{
  "bids_meta": {
    "AcquisitionMatrixPE": 215,
    "AcquisitionNumber": 1,
    "AcquisitionTime": "10:45:33.772500",
    "BaseResolution": 256,
    "CoilString": "C:HEA;HEP",
    "ConversionSoftware": "dcm2niix",
    "ConversionSoftwareVersion": "v1.0.20190902",
    "DeviceSerialNumber": "35002",
    "DwellTime": 9.8e-06,
    "EchoTime": 0.00226,
    "FlipAngle": 9,
    "ImageOrientationPatientDICOM": [
      0,
      1,
      0,
      0,
      0,
      -1
    ],
    "ImageType": [
      "ORIGINAL",
      "PRIMARY",
      "M",
      "ND",
      "NORM"
    ],
    "ImagingFrequency": 123.263,
    "InPlanePhaseEncodingDirectionDICOM": "ROW",
    "InstitutionAddress": "University_Pkwy_1700_North_685_Provo_AEC1C0_UT_US_84601",
    "InstitutionName": "Brigham_Young_University",
    "InstitutionalDepartmentName": "MRI",
    "InversionTime": 0.9,
    "MRAcquisitionType": "3D",
    "MagneticFieldStrength": 3,
    "Manufacturer": "Siemens",
    "ManufacturersModelName": "TrioTim",
    "Modality": "MR",
    "PartialFourier": 0.875,
    "PatientPosition": "HFS",
    "PercentPhaseFOV": 87.5,
    "PhaseEncodingSteps": 227,
    "PhaseOversampling": 0.2,
    "PhaseResolution": 0.96,
    "PixelBandwidth": 199,
    "ProcedureStepDescription": "Research_KIRWAN",
    "ProtocolName": "t1_mpr_sag_iso_(mprage)",
    "PulseSequenceDetails": "%SiemensSeq%_tfl",
    "ReceiveCoilName": "HeadMatrix",
    "ReconMatrixPE": 224,
    "RepetitionTime": 1.9,
    "SAR": 0.0880424,
    "ScanOptions": "IR_PFP",
    "ScanningSequence": "GR_IR",
    "SequenceName": "_tfl3d1_ns",
    "SequenceVariant": "SP_MP_OSP",
    "SeriesDescription": "t1_mpr_sag_iso_(mprage)",
    "SeriesNumber": 3,
    "ShimSetting": [
      -2768,
      -22810,
      1838,
      -69,
      10,
      173,
      -426,
      363
    ],
    "SliceThickness": 1,
    "SoftwareVersions": "syngo_MR_B17",
    "StationName": "MRC35002",
    "TxRefAmp": 335.213,
    "dataset": "ds004086",
    "modality": "T1w",
    "subject_id": "055"
  },
  "cjv": 0.31852165649208075,
  "cnr": 4.189968304034389,
  "efc": 0.539740135090043,
  "fber": -1.0,
  "fwhm_avg": 4.3991131999999995,
  "fwhm_x": 4.27789,
  "fwhm_y": 4.63067136,
  "fwhm_z": 4.28877824,
  "icvs_csf": 0.22204970414421443,
  "icvs_gm": 0.45786845407369225,
  "icvs_wm": 0.3200818417820933,
  "inu_med": 0.45164406299591064,
  "inu_range": 0.15048579573631288,
  "provenance": {
    "md5sum": "f8b9460d7c43798c48a63efd0113cf5c",
    "settings": {
      "testing": false
    },
    "software": "mriqc",
    "version": "23.0.0",
    "warnings": {
      "large_rot_frame": true,
      "small_air_mask": false
    },
    "webapi_port": null,
    "webapi_url": "https://mriqc.nimh.nih.gov/api/v1"
  },
  "qi_1": 0.0,
  "qi_2": 0.02045518019963735,
  "rpve_csf": 23.145542650885275,
  "rpve_gm": 11.941941075563633,
  "rpve_wm": 19.138347475426364,
  "size_x": 176,
  "size_y": 224,
  "size_z": 256,
  "snr_csf": 3.1246075289007176,
  "snr_gm": 14.088882798803951,
  "snr_total": 15.086148594180527,
  "snr_wm": 28.04495545483691,
  "snrd_csf": 29.951710400017166,
  "snrd_gm": 70.38516170158158,
  "snrd_total": 65.4119596898186,
  "snrd_wm": 95.89900696785706,
  "spacing_x": 1.0,
  "spacing_y": 0.9765625,
  "spacing_z": 0.9765625,
  "summary_bg_k": 5.999094370031015,
  "summary_bg_mad": 0.0,
  "summary_bg_mean": 4.102338447220879,
  "summary_bg_median": 0.0,
  "summary_bg_n": 2945290.0,
  "summary_bg_p05": 0.0,
  "summary_bg_p95": 17.152102798223495,
  "summary_bg_stdv": 6.831800389844884,
  "summary_csf_k": 1.1426888120393652,
  "summary_csf_mad": 78.32841470012048,
  "summary_csf_mean": 318.64070209796233,
  "summary_csf_median": 312.33817383274436,
  "summary_csf_n": 32656.0,
  "summary_csf_p05": 148.65492867399007,
  "summary_csf_p95": 494.90289064496756,
  "summary_csf_stdv": 99.9592392514435,
  "summary_gm_k": 0.1706402254261774,
  "summary_gm_mad": 50.859491321364594,
  "summary_gm_mean": 731.1191097661093,
  "summary_gm_median": 733.9805499315262,
  "summary_gm_n": 36128.0,
  "summary_gm_p05": 640.8575767204165,
  "summary_gm_p95": 812.5404169932008,
  "summary_gm_stdv": 52.09571278900643,
  "summary_wm_k": 0.5347773283598936,
  "summary_wm_mad": 33.88633560916391,
  "summary_wm_mean": 1001.0802605005814,
  "summary_wm_median": 1000.040408667177,
  "summary_wm_n": 147476.0,
  "summary_wm_p05": 944.5387930087745,
  "summary_wm_p95": 1061.0436422042549,
  "summary_wm_stdv": 35.65835644676656,
  "tpm_overlap_csf": 0.1587167162206284,
  "tpm_overlap_gm": 0.48888191883215953,
  "tpm_overlap_wm": 0.5129092277874642,
  "wm2max": 0.45600605032096214
}