{
  "aor": 0.0008628629032258065,
  "aqi": 0.0039879683870967745,
  "bids_meta": {
    "AcquisitionMatrixPE": 64,
    "AcquisitionNumber": 1,
    "AcquisitionTime": "12:17:26.965000",
    "BandwidthPerPixelPhaseEncode": 72.674,
    "BaseResolution": 64,
    "CoilString": "T:HEA;HEP",
    "ConversionSoftware": "dcm2niix",
    "ConversionSoftwareVersion": "v1.0.20190902",
    "DerivedVendorReportedEchoSpacing": 0.000430002,
    "DeviceSerialNumber": "35002",
    "DwellTime": 2.7e-06,
    "EchoTime": 0.031,
    "EffectiveEchoSpacing": 0.000215001,
    "FlipAngle": 90,
    "ImageOrientationPatientDICOM": [
      1,
      0,
      0,
      0,
      1,
      0
    ],
    "ImageType": [
      "ORIGINAL",
      "PRIMARY",
      "M",
      "ND",
      "MOSAIC"
    ],
    "ImagingFrequency": 123.263,
    "InPlanePhaseEncodingDirectionDICOM": "COL",
    "InstitutionAddress": "University_Pkwy_1700_North_685_Provo_AEC1C0_UT_US_84601",
    "InstitutionName": "Brigham_Young_University",
    "InstitutionalDepartmentName": "MRI",
    "MRAcquisitionType": "2D",
    "MagneticFieldStrength": 3,
    "Manufacturer": "Siemens",
    "ManufacturersModelName": "TrioTim",
    "Modality": "MR",
    "ParallelReductionFactorInPlane": 2,
    "PartialFourier": 1,
    "PatientPosition": "HFS",
    "PercentPhaseFOV": 100,
    "PhaseEncodingDirection": "j-",
    "PhaseEncodingSteps": 63,
    "PhaseResolution": 1,
    "PixelBandwidth": 2894,
    "ProcedureStepDescription": "Research_KIRWAN",
    "ProtocolName": "Daselaar_run2",
    "PulseSequenceDetails": "%CustomerSeq%_ep2d_bold_PMU",
    "ReceiveCoilName": "HeadMatrix",
    "ReconMatrixPE": 64,
    "RefLinesPE": 24,
    "RepetitionTime": 1.8,
    "SAR": 0.173593,
    "ScanOptions": "FS",
    "ScanningSequence": "EP",
    "SequenceName": "epfid2d1_64",
    "SequenceVariant": "SK",
    "SeriesDescription": "Daselaar_run2",
    "SeriesNumber": 7,
    "ShimSetting": [
      -2791,
      -22889,
      2097,
      411,
      -112,
      125,
      -814,
      280
    ],
    "SliceThickness": 3.8,
    "SliceTiming": [
      0.905,
      0,
      0.9575,
      0.055,
      1.01,
      0.1075,
      1.065,
      0.16,
      1.1175,
      0.215,
      1.17,
      0.2675,
      1.2225,
      0.32,
      1.2775,
      0.3725,
      1.33,
      0.4275,
      1.3825,
      0.48,
      1.435,
      0.5325,
      1.49,
      0.585,
      1.5425,
      0.64,
      1.595,
      0.6925,
      1.6475,
      0.745,
      1.7025,
      0.7975,
      1.755,
      0.8525
    ],
    "SoftwareVersions": "syngo_MR_B17",
    "SpacingBetweenSlices": 3.8,
    "StationName": "MRC35002",
    "TaskName": "RecogConf",
    "TotalReadoutTime": 0.0135451,
    "TxRefAmp": 323.027,
    "dataset": "ds004086",
    "modality": "bold",
    "run_id": 2,
    "subject_id": "016",
    "task_id": "RecogConf"
  },
  "dummy_trs": 0,
  "dvars_nstd": 22.241432027692287,
  "dvars_std": 1.1195167823481778,
  "dvars_vstd": 1.0042904131174095,
  "efc": 0.4341032001026082,
  "fber": 2022.5999755859375,
  "fd_mean": 0.0770382788354038,
  "fd_num": 8,
  "fd_perc": 3.225806451612903,
  "fwhm_avg": 2.0579602543482896,
  "fwhm_x": 2.007056,
  "fwhm_y": 2.07868,
  "fwhm_z": 2.088144763044869,
  "gcor": 0.0327713,
  "gsr_x": -0.008383882232010365,
  "gsr_y": 0.0026394531596451998,
  "provenance": {
    "md5sum": "7b0c63b3420672138e81b33fcf694d37",
    "settings": {
      "fd_thres": 0.2,
      "testing": false
    },
    "software": "mriqc",
    "version": "23.0.0",
    "webapi_port": null,
    "webapi_url": "https://mriqc.nimh.nih.gov/api/v1"
  },
  "size_t": 248,
  "size_x": 64,
  "size_y": 64,
  "size_z": 34,
  "snr": 5.681388936846989,
  "spacing_tr": 1.7999999523162842,
  "spacing_x": 3.75,
  "spacing_y": 3.75,
  "spacing_z": 3.799999952316284,
  "summary_bg_k": 50.7601521920095,
  "summary_bg_mad": 5.640464853431022,
  "summary_bg_mean": 27.126983642578125,
  "summary_bg_median": 16.502016067504883,
  "summary_bg_n": 95786.0,
  "summary_bg_p05": 11.709676742553711,
  "summary_bg_p95": 76.92741775512695,
  "summary_bg_stdv": 36.64533615112305,
  "summary_fg_k": 1.3306217975452581,
  "summary_fg_mad": 112.04406112740996,
  "summary_fg_mean": 751.9607543945312,
  "summary_fg_median": 743.8507690429688,
  "summary_fg_n": 15953.0,
  "summary_fg_p05": 556.6072265625,
  "summary_fg_p95": 981.5088623046875,
  "summary_fg_stdv": 130.92352294921875,
  "tsnr": 69.74122775089927
}