{
  "aor": 0.0003568145161290322,
  "aqi": 0.004382621935483871,
  "bids_meta": {
    "AcquisitionMatrixPE": 64,
    "AcquisitionNumber": 1,
    "AcquisitionTime": "12:09:35.085000",
    "BandwidthPerPixelPhaseEncode": 72.674,
    "BaseResolution": 64,
    "CoilString": "T:HEA;HEP",
    "ConversionSoftware": "dcm2niix",
    "ConversionSoftwareVersion": "v1.0.20190902",
    "DerivedVendorReportedEchoSpacing": 0.000430002,
    "DeviceSerialNumber": "35002",
    "DwellTime": 2.7e-06,
    "EchoTime": 0.031,
    "EffectiveEchoSpacing": 0.000215001,
    "FlipAngle": 90,
    "ImageOrientationPatientDICOM": [
      1,
      0,
      0,
      0,
      1,
      0
    ],
    "ImageType": [
      "ORIGINAL",
      "PRIMARY",
      "M",
      "ND",
      "MOSAIC"
    ],
    "ImagingFrequency": 123.263,
    "InPlanePhaseEncodingDirectionDICOM": "COL",
    "InstitutionAddress": "University_Pkwy_1700_North_685_Provo_AEC1C0_UT_US_84601",
    "InstitutionName": "Brigham_Young_University",
    "InstitutionalDepartmentName": "MRI",
    "MRAcquisitionType": "2D",
    "MagneticFieldStrength": 3,
    "Manufacturer": "Siemens",
    "ManufacturersModelName": "TrioTim",
    "Modality": "MR",
    "ParallelReductionFactorInPlane": 2,
    "PartialFourier": 1,
    "PatientPosition": "HFS",
    "PercentPhaseFOV": 100,
    "PhaseEncodingDirection": "j-",
    "PhaseEncodingSteps": 63,
    "PhaseResolution": 1,
    "PixelBandwidth": 2894,
    "ProcedureStepDescription": "Research_KIRWAN",
    "ProtocolName": "Daselaar_run1",
    "PulseSequenceDetails": "%CustomerSeq%_ep2d_bold_PMU",
    "ReceiveCoilName": "HeadMatrix",
    "ReconMatrixPE": 64,
    "RefLinesPE": 24,
    "RepetitionTime": 1.8,
    "SAR": 0.173593,
    "ScanOptions": "FS",
    "ScanningSequence": "EP",
    "SequenceName": "epfid2d1_64",
    "SequenceVariant": "SK",
    "SeriesDescription": "Daselaar_run1",
    "SeriesNumber": 6,
    "ShimSetting": [
      -2791,
      -22889,
      2097,
      411,
      -112,
      125,
      -814,
      280
    ],
    "SliceThickness": 3.8,
    "SliceTiming": [
      0.9025,
      0,
      0.955,
      0.0525,
      1.01,
      0.105,
      1.0625,
      0.16,
      1.115,
      0.2125,
      1.1675,
      0.265,
      1.2225,
      0.3175,
      1.275,
      0.3725,
      1.3275,
      0.425,
      1.38,
      0.4775,
      1.435,
      0.53,
      1.4875,
      0.585,
      1.54,
      0.6375,
      1.595,
      0.69,
      1.6475,
      0.7425,
      1.7,
      0.7975,
      1.7525,
      0.85
    ],
    "SoftwareVersions": "syngo_MR_B17",
    "SpacingBetweenSlices": 3.8,
    "StationName": "MRC35002",
    "TaskName": "RecogConf",
    "TotalReadoutTime": 0.0135451,
    "TxRefAmp": 323.027,
    "dataset": "ds004086",
    "modality": "bold",
    "run_id": 1,
    "subject_id": "016",
    "task_id": "RecogConf"
  },
  "dummy_trs": 0,
  "dvars_nstd": 22.791589922550603,
  "dvars_std": 1.1097589379352228,
  "dvars_vstd": 0.9845970593522269,
  "efc": 0.4357454316697046,
  "fber": 1991.358154296875,
  "fd_mean": 0.056998389212114524,
  "fd_num": 1,
  "fd_perc": 0.4032258064516129,
  "fwhm_avg": 2.0589398450626386,
  "fwhm_x": 1.9835786666666666,
  "fwhm_y": 2.088104,
  "fwhm_z": 2.1051368685212495,
  "gcor": 0.0211971,
  "gsr_x": -0.009136651642620564,
  "gsr_y": 0.0049299877136945724,
  "provenance": {
    "md5sum": "1d51c7144b9a70b1f1dabd55c3dafb76",
    "settings": {
      "fd_thres": 0.2,
      "testing": false
    },
    "software": "mriqc",
    "version": "23.0.0",
    "webapi_port": null,
    "webapi_url": "https://mriqc.nimh.nih.gov/api/v1"
  },
  "size_t": 248,
  "size_x": 64,
  "size_y": 64,
  "size_z": 34,
  "snr": 5.672252142578268,
  "spacing_tr": 1.7999999523162842,
  "spacing_x": 3.75,
  "spacing_y": 3.75,
  "spacing_z": 3.799999952316284,
  "summary_bg_k": 50.31052447025003,
  "summary_bg_mad": 5.565734957787143,
  "summary_bg_mean": 27.262250900268555,
  "summary_bg_median": 16.596773147583008,
  "summary_bg_n": 95714.0,
  "summary_bg_p05": 11.782258033752441,
  "summary_bg_p95": 77.2258071899414,
  "summary_bg_stdv": 36.68048858642578,
  "summary_fg_k": 1.3503823159501813,
  "summary_fg_mad": 113.02751577283958,
  "summary_fg_mean": 753.6990966796875,
  "summary_fg_median": 746.3245849609375,
  "summary_fg_n": 16016.0,
  "summary_fg_p05": 556.9727783203125,
  "summary_fg_p95": 983.6330413818359,
  "summary_fg_stdv": 131.57054138183594,
  "tsnr": 68.119451939594
}