{
  "bids_meta": {
    "AcquisitionMatrixPE": 215,
    "AcquisitionNumber": 1,
    "AcquisitionTime": "14:51:13.617500",
    "BaseResolution": 256,
    "CoilString": "C:HEA;HEP",
    "ConversionSoftware": "dcm2niix",
    "ConversionSoftwareVersion": "v1.0.20190902",
    "DeviceSerialNumber": "35002",
    "DwellTime": 9.8e-06,
    "EchoTime": 0.00226,
    "FlipAngle": 9,
    "ImageOrientationPatientDICOM": [
      0,
      1,
      0,
      0,
      0,
      -1
    ],
    "ImageType": [
      "ORIGINAL",
      "PRIMARY",
      "M",
      "ND",
      "NORM"
    ],
    "ImagingFrequency": 123.263,
    "InPlanePhaseEncodingDirectionDICOM": "ROW",
    "InstitutionAddress": "University_Pkwy_1700_North_685_Provo_AEC1C0_UT_US_84601",
    "InstitutionName": "Brigham_Young_University",
    "InstitutionalDepartmentName": "MRI",
    "InversionTime": 0.9,
    "MRAcquisitionType": "3D",
    "MagneticFieldStrength": 3,
    "Manufacturer": "Siemens",
    "ManufacturersModelName": "TrioTim",
    "Modality": "MR",
    "PartialFourier": 0.875,
    "PatientPosition": "HFS",
    "PercentPhaseFOV": 87.5,
    "PhaseEncodingSteps": 227,
    "PhaseOversampling": 0.2,
    "PhaseResolution": 0.96,
    "PixelBandwidth": 199,
    "ProcedureStepDescription": "Research_KIRWAN",
    "ProtocolName": "t1_mpr_sag_iso_(mprage)",
    "PulseSequenceDetails": "%SiemensSeq%_tfl",
    "ReceiveCoilName": "HeadMatrix",
    "ReconMatrixPE": 224,
    "RepetitionTime": 1.9,
    "SAR": 0.089099,
    "ScanOptions": "IR_PFP",
    "ScanningSequence": "GR_IR",
    "SequenceName": "_tfl3d1_ns",
    "SequenceVariant": "SP_MP_OSP",
    "SeriesDescription": "t1_mpr_sag_iso_(mprage)",
    "SeriesNumber": 2,
    "ShimSetting": [
      -2768,
      -22810,
      1838,
      -69,
      10,
      173,
      -426,
      363
    ],
    "SliceThickness": 1,
    "SoftwareVersions": "syngo_MR_B17",
    "StationName": "MRC35002",
    "TxRefAmp": 333.791,
    "dataset": "ds004086",
    "modality": "T1w",
    "subject_id": "044"
  },
  "cjv": 0.33044152147900097,
  "cnr": 4.146835007814304,
  "efc": 0.5542133373976098,
  "fber": 19957.794604238756,
  "fwhm_avg": 4.341241546666667,
  "fwhm_x": 4.14502,
  "fwhm_y": 4.66702336,
  "fwhm_z": 4.21168128,
  "icvs_csf": 0.20689917856463677,
  "icvs_gm": 0.45415419559748726,
  "icvs_wm": 0.338946625837876,
  "inu_med": 0.42613330483436584,
  "inu_range": 0.1378611579537391,
  "provenance": {
    "md5sum": "9f5979809ae1690311c00502fe5853d4",
    "settings": {
      "testing": false
    },
    "software": "mriqc",
    "version": "23.0.0",
    "warnings": {
      "large_rot_frame": true,
      "small_air_mask": false
    },
    "webapi_port": null,
    "webapi_url": "https://mriqc.nimh.nih.gov/api/v1"
  },
  "qi_1": 0.0,
  "qi_2": 0.0067899947338821605,
  "rpve_csf": 23.85182512177403,
  "rpve_gm": 11.736548446837668,
  "rpve_wm": 17.986595708401016,
  "size_x": 176,
  "size_y": 224,
  "size_z": 256,
  "snr_csf": 2.699829670842443,
  "snr_gm": 13.788463025509655,
  "snr_total": 15.022563467971002,
  "snr_wm": 28.579397707560904,
  "snrd_csf": 28.599894838365984,
  "snrd_gm": 71.74051219887339,
  "snrd_total": 66.01308897680921,
  "snrd_wm": 97.69885989318824,
  "spacing_x": 1.0,
  "spacing_y": 0.9765625,
  "spacing_z": 0.9765625,
  "summary_bg_k": 8.967301018101235,
  "summary_bg_mad": 0.0,
  "summary_bg_mean": 4.125117963804747,
  "summary_bg_median": 0.0,
  "summary_bg_n": 2032525.0,
  "summary_bg_p05": 0.0,
  "summary_bg_p95": 19.001356437802315,
  "summary_bg_stdv": 6.705670599068906,
  "summary_csf_k": 4.913127040195642,
  "summary_csf_mad": 75.5916343163116,
  "summary_csf_mean": 304.76654132750235,
  "summary_csf_median": 292.73518301546574,
  "summary_csf_n": 22840.0,
  "summary_csf_p05": 115.77790782134981,
  "summary_csf_p95": 499.8588973963633,
  "summary_csf_stdv": 108.42490462206018,
  "summary_gm_k": -0.01540224318330008,
  "summary_gm_mad": 53.959982744883725,
  "summary_gm_mean": 731.4657017525633,
  "summary_gm_median": 734.3024191819131,
  "summary_gm_n": 33268.0,
  "summary_gm_p05": 639.9742568656802,
  "summary_gm_p95": 814.4384969482197,
  "summary_gm_stdv": 53.25404155440025,
  "summary_wm_k": 0.3279580934380508,
  "summary_wm_mad": 33.837516166811284,
  "summary_wm_mean": 1000.5882522242022,
  "summary_wm_median": 999.9999577924609,
  "summary_wm_n": 164352.0,
  "summary_wm_p05": 944.1388272121549,
  "summary_wm_p95": 1058.8255857117474,
  "summary_wm_stdv": 34.990132604250995,
  "tpm_overlap_csf": 0.15810851996833805,
  "tpm_overlap_gm": 0.4847856577700936,
  "tpm_overlap_wm": 0.5103960067570982,
  "wm2max": 0.4771708564124414
}