{
  "aor": 0.00042137651821862356,
  "aqi": 0.009471647368421052,
  "bids_meta": {
    "AcquisitionMatrixPE": 64,
    "AcquisitionNumber": 1,
    "AcquisitionTime": "12:00:14.490000",
    "BandwidthPerPixelPhaseEncode": 72.674,
    "BaseResolution": 64,
    "CoilString": "T:HEA;HEP",
    "ConversionSoftware": "dcm2niix",
    "ConversionSoftwareVersion": "v1.0.20190902",
    "DerivedVendorReportedEchoSpacing": 0.000430002,
    "DeviceSerialNumber": "35002",
    "DwellTime": 2.7e-06,
    "EchoTime": 0.031,
    "EffectiveEchoSpacing": 0.000215001,
    "FlipAngle": 90,
    "ImageOrientationPatientDICOM": [
      1,
      0,
      0,
      0,
      1,
      0
    ],
    "ImageType": [
      "ORIGINAL",
      "PRIMARY",
      "M",
      "ND",
      "MOSAIC"
    ],
    "ImagingFrequency": 123.263,
    "InPlanePhaseEncodingDirectionDICOM": "COL",
    "InstitutionAddress": "University_Pkwy_1700_North_685_Provo_AEC1C0_UT_US_84601",
    "InstitutionName": "Brigham_Young_University",
    "InstitutionalDepartmentName": "MRI",
    "MRAcquisitionType": "2D",
    "MagneticFieldStrength": 3,
    "Manufacturer": "Siemens",
    "ManufacturersModelName": "TrioTim",
    "Modality": "MR",
    "ParallelReductionFactorInPlane": 2,
    "PartialFourier": 1,
    "PatientPosition": "HFS",
    "PercentPhaseFOV": 100,
    "PhaseEncodingDirection": "j-",
    "PhaseEncodingSteps": 63,
    "PhaseResolution": 1,
    "PixelBandwidth": 2894,
    "ProcedureStepDescription": "Research_KIRWAN",
    "ProtocolName": "Daselaar_run3",
    "PulseSequenceDetails": "%CustomerSeq%_ep2d_bold_PMU",
    "ReceiveCoilName": "HeadMatrix",
    "ReconMatrixPE": 64,
    "RefLinesPE": 24,
    "RepetitionTime": 1.8,
    "SAR": 0.159622,
    "ScanOptions": "FS",
    "ScanningSequence": "EP",
    "SequenceName": "epfid2d1_64",
    "SequenceVariant": "SK",
    "SeriesDescription": "Daselaar_run3",
    "SeriesNumber": 7,
    "ShimSetting": [
      -2754,
      -22553,
      2117,
      748,
      69,
      851,
      -1210,
      370
    ],
    "SliceThickness": 3.8,
    "SliceTiming": [
      0.9025,
      0,
      0.955,
      0.0525,
      1.01,
      0.105,
      1.0625,
      0.16,
      1.115,
      0.2125,
      1.1675,
      0.265,
      1.2225,
      0.3175,
      1.275,
      0.3725,
      1.3275,
      0.425,
      1.38,
      0.4775,
      1.435,
      0.53,
      1.4875,
      0.585,
      1.54,
      0.6375,
      1.595,
      0.69,
      1.6475,
      0.7425,
      1.7,
      0.7975,
      1.7525,
      0.85
    ],
    "SoftwareVersions": "syngo_MR_B17",
    "SpacingBetweenSlices": 3.8,
    "StationName": "MRC35002",
    "TaskName": "RecogConf",
    "TotalReadoutTime": 0.0135451,
    "TxRefAmp": 339.585,
    "dataset": "ds004086",
    "modality": "bold",
    "run_id": 3,
    "subject_id": "060",
    "task_id": "RecogConf"
  },
  "dummy_trs": 1,
  "dvars_nstd": 20.14444794707318,
  "dvars_std": 0.9452462355691055,
  "dvars_vstd": 0.9284471296747967,
  "efc": 0.45497028153004093,
  "fber": 1949.1854248046875,
  "fd_mean": 0.08366417463968992,
  "fd_num": 3,
  "fd_perc": 1.214574898785425,
  "fwhm_avg": 2.016357493806607,
  "fwhm_x": 1.875808,
  "fwhm_y": 2.1586986666666665,
  "fwhm_z": 2.0145658147531535,
  "gcor": 0.0135437,
  "gsr_x": -0.010583006776869297,
  "gsr_y": 0.015644395723938942,
  "provenance": {
    "md5sum": "8ba8fa43d860d84c6a97e29f0bf92c56",
    "settings": {
      "fd_thres": 0.2,
      "testing": false
    },
    "software": "mriqc",
    "version": "23.0.0",
    "webapi_port": null,
    "webapi_url": "https://mriqc.nimh.nih.gov/api/v1"
  },
  "size_t": 247,
  "size_x": 64,
  "size_y": 64,
  "size_z": 34,
  "snr": 5.341326155909547,
  "spacing_tr": 1.7999999523162842,
  "spacing_x": 3.75,
  "spacing_y": 3.75,
  "spacing_z": 3.799999952316284,
  "summary_bg_k": 71.83324947333433,
  "summary_bg_mad": 5.000029944686103,
  "summary_bg_mean": 27.106582641601562,
  "summary_bg_median": 16.554656982421875,
  "summary_bg_n": 92184.0,
  "summary_bg_p05": 12.101214408874512,
  "summary_bg_p95": 74.3105293273925,
  "summary_bg_stdv": 37.28574752807617,
  "summary_fg_k": 1.1001235640189764,
  "summary_fg_mad": 123.09199949747406,
  "summary_fg_mean": 740.6173706054688,
  "summary_fg_median": 733.8056640625,
  "summary_fg_n": 19007.0,
  "summary_fg_p05": 528.5291809082031,
  "summary_fg_p95": 975.7765258789063,
  "summary_fg_stdv": 137.37905883789062,
  "tsnr": 53.89587461028714
}