{
  "aor": 0.0005260323886639676,
  "aqi": 0.008690067368421052,
  "bids_meta": {
    "AcquisitionMatrixPE": 64,
    "AcquisitionNumber": 1,
    "AcquisitionTime": "11:43:4.762500",
    "BandwidthPerPixelPhaseEncode": 72.674,
    "BaseResolution": 64,
    "CoilString": "T:HEA;HEP",
    "ConversionSoftware": "dcm2niix",
    "ConversionSoftwareVersion": "v1.0.20190902",
    "DerivedVendorReportedEchoSpacing": 0.000430002,
    "DeviceSerialNumber": "35002",
    "DwellTime": 2.7e-06,
    "EchoTime": 0.031,
    "EffectiveEchoSpacing": 0.000215001,
    "FlipAngle": 90,
    "ImageOrientationPatientDICOM": [
      1,
      0,
      0,
      0,
      1,
      0
    ],
    "ImageType": [
      "ORIGINAL",
      "PRIMARY",
      "M",
      "ND",
      "MOSAIC"
    ],
    "ImagingFrequency": 123.263,
    "InPlanePhaseEncodingDirectionDICOM": "COL",
    "InstitutionAddress": "University_Pkwy_1700_North_685_Provo_AEC1C0_UT_US_84601",
    "InstitutionName": "Brigham_Young_University",
    "InstitutionalDepartmentName": "MRI",
    "MRAcquisitionType": "2D",
    "MagneticFieldStrength": 3,
    "Manufacturer": "Siemens",
    "ManufacturersModelName": "TrioTim",
    "Modality": "MR",
    "ParallelReductionFactorInPlane": 2,
    "PartialFourier": 1,
    "PatientPosition": "HFS",
    "PercentPhaseFOV": 100,
    "PhaseEncodingDirection": "j-",
    "PhaseEncodingSteps": 63,
    "PhaseResolution": 1,
    "PixelBandwidth": 2894,
    "ProcedureStepDescription": "Research_KIRWAN",
    "ProtocolName": "Daselaar_run1",
    "PulseSequenceDetails": "%CustomerSeq%_ep2d_bold_PMU",
    "ReceiveCoilName": "HeadMatrix",
    "ReconMatrixPE": 64,
    "RefLinesPE": 24,
    "RepetitionTime": 1.8,
    "SAR": 0.159622,
    "ScanOptions": "FS",
    "ScanningSequence": "EP",
    "SequenceName": "epfid2d1_64",
    "SequenceVariant": "SK",
    "SeriesDescription": "Daselaar_run1",
    "SeriesNumber": 5,
    "ShimSetting": [
      -2754,
      -22553,
      2117,
      748,
      69,
      851,
      -1210,
      370
    ],
    "SliceThickness": 3.8,
    "SliceTiming": [
      0.9025,
      0,
      0.955,
      0.0525,
      1.0075,
      0.105,
      1.0625,
      0.1575,
      1.115,
      0.2125,
      1.1675,
      0.265,
      1.22,
      0.3175,
      1.275,
      0.37,
      1.3275,
      0.425,
      1.38,
      0.4775,
      1.435,
      0.53,
      1.4875,
      0.5825,
      1.54,
      0.6375,
      1.5925,
      0.69,
      1.6475,
      0.7425,
      1.7,
      0.795,
      1.7525,
      0.85
    ],
    "SoftwareVersions": "syngo_MR_B17",
    "SpacingBetweenSlices": 3.8,
    "StationName": "MRC35002",
    "TaskName": "RecogConf",
    "TotalReadoutTime": 0.0135451,
    "TxRefAmp": 339.585,
    "dataset": "ds004086",
    "modality": "bold",
    "run_id": 1,
    "subject_id": "060",
    "task_id": "RecogConf"
  },
  "dummy_trs": 1,
  "dvars_nstd": 20.386568247845535,
  "dvars_std": 0.9572010269105685,
  "dvars_vstd": 0.9333363340243898,
  "efc": 0.45215755640768035,
  "fber": 1992.1800537109375,
  "fd_mean": 0.09141394076057746,
  "fd_num": 10,
  "fd_perc": 4.048582995951417,
  "fwhm_avg": 1.9888912598546087,
  "fwhm_x": 1.8519493333333334,
  "fwhm_y": 2.108256,
  "fwhm_z": 2.0064684462304925,
  "gcor": 0.0185178,
  "gsr_x": -0.009656276553869247,
  "gsr_y": 0.015466686338186264,
  "provenance": {
    "md5sum": "7e43b1fe122e23a5469fd4c40b136ec6",
    "settings": {
      "fd_thres": 0.2,
      "testing": false
    },
    "software": "mriqc",
    "version": "23.0.0",
    "webapi_port": null,
    "webapi_url": "https://mriqc.nimh.nih.gov/api/v1"
  },
  "size_t": 247,
  "size_x": 64,
  "size_y": 64,
  "size_z": 34,
  "snr": 5.258666693628763,
  "spacing_tr": 1.7999999523162842,
  "spacing_x": 3.75,
  "spacing_y": 3.75,
  "spacing_z": 3.799999952316284,
  "summary_bg_k": 75.39684087709702,
  "summary_bg_mad": 5.132085798912947,
  "summary_bg_mean": 26.848247528076172,
  "summary_bg_median": 16.554656982421875,
  "summary_bg_n": 92389.0,
  "summary_bg_p05": 11.912550926208498,
  "summary_bg_p95": 71.81619567871073,
  "summary_bg_stdv": 37.24012756347656,
  "summary_fg_k": 1.2848255021926835,
  "summary_fg_mad": 125.13582601768694,
  "summary_fg_mean": 748.3350830078125,
  "summary_fg_median": 741.1437377929688,
  "summary_fg_n": 18928.0,
  "summary_fg_p05": 535.7214782714843,
  "summary_fg_p95": 991.629162597656,
  "summary_fg_stdv": 140.93385314941406,
  "tsnr": 53.39710299228318
}