{
  "aor": 0.0025128629032258065,
  "aqi": 0.007902683588709677,
  "bids_meta": {
    "AcquisitionMatrixPE": 64,
    "AcquisitionNumber": 1,
    "AcquisitionTime": "11:57:34.380000",
    "BandwidthPerPixelPhaseEncode": 72.674,
    "BaseResolution": 64,
    "CoilString": "T:HEA;HEP",
    "ConversionSoftware": "dcm2niix",
    "ConversionSoftwareVersion": "v1.0.20190902",
    "DerivedVendorReportedEchoSpacing": 0.000430002,
    "DeviceSerialNumber": "35002",
    "DwellTime": 2.7e-06,
    "EchoTime": 0.031,
    "EffectiveEchoSpacing": 0.000215001,
    "FlipAngle": 90,
    "ImageOrientationPatientDICOM": [
      1,
      0,
      0,
      0,
      1,
      0
    ],
    "ImageType": [
      "ORIGINAL",
      "PRIMARY",
      "M",
      "ND",
      "MOSAIC"
    ],
    "ImagingFrequency": 123.263,
    "InPlanePhaseEncodingDirectionDICOM": "COL",
    "InstitutionAddress": "University_Pkwy_1700_North_685_Provo_AEC1C0_UT_US_84601",
    "InstitutionName": "Brigham_Young_University",
    "InstitutionalDepartmentName": "MRI",
    "MRAcquisitionType": "2D",
    "MagneticFieldStrength": 3,
    "Manufacturer": "Siemens",
    "ManufacturersModelName": "TrioTim",
    "Modality": "MR",
    "ParallelReductionFactorInPlane": 2,
    "PartialFourier": 1,
    "PatientPosition": "HFS",
    "PercentPhaseFOV": 100,
    "PhaseEncodingDirection": "j-",
    "PhaseEncodingSteps": 63,
    "PhaseResolution": 1,
    "PixelBandwidth": 2894,
    "ProcedureStepDescription": "Research_KIRWAN",
    "ProtocolName": "Daselaar_run4",
    "PulseSequenceDetails": "%CustomerSeq%_ep2d_bold_PMU",
    "ReceiveCoilName": "HeadMatrix",
    "ReconMatrixPE": 64,
    "RefLinesPE": 24,
    "RepetitionTime": 1.8,
    "SAR": 0.231649,
    "ScanOptions": "FS",
    "ScanningSequence": "EP",
    "SequenceName": "epfid2d1_64",
    "SequenceVariant": "SK",
    "SeriesDescription": "Daselaar_run4",
    "SeriesNumber": 9,
    "ShimSetting": [
      -2748,
      -22832,
      2308,
      403,
      143,
      64,
      -320,
      396
    ],
    "SliceThickness": 3.8,
    "SliceTiming": [
      0.9025,
      0,
      0.9575,
      0.0525,
      1.01,
      0.105,
      1.0625,
      0.16,
      1.115,
      0.2125,
      1.17,
      0.265,
      1.2225,
      0.3175,
      1.275,
      0.3725,
      1.3275,
      0.425,
      1.3825,
      0.4775,
      1.435,
      0.5325,
      1.4875,
      0.585,
      1.54,
      0.6375,
      1.595,
      0.69,
      1.6475,
      0.745,
      1.7,
      0.7975,
      1.7525,
      0.85
    ],
    "SoftwareVersions": "syngo_MR_B17",
    "SpacingBetweenSlices": 3.8,
    "StationName": "MRC35002",
    "TaskName": "RecogConf",
    "TotalReadoutTime": 0.0135451,
    "TxRefAmp": 402.095,
    "dataset": "ds004086",
    "modality": "bold",
    "run_id": 4,
    "subject_id": "003",
    "task_id": "RecogConf"
  },
  "dummy_trs": 0,
  "dvars_nstd": 24.02209080348177,
  "dvars_std": 1.0312080853846157,
  "dvars_vstd": 0.9915175158704452,
  "efc": 0.4873565970645592,
  "fber": 1632.7664794921875,
  "fd_mean": 0.16406927509011768,
  "fd_num": 42,
  "fd_perc": 16.93548387096774,
  "fwhm_avg": 2.082035201697206,
  "fwhm_x": 1.9422106666666668,
  "fwhm_y": 2.220413333333333,
  "fwhm_z": 2.083481605091617,
  "gcor": 0.0301201,
  "gsr_x": -0.027979247272014618,
  "gsr_y": 0.024524716660380363,
  "provenance": {
    "md5sum": "a1bd9418fbd5ae4e16886acf353fd371",
    "settings": {
      "fd_thres": 0.2,
      "testing": false
    },
    "software": "mriqc",
    "version": "23.0.0",
    "webapi_port": null,
    "webapi_url": "https://mriqc.nimh.nih.gov/api/v1"
  },
  "size_t": 248,
  "size_x": 64,
  "size_y": 64,
  "size_z": 34,
  "snr": 5.406425200682282,
  "spacing_tr": 1.7999999523162842,
  "spacing_x": 3.75,
  "spacing_y": 3.75,
  "spacing_z": 3.799999952316284,
  "summary_bg_k": 26.519172418103484,
  "summary_bg_mad": 6.3907316272303545,
  "summary_bg_mean": 44.735443115234375,
  "summary_bg_median": 19.794353485107422,
  "summary_bg_n": 90827.0,
  "summary_bg_p05": 14.524192810058594,
  "summary_bg_p95": 192.55845947265595,
  "summary_bg_stdv": 75.42080688476562,
  "summary_fg_k": 1.6868538161933833,
  "summary_fg_mad": 126.11380596620373,
  "summary_fg_mean": 819.1139526367188,
  "summary_fg_median": 810.008056640625,
  "summary_fg_n": 19572.0,
  "summary_fg_p05": 595.6574615478515,
  "summary_fg_p95": 1080.163055419922,
  "summary_fg_stdv": 149.81939697265625,
  "tsnr": 52.07645138469525
}