{
  "aor": 0.00354,
  "aqi": 0.006066076572580645,
  "bids_meta": {
    "AcquisitionMatrixPE": 64,
    "AcquisitionNumber": 1,
    "AcquisitionTime": "11:49:46.482500",
    "BandwidthPerPixelPhaseEncode": 72.674,
    "BaseResolution": 64,
    "CoilString": "T:HEA;HEP",
    "ConversionSoftware": "dcm2niix",
    "ConversionSoftwareVersion": "v1.0.20190902",
    "DerivedVendorReportedEchoSpacing": 0.000430002,
    "DeviceSerialNumber": "35002",
    "DwellTime": 2.7e-06,
    "EchoTime": 0.031,
    "EffectiveEchoSpacing": 0.000215001,
    "FlipAngle": 90,
    "ImageOrientationPatientDICOM": [
      1,
      0,
      0,
      0,
      1,
      0
    ],
    "ImageType": [
      "ORIGINAL",
      "PRIMARY",
      "M",
      "ND",
      "MOSAIC"
    ],
    "ImagingFrequency": 123.263,
    "InPlanePhaseEncodingDirectionDICOM": "COL",
    "InstitutionAddress": "University_Pkwy_1700_North_685_Provo_AEC1C0_UT_US_84601",
    "InstitutionName": "Brigham_Young_University",
    "InstitutionalDepartmentName": "MRI",
    "MRAcquisitionType": "2D",
    "MagneticFieldStrength": 3,
    "Manufacturer": "Siemens",
    "ManufacturersModelName": "TrioTim",
    "Modality": "MR",
    "ParallelReductionFactorInPlane": 2,
    "PartialFourier": 1,
    "PatientPosition": "HFS",
    "PercentPhaseFOV": 100,
    "PhaseEncodingDirection": "j-",
    "PhaseEncodingSteps": 63,
    "PhaseResolution": 1,
    "PixelBandwidth": 2894,
    "ProcedureStepDescription": "Research_KIRWAN",
    "ProtocolName": "Daselaar_run3",
    "PulseSequenceDetails": "%CustomerSeq%_ep2d_bold_PMU",
    "ReceiveCoilName": "HeadMatrix",
    "ReconMatrixPE": 64,
    "RefLinesPE": 24,
    "RepetitionTime": 1.8,
    "SAR": 0.231649,
    "ScanOptions": "FS",
    "ScanningSequence": "EP",
    "SequenceName": "epfid2d1_64",
    "SequenceVariant": "SK",
    "SeriesDescription": "Daselaar_run3",
    "SeriesNumber": 8,
    "ShimSetting": [
      -2748,
      -22832,
      2308,
      403,
      143,
      64,
      -320,
      396
    ],
    "SliceThickness": 3.8,
    "SliceTiming": [
      0.9025,
      0,
      0.955,
      0.0525,
      1.01,
      0.105,
      1.0625,
      0.1575,
      1.115,
      0.2125,
      1.1675,
      0.265,
      1.2225,
      0.3175,
      1.275,
      0.37,
      1.3275,
      0.425,
      1.38,
      0.4775,
      1.435,
      0.53,
      1.4875,
      0.5825,
      1.54,
      0.6375,
      1.5925,
      0.69,
      1.6475,
      0.7425,
      1.7,
      0.795,
      1.7525,
      0.85
    ],
    "SoftwareVersions": "syngo_MR_B17",
    "SpacingBetweenSlices": 3.8,
    "StationName": "MRC35002",
    "TaskName": "RecogConf",
    "TotalReadoutTime": 0.0135451,
    "TxRefAmp": 402.095,
    "dataset": "ds004086",
    "modality": "bold",
    "run_id": 3,
    "subject_id": "003",
    "task_id": "RecogConf"
  },
  "dummy_trs": 0,
  "dvars_nstd": 24.100079601943317,
  "dvars_std": 1.0992843876923082,
  "dvars_vstd": 1.0359043618218626,
  "efc": 0.4868661066313212,
  "fber": 1646.0264892578125,
  "fd_mean": 0.15372661492236095,
  "fd_num": 35,
  "fd_perc": 14.112903225806452,
  "fwhm_avg": 2.0712893302711186,
  "fwhm_x": 1.94048,
  "fwhm_y": 2.2092853333333333,
  "fwhm_z": 2.064102657480022,
  "gcor": 0.0220151,
  "gsr_x": -0.027833061292767525,
  "gsr_y": 0.02520982176065445,
  "provenance": {
    "md5sum": "d29e1236aa517fc5fca3b049dcb0d24a",
    "settings": {
      "fd_thres": 0.2,
      "testing": false
    },
    "software": "mriqc",
    "version": "23.0.0",
    "webapi_port": null,
    "webapi_url": "https://mriqc.nimh.nih.gov/api/v1"
  },
  "size_t": 248,
  "size_x": 64,
  "size_y": 64,
  "size_z": 34,
  "snr": 5.397940761388322,
  "spacing_tr": 1.7999999523162842,
  "spacing_x": 3.75,
  "spacing_y": 3.75,
  "spacing_z": 3.799999952316284,
  "summary_bg_k": 27.095969923964645,
  "summary_bg_mad": 6.3429072087440135,
  "summary_bg_mean": 44.41442108154297,
  "summary_bg_median": 19.70161247253418,
  "summary_bg_n": 90832.0,
  "summary_bg_p05": 14.508064270019531,
  "summary_bg_p95": 190.984870147705,
  "summary_bg_stdv": 74.7046890258789,
  "summary_fg_k": 1.7421807965599152,
  "summary_fg_mad": 125.21419110076957,
  "summary_fg_mean": 816.8659057617188,
  "summary_fg_median": 807.9395141601562,
  "summary_fg_n": 19544.0,
  "summary_fg_p05": 593.8729858398438,
  "summary_fg_p95": 1076.245751953125,
  "summary_fg_stdv": 149.6716766357422,
  "tsnr": 57.097988759633154
}