{
  "aor": 0.012122701612903226,
  "aqi": 0.010175630806451614,
  "bids_meta": {
    "AcquisitionMatrixPE": 64,
    "AcquisitionNumber": 1,
    "AcquisitionTime": "11:33:43.317500",
    "BandwidthPerPixelPhaseEncode": 72.674,
    "BaseResolution": 64,
    "CoilString": "T:HEA;HEP",
    "ConversionSoftware": "dcm2niix",
    "ConversionSoftwareVersion": "v1.0.20190902",
    "DerivedVendorReportedEchoSpacing": 0.000430002,
    "DeviceSerialNumber": "35002",
    "DwellTime": 2.7e-06,
    "EchoTime": 0.031,
    "EffectiveEchoSpacing": 0.000215001,
    "FlipAngle": 90,
    "ImageOrientationPatientDICOM": [
      1,
      0,
      0,
      0,
      1,
      0
    ],
    "ImageType": [
      "ORIGINAL",
      "PRIMARY",
      "M",
      "ND",
      "MOSAIC"
    ],
    "ImagingFrequency": 123.263,
    "InPlanePhaseEncodingDirectionDICOM": "COL",
    "InstitutionAddress": "University_Pkwy_1700_North_685_Provo_AEC1C0_UT_US_84601",
    "InstitutionName": "Brigham_Young_University",
    "InstitutionalDepartmentName": "MRI",
    "MRAcquisitionType": "2D",
    "MagneticFieldStrength": 3,
    "Manufacturer": "Siemens",
    "ManufacturersModelName": "TrioTim",
    "Modality": "MR",
    "ParallelReductionFactorInPlane": 2,
    "PartialFourier": 1,
    "PatientPosition": "HFS",
    "PercentPhaseFOV": 100,
    "PhaseEncodingDirection": "j-",
    "PhaseEncodingSteps": 63,
    "PhaseResolution": 1,
    "PixelBandwidth": 2894,
    "ProcedureStepDescription": "Research_KIRWAN",
    "ProtocolName": "Daselaar_run1",
    "PulseSequenceDetails": "%CustomerSeq%_ep2d_bold_PMU",
    "ReceiveCoilName": "HeadMatrix",
    "ReconMatrixPE": 64,
    "RefLinesPE": 24,
    "RepetitionTime": 1.8,
    "SAR": 0.231649,
    "ScanOptions": "FS",
    "ScanningSequence": "EP",
    "SequenceName": "epfid2d1_64",
    "SequenceVariant": "SK",
    "SeriesDescription": "Daselaar_run1",
    "SeriesNumber": 6,
    "ShimSetting": [
      -2748,
      -22832,
      2308,
      403,
      143,
      64,
      -320,
      396
    ],
    "SliceThickness": 3.8,
    "SliceTiming": [
      0.905,
      0,
      0.9575,
      0.055,
      1.01,
      0.1075,
      1.065,
      0.16,
      1.1175,
      0.2125,
      1.17,
      0.2675,
      1.2225,
      0.32,
      1.2775,
      0.3725,
      1.33,
      0.425,
      1.3825,
      0.48,
      1.435,
      0.5325,
      1.49,
      0.585,
      1.5425,
      0.64,
      1.595,
      0.6925,
      1.6475,
      0.745,
      1.7025,
      0.7975,
      1.755,
      0.8525
    ],
    "SoftwareVersions": "syngo_MR_B17",
    "SpacingBetweenSlices": 3.8,
    "StationName": "MRC35002",
    "TaskName": "RecogConf",
    "TotalReadoutTime": 0.0135451,
    "TxRefAmp": 402.095,
    "dataset": "ds004086",
    "modality": "bold",
    "run_id": 1,
    "subject_id": "003",
    "task_id": "RecogConf"
  },
  "dummy_trs": 0,
  "dvars_nstd": 25.519746370769223,
  "dvars_std": 1.140737820445344,
  "dvars_vstd": 1.1208460598380572,
  "efc": 0.4869624924202852,
  "fber": 1603.9832763671875,
  "fd_mean": 0.21512919640542646,
  "fd_num": 42,
  "fd_perc": 16.93548387096774,
  "fwhm_avg": 2.0957872836010996,
  "fwhm_x": 1.9528986666666666,
  "fwhm_y": 2.2432000000000003,
  "fwhm_z": 2.0912631841366314,
  "gcor": 0.0121967,
  "gsr_x": -0.027519043534994125,
  "gsr_y": 0.026882518082857132,
  "provenance": {
    "md5sum": "c09f0d04e787985e5e2e5ad3377daffb",
    "settings": {
      "fd_thres": 0.2,
      "testing": false
    },
    "software": "mriqc",
    "version": "23.0.0",
    "webapi_port": null,
    "webapi_url": "https://mriqc.nimh.nih.gov/api/v1"
  },
  "size_t": 248,
  "size_x": 64,
  "size_y": 64,
  "size_z": 34,
  "snr": 5.3737638885346115,
  "spacing_tr": 1.7999999523162842,
  "spacing_x": 3.75,
  "spacing_y": 3.75,
  "spacing_z": 3.799999952316284,
  "summary_bg_k": 26.810815454380396,
  "summary_bg_mad": 6.510296915205179,
  "summary_bg_mean": 43.96179962158203,
  "summary_bg_median": 19.899192810058594,
  "summary_bg_n": 90843.0,
  "summary_bg_p05": 14.637096405029297,
  "summary_bg_p95": 186.30039825439442,
  "summary_bg_stdv": 72.75047302246094,
  "summary_fg_k": 1.652680648229171,
  "summary_fg_mad": 127.09128821500119,
  "summary_fg_mean": 814.2705078125,
  "summary_fg_median": 806.3326416015625,
  "summary_fg_n": 19580.0,
  "summary_fg_p05": 584.8786254882813,
  "summary_fg_p95": 1072.8235229492186,
  "summary_fg_stdv": 150.04605102539062,
  "tsnr": 45.222482389071956
}