{
  "aor": 0.0010606048387096774,
  "aqi": 0.005674188427419354,
  "bids_meta": {
    "AcquisitionMatrixPE": 64,
    "AcquisitionNumber": 1,
    "AcquisitionTime": "09:31:47.610000",
    "BandwidthPerPixelPhaseEncode": 72.674,
    "BaseResolution": 64,
    "CoilString": "T:HEA;HEP",
    "ConversionSoftware": "dcm2niix",
    "ConversionSoftwareVersion": "v1.0.20190902",
    "DerivedVendorReportedEchoSpacing": 0.000430002,
    "DeviceSerialNumber": "35002",
    "DwellTime": 2.7e-06,
    "EchoTime": 0.031,
    "EffectiveEchoSpacing": 0.000215001,
    "FlipAngle": 90,
    "ImageOrientationPatientDICOM": [
      1,
      0,
      0,
      0,
      1,
      0
    ],
    "ImageType": [
      "ORIGINAL",
      "PRIMARY",
      "M",
      "ND",
      "MOSAIC"
    ],
    "ImagingFrequency": 123.263,
    "InPlanePhaseEncodingDirectionDICOM": "COL",
    "InstitutionAddress": "University_Pkwy_1700_North_685_Provo_AEC1C0_UT_US_84601",
    "InstitutionName": "Brigham_Young_University",
    "InstitutionalDepartmentName": "MRI",
    "MRAcquisitionType": "2D",
    "MagneticFieldStrength": 3,
    "Manufacturer": "Siemens",
    "ManufacturersModelName": "TrioTim",
    "Modality": "MR",
    "ParallelReductionFactorInPlane": 2,
    "PartialFourier": 1,
    "PatientPosition": "HFS",
    "PercentPhaseFOV": 100,
    "PhaseEncodingDirection": "j-",
    "PhaseEncodingSteps": 63,
    "PhaseResolution": 1,
    "PixelBandwidth": 2894,
    "ProcedureStepDescription": "Research_KIRWAN",
    "ProtocolName": "Daselaar_run1",
    "PulseSequenceDetails": "%CustomerSeq%_ep2d_bold_PMU",
    "ReceiveCoilName": "HeadMatrix",
    "ReconMatrixPE": 64,
    "RefLinesPE": 24,
    "RepetitionTime": 1.8,
    "SAR": 0.183806,
    "ScanOptions": "FS",
    "ScanningSequence": "EP",
    "SequenceName": "epfid2d1_64",
    "SequenceVariant": "SK",
    "SeriesDescription": "Daselaar_run1",
    "SeriesNumber": 5,
    "ShimSetting": [
      -2763,
      -22804,
      2260,
      529,
      13,
      122,
      -559,
      344
    ],
    "SliceThickness": 3.8,
    "SliceTiming": [
      0.9025,
      0,
      0.955,
      0.0525,
      1.01,
      0.105,
      1.0625,
      0.1575,
      1.115,
      0.2125,
      1.1675,
      0.265,
      1.2225,
      0.3175,
      1.275,
      0.37,
      1.3275,
      0.425,
      1.38,
      0.4775,
      1.435,
      0.53,
      1.4875,
      0.5825,
      1.54,
      0.6375,
      1.5925,
      0.69,
      1.6475,
      0.7425,
      1.7,
      0.795,
      1.7525,
      0.85
    ],
    "SoftwareVersions": "syngo_MR_B17",
    "SpacingBetweenSlices": 3.8,
    "StationName": "MRC35002",
    "TaskName": "RecogConf",
    "TotalReadoutTime": 0.0135451,
    "TxRefAmp": 332.038,
    "dataset": "ds004086",
    "modality": "bold",
    "run_id": 1,
    "subject_id": "015",
    "task_id": "RecogConf"
  },
  "dummy_trs": 0,
  "dvars_nstd": 20.51453324753035,
  "dvars_std": 1.0363840915789475,
  "dvars_vstd": 0.9780014772874489,
  "efc": 0.4596610934165617,
  "fber": 2011.8702392578125,
  "fd_mean": 0.05507283927246333,
  "fd_num": 2,
  "fd_perc": 0.8064516129032258,
  "fwhm_avg": 1.9923753416727552,
  "fwhm_x": 1.8093706666666667,
  "fwhm_y": 2.1740053333333336,
  "fwhm_z": 1.9937500250182656,
  "gcor": 0.0180031,
  "gsr_x": -0.016749244183301926,
  "gsr_y": 0.017776235938072205,
  "provenance": {
    "md5sum": "4865ce13de027cff0db83c83d878d3b8",
    "settings": {
      "fd_thres": 0.2,
      "testing": false
    },
    "software": "mriqc",
    "version": "23.0.0",
    "webapi_port": null,
    "webapi_url": "https://mriqc.nimh.nih.gov/api/v1"
  },
  "size_t": 248,
  "size_x": 64,
  "size_y": 64,
  "size_z": 34,
  "snr": 5.172062562955175,
  "spacing_tr": 1.7999999523162842,
  "spacing_x": 3.75,
  "spacing_y": 3.75,
  "spacing_z": 3.799999952316284,
  "summary_bg_k": 32.59072801935193,
  "summary_bg_mad": 5.296714120283531,
  "summary_bg_mean": 31.20332908630371,
  "summary_bg_median": 17.040321350097656,
  "summary_bg_n": 92117.0,
  "summary_bg_p05": 12.447580337524414,
  "summary_bg_p95": 103.79515686035155,
  "summary_bg_stdv": 45.1758918762207,
  "summary_fg_k": 1.512885825342825,
  "summary_fg_mad": 130.86054917133197,
  "summary_fg_mean": 774.5197143554688,
  "summary_fg_median": 770.3145141601562,
  "summary_fg_n": 18796.0,
  "summary_fg_p05": 550.0392913818359,
  "summary_fg_p95": 1023.6209564208984,
  "summary_fg_stdv": 148.93362426757812,
  "tsnr": 60.976492600515485
}