{
  "aor": 0.0004691463414634147,
  "aqi": 0.004112467886178863,
  "bids_meta": {
    "AcquisitionMatrixPE": 64,
    "AcquisitionNumber": 1,
    "AcquisitionTime": "09:55:17.942500",
    "BandwidthPerPixelPhaseEncode": 72.674,
    "BaseResolution": 64,
    "CoilString": "T:HEA;HEP",
    "ConversionSoftware": "dcm2niix",
    "ConversionSoftwareVersion": "v1.0.20190902",
    "DerivedVendorReportedEchoSpacing": 0.000430002,
    "DeviceSerialNumber": "35002",
    "DwellTime": 2.7e-06,
    "EchoTime": 0.031,
    "EffectiveEchoSpacing": 0.000215001,
    "FlipAngle": 90,
    "ImageOrientationPatientDICOM": [
      1,
      0,
      0,
      0,
      1,
      0
    ],
    "ImageType": [
      "ORIGINAL",
      "PRIMARY",
      "M",
      "ND",
      "MOSAIC"
    ],
    "ImagingFrequency": 123.263,
    "InPlanePhaseEncodingDirectionDICOM": "COL",
    "InstitutionAddress": "University_Pkwy_1700_North_685_Provo_AEC1C0_UT_US_84601",
    "InstitutionName": "Brigham_Young_University",
    "InstitutionalDepartmentName": "MRI",
    "MRAcquisitionType": "2D",
    "MagneticFieldStrength": 3,
    "Manufacturer": "Siemens",
    "ManufacturersModelName": "TrioTim",
    "Modality": "MR",
    "ParallelReductionFactorInPlane": 2,
    "PartialFourier": 1,
    "PatientPosition": "HFS",
    "PercentPhaseFOV": 100,
    "PhaseEncodingDirection": "j-",
    "PhaseEncodingSteps": 63,
    "PhaseResolution": 1,
    "PixelBandwidth": 2894,
    "ProcedureStepDescription": "Research_KIRWAN",
    "ProtocolName": "Daselaar_run4",
    "PulseSequenceDetails": "%CustomerSeq%_ep2d_bold_PMU",
    "ReceiveCoilName": "HeadMatrix",
    "ReconMatrixPE": 64,
    "RefLinesPE": 24,
    "RepetitionTime": 1.8,
    "SAR": 0.183806,
    "ScanOptions": "FS",
    "ScanningSequence": "EP",
    "SequenceName": "epfid2d1_64",
    "SequenceVariant": "SK",
    "SeriesDescription": "Daselaar_run4",
    "SeriesNumber": 8,
    "ShimSetting": [
      -2763,
      -22804,
      2260,
      529,
      13,
      122,
      -559,
      344
    ],
    "SliceThickness": 3.8,
    "SliceTiming": [
      0.905,
      0,
      0.9575,
      0.055,
      1.01,
      0.1075,
      1.065,
      0.16,
      1.1175,
      0.2125,
      1.17,
      0.2675,
      1.2225,
      0.32,
      1.2775,
      0.3725,
      1.33,
      0.425,
      1.3825,
      0.48,
      1.435,
      0.5325,
      1.49,
      0.585,
      1.5425,
      0.64,
      1.595,
      0.6925,
      1.6475,
      0.745,
      1.7025,
      0.7975,
      1.755,
      0.8525
    ],
    "SoftwareVersions": "syngo_MR_B17",
    "SpacingBetweenSlices": 3.8,
    "StationName": "MRC35002",
    "TaskName": "RecogConf",
    "TotalReadoutTime": 0.0135451,
    "TxRefAmp": 332.038,
    "dataset": "ds004086",
    "modality": "bold",
    "run_id": 4,
    "subject_id": "015",
    "task_id": "RecogConf"
  },
  "dummy_trs": 2,
  "dvars_nstd": 21.622958242040813,
  "dvars_std": 1.0958536486122443,
  "dvars_vstd": 1.005869264612245,
  "efc": 0.45939635010051333,
  "fber": 2050.0419921875,
  "fd_mean": 0.07315221127256134,
  "fd_num": 2,
  "fd_perc": 0.8130081300813008,
  "fwhm_avg": 1.9628828035473758,
  "fwhm_x": 1.7809546666666667,
  "fwhm_y": 2.141122666666667,
  "fwhm_z": 1.9665710773087939,
  "gcor": 0.0261404,
  "gsr_x": -0.015869958326220512,
  "gsr_y": 0.015960410237312317,
  "provenance": {
    "md5sum": "e188006591476db0e65688563e94d1db",
    "settings": {
      "fd_thres": 0.2,
      "testing": false
    },
    "software": "mriqc",
    "version": "23.0.0",
    "webapi_port": null,
    "webapi_url": "https://mriqc.nimh.nih.gov/api/v1"
  },
  "size_t": 246,
  "size_x": 64,
  "size_y": 64,
  "size_z": 34,
  "snr": 5.243092045271381,
  "spacing_tr": 1.7999999523162842,
  "spacing_x": 3.75,
  "spacing_y": 3.75,
  "spacing_z": 3.799999952316284,
  "summary_bg_k": 31.840439121373628,
  "summary_bg_mad": 5.026382579257662,
  "summary_bg_mean": 31.35319709777832,
  "summary_bg_median": 16.89430809020996,
  "summary_bg_n": 92169.0,
  "summary_bg_p05": 12.658535957336426,
  "summary_bg_p95": 106.27886047363278,
  "summary_bg_stdv": 45.92313766479492,
  "summary_fg_k": 1.4662476193314662,
  "summary_fg_mad": 128.87789447116972,
  "summary_fg_mean": 773.6735229492188,
  "summary_fg_median": 768.9755859375,
  "summary_fg_n": 18841.0,
  "summary_fg_p05": 551.3048706054688,
  "summary_fg_p95": 1019.6340942382812,
  "summary_fg_stdv": 146.66062927246094,
  "tsnr": 66.57093772175722
}