{
  "aor": 0.004322064777327936,
  "aqi": 0.010156942267206478,
  "bids_meta": {
    "AcquisitionMatrixPE": 64,
    "AcquisitionNumber": 1,
    "AcquisitionTime": "12:23:28.515000",
    "BandwidthPerPixelPhaseEncode": 72.674,
    "BaseResolution": 64,
    "CoilString": "T:HEA;HEP",
    "ConversionSoftware": "dcm2niix",
    "ConversionSoftwareVersion": "v1.0.20190902",
    "DerivedVendorReportedEchoSpacing": 0.000430002,
    "DeviceSerialNumber": "35002",
    "DwellTime": 2.7e-06,
    "EchoTime": 0.031,
    "EffectiveEchoSpacing": 0.000215001,
    "FlipAngle": 90,
    "ImageOrientationPatientDICOM": [
      1,
      0,
      0,
      0,
      1,
      0
    ],
    "ImageType": [
      "ORIGINAL",
      "PRIMARY",
      "M",
      "ND",
      "MOSAIC"
    ],
    "ImagingFrequency": 123.263,
    "InPlanePhaseEncodingDirectionDICOM": "COL",
    "InstitutionAddress": "University_Pkwy_1700_North_685_Provo_AEC1C0_UT_US_84601",
    "InstitutionName": "Brigham_Young_University",
    "InstitutionalDepartmentName": "MRI",
    "MRAcquisitionType": "2D",
    "MagneticFieldStrength": 3,
    "Manufacturer": "Siemens",
    "ManufacturersModelName": "TrioTim",
    "Modality": "MR",
    "ParallelReductionFactorInPlane": 2,
    "PartialFourier": 1,
    "PatientPosition": "HFS",
    "PercentPhaseFOV": 100,
    "PhaseEncodingDirection": "j-",
    "PhaseEncodingSteps": 63,
    "PhaseResolution": 1,
    "PixelBandwidth": 2894,
    "ProcedureStepDescription": "Research_KIRWAN",
    "ProtocolName": "Daselaar_run4",
    "PulseSequenceDetails": "%CustomerSeq%_ep2d_bold_PMU",
    "ReceiveCoilName": "HeadMatrix",
    "ReconMatrixPE": 64,
    "RefLinesPE": 24,
    "RepetitionTime": 1.8,
    "SAR": 0.145578,
    "ScanOptions": "FS",
    "ScanningSequence": "EP",
    "SequenceName": "epfid2d1_64",
    "SequenceVariant": "SK",
    "SeriesDescription": "Daselaar_run4",
    "SeriesNumber": 9,
    "ShimSetting": [
      -2804,
      -22743,
      2229,
      388,
      -37,
      410,
      -495,
      470
    ],
    "SliceThickness": 3.8,
    "SliceTiming": [
      0.905,
      0,
      0.9575,
      0.055,
      1.01,
      0.1075,
      1.0625,
      0.16,
      1.1175,
      0.2125,
      1.17,
      0.2675,
      1.2225,
      0.32,
      1.275,
      0.3725,
      1.33,
      0.425,
      1.3825,
      0.48,
      1.435,
      0.5325,
      1.4875,
      0.585,
      1.5425,
      0.6375,
      1.595,
      0.6925,
      1.6475,
      0.745,
      1.7,
      0.7975,
      1.755,
      0.85
    ],
    "SoftwareVersions": "syngo_MR_B17",
    "SpacingBetweenSlices": 3.8,
    "StationName": "MRC35002",
    "TaskName": "RecogConf",
    "TotalReadoutTime": 0.0135451,
    "TxRefAmp": 338.834,
    "dataset": "ds004086",
    "modality": "bold",
    "run_id": 4,
    "subject_id": "048",
    "task_id": "RecogConf"
  },
  "dummy_trs": 1,
  "dvars_nstd": 19.795751432032528,
  "dvars_std": 1.0689634248780495,
  "dvars_vstd": 1.038500115853658,
  "efc": 0.43499878702654077,
  "fber": 2405.178466796875,
  "fd_mean": 0.11995128108715285,
  "fd_num": 16,
  "fd_perc": 6.477732793522267,
  "fwhm_avg": 1.8428790134155417,
  "fwhm_x": 1.77788,
  "fwhm_y": 1.9415333333333333,
  "fwhm_z": 1.809223706913292,
  "gcor": 0.0139812,
  "gsr_x": -0.010981269180774689,
  "gsr_y": 0.015597998164594173,
  "provenance": {
    "md5sum": "4dffdcbee916462b7401432d5703a447",
    "settings": {
      "fd_thres": 0.2,
      "testing": false
    },
    "software": "mriqc",
    "version": "23.0.0",
    "webapi_port": null,
    "webapi_url": "https://mriqc.nimh.nih.gov/api/v1"
  },
  "size_t": 247,
  "size_x": 64,
  "size_y": 64,
  "size_z": 34,
  "snr": 6.379157340488983,
  "spacing_tr": 1.7999999523162842,
  "spacing_x": 3.75,
  "spacing_y": 3.75,
  "spacing_z": 3.799999952316284,
  "summary_bg_k": 62.646587784597344,
  "summary_bg_mad": 4.447806655516806,
  "summary_bg_mean": 25.571510314941406,
  "summary_bg_median": 14.906883239746094,
  "summary_bg_n": 95445.0,
  "summary_bg_p05": 10.84615421295166,
  "summary_bg_p95": 81.23481750488281,
  "summary_bg_stdv": 37.1367073059082,
  "summary_fg_k": 1.6941540855895978,
  "summary_fg_mad": 97.68967729457873,
  "summary_fg_mean": 734.3980712890625,
  "summary_fg_median": 728.0101318359375,
  "summary_fg_n": 16926.0,
  "summary_fg_p05": 565.0971832275391,
  "summary_fg_p95": 931.0789642333984,
  "summary_fg_stdv": 114.119873046875,
  "tsnr": 56.35365219984669
}