{
  "aor": 0.0006598790322580644,
  "aqi": 0.01624668387096774,
  "bids_meta": {
    "AcquisitionMatrixPE": 64,
    "AcquisitionNumber": 1,
    "AcquisitionTime": "11:54:38.260000",
    "BandwidthPerPixelPhaseEncode": 72.674,
    "BaseResolution": 64,
    "CoilString": "T:HEA;HEP",
    "ConversionSoftware": "dcm2niix",
    "ConversionSoftwareVersion": "v1.0.20190902",
    "DerivedVendorReportedEchoSpacing": 0.000430002,
    "DeviceSerialNumber": "35002",
    "DwellTime": 2.7e-06,
    "EchoTime": 0.031,
    "EffectiveEchoSpacing": 0.000215001,
    "FlipAngle": 90,
    "ImageOrientationPatientDICOM": [
      1,
      0,
      0,
      0,
      1,
      0
    ],
    "ImageType": [
      "ORIGINAL",
      "PRIMARY",
      "M",
      "ND",
      "MOSAIC"
    ],
    "ImagingFrequency": 123.263,
    "InPlanePhaseEncodingDirectionDICOM": "COL",
    "InstitutionAddress": "University_Pkwy_1700_North_685_Provo_AEC1C0_UT_US_84601",
    "InstitutionName": "Brigham_Young_University",
    "InstitutionalDepartmentName": "MRI",
    "MRAcquisitionType": "2D",
    "MagneticFieldStrength": 3,
    "Manufacturer": "Siemens",
    "ManufacturersModelName": "TrioTim",
    "Modality": "MR",
    "ParallelReductionFactorInPlane": 2,
    "PartialFourier": 1,
    "PatientPosition": "HFS",
    "PercentPhaseFOV": 100,
    "PhaseEncodingDirection": "j-",
    "PhaseEncodingSteps": 63,
    "PhaseResolution": 1,
    "PixelBandwidth": 2894,
    "ProcedureStepDescription": "Research_KIRWAN",
    "ProtocolName": "Daselaar_run1",
    "PulseSequenceDetails": "%CustomerSeq%_ep2d_bold_PMU",
    "ReceiveCoilName": "HeadMatrix",
    "ReconMatrixPE": 64,
    "RefLinesPE": 24,
    "RepetitionTime": 1.8,
    "SAR": 0.145578,
    "ScanOptions": "FS",
    "ScanningSequence": "EP",
    "SequenceName": "epfid2d1_64",
    "SequenceVariant": "SK",
    "SeriesDescription": "Daselaar_run1",
    "SeriesNumber": 5,
    "ShimSetting": [
      -2803,
      -22738,
      2229,
      406,
      -32,
      437,
      -472,
      466
    ],
    "SliceThickness": 3.8,
    "SliceTiming": [
      0.9025,
      0,
      0.9575,
      0.0525,
      1.01,
      0.1075,
      1.0625,
      0.16,
      1.1175,
      0.2125,
      1.17,
      0.265,
      1.2225,
      0.32,
      1.275,
      0.3725,
      1.33,
      0.425,
      1.3825,
      0.4775,
      1.435,
      0.5325,
      1.4875,
      0.585,
      1.5425,
      0.6375,
      1.595,
      0.69,
      1.6475,
      0.745,
      1.7,
      0.7975,
      1.755,
      0.85
    ],
    "SoftwareVersions": "syngo_MR_B17",
    "SpacingBetweenSlices": 3.8,
    "StationName": "MRC35002",
    "TaskName": "RecogConf",
    "TotalReadoutTime": 0.0135451,
    "TxRefAmp": 338.834,
    "dataset": "ds004086",
    "modality": "bold",
    "run_id": 1,
    "subject_id": "048",
    "task_id": "RecogConf"
  },
  "dummy_trs": 0,
  "dvars_nstd": 20.25038630384615,
  "dvars_std": 0.9335071568421052,
  "dvars_vstd": 0.9077493180161942,
  "efc": 0.4441993767460983,
  "fber": 2235.51513671875,
  "fd_mean": 0.11529668142663879,
  "fd_num": 15,
  "fd_perc": 6.048387096774194,
  "fwhm_avg": 1.9133386979179052,
  "fwhm_x": 1.8358613333333333,
  "fwhm_y": 2.02516,
  "fwhm_z": 1.878994760420382,
  "gcor": 0.01338,
  "gsr_x": -0.013699970208108425,
  "gsr_y": 0.013128658756613731,
  "provenance": {
    "md5sum": "f03db948cf992d0a601561dba279f4e1",
    "settings": {
      "fd_thres": 0.2,
      "testing": false
    },
    "software": "mriqc",
    "version": "23.0.0",
    "webapi_port": null,
    "webapi_url": "https://mriqc.nimh.nih.gov/api/v1"
  },
  "size_t": 248,
  "size_x": 64,
  "size_y": 64,
  "size_z": 34,
  "snr": 6.185552101838989,
  "spacing_tr": 1.7999999523162842,
  "spacing_x": 3.75,
  "spacing_y": 3.75,
  "spacing_z": 3.799999952316284,
  "summary_bg_k": 59.24355583115363,
  "summary_bg_mad": 4.603241671276043,
  "summary_bg_mean": 26.99369239807129,
  "summary_bg_median": 15.596774101257324,
  "summary_bg_n": 94090.0,
  "summary_bg_p05": 11.471774101257324,
  "summary_bg_p95": 84.45786247253419,
  "summary_bg_stdv": 38.2382698059082,
  "summary_fg_k": 1.645114924645588,
  "summary_fg_mad": 102.18598705001736,
  "summary_fg_mean": 743.4051513671875,
  "summary_fg_median": 736.3165283203125,
  "summary_fg_n": 17682.0,
  "summary_fg_p05": 566.4564331054687,
  "summary_fg_p95": 949.9755676269531,
  "summary_fg_stdv": 119.03475952148438,
  "tsnr": 46.452148019801825
}