{
  "bids_meta": {
    "AcquisitionMatrixPE": 215,
    "AcquisitionNumber": 1,
    "AcquisitionTime": "15:13:46.797500",
    "BaseResolution": 256,
    "CoilString": "C:HEA;HEP",
    "ConversionSoftware": "dcm2niix",
    "ConversionSoftwareVersion": "v1.0.20190902",
    "DeviceSerialNumber": "35002",
    "DwellTime": 9.8e-06,
    "EchoTime": 0.00226,
    "FlipAngle": 9,
    "ImageOrientationPatientDICOM": [
      0,
      1,
      0,
      0,
      0,
      -1
    ],
    "ImageType": [
      "ORIGINAL",
      "PRIMARY",
      "M",
      "ND",
      "NORM"
    ],
    "ImagingFrequency": 123.263,
    "InPlanePhaseEncodingDirectionDICOM": "ROW",
    "InstitutionAddress": "University_Pkwy_1700_North_685_Provo_AEC1C0_UT_US_84601",
    "InstitutionName": "Brigham_Young_University",
    "InstitutionalDepartmentName": "MRI",
    "InversionTime": 0.9,
    "MRAcquisitionType": "3D",
    "MagneticFieldStrength": 3,
    "Manufacturer": "Siemens",
    "ManufacturersModelName": "TrioTim",
    "Modality": "MR",
    "PartialFourier": 0.875,
    "PatientPosition": "HFS",
    "PercentPhaseFOV": 87.5,
    "PhaseEncodingSteps": 227,
    "PhaseOversampling": 0.2,
    "PhaseResolution": 0.96,
    "PixelBandwidth": 199,
    "ProcedureStepDescription": "Research_KIRWAN",
    "ProtocolName": "t1_mpr_sag_iso_(mprage)",
    "PulseSequenceDetails": "%SiemensSeq%_tfl",
    "ReceiveCoilName": "HeadMatrix",
    "ReconMatrixPE": 224,
    "RepetitionTime": 1.9,
    "SAR": 0.104331,
    "ScanOptions": "IR_PFP",
    "ScanningSequence": "GR_IR",
    "SequenceName": "_tfl3d1_ns",
    "SequenceVariant": "SP_MP_OSP",
    "SeriesDescription": "t1_mpr_sag_iso_(mprage)",
    "SeriesNumber": 2,
    "ShimSetting": [
      -2768,
      -22810,
      1838,
      -69,
      10,
      173,
      -426,
      363
    ],
    "SliceThickness": 1,
    "SoftwareVersions": "syngo_MR_B17",
    "StationName": "MRC35002",
    "TxRefAmp": 327.036,
    "dataset": "ds004086",
    "modality": "T1w",
    "subject_id": "006"
  },
  "cjv": 0.3427946813218291,
  "cnr": 4.0632129296874435,
  "efc": 0.6097645453389511,
  "fber": 14042.250000000002,
  "fwhm_avg": 4.7832048799999995,
  "fwhm_x": 4.66963,
  "fwhm_y": 5.10523392,
  "fwhm_z": 4.57475072,
  "icvs_csf": 0.2047402969290281,
  "icvs_gm": 0.43168233604855244,
  "icvs_wm": 0.3635773670224195,
  "inu_med": 0.46210891008377075,
  "inu_range": 0.17748036384582522,
  "provenance": {
    "md5sum": "ed715f82f9c089768f106757c8ef24d3",
    "settings": {
      "testing": false
    },
    "software": "mriqc",
    "version": "23.0.0",
    "warnings": {
      "large_rot_frame": true,
      "small_air_mask": false
    },
    "webapi_port": null,
    "webapi_url": "https://mriqc.nimh.nih.gov/api/v1"
  },
  "qi_1": 0.0,
  "qi_2": 0.00433606852184564,
  "rpve_csf": 21.531645188421322,
  "rpve_gm": 10.711485385974552,
  "rpve_wm": 14.649343975732519,
  "size_x": 176,
  "size_y": 224,
  "size_z": 256,
  "snr_csf": 2.569900564215007,
  "snr_gm": 14.203637127353216,
  "snr_total": 14.210335668296489,
  "snr_wm": 25.857469313321243,
  "snrd_csf": 21.5695144308639,
  "snrd_gm": 56.5109575212958,
  "snrd_total": 51.64869131772294,
  "snrd_wm": 76.86560200100912,
  "spacing_x": 1.0,
  "spacing_y": 0.9765625,
  "spacing_z": 0.9765625,
  "summary_bg_k": 11.596359456145331,
  "summary_bg_mad": 0.0,
  "summary_bg_mean": 5.11464997795644,
  "summary_bg_median": 0.0,
  "summary_bg_n": 1576298.0,
  "summary_bg_p05": 0.0,
  "summary_bg_p95": 20.954176753759384,
  "summary_bg_stdv": 8.52375961749401,
  "summary_csf_k": 0.6796363894070785,
  "summary_csf_mad": 94.54384261093867,
  "summary_csf_mean": 285.49989396941174,
  "summary_csf_median": 280.6337063163519,
  "summary_csf_n": 38634.0,
  "summary_csf_p05": 93.01225534304977,
  "summary_csf_p95": 475.2392786592245,
  "summary_csf_stdv": 109.198806462795,
  "summary_gm_k": -0.13202045741396518,
  "summary_gm_mad": 53.372390967971626,
  "summary_gm_mean": 734.3400187993161,
  "summary_gm_median": 735.2450843304396,
  "summary_gm_n": 48424.0,
  "summary_gm_p05": 648.6785947777331,
  "summary_gm_p95": 817.6841811090708,
  "summary_gm_stdv": 51.76402959019302,
  "summary_wm_k": 0.3779566713782483,
  "summary_wm_mad": 37.40904744582905,
  "summary_wm_mean": 1001.6359671577023,
  "summary_wm_median": 1000.0725258290768,
  "summary_wm_n": 220395.0,
  "summary_wm_p05": 941.0890559703112,
  "summary_wm_p95": 1067.3216571062803,
  "summary_wm_stdv": 38.67626196863526,
  "tpm_overlap_csf": 0.17255162317534697,
  "tpm_overlap_gm": 0.48309728506273525,
  "tpm_overlap_wm": 0.5238081752476623,
  "wm2max": 0.49008035418670803
}