{
  "bids_meta": {
    "AcquisitionMatrixPE": 215,
    "AcquisitionNumber": 1,
    "AcquisitionTime": "11:31:43.647500",
    "BaseResolution": 256,
    "CoilString": "C:HEA;HEP",
    "ConversionSoftware": "dcm2niix",
    "ConversionSoftwareVersion": "v1.0.20190902",
    "DeviceSerialNumber": "35002",
    "DwellTime": 9.8e-06,
    "EchoTime": 0.00226,
    "FlipAngle": 9,
    "ImageOrientationPatientDICOM": [
      0,
      1,
      0,
      0,
      0,
      -1
    ],
    "ImageType": [
      "ORIGINAL",
      "PRIMARY",
      "M",
      "ND",
      "NORM"
    ],
    "ImagingFrequency": 123.263,
    "InPlanePhaseEncodingDirectionDICOM": "ROW",
    "InstitutionAddress": "University_Pkwy_1700_North_685_Provo_AEC1C0_UT_US_84601",
    "InstitutionName": "Brigham_Young_University",
    "InstitutionalDepartmentName": "MRI",
    "InversionTime": 0.9,
    "MRAcquisitionType": "3D",
    "MagneticFieldStrength": 3,
    "Manufacturer": "Siemens",
    "ManufacturersModelName": "TrioTim",
    "Modality": "MR",
    "PartialFourier": 0.875,
    "PatientPosition": "HFS",
    "PercentPhaseFOV": 87.5,
    "PhaseEncodingSteps": 227,
    "PhaseOversampling": 0.2,
    "PhaseResolution": 0.96,
    "PixelBandwidth": 199,
    "ProcedureStepDescription": "Research_KIRWAN",
    "ProtocolName": "t1_mpr_sag_iso_(mprage)",
    "PulseSequenceDetails": "%SiemensSeq%_tfl",
    "ReceiveCoilName": "HeadMatrix",
    "ReconMatrixPE": 224,
    "RepetitionTime": 1.9,
    "SAR": 0.0976078,
    "ScanOptions": "IR_PFP",
    "ScanningSequence": "GR_IR",
    "SequenceName": "_tfl3d1_ns",
    "SequenceVariant": "SP_MP_OSP",
    "SeriesDescription": "t1_mpr_sag_iso_(mprage)",
    "SeriesNumber": 2,
    "ShimSetting": [
      -2768,
      -22810,
      1838,
      -69,
      10,
      173,
      -426,
      363
    ],
    "SliceThickness": 1,
    "SoftwareVersions": "syngo_MR_B17",
    "StationName": "MRC35002",
    "TxRefAmp": 339.585,
    "dataset": "ds004086",
    "modality": "T1w",
    "subject_id": "060"
  },
  "cjv": 0.3868511748948392,
  "cnr": 3.54976920015006,
  "efc": 0.6134213108474911,
  "fber": 9817.882263688016,
  "fwhm_avg": 4.65845256,
  "fwhm_x": 4.38399,
  "fwhm_y": 4.99380224,
  "fwhm_z": 4.59756544,
  "icvs_csf": 0.1966603113847402,
  "icvs_gm": 0.4277918070045293,
  "icvs_wm": 0.37554788161073055,
  "inu_med": 0.5303537249565125,
  "inu_range": 0.2236498266458512,
  "provenance": {
    "md5sum": "5c99edb898d4727c1c31221822d1a884",
    "settings": {
      "testing": false
    },
    "software": "mriqc",
    "version": "23.0.0",
    "warnings": {
      "large_rot_frame": true,
      "small_air_mask": false
    },
    "webapi_port": null,
    "webapi_url": "https://mriqc.nimh.nih.gov/api/v1"
  },
  "qi_1": 0.0,
  "qi_2": 0.004936910632969132,
  "rpve_csf": 20.908826473360094,
  "rpve_gm": 10.075444590183936,
  "rpve_wm": 13.15165351678255,
  "size_x": 176,
  "size_y": 224,
  "size_z": 256,
  "snr_csf": 3.2136479751725178,
  "snr_gm": 13.783000399394547,
  "snr_total": 12.538589022687228,
  "snr_wm": 20.619118693494624,
  "snrd_csf": 18.05742877701286,
  "snrd_gm": 44.96986747071508,
  "snrd_total": 41.25807717820311,
  "snrd_wm": 60.746935286881396,
  "spacing_x": 1.0,
  "spacing_y": 0.9765625,
  "spacing_z": 0.9765625,
  "summary_bg_k": 7.697171617309245,
  "summary_bg_mad": 0.0,
  "summary_bg_mean": 6.901486184629598,
  "summary_bg_median": 0.0,
  "summary_bg_n": 1626320.0,
  "summary_bg_p05": 0.0,
  "summary_bg_p95": 29.155021391808987,
  "summary_bg_stdv": 10.785146451701468,
  "summary_csf_k": 1.8238933885279653,
  "summary_csf_mad": 80.01143177296936,
  "summary_csf_mean": 305.41810853797256,
  "summary_csf_median": 297.2694142796099,
  "summary_csf_n": 37477.0,
  "summary_csf_p05": 170.11395962536335,
  "summary_csf_p95": 476.2416842393577,
  "summary_csf_stdv": 92.50093679364791,
  "summary_gm_k": -0.025401228654891916,
  "summary_gm_mad": 54.06350130954424,
  "summary_gm_mean": 739.7330132917195,
  "summary_gm_median": 740.3139355182648,
  "summary_gm_n": 34293.0,
  "summary_gm_p05": 651.128811083734,
  "summary_gm_p95": 827.6069936677814,
  "summary_gm_stdv": 53.71131974435086,
  "summary_wm_k": 0.631815413500413,
  "summary_wm_mad": 46.41300584121251,
  "summary_wm_mean": 1003.6417116373552,
  "summary_wm_median": 1000.0430346429348,
  "summary_wm_n": 228165.0,
  "summary_wm_p05": 930.6816046945751,
  "summary_wm_p95": 1088.9271485321224,
  "summary_wm_stdv": 48.50065892802516,
  "tpm_overlap_csf": 0.1710679444652851,
  "tpm_overlap_gm": 0.47141219209892454,
  "tpm_overlap_wm": 0.5174958437846393,
  "wm2max": 0.42810595880198077
}