{
  "aor": 0.00986608870967742,
  "aqi": 0.01881729810483871,
  "bids_meta": {
    "AcquisitionMatrixPE": 64,
    "AcquisitionNumber": 1,
    "AcquisitionTime": "09:35:6.842500",
    "BandwidthPerPixelPhaseEncode": 72.674,
    "BaseResolution": 64,
    "CoilString": "T:HEA;HEP",
    "ConversionSoftware": "dcm2niix",
    "ConversionSoftwareVersion": "v1.0.20190902",
    "DerivedVendorReportedEchoSpacing": 0.000430002,
    "DeviceSerialNumber": "35002",
    "DwellTime": 2.7e-06,
    "EchoTime": 0.031,
    "EffectiveEchoSpacing": 0.000215001,
    "FlipAngle": 90,
    "ImageOrientationPatientDICOM": [
      1,
      0,
      0,
      0,
      1,
      0
    ],
    "ImageType": [
      "ORIGINAL",
      "PRIMARY",
      "M",
      "ND",
      "MOSAIC"
    ],
    "ImagingFrequency": 123.263,
    "InPlanePhaseEncodingDirectionDICOM": "COL",
    "InstitutionAddress": "University_Pkwy_1700_North_685_Provo_AEC1C0_UT_US_84601",
    "InstitutionName": "Brigham_Young_University",
    "InstitutionalDepartmentName": "MRI",
    "MRAcquisitionType": "2D",
    "MagneticFieldStrength": 3,
    "Manufacturer": "Siemens",
    "ManufacturersModelName": "TrioTim",
    "Modality": "MR",
    "ParallelReductionFactorInPlane": 2,
    "PartialFourier": 1,
    "PatientPosition": "HFS",
    "PercentPhaseFOV": 100,
    "PhaseEncodingDirection": "j-",
    "PhaseEncodingSteps": 63,
    "PhaseResolution": 1,
    "PixelBandwidth": 2894,
    "ProcedureStepDescription": "Research_KIRWAN",
    "ProtocolName": "Daselaar_run3",
    "PulseSequenceDetails": "%CustomerSeq%_ep2d_bold_PMU",
    "ReceiveCoilName": "HeadMatrix",
    "ReconMatrixPE": 64,
    "RefLinesPE": 24,
    "RepetitionTime": 1.8,
    "SAR": 0.148377,
    "ScanOptions": "FS",
    "ScanningSequence": "EP",
    "SequenceName": "epfid2d1_64",
    "SequenceVariant": "SK",
    "SeriesDescription": "Daselaar_run3",
    "SeriesNumber": 7,
    "ShimSetting": [
      -2742,
      -22757,
      2285,
      305,
      126,
      271,
      -666,
      303
    ],
    "SliceThickness": 3.8,
    "SliceTiming": [
      0.9025,
      0,
      0.955,
      0.0525,
      1.01,
      0.105,
      1.0625,
      0.1575,
      1.115,
      0.2125,
      1.1675,
      0.265,
      1.2225,
      0.3175,
      1.275,
      0.37,
      1.3275,
      0.425,
      1.38,
      0.4775,
      1.435,
      0.53,
      1.4875,
      0.5825,
      1.54,
      0.6375,
      1.5925,
      0.69,
      1.6475,
      0.7425,
      1.7,
      0.795,
      1.7525,
      0.85
    ],
    "SoftwareVersions": "syngo_MR_B17",
    "SpacingBetweenSlices": 3.8,
    "StationName": "MRC35002",
    "TaskName": "RecogConf",
    "TotalReadoutTime": 0.0135451,
    "TxRefAmp": 337.4,
    "dataset": "ds004086",
    "modality": "bold",
    "run_id": 3,
    "subject_id": "026",
    "task_id": "RecogConf"
  },
  "dummy_trs": 0,
  "dvars_nstd": 37.68025442255058,
  "dvars_std": 1.0451005210526318,
  "dvars_vstd": 1.0039667831983805,
  "efc": 0.49100550342831323,
  "fber": 1467.8154296875,
  "fd_mean": 0.5231254134523755,
  "fd_num": 142,
  "fd_perc": 57.25806451612903,
  "fwhm_avg": 2.040982464753316,
  "fwhm_x": 1.941144,
  "fwhm_y": 2.122656,
  "fwhm_z": 2.059147394259947,
  "gcor": 0.0539772,
  "gsr_x": -0.018863169476389885,
  "gsr_y": 0.03431389108300209,
  "provenance": {
    "md5sum": "3919ff4bf632f1088f81e8dfcb345bf0",
    "settings": {
      "fd_thres": 0.2,
      "testing": false
    },
    "software": "mriqc",
    "version": "23.0.0",
    "webapi_port": null,
    "webapi_url": "https://mriqc.nimh.nih.gov/api/v1"
  },
  "size_t": 248,
  "size_x": 64,
  "size_y": 64,
  "size_z": 34,
  "snr": 5.2047541198785,
  "spacing_tr": 1.7999999523162842,
  "spacing_x": 3.75,
  "spacing_y": 3.75,
  "spacing_z": 3.799999952316284,
  "summary_bg_k": 35.45988239169485,
  "summary_bg_mad": 7.670075825410036,
  "summary_bg_mean": 34.8406867980957,
  "summary_bg_median": 18.322580337524414,
  "summary_bg_n": 88964.0,
  "summary_bg_p05": 11.669354438781738,
  "summary_bg_p95": 115.78608703613257,
  "summary_bg_stdv": 49.91490173339844,
  "summary_fg_k": 1.2582099938298894,
  "summary_fg_mad": 118.24349932245391,
  "summary_fg_mean": 710.758056640625,
  "summary_fg_median": 702.2217407226562,
  "summary_fg_n": 21387.0,
  "summary_fg_p05": 505.80845642089844,
  "summary_fg_p95": 943.773748779297,
  "summary_fg_stdv": 134.9161376953125,
  "tsnr": 30.267011250951327
}