{
  "aor": 0.012237732793522268,
  "aqi": 0.02284080372469636,
  "bids_meta": {
    "AcquisitionMatrixPE": 64,
    "AcquisitionNumber": 1,
    "AcquisitionTime": "09:42:55.622500",
    "BandwidthPerPixelPhaseEncode": 72.674,
    "BaseResolution": 64,
    "CoilString": "T:HEA;HEP",
    "ConversionSoftware": "dcm2niix",
    "ConversionSoftwareVersion": "v1.0.20190902",
    "DerivedVendorReportedEchoSpacing": 0.000430002,
    "DeviceSerialNumber": "35002",
    "DwellTime": 2.7e-06,
    "EchoTime": 0.031,
    "EffectiveEchoSpacing": 0.000215001,
    "FlipAngle": 90,
    "ImageOrientationPatientDICOM": [
      1,
      0,
      0,
      0,
      1,
      0
    ],
    "ImageType": [
      "ORIGINAL",
      "PRIMARY",
      "M",
      "ND",
      "MOSAIC"
    ],
    "ImagingFrequency": 123.263,
    "InPlanePhaseEncodingDirectionDICOM": "COL",
    "InstitutionAddress": "University_Pkwy_1700_North_685_Provo_AEC1C0_UT_US_84601",
    "InstitutionName": "Brigham_Young_University",
    "InstitutionalDepartmentName": "MRI",
    "MRAcquisitionType": "2D",
    "MagneticFieldStrength": 3,
    "Manufacturer": "Siemens",
    "ManufacturersModelName": "TrioTim",
    "Modality": "MR",
    "ParallelReductionFactorInPlane": 2,
    "PartialFourier": 1,
    "PatientPosition": "HFS",
    "PercentPhaseFOV": 100,
    "PhaseEncodingDirection": "j-",
    "PhaseEncodingSteps": 63,
    "PhaseResolution": 1,
    "PixelBandwidth": 2894,
    "ProcedureStepDescription": "Research_KIRWAN",
    "ProtocolName": "Daselaar_run4",
    "PulseSequenceDetails": "%CustomerSeq%_ep2d_bold_PMU",
    "ReceiveCoilName": "HeadMatrix",
    "ReconMatrixPE": 64,
    "RefLinesPE": 24,
    "RepetitionTime": 1.8,
    "SAR": 0.148377,
    "ScanOptions": "FS",
    "ScanningSequence": "EP",
    "SequenceName": "epfid2d1_64",
    "SequenceVariant": "SK",
    "SeriesDescription": "Daselaar_run4",
    "SeriesNumber": 8,
    "ShimSetting": [
      -2742,
      -22757,
      2285,
      305,
      126,
      271,
      -666,
      303
    ],
    "SliceThickness": 3.8,
    "SliceTiming": [
      0.9025,
      0,
      0.9575,
      0.0525,
      1.01,
      0.1075,
      1.0625,
      0.16,
      1.115,
      0.2125,
      1.17,
      0.265,
      1.2225,
      0.32,
      1.275,
      0.3725,
      1.33,
      0.425,
      1.3825,
      0.4775,
      1.435,
      0.5325,
      1.4875,
      0.585,
      1.5425,
      0.6375,
      1.595,
      0.69,
      1.6475,
      0.745,
      1.7,
      0.7975,
      1.755,
      0.85
    ],
    "SoftwareVersions": "syngo_MR_B17",
    "SpacingBetweenSlices": 3.8,
    "StationName": "MRC35002",
    "TaskName": "RecogConf",
    "TotalReadoutTime": 0.0135451,
    "TxRefAmp": 337.4,
    "dataset": "ds004086",
    "modality": "bold",
    "run_id": 4,
    "subject_id": "026",
    "task_id": "RecogConf"
  },
  "dummy_trs": 1,
  "dvars_nstd": 40.62228921560979,
  "dvars_std": 0.9945109793089435,
  "dvars_vstd": 0.974823948130081,
  "efc": 0.49046850478057225,
  "fber": 1419.286865234375,
  "fd_mean": 0.4990389036467187,
  "fd_num": 119,
  "fd_perc": 48.178137651821864,
  "fwhm_avg": 2.0623103596927037,
  "fwhm_x": 1.9440666666666668,
  "fwhm_y": 2.1352933333333337,
  "fwhm_z": 2.107571079078111,
  "gcor": 0.0646114,
  "gsr_x": -0.016736702993512154,
  "gsr_y": 0.03910330682992935,
  "provenance": {
    "md5sum": "dda53a00cf2efa9d1b0a4778d9c3af83",
    "settings": {
      "fd_thres": 0.2,
      "testing": false
    },
    "software": "mriqc",
    "version": "23.0.0",
    "webapi_port": null,
    "webapi_url": "https://mriqc.nimh.nih.gov/api/v1"
  },
  "size_t": 247,
  "size_x": 64,
  "size_y": 64,
  "size_z": 34,
  "snr": 5.197096629062621,
  "spacing_tr": 1.7999999523162842,
  "spacing_x": 3.75,
  "spacing_y": 3.75,
  "spacing_z": 3.799999952316284,
  "summary_bg_k": 33.98254417409572,
  "summary_bg_mad": 8.001249743206415,
  "summary_bg_mean": 34.698204040527344,
  "summary_bg_median": 18.457490921020508,
  "summary_bg_n": 89001.0,
  "summary_bg_p05": 11.457489967346191,
  "summary_bg_p95": 117.85020446777344,
  "summary_bg_stdv": 49.27073287963867,
  "summary_fg_k": 1.3215798014866467,
  "summary_fg_mad": 117.74380880422956,
  "summary_fg_mean": 708.4625244140625,
  "summary_fg_median": 698.3623657226562,
  "summary_fg_n": 21210.0,
  "summary_fg_p05": 508.75366363525393,
  "summary_fg_p95": 943.4850524902344,
  "summary_fg_stdv": 134.372314453125,
  "tsnr": 27.30270207405556
}