{
  "aor": 0.0019128629032258066,
  "aqi": 0.00859233447580645,
  "bids_meta": {
    "AcquisitionMatrixPE": 64,
    "AcquisitionNumber": 1,
    "AcquisitionTime": "09:19:31.597500",
    "BandwidthPerPixelPhaseEncode": 72.674,
    "BaseResolution": 64,
    "CoilString": "T:HEA;HEP",
    "ConversionSoftware": "dcm2niix",
    "ConversionSoftwareVersion": "v1.0.20190902",
    "DerivedVendorReportedEchoSpacing": 0.000430002,
    "DeviceSerialNumber": "35002",
    "DwellTime": 2.7e-06,
    "EchoTime": 0.031,
    "EffectiveEchoSpacing": 0.000215001,
    "FlipAngle": 90,
    "ImageOrientationPatientDICOM": [
      1,
      0,
      0,
      0,
      1,
      0
    ],
    "ImageType": [
      "ORIGINAL",
      "PRIMARY",
      "M",
      "ND",
      "MOSAIC"
    ],
    "ImagingFrequency": 123.263,
    "InPlanePhaseEncodingDirectionDICOM": "COL",
    "InstitutionAddress": "University_Pkwy_1700_North_685_Provo_AEC1C0_UT_US_84601",
    "InstitutionName": "Brigham_Young_University",
    "InstitutionalDepartmentName": "MRI",
    "MRAcquisitionType": "2D",
    "MagneticFieldStrength": 3,
    "Manufacturer": "Siemens",
    "ManufacturersModelName": "TrioTim",
    "Modality": "MR",
    "ParallelReductionFactorInPlane": 2,
    "PartialFourier": 1,
    "PatientPosition": "HFS",
    "PercentPhaseFOV": 100,
    "PhaseEncodingDirection": "j-",
    "PhaseEncodingSteps": 63,
    "PhaseResolution": 1,
    "PixelBandwidth": 2894,
    "ProcedureStepDescription": "Research_KIRWAN",
    "ProtocolName": "Daselaar_run1",
    "PulseSequenceDetails": "%CustomerSeq%_ep2d_bold_PMU",
    "ReceiveCoilName": "HeadMatrix",
    "ReconMatrixPE": 64,
    "RefLinesPE": 24,
    "RepetitionTime": 1.8,
    "SAR": 0.148377,
    "ScanOptions": "FS",
    "ScanningSequence": "EP",
    "SequenceName": "epfid2d1_64",
    "SequenceVariant": "SK",
    "SeriesDescription": "Daselaar_run1",
    "SeriesNumber": 5,
    "ShimSetting": [
      -2742,
      -22757,
      2285,
      305,
      126,
      271,
      -666,
      303
    ],
    "SliceThickness": 3.8,
    "SliceTiming": [
      0.9025,
      0,
      0.9575,
      0.0525,
      1.01,
      0.105,
      1.0625,
      0.16,
      1.115,
      0.2125,
      1.17,
      0.265,
      1.2225,
      0.3175,
      1.275,
      0.3725,
      1.3275,
      0.425,
      1.3825,
      0.4775,
      1.435,
      0.53,
      1.4875,
      0.585,
      1.54,
      0.6375,
      1.595,
      0.69,
      1.6475,
      0.745,
      1.7,
      0.7975,
      1.7525,
      0.85
    ],
    "SoftwareVersions": "syngo_MR_B17",
    "SpacingBetweenSlices": 3.8,
    "StationName": "MRC35002",
    "TaskName": "RecogConf",
    "TotalReadoutTime": 0.0135451,
    "TxRefAmp": 337.4,
    "dataset": "ds004086",
    "modality": "bold",
    "run_id": 1,
    "subject_id": "026",
    "task_id": "RecogConf"
  },
  "dummy_trs": 0,
  "dvars_nstd": 25.57854780578947,
  "dvars_std": 1.0459877807287443,
  "dvars_vstd": 0.986752212307692,
  "efc": 0.4928221960352049,
  "fber": 1442.780517578125,
  "fd_mean": 0.13997079659155762,
  "fd_num": 36,
  "fd_perc": 14.516129032258064,
  "fwhm_avg": 2.0636825001308687,
  "fwhm_x": 1.9459386666666667,
  "fwhm_y": 2.1166693333333333,
  "fwhm_z": 2.128439500392606,
  "gcor": 0.0235175,
  "gsr_x": -0.017602263018488884,
  "gsr_y": 0.02565794624388218,
  "provenance": {
    "md5sum": "c1351941b127cef1ee45ad877b975514",
    "settings": {
      "fd_thres": 0.2,
      "testing": false
    },
    "software": "mriqc",
    "version": "23.0.0",
    "webapi_port": null,
    "webapi_url": "https://mriqc.nimh.nih.gov/api/v1"
  },
  "size_t": 248,
  "size_x": 64,
  "size_y": 64,
  "size_z": 34,
  "snr": 5.12043730038215,
  "spacing_tr": 1.7999999523162842,
  "spacing_x": 3.75,
  "spacing_y": 3.75,
  "spacing_z": 3.799999952316284,
  "summary_bg_k": 38.50317647802262,
  "summary_bg_mad": 6.74942607723517,
  "summary_bg_mean": 33.885162353515625,
  "summary_bg_median": 18.520160675048828,
  "summary_bg_n": 88683.0,
  "summary_bg_p05": 12.733870506286621,
  "summary_bg_p95": 112.20483627319331,
  "summary_bg_stdv": 49.32917785644531,
  "summary_fg_k": 1.0737000294654324,
  "summary_fg_mad": 124.44890991413004,
  "summary_fg_mean": 720.2393798828125,
  "summary_fg_median": 710.366943359375,
  "summary_fg_n": 21821.0,
  "summary_fg_p05": 508.4838562011719,
  "summary_fg_p95": 955.39111328125,
  "summary_fg_stdv": 138.728515625,
  "tsnr": 47.47382848034613
}