{
  "bids_meta": {
    "AcquisitionMatrixPE": 215,
    "AcquisitionNumber": 1,
    "AcquisitionTime": "10:18:44.332500",
    "BaseResolution": 256,
    "CoilString": "C:HEA;HEP",
    "ConversionSoftware": "dcm2niix",
    "ConversionSoftwareVersion": "v1.0.20190902",
    "DeviceSerialNumber": "35002",
    "DwellTime": 9.8e-06,
    "EchoTime": 0.00226,
    "FlipAngle": 9,
    "ImageOrientationPatientDICOM": [
      0,
      1,
      0,
      0,
      0,
      -1
    ],
    "ImageType": [
      "ORIGINAL",
      "PRIMARY",
      "M",
      "ND",
      "NORM"
    ],
    "ImagingFrequency": 123.263,
    "InPlanePhaseEncodingDirectionDICOM": "ROW",
    "InstitutionAddress": "University_Pkwy_1700_North_685_Provo_AEC1C0_UT_US_84601",
    "InstitutionName": "Brigham_Young_University",
    "InstitutionalDepartmentName": "MRI",
    "InversionTime": 0.9,
    "MRAcquisitionType": "3D",
    "MagneticFieldStrength": 3,
    "Manufacturer": "Siemens",
    "ManufacturersModelName": "TrioTim",
    "Modality": "MR",
    "PartialFourier": 0.875,
    "PatientPosition": "HFS",
    "PercentPhaseFOV": 87.5,
    "PhaseEncodingSteps": 227,
    "PhaseOversampling": 0.2,
    "PhaseResolution": 0.96,
    "PixelBandwidth": 199,
    "ProcedureStepDescription": "Research_KIRWAN",
    "ProtocolName": "t1_mpr_sag_iso_(mprage)",
    "PulseSequenceDetails": "%SiemensSeq%_tfl",
    "ReceiveCoilName": "HeadMatrix",
    "ReconMatrixPE": 224,
    "RepetitionTime": 1.9,
    "SAR": 0.0780022,
    "ScanOptions": "IR_PFP",
    "ScanningSequence": "GR_IR",
    "SequenceName": "_tfl3d1_ns",
    "SequenceVariant": "SP_MP_OSP",
    "SeriesDescription": "t1_mpr_sag_iso_(mprage)",
    "SeriesNumber": 2,
    "ShimSetting": [
      -2768,
      -22810,
      1838,
      -69,
      10,
      173,
      -426,
      363
    ],
    "SliceThickness": 1,
    "SoftwareVersions": "syngo_MR_B17",
    "StationName": "MRC35002",
    "TxRefAmp": 337.689,
    "dataset": "ds004086",
    "modality": "T1w",
    "subject_id": "027"
  },
  "cjv": 0.3350090199193282,
  "cnr": 4.108829646936884,
  "efc": 0.5605011859876771,
  "fber": 19944.8614204273,
  "fwhm_avg": 4.86741712,
  "fwhm_x": 4.65446,
  "fwhm_y": 5.2038553599999995,
  "fwhm_z": 4.743936,
  "icvs_csf": 0.17542741481340798,
  "icvs_gm": 0.45524014684367575,
  "icvs_wm": 0.3693324383429163,
  "inu_med": 0.42433634400367737,
  "inu_range": 0.1616987407207489,
  "provenance": {
    "md5sum": "04599b2a1979cfb51bd8259320c8fb74",
    "settings": {
      "testing": false
    },
    "software": "mriqc",
    "version": "23.0.0",
    "warnings": {
      "large_rot_frame": true,
      "small_air_mask": false
    },
    "webapi_port": null,
    "webapi_url": "https://mriqc.nimh.nih.gov/api/v1"
  },
  "qi_1": 0.0,
  "qi_2": 0.004319600625795423,
  "rpve_csf": 22.944544271072076,
  "rpve_gm": 9.87206138744706,
  "rpve_wm": 13.66853210883796,
  "size_x": 176,
  "size_y": 224,
  "size_z": 256,
  "snr_csf": 2.9316758493507864,
  "snr_gm": 14.638540572816698,
  "snr_total": 14.346314174461346,
  "snr_wm": 25.468726101216557,
  "snrd_csf": 22.846399300990583,
  "snrd_gm": 54.97405913000382,
  "snrd_total": 50.85381114447019,
  "snrd_wm": 74.74097500241616,
  "spacing_x": 1.0,
  "spacing_y": 0.9765625,
  "spacing_z": 0.9765625,
  "summary_bg_k": 21.05405911880002,
  "summary_bg_mad": 0.0,
  "summary_bg_mean": 5.239068652142194,
  "summary_bg_median": 0.0,
  "summary_bg_n": 2993397.0,
  "summary_bg_p05": 0.0,
  "summary_bg_p95": 22.109363291412592,
  "summary_bg_stdv": 8.765424944308565,
  "summary_csf_k": 0.8603436400718256,
  "summary_csf_mad": 88.88366834712187,
  "summary_csf_mean": 311.05512840138175,
  "summary_csf_median": 305.6743577681482,
  "summary_csf_n": 34329.0,
  "summary_csf_p05": 140.78203900307417,
  "summary_csf_p95": 496.1814621910453,
  "summary_csf_stdv": 104.26456447194829,
  "summary_gm_k": 0.027982610886295056,
  "summary_gm_mad": 50.725966139503946,
  "summary_gm_mean": 735.8172073231079,
  "summary_gm_median": 735.5277300849557,
  "summary_gm_n": 54324.0,
  "summary_gm_p05": 654.3073229677975,
  "summary_gm_p95": 818.1228126399219,
  "summary_gm_stdv": 50.245511604936375,
  "summary_wm_k": 0.4316598963733935,
  "summary_wm_mad": 37.874633200143016,
  "summary_wm_mean": 1002.6549907352479,
  "summary_wm_median": 1000.0000101476908,
  "summary_wm_n": 242046.0,
  "summary_wm_p05": 942.8364231921732,
  "summary_wm_p95": 1070.9485369101167,
  "summary_wm_stdv": 39.26375981461928,
  "tpm_overlap_csf": 0.15884642382486464,
  "tpm_overlap_gm": 0.48722347131042415,
  "tpm_overlap_wm": 0.5389996508030663,
  "wm2max": 0.46793758679628844
}