{
  "aor": 0.014121129032258064,
  "aqi": 0.016587307741935484,
  "bids_meta": {
    "AcquisitionMatrixPE": 64,
    "AcquisitionNumber": 1,
    "AcquisitionTime": "15:03:0.295000",
    "BandwidthPerPixelPhaseEncode": 72.674,
    "BaseResolution": 64,
    "CoilString": "T:HEA;HEP",
    "ConversionSoftware": "dcm2niix",
    "ConversionSoftwareVersion": "v1.0.20190902",
    "DerivedVendorReportedEchoSpacing": 0.000430002,
    "DeviceSerialNumber": "35002",
    "DwellTime": 2.7e-06,
    "EchoTime": 0.031,
    "EffectiveEchoSpacing": 0.000215001,
    "FlipAngle": 90,
    "ImageOrientationPatientDICOM": [
      1,
      0,
      0,
      0,
      1,
      0
    ],
    "ImageType": [
      "ORIGINAL",
      "PRIMARY",
      "M",
      "ND",
      "MOSAIC"
    ],
    "ImagingFrequency": 123.263,
    "InPlanePhaseEncodingDirectionDICOM": "COL",
    "InstitutionAddress": "University_Pkwy_1700_North_685_Provo_AEC1C0_UT_US_84601",
    "InstitutionName": "Brigham_Young_University",
    "InstitutionalDepartmentName": "MRI",
    "MRAcquisitionType": "2D",
    "MagneticFieldStrength": 3,
    "Manufacturer": "Siemens",
    "ManufacturersModelName": "TrioTim",
    "Modality": "MR",
    "ParallelReductionFactorInPlane": 2,
    "PartialFourier": 1,
    "PatientPosition": "HFS",
    "PercentPhaseFOV": 100,
    "PhaseEncodingDirection": "j-",
    "PhaseEncodingSteps": 63,
    "PhaseResolution": 1,
    "PixelBandwidth": 2894,
    "ProcedureStepDescription": "Research_KIRWAN",
    "ProtocolName": "Daselaar_run2",
    "PulseSequenceDetails": "%CustomerSeq%_ep2d_bold_PMU",
    "ReceiveCoilName": "HeadMatrix",
    "ReconMatrixPE": 64,
    "RefLinesPE": 24,
    "RepetitionTime": 1.8,
    "SAR": 0.114119,
    "ScanOptions": "FS",
    "ScanningSequence": "EP",
    "SequenceName": "epfid2d1_64",
    "SequenceVariant": "SK",
    "SeriesDescription": "Daselaar_run2",
    "SeriesNumber": 6,
    "ShimSetting": [
      -2794,
      -22578,
      2079,
      236,
      231,
      1364,
      -282,
      328
    ],
    "SliceThickness": 3.8,
    "SliceTiming": [
      0.9025,
      0,
      0.955,
      0.0525,
      1.01,
      0.105,
      1.0625,
      0.16,
      1.115,
      0.2125,
      1.1675,
      0.265,
      1.2225,
      0.3175,
      1.275,
      0.3725,
      1.3275,
      0.425,
      1.38,
      0.4775,
      1.435,
      0.53,
      1.4875,
      0.585,
      1.54,
      0.6375,
      1.595,
      0.69,
      1.6475,
      0.7425,
      1.7,
      0.7975,
      1.7525,
      0.85
    ],
    "SoftwareVersions": "syngo_MR_B17",
    "SpacingBetweenSlices": 3.8,
    "StationName": "MRC35002",
    "TaskName": "RecogConf",
    "TotalReadoutTime": 0.0135451,
    "TxRefAmp": 341.376,
    "dataset": "ds004086",
    "modality": "bold",
    "run_id": 2,
    "subject_id": "058",
    "task_id": "RecogConf"
  },
  "dummy_trs": 0,
  "dvars_nstd": 29.720238411174094,
  "dvars_std": 1.0530375001619432,
  "dvars_vstd": 1.0181015819028338,
  "efc": 0.4266323900736473,
  "fber": 2469.689208984375,
  "fd_mean": 0.3430012031806037,
  "fd_num": 79,
  "fd_perc": 31.85483870967742,
  "fwhm_avg": 1.9894084764180497,
  "fwhm_x": 1.9083066666666668,
  "fwhm_y": 2.0082240000000002,
  "fwhm_z": 2.0516947625874815,
  "gcor": 0.0545796,
  "gsr_x": -0.014144986867904663,
  "gsr_y": 0.009161322377622128,
  "provenance": {
    "md5sum": "f36ef93177a1fe43637e2756ed7db549",
    "settings": {
      "fd_thres": 0.2,
      "testing": false
    },
    "software": "mriqc",
    "version": "23.0.0",
    "webapi_port": null,
    "webapi_url": "https://mriqc.nimh.nih.gov/api/v1"
  },
  "size_t": 248,
  "size_x": 64,
  "size_y": 64,
  "size_z": 34,
  "snr": 6.289131551553923,
  "spacing_tr": 1.7999999523162842,
  "spacing_x": 3.75,
  "spacing_y": 3.75,
  "spacing_z": 3.799999952316284,
  "summary_bg_k": 92.43359994356749,
  "summary_bg_mad": 5.171172193917572,
  "summary_bg_mean": 26.930856704711914,
  "summary_bg_median": 15.991934776306152,
  "summary_bg_n": 96585.0,
  "summary_bg_p05": 11.544354438781738,
  "summary_bg_p95": 79.33870697021484,
  "summary_bg_stdv": 39.47599411010742,
  "summary_fg_k": 1.8626033707391825,
  "summary_fg_mad": 108.20000947689006,
  "summary_fg_mean": 804.8455810546875,
  "summary_fg_median": 800.79833984375,
  "summary_fg_n": 15809.0,
  "summary_fg_p05": 614.998388671875,
  "summary_fg_p95": 1022.6531738281244,
  "summary_fg_stdv": 127.32648468017578,
  "tsnr": 38.1793259618571
}