{
  "bids_meta": {
    "AcquisitionMatrixPE": 215,
    "AcquisitionNumber": 1,
    "AcquisitionTime": "13:09:22.062500",
    "BaseResolution": 256,
    "CoilString": "C:HEA;HEP",
    "ConversionSoftware": "dcm2niix",
    "ConversionSoftwareVersion": "v1.0.20190902",
    "DeviceSerialNumber": "35002",
    "DwellTime": 9.8e-06,
    "EchoTime": 0.00226,
    "FlipAngle": 9,
    "ImageOrientationPatientDICOM": [
      0,
      1,
      0,
      0,
      0,
      -1
    ],
    "ImageType": [
      "ORIGINAL",
      "PRIMARY",
      "M",
      "ND",
      "NORM"
    ],
    "ImagingFrequency": 123.263,
    "InPlanePhaseEncodingDirectionDICOM": "ROW",
    "InstitutionAddress": "University_Pkwy_1700_North_685_Provo_AEC1C0_UT_US_84601",
    "InstitutionName": "Brigham_Young_University",
    "InstitutionalDepartmentName": "MRI",
    "InversionTime": 0.9,
    "MRAcquisitionType": "3D",
    "MagneticFieldStrength": 3,
    "Manufacturer": "Siemens",
    "ManufacturersModelName": "TrioTim",
    "Modality": "MR",
    "PartialFourier": 0.875,
    "PatientPosition": "HFS",
    "PercentPhaseFOV": 87.5,
    "PhaseEncodingSteps": 227,
    "PhaseOversampling": 0.2,
    "PhaseResolution": 0.96,
    "PixelBandwidth": 199,
    "ProcedureStepDescription": "Research_KIRWAN",
    "ProtocolName": "t1_mpr_sag_iso_(mprage)",
    "PulseSequenceDetails": "%SiemensSeq%_tfl",
    "ReceiveCoilName": "HeadMatrix",
    "ReconMatrixPE": 224,
    "RepetitionTime": 1.9,
    "SAR": 0.0922399,
    "ScanOptions": "IR_PFP",
    "ScanningSequence": "GR_IR",
    "SequenceName": "_tfl3d1_ns",
    "SequenceVariant": "SP_MP_OSP",
    "SeriesDescription": "t1_mpr_sag_iso_(mprage)",
    "SeriesNumber": 2,
    "ShimSetting": [
      -2768,
      -22810,
      1838,
      -69,
      10,
      173,
      -426,
      363
    ],
    "SliceThickness": 1,
    "SoftwareVersions": "syngo_MR_B17",
    "StationName": "MRC35002",
    "TxRefAmp": 325.428,
    "dataset": "ds004086",
    "modality": "T1w",
    "subject_id": "017"
  },
  "cjv": 0.33582302219693816,
  "cnr": 4.089122140361556,
  "efc": 0.6155421561241627,
  "fber": 16457.22448979592,
  "fwhm_avg": 4.7309784,
  "fwhm_x": 4.43826,
  "fwhm_y": 5.15141632,
  "fwhm_z": 4.60325888,
  "icvs_csf": 0.16126748305060895,
  "icvs_gm": 0.4618169917704071,
  "icvs_wm": 0.37691552517898397,
  "inu_med": 0.40548941493034363,
  "inu_range": 0.18262245357036583,
  "provenance": {
    "md5sum": "add872560d1b0f7aa50f2cba980c689b",
    "settings": {
      "testing": false
    },
    "software": "mriqc",
    "version": "23.0.0",
    "warnings": {
      "large_rot_frame": true,
      "small_air_mask": false
    },
    "webapi_port": null,
    "webapi_url": "https://mriqc.nimh.nih.gov/api/v1"
  },
  "qi_1": 0.0,
  "qi_2": 0.006492186815525825,
  "rpve_csf": 20.008007879753677,
  "rpve_gm": 8.02372942707044,
  "rpve_wm": 11.096225064575359,
  "size_x": 176,
  "size_y": 224,
  "size_z": 256,
  "snr_csf": 2.879757885635558,
  "snr_gm": 14.47609530843706,
  "snr_total": 14.540167075650729,
  "snr_wm": 26.26464803287957,
  "snrd_csf": 25.8437757272779,
  "snrd_gm": 64.03659183035853,
  "snrd_total": 58.88394802049834,
  "snrd_wm": 86.7714765038586,
  "spacing_x": 1.0,
  "spacing_y": 0.9765625,
  "spacing_z": 0.9765625,
  "summary_bg_k": 5.8362230559001596,
  "summary_bg_mad": 0.0,
  "summary_bg_mean": 4.940200208630408,
  "summary_bg_median": 0.0,
  "summary_bg_n": 2633890.0,
  "summary_bg_p05": 0.0,
  "summary_bg_p95": 20.49377715587616,
  "summary_bg_stdv": 7.550395401365793,
  "summary_csf_k": 1.4093632093269575,
  "summary_csf_mad": 69.2819100151924,
  "summary_csf_mean": 307.6810932504135,
  "summary_csf_median": 297.84747940301895,
  "summary_csf_n": 36966.0,
  "summary_csf_p05": 121.82794037461281,
  "summary_csf_p95": 499.20915561914444,
  "summary_csf_stdv": 103.42655964012829,
  "summary_gm_k": -0.02756988984069597,
  "summary_gm_mad": 51.336926699999076,
  "summary_gm_mean": 737.241059961281,
  "summary_gm_median": 738.0166763365269,
  "summary_gm_n": 68323.0,
  "summary_gm_p05": 652.6374000310898,
  "summary_gm_p95": 819.8198572993279,
  "summary_gm_stdv": 50.98137720521099,
  "summary_wm_k": 0.46615684463532503,
  "summary_wm_mad": 36.654667623931815,
  "summary_wm_mean": 1001.5270867754521,
  "summary_wm_median": 1000.0344312489033,
  "summary_wm_n": 288049.0,
  "summary_wm_p05": 941.6477976739407,
  "summary_wm_p95": 1066.0546529591084,
  "summary_wm_stdv": 38.07523687810137,
  "tpm_overlap_csf": 0.16064972241497913,
  "tpm_overlap_gm": 0.4561538238380773,
  "tpm_overlap_wm": 0.49520880077447094,
  "wm2max": 0.5305065867281947
}