{
  "aor": 0.0005051209677419356,
  "aqi": 0.004416943709677418,
  "bids_meta": {
    "AcquisitionMatrixPE": 64,
    "AcquisitionNumber": 1,
    "AcquisitionTime": "09:47:28.437500",
    "BandwidthPerPixelPhaseEncode": 72.674,
    "BaseResolution": 64,
    "CoilString": "T:HEA;HEP",
    "ConversionSoftware": "dcm2niix",
    "ConversionSoftwareVersion": "v1.0.20190902",
    "DerivedVendorReportedEchoSpacing": 0.000430002,
    "DeviceSerialNumber": "35002",
    "DwellTime": 2.7e-06,
    "EchoTime": 0.031,
    "EffectiveEchoSpacing": 0.000215001,
    "FlipAngle": 90,
    "ImageOrientationPatientDICOM": [
      1,
      0,
      0,
      0,
      1,
      0
    ],
    "ImageType": [
      "ORIGINAL",
      "PRIMARY",
      "M",
      "ND",
      "MOSAIC"
    ],
    "ImagingFrequency": 123.263,
    "InPlanePhaseEncodingDirectionDICOM": "COL",
    "InstitutionAddress": "University_Pkwy_1700_North_685_Provo_AEC1C0_UT_US_84601",
    "InstitutionName": "Brigham_Young_University",
    "InstitutionalDepartmentName": "MRI",
    "MRAcquisitionType": "2D",
    "MagneticFieldStrength": 3,
    "Manufacturer": "Siemens",
    "ManufacturersModelName": "TrioTim",
    "Modality": "MR",
    "ParallelReductionFactorInPlane": 2,
    "PartialFourier": 1,
    "PatientPosition": "HFS",
    "PercentPhaseFOV": 100,
    "PhaseEncodingDirection": "j-",
    "PhaseEncodingSteps": 63,
    "PhaseResolution": 1,
    "PixelBandwidth": 2894,
    "ProcedureStepDescription": "Research_KIRWAN",
    "ProtocolName": "Daselaar_run3",
    "PulseSequenceDetails": "%CustomerSeq%_ep2d_bold_PMU",
    "ReceiveCoilName": "HeadMatrix",
    "ReconMatrixPE": 64,
    "RefLinesPE": 24,
    "RepetitionTime": 1.8,
    "SAR": 0.183806,
    "ScanOptions": "FS",
    "ScanningSequence": "EP",
    "SequenceName": "epfid2d1_64",
    "SequenceVariant": "SK",
    "SeriesDescription": "Daselaar_run3",
    "SeriesNumber": 7,
    "ShimSetting": [
      -2763,
      -22804,
      2260,
      529,
      13,
      122,
      -559,
      344
    ],
    "SliceThickness": 3.8,
    "SliceTiming": [
      0.905,
      0,
      0.9575,
      0.0525,
      1.01,
      0.1075,
      1.0625,
      0.16,
      1.1175,
      0.2125,
      1.17,
      0.2675,
      1.2225,
      0.32,
      1.275,
      0.3725,
      1.33,
      0.425,
      1.3825,
      0.48,
      1.435,
      0.5325,
      1.4875,
      0.585,
      1.5425,
      0.6375,
      1.595,
      0.6925,
      1.6475,
      0.745,
      1.7,
      0.7975,
      1.755,
      0.85
    ],
    "SoftwareVersions": "syngo_MR_B17",
    "SpacingBetweenSlices": 3.8,
    "StationName": "MRC35002",
    "TaskName": "RecogConf",
    "TotalReadoutTime": 0.0135451,
    "TxRefAmp": 332.038,
    "dataset": "ds004086",
    "modality": "bold",
    "run_id": 3,
    "subject_id": "015",
    "task_id": "RecogConf"
  },
  "dummy_trs": 0,
  "dvars_nstd": 21.22457145971661,
  "dvars_std": 1.0605879138461545,
  "dvars_vstd": 0.9820706853441301,
  "efc": 0.45915695983726407,
  "fber": 2063.419189453125,
  "fd_mean": 0.06056557743322564,
  "fd_num": 0,
  "fd_perc": 0.0,
  "fwhm_avg": 1.9731426866407062,
  "fwhm_x": 1.7960506666666667,
  "fwhm_y": 2.14428,
  "fwhm_z": 1.979097393255452,
  "gcor": 0.0275701,
  "gsr_x": -0.016050977632403374,
  "gsr_y": 0.01649705320596695,
  "provenance": {
    "md5sum": "366b3fe197e006ed273521490ba68657",
    "settings": {
      "fd_thres": 0.2,
      "testing": false
    },
    "software": "mriqc",
    "version": "23.0.0",
    "webapi_port": null,
    "webapi_url": "https://mriqc.nimh.nih.gov/api/v1"
  },
  "size_t": 248,
  "size_x": 64,
  "size_y": 64,
  "size_z": 34,
  "snr": 5.2372078343221675,
  "spacing_tr": 1.7999999523162842,
  "spacing_x": 3.75,
  "spacing_y": 3.75,
  "spacing_z": 3.799999952316284,
  "summary_bg_k": 31.773355625590852,
  "summary_bg_mad": 4.857315964083016,
  "summary_bg_mean": 31.063474655151367,
  "summary_bg_median": 16.802419662475586,
  "summary_bg_n": 92142.0,
  "summary_bg_p05": 12.633064270019531,
  "summary_bg_p95": 105.10786323547357,
  "summary_bg_stdv": 45.19119644165039,
  "summary_fg_k": 1.4544735970121954,
  "summary_fg_mad": 128.9415547898171,
  "summary_fg_mean": 772.8842163085938,
  "summary_fg_median": 768.1048583984375,
  "summary_fg_n": 18814.0,
  "summary_fg_p05": 551.4663208007812,
  "summary_fg_p95": 1020.7749755859375,
  "summary_fg_stdv": 146.65914916992188,
  "tsnr": 65.33151705935597
}