{
  "aor": 0.0007906451612903225,
  "aqi": 0.007168253024193549,
  "bids_meta": {
    "AcquisitionMatrixPE": 64,
    "AcquisitionNumber": 1,
    "AcquisitionTime": "09:39:38.390000",
    "BandwidthPerPixelPhaseEncode": 72.674,
    "BaseResolution": 64,
    "CoilString": "T:HEA;HEP",
    "ConversionSoftware": "dcm2niix",
    "ConversionSoftwareVersion": "v1.0.20190902",
    "DerivedVendorReportedEchoSpacing": 0.000430002,
    "DeviceSerialNumber": "35002",
    "DwellTime": 2.7e-06,
    "EchoTime": 0.031,
    "EffectiveEchoSpacing": 0.000215001,
    "FlipAngle": 90,
    "ImageOrientationPatientDICOM": [
      1,
      0,
      0,
      0,
      1,
      0
    ],
    "ImageType": [
      "ORIGINAL",
      "PRIMARY",
      "M",
      "ND",
      "MOSAIC"
    ],
    "ImagingFrequency": 123.263,
    "InPlanePhaseEncodingDirectionDICOM": "COL",
    "InstitutionAddress": "University_Pkwy_1700_North_685_Provo_AEC1C0_UT_US_84601",
    "InstitutionName": "Brigham_Young_University",
    "InstitutionalDepartmentName": "MRI",
    "MRAcquisitionType": "2D",
    "MagneticFieldStrength": 3,
    "Manufacturer": "Siemens",
    "ManufacturersModelName": "TrioTim",
    "Modality": "MR",
    "ParallelReductionFactorInPlane": 2,
    "PartialFourier": 1,
    "PatientPosition": "HFS",
    "PercentPhaseFOV": 100,
    "PhaseEncodingDirection": "j-",
    "PhaseEncodingSteps": 63,
    "PhaseResolution": 1,
    "PixelBandwidth": 2894,
    "ProcedureStepDescription": "Research_KIRWAN",
    "ProtocolName": "Daselaar_run2",
    "PulseSequenceDetails": "%CustomerSeq%_ep2d_bold_PMU",
    "ReceiveCoilName": "HeadMatrix",
    "ReconMatrixPE": 64,
    "RefLinesPE": 24,
    "RepetitionTime": 1.8,
    "SAR": 0.183806,
    "ScanOptions": "FS",
    "ScanningSequence": "EP",
    "SequenceName": "epfid2d1_64",
    "SequenceVariant": "SK",
    "SeriesDescription": "Daselaar_run2",
    "SeriesNumber": 6,
    "ShimSetting": [
      -2763,
      -22804,
      2260,
      529,
      13,
      122,
      -559,
      344
    ],
    "SliceThickness": 3.8,
    "SliceTiming": [
      0.905,
      0,
      0.9575,
      0.0525,
      1.01,
      0.1075,
      1.0625,
      0.16,
      1.1175,
      0.2125,
      1.17,
      0.265,
      1.2225,
      0.32,
      1.275,
      0.3725,
      1.33,
      0.425,
      1.3825,
      0.4775,
      1.435,
      0.5325,
      1.4875,
      0.585,
      1.5425,
      0.6375,
      1.595,
      0.69,
      1.6475,
      0.745,
      1.7,
      0.7975,
      1.755,
      0.85
    ],
    "SoftwareVersions": "syngo_MR_B17",
    "SpacingBetweenSlices": 3.8,
    "StationName": "MRC35002",
    "TaskName": "RecogConf",
    "TotalReadoutTime": 0.0135451,
    "TxRefAmp": 332.038,
    "dataset": "ds004086",
    "modality": "bold",
    "run_id": 2,
    "subject_id": "015",
    "task_id": "RecogConf"
  },
  "dummy_trs": 0,
  "dvars_nstd": 21.046260663684215,
  "dvars_std": 1.033608587449393,
  "dvars_vstd": 0.9731179592712559,
  "efc": 0.4606887758214727,
  "fber": 2032.04833984375,
  "fd_mean": 0.06117078001838435,
  "fd_num": 0,
  "fd_perc": 0.0,
  "fwhm_avg": 1.9840147685044451,
  "fwhm_x": 1.8116826666666666,
  "fwhm_y": 2.163082666666667,
  "fwhm_z": 1.9772789721800021,
  "gcor": 0.0153671,
  "gsr_x": -0.017039382830262184,
  "gsr_y": 0.01751543954014778,
  "provenance": {
    "md5sum": "98912dd80877976f73d9da9c2b0b8fbd",
    "settings": {
      "fd_thres": 0.2,
      "testing": false
    },
    "software": "mriqc",
    "version": "23.0.0",
    "webapi_port": null,
    "webapi_url": "https://mriqc.nimh.nih.gov/api/v1"
  },
  "size_t": 248,
  "size_x": 64,
  "size_y": 64,
  "size_z": 34,
  "snr": 5.174579783186363,
  "spacing_tr": 1.7999999523162842,
  "spacing_x": 3.75,
  "spacing_y": 3.75,
  "spacing_z": 3.799999952316284,
  "summary_bg_k": 31.611952079125935,
  "summary_bg_mad": 5.284759429581603,
  "summary_bg_mean": 31.7312068939209,
  "summary_bg_median": 16.967741012573242,
  "summary_bg_n": 92077.0,
  "summary_bg_p05": 12.415322303771973,
  "summary_bg_p95": 106.80402679443357,
  "summary_bg_stdv": 46.25912094116211,
  "summary_fg_k": 1.5075127195998093,
  "summary_fg_mad": 129.01028259651602,
  "summary_fg_mean": 772.843017578125,
  "summary_fg_median": 768.0342407226562,
  "summary_fg_n": 18866.0,
  "summary_fg_p05": 546.9929046630859,
  "summary_fg_p95": 1021.5271759033203,
  "summary_fg_stdv": 148.4205322265625,
  "tsnr": 54.50903279520571
}