{
  "bids_meta": {
    "AcquisitionMatrixPE": 215,
    "AcquisitionNumber": 1,
    "AcquisitionTime": "11:02:25.520000",
    "BaseResolution": 256,
    "CoilString": "C:HEA;HEP",
    "ConversionSoftware": "dcm2niix",
    "ConversionSoftwareVersion": "v1.0.20190902",
    "DeviceSerialNumber": "35002",
    "DwellTime": 9.8e-06,
    "EchoTime": 0.00226,
    "FlipAngle": 9,
    "ImageOrientationPatientDICOM": [
      0,
      1,
      0,
      0,
      0,
      -1
    ],
    "ImageType": [
      "ORIGINAL",
      "PRIMARY",
      "M",
      "ND",
      "NORM"
    ],
    "ImagingFrequency": 123.263,
    "InPlanePhaseEncodingDirectionDICOM": "ROW",
    "InstitutionAddress": "University_Pkwy_1700_North_685_Provo_AEC1C0_UT_US_84601",
    "InstitutionName": "Brigham_Young_University",
    "InstitutionalDepartmentName": "MRI",
    "InversionTime": 0.9,
    "MRAcquisitionType": "3D",
    "MagneticFieldStrength": 3,
    "Manufacturer": "Siemens",
    "ManufacturersModelName": "TrioTim",
    "Modality": "MR",
    "PartialFourier": 0.875,
    "PatientPosition": "HFS",
    "PercentPhaseFOV": 87.5,
    "PhaseEncodingSteps": 227,
    "PhaseOversampling": 0.2,
    "PhaseResolution": 0.96,
    "PixelBandwidth": 199,
    "ProcedureStepDescription": "Research_KIRWAN",
    "ProtocolName": "t1_mpr_sag_iso_(mprage)",
    "PulseSequenceDetails": "%SiemensSeq%_tfl",
    "ReceiveCoilName": "HeadMatrix",
    "ReconMatrixPE": 224,
    "RepetitionTime": 1.9,
    "SAR": 0.117784,
    "ScanOptions": "IR_PFP",
    "ScanningSequence": "GR_IR",
    "SequenceName": "_tfl3d1_ns",
    "SequenceVariant": "SP_MP_OSP",
    "SeriesDescription": "t1_mpr_sag_iso_(mprage)",
    "SeriesNumber": 2,
    "ShimSetting": [
      -2768,
      -22810,
      1838,
      -69,
      10,
      173,
      -426,
      363
    ],
    "SliceThickness": 1,
    "SoftwareVersions": "syngo_MR_B17",
    "StationName": "MRC35002",
    "TxRefAmp": 330.831,
    "dataset": "ds004086",
    "modality": "T1w",
    "subject_id": "009"
  },
  "cjv": 0.29652044370112035,
  "cnr": 4.666400346189854,
  "efc": 0.599308435332105,
  "fber": 13377.925734867677,
  "fwhm_avg": 4.662912213333334,
  "fwhm_x": 4.44648,
  "fwhm_y": 5.055610880000001,
  "fwhm_z": 4.48664576,
  "icvs_csf": 0.1614698041602274,
  "icvs_gm": 0.48053924984034757,
  "icvs_wm": 0.357990945999425,
  "inu_med": 0.41423818469047546,
  "inu_range": 0.1718033686280251,
  "provenance": {
    "md5sum": "93dcbd0f0fc64dd781bf693301e8728c",
    "settings": {
      "testing": false
    },
    "software": "mriqc",
    "version": "23.0.0",
    "warnings": {
      "large_rot_frame": true,
      "small_air_mask": false
    },
    "webapi_port": null,
    "webapi_url": "https://mriqc.nimh.nih.gov/api/v1"
  },
  "qi_1": 0.0,
  "qi_2": 0.007034650137166985,
  "rpve_csf": 22.768216906162294,
  "rpve_gm": 8.837676220453915,
  "rpve_wm": 12.998161602188395,
  "size_x": 176,
  "size_y": 224,
  "size_z": 256,
  "snr_csf": 2.6382579606236276,
  "snr_gm": 15.373591347335656,
  "snr_total": 15.364843646432584,
  "snr_wm": 28.08268163133847,
  "snrd_csf": 26.63208764503365,
  "snrd_gm": 67.60500720976466,
  "snrd_total": 62.58804157818188,
  "snrd_wm": 93.52702987974735,
  "spacing_x": 1.0,
  "spacing_y": 0.9765625,
  "spacing_z": 0.9765625,
  "summary_bg_k": 5.99626346892029,
  "summary_bg_mad": 0.0,
  "summary_bg_mean": 4.430703306440469,
  "summary_bg_median": 0.0,
  "summary_bg_n": 2276789.0,
  "summary_bg_p05": 0.0,
  "summary_bg_p95": 18.56640875339508,
  "summary_bg_stdv": 7.0050139065564325,
  "summary_csf_k": 1.052704964550971,
  "summary_csf_mad": 73.7319610914251,
  "summary_csf_mean": 296.1635646420348,
  "summary_csf_median": 284.76229425519705,
  "summary_csf_n": 29009.0,
  "summary_csf_p05": 107.65201646834612,
  "summary_csf_p95": 495.862361781299,
  "summary_csf_stdv": 107.9338678368222,
  "summary_gm_k": -0.07736717165662821,
  "summary_gm_mad": 48.02408399088156,
  "summary_gm_mean": 723.5244993273685,
  "summary_gm_median": 722.8632322326303,
  "summary_gm_n": 93725.0,
  "summary_gm_p05": 647.4371966719627,
  "summary_gm_p95": 801.0410748049617,
  "summary_gm_stdv": 47.01955187905407,
  "summary_wm_k": 0.4003159680741799,
  "summary_wm_mad": 34.16247530569363,
  "summary_wm_mean": 1001.5438804478126,
  "summary_wm_median": 1000.0331914797425,
  "summary_wm_n": 244247.0,
  "summary_wm_p05": 945.825908780098,
  "summary_wm_p95": 1062.4295866116881,
  "summary_wm_stdv": 35.61024397277215,
  "tpm_overlap_csf": 0.15896909964164607,
  "tpm_overlap_gm": 0.4700541349938603,
  "tpm_overlap_wm": 0.5012776717808699,
  "wm2max": 0.5613420256143097
}