{
  "aor": 0.0009869354838709678,
  "aqi": 0.008660209919354839,
  "bids_meta": {
    "AcquisitionMatrixPE": 64,
    "AcquisitionNumber": 1,
    "AcquisitionTime": "10:40:51.577500",
    "BandwidthPerPixelPhaseEncode": 72.674,
    "BaseResolution": 64,
    "CoilString": "T:HEA;HEP",
    "ConversionSoftware": "dcm2niix",
    "ConversionSoftwareVersion": "v1.0.20190902",
    "DerivedVendorReportedEchoSpacing": 0.000430002,
    "DeviceSerialNumber": "35002",
    "DwellTime": 2.7e-06,
    "EchoTime": 0.031,
    "EffectiveEchoSpacing": 0.000215001,
    "FlipAngle": 90,
    "ImageOrientationPatientDICOM": [
      1,
      0,
      0,
      0,
      1,
      0
    ],
    "ImageType": [
      "ORIGINAL",
      "PRIMARY",
      "M",
      "ND",
      "MOSAIC"
    ],
    "ImagingFrequency": 123.263,
    "InPlanePhaseEncodingDirectionDICOM": "COL",
    "InstitutionAddress": "University_Pkwy_1700_North_685_Provo_AEC1C0_UT_US_84601",
    "InstitutionName": "Brigham_Young_University",
    "InstitutionalDepartmentName": "MRI",
    "MRAcquisitionType": "2D",
    "MagneticFieldStrength": 3,
    "Manufacturer": "Siemens",
    "ManufacturersModelName": "TrioTim",
    "Modality": "MR",
    "ParallelReductionFactorInPlane": 2,
    "PartialFourier": 1,
    "PatientPosition": "HFS",
    "PercentPhaseFOV": 100,
    "PhaseEncodingDirection": "j",
    "PhaseEncodingSteps": 63,
    "PhaseResolution": 1,
    "PixelBandwidth": 2894,
    "ProcedureStepDescription": "Research_KIRWAN",
    "ProtocolName": "Daselaar_run2",
    "PulseSequenceDetails": "%CustomerSeq%_ep2d_bold_PMU",
    "ReceiveCoilName": "HeadMatrix",
    "ReconMatrixPE": 64,
    "RefLinesPE": 24,
    "RepetitionTime": 1.8,
    "SAR": 0.171259,
    "ScanOptions": "FS",
    "ScanningSequence": "EP",
    "SequenceName": "epfid2d1_64",
    "SequenceVariant": "SK",
    "SeriesDescription": "Daselaar_run2",
    "SeriesNumber": 7,
    "ShimSetting": [
      -2720,
      -22756,
      2282,
      387,
      180,
      188,
      -680,
      374
    ],
    "SliceThickness": 3.8,
    "SliceTiming": [
      0.905,
      0,
      0.9575,
      0.055,
      1.01,
      0.1075,
      1.065,
      0.16,
      1.1175,
      0.2125,
      1.17,
      0.2675,
      1.2225,
      0.32,
      1.2775,
      0.3725,
      1.33,
      0.425,
      1.3825,
      0.48,
      1.435,
      0.5325,
      1.49,
      0.585,
      1.5425,
      0.64,
      1.595,
      0.6925,
      1.6475,
      0.745,
      1.7025,
      0.7975,
      1.755,
      0.8525
    ],
    "SoftwareVersions": "syngo_MR_B17",
    "SpacingBetweenSlices": 3.8,
    "StationName": "MRC35002",
    "TaskName": "RecogConf",
    "TotalReadoutTime": 0.0135451,
    "TxRefAmp": 358.2,
    "dataset": "ds004086",
    "modality": "bold",
    "run_id": 2,
    "subject_id": "002",
    "task_id": "RecogConf"
  },
  "dummy_trs": 0,
  "dvars_nstd": 22.12305839611335,
  "dvars_std": 1.020883982064777,
  "dvars_vstd": 0.9682837756275308,
  "efc": 0.49050893710006893,
  "fber": 1817.0093994140625,
  "fd_mean": 0.12458500888936658,
  "fd_num": 24,
  "fd_perc": 9.67741935483871,
  "fwhm_avg": 1.9607323122250275,
  "fwhm_x": 1.8613626666666667,
  "fwhm_y": 2.0768026666666666,
  "fwhm_z": 1.9440316033417502,
  "gcor": 0.0251985,
  "gsr_x": -0.008099722675979137,
  "gsr_y": 0.023867473006248474,
  "provenance": {
    "md5sum": "a88468fc486681f030bc2a8aa3e58211",
    "settings": {
      "fd_thres": 0.2,
      "testing": false
    },
    "software": "mriqc",
    "version": "23.0.0",
    "webapi_port": null,
    "webapi_url": "https://mriqc.nimh.nih.gov/api/v1"
  },
  "size_t": 248,
  "size_x": 64,
  "size_y": 64,
  "size_z": 34,
  "snr": 6.009220581017018,
  "spacing_tr": 1.7999999523162842,
  "spacing_x": 3.75,
  "spacing_y": 3.75,
  "spacing_z": 3.799999952316284,
  "summary_bg_k": 60.837841408400486,
  "summary_bg_mad": 6.342908622663671,
  "summary_bg_mean": 31.426551818847656,
  "summary_bg_median": 18.032257080078125,
  "summary_bg_n": 86921.0,
  "summary_bg_p05": 12.584676742553711,
  "summary_bg_p95": 98.03628540039062,
  "summary_bg_stdv": 42.94300079345703,
  "summary_fg_k": 1.5668056651777231,
  "summary_fg_mad": 110.4807863089411,
  "summary_fg_mean": 761.99658203125,
  "summary_fg_median": 762.3709716796875,
  "summary_fg_n": 22740.0,
  "summary_fg_p05": 553.5681396484375,
  "summary_fg_p95": 967.3876892089844,
  "summary_fg_stdv": 126.86407470703125,
  "tsnr": 54.9737888276577
}