{
  "aor": 0.0009263306451612903,
  "aqi": 0.00712963435483871,
  "bids_meta": {
    "AcquisitionMatrixPE": 64,
    "AcquisitionNumber": 1,
    "AcquisitionTime": "10:36:50.472500",
    "BandwidthPerPixelPhaseEncode": 72.674,
    "BaseResolution": 64,
    "CoilString": "T:HEA;HEP",
    "ConversionSoftware": "dcm2niix",
    "ConversionSoftwareVersion": "v1.0.20190902",
    "DerivedVendorReportedEchoSpacing": 0.000430002,
    "DeviceSerialNumber": "35002",
    "DwellTime": 2.7e-06,
    "EchoTime": 0.031,
    "EffectiveEchoSpacing": 0.000215001,
    "FlipAngle": 90,
    "ImageOrientationPatientDICOM": [
      1,
      0,
      0,
      0,
      1,
      0
    ],
    "ImageType": [
      "ORIGINAL",
      "PRIMARY",
      "M",
      "ND",
      "MOSAIC"
    ],
    "ImagingFrequency": 123.263,
    "InPlanePhaseEncodingDirectionDICOM": "COL",
    "InstitutionAddress": "University_Pkwy_1700_North_685_Provo_AEC1C0_UT_US_84601",
    "InstitutionName": "Brigham_Young_University",
    "InstitutionalDepartmentName": "MRI",
    "MRAcquisitionType": "2D",
    "MagneticFieldStrength": 3,
    "Manufacturer": "Siemens",
    "ManufacturersModelName": "TrioTim",
    "Modality": "MR",
    "ParallelReductionFactorInPlane": 2,
    "PartialFourier": 1,
    "PatientPosition": "HFS",
    "PercentPhaseFOV": 100,
    "PhaseEncodingDirection": "j-",
    "PhaseEncodingSteps": 63,
    "PhaseResolution": 1,
    "PixelBandwidth": 2894,
    "ProcedureStepDescription": "Research_KIRWAN",
    "ProtocolName": "Daselaar_run1",
    "PulseSequenceDetails": "%CustomerSeq%_ep2d_bold_PMU",
    "ReceiveCoilName": "HeadMatrix",
    "ReconMatrixPE": 64,
    "RefLinesPE": 24,
    "RepetitionTime": 1.8,
    "SAR": 0.181515,
    "ScanOptions": "FS",
    "ScanningSequence": "EP",
    "SequenceName": "epfid2d1_64",
    "SequenceVariant": "SK",
    "SeriesDescription": "Daselaar_run1",
    "SeriesNumber": 5,
    "ShimSetting": [
      -2781,
      -22706,
      2276,
      419,
      -58,
      -403,
      -783,
      447
    ],
    "SliceThickness": 3.8,
    "SliceTiming": [
      0.9025,
      0,
      0.9575,
      0.0525,
      1.01,
      0.1075,
      1.0625,
      0.16,
      1.115,
      0.2125,
      1.17,
      0.265,
      1.2225,
      0.32,
      1.275,
      0.3725,
      1.3275,
      0.425,
      1.3825,
      0.4775,
      1.435,
      0.5325,
      1.4875,
      0.585,
      1.54,
      0.6375,
      1.595,
      0.69,
      1.6475,
      0.745,
      1.7,
      0.7975,
      1.755,
      0.85
    ],
    "SoftwareVersions": "syngo_MR_B17",
    "SpacingBetweenSlices": 3.8,
    "StationName": "MRC35002",
    "TaskName": "RecogConf",
    "TotalReadoutTime": 0.0135451,
    "TxRefAmp": 388.6,
    "dataset": "ds004086",
    "modality": "bold",
    "run_id": 1,
    "subject_id": "059",
    "task_id": "RecogConf"
  },
  "dummy_trs": 0,
  "dvars_nstd": 25.253302686153845,
  "dvars_std": 1.0527370754655874,
  "dvars_vstd": 0.9801425620647777,
  "efc": 0.500162042909075,
  "fber": 1169.9520263671875,
  "fd_mean": 0.07348548767466832,
  "fd_num": 1,
  "fd_perc": 0.4032258064516129,
  "fwhm_avg": 1.9652093531701775,
  "fwhm_x": 1.883752,
  "fwhm_y": 2.0655786666666667,
  "fwhm_z": 1.9462973928438663,
  "gcor": 0.00442892,
  "gsr_x": -0.008646930567920208,
  "gsr_y": 0.021701419726014137,
  "provenance": {
    "md5sum": "628ab9e168e7bc33c61009338df90e87",
    "settings": {
      "fd_thres": 0.2,
      "testing": false
    },
    "software": "mriqc",
    "version": "23.0.0",
    "webapi_port": null,
    "webapi_url": "https://mriqc.nimh.nih.gov/api/v1"
  },
  "size_t": 248,
  "size_x": 64,
  "size_y": 64,
  "size_z": 34,
  "snr": 5.262031568073288,
  "spacing_tr": 1.7999999523162842,
  "spacing_x": 3.75,
  "spacing_y": 3.75,
  "spacing_z": 3.799999952316284,
  "summary_bg_k": 26.15042328460617,
  "summary_bg_mad": 8.465180819379627,
  "summary_bg_mean": 40.216346740722656,
  "summary_bg_median": 20.81854820251465,
  "summary_bg_n": 89392.0,
  "summary_bg_p05": 13.911290168762207,
  "summary_bg_p95": 141.63809890747063,
  "summary_bg_stdv": 54.966609954833984,
  "summary_fg_k": 0.9866123061317436,
  "summary_fg_mad": 125.80600131250215,
  "summary_fg_mean": 726.9180908203125,
  "summary_fg_median": 716.2862548828125,
  "summary_fg_n": 21145.0,
  "summary_fg_p05": 527.4379028320312,
  "summary_fg_p95": 959.187890625,
  "summary_fg_stdv": 136.12030029296875,
  "tsnr": 53.19645151263103
}