{
  "aor": 0.0005571370967741936,
  "aqi": 0.004554904274193548,
  "bids_meta": {
    "AcquisitionMatrixPE": 64,
    "AcquisitionNumber": 1,
    "AcquisitionTime": "10:52:36.985000",
    "BandwidthPerPixelPhaseEncode": 72.674,
    "BaseResolution": 64,
    "CoilString": "T:HEA;HEP",
    "ConversionSoftware": "dcm2niix",
    "ConversionSoftwareVersion": "v1.0.20190902",
    "DerivedVendorReportedEchoSpacing": 0.000430002,
    "DeviceSerialNumber": "35002",
    "DwellTime": 2.7e-06,
    "EchoTime": 0.031,
    "EffectiveEchoSpacing": 0.000215001,
    "FlipAngle": 90,
    "ImageOrientationPatientDICOM": [
      1,
      0,
      0,
      0,
      1,
      0
    ],
    "ImageType": [
      "ORIGINAL",
      "PRIMARY",
      "M",
      "ND",
      "MOSAIC"
    ],
    "ImagingFrequency": 123.263,
    "InPlanePhaseEncodingDirectionDICOM": "COL",
    "InstitutionAddress": "University_Pkwy_1700_North_685_Provo_AEC1C0_UT_US_84601",
    "InstitutionName": "Brigham_Young_University",
    "InstitutionalDepartmentName": "MRI",
    "MRAcquisitionType": "2D",
    "MagneticFieldStrength": 3,
    "Manufacturer": "Siemens",
    "ManufacturersModelName": "TrioTim",
    "Modality": "MR",
    "ParallelReductionFactorInPlane": 2,
    "PartialFourier": 1,
    "PatientPosition": "HFS",
    "PercentPhaseFOV": 100,
    "PhaseEncodingDirection": "j-",
    "PhaseEncodingSteps": 63,
    "PhaseResolution": 1,
    "PixelBandwidth": 2894,
    "ProcedureStepDescription": "Research_KIRWAN",
    "ProtocolName": "Daselaar_run3",
    "PulseSequenceDetails": "%CustomerSeq%_ep2d_bold_PMU",
    "ReceiveCoilName": "HeadMatrix",
    "ReconMatrixPE": 64,
    "RefLinesPE": 24,
    "RepetitionTime": 1.8,
    "SAR": 0.181515,
    "ScanOptions": "FS",
    "ScanningSequence": "EP",
    "SequenceName": "epfid2d1_64",
    "SequenceVariant": "SK",
    "SeriesDescription": "Daselaar_run3",
    "SeriesNumber": 7,
    "ShimSetting": [
      -2781,
      -22706,
      2276,
      419,
      -58,
      -403,
      -783,
      447
    ],
    "SliceThickness": 3.8,
    "SliceTiming": [
      0.905,
      0,
      0.9575,
      0.0525,
      1.01,
      0.1075,
      1.0625,
      0.16,
      1.1175,
      0.2125,
      1.17,
      0.265,
      1.2225,
      0.32,
      1.275,
      0.3725,
      1.33,
      0.425,
      1.3825,
      0.4775,
      1.435,
      0.5325,
      1.4875,
      0.585,
      1.5425,
      0.6375,
      1.595,
      0.69,
      1.6475,
      0.745,
      1.7,
      0.7975,
      1.755,
      0.85
    ],
    "SoftwareVersions": "syngo_MR_B17",
    "SpacingBetweenSlices": 3.8,
    "StationName": "MRC35002",
    "TaskName": "RecogConf",
    "TotalReadoutTime": 0.0135451,
    "TxRefAmp": 388.6,
    "dataset": "ds004086",
    "modality": "bold",
    "run_id": 3,
    "subject_id": "059",
    "task_id": "RecogConf"
  },
  "dummy_trs": 0,
  "dvars_nstd": 24.06353223846156,
  "dvars_std": 1.0696250635627527,
  "dvars_vstd": 1.0027911833198375,
  "efc": 0.49879457988478737,
  "fber": 1203.9964599609375,
  "fd_mean": 0.06294498635916866,
  "fd_num": 3,
  "fd_perc": 1.2096774193548387,
  "fwhm_avg": 1.9338547448650336,
  "fwhm_x": 1.8446133333333334,
  "fwhm_y": 2.0388666666666664,
  "fwhm_z": 1.9180842345951008,
  "gcor": 0.0176887,
  "gsr_x": -0.006806226447224617,
  "gsr_y": 0.01904042810201645,
  "provenance": {
    "md5sum": "a77101840fc2faacd5b5de91c5b31419",
    "settings": {
      "fd_thres": 0.2,
      "testing": false
    },
    "software": "mriqc",
    "version": "23.0.0",
    "webapi_port": null,
    "webapi_url": "https://mriqc.nimh.nih.gov/api/v1"
  },
  "size_t": 248,
  "size_x": 64,
  "size_y": 64,
  "size_z": 34,
  "snr": 5.351522376051873,
  "spacing_tr": 1.7999999523162842,
  "spacing_x": 3.75,
  "spacing_y": 3.75,
  "spacing_z": 3.799999952316284,
  "summary_bg_k": 26.28433583996652,
  "summary_bg_mad": 7.855399688803579,
  "summary_bg_mean": 39.612464904785156,
  "summary_bg_median": 20.395160675048828,
  "summary_bg_n": 89447.0,
  "summary_bg_p05": 13.915322303771973,
  "summary_bg_p95": 144.09515686035135,
  "summary_bg_stdv": 55.693878173828125,
  "summary_fg_k": 1.1265743889601438,
  "summary_fg_mad": 122.8796174536,
  "summary_fg_mean": 725.4010620117188,
  "summary_fg_median": 714.8326416015625,
  "summary_fg_n": 21000.0,
  "summary_fg_p05": 529.0024139404297,
  "summary_fg_p95": 951.6975708007812,
  "summary_fg_stdv": 133.5723876953125,
  "tsnr": 60.44100430584513
}