{
  "aor": 0.0004406854838709677,
  "aqi": 0.003448347137096774,
  "bids_meta": {
    "AcquisitionMatrixPE": 64,
    "AcquisitionNumber": 1,
    "AcquisitionTime": "09:46:43.025000",
    "BandwidthPerPixelPhaseEncode": 72.674,
    "BaseResolution": 64,
    "CoilString": "T:HEA;HEP",
    "ConversionSoftware": "dcm2niix",
    "ConversionSoftwareVersion": "v1.0.20190902",
    "DerivedVendorReportedEchoSpacing": 0.000430002,
    "DeviceSerialNumber": "35002",
    "DwellTime": 2.7e-06,
    "EchoTime": 0.031,
    "EffectiveEchoSpacing": 0.000215001,
    "FlipAngle": 90,
    "ImageOrientationPatientDICOM": [
      1,
      0,
      0,
      0,
      1,
      0
    ],
    "ImageType": [
      "ORIGINAL",
      "PRIMARY",
      "M",
      "ND",
      "MOSAIC"
    ],
    "ImagingFrequency": 123.263,
    "InPlanePhaseEncodingDirectionDICOM": "COL",
    "InstitutionAddress": "University_Pkwy_1700_North_685_Provo_AEC1C0_UT_US_84601",
    "InstitutionName": "Brigham_Young_University",
    "InstitutionalDepartmentName": "MRI",
    "MRAcquisitionType": "2D",
    "MagneticFieldStrength": 3,
    "Manufacturer": "Siemens",
    "ManufacturersModelName": "TrioTim",
    "Modality": "MR",
    "ParallelReductionFactorInPlane": 2,
    "PartialFourier": 1,
    "PatientPosition": "HFS",
    "PercentPhaseFOV": 100,
    "PhaseEncodingDirection": "j-",
    "PhaseEncodingSteps": 63,
    "PhaseResolution": 1,
    "PixelBandwidth": 2894,
    "ProcedureStepDescription": "Research_KIRWAN",
    "ProtocolName": "Daselaar_run2",
    "PulseSequenceDetails": "%CustomerSeq%_ep2d_bold_PMU",
    "ReceiveCoilName": "HeadMatrix",
    "ReconMatrixPE": 64,
    "RefLinesPE": 24,
    "RepetitionTime": 1.8,
    "SAR": 0.148986,
    "ScanOptions": "FS",
    "ScanningSequence": "EP",
    "SequenceName": "epfid2d1_64",
    "SequenceVariant": "SK",
    "SeriesDescription": "Daselaar_run2",
    "SeriesNumber": 6,
    "ShimSetting": [
      -2820,
      -22899,
      2254,
      450,
      -263,
      157,
      -591,
      288
    ],
    "SliceThickness": 3.8,
    "SliceTiming": [
      0.9025,
      0,
      0.955,
      0.0525,
      1.01,
      0.105,
      1.0625,
      0.1575,
      1.115,
      0.2125,
      1.1675,
      0.265,
      1.2225,
      0.3175,
      1.275,
      0.37,
      1.3275,
      0.425,
      1.38,
      0.4775,
      1.435,
      0.53,
      1.4875,
      0.5825,
      1.54,
      0.6375,
      1.5925,
      0.69,
      1.6475,
      0.7425,
      1.7,
      0.795,
      1.7525,
      0.85
    ],
    "SoftwareVersions": "syngo_MR_B17",
    "SpacingBetweenSlices": 3.8,
    "StationName": "MRC35002",
    "TaskName": "RecogConf",
    "TotalReadoutTime": 0.0135451,
    "TxRefAmp": 334.693,
    "dataset": "ds004086",
    "modality": "bold",
    "run_id": 2,
    "subject_id": "051",
    "task_id": "RecogConf"
  },
  "dummy_trs": 0,
  "dvars_nstd": 19.265268542024298,
  "dvars_std": 1.0576141251012143,
  "dvars_vstd": 1.0023015714979755,
  "efc": 0.44067795370665885,
  "fber": 2128.4169921875,
  "fd_mean": 0.07356521623127169,
  "fd_num": 0,
  "fd_perc": 0.0,
  "fwhm_avg": 1.8939507799502104,
  "fwhm_x": 1.7984746666666667,
  "fwhm_y": 1.9659013333333335,
  "fwhm_z": 1.9174763398506307,
  "gcor": 0.0216592,
  "gsr_x": -0.012299031019210815,
  "gsr_y": 0.005971306469291449,
  "provenance": {
    "md5sum": "484c7dc0d6a7c59c4fa266a3b5eb424d",
    "settings": {
      "fd_thres": 0.2,
      "testing": false
    },
    "software": "mriqc",
    "version": "23.0.0",
    "webapi_port": null,
    "webapi_url": "https://mriqc.nimh.nih.gov/api/v1"
  },
  "size_t": 248,
  "size_x": 64,
  "size_y": 64,
  "size_z": 34,
  "snr": 6.111803494656326,
  "spacing_tr": 1.7999999523162842,
  "spacing_x": 3.75,
  "spacing_y": 3.75,
  "spacing_z": 3.799999952316284,
  "summary_bg_k": 81.69254047041633,
  "summary_bg_mad": 5.045628853631955,
  "summary_bg_mean": 28.868927001953125,
  "summary_bg_median": 16.358869552612305,
  "summary_bg_n": 94901.0,
  "summary_bg_p05": 12.024192810058594,
  "summary_bg_p95": 84.83064270019531,
  "summary_bg_stdv": 45.117000579833984,
  "summary_fg_k": 1.2872302026342117,
  "summary_fg_mad": 114.7581534332961,
  "summary_fg_mean": 761.7392578125,
  "summary_fg_median": 758.040283203125,
  "summary_fg_n": 16475.0,
  "summary_fg_p05": 565.8616882324219,
  "summary_fg_p95": 960.9749816894531,
  "summary_fg_stdv": 124.02513885498047,
  "tsnr": 75.35238041798584
}