{
  "aor": 0.0007041129032258064,
  "aqi": 0.0035073801612903223,
  "bids_meta": {
    "AcquisitionMatrixPE": 64,
    "AcquisitionNumber": 1,
    "AcquisitionTime": "10:02:24.610000",
    "BandwidthPerPixelPhaseEncode": 72.674,
    "BaseResolution": 64,
    "CoilString": "T:HEA;HEP",
    "ConversionSoftware": "dcm2niix",
    "ConversionSoftwareVersion": "v1.0.20190902",
    "DerivedVendorReportedEchoSpacing": 0.000430002,
    "DeviceSerialNumber": "35002",
    "DwellTime": 2.7e-06,
    "EchoTime": 0.031,
    "EffectiveEchoSpacing": 0.000215001,
    "FlipAngle": 90,
    "ImageOrientationPatientDICOM": [
      1,
      0,
      0,
      0,
      1,
      0
    ],
    "ImageType": [
      "ORIGINAL",
      "PRIMARY",
      "M",
      "ND",
      "MOSAIC"
    ],
    "ImagingFrequency": 123.263,
    "InPlanePhaseEncodingDirectionDICOM": "COL",
    "InstitutionAddress": "University_Pkwy_1700_North_685_Provo_AEC1C0_UT_US_84601",
    "InstitutionName": "Brigham_Young_University",
    "InstitutionalDepartmentName": "MRI",
    "MRAcquisitionType": "2D",
    "MagneticFieldStrength": 3,
    "Manufacturer": "Siemens",
    "ManufacturersModelName": "TrioTim",
    "Modality": "MR",
    "ParallelReductionFactorInPlane": 2,
    "PartialFourier": 1,
    "PatientPosition": "HFS",
    "PercentPhaseFOV": 100,
    "PhaseEncodingDirection": "j-",
    "PhaseEncodingSteps": 63,
    "PhaseResolution": 1,
    "PixelBandwidth": 2894,
    "ProcedureStepDescription": "Research_KIRWAN",
    "ProtocolName": "Daselaar_run4",
    "PulseSequenceDetails": "%CustomerSeq%_ep2d_bold_PMU",
    "ReceiveCoilName": "HeadMatrix",
    "ReconMatrixPE": 64,
    "RefLinesPE": 24,
    "RepetitionTime": 1.8,
    "SAR": 0.148986,
    "ScanOptions": "FS",
    "ScanningSequence": "EP",
    "SequenceName": "epfid2d1_64",
    "SequenceVariant": "SK",
    "SeriesDescription": "Daselaar_run4",
    "SeriesNumber": 8,
    "ShimSetting": [
      -2820,
      -22899,
      2254,
      450,
      -263,
      157,
      -591,
      288
    ],
    "SliceThickness": 3.8,
    "SliceTiming": [
      0.905,
      0,
      0.9575,
      0.055,
      1.01,
      0.1075,
      1.0625,
      0.16,
      1.1175,
      0.2125,
      1.17,
      0.2675,
      1.2225,
      0.32,
      1.275,
      0.3725,
      1.33,
      0.425,
      1.3825,
      0.48,
      1.435,
      0.5325,
      1.49,
      0.585,
      1.5425,
      0.6375,
      1.595,
      0.6925,
      1.6475,
      0.745,
      1.7025,
      0.7975,
      1.755,
      0.85
    ],
    "SoftwareVersions": "syngo_MR_B17",
    "SpacingBetweenSlices": 3.8,
    "StationName": "MRC35002",
    "TaskName": "RecogConf",
    "TotalReadoutTime": 0.0135451,
    "TxRefAmp": 334.693,
    "dataset": "ds004086",
    "modality": "bold",
    "run_id": 4,
    "subject_id": "051",
    "task_id": "RecogConf"
  },
  "dummy_trs": 0,
  "dvars_nstd": 19.336961043643715,
  "dvars_std": 1.0559904476923068,
  "dvars_vstd": 1.0057312047773272,
  "efc": 0.4414939464060085,
  "fber": 2138.044677734375,
  "fd_mean": 0.07997735566185275,
  "fd_num": 7,
  "fd_perc": 2.8225806451612905,
  "fwhm_avg": 1.8878172009838323,
  "fwhm_x": 1.800256,
  "fwhm_y": 1.950264,
  "fwhm_z": 1.9129316029514967,
  "gcor": 0.0506819,
  "gsr_x": -0.012480273842811584,
  "gsr_y": 0.005885753780603409,
  "provenance": {
    "md5sum": "3fe99023377be279c2ab7a66006656ae",
    "settings": {
      "fd_thres": 0.2,
      "testing": false
    },
    "software": "mriqc",
    "version": "23.0.0",
    "webapi_port": null,
    "webapi_url": "https://mriqc.nimh.nih.gov/api/v1"
  },
  "size_t": 248,
  "size_x": 64,
  "size_y": 64,
  "size_z": 34,
  "snr": 6.053401399982371,
  "spacing_tr": 1.7999999523162842,
  "spacing_x": 3.75,
  "spacing_y": 3.75,
  "spacing_z": 3.799999952316284,
  "summary_bg_k": 81.84478221602681,
  "summary_bg_mad": 4.884217199481583,
  "summary_bg_mean": 29.196422576904297,
  "summary_bg_median": 16.282257080078125,
  "summary_bg_n": 94771.0,
  "summary_bg_p05": 12.137096405029297,
  "summary_bg_p95": 86.73789978027344,
  "summary_bg_stdv": 46.5075798034668,
  "summary_fg_k": 1.2764537317937226,
  "summary_fg_mad": 114.91958912408064,
  "summary_fg_mean": 761.3142700195312,
  "summary_fg_median": 757.149169921875,
  "summary_fg_n": 16519.0,
  "summary_fg_p05": 566.0475341796875,
  "summary_fg_p95": 964.5302124023438,
  "summary_fg_stdv": 125.07451629638672,
  "tsnr": 72.89277018606663
}