{
  "bids_meta": {
    "AcquisitionMatrixPE": 215,
    "AcquisitionNumber": 1,
    "AcquisitionTime": "10:34:28.215000",
    "BaseResolution": 256,
    "CoilString": "C:HEA;HEP",
    "ConversionSoftware": "dcm2niix",
    "ConversionSoftwareVersion": "v1.0.20190902",
    "DeviceSerialNumber": "35002",
    "DwellTime": 9.8e-06,
    "EchoTime": 0.00226,
    "FlipAngle": 9,
    "ImageOrientationPatientDICOM": [
      0,
      1,
      1e-16,
      -0.00349062,
      0,
      -0.999994
    ],
    "ImageType": [
      "ORIGINAL",
      "PRIMARY",
      "M",
      "ND",
      "NORM"
    ],
    "ImagingFrequency": 123.263,
    "InPlanePhaseEncodingDirectionDICOM": "ROW",
    "InstitutionAddress": "University_Pkwy_1700_North_685_Provo_AEC1C0_UT_US_84601",
    "InstitutionName": "Brigham_Young_University",
    "InstitutionalDepartmentName": "MRI",
    "InversionTime": 0.9,
    "MRAcquisitionType": "3D",
    "MagneticFieldStrength": 3,
    "Manufacturer": "Siemens",
    "ManufacturersModelName": "TrioTim",
    "Modality": "MR",
    "PartialFourier": 0.875,
    "PatientPosition": "HFS",
    "PercentPhaseFOV": 87.5,
    "PhaseEncodingSteps": 227,
    "PhaseOversampling": 0.2,
    "PhaseResolution": 0.96,
    "PixelBandwidth": 199,
    "ProcedureStepDescription": "Research_KIRWAN",
    "ProtocolName": "t1_mpr_sag_iso_(mprage)",
    "PulseSequenceDetails": "%SiemensSeq%_tfl",
    "ReceiveCoilName": "HeadMatrix",
    "ReconMatrixPE": 224,
    "RepetitionTime": 1.9,
    "SAR": 0.0913119,
    "ScanOptions": "IR_PFP",
    "ScanningSequence": "GR_IR",
    "SequenceName": "_tfl3d1_ns",
    "SequenceVariant": "SP_MP_OSP",
    "SeriesDescription": "t1_mpr_sag_iso_(mprage)",
    "SeriesNumber": 2,
    "ShimSetting": [
      -2768,
      -22810,
      1838,
      -69,
      10,
      173,
      -426,
      363
    ],
    "SliceThickness": 1,
    "SoftwareVersions": "syngo_MR_B17",
    "StationName": "MRC35002",
    "TxRefAmp": 336.571,
    "dataset": "ds004086",
    "modality": "T1w",
    "subject_id": "047"
  },
  "cjv": 0.33924685767916224,
  "cnr": 4.104198326027353,
  "efc": 0.5689636159528106,
  "fber": 15238.90157048941,
  "fwhm_avg": 4.543114705441599,
  "fwhm_x": 4.411326836324796,
  "fwhm_y": 4.88429568,
  "fwhm_z": 4.3337216,
  "icvs_csf": 0.17479363682356308,
  "icvs_gm": 0.46250539140413793,
  "icvs_wm": 0.362700971772299,
  "inu_med": 0.43950048089027405,
  "inu_range": 0.17342901229858398,
  "provenance": {
    "md5sum": "7622c18824560f59f3f7a45c44b94f94",
    "settings": {
      "testing": false
    },
    "software": "mriqc",
    "version": "23.0.0",
    "warnings": {
      "large_rot_frame": true,
      "small_air_mask": false
    },
    "webapi_port": null,
    "webapi_url": "https://mriqc.nimh.nih.gov/api/v1"
  },
  "qi_1": 0.0,
  "qi_2": 0.005394772629748019,
  "rpve_csf": 23.120603514185863,
  "rpve_gm": 9.855305942206225,
  "rpve_wm": 14.099022349518505,
  "size_x": 176,
  "size_y": 224,
  "size_z": 256,
  "snr_csf": 2.4167633335995697,
  "snr_gm": 14.627875833504357,
  "snr_total": 13.806097889618533,
  "snr_wm": 24.37365450175167,
  "snrd_csf": 22.195520046177236,
  "snrd_gm": 54.19139488076484,
  "snrd_total": 50.14112457788662,
  "snrd_wm": 74.03645880671779,
  "spacing_x": 0.9999984502792358,
  "spacing_y": 0.9765625,
  "spacing_z": 0.9765625,
  "summary_bg_k": 8.508388839980233,
  "summary_bg_mad": 0.0,
  "summary_bg_mean": 5.763891007892298,
  "summary_bg_median": 0.0,
  "summary_bg_n": 2890008.0,
  "summary_bg_p05": 0.0,
  "summary_bg_p95": 24.047150999307632,
  "summary_bg_stdv": 8.849182485112461,
  "summary_csf_k": 1.857425317859823,
  "summary_csf_mad": 105.18028583884734,
  "summary_csf_mean": 305.4958633722986,
  "summary_csf_median": 299.8035328835249,
  "summary_csf_n": 23374.0,
  "summary_csf_p05": 86.84872198328377,
  "summary_csf_p95": 520.0550038173792,
  "summary_csf_stdv": 124.0490185624639,
  "summary_gm_k": -0.002295405124594918,
  "summary_gm_mad": 50.97355309276734,
  "summary_gm_mean": 731.1149976497231,
  "summary_gm_median": 731.9842744544148,
  "summary_gm_n": 48686.0,
  "summary_gm_p05": 647.7799532264471,
  "summary_gm_p95": 810.72690615803,
  "summary_gm_stdv": 50.0398530413584,
  "summary_wm_k": 0.2756956919977349,
  "summary_wm_mad": 39.963265624729594,
  "summary_wm_mean": 1001.7783508902039,
  "summary_wm_median": 1000.0392811819911,
  "summary_wm_n": 216578.0,
  "summary_wm_p05": 937.4459616690874,
  "summary_wm_p95": 1071.8663923367858,
  "summary_wm_stdv": 41.029422665349465,
  "tpm_overlap_csf": 0.1523476036044521,
  "tpm_overlap_gm": 0.4715569235364912,
  "tpm_overlap_wm": 0.5038072818095239,
  "wm2max": 0.45830407145300994
}