{
  "bids_meta": {
    "AcquisitionMatrixPE": 215,
    "AcquisitionNumber": 1,
    "AcquisitionTime": "16:13:40.755000",
    "BaseResolution": 256,
    "CoilString": "C:HEA;HEP",
    "ConversionSoftware": "dcm2niix",
    "ConversionSoftwareVersion": "v1.0.20190902",
    "DeviceSerialNumber": "35002",
    "DwellTime": 9.8e-06,
    "EchoTime": 0.00226,
    "FlipAngle": 9,
    "ImageOrientationPatientDICOM": [
      -0.0854169,
      0.996345,
      0,
      0,
      0,
      -1
    ],
    "ImageType": [
      "ORIGINAL",
      "PRIMARY",
      "M",
      "ND",
      "NORM"
    ],
    "ImagingFrequency": 123.263,
    "InPlanePhaseEncodingDirectionDICOM": "ROW",
    "InstitutionAddress": "University_Pkwy_1700_North_685_Provo_AEC1C0_UT_US_84601",
    "InstitutionName": "Brigham_Young_University",
    "InstitutionalDepartmentName": "MRI",
    "InversionTime": 0.9,
    "MRAcquisitionType": "3D",
    "MagneticFieldStrength": 3,
    "Manufacturer": "Siemens",
    "ManufacturersModelName": "TrioTim",
    "Modality": "MR",
    "PartialFourier": 0.875,
    "PatientPosition": "HFS",
    "PercentPhaseFOV": 87.5,
    "PhaseEncodingSteps": 227,
    "PhaseOversampling": 0.2,
    "PhaseResolution": 0.96,
    "PixelBandwidth": 199,
    "ProcedureStepDescription": "Research_KIRWAN",
    "ProtocolName": "t1_mpr_sag_iso_(mprage)",
    "PulseSequenceDetails": "%SiemensSeq%_tfl",
    "ReceiveCoilName": "HeadMatrix",
    "ReconMatrixPE": 224,
    "RepetitionTime": 1.9,
    "SAR": 0.134574,
    "ScanOptions": "IR_PFP",
    "ScanningSequence": "GR_IR",
    "SequenceName": "_tfl3d1_ns",
    "SequenceVariant": "SP_MP_OSP",
    "SeriesDescription": "t1_mpr_sag_iso_(mprage)",
    "SeriesNumber": 2,
    "ShimSetting": [
      -2768,
      -22810,
      1838,
      -69,
      10,
      173,
      -426,
      363
    ],
    "SliceThickness": 1,
    "SoftwareVersions": "syngo_MR_B17",
    "StationName": "MRC35002",
    "TxRefAmp": 344.329,
    "dataset": "ds004086",
    "modality": "T1w",
    "subject_id": "007"
  },
  "cjv": 0.343424933990183,
  "cnr": 3.991800267584139,
  "efc": 0.6760574864089245,
  "fber": 8978.339156140823,
  "fwhm_avg": 4.821584408228079,
  "fwhm_x": 4.628598344684239,
  "fwhm_y": 5.16768768,
  "fwhm_z": 4.6684672,
  "icvs_csf": 0.18399868115507034,
  "icvs_gm": 0.4282509150020191,
  "icvs_wm": 0.38775040384291054,
  "inu_med": 0.4207659065723419,
  "inu_range": 0.20147279500961301,
  "provenance": {
    "md5sum": "e1d72a07811f09a10d54a864b79a59cf",
    "settings": {
      "testing": false
    },
    "software": "mriqc",
    "version": "23.0.0",
    "warnings": {
      "large_rot_frame": true,
      "small_air_mask": false
    },
    "webapi_port": null,
    "webapi_url": "https://mriqc.nimh.nih.gov/api/v1"
  },
  "qi_1": 0.0,
  "qi_2": 0.008084502369080687,
  "rpve_csf": 15.386316951022833,
  "rpve_gm": 7.264299591887896,
  "rpve_wm": 9.45745142805132,
  "size_x": 176,
  "size_y": 224,
  "size_z": 256,
  "snr_csf": 3.1964642117620667,
  "snr_gm": 13.885418010906285,
  "snr_total": 14.70492000906935,
  "snr_wm": 27.032877804539694,
  "snrd_csf": 26.5862224871551,
  "snrd_gm": 65.098560342367,
  "snrd_total": 59.90643907101967,
  "snrd_wm": 88.03453438353694,
  "spacing_x": 1.0000003576278687,
  "spacing_y": 0.9765625,
  "spacing_z": 0.9765625,
  "summary_bg_k": 5.586328458051399,
  "summary_bg_mad": 0.0,
  "summary_bg_mean": 4.266598934896821,
  "summary_bg_median": 0.0,
  "summary_bg_n": 1625666.0,
  "summary_bg_p05": 0.0,
  "summary_bg_p95": 19.89339843392372,
  "summary_bg_stdv": 7.442123779425644,
  "summary_csf_k": 1.5496910102136505,
  "summary_csf_mad": 78.1528687649778,
  "summary_csf_mean": 311.32515735801525,
  "summary_csf_median": 302.0103272795677,
  "summary_csf_n": 45656.0,
  "summary_csf_p05": 180.0373542867601,
  "summary_csf_p95": 491.6691195219755,
  "summary_csf_stdv": 94.4815895936511,
  "summary_gm_k": -0.013511740015321294,
  "summary_gm_mad": 53.512314600223654,
  "summary_gm_mean": 740.3403055548893,
  "summary_gm_median": 739.4972160458565,
  "summary_gm_n": 54534.0,
  "summary_gm_p05": 654.7047529108822,
  "summary_gm_p95": 829.0175089985132,
  "summary_gm_stdv": 53.2566203830256,
  "summary_wm_k": 0.3106200785512172,
  "summary_wm_mad": 35.96525330108055,
  "summary_wm_mean": 1001.6867687617334,
  "summary_wm_median": 1000.0419786572456,
  "summary_wm_n": 377967.0,
  "summary_wm_p05": 943.9711341261864,
  "summary_wm_p95": 1064.9683233350515,
  "summary_wm_stdv": 36.99349595573166,
  "tpm_overlap_csf": 0.17214697169036042,
  "tpm_overlap_gm": 0.4532707299062713,
  "tpm_overlap_wm": 0.5114326883190133,
  "wm2max": 0.46208985489266335
}