{
  "bids_meta": {
    "AcquisitionMatrixPE": 215,
    "AcquisitionNumber": 1,
    "AcquisitionTime": "11:54:16.255000",
    "BaseResolution": 256,
    "CoilString": "C:HEA;HEP",
    "ConversionSoftware": "dcm2niix",
    "ConversionSoftwareVersion": "v1.0.20190902",
    "DeviceSerialNumber": "35002",
    "DwellTime": 9.8e-06,
    "EchoTime": 0.00226,
    "FlipAngle": 9,
    "ImageOrientationPatientDICOM": [
      0,
      1,
      0,
      0,
      0,
      -1
    ],
    "ImageType": [
      "ORIGINAL",
      "PRIMARY",
      "M",
      "ND",
      "NORM"
    ],
    "ImagingFrequency": 123.263,
    "InPlanePhaseEncodingDirectionDICOM": "ROW",
    "InstitutionAddress": "University_Pkwy_1700_North_685_Provo_AEC1C0_UT_US_84601",
    "InstitutionName": "Brigham_Young_University",
    "InstitutionalDepartmentName": "MRI",
    "InversionTime": 0.9,
    "MRAcquisitionType": "3D",
    "MagneticFieldStrength": 3,
    "Manufacturer": "Siemens",
    "ManufacturersModelName": "TrioTim",
    "Modality": "MR",
    "PartialFourier": 0.875,
    "PatientPosition": "HFS",
    "PercentPhaseFOV": 87.5,
    "PhaseEncodingSteps": 227,
    "PhaseOversampling": 0.2,
    "PhaseResolution": 0.96,
    "PixelBandwidth": 199,
    "ProcedureStepDescription": "Research_KIRWAN",
    "ProtocolName": "t1_mpr_sag_iso_(mprage)",
    "PulseSequenceDetails": "%SiemensSeq%_tfl",
    "ReceiveCoilName": "HeadMatrix",
    "ReconMatrixPE": 224,
    "RepetitionTime": 1.9,
    "SAR": 0.0783993,
    "ScanOptions": "IR_PFP",
    "ScanningSequence": "GR_IR",
    "SequenceName": "_tfl3d1_ns",
    "SequenceVariant": "SP_MP_OSP",
    "SeriesDescription": "t1_mpr_sag_iso_(mprage)",
    "SeriesNumber": 2,
    "ShimSetting": [
      -2768,
      -22810,
      1838,
      -69,
      10,
      173,
      -426,
      363
    ],
    "SliceThickness": 1,
    "SoftwareVersions": "syngo_MR_B17",
    "StationName": "MRC35002",
    "TxRefAmp": 329.239,
    "dataset": "ds004086",
    "modality": "T1w",
    "subject_id": "013"
  },
  "cjv": 0.3344924744197793,
  "cnr": 4.059024180934697,
  "efc": 0.570966312928566,
  "fber": 12981.38872452334,
  "fwhm_avg": 4.636582293333333,
  "fwhm_x": 4.33548,
  "fwhm_y": 5.06624,
  "fwhm_z": 4.50802688,
  "icvs_csf": 0.1721059208384436,
  "icvs_gm": 0.4425163429557725,
  "icvs_wm": 0.3853777362057839,
  "inu_med": 0.3720075339078903,
  "inu_range": 0.14180753976106641,
  "provenance": {
    "md5sum": "08f3fda6f112b88fd9fdd160093ae8dc",
    "settings": {
      "testing": false
    },
    "software": "mriqc",
    "version": "23.0.0",
    "warnings": {
      "large_rot_frame": true,
      "small_air_mask": false
    },
    "webapi_port": null,
    "webapi_url": "https://mriqc.nimh.nih.gov/api/v1"
  },
  "qi_1": 0.0,
  "qi_2": 0.006837900119313705,
  "rpve_csf": 22.364878277781504,
  "rpve_gm": 9.856194127444082,
  "rpve_wm": 13.183294620777247,
  "size_x": 176,
  "size_y": 224,
  "size_z": 256,
  "snr_csf": 3.048392781192457,
  "snr_gm": 14.687187706677001,
  "snr_total": 15.517497558051373,
  "snr_wm": 28.816912186284657,
  "snrd_csf": 28.943885734918126,
  "snrd_gm": 68.73606667095189,
  "snrd_total": 63.184839759873,
  "snrd_wm": 91.87456687374898,
  "spacing_x": 1.0,
  "spacing_y": 0.9765625,
  "spacing_z": 0.9765625,
  "summary_bg_k": 5.131912755269452,
  "summary_bg_mad": 0.0,
  "summary_bg_mean": 4.867553104655595,
  "summary_bg_median": 0.0,
  "summary_bg_n": 2469922.0,
  "summary_bg_p05": 0.0,
  "summary_bg_p95": 19.02296780794859,
  "summary_bg_stdv": 7.131063127808258,
  "summary_csf_k": 1.1185340804550226,
  "summary_csf_mad": 80.77285833294395,
  "summary_csf_mean": 321.43207335569,
  "summary_csf_median": 315.0499290525913,
  "summary_csf_n": 22922.0,
  "summary_csf_p05": 154.44349025934935,
  "summary_csf_p95": 509.7991027235985,
  "summary_csf_stdv": 103.34726505851351,
  "summary_gm_k": 0.019202520769514564,
  "summary_gm_mad": 51.10741187129712,
  "summary_gm_mean": 746.9590936114379,
  "summary_gm_median": 748.1819520145655,
  "summary_gm_n": 42301.0,
  "summary_gm_p05": 661.4487229809165,
  "summary_gm_p95": 828.2181103080511,
  "summary_gm_stdv": 50.940528803409975,
  "summary_wm_k": 0.5783177287824492,
  "summary_wm_mad": 33.13758290582316,
  "summary_wm_mean": 1001.1566357195296,
  "summary_wm_median": 1000.0411154329777,
  "summary_wm_n": 264339.0,
  "summary_wm_p05": 946.6288948059082,
  "summary_wm_p95": 1059.9860615059733,
  "summary_wm_stdv": 34.703205443325125,
  "tpm_overlap_csf": 0.1546259104374306,
  "tpm_overlap_gm": 0.46142749718051923,
  "tpm_overlap_wm": 0.5158521045039846,
  "wm2max": 0.44796996355872937
}