{
  "bids_meta": {
    "AcquisitionMatrixPE": 215,
    "AcquisitionNumber": 1,
    "AcquisitionTime": "11:40:1.290000",
    "BaseResolution": 256,
    "CoilString": "C:HEA;HEP",
    "ConversionSoftware": "dcm2niix",
    "ConversionSoftwareVersion": "v1.0.20190902",
    "DeviceSerialNumber": "35002",
    "DwellTime": 9.8e-06,
    "EchoTime": 0.00226,
    "FlipAngle": 9,
    "ImageOrientationPatientDICOM": [
      0,
      1,
      0,
      0,
      0,
      -1
    ],
    "ImageType": [
      "ORIGINAL",
      "PRIMARY",
      "M",
      "ND",
      "NORM"
    ],
    "ImagingFrequency": 123.263,
    "InPlanePhaseEncodingDirectionDICOM": "ROW",
    "InstitutionAddress": "University_Pkwy_1700_North_685_Provo_AEC1C0_UT_US_84601",
    "InstitutionName": "Brigham_Young_University",
    "InstitutionalDepartmentName": "MRI",
    "InversionTime": 0.9,
    "MRAcquisitionType": "3D",
    "MagneticFieldStrength": 3,
    "Manufacturer": "Siemens",
    "ManufacturersModelName": "TrioTim",
    "Modality": "MR",
    "PartialFourier": 0.875,
    "PatientPosition": "HFS",
    "PercentPhaseFOV": 87.5,
    "PhaseEncodingSteps": 227,
    "PhaseOversampling": 0.2,
    "PhaseResolution": 0.96,
    "PixelBandwidth": 199,
    "ProcedureStepDescription": "Research_KIRWAN",
    "ProtocolName": "t1_mpr_sag_iso_(mprage)",
    "PulseSequenceDetails": "%SiemensSeq%_tfl",
    "ReceiveCoilName": "HeadMatrix",
    "ReconMatrixPE": 224,
    "RepetitionTime": 1.9,
    "SAR": 0.114751,
    "ScanOptions": "IR_PFP",
    "ScanningSequence": "GR_IR",
    "SequenceName": "_tfl3d1_ns",
    "SequenceVariant": "SP_MP_OSP",
    "SeriesDescription": "t1_mpr_sag_iso_(mprage)",
    "SeriesNumber": 2,
    "ShimSetting": [
      -2768,
      -22810,
      1838,
      -69,
      10,
      173,
      -426,
      363
    ],
    "SliceThickness": 1,
    "SoftwareVersions": "syngo_MR_B17",
    "StationName": "MRC35002",
    "TxRefAmp": 337.092,
    "dataset": "ds004086",
    "modality": "T1w",
    "subject_id": "041"
  },
  "cjv": 0.34630825032709306,
  "cnr": 3.9227389568760236,
  "efc": 0.6094026830467769,
  "fber": 13713.165494276796,
  "fwhm_avg": 4.573975413333334,
  "fwhm_x": 4.40198,
  "fwhm_y": 4.9142988800000005,
  "fwhm_z": 4.40564736,
  "icvs_csf": 0.1928892296124733,
  "icvs_gm": 0.45455944284022964,
  "icvs_wm": 0.352551327547297,
  "inu_med": 0.4492694139480591,
  "inu_range": 0.18890098929405208,
  "provenance": {
    "md5sum": "df41c14a0049b317ac0d996b55e11c3b",
    "settings": {
      "testing": false
    },
    "software": "mriqc",
    "version": "23.0.0",
    "warnings": {
      "large_rot_frame": true,
      "small_air_mask": false
    },
    "webapi_port": null,
    "webapi_url": "https://mriqc.nimh.nih.gov/api/v1"
  },
  "qi_1": 0.0,
  "qi_2": 0.007105842778940294,
  "rpve_csf": 20.974896896846552,
  "rpve_gm": 9.627986132752392,
  "rpve_wm": 13.844979036626365,
  "size_x": 176,
  "size_y": 224,
  "size_z": 256,
  "snr_csf": 2.584868968555482,
  "snr_gm": 15.333861393165986,
  "snr_total": 14.77810106369347,
  "snr_wm": 26.415572829358936,
  "snrd_csf": 25.493795881543818,
  "snrd_gm": 62.8203366029327,
  "snrd_total": 57.191049032668325,
  "snrd_wm": 83.25901461352845,
  "spacing_x": 1.0,
  "spacing_y": 0.9765625,
  "spacing_z": 0.9765625,
  "summary_bg_k": 5.930365741710929,
  "summary_bg_mad": 0.0,
  "summary_bg_mean": 4.971927228623632,
  "summary_bg_median": 0.0,
  "summary_bg_n": 1866415.0,
  "summary_bg_p05": 0.0,
  "summary_bg_p95": 22.31752883642912,
  "summary_bg_stdv": 7.8689668873574075,
  "summary_csf_k": 1.2322814827405786,
  "summary_csf_mad": 81.3659084527997,
  "summary_csf_mean": 308.31794016806697,
  "summary_csf_median": 306.21079156175256,
  "summary_csf_n": 37081.0,
  "summary_csf_p05": 79.38209990039468,
  "summary_csf_p95": 518.0684718862176,
  "summary_csf_stdv": 118.4611933193679,
  "summary_gm_k": 0.11329044889535389,
  "summary_gm_mad": 48.807769976389984,
  "summary_gm_mean": 752.6487200597204,
  "summary_gm_median": 754.5469135604799,
  "summary_gm_n": 48735.0,
  "summary_gm_p05": 668.7713578902185,
  "summary_gm_p95": 830.1564774475992,
  "summary_gm_stdv": 49.20738181006403,
  "summary_wm_k": 0.4751107684526459,
  "summary_wm_mad": 36.20841801626036,
  "summary_wm_mean": 1001.9099504269661,
  "summary_wm_median": 1000.0397307612002,
  "summary_wm_n": 217397.0,
  "summary_wm_p05": 943.2531360350549,
  "summary_wm_p95": 1067.3100045137107,
  "summary_wm_stdv": 37.857874110379626,
  "tpm_overlap_csf": 0.1604751378406744,
  "tpm_overlap_gm": 0.47793775332916244,
  "tpm_overlap_wm": 0.49558549938256885,
  "wm2max": 0.47534825776737516
}