{
  "bids_meta": {
    "AcquisitionMatrixPE": 215,
    "AcquisitionNumber": 1,
    "AcquisitionTime": "10:29:7.320000",
    "BaseResolution": 256,
    "CoilString": "C:HEA;HEP",
    "ConversionSoftware": "dcm2niix",
    "ConversionSoftwareVersion": "v1.0.20190902",
    "DeviceSerialNumber": "35002",
    "DwellTime": 9.8e-06,
    "EchoTime": 0.00226,
    "FlipAngle": 9,
    "ImageOrientationPatientDICOM": [
      0,
      1,
      0,
      0,
      0,
      -1
    ],
    "ImageType": [
      "ORIGINAL",
      "PRIMARY",
      "M",
      "ND",
      "NORM"
    ],
    "ImagingFrequency": 123.263,
    "InPlanePhaseEncodingDirectionDICOM": "ROW",
    "InstitutionAddress": "University_Pkwy_1700_North_685_Provo_AEC1C0_UT_US_84601",
    "InstitutionName": "Brigham_Young_University",
    "InstitutionalDepartmentName": "MRI",
    "InversionTime": 0.9,
    "MRAcquisitionType": "3D",
    "MagneticFieldStrength": 3,
    "Manufacturer": "Siemens",
    "ManufacturersModelName": "TrioTim",
    "Modality": "MR",
    "PartialFourier": 0.875,
    "PatientPosition": "HFS",
    "PercentPhaseFOV": 87.5,
    "PhaseEncodingSteps": 227,
    "PhaseOversampling": 0.2,
    "PhaseResolution": 0.96,
    "PixelBandwidth": 199,
    "ProcedureStepDescription": "Research_KIRWAN",
    "ProtocolName": "t1_mpr_sag_iso_(mprage)",
    "PulseSequenceDetails": "%SiemensSeq%_tfl",
    "ReceiveCoilName": "HeadMatrix",
    "ReconMatrixPE": 224,
    "RepetitionTime": 1.9,
    "SAR": 0.102344,
    "ScanOptions": "IR_PFP",
    "ScanningSequence": "GR_IR",
    "SequenceName": "_tfl3d1_ns",
    "SequenceVariant": "SP_MP_OSP",
    "SeriesDescription": "t1_mpr_sag_iso_(mprage)",
    "SeriesNumber": 2,
    "ShimSetting": [
      -2768,
      -22810,
      1838,
      -69,
      10,
      173,
      -426,
      363
    ],
    "SliceThickness": 1,
    "SoftwareVersions": "syngo_MR_B17",
    "StationName": "MRC35002",
    "TxRefAmp": 333.157,
    "dataset": "ds004086",
    "modality": "T1w",
    "subject_id": "052"
  },
  "cjv": 0.3455103544193544,
  "cnr": 3.938732783641211,
  "efc": 0.5641359574566625,
  "fber": 13362.739336065943,
  "fwhm_avg": 4.716657466666667,
  "fwhm_x": 4.58699,
  "fwhm_y": 5.01732352,
  "fwhm_z": 4.5456588799999995,
  "icvs_csf": 0.1896195188862046,
  "icvs_gm": 0.43841850287078105,
  "icvs_wm": 0.37196197824301436,
  "inu_med": 0.4460109770298004,
  "inu_range": 0.19083024114370345,
  "provenance": {
    "md5sum": "39a0b9e8ebfe5f9a4489f425923cd47f",
    "settings": {
      "testing": false
    },
    "software": "mriqc",
    "version": "23.0.0",
    "warnings": {
      "large_rot_frame": true,
      "small_air_mask": false
    },
    "webapi_port": null,
    "webapi_url": "https://mriqc.nimh.nih.gov/api/v1"
  },
  "qi_1": 8.874316887465267e-05,
  "qi_2": 0.005702890237304216,
  "rpve_csf": 19.49838602404093,
  "rpve_gm": 9.131626660469303,
  "rpve_wm": 12.455675778047462,
  "size_x": 176,
  "size_y": 224,
  "size_z": 256,
  "snr_csf": 2.5380396528373916,
  "snr_gm": 14.221552060591081,
  "snr_total": 14.122159579703299,
  "snr_wm": 25.606887025681424,
  "snrd_csf": 23.50106061643626,
  "snrd_gm": 59.13115460715489,
  "snrd_total": 54.129043244894994,
  "snrd_wm": 79.75491451109383,
  "spacing_x": 1.0,
  "spacing_y": 0.9765625,
  "spacing_z": 0.9765625,
  "summary_bg_k": 8.293940139368907,
  "summary_bg_mad": 0.0,
  "summary_bg_mean": 5.536528836679736,
  "summary_bg_median": 0.0,
  "summary_bg_n": 3109122.0,
  "summary_bg_p05": 0.0,
  "summary_bg_p95": 21.99949122965336,
  "summary_bg_stdv": 8.214719476756017,
  "summary_csf_k": 19.631507135143504,
  "summary_csf_mad": 84.15433379027905,
  "summary_csf_mean": 314.32554621887346,
  "summary_csf_median": 294.67851331457496,
  "summary_csf_n": 40406.0,
  "summary_csf_p05": 162.7558885421604,
  "summary_csf_p95": 523.0506450030953,
  "summary_csf_stdv": 116.10333451364092,
  "summary_gm_k": 0.10315680577747388,
  "summary_gm_mad": 51.44338997879386,
  "summary_gm_mean": 739.3736040336776,
  "summary_gm_median": 741.4423125237226,
  "summary_gm_n": 41445.0,
  "summary_gm_p05": 649.8768625408411,
  "summary_gm_p95": 820.7339150831103,
  "summary_gm_stdv": 52.134490273374595,
  "summary_wm_k": 0.3883503144678855,
  "summary_wm_mad": 37.9056557738481,
  "summary_wm_mean": 1001.6415779847096,
  "summary_wm_median": 1000.0425096228719,
  "summary_wm_n": 268386.0,
  "summary_wm_p05": 940.754305459559,
  "summary_wm_p95": 1068.3343665674329,
  "summary_wm_stdv": 39.053581388108896,
  "tpm_overlap_csf": 0.1661053936832523,
  "tpm_overlap_gm": 0.4740540651725688,
  "tpm_overlap_wm": 0.5259440790196458,
  "wm2max": 0.4514488883677348
}