{
  "aor": 0.002990163265306123,
  "aqi": 0.006125469346938776,
  "bids_meta": {
    "AcquisitionMatrixPE": 64,
    "AcquisitionNumber": 1,
    "AcquisitionTime": "16:26:52.300000",
    "BandwidthPerPixelPhaseEncode": 72.674,
    "BaseResolution": 64,
    "CoilString": "T:HEA;HEP",
    "ConversionSoftware": "dcm2niix",
    "ConversionSoftwareVersion": "v1.0.20190902",
    "DerivedVendorReportedEchoSpacing": 0.000430002,
    "DeviceSerialNumber": "35002",
    "DwellTime": 2.7e-06,
    "EchoTime": 0.031,
    "EffectiveEchoSpacing": 0.000215001,
    "FlipAngle": 90,
    "ImageOrientationPatientDICOM": [
      1,
      0,
      0,
      0,
      1,
      0
    ],
    "ImageType": [
      "ORIGINAL",
      "PRIMARY",
      "M",
      "ND",
      "MOSAIC"
    ],
    "ImagingFrequency": 123.263,
    "InPlanePhaseEncodingDirectionDICOM": "COL",
    "InstitutionAddress": "University_Pkwy_1700_North_685_Provo_AEC1C0_UT_US_84601",
    "InstitutionName": "Brigham_Young_University",
    "InstitutionalDepartmentName": "MRI",
    "MRAcquisitionType": "2D",
    "MagneticFieldStrength": 3,
    "Manufacturer": "Siemens",
    "ManufacturersModelName": "TrioTim",
    "Modality": "MR",
    "ParallelReductionFactorInPlane": 2,
    "PartialFourier": 1,
    "PatientPosition": "HFS",
    "PercentPhaseFOV": 100,
    "PhaseEncodingDirection": "j-",
    "PhaseEncodingSteps": 63,
    "PhaseResolution": 1,
    "PixelBandwidth": 2894,
    "ProcedureStepDescription": "Research_KIRWAN",
    "ProtocolName": "Daselaar_run4",
    "PulseSequenceDetails": "%CustomerSeq%_ep2d_bold_PMU",
    "ReceiveCoilName": "HeadMatrix",
    "ReconMatrixPE": 64,
    "RefLinesPE": 24,
    "RepetitionTime": 1.8,
    "SAR": 0.154507,
    "ScanOptions": "FS",
    "ScanningSequence": "EP",
    "SequenceName": "epfid2d1_64",
    "SequenceVariant": "SK",
    "SeriesDescription": "Daselaar_run4",
    "SeriesNumber": 8,
    "ShimSetting": [
      -2790,
      -22766,
      2348,
      784,
      16,
      719,
      -529,
      320
    ],
    "SliceThickness": 3.8,
    "SliceTiming": [
      0.9025,
      0,
      0.955,
      0.0525,
      1.01,
      0.105,
      1.0625,
      0.16,
      1.115,
      0.2125,
      1.1675,
      0.265,
      1.2225,
      0.3175,
      1.275,
      0.3725,
      1.3275,
      0.425,
      1.38,
      0.4775,
      1.435,
      0.53,
      1.4875,
      0.585,
      1.54,
      0.6375,
      1.5925,
      0.69,
      1.6475,
      0.7425,
      1.7,
      0.7975,
      1.7525,
      0.85
    ],
    "SoftwareVersions": "syngo_MR_B17",
    "SpacingBetweenSlices": 3.8,
    "StationName": "MRC35002",
    "TaskName": "RecogConf",
    "TotalReadoutTime": 0.0135451,
    "TxRefAmp": 327.557,
    "dataset": "ds004086",
    "modality": "bold",
    "run_id": 4,
    "subject_id": "018",
    "task_id": "RecogConf"
  },
  "dummy_trs": 3,
  "dvars_nstd": 20.32390765663935,
  "dvars_std": 1.0911718204918033,
  "dvars_vstd": 1.0254102926229502,
  "efc": 0.43405456532485304,
  "fber": 2616.125244140625,
  "fd_mean": 0.16193423316713895,
  "fd_num": 57,
  "fd_perc": 23.26530612244898,
  "fwhm_avg": 1.9119537507302355,
  "fwhm_x": 1.8257733333333335,
  "fwhm_y": 1.98788,
  "fwhm_z": 1.9222079188573726,
  "gcor": 0.0108694,
  "gsr_x": -0.012626627460122108,
  "gsr_y": 0.00937881600111723,
  "provenance": {
    "md5sum": "11b8223b62977c515b72982ca8eb9ec0",
    "settings": {
      "fd_thres": 0.2,
      "testing": false
    },
    "software": "mriqc",
    "version": "23.0.0",
    "webapi_port": null,
    "webapi_url": "https://mriqc.nimh.nih.gov/api/v1"
  },
  "size_t": 245,
  "size_x": 64,
  "size_y": 64,
  "size_z": 34,
  "snr": 6.563047066881466,
  "spacing_tr": 1.7999999523162842,
  "spacing_x": 3.75,
  "spacing_y": 3.75,
  "spacing_z": 3.799999952316284,
  "summary_bg_k": 50.08712042210609,
  "summary_bg_mad": 4.47806453618165,
  "summary_bg_mean": 25.32534408569336,
  "summary_bg_median": 15.546937942504883,
  "summary_bg_n": 94378.0,
  "summary_bg_p05": 11.567346572875977,
  "summary_bg_p95": 71.12019920349114,
  "summary_bg_stdv": 33.90166473388672,
  "summary_fg_k": 1.7744762217980625,
  "summary_fg_mad": 101.93641326347937,
  "summary_fg_mean": 801.6497192382812,
  "summary_fg_median": 793.926513671875,
  "summary_fg_n": 17265.0,
  "summary_fg_p05": 622.8497802734375,
  "summary_fg_p95": 1013.5640136718749,
  "summary_fg_stdv": 120.96569061279297,
  "tsnr": 69.30270073888823
}