{
  "bids_meta": {
    "AcquisitionMatrixPE": 215,
    "AcquisitionNumber": 1,
    "AcquisitionTime": "12:45:31.575000",
    "BaseResolution": 256,
    "CoilString": "C:HEA;HEP",
    "ConversionSoftware": "dcm2niix",
    "ConversionSoftwareVersion": "v1.0.20190902",
    "DeviceSerialNumber": "35002",
    "DwellTime": 9.8e-06,
    "EchoTime": 0.00226,
    "FlipAngle": 9,
    "ImageOrientationPatientDICOM": [
      0,
      1,
      0,
      0,
      0,
      -1
    ],
    "ImageType": [
      "ORIGINAL",
      "PRIMARY",
      "M",
      "ND",
      "NORM"
    ],
    "ImagingFrequency": 123.262,
    "InPlanePhaseEncodingDirectionDICOM": "ROW",
    "InstitutionAddress": "University_Pkwy_1700_North_685_Provo_AEC1C0_UT_US_84601",
    "InstitutionName": "Brigham_Young_University",
    "InstitutionalDepartmentName": "MRI",
    "InversionTime": 0.9,
    "MRAcquisitionType": "3D",
    "MagneticFieldStrength": 3,
    "Manufacturer": "Siemens",
    "ManufacturersModelName": "TrioTim",
    "Modality": "MR",
    "PartialFourier": 0.875,
    "PatientPosition": "HFS",
    "PercentPhaseFOV": 87.5,
    "PhaseEncodingSteps": 227,
    "PhaseOversampling": 0.2,
    "PhaseResolution": 0.96,
    "PixelBandwidth": 199,
    "ProcedureStepDescription": "Research_KIRWAN",
    "ProtocolName": "t1_mpr_sag_iso_(mprage)",
    "PulseSequenceDetails": "%SiemensSeq%_tfl",
    "ReceiveCoilName": "HeadMatrix",
    "ReconMatrixPE": 224,
    "RepetitionTime": 1.9,
    "SAR": 0.0942701,
    "ScanOptions": "IR_PFP",
    "ScanningSequence": "GR_IR",
    "SequenceName": "_tfl3d1_ns",
    "SequenceVariant": "SP_MP_OSP",
    "SeriesDescription": "t1_mpr_sag_iso_(mprage)",
    "SeriesNumber": 2,
    "ShimSetting": [
      -2768,
      -22810,
      1838,
      -69,
      10,
      173,
      -426,
      363
    ],
    "SliceThickness": 1,
    "SoftwareVersions": "syngo_MR_B17",
    "StationName": "MRC35002",
    "TxRefAmp": 329.252,
    "dataset": "ds004086",
    "modality": "T1w",
    "subject_id": "042"
  },
  "cjv": 0.32157346851594043,
  "cnr": 4.268244049534369,
  "efc": 0.600756216996065,
  "fber": 16374.341046635813,
  "fwhm_avg": 4.694654906666667,
  "fwhm_x": 4.45475,
  "fwhm_y": 5.03118848,
  "fwhm_z": 4.59802624,
  "icvs_csf": 0.1982263353985645,
  "icvs_gm": 0.44572736881463026,
  "icvs_wm": 0.35604629578680524,
  "inu_med": 0.4090626835823059,
  "inu_range": 0.14864938259124755,
  "provenance": {
    "md5sum": "0d97ea1dc8936269452972e79a944b97",
    "settings": {
      "testing": false
    },
    "software": "mriqc",
    "version": "23.0.0",
    "warnings": {
      "large_rot_frame": true,
      "small_air_mask": false
    },
    "webapi_port": null,
    "webapi_url": "https://mriqc.nimh.nih.gov/api/v1"
  },
  "qi_1": 0.0,
  "qi_2": 0.007728344478305084,
  "rpve_csf": 22.88578578692964,
  "rpve_gm": 11.004108733633156,
  "rpve_wm": 15.818790791100612,
  "size_x": 176,
  "size_y": 224,
  "size_z": 256,
  "snr_csf": 2.672396416855176,
  "snr_gm": 13.690805978036277,
  "snr_total": 15.26395375848071,
  "snr_wm": 29.428658880550678,
  "snrd_csf": 27.085463289049144,
  "snrd_gm": 66.85165689594766,
  "snrd_total": 61.89089432489573,
  "snrd_wm": 91.7355627896904,
  "spacing_x": 1.0,
  "spacing_y": 0.9765625,
  "spacing_z": 0.9765625,
  "summary_bg_k": 5.2856355323020985,
  "summary_bg_mad": 0.0,
  "summary_bg_mean": 4.753195960659914,
  "summary_bg_median": 0.0,
  "summary_bg_n": 1665789.0,
  "summary_bg_p05": 0.0,
  "summary_bg_p95": 19.31702896952629,
  "summary_bg_stdv": 7.1415751714992695,
  "summary_csf_k": 0.4512007877190438,
  "summary_csf_mad": 98.53919340757292,
  "summary_csf_mean": 310.5251246806028,
  "summary_csf_median": 295.2558766901493,
  "summary_csf_n": 30391.0,
  "summary_csf_p05": 148.4791972488165,
  "summary_csf_p95": 511.67208260297775,
  "summary_csf_stdv": 110.48174483684619,
  "summary_gm_k": -0.032629063173133854,
  "summary_gm_mad": 54.31791006062763,
  "summary_gm_mean": 728.6424203728985,
  "summary_gm_median": 728.7431030571461,
  "summary_gm_n": 48795.0,
  "summary_gm_p05": 641.0536137536168,
  "summary_gm_p95": 815.2768446952105,
  "summary_gm_stdv": 53.22810335583732,
  "summary_wm_k": 0.25005891346317277,
  "summary_wm_mad": 32.911119768637654,
  "summary_wm_mean": 1000.0532595146988,
  "summary_wm_median": 1000.000026807189,
  "summary_wm_n": 207830.0,
  "summary_wm_p05": 944.1263390310108,
  "summary_wm_p95": 1055.8884479105473,
  "summary_wm_stdv": 33.98040070567686,
  "tpm_overlap_csf": 0.14437066629366785,
  "tpm_overlap_gm": 0.47228364160312714,
  "tpm_overlap_wm": 0.5214988119491217,
  "wm2max": 0.5627660162511746
}