{
  "bids_meta": {
    "AcquisitionMatrixPE": 215,
    "AcquisitionNumber": 1,
    "AcquisitionTime": "13:28:43.847500",
    "BaseResolution": 256,
    "CoilString": "C:HEA;HEP",
    "ConversionSoftware": "dcm2niix",
    "ConversionSoftwareVersion": "v1.0.20190902",
    "DeviceSerialNumber": "35002",
    "DwellTime": 9.8e-06,
    "EchoTime": 0.00226,
    "FlipAngle": 9,
    "ImageOrientationPatientDICOM": [
      0,
      1,
      0,
      0,
      0,
      -1
    ],
    "ImageType": [
      "ORIGINAL",
      "PRIMARY",
      "M",
      "ND",
      "NORM"
    ],
    "ImagingFrequency": 123.263,
    "InPlanePhaseEncodingDirectionDICOM": "ROW",
    "InstitutionAddress": "University_Pkwy_1700_North_685_Provo_AEC1C0_UT_US_84601",
    "InstitutionName": "Brigham_Young_University",
    "InstitutionalDepartmentName": "MRI",
    "InversionTime": 0.9,
    "MRAcquisitionType": "3D",
    "MagneticFieldStrength": 3,
    "Manufacturer": "Siemens",
    "ManufacturersModelName": "TrioTim",
    "Modality": "MR",
    "PartialFourier": 0.875,
    "PatientPosition": "HFS",
    "PercentPhaseFOV": 87.5,
    "PhaseEncodingSteps": 227,
    "PhaseOversampling": 0.2,
    "PhaseResolution": 0.96,
    "PixelBandwidth": 199,
    "ProcedureStepDescription": "Research_KIRWAN",
    "ProtocolName": "t1_mpr_sag_iso_(mprage)",
    "PulseSequenceDetails": "%SiemensSeq%_tfl",
    "ReceiveCoilName": "HeadMatrix",
    "ReconMatrixPE": 224,
    "RepetitionTime": 1.9,
    "SAR": 0.0762622,
    "ScanOptions": "IR_PFP",
    "ScanningSequence": "GR_IR",
    "SequenceName": "_tfl3d1_ns",
    "SequenceVariant": "SP_MP_OSP",
    "SeriesDescription": "t1_mpr_sag_iso_(mprage)",
    "SeriesNumber": 2,
    "ShimSetting": [
      -2768,
      -22810,
      1838,
      -69,
      10,
      173,
      -426,
      363
    ],
    "SliceThickness": 1,
    "SoftwareVersions": "syngo_MR_B17",
    "StationName": "MRC35002",
    "TxRefAmp": 333.575,
    "dataset": "ds004086",
    "modality": "T1w",
    "subject_id": "057"
  },
  "cjv": 0.31101253663631423,
  "cnr": 4.422519392624019,
  "efc": 0.5636813364674693,
  "fber": 27537.031836734695,
  "fwhm_avg": 4.599361386666668,
  "fwhm_x": 4.37028,
  "fwhm_y": 4.90939392,
  "fwhm_z": 4.518410240000001,
  "icvs_csf": 0.1719193999355678,
  "icvs_gm": 0.46973583074321323,
  "icvs_wm": 0.35834476932121895,
  "inu_med": 0.4105561077594757,
  "inu_range": 0.16093392223119735,
  "provenance": {
    "md5sum": "3462d44e7f7333424bebe42c7613f888",
    "settings": {
      "testing": false
    },
    "software": "mriqc",
    "version": "23.0.0",
    "warnings": {
      "large_rot_frame": true,
      "small_air_mask": false
    },
    "webapi_port": null,
    "webapi_url": "https://mriqc.nimh.nih.gov/api/v1"
  },
  "qi_1": 0.0,
  "qi_2": 0.012445622477565898,
  "rpve_csf": 24.01247940682051,
  "rpve_gm": 9.951228338910465,
  "rpve_wm": 14.531626982859034,
  "size_x": 176,
  "size_y": 224,
  "size_z": 256,
  "snr_csf": 2.717411098306339,
  "snr_gm": 14.603245983228085,
  "snr_total": 14.781039274696006,
  "snr_wm": 27.022460742553594,
  "snrd_csf": 33.555762091884425,
  "snrd_gm": 76.49550912346643,
  "snrd_total": 71.86265642203031,
  "snrd_wm": 105.53669805074007,
  "spacing_x": 1.0,
  "spacing_y": 0.9765625,
  "spacing_z": 0.9765625,
  "summary_bg_k": 7.400940968068291,
  "summary_bg_mad": 0.0,
  "summary_bg_mean": 3.6527736343725703,
  "summary_bg_median": 0.0,
  "summary_bg_n": 2905103.0,
  "summary_bg_p05": 0.0,
  "summary_bg_p95": 16.852339267730713,
  "summary_bg_stdv": 6.207915765863532,
  "summary_csf_k": 0.6672993973418255,
  "summary_csf_mad": 87.26842198439579,
  "summary_csf_mean": 316.92549752087143,
  "summary_csf_median": 317.96637238562107,
  "summary_csf_n": 22503.0,
  "summary_csf_p05": 91.67915624231101,
  "summary_csf_p95": 518.9750796273349,
  "summary_csf_stdv": 117.0081727891348,
  "summary_gm_k": -0.02511313420709449,
  "summary_gm_mad": 50.03069202546572,
  "summary_gm_mean": 725.2406882403343,
  "summary_gm_median": 724.8531406670809,
  "summary_gm_n": 60327.0,
  "summary_gm_p05": 643.8322788029909,
  "summary_gm_p95": 806.6031902879477,
  "summary_gm_stdv": 49.636028440102045,
  "summary_wm_k": 0.37595462205088115,
  "summary_wm_mad": 35.556026025300966,
  "summary_wm_mean": 1001.3590851598058,
  "summary_wm_median": 1000.0404979884624,
  "summary_wm_n": 206732.0,
  "summary_wm_p05": 942.880279943347,
  "summary_wm_p95": 1064.0874892920256,
  "summary_wm_stdv": 37.007661471870634,
  "tpm_overlap_csf": 0.13521239673971555,
  "tpm_overlap_gm": 0.4596597149063148,
  "tpm_overlap_wm": 0.4906333688618774,
  "wm2max": 0.46927098184583216
}