{
  "aor": 0.007621814516129032,
  "aqi": 0.006515763225806452,
  "bids_meta": {
    "AcquisitionMatrixPE": 64,
    "AcquisitionNumber": 1,
    "AcquisitionTime": "11:16:23.307500",
    "BandwidthPerPixelPhaseEncode": 72.674,
    "BaseResolution": 64,
    "CoilString": "T:HEA;HEP",
    "ConversionSoftware": "dcm2niix",
    "ConversionSoftwareVersion": "v1.0.20190902",
    "DerivedVendorReportedEchoSpacing": 0.000430002,
    "DeviceSerialNumber": "35002",
    "DwellTime": 2.7e-06,
    "EchoTime": 0.031,
    "EffectiveEchoSpacing": 0.000215001,
    "FlipAngle": 90,
    "ImageOrientationPatientDICOM": [
      1,
      0,
      0,
      0,
      1,
      0
    ],
    "ImageType": [
      "ORIGINAL",
      "PRIMARY",
      "M",
      "ND",
      "MOSAIC"
    ],
    "ImagingFrequency": 123.263,
    "InPlanePhaseEncodingDirectionDICOM": "COL",
    "InstitutionAddress": "University_Pkwy_1700_North_685_Provo_AEC1C0_UT_US_84601",
    "InstitutionName": "Brigham_Young_University",
    "InstitutionalDepartmentName": "MRI",
    "MRAcquisitionType": "2D",
    "MagneticFieldStrength": 3,
    "Manufacturer": "Siemens",
    "ManufacturersModelName": "TrioTim",
    "Modality": "MR",
    "ParallelReductionFactorInPlane": 2,
    "PartialFourier": 1,
    "PatientPosition": "HFS",
    "PercentPhaseFOV": 100,
    "PhaseEncodingDirection": "j-",
    "PhaseEncodingSteps": 63,
    "PhaseResolution": 1,
    "PixelBandwidth": 2894,
    "ProcedureStepDescription": "Research_KIRWAN",
    "ProtocolName": "Daselaar_run3",
    "PulseSequenceDetails": "%CustomerSeq%_ep2d_bold_PMU",
    "ReceiveCoilName": "HeadMatrix",
    "ReconMatrixPE": 64,
    "RefLinesPE": 24,
    "RepetitionTime": 1.8,
    "SAR": 0.155609,
    "ScanOptions": "FS",
    "ScanningSequence": "EP",
    "SequenceName": "epfid2d1_64",
    "SequenceVariant": "SK",
    "SeriesDescription": "Daselaar_run3",
    "SeriesNumber": 7,
    "ShimSetting": [
      -2783,
      -22760,
      2265,
      424,
      -82,
      466,
      -444,
      364
    ],
    "SliceThickness": 3.8,
    "SliceTiming": [
      0.9025,
      0,
      0.9575,
      0.0525,
      1.01,
      0.105,
      1.0625,
      0.16,
      1.115,
      0.2125,
      1.17,
      0.265,
      1.2225,
      0.3175,
      1.275,
      0.3725,
      1.3275,
      0.425,
      1.3825,
      0.4775,
      1.435,
      0.53,
      1.4875,
      0.585,
      1.54,
      0.6375,
      1.595,
      0.69,
      1.6475,
      0.7425,
      1.7,
      0.7975,
      1.7525,
      0.85
    ],
    "SoftwareVersions": "syngo_MR_B17",
    "SpacingBetweenSlices": 3.8,
    "StationName": "MRC35002",
    "TaskName": "RecogConf",
    "TotalReadoutTime": 0.0135451,
    "TxRefAmp": 334.108,
    "dataset": "ds004086",
    "modality": "bold",
    "run_id": 3,
    "subject_id": "037",
    "task_id": "RecogConf"
  },
  "dummy_trs": 0,
  "dvars_nstd": 24.162029969149792,
  "dvars_std": 1.117620749919029,
  "dvars_vstd": 1.0493507039676109,
  "efc": 0.4708443581475019,
  "fber": 1915.39111328125,
  "fd_mean": 0.1802109671588227,
  "fd_num": 47,
  "fd_perc": 18.951612903225808,
  "fwhm_avg": 2.009797552444193,
  "fwhm_x": 1.844064,
  "fwhm_y": 2.132976,
  "fwhm_z": 2.052352657332579,
  "gcor": 0.0367308,
  "gsr_x": -0.012617267668247223,
  "gsr_y": 0.02281860075891018,
  "provenance": {
    "md5sum": "496d41902cfb47bd817ed6c020901686",
    "settings": {
      "fd_thres": 0.2,
      "testing": false
    },
    "software": "mriqc",
    "version": "23.0.0",
    "webapi_port": null,
    "webapi_url": "https://mriqc.nimh.nih.gov/api/v1"
  },
  "size_t": 248,
  "size_x": 64,
  "size_y": 64,
  "size_z": 34,
  "snr": 5.781051368174956,
  "spacing_tr": 1.7999999523162842,
  "spacing_x": 3.75,
  "spacing_y": 3.75,
  "spacing_z": 3.799999952316284,
  "summary_bg_k": 53.12890710476194,
  "summary_bg_mad": 6.3847535749195625,
  "summary_bg_mean": 31.4804744720459,
  "summary_bg_median": 17.733869552612305,
  "summary_bg_n": 90282.0,
  "summary_bg_p05": 12.036290168762207,
  "summary_bg_p95": 96.28044242858876,
  "summary_bg_stdv": 45.6066780090332,
  "summary_fg_k": 1.6921076913333533,
  "summary_fg_mad": 112.70772108044463,
  "summary_fg_mean": 783.0673217773438,
  "summary_fg_median": 777.7338256835938,
  "summary_fg_n": 19953.0,
  "summary_fg_p05": 573.7258056640625,
  "summary_fg_p95": 1011.0160766601562,
  "summary_fg_stdv": 134.52818298339844,
  "tsnr": 55.994314859155566
}