{
  "aor": 0.0032722540983606556,
  "aqi": 0.008000966885245901,
  "bids_meta": {
    "AcquisitionMatrixPE": 64,
    "AcquisitionNumber": 1,
    "AcquisitionTime": "11:24:11.112500",
    "BandwidthPerPixelPhaseEncode": 72.674,
    "BaseResolution": 64,
    "CoilString": "T:HEA;HEP",
    "ConversionSoftware": "dcm2niix",
    "ConversionSoftwareVersion": "v1.0.20190902",
    "DerivedVendorReportedEchoSpacing": 0.000430002,
    "DeviceSerialNumber": "35002",
    "DwellTime": 2.7e-06,
    "EchoTime": 0.031,
    "EffectiveEchoSpacing": 0.000215001,
    "FlipAngle": 90,
    "ImageOrientationPatientDICOM": [
      1,
      0,
      0,
      0,
      1,
      0
    ],
    "ImageType": [
      "ORIGINAL",
      "PRIMARY",
      "M",
      "ND",
      "MOSAIC"
    ],
    "ImagingFrequency": 123.263,
    "InPlanePhaseEncodingDirectionDICOM": "COL",
    "InstitutionAddress": "University_Pkwy_1700_North_685_Provo_AEC1C0_UT_US_84601",
    "InstitutionName": "Brigham_Young_University",
    "InstitutionalDepartmentName": "MRI",
    "MRAcquisitionType": "2D",
    "MagneticFieldStrength": 3,
    "Manufacturer": "Siemens",
    "ManufacturersModelName": "TrioTim",
    "Modality": "MR",
    "ParallelReductionFactorInPlane": 2,
    "PartialFourier": 1,
    "PatientPosition": "HFS",
    "PercentPhaseFOV": 100,
    "PhaseEncodingDirection": "j-",
    "PhaseEncodingSteps": 63,
    "PhaseResolution": 1,
    "PixelBandwidth": 2894,
    "ProcedureStepDescription": "Research_KIRWAN",
    "ProtocolName": "Daselaar_run4",
    "PulseSequenceDetails": "%CustomerSeq%_ep2d_bold_PMU",
    "ReceiveCoilName": "HeadMatrix",
    "ReconMatrixPE": 64,
    "RefLinesPE": 24,
    "RepetitionTime": 1.8,
    "SAR": 0.155609,
    "ScanOptions": "FS",
    "ScanningSequence": "EP",
    "SequenceName": "epfid2d1_64",
    "SequenceVariant": "SK",
    "SeriesDescription": "Daselaar_run4",
    "SeriesNumber": 8,
    "ShimSetting": [
      -2783,
      -22760,
      2265,
      424,
      -82,
      466,
      -444,
      364
    ],
    "SliceThickness": 3.8,
    "SliceTiming": [
      0.9025,
      0,
      0.9575,
      0.0525,
      1.01,
      0.1075,
      1.0625,
      0.16,
      1.115,
      0.2125,
      1.17,
      0.265,
      1.2225,
      0.32,
      1.275,
      0.3725,
      1.3275,
      0.425,
      1.3825,
      0.4775,
      1.435,
      0.5325,
      1.4875,
      0.585,
      1.5425,
      0.6375,
      1.595,
      0.69,
      1.6475,
      0.745,
      1.7,
      0.7975,
      1.755,
      0.85
    ],
    "SoftwareVersions": "syngo_MR_B17",
    "SpacingBetweenSlices": 3.8,
    "StationName": "MRC35002",
    "TaskName": "RecogConf",
    "TotalReadoutTime": 0.0135451,
    "TxRefAmp": 334.108,
    "dataset": "ds004086",
    "modality": "bold",
    "run_id": 4,
    "subject_id": "037",
    "task_id": "RecogConf"
  },
  "dummy_trs": 4,
  "dvars_nstd": 24.116440415473242,
  "dvars_std": 1.056872110905349,
  "dvars_vstd": 0.9914116284362128,
  "efc": 0.46926959663268036,
  "fber": 1935.8031005859375,
  "fd_mean": 0.15668668300651392,
  "fd_num": 38,
  "fd_perc": 15.573770491803279,
  "fwhm_avg": 1.995447259916932,
  "fwhm_x": 1.8302293333333333,
  "fwhm_y": 2.134744,
  "fwhm_z": 2.021368446417463,
  "gcor": 0.0162099,
  "gsr_x": -0.011331459507346153,
  "gsr_y": 0.021967370063066483,
  "provenance": {
    "md5sum": "e6a4b783eb26776cb8fb4c316ca4b156",
    "settings": {
      "fd_thres": 0.2,
      "testing": false
    },
    "software": "mriqc",
    "version": "23.0.0",
    "webapi_port": null,
    "webapi_url": "https://mriqc.nimh.nih.gov/api/v1"
  },
  "size_t": 244,
  "size_x": 64,
  "size_y": 64,
  "size_z": 34,
  "snr": 5.893905486815453,
  "spacing_tr": 1.7999999523162842,
  "spacing_x": 3.75,
  "spacing_y": 3.75,
  "spacing_z": 3.799999952316284,
  "summary_bg_k": 59.99448881733725,
  "summary_bg_mad": 6.076239133550042,
  "summary_bg_mean": 30.80483055114746,
  "summary_bg_median": 17.602458953857422,
  "summary_bg_n": 90374.0,
  "summary_bg_p05": 12.18852424621582,
  "summary_bg_p95": 93.92929916381819,
  "summary_bg_stdv": 44.839080810546875,
  "summary_fg_k": 1.6990358862921546,
  "summary_fg_mad": 109.60012927827117,
  "summary_fg_mean": 781.12255859375,
  "summary_fg_median": 776.2704467773438,
  "summary_fg_n": 19946.0,
  "summary_fg_p05": 574.4907531738281,
  "summary_fg_p95": 1003.4917449951172,
  "summary_fg_stdv": 131.70401000976562,
  "tsnr": 54.36466674937401
}