{
  "aor": 0.003783185483870968,
  "aqi": 0.006076873024193548,
  "bids_meta": {
    "AcquisitionMatrixPE": 64,
    "AcquisitionNumber": 1,
    "AcquisitionTime": "13:29:9.710000",
    "BandwidthPerPixelPhaseEncode": 72.674,
    "BaseResolution": 64,
    "CoilString": "T:HEA;HEP",
    "ConversionSoftware": "dcm2niix",
    "ConversionSoftwareVersion": "v1.0.20190902",
    "DerivedVendorReportedEchoSpacing": 0.000430002,
    "DeviceSerialNumber": "35002",
    "DwellTime": 2.7e-06,
    "EchoTime": 0.031,
    "EffectiveEchoSpacing": 0.000215001,
    "FlipAngle": 90,
    "ImageOrientationPatientDICOM": [
      1,
      0,
      0,
      0,
      1,
      0
    ],
    "ImageType": [
      "ORIGINAL",
      "PRIMARY",
      "M",
      "ND",
      "MOSAIC"
    ],
    "ImagingFrequency": 123.263,
    "InPlanePhaseEncodingDirectionDICOM": "COL",
    "InstitutionAddress": "University_Pkwy_1700_North_685_Provo_AEC1C0_UT_US_84601",
    "InstitutionName": "Brigham_Young_University",
    "InstitutionalDepartmentName": "MRI",
    "MRAcquisitionType": "2D",
    "MagneticFieldStrength": 3,
    "Manufacturer": "Siemens",
    "ManufacturersModelName": "TrioTim",
    "Modality": "MR",
    "ParallelReductionFactorInPlane": 2,
    "PartialFourier": 1,
    "PatientPosition": "HFS",
    "PercentPhaseFOV": 100,
    "PhaseEncodingDirection": "j-",
    "PhaseEncodingSteps": 63,
    "PhaseResolution": 1,
    "PixelBandwidth": 2894,
    "ProcedureStepDescription": "Research_KIRWAN",
    "ProtocolName": "Daselaar_run3",
    "PulseSequenceDetails": "%CustomerSeq%_ep2d_bold_PMU",
    "ReceiveCoilName": "HeadMatrix",
    "ReconMatrixPE": 64,
    "RefLinesPE": 24,
    "RepetitionTime": 1.8,
    "SAR": 0.177913,
    "ScanOptions": "FS",
    "ScanningSequence": "EP",
    "SequenceName": "epfid2d1_64",
    "SequenceVariant": "SK",
    "SeriesDescription": "Daselaar_run3",
    "SeriesNumber": 7,
    "ShimSetting": [
      -2813,
      -22817,
      2228,
      486,
      259,
      542,
      -556,
      655
    ],
    "SliceThickness": 3.8,
    "SliceTiming": [
      0.9025,
      0,
      0.9575,
      0.0525,
      1.01,
      0.1075,
      1.0625,
      0.16,
      1.115,
      0.2125,
      1.17,
      0.265,
      1.2225,
      0.32,
      1.275,
      0.3725,
      1.33,
      0.425,
      1.3825,
      0.4775,
      1.435,
      0.5325,
      1.4875,
      0.585,
      1.5425,
      0.6375,
      1.595,
      0.69,
      1.6475,
      0.745,
      1.7,
      0.7975,
      1.755,
      0.85
    ],
    "SoftwareVersions": "syngo_MR_B17",
    "SpacingBetweenSlices": 3.8,
    "StationName": "MRC35002",
    "TaskName": "RecogConf",
    "TotalReadoutTime": 0.0135451,
    "TxRefAmp": 313.651,
    "dataset": "ds004086",
    "modality": "bold",
    "run_id": 3,
    "subject_id": "014",
    "task_id": "RecogConf"
  },
  "dummy_trs": 0,
  "dvars_nstd": 25.616353355101214,
  "dvars_std": 1.092532219352227,
  "dvars_vstd": 1.0176832623481786,
  "efc": 0.4378729063061698,
  "fber": 2046.6534423828125,
  "fd_mean": 0.3382472829906873,
  "fd_num": 172,
  "fd_perc": 69.35483870967742,
  "fwhm_avg": 1.912450347054427,
  "fwhm_x": 1.7894133333333333,
  "fwhm_y": 2.065664,
  "fwhm_z": 1.8822737078299485,
  "gcor": 0.101501,
  "gsr_x": -0.01757548376917839,
  "gsr_y": 0.02127215638756752,
  "provenance": {
    "md5sum": "eb2afcec19d611fb898baad0d94f064f",
    "settings": {
      "fd_thres": 0.2,
      "testing": false
    },
    "software": "mriqc",
    "version": "23.0.0",
    "webapi_port": null,
    "webapi_url": "https://mriqc.nimh.nih.gov/api/v1"
  },
  "size_t": 248,
  "size_x": 64,
  "size_y": 64,
  "size_z": 34,
  "snr": 6.07307959952543,
  "spacing_tr": 1.7999999523162842,
  "spacing_x": 3.75,
  "spacing_y": 3.75,
  "spacing_z": 3.799999952316284,
  "summary_bg_k": 69.1100332450034,
  "summary_bg_mad": 4.09509167174244,
  "summary_bg_mean": 26.389551162719727,
  "summary_bg_median": 15.314516067504883,
  "summary_bg_n": 95614.0,
  "summary_bg_p05": 11.681450843811035,
  "summary_bg_p95": 76.41814384460442,
  "summary_bg_stdv": 40.42115783691406,
  "summary_fg_k": 1.012342160881249,
  "summary_fg_mad": 107.0851168601238,
  "summary_fg_mean": 699.650634765625,
  "summary_fg_median": 696.5201416015625,
  "summary_fg_n": 16186.0,
  "summary_fg_p05": 519.2721710205078,
  "summary_fg_p95": 886.5322265625,
  "summary_fg_stdv": 114.68623352050781,
  "tsnr": 54.05394663289189
}