{
  "aor": 0.0025427822580645167,
  "aqi": 0.004842641814516129,
  "bids_meta": {
    "AcquisitionMatrixPE": 64,
    "AcquisitionNumber": 1,
    "AcquisitionTime": "16:21:59.922500",
    "BandwidthPerPixelPhaseEncode": 72.674,
    "BaseResolution": 64,
    "CoilString": "T:HEA;HEP",
    "ConversionSoftware": "dcm2niix",
    "ConversionSoftwareVersion": "v1.0.20190902",
    "DerivedVendorReportedEchoSpacing": 0.000430002,
    "DeviceSerialNumber": "35002",
    "DwellTime": 2.7e-06,
    "EchoTime": 0.031,
    "EffectiveEchoSpacing": 0.000215001,
    "FlipAngle": 90,
    "ImageOrientationPatientDICOM": [
      1,
      0,
      0,
      0,
      1,
      0
    ],
    "ImageType": [
      "ORIGINAL",
      "PRIMARY",
      "M",
      "ND",
      "MOSAIC"
    ],
    "ImagingFrequency": 123.262,
    "InPlanePhaseEncodingDirectionDICOM": "COL",
    "InstitutionAddress": "University_Pkwy_1700_North_685_Provo_AEC1C0_UT_US_84601",
    "InstitutionName": "Brigham_Young_University",
    "InstitutionalDepartmentName": "MRI",
    "MRAcquisitionType": "2D",
    "MagneticFieldStrength": 3,
    "Manufacturer": "Siemens",
    "ManufacturersModelName": "TrioTim",
    "Modality": "MR",
    "ParallelReductionFactorInPlane": 2,
    "PartialFourier": 1,
    "PatientPosition": "HFS",
    "PercentPhaseFOV": 100,
    "PhaseEncodingDirection": "j-",
    "PhaseEncodingSteps": 63,
    "PhaseResolution": 1,
    "PixelBandwidth": 2894,
    "ProcedureStepDescription": "Research_KIRWAN",
    "ProtocolName": "Daselaar_run3",
    "PulseSequenceDetails": "%CustomerSeq%_ep2d_bold_PMU",
    "ReceiveCoilName": "HeadMatrix",
    "ReconMatrixPE": 64,
    "RefLinesPE": 24,
    "RepetitionTime": 1.8,
    "SAR": 0.130514,
    "ScanOptions": "FS",
    "ScanningSequence": "EP",
    "SequenceName": "epfid2d1_64",
    "SequenceVariant": "SK",
    "SeriesDescription": "Daselaar_run3",
    "SeriesNumber": 7,
    "ShimSetting": [
      -2814,
      -22765,
      2243,
      578,
      -115,
      70,
      -708,
      482
    ],
    "SliceThickness": 3.8,
    "SliceTiming": [
      0.9025,
      0,
      0.9575,
      0.0525,
      1.01,
      0.1075,
      1.0625,
      0.16,
      1.115,
      0.2125,
      1.17,
      0.265,
      1.2225,
      0.32,
      1.275,
      0.3725,
      1.3275,
      0.425,
      1.3825,
      0.4775,
      1.435,
      0.5325,
      1.4875,
      0.585,
      1.5425,
      0.6375,
      1.595,
      0.69,
      1.6475,
      0.745,
      1.7,
      0.7975,
      1.755,
      0.85
    ],
    "SoftwareVersions": "syngo_MR_B17",
    "SpacingBetweenSlices": 3.8,
    "StationName": "MRC35002",
    "TaskName": "RecogConf",
    "TotalReadoutTime": 0.0135451,
    "TxRefAmp": 330.963,
    "dataset": "ds004086",
    "modality": "bold",
    "run_id": 3,
    "subject_id": "045",
    "task_id": "RecogConf"
  },
  "dummy_trs": 0,
  "dvars_nstd": 22.558508984898776,
  "dvars_std": 1.0685134772064782,
  "dvars_vstd": 1.011670715951417,
  "efc": 0.426805332139691,
  "fber": 2328.213134765625,
  "fd_mean": 0.1808911445078079,
  "fd_num": 61,
  "fd_perc": 24.596774193548388,
  "fwhm_avg": 2.056236043650259,
  "fwhm_x": 1.9541173333333333,
  "fwhm_y": 2.1674986666666665,
  "fwhm_z": 2.047092130950779,
  "gcor": 0.0297757,
  "gsr_x": -0.01785089634358883,
  "gsr_y": 0.012246972881257534,
  "provenance": {
    "md5sum": "82d0fcee310b4797ac878504b3ef6d77",
    "settings": {
      "fd_thres": 0.2,
      "testing": false
    },
    "software": "mriqc",
    "version": "23.0.0",
    "webapi_port": null,
    "webapi_url": "https://mriqc.nimh.nih.gov/api/v1"
  },
  "size_t": 248,
  "size_x": 64,
  "size_y": 64,
  "size_z": 34,
  "snr": 5.383971622367011,
  "spacing_tr": 1.7999999523162842,
  "spacing_x": 3.75,
  "spacing_y": 3.75,
  "spacing_z": 3.799999952316284,
  "summary_bg_k": 63.267765399270516,
  "summary_bg_mad": 4.764651911506758,
  "summary_bg_mean": 27.432680130004883,
  "summary_bg_median": 16.370967864990234,
  "summary_bg_n": 96071.0,
  "summary_bg_p05": 12.181450843811035,
  "summary_bg_p95": 74.68749618530273,
  "summary_bg_stdv": 40.60013198852539,
  "summary_fg_k": 1.3547238774478751,
  "summary_fg_mad": 133.01273849407534,
  "summary_fg_mean": 797.9864501953125,
  "summary_fg_median": 791.5745849609375,
  "summary_fg_n": 15920.0,
  "summary_fg_p05": 574.6227813720703,
  "summary_fg_p95": 1048.0990173339844,
  "summary_fg_stdv": 147.01966857910156,
  "tsnr": 60.415394137613475
}