{
  "bids_meta": {
    "AcquisitionMatrixPE": 215,
    "AcquisitionNumber": 1,
    "AcquisitionTime": "11:15:30.260000",
    "BaseResolution": 256,
    "CoilString": "C:HEA;HEP",
    "ConversionSoftware": "dcm2niix",
    "ConversionSoftwareVersion": "v1.0.20190902",
    "DeviceSerialNumber": "35002",
    "DwellTime": 9.8e-06,
    "EchoTime": 0.00226,
    "FlipAngle": 9,
    "ImageOrientationPatientDICOM": [
      0,
      1,
      0,
      0,
      0,
      -1
    ],
    "ImageType": [
      "ORIGINAL",
      "PRIMARY",
      "M",
      "ND",
      "NORM"
    ],
    "ImagingFrequency": 123.263,
    "InPlanePhaseEncodingDirectionDICOM": "ROW",
    "InstitutionAddress": "University_Pkwy_1700_North_685_Provo_AEC1C0_UT_US_84601",
    "InstitutionName": "Brigham_Young_University",
    "InstitutionalDepartmentName": "MRI",
    "InversionTime": 0.9,
    "MRAcquisitionType": "3D",
    "MagneticFieldStrength": 3,
    "Manufacturer": "Siemens",
    "ManufacturersModelName": "TrioTim",
    "Modality": "MR",
    "PartialFourier": 0.875,
    "PatientPosition": "HFS",
    "PercentPhaseFOV": 87.5,
    "PhaseEncodingSteps": 227,
    "PhaseOversampling": 0.2,
    "PhaseResolution": 0.96,
    "PixelBandwidth": 199,
    "ProcedureStepDescription": "Research_KIRWAN",
    "ProtocolName": "t1_mpr_sag_iso_(mprage)",
    "PulseSequenceDetails": "%SiemensSeq%_tfl",
    "ReceiveCoilName": "HeadMatrix",
    "ReconMatrixPE": 224,
    "RepetitionTime": 1.9,
    "SAR": 0.0834812,
    "ScanOptions": "IR_PFP",
    "ScanningSequence": "GR_IR",
    "SequenceName": "_tfl3d1_ns",
    "SequenceVariant": "SP_MP_OSP",
    "SeriesDescription": "t1_mpr_sag_iso_(mprage)",
    "SeriesNumber": 2,
    "ShimSetting": [
      -2768,
      -22810,
      1838,
      -69,
      10,
      173,
      -426,
      363
    ],
    "SliceThickness": 1,
    "SoftwareVersions": "syngo_MR_B17",
    "StationName": "MRC35002",
    "TxRefAmp": 335.051,
    "dataset": "ds004086",
    "modality": "T1w",
    "subject_id": "019"
  },
  "cjv": 0.3300597265018467,
  "cnr": 4.190600973637458,
  "efc": 0.6026815306334414,
  "fber": 11916.514872904272,
  "fwhm_avg": 4.642175226666667,
  "fwhm_x": 4.43679,
  "fwhm_y": 5.08603392,
  "fwhm_z": 4.40370176,
  "icvs_csf": 0.19313649507970163,
  "icvs_gm": 0.44098422512404667,
  "icvs_wm": 0.3658792797962517,
  "inu_med": 0.41159312427043915,
  "inu_range": 0.15669922232627864,
  "provenance": {
    "md5sum": "0118b966811886126e522a8acc42def2",
    "settings": {
      "testing": false
    },
    "software": "mriqc",
    "version": "23.0.0",
    "warnings": {
      "large_rot_frame": true,
      "small_air_mask": false
    },
    "webapi_port": null,
    "webapi_url": "https://mriqc.nimh.nih.gov/api/v1"
  },
  "qi_1": 0.0,
  "qi_2": 0.007890738237058213,
  "rpve_csf": 19.532856159992495,
  "rpve_gm": 9.414648242925693,
  "rpve_wm": 13.197091318814996,
  "size_x": 176,
  "size_y": 224,
  "size_z": 256,
  "snr_csf": 3.429198843359076,
  "snr_gm": 13.623204759047194,
  "snr_total": 14.427387265865244,
  "snr_wm": 26.22975819518947,
  "snrd_csf": 28.43010115942755,
  "snrd_gm": 64.15740271952824,
  "snrd_total": 60.39537734562773,
  "snrd_wm": 88.59862815792741,
  "spacing_x": 1.0,
  "spacing_y": 0.9765625,
  "spacing_z": 0.9765625,
  "summary_bg_k": 5.865605661879128,
  "summary_bg_mad": 0.0,
  "summary_bg_mean": 4.892124694463741,
  "summary_bg_median": 0.0,
  "summary_bg_n": 2392150.0,
  "summary_bg_p05": 0.0,
  "summary_bg_p95": 20.876213282346725,
  "summary_bg_stdv": 7.394702436240325,
  "summary_csf_k": 0.8958382400144163,
  "summary_csf_mad": 83.86227794812463,
  "summary_csf_mean": 328.64394399325477,
  "summary_csf_median": 320.8982714228332,
  "summary_csf_n": 34292.0,
  "summary_csf_p05": 194.134081967175,
  "summary_csf_p95": 498.52617841623703,
  "summary_csf_stdv": 93.57684028778334,
  "summary_gm_k": -0.001054343012436565,
  "summary_gm_mad": 53.837511769166426,
  "summary_gm_mean": 724.1751721057938,
  "summary_gm_median": 724.162025179714,
  "summary_gm_n": 46153.0,
  "summary_gm_p05": 636.4892801731825,
  "summary_gm_p95": 810.7174517288804,
  "summary_gm_stdv": 53.15593450387438,
  "summary_wm_k": 0.37414857333091645,
  "summary_wm_mad": 37.21763212382659,
  "summary_wm_mean": 1000.6457763930825,
  "summary_wm_median": 1000.0367732383311,
  "summary_wm_n": 254159.0,
  "summary_wm_p05": 939.3928438089788,
  "summary_wm_p95": 1063.6577682942152,
  "summary_wm_stdv": 38.12596358875331,
  "tpm_overlap_csf": 0.1599993726168931,
  "tpm_overlap_gm": 0.4695866757696435,
  "tpm_overlap_wm": 0.5160983852098705,
  "wm2max": 0.4971157775228018
}