{
  "aor": 0.00035334677419354834,
  "aqi": 0.007274515443548387,
  "bids_meta": {
    "AcquisitionMatrixPE": 64,
    "AcquisitionNumber": 1,
    "AcquisitionTime": "15:24:58.222500",
    "BandwidthPerPixelPhaseEncode": 72.674,
    "BaseResolution": 64,
    "CoilString": "T:HEA;HEP",
    "ConversionSoftware": "dcm2niix",
    "ConversionSoftwareVersion": "v1.0.20190902",
    "DerivedVendorReportedEchoSpacing": 0.000430002,
    "DeviceSerialNumber": "35002",
    "DwellTime": 2.7e-06,
    "EchoTime": 0.031,
    "EffectiveEchoSpacing": 0.000215001,
    "FlipAngle": 90,
    "ImageOrientationPatientDICOM": [
      1,
      0,
      0,
      0,
      1,
      0
    ],
    "ImageType": [
      "ORIGINAL",
      "PRIMARY",
      "M",
      "ND",
      "MOSAIC"
    ],
    "ImagingFrequency": 123.263,
    "InPlanePhaseEncodingDirectionDICOM": "COL",
    "InstitutionAddress": "University_Pkwy_1700_North_685_Provo_AEC1C0_UT_US_84601",
    "InstitutionName": "Brigham_Young_University",
    "InstitutionalDepartmentName": "MRI",
    "MRAcquisitionType": "2D",
    "MagneticFieldStrength": 3,
    "Manufacturer": "Siemens",
    "ManufacturersModelName": "TrioTim",
    "Modality": "MR",
    "ParallelReductionFactorInPlane": 2,
    "PartialFourier": 1,
    "PatientPosition": "HFS",
    "PercentPhaseFOV": 100,
    "PhaseEncodingDirection": "j-",
    "PhaseEncodingSteps": 63,
    "PhaseResolution": 1,
    "PixelBandwidth": 2894,
    "ProcedureStepDescription": "Research_KIRWAN",
    "ProtocolName": "Daselaar_run1",
    "PulseSequenceDetails": "%CustomerSeq%_ep2d_bold_PMU",
    "ReceiveCoilName": "HeadMatrix",
    "ReconMatrixPE": 64,
    "RefLinesPE": 24,
    "RepetitionTime": 1.8,
    "SAR": 0.171004,
    "ScanOptions": "FS",
    "ScanningSequence": "EP",
    "SequenceName": "epfid2d1_64",
    "SequenceVariant": "SK",
    "SeriesDescription": "Daselaar_run1",
    "SeriesNumber": 5,
    "ShimSetting": [
      -2706,
      -22817,
      2088,
      592,
      251,
      297,
      -902,
      343
    ],
    "SliceThickness": 3.8,
    "SliceTiming": [
      0.9025,
      0,
      0.9575,
      0.0525,
      1.01,
      0.105,
      1.0625,
      0.16,
      1.115,
      0.2125,
      1.17,
      0.265,
      1.2225,
      0.3175,
      1.275,
      0.3725,
      1.3275,
      0.425,
      1.3825,
      0.4775,
      1.435,
      0.5325,
      1.4875,
      0.585,
      1.54,
      0.6375,
      1.595,
      0.69,
      1.6475,
      0.745,
      1.7,
      0.7975,
      1.7525,
      0.85
    ],
    "SoftwareVersions": "syngo_MR_B17",
    "SpacingBetweenSlices": 3.8,
    "StationName": "MRC35002",
    "TaskName": "RecogConf",
    "TotalReadoutTime": 0.0135451,
    "TxRefAmp": 327.036,
    "dataset": "ds004086",
    "modality": "bold",
    "run_id": 1,
    "subject_id": "006",
    "task_id": "RecogConf"
  },
  "dummy_trs": 0,
  "dvars_nstd": 19.567657602145747,
  "dvars_std": 0.9600802313765183,
  "dvars_vstd": 0.9523172451821857,
  "efc": 0.43731442108427016,
  "fber": 2320.56396484375,
  "fd_mean": 0.10666971808185832,
  "fd_num": 17,
  "fd_perc": 6.854838709677419,
  "fwhm_avg": 2.131736383135315,
  "fwhm_x": 2.0509253333333333,
  "fwhm_y": 2.2245679999999997,
  "fwhm_z": 2.119715816072612,
  "gcor": 0.00635174,
  "gsr_x": -0.01154789887368679,
  "gsr_y": 0.009889879263937473,
  "provenance": {
    "md5sum": "fe59c067bac266a8e0e676e1642f401b",
    "settings": {
      "fd_thres": 0.2,
      "testing": false
    },
    "software": "mriqc",
    "version": "23.0.0",
    "webapi_port": null,
    "webapi_url": "https://mriqc.nimh.nih.gov/api/v1"
  },
  "size_t": 248,
  "size_x": 64,
  "size_y": 64,
  "size_z": 34,
  "snr": 5.272925364120355,
  "spacing_tr": 1.7999999523162842,
  "spacing_x": 3.75,
  "spacing_y": 3.75,
  "spacing_z": 3.799999952316284,
  "summary_bg_k": 55.05220984581324,
  "summary_bg_mad": 5.912473303170373,
  "summary_bg_mean": 29.207311630249023,
  "summary_bg_median": 17.28628921508789,
  "summary_bg_n": 93860.0,
  "summary_bg_p05": 12.060483932495117,
  "summary_bg_p95": 81.27520065307623,
  "summary_bg_stdv": 43.82383346557617,
  "summary_fg_k": 1.4024922496269738,
  "summary_fg_mad": 134.45647488904285,
  "summary_fg_mean": 845.7132568359375,
  "summary_fg_median": 831.6209716796875,
  "summary_fg_n": 17373.0,
  "summary_fg_p05": 618.793505859375,
  "summary_fg_p95": 1135.4531738281241,
  "summary_fg_stdv": 157.71075439453125,
  "tsnr": 57.43032779591158
}