{
  "bids_meta": {
    "AcquisitionMatrixPE": 215,
    "AcquisitionNumber": 1,
    "AcquisitionTime": "10:02:57.942500",
    "BaseResolution": 256,
    "CoilString": "C:HEA;HEP",
    "ConversionSoftware": "dcm2niix",
    "ConversionSoftwareVersion": "v1.0.20190902",
    "DeviceSerialNumber": "35002",
    "DwellTime": 9.8e-06,
    "EchoTime": 0.00226,
    "FlipAngle": 9,
    "ImageOrientationPatientDICOM": [
      0,
      1,
      0,
      0,
      0,
      -1
    ],
    "ImageType": [
      "ORIGINAL",
      "PRIMARY",
      "M",
      "ND",
      "NORM"
    ],
    "ImagingFrequency": 123.263,
    "InPlanePhaseEncodingDirectionDICOM": "ROW",
    "InstitutionAddress": "University_Pkwy_1700_North_685_Provo_AEC1C0_UT_US_84601",
    "InstitutionName": "Brigham_Young_University",
    "InstitutionalDepartmentName": "MRI",
    "InversionTime": 0.9,
    "MRAcquisitionType": "3D",
    "MagneticFieldStrength": 3,
    "Manufacturer": "Siemens",
    "ManufacturersModelName": "TrioTim",
    "Modality": "MR",
    "PartialFourier": 0.875,
    "PatientPosition": "HFS",
    "PercentPhaseFOV": 87.5,
    "PhaseEncodingSteps": 227,
    "PhaseOversampling": 0.2,
    "PhaseResolution": 0.96,
    "PixelBandwidth": 199,
    "ProcedureStepDescription": "Research_KIRWAN",
    "ProtocolName": "t1_mpr_sag_iso_(mprage)",
    "PulseSequenceDetails": "%SiemensSeq%_tfl",
    "ReceiveCoilName": "HeadMatrix",
    "ReconMatrixPE": 224,
    "RepetitionTime": 1.9,
    "SAR": 0.089312,
    "ScanOptions": "IR_PFP",
    "ScanningSequence": "GR_IR",
    "SequenceName": "_tfl3d1_ns",
    "SequenceVariant": "SP_MP_OSP",
    "SeriesDescription": "t1_mpr_sag_iso_(mprage)",
    "SeriesNumber": 2,
    "ShimSetting": [
      -2768,
      -22810,
      1838,
      -69,
      10,
      173,
      -426,
      363
    ],
    "SliceThickness": 1,
    "SoftwareVersions": "syngo_MR_B17",
    "StationName": "MRC35002",
    "TxRefAmp": 346.14,
    "dataset": "ds004086",
    "modality": "T1w",
    "subject_id": "008"
  },
  "cjv": 0.3685419811026787,
  "cnr": 3.724631728509025,
  "efc": 0.6086672824676578,
  "fber": 33774.60635581833,
  "fwhm_avg": 4.613974,
  "fwhm_x": 4.50765,
  "fwhm_y": 4.80579584,
  "fwhm_z": 4.52847616,
  "icvs_csf": 0.19935642279769622,
  "icvs_gm": 0.413155687794427,
  "icvs_wm": 0.38748788940787676,
  "inu_med": 0.3690134584903717,
  "inu_range": 0.12879592478275298,
  "provenance": {
    "md5sum": "f0c830bb33ccba286d16d5f057280960",
    "settings": {
      "testing": false
    },
    "software": "mriqc",
    "version": "23.0.0",
    "warnings": {
      "large_rot_frame": true,
      "small_air_mask": false
    },
    "webapi_port": null,
    "webapi_url": "https://mriqc.nimh.nih.gov/api/v1"
  },
  "qi_1": 0.0,
  "qi_2": 0.008192148202232394,
  "rpve_csf": 17.991329937829136,
  "rpve_gm": 9.141147943041629,
  "rpve_wm": 11.744476053108821,
  "size_x": 176,
  "size_y": 224,
  "size_z": 256,
  "snr_csf": 3.385739867438145,
  "snr_gm": 13.241690364396009,
  "snr_total": 14.97370782181275,
  "snr_wm": 28.293693233604095,
  "snrd_csf": 33.5333419006417,
  "snrd_gm": 81.4754892428874,
  "snrd_total": 74.53493491471563,
  "snrd_wm": 108.59597360061782,
  "spacing_x": 1.0,
  "spacing_y": 0.9765625,
  "spacing_z": 0.9765625,
  "summary_bg_k": 6.5239372387789505,
  "summary_bg_mad": 0.0,
  "summary_bg_mean": 3.407334521010488,
  "summary_bg_median": 0.0,
  "summary_bg_n": 2456151.0,
  "summary_bg_p05": 0.0,
  "summary_bg_p95": 16.80205088853836,
  "summary_bg_stdv": 6.032973551870935,
  "summary_csf_k": 1.6283633226513379,
  "summary_csf_mad": 72.30530654427754,
  "summary_csf_mean": 314.0619435965346,
  "summary_csf_median": 308.7994573228061,
  "summary_csf_n": 39169.0,
  "summary_csf_p05": 178.058498846367,
  "summary_csf_p95": 477.33267584927376,
  "summary_csf_stdv": 91.20473736967975,
  "summary_gm_k": -0.017134342425903615,
  "summary_gm_mad": 57.51454402762038,
  "summary_gm_mean": 748.0093989882293,
  "summary_gm_median": 750.2856988683343,
  "summary_gm_n": 41004.0,
  "summary_gm_p05": 651.7635995543562,
  "summary_gm_p95": 837.2301349919289,
  "summary_gm_stdv": 56.660179269624386,
  "summary_wm_k": 0.2763653621292024,
  "summary_wm_mad": 34.52704315033899,
  "summary_wm_mean": 1000.91019176939,
  "summary_wm_median": 1000.0308890976012,
  "summary_wm_n": 300203.0,
  "summary_wm_p05": 944.5625008793547,
  "summary_wm_p95": 1060.3514872323722,
  "summary_wm_stdv": 35.34459836149607,
  "tpm_overlap_csf": 0.17172970726405531,
  "tpm_overlap_gm": 0.4712330617180626,
  "tpm_overlap_wm": 0.5342745702124654,
  "wm2max": 0.5611535728522158
}