{
  "aor": 0.0006992338709677419,
  "aqi": 0.007917359516129032,
  "bids_meta": {
    "AcquisitionMatrixPE": 64,
    "AcquisitionNumber": 1,
    "AcquisitionTime": "13:19:4.220000",
    "BandwidthPerPixelPhaseEncode": 72.674,
    "BaseResolution": 64,
    "CoilString": "T:HEA;HEP",
    "ConversionSoftware": "dcm2niix",
    "ConversionSoftwareVersion": "v1.0.20190902",
    "DerivedVendorReportedEchoSpacing": 0.000430002,
    "DeviceSerialNumber": "35002",
    "DwellTime": 2.7e-06,
    "EchoTime": 0.031,
    "EffectiveEchoSpacing": 0.000215001,
    "FlipAngle": 90,
    "ImageOrientationPatientDICOM": [
      1,
      0,
      0,
      0,
      1,
      0
    ],
    "ImageType": [
      "ORIGINAL",
      "PRIMARY",
      "M",
      "ND",
      "MOSAIC"
    ],
    "ImagingFrequency": 123.263,
    "InPlanePhaseEncodingDirectionDICOM": "COL",
    "InstitutionAddress": "University_Pkwy_1700_North_685_Provo_AEC1C0_UT_US_84601",
    "InstitutionName": "Brigham_Young_University",
    "InstitutionalDepartmentName": "MRI",
    "MRAcquisitionType": "2D",
    "MagneticFieldStrength": 3,
    "Manufacturer": "Siemens",
    "ManufacturersModelName": "TrioTim",
    "Modality": "MR",
    "ParallelReductionFactorInPlane": 2,
    "PartialFourier": 1,
    "PatientPosition": "HFS",
    "PercentPhaseFOV": 100,
    "PhaseEncodingDirection": "j-",
    "PhaseEncodingSteps": 63,
    "PhaseResolution": 1,
    "PixelBandwidth": 2894,
    "ProcedureStepDescription": "Research_KIRWAN",
    "ProtocolName": "Daselaar_run2",
    "PulseSequenceDetails": "%CustomerSeq%_ep2d_bold_PMU",
    "ReceiveCoilName": "HeadMatrix",
    "ReconMatrixPE": 64,
    "RefLinesPE": 24,
    "RepetitionTime": 1.8,
    "SAR": 0.154851,
    "ScanOptions": "FS",
    "ScanningSequence": "EP",
    "SequenceName": "epfid2d1_64",
    "SequenceVariant": "SK",
    "SeriesDescription": "Daselaar_run2",
    "SeriesNumber": 6,
    "ShimSetting": [
      -2748,
      -22802,
      2171,
      479,
      -12,
      -317,
      -583,
      390
    ],
    "SliceThickness": 3.8,
    "SliceTiming": [
      0.905,
      0,
      0.9575,
      0.055,
      1.01,
      0.1075,
      1.065,
      0.16,
      1.1175,
      0.2125,
      1.17,
      0.2675,
      1.2225,
      0.32,
      1.2775,
      0.3725,
      1.33,
      0.425,
      1.3825,
      0.48,
      1.435,
      0.5325,
      1.49,
      0.585,
      1.5425,
      0.6375,
      1.595,
      0.6925,
      1.6475,
      0.745,
      1.7025,
      0.7975,
      1.755,
      0.85
    ],
    "SoftwareVersions": "syngo_MR_B17",
    "SpacingBetweenSlices": 3.8,
    "StationName": "MRC35002",
    "TaskName": "RecogConf",
    "TotalReadoutTime": 0.0135451,
    "TxRefAmp": 367.41,
    "dataset": "ds004086",
    "modality": "bold",
    "run_id": 2,
    "subject_id": "029",
    "task_id": "RecogConf"
  },
  "dummy_trs": 0,
  "dvars_nstd": 27.807595094979757,
  "dvars_std": 1.1026216228340087,
  "dvars_vstd": 0.9880324403643723,
  "efc": 0.46989596617242346,
  "fber": 1477.7767333984375,
  "fd_mean": 0.20508168213777658,
  "fd_num": 86,
  "fd_perc": 34.67741935483871,
  "fwhm_avg": 2.096078254645476,
  "fwhm_x": 1.9540533333333334,
  "fwhm_y": 2.174986666666667,
  "fwhm_z": 2.159194763936429,
  "gcor": 0.0300483,
  "gsr_x": -0.01201942004263401,
  "gsr_y": 0.021963024511933327,
  "provenance": {
    "md5sum": "2b0ba3fc0880055c2520c0f854b59365",
    "settings": {
      "fd_thres": 0.2,
      "testing": false
    },
    "software": "mriqc",
    "version": "23.0.0",
    "webapi_port": null,
    "webapi_url": "https://mriqc.nimh.nih.gov/api/v1"
  },
  "size_t": 248,
  "size_x": 64,
  "size_y": 64,
  "size_z": 34,
  "snr": 4.995559331893339,
  "spacing_tr": 1.7999999523162842,
  "spacing_x": 3.75,
  "spacing_y": 3.75,
  "spacing_z": 3.799999952316284,
  "summary_bg_k": 52.73453970204304,
  "summary_bg_mad": 6.9825771869543685,
  "summary_bg_mean": 33.241722106933594,
  "summary_bg_median": 18.423385620117188,
  "summary_bg_n": 92354.0,
  "summary_bg_p05": 12.443548202514648,
  "summary_bg_p95": 103.63628997802707,
  "summary_bg_stdv": 46.572540283203125,
  "summary_fg_k": 2.498901901451344,
  "summary_fg_mad": 110.56743130553652,
  "summary_fg_mean": 724.7821044921875,
  "summary_fg_median": 713.26611328125,
  "summary_fg_n": 19091.0,
  "summary_fg_p05": 515.6733703613281,
  "summary_fg_p95": 975.4878845214844,
  "summary_fg_stdv": 142.7762908935547,
  "tsnr": 51.4995523148682
}