{
  "aor": 0.002293591836734694,
  "aqi": 0.011707295387755102,
  "bids_meta": {
    "AcquisitionMatrixPE": 64,
    "AcquisitionNumber": 1,
    "AcquisitionTime": "13:34:38.072500",
    "BandwidthPerPixelPhaseEncode": 72.674,
    "BaseResolution": 64,
    "CoilString": "T:HEA;HEP",
    "ConversionSoftware": "dcm2niix",
    "ConversionSoftwareVersion": "v1.0.20190902",
    "DerivedVendorReportedEchoSpacing": 0.000430002,
    "DeviceSerialNumber": "35002",
    "DwellTime": 2.7e-06,
    "EchoTime": 0.031,
    "EffectiveEchoSpacing": 0.000215001,
    "FlipAngle": 90,
    "ImageOrientationPatientDICOM": [
      1,
      0,
      0,
      0,
      1,
      0
    ],
    "ImageType": [
      "ORIGINAL",
      "PRIMARY",
      "M",
      "ND",
      "MOSAIC"
    ],
    "ImagingFrequency": 123.263,
    "InPlanePhaseEncodingDirectionDICOM": "COL",
    "InstitutionAddress": "University_Pkwy_1700_North_685_Provo_AEC1C0_UT_US_84601",
    "InstitutionName": "Brigham_Young_University",
    "InstitutionalDepartmentName": "MRI",
    "MRAcquisitionType": "2D",
    "MagneticFieldStrength": 3,
    "Manufacturer": "Siemens",
    "ManufacturersModelName": "TrioTim",
    "Modality": "MR",
    "ParallelReductionFactorInPlane": 2,
    "PartialFourier": 1,
    "PatientPosition": "HFS",
    "PercentPhaseFOV": 100,
    "PhaseEncodingDirection": "j-",
    "PhaseEncodingSteps": 63,
    "PhaseResolution": 1,
    "PixelBandwidth": 2894,
    "ProcedureStepDescription": "Research_KIRWAN",
    "ProtocolName": "Daselaar_run4",
    "PulseSequenceDetails": "%CustomerSeq%_ep2d_bold_PMU",
    "ReceiveCoilName": "HeadMatrix",
    "ReconMatrixPE": 64,
    "RefLinesPE": 24,
    "RepetitionTime": 1.8,
    "SAR": 0.154851,
    "ScanOptions": "FS",
    "ScanningSequence": "EP",
    "SequenceName": "epfid2d1_64",
    "SequenceVariant": "SK",
    "SeriesDescription": "Daselaar_run4",
    "SeriesNumber": 8,
    "ShimSetting": [
      -2748,
      -22802,
      2171,
      479,
      -12,
      -317,
      -583,
      390
    ],
    "SliceThickness": 3.8,
    "SliceTiming": [
      0.9025,
      0,
      0.955,
      0.0525,
      1.0075,
      0.105,
      1.0625,
      0.1575,
      1.115,
      0.2125,
      1.1675,
      0.265,
      1.22,
      0.3175,
      1.275,
      0.37,
      1.3275,
      0.425,
      1.38,
      0.4775,
      1.435,
      0.53,
      1.4875,
      0.5825,
      1.54,
      0.6375,
      1.5925,
      0.69,
      1.6475,
      0.7425,
      1.7,
      0.795,
      1.7525,
      0.85
    ],
    "SoftwareVersions": "syngo_MR_B17",
    "SpacingBetweenSlices": 3.8,
    "StationName": "MRC35002",
    "TaskName": "RecogConf",
    "TotalReadoutTime": 0.0135451,
    "TxRefAmp": 367.41,
    "dataset": "ds004086",
    "modality": "bold",
    "run_id": 4,
    "subject_id": "029",
    "task_id": "RecogConf"
  },
  "dummy_trs": 3,
  "dvars_nstd": 29.93739049155738,
  "dvars_std": 1.088990321762295,
  "dvars_vstd": 0.9960098913524593,
  "efc": 0.46947866265630717,
  "fber": 1486.7471923828125,
  "fd_mean": 0.2709579295874464,
  "fd_num": 110,
  "fd_perc": 44.89795918367347,
  "fwhm_avg": 2.1063088160034917,
  "fwhm_x": 1.9699386666666667,
  "fwhm_y": 2.200669333333333,
  "fwhm_z": 2.1483184480104756,
  "gcor": 0.113389,
  "gsr_x": -0.010790570639073849,
  "gsr_y": 0.02099333144724369,
  "provenance": {
    "md5sum": "e0e0f37742cde8615c2119ccccf8b82f",
    "settings": {
      "fd_thres": 0.2,
      "testing": false
    },
    "software": "mriqc",
    "version": "23.0.0",
    "webapi_port": null,
    "webapi_url": "https://mriqc.nimh.nih.gov/api/v1"
  },
  "size_t": 245,
  "size_x": 64,
  "size_y": 64,
  "size_z": 34,
  "snr": 5.056231684451957,
  "spacing_tr": 1.7999999523162842,
  "spacing_x": 3.75,
  "spacing_y": 3.75,
  "spacing_z": 3.799999952316284,
  "summary_bg_k": 53.85758101554206,
  "summary_bg_mad": 6.462936262366411,
  "summary_bg_mean": 32.66067123413086,
  "summary_bg_median": 18.212244033813477,
  "summary_bg_n": 92306.0,
  "summary_bg_p05": 12.844897270202637,
  "summary_bg_p95": 100.93979454040527,
  "summary_bg_stdv": 45.44209671020508,
  "summary_fg_k": 2.5436669897816104,
  "summary_fg_mad": 109.61573895128704,
  "summary_fg_mean": 720.48095703125,
  "summary_fg_median": 708.5428466796875,
  "summary_fg_n": 18937.0,
  "summary_fg_p05": 515.9901977539063,
  "summary_fg_p95": 968.5460571289063,
  "summary_fg_stdv": 140.12889099121094,
  "tsnr": 41.2105039965827
}