{
  "bids_meta": {
    "AcquisitionMatrixPE": 215,
    "AcquisitionNumber": 1,
    "AcquisitionTime": "10:16:24.037500",
    "BaseResolution": 256,
    "CoilString": "C:HEA;HEP",
    "ConversionSoftware": "dcm2niix",
    "ConversionSoftwareVersion": "v1.0.20190902",
    "DeviceSerialNumber": "35002",
    "DwellTime": 9.8e-06,
    "EchoTime": 0.00226,
    "FlipAngle": 9,
    "ImageOrientationPatientDICOM": [
      0,
      1,
      0,
      0,
      0,
      -1
    ],
    "ImageType": [
      "ORIGINAL",
      "PRIMARY",
      "M",
      "ND",
      "NORM"
    ],
    "ImagingFrequency": 123.263,
    "InPlanePhaseEncodingDirectionDICOM": "ROW",
    "InstitutionAddress": "University_Pkwy_1700_North_685_Provo_AEC1C0_UT_US_84601",
    "InstitutionName": "Brigham_Young_University",
    "InstitutionalDepartmentName": "MRI",
    "InversionTime": 0.9,
    "MRAcquisitionType": "3D",
    "MagneticFieldStrength": 3,
    "Manufacturer": "Siemens",
    "ManufacturersModelName": "TrioTim",
    "Modality": "MR",
    "PartialFourier": 0.875,
    "PatientPosition": "HFS",
    "PercentPhaseFOV": 87.5,
    "PhaseEncodingSteps": 227,
    "PhaseOversampling": 0.2,
    "PhaseResolution": 0.96,
    "PixelBandwidth": 199,
    "ProcedureStepDescription": "Research_KIRWAN",
    "ProtocolName": "t1_mpr_sag_iso_(mprage)",
    "PulseSequenceDetails": "%SiemensSeq%_tfl",
    "ReceiveCoilName": "HeadMatrix",
    "ReconMatrixPE": 224,
    "RepetitionTime": 1.9,
    "SAR": 0.105168,
    "ScanOptions": "IR_PFP",
    "ScanningSequence": "GR_IR",
    "SequenceName": "_tfl3d1_ns",
    "SequenceVariant": "SP_MP_OSP",
    "SeriesDescription": "t1_mpr_sag_iso_(mprage)",
    "SeriesNumber": 2,
    "ShimSetting": [
      -2768,
      -22810,
      1838,
      -69,
      10,
      173,
      -426,
      363
    ],
    "SliceThickness": 1,
    "SoftwareVersions": "syngo_MR_B17",
    "StationName": "MRC35002",
    "TxRefAmp": 358.2,
    "dataset": "ds004086",
    "modality": "T1w",
    "subject_id": "002"
  },
  "cjv": 0.35911228972197595,
  "cnr": 3.846802441072409,
  "efc": 0.629404830035622,
  "fber": -1.0,
  "fwhm_avg": 4.48289584,
  "fwhm_x": 4.29466,
  "fwhm_y": 4.77647872,
  "fwhm_z": 4.3775488,
  "icvs_csf": 0.14785080456824032,
  "icvs_gm": 0.4582780196933266,
  "icvs_wm": 0.39387117573843305,
  "inu_med": 0.3730621188879013,
  "inu_range": 0.1506567358970642,
  "provenance": {
    "md5sum": "6d66e669435b0bf8b098cdf7fbf56bd6",
    "settings": {
      "testing": false
    },
    "software": "mriqc",
    "version": "23.0.0",
    "warnings": {
      "large_rot_frame": true,
      "small_air_mask": false
    },
    "webapi_port": null,
    "webapi_url": "https://mriqc.nimh.nih.gov/api/v1"
  },
  "qi_1": 0.0,
  "qi_2": 0.008663734981177713,
  "rpve_csf": 21.28477208908229,
  "rpve_gm": 8.074544005565508,
  "rpve_wm": 10.685771256527524,
  "size_x": 176,
  "size_y": 224,
  "size_z": 256,
  "snr_csf": 2.6676275157826708,
  "snr_gm": 15.003226590127866,
  "snr_total": 14.793150419850805,
  "snr_wm": 26.708597153641882,
  "snrd_csf": 32.961816000777134,
  "snrd_gm": 74.80249018524984,
  "snrd_total": 68.86085124932994,
  "snrd_wm": 98.81824756196283,
  "spacing_x": 1.0,
  "spacing_y": 0.9765625,
  "spacing_z": 0.9765625,
  "summary_bg_k": 8.963274345388093,
  "summary_bg_mad": 0.0,
  "summary_bg_mean": 3.540091663347052,
  "summary_bg_median": 0.0,
  "summary_bg_n": 2223148.0,
  "summary_bg_p05": 0.0,
  "summary_bg_p95": 17.51179438829422,
  "summary_bg_stdv": 6.6299923441707955,
  "summary_csf_k": 1.9421044860232977,
  "summary_csf_mad": 94.8721710043786,
  "summary_csf_mean": 334.571709638573,
  "summary_csf_median": 333.57418048381805,
  "summary_csf_n": 19402.0,
  "summary_csf_p05": 102.77553114295006,
  "summary_csf_p95": 542.8635008193553,
  "summary_csf_stdv": 125.04203904521287,
  "summary_gm_k": -0.026776668597299214,
  "summary_gm_mad": 51.0438116994664,
  "summary_gm_mean": 755.6317133368182,
  "summary_gm_median": 757.0025680959225,
  "summary_gm_n": 65565.0,
  "summary_gm_p05": 670.4637006819248,
  "summary_gm_p95": 836.1031733304262,
  "summary_gm_stdv": 50.4555997078192,
  "summary_wm_k": 0.370741597224272,
  "summary_wm_mad": 36.234804601473066,
  "summary_wm_mean": 1001.9366976808446,
  "summary_wm_median": 1000.0424717664719,
  "summary_wm_n": 320841.0,
  "summary_wm_p05": 943.9792271107435,
  "summary_wm_p95": 1066.561787828803,
  "summary_wm_stdv": 37.442659662804076,
  "tpm_overlap_csf": 0.14530822653850978,
  "tpm_overlap_gm": 0.46313943031793015,
  "tpm_overlap_wm": 0.5121311790766118,
  "wm2max": 0.450307608921038
}