{
  "bids_meta": {
    "AcquisitionMatrixPE": 215,
    "AcquisitionNumber": 1,
    "AcquisitionTime": "13:01:15.765000",
    "BaseResolution": 256,
    "CoilString": "C:HEA;HEP",
    "ConversionSoftware": "dcm2niix",
    "ConversionSoftwareVersion": "v1.0.20190902",
    "DeviceSerialNumber": "35002",
    "DwellTime": 9.8e-06,
    "EchoTime": 0.00226,
    "FlipAngle": 9,
    "ImageOrientationPatientDICOM": [
      0,
      1,
      0,
      0,
      0,
      -1
    ],
    "ImageType": [
      "ORIGINAL",
      "PRIMARY",
      "M",
      "ND",
      "NORM"
    ],
    "ImagingFrequency": 123.263,
    "InPlanePhaseEncodingDirectionDICOM": "ROW",
    "InstitutionAddress": "University_Pkwy_1700_North_685_Provo_AEC1C0_UT_US_84601",
    "InstitutionName": "Brigham_Young_University",
    "InstitutionalDepartmentName": "MRI",
    "InversionTime": 0.9,
    "MRAcquisitionType": "3D",
    "MagneticFieldStrength": 3,
    "Manufacturer": "Siemens",
    "ManufacturersModelName": "TrioTim",
    "Modality": "MR",
    "PartialFourier": 0.875,
    "PatientPosition": "HFS",
    "PercentPhaseFOV": 87.5,
    "PhaseEncodingSteps": 227,
    "PhaseOversampling": 0.2,
    "PhaseResolution": 0.96,
    "PixelBandwidth": 199,
    "ProcedureStepDescription": "Research_KIRWAN",
    "ProtocolName": "t1_mpr_sag_iso_(mprage)",
    "PulseSequenceDetails": "%SiemensSeq%_tfl",
    "ReceiveCoilName": "HeadMatrix",
    "ReconMatrixPE": 224,
    "RepetitionTime": 1.9,
    "SAR": 0.107408,
    "ScanOptions": "IR_PFP",
    "ScanningSequence": "GR_IR",
    "SequenceName": "_tfl3d1_ns",
    "SequenceVariant": "SP_MP_OSP",
    "SeriesDescription": "t1_mpr_sag_iso_(mprage)",
    "SeriesNumber": 2,
    "ShimSetting": [
      -2768,
      -22810,
      1838,
      -69,
      10,
      173,
      -426,
      363
    ],
    "SliceThickness": 1,
    "SoftwareVersions": "syngo_MR_B17",
    "StationName": "MRC35002",
    "TxRefAmp": 313.651,
    "dataset": "ds004086",
    "modality": "T1w",
    "subject_id": "014"
  },
  "cjv": 0.28913819199071905,
  "cnr": 4.750059161790467,
  "efc": 0.5793076785113708,
  "fber": 16109.467455621301,
  "fwhm_avg": 4.72944104,
  "fwhm_x": 4.49731,
  "fwhm_y": 5.1689472,
  "fwhm_z": 4.52206592,
  "icvs_csf": 0.17632904624017018,
  "icvs_gm": 0.46926625878656486,
  "icvs_wm": 0.354404694973265,
  "inu_med": 0.423875629901886,
  "inu_range": 0.16924583911895752,
  "provenance": {
    "md5sum": "77835359173ba1f7a2def33db42c4862",
    "settings": {
      "testing": false
    },
    "software": "mriqc",
    "version": "23.0.0",
    "warnings": {
      "large_rot_frame": true,
      "small_air_mask": false
    },
    "webapi_port": null,
    "webapi_url": "https://mriqc.nimh.nih.gov/api/v1"
  },
  "qi_1": 0.0,
  "qi_2": 0.004945435058255622,
  "rpve_csf": 25.177631149147448,
  "rpve_gm": 10.626336638956456,
  "rpve_wm": 15.51158567105155,
  "size_x": 176,
  "size_y": 224,
  "size_z": 256,
  "snr_csf": 2.377599255114573,
  "snr_gm": 14.798560405202963,
  "snr_total": 15.168560316287499,
  "snr_wm": 28.329521288544964,
  "snrd_csf": 22.33725341437703,
  "snrd_gm": 56.1208146500967,
  "snrd_total": 52.3735810885642,
  "snrd_wm": 78.66267520121887,
  "spacing_x": 1.0,
  "spacing_y": 0.9765625,
  "spacing_z": 0.9765625,
  "summary_bg_k": 9.974836082895207,
  "summary_bg_mad": 0.0,
  "summary_bg_mean": 5.218094681089422,
  "summary_bg_median": 0.0,
  "summary_bg_n": 2407251.0,
  "summary_bg_p05": 0.0,
  "summary_bg_p95": 21.328776091337204,
  "summary_bg_stdv": 8.328427982242236,
  "summary_csf_k": 0.18592121968305841,
  "summary_csf_mad": 96.90463001925845,
  "summary_csf_mean": 289.6128478992063,
  "summary_csf_median": 283.9625555574894,
  "summary_csf_n": 26722.0,
  "summary_csf_p05": 79.0762515679002,
  "summary_csf_p95": 498.10495384037495,
  "summary_csf_stdv": 119.43023687615543,
  "summary_gm_k": -0.035335670612866465,
  "summary_gm_mad": 48.97567713878383,
  "summary_gm_mean": 713.3853085671849,
  "summary_gm_median": 713.4364128112793,
  "summary_gm_n": 63413.0,
  "summary_gm_p05": 634.3267189115286,
  "summary_gm_p95": 792.1373670995235,
  "summary_gm_stdv": 48.2094722687751,
  "summary_wm_k": 0.4688988643802232,
  "summary_wm_mad": 33.88081151895619,
  "summary_wm_mean": 1000.5415715102922,
  "summary_wm_median": 1000.0000386238098,
  "summary_wm_n": 200963.0,
  "summary_wm_p05": 943.779762968421,
  "summary_wm_p95": 1058.9328589737415,
  "summary_wm_stdv": 35.29878039290359,
  "tpm_overlap_csf": 0.1476419957274591,
  "tpm_overlap_gm": 0.48066326906185547,
  "tpm_overlap_wm": 0.5092375182848422,
  "wm2max": 0.49431347105871165
}