{
  "aor": 0.0011812096774193549,
  "aqi": 0.005624008790322581,
  "bids_meta": {
    "AcquisitionMatrixPE": 64,
    "AcquisitionNumber": 1,
    "AcquisitionTime": "09:40:36.767500",
    "BandwidthPerPixelPhaseEncode": 72.674,
    "BaseResolution": 64,
    "CoilString": "T:HEA;HEP",
    "ConversionSoftware": "dcm2niix",
    "ConversionSoftwareVersion": "v1.0.20190902",
    "DerivedVendorReportedEchoSpacing": 0.000430002,
    "DeviceSerialNumber": "35002",
    "DwellTime": 2.7e-06,
    "EchoTime": 0.031,
    "EffectiveEchoSpacing": 0.000215001,
    "FlipAngle": 90,
    "ImageOrientationPatientDICOM": [
      1,
      0,
      0,
      0,
      1,
      0
    ],
    "ImageType": [
      "ORIGINAL",
      "PRIMARY",
      "M",
      "ND",
      "MOSAIC"
    ],
    "ImagingFrequency": 123.262,
    "InPlanePhaseEncodingDirectionDICOM": "COL",
    "InstitutionAddress": "University_Pkwy_1700_North_685_Provo_AEC1C0_UT_US_84601",
    "InstitutionName": "Brigham_Young_University",
    "InstitutionalDepartmentName": "MRI",
    "MRAcquisitionType": "2D",
    "MagneticFieldStrength": 3,
    "Manufacturer": "Siemens",
    "ManufacturersModelName": "TrioTim",
    "Modality": "MR",
    "ParallelReductionFactorInPlane": 2,
    "PartialFourier": 1,
    "PatientPosition": "HFS",
    "PercentPhaseFOV": 100,
    "PhaseEncodingDirection": "j-",
    "PhaseEncodingSteps": 63,
    "PhaseResolution": 1,
    "PixelBandwidth": 2894,
    "ProcedureStepDescription": "Research_KIRWAN",
    "ProtocolName": "Daselaar_run1",
    "PulseSequenceDetails": "%CustomerSeq%_ep2d_bold_PMU",
    "ReceiveCoilName": "HeadMatrix",
    "ReconMatrixPE": 64,
    "RefLinesPE": 24,
    "RepetitionTime": 1.8,
    "SAR": 0.13301,
    "ScanOptions": "FS",
    "ScanningSequence": "EP",
    "SequenceName": "epfid2d1_64",
    "SequenceVariant": "SK",
    "SeriesDescription": "Daselaar_run1",
    "SeriesNumber": 5,
    "ShimSetting": [
      -2722,
      -22659,
      2104,
      809,
      -82,
      301,
      -1561,
      185
    ],
    "SliceThickness": 3.8,
    "SliceTiming": [
      0.9025,
      0,
      0.9575,
      0.0525,
      1.01,
      0.1075,
      1.0625,
      0.16,
      1.1175,
      0.2125,
      1.17,
      0.265,
      1.2225,
      0.32,
      1.275,
      0.3725,
      1.33,
      0.425,
      1.3825,
      0.4775,
      1.435,
      0.5325,
      1.4875,
      0.585,
      1.5425,
      0.6375,
      1.595,
      0.69,
      1.6475,
      0.745,
      1.7,
      0.7975,
      1.755,
      0.85
    ],
    "SoftwareVersions": "syngo_MR_B17",
    "SpacingBetweenSlices": 3.8,
    "StationName": "MRC35002",
    "TaskName": "RecogConf",
    "TotalReadoutTime": 0.0135451,
    "TxRefAmp": 342.905,
    "dataset": "ds004086",
    "modality": "bold",
    "run_id": 1,
    "subject_id": "039",
    "task_id": "RecogConf"
  },
  "dummy_trs": 0,
  "dvars_nstd": 22.719859582591095,
  "dvars_std": 1.1003970564372465,
  "dvars_vstd": 0.988614034615385,
  "efc": 0.4286878653542876,
  "fber": 2201.06787109375,
  "fd_mean": 0.10823693979699263,
  "fd_num": 25,
  "fd_perc": 10.080645161290322,
  "fwhm_avg": 1.9331568385110423,
  "fwhm_x": 1.8075866666666667,
  "fwhm_y": 2.0549706666666667,
  "fwhm_z": 1.936913182199794,
  "gcor": 0.016385,
  "gsr_x": -0.01790717989206314,
  "gsr_y": 0.005503149703145027,
  "provenance": {
    "md5sum": "560cd82b1e6ac6e6b7c89f1a8a6aa1f1",
    "settings": {
      "fd_thres": 0.2,
      "testing": false
    },
    "software": "mriqc",
    "version": "23.0.0",
    "webapi_port": null,
    "webapi_url": "https://mriqc.nimh.nih.gov/api/v1"
  },
  "size_t": 248,
  "size_x": 64,
  "size_y": 64,
  "size_z": 34,
  "snr": 5.551278320022013,
  "spacing_tr": 1.7999999523162842,
  "spacing_x": 3.75,
  "spacing_y": 3.75,
  "spacing_z": 3.799999952316284,
  "summary_bg_k": 58.007085196361636,
  "summary_bg_mad": 4.268459430514398,
  "summary_bg_mean": 26.909961700439453,
  "summary_bg_median": 15.721774101257324,
  "summary_bg_n": 96668.0,
  "summary_bg_p05": 11.868346357345583,
  "summary_bg_p95": 72.93265571594233,
  "summary_bg_stdv": 42.073665618896484,
  "summary_fg_k": 1.5321156990974156,
  "summary_fg_mad": 118.5244734367398,
  "summary_fg_mean": 745.3798828125,
  "summary_fg_median": 742.2297973632812,
  "summary_fg_n": 15637.0,
  "summary_fg_p05": 538.2048217773438,
  "summary_fg_p95": 962.858850097656,
  "summary_fg_stdv": 133.7000274658203,
  "tsnr": 61.29622823302634
}