{
  "aor": 0.00042158536585365855,
  "aqi": 0.006429818780487806,
  "bids_meta": {
    "AcquisitionMatrixPE": 64,
    "AcquisitionNumber": 1,
    "AcquisitionTime": "16:38:1.835000",
    "BandwidthPerPixelPhaseEncode": 72.674,
    "BaseResolution": 64,
    "CoilString": "T:HEA;HEP",
    "ConversionSoftware": "dcm2niix",
    "ConversionSoftwareVersion": "v1.0.20190902",
    "DerivedVendorReportedEchoSpacing": 0.000430002,
    "DeviceSerialNumber": "35002",
    "DwellTime": 2.7e-06,
    "EchoTime": 0.031,
    "EffectiveEchoSpacing": 0.000215001,
    "FlipAngle": 90,
    "ImageOrientationPatientDICOM": [
      1,
      0,
      0,
      0,
      1,
      0
    ],
    "ImageType": [
      "ORIGINAL",
      "PRIMARY",
      "M",
      "ND",
      "MOSAIC"
    ],
    "ImagingFrequency": 123.263,
    "InPlanePhaseEncodingDirectionDICOM": "COL",
    "InstitutionAddress": "University_Pkwy_1700_North_685_Provo_AEC1C0_UT_US_84601",
    "InstitutionName": "Brigham_Young_University",
    "InstitutionalDepartmentName": "MRI",
    "MRAcquisitionType": "2D",
    "MagneticFieldStrength": 3,
    "Manufacturer": "Siemens",
    "ManufacturersModelName": "TrioTim",
    "Modality": "MR",
    "ParallelReductionFactorInPlane": 2,
    "PartialFourier": 1,
    "PatientPosition": "HFS",
    "PercentPhaseFOV": 100,
    "PhaseEncodingDirection": "j-",
    "PhaseEncodingSteps": 63,
    "PhaseResolution": 1,
    "PixelBandwidth": 2894,
    "ProcedureStepDescription": "Research_KIRWAN",
    "ProtocolName": "Daselaar_run4",
    "PulseSequenceDetails": "%CustomerSeq%_ep2d_bold_PMU",
    "ReceiveCoilName": "HeadMatrix",
    "ReconMatrixPE": 64,
    "RefLinesPE": 24,
    "RepetitionTime": 1.8,
    "SAR": 0.142282,
    "ScanOptions": "FS",
    "ScanningSequence": "EP",
    "SequenceName": "epfid2d1_64",
    "SequenceVariant": "SK",
    "SeriesDescription": "Daselaar_run4",
    "SeriesNumber": 8,
    "ShimSetting": [
      -2768,
      -22775,
      2197,
      397,
      56,
      395,
      -427,
      294
    ],
    "SliceThickness": 3.8,
    "SliceTiming": [
      0.905,
      0,
      0.9575,
      0.055,
      1.01,
      0.1075,
      1.065,
      0.16,
      1.1175,
      0.2125,
      1.17,
      0.2675,
      1.2225,
      0.32,
      1.2775,
      0.3725,
      1.33,
      0.425,
      1.3825,
      0.48,
      1.435,
      0.5325,
      1.49,
      0.585,
      1.5425,
      0.64,
      1.595,
      0.6925,
      1.6475,
      0.745,
      1.7025,
      0.7975,
      1.755,
      0.8525
    ],
    "SoftwareVersions": "syngo_MR_B17",
    "SpacingBetweenSlices": 3.8,
    "StationName": "MRC35002",
    "TaskName": "RecogConf",
    "TotalReadoutTime": 0.0135451,
    "TxRefAmp": 332.368,
    "dataset": "ds004086",
    "modality": "bold",
    "run_id": 4,
    "subject_id": "030",
    "task_id": "RecogConf"
  },
  "dummy_trs": 2,
  "dvars_nstd": 23.17679853648978,
  "dvars_std": 1.1518861556326534,
  "dvars_vstd": 0.9948996242857142,
  "efc": 0.4232510164141036,
  "fber": 2268.62451171875,
  "fd_mean": 0.054915516162441357,
  "fd_num": 3,
  "fd_perc": 1.2195121951219512,
  "fwhm_avg": 1.9202795282683398,
  "fwhm_x": 1.8157919999999999,
  "fwhm_y": 2.0801386666666666,
  "fwhm_z": 1.8649079181383523,
  "gcor": 0.0222178,
  "gsr_x": -0.013172774575650692,
  "gsr_y": 0.01699928380548954,
  "provenance": {
    "md5sum": "87f25cef8ce50de129e505239c667f23",
    "settings": {
      "fd_thres": 0.2,
      "testing": false
    },
    "software": "mriqc",
    "version": "23.0.0",
    "webapi_port": null,
    "webapi_url": "https://mriqc.nimh.nih.gov/api/v1"
  },
  "size_t": 246,
  "size_x": 64,
  "size_y": 64,
  "size_z": 34,
  "snr": 6.499669209332023,
  "spacing_tr": 1.7999999523162842,
  "spacing_x": 3.75,
  "spacing_y": 3.75,
  "spacing_z": 3.799999952316284,
  "summary_bg_k": 138.9851080645093,
  "summary_bg_mad": 5.201160015927884,
  "summary_bg_mean": 28.1621036529541,
  "summary_bg_median": 17.203250885009766,
  "summary_bg_n": 97322.0,
  "summary_bg_p05": 12.6422758102417,
  "summary_bg_p95": 72.64979591369625,
  "summary_bg_stdv": 42.75764846801758,
  "summary_fg_k": 1.9591117058142684,
  "summary_fg_mad": 110.58041674366856,
  "summary_fg_mean": 819.2973022460938,
  "summary_fg_median": 823.30078125,
  "summary_fg_n": 14908.0,
  "summary_fg_p05": 612.2434661865235,
  "summary_fg_p95": 1016.2271820068358,
  "summary_fg_stdv": 126.66385650634766,
  "tsnr": 63.369577277451754
}