{
  "bids_meta": {
    "AcquisitionMatrixPE": 215,
    "AcquisitionNumber": 1,
    "AcquisitionTime": "09:08:22.375000",
    "BaseResolution": 256,
    "CoilString": "C:HEA;HEP",
    "ConversionSoftware": "dcm2niix",
    "ConversionSoftwareVersion": "v1.0.20190902",
    "DeviceSerialNumber": "35002",
    "DwellTime": 9.8e-06,
    "EchoTime": 0.00226,
    "FlipAngle": 9,
    "ImageOrientationPatientDICOM": [
      0,
      1,
      0,
      0,
      0,
      -1
    ],
    "ImageType": [
      "ORIGINAL",
      "PRIMARY",
      "M",
      "ND",
      "NORM"
    ],
    "ImagingFrequency": 123.263,
    "InPlanePhaseEncodingDirectionDICOM": "ROW",
    "InstitutionAddress": "University_Pkwy_1700_North_685_Provo_AEC1C0_UT_US_84601",
    "InstitutionName": "Brigham_Young_University",
    "InstitutionalDepartmentName": "MRI",
    "InversionTime": 0.9,
    "MRAcquisitionType": "3D",
    "MagneticFieldStrength": 3,
    "Manufacturer": "Siemens",
    "ManufacturersModelName": "TrioTim",
    "Modality": "MR",
    "PartialFourier": 0.875,
    "PatientPosition": "HFS",
    "PercentPhaseFOV": 87.5,
    "PhaseEncodingSteps": 227,
    "PhaseOversampling": 0.2,
    "PhaseResolution": 0.96,
    "PixelBandwidth": 199,
    "ProcedureStepDescription": "Research_KIRWAN",
    "ProtocolName": "t1_mpr_sag_iso_(mprage)",
    "PulseSequenceDetails": "%SiemensSeq%_tfl",
    "ReceiveCoilName": "HeadMatrix",
    "ReconMatrixPE": 224,
    "RepetitionTime": 1.9,
    "SAR": 0.0894514,
    "ScanOptions": "IR_PFP",
    "ScanningSequence": "GR_IR",
    "SequenceName": "_tfl3d1_ns",
    "SequenceVariant": "SP_MP_OSP",
    "SeriesDescription": "t1_mpr_sag_iso_(mprage)",
    "SeriesNumber": 2,
    "ShimSetting": [
      -2768,
      -22810,
      1838,
      -69,
      10,
      173,
      -426,
      363
    ],
    "SliceThickness": 1,
    "SoftwareVersions": "syngo_MR_B17",
    "StationName": "MRC35002",
    "TxRefAmp": 337.4,
    "dataset": "ds004086",
    "modality": "T1w",
    "subject_id": "026"
  },
  "cjv": 0.3677155951950547,
  "cnr": 3.6989537009827274,
  "efc": 0.5983053296017673,
  "fber": 17375.269787821006,
  "fwhm_avg": 4.4941616,
  "fwhm_x": 4.30724,
  "fwhm_y": 4.744519680000001,
  "fwhm_z": 4.43072512,
  "icvs_csf": 0.18610309767431238,
  "icvs_gm": 0.4446399360704546,
  "icvs_wm": 0.369256966255233,
  "inu_med": 0.45407243072986603,
  "inu_range": 0.18214614689350128,
  "provenance": {
    "md5sum": "a2e0f5c3b7acc7591894d127ef440d2c",
    "settings": {
      "testing": false
    },
    "software": "mriqc",
    "version": "23.0.0",
    "warnings": {
      "large_rot_frame": true,
      "small_air_mask": false
    },
    "webapi_port": null,
    "webapi_url": "https://mriqc.nimh.nih.gov/api/v1"
  },
  "qi_1": 0.0,
  "qi_2": 0.006032605169441633,
  "rpve_csf": 19.387238228657136,
  "rpve_gm": 8.914671538372797,
  "rpve_wm": 12.336022145971288,
  "size_x": 176,
  "size_y": 224,
  "size_z": 256,
  "snr_csf": 3.332739808381966,
  "snr_gm": 13.806555751182412,
  "snr_total": 13.311588862719779,
  "snr_wm": 22.79547102859496,
  "snrd_csf": 21.323358349817166,
  "snrd_gm": 49.43837792262416,
  "snrd_total": 45.82574283029977,
  "snrd_wm": 66.71549221845797,
  "spacing_x": 1.0,
  "spacing_y": 0.9765625,
  "spacing_z": 0.9765625,
  "summary_bg_k": 32.60964553766252,
  "summary_bg_mad": 0.0,
  "summary_bg_mean": 5.612561393069517,
  "summary_bg_median": 0.0,
  "summary_bg_n": 2838926.0,
  "summary_bg_p05": 0.0,
  "summary_bg_p95": 23.32209412008524,
  "summary_bg_stdv": 9.82019497381658,
  "summary_csf_k": 1.2341325036118524,
  "summary_csf_mad": 83.48043120993805,
  "summary_csf_mean": 329.6315613018726,
  "summary_csf_median": 319.6273882687092,
  "summary_csf_n": 31102.0,
  "summary_csf_p05": 193.2188575603068,
  "summary_csf_p95": 508.18356486596156,
  "summary_csf_stdv": 95.9037513369614,
  "summary_gm_k": 0.027682763516633457,
  "summary_gm_mad": 53.28318880930613,
  "summary_gm_mean": 740.1520286656157,
  "summary_gm_median": 741.0586717352271,
  "summary_gm_n": 40104.0,
  "summary_gm_p05": 649.8209711909294,
  "summary_gm_p95": 827.4303615838289,
  "summary_gm_stdv": 53.67373629029237,
  "summary_wm_k": 0.4341708169211511,
  "summary_wm_mad": 41.94634012647504,
  "summary_wm_mean": 1002.3522456100375,
  "summary_wm_median": 1000.0347124040127,
  "summary_wm_n": 250958.0,
  "summary_wm_p05": 934.0255394559354,
  "summary_wm_p95": 1077.8561263158917,
  "summary_wm_stdv": 43.86979846624606,
  "tpm_overlap_csf": 0.16567888046003068,
  "tpm_overlap_gm": 0.4651470857230134,
  "tpm_overlap_wm": 0.5119764802066546,
  "wm2max": 0.5419170135422748
}