{
  "aor": 0.0005691935483870968,
  "aqi": 0.0035176106048387095,
  "bids_meta": {
    "AcquisitionMatrixPE": 64,
    "AcquisitionNumber": 1,
    "AcquisitionTime": "11:30:28.770000",
    "BandwidthPerPixelPhaseEncode": 72.674,
    "BaseResolution": 64,
    "CoilString": "T:HEA;HEP",
    "ConversionSoftware": "dcm2niix",
    "ConversionSoftwareVersion": "v1.0.20190902",
    "DerivedVendorReportedEchoSpacing": 0.000430002,
    "DeviceSerialNumber": "35002",
    "DwellTime": 2.7e-06,
    "EchoTime": 0.031,
    "EffectiveEchoSpacing": 0.000215001,
    "FlipAngle": 90,
    "ImageOrientationPatientDICOM": [
      1,
      0,
      0,
      0,
      1,
      0
    ],
    "ImageType": [
      "ORIGINAL",
      "PRIMARY",
      "M",
      "ND",
      "MOSAIC"
    ],
    "ImagingFrequency": 123.263,
    "InPlanePhaseEncodingDirectionDICOM": "COL",
    "InstitutionAddress": "University_Pkwy_1700_North_685_Provo_AEC1C0_UT_US_84601",
    "InstitutionName": "Brigham_Young_University",
    "InstitutionalDepartmentName": "MRI",
    "MRAcquisitionType": "2D",
    "MagneticFieldStrength": 3,
    "Manufacturer": "Siemens",
    "ManufacturersModelName": "TrioTim",
    "Modality": "MR",
    "ParallelReductionFactorInPlane": 2,
    "PartialFourier": 1,
    "PatientPosition": "HFS",
    "PercentPhaseFOV": 100,
    "PhaseEncodingDirection": "j-",
    "PhaseEncodingSteps": 63,
    "PhaseResolution": 1,
    "PixelBandwidth": 2894,
    "ProcedureStepDescription": "Research_KIRWAN",
    "ProtocolName": "Daselaar_run3",
    "PulseSequenceDetails": "%CustomerSeq%_ep2d_bold_PMU",
    "ReceiveCoilName": "HeadMatrix",
    "ReconMatrixPE": 64,
    "RefLinesPE": 24,
    "RepetitionTime": 1.8,
    "SAR": 0.19332,
    "ScanOptions": "FS",
    "ScanningSequence": "EP",
    "SequenceName": "epfid2d1_64",
    "SequenceVariant": "SK",
    "SeriesDescription": "Daselaar_run3",
    "SeriesNumber": 7,
    "ShimSetting": [
      -2762,
      -22807,
      2268,
      940,
      -66,
      432,
      -534,
      254
    ],
    "SliceThickness": 3.8,
    "SliceTiming": [
      0.905,
      0,
      0.9575,
      0.0525,
      1.01,
      0.1075,
      1.0625,
      0.16,
      1.1175,
      0.2125,
      1.17,
      0.2675,
      1.2225,
      0.32,
      1.275,
      0.3725,
      1.33,
      0.425,
      1.3825,
      0.48,
      1.435,
      0.5325,
      1.4875,
      0.585,
      1.5425,
      0.6375,
      1.595,
      0.6925,
      1.6475,
      0.745,
      1.7,
      0.7975,
      1.755,
      0.85
    ],
    "SoftwareVersions": "syngo_MR_B17",
    "SpacingBetweenSlices": 3.8,
    "StationName": "MRC35002",
    "TaskName": "RecogConf",
    "TotalReadoutTime": 0.0135451,
    "TxRefAmp": 330.831,
    "dataset": "ds004086",
    "modality": "bold",
    "run_id": 3,
    "subject_id": "009",
    "task_id": "RecogConf"
  },
  "dummy_trs": 0,
  "dvars_nstd": 20.356751283724677,
  "dvars_std": 1.0471425467206479,
  "dvars_vstd": 1.0063575045344137,
  "efc": 0.467274383183421,
  "fber": 2011.275390625,
  "fd_mean": 0.0749582258278891,
  "fd_num": 4,
  "fd_perc": 1.6129032258064515,
  "fwhm_avg": 1.9514650840951486,
  "fwhm_x": 1.8402186666666667,
  "fwhm_y": 2.0844186666666666,
  "fwhm_z": 1.9297579189521126,
  "gcor": 0.0284094,
  "gsr_x": -0.011688378639519215,
  "gsr_y": 0.02268095128238201,
  "provenance": {
    "md5sum": "0ae9f6b28ea7bc9560ef2e8695fbce5e",
    "settings": {
      "fd_thres": 0.2,
      "testing": false
    },
    "software": "mriqc",
    "version": "23.0.0",
    "webapi_port": null,
    "webapi_url": "https://mriqc.nimh.nih.gov/api/v1"
  },
  "size_t": 248,
  "size_x": 64,
  "size_y": 64,
  "size_z": 34,
  "snr": 5.740174010830885,
  "spacing_tr": 1.7999999523162842,
  "spacing_x": 3.75,
  "spacing_y": 3.75,
  "spacing_z": 3.799999952316284,
  "summary_bg_k": 52.55710037577601,
  "summary_bg_mad": 4.949978602739615,
  "summary_bg_mean": 31.41397476196289,
  "summary_bg_median": 16.641128540039062,
  "summary_bg_n": 91128.0,
  "summary_bg_p05": 12.471774101257324,
  "summary_bg_p95": 110.19031677246075,
  "summary_bg_stdv": 49.09730529785156,
  "summary_fg_k": 1.3522497910112001,
  "summary_fg_mad": 116.91626990724264,
  "summary_fg_mean": 757.1576538085938,
  "summary_fg_median": 752.4112548828125,
  "summary_fg_n": 19427.0,
  "summary_fg_p05": 551.25,
  "summary_fg_p95": 974.8060180664064,
  "summary_fg_stdv": 131.0747528076172,
  "tsnr": 72.52064235135913
}