{
  "aor": 0.0006645967741935484,
  "aqi": 0.003595070040322581,
  "bids_meta": {
    "AcquisitionMatrixPE": 64,
    "AcquisitionNumber": 1,
    "AcquisitionTime": "11:22:31.870000",
    "BandwidthPerPixelPhaseEncode": 72.674,
    "BaseResolution": 64,
    "CoilString": "T:HEA;HEP",
    "ConversionSoftware": "dcm2niix",
    "ConversionSoftwareVersion": "v1.0.20190902",
    "DerivedVendorReportedEchoSpacing": 0.000430002,
    "DeviceSerialNumber": "35002",
    "DwellTime": 2.7e-06,
    "EchoTime": 0.031,
    "EffectiveEchoSpacing": 0.000215001,
    "FlipAngle": 90,
    "ImageOrientationPatientDICOM": [
      1,
      0,
      0,
      0,
      1,
      0
    ],
    "ImageType": [
      "ORIGINAL",
      "PRIMARY",
      "M",
      "ND",
      "MOSAIC"
    ],
    "ImagingFrequency": 123.263,
    "InPlanePhaseEncodingDirectionDICOM": "COL",
    "InstitutionAddress": "University_Pkwy_1700_North_685_Provo_AEC1C0_UT_US_84601",
    "InstitutionName": "Brigham_Young_University",
    "InstitutionalDepartmentName": "MRI",
    "MRAcquisitionType": "2D",
    "MagneticFieldStrength": 3,
    "Manufacturer": "Siemens",
    "ManufacturersModelName": "TrioTim",
    "Modality": "MR",
    "ParallelReductionFactorInPlane": 2,
    "PartialFourier": 1,
    "PatientPosition": "HFS",
    "PercentPhaseFOV": 100,
    "PhaseEncodingDirection": "j-",
    "PhaseEncodingSteps": 63,
    "PhaseResolution": 1,
    "PixelBandwidth": 2894,
    "ProcedureStepDescription": "Research_KIRWAN",
    "ProtocolName": "Daselaar_run2",
    "PulseSequenceDetails": "%CustomerSeq%_ep2d_bold_PMU",
    "ReceiveCoilName": "HeadMatrix",
    "ReconMatrixPE": 64,
    "RefLinesPE": 24,
    "RepetitionTime": 1.8,
    "SAR": 0.19332,
    "ScanOptions": "FS",
    "ScanningSequence": "EP",
    "SequenceName": "epfid2d1_64",
    "SequenceVariant": "SK",
    "SeriesDescription": "Daselaar_run2",
    "SeriesNumber": 6,
    "ShimSetting": [
      -2762,
      -22807,
      2268,
      940,
      -66,
      432,
      -534,
      254
    ],
    "SliceThickness": 3.8,
    "SliceTiming": [
      0.9025,
      0,
      0.955,
      0.0525,
      1.0075,
      0.105,
      1.0625,
      0.1575,
      1.115,
      0.2125,
      1.1675,
      0.265,
      1.22,
      0.3175,
      1.275,
      0.37,
      1.3275,
      0.425,
      1.38,
      0.4775,
      1.4325,
      0.53,
      1.4875,
      0.5825,
      1.54,
      0.6375,
      1.5925,
      0.69,
      1.645,
      0.7425,
      1.7,
      0.795,
      1.7525,
      0.85
    ],
    "SoftwareVersions": "syngo_MR_B17",
    "SpacingBetweenSlices": 3.8,
    "StationName": "MRC35002",
    "TaskName": "RecogConf",
    "TotalReadoutTime": 0.0135451,
    "TxRefAmp": 330.831,
    "dataset": "ds004086",
    "modality": "bold",
    "run_id": 2,
    "subject_id": "009",
    "task_id": "RecogConf"
  },
  "dummy_trs": 0,
  "dvars_nstd": 20.32153316441296,
  "dvars_std": 1.0475363302429153,
  "dvars_vstd": 1.0079060629554661,
  "efc": 0.46708128019303813,
  "fber": 2014.5692138671875,
  "fd_mean": 0.06806816428796059,
  "fd_num": 3,
  "fd_perc": 1.2096774193548387,
  "fwhm_avg": 1.9546953531076448,
  "fwhm_x": 1.8451946666666668,
  "fwhm_y": 2.087544,
  "fwhm_z": 1.9313473926562685,
  "gcor": 0.0268377,
  "gsr_x": -0.011558053083717823,
  "gsr_y": 0.022239509969949722,
  "provenance": {
    "md5sum": "6de7fcf2a07c8bdd5940131360e7bdff",
    "settings": {
      "fd_thres": 0.2,
      "testing": false
    },
    "software": "mriqc",
    "version": "23.0.0",
    "webapi_port": null,
    "webapi_url": "https://mriqc.nimh.nih.gov/api/v1"
  },
  "size_t": 248,
  "size_x": 64,
  "size_y": 64,
  "size_z": 34,
  "snr": 5.761508286111166,
  "spacing_tr": 1.7999999523162842,
  "spacing_x": 3.75,
  "spacing_y": 3.75,
  "spacing_z": 3.799999952316284,
  "summary_bg_k": 51.89855182338147,
  "summary_bg_mad": 4.872261094859997,
  "summary_bg_mean": 31.274066925048828,
  "summary_bg_median": 16.637096405029297,
  "summary_bg_n": 91114.0,
  "summary_bg_p05": 12.471774101257324,
  "summary_bg_p95": 108.50423240661611,
  "summary_bg_stdv": 48.67823791503906,
  "summary_fg_k": 1.3352588760909283,
  "summary_fg_mad": 117.0030053946961,
  "summary_fg_mean": 758.1786499023438,
  "summary_fg_median": 753.126953125,
  "summary_fg_n": 19392.0,
  "summary_fg_p05": 553.379605102539,
  "summary_fg_p95": 975.3199188232422,
  "summary_fg_stdv": 130.71360778808594,
  "tsnr": 71.7735117059201
}