{
  "aor": 0.0004616532258064516,
  "aqi": 0.004509673427419355,
  "bids_meta": {
    "AcquisitionMatrixPE": 64,
    "AcquisitionNumber": 1,
    "AcquisitionTime": "11:14:35.325000",
    "BandwidthPerPixelPhaseEncode": 72.674,
    "BaseResolution": 64,
    "CoilString": "T:HEA;HEP",
    "ConversionSoftware": "dcm2niix",
    "ConversionSoftwareVersion": "v1.0.20190902",
    "DerivedVendorReportedEchoSpacing": 0.000430002,
    "DeviceSerialNumber": "35002",
    "DwellTime": 2.7e-06,
    "EchoTime": 0.031,
    "EffectiveEchoSpacing": 0.000215001,
    "FlipAngle": 90,
    "ImageOrientationPatientDICOM": [
      1,
      0,
      0,
      0,
      1,
      0
    ],
    "ImageType": [
      "ORIGINAL",
      "PRIMARY",
      "M",
      "ND",
      "MOSAIC"
    ],
    "ImagingFrequency": 123.263,
    "InPlanePhaseEncodingDirectionDICOM": "COL",
    "InstitutionAddress": "University_Pkwy_1700_North_685_Provo_AEC1C0_UT_US_84601",
    "InstitutionName": "Brigham_Young_University",
    "InstitutionalDepartmentName": "MRI",
    "MRAcquisitionType": "2D",
    "MagneticFieldStrength": 3,
    "Manufacturer": "Siemens",
    "ManufacturersModelName": "TrioTim",
    "Modality": "MR",
    "ParallelReductionFactorInPlane": 2,
    "PartialFourier": 1,
    "PatientPosition": "HFS",
    "PercentPhaseFOV": 100,
    "PhaseEncodingDirection": "j-",
    "PhaseEncodingSteps": 63,
    "PhaseResolution": 1,
    "PixelBandwidth": 2894,
    "ProcedureStepDescription": "Research_KIRWAN",
    "ProtocolName": "Daselaar_run1",
    "PulseSequenceDetails": "%CustomerSeq%_ep2d_bold_PMU",
    "ReceiveCoilName": "HeadMatrix",
    "ReconMatrixPE": 64,
    "RefLinesPE": 24,
    "RepetitionTime": 1.8,
    "SAR": 0.19332,
    "ScanOptions": "FS",
    "ScanningSequence": "EP",
    "SequenceName": "epfid2d1_64",
    "SequenceVariant": "SK",
    "SeriesDescription": "Daselaar_run1",
    "SeriesNumber": 5,
    "ShimSetting": [
      -2762,
      -22807,
      2268,
      940,
      -66,
      432,
      -534,
      254
    ],
    "SliceThickness": 3.8,
    "SliceTiming": [
      0.905,
      0,
      0.9575,
      0.0525,
      1.01,
      0.1075,
      1.0625,
      0.16,
      1.1175,
      0.2125,
      1.17,
      0.265,
      1.2225,
      0.32,
      1.275,
      0.3725,
      1.33,
      0.425,
      1.3825,
      0.4775,
      1.435,
      0.5325,
      1.4875,
      0.585,
      1.5425,
      0.6375,
      1.595,
      0.69,
      1.6475,
      0.745,
      1.7,
      0.7975,
      1.755,
      0.85
    ],
    "SoftwareVersions": "syngo_MR_B17",
    "SpacingBetweenSlices": 3.8,
    "StationName": "MRC35002",
    "TaskName": "RecogConf",
    "TotalReadoutTime": 0.0135451,
    "TxRefAmp": 330.831,
    "dataset": "ds004086",
    "modality": "bold",
    "run_id": 1,
    "subject_id": "009",
    "task_id": "RecogConf"
  },
  "dummy_trs": 0,
  "dvars_nstd": 20.233278104574886,
  "dvars_std": 1.0160287812145754,
  "dvars_vstd": 0.9837948882186239,
  "efc": 0.4672050075095306,
  "fber": 1979.325439453125,
  "fd_mean": 0.06446168280369535,
  "fd_num": 1,
  "fd_perc": 0.4032258064516129,
  "fwhm_avg": 1.9470428267634896,
  "fwhm_x": 1.8378053333333333,
  "fwhm_y": 2.0787573333333333,
  "fwhm_z": 1.9245658136238024,
  "gcor": 0.0195015,
  "gsr_x": -0.011323527432978153,
  "gsr_y": 0.02219940721988678,
  "provenance": {
    "md5sum": "6312b5847553571052d252c1329a02c0",
    "settings": {
      "fd_thres": 0.2,
      "testing": false
    },
    "software": "mriqc",
    "version": "23.0.0",
    "webapi_port": null,
    "webapi_url": "https://mriqc.nimh.nih.gov/api/v1"
  },
  "size_t": 248,
  "size_x": 64,
  "size_y": 64,
  "size_z": 34,
  "snr": 5.757942545268747,
  "spacing_tr": 1.7999999523162842,
  "spacing_x": 3.75,
  "spacing_y": 3.75,
  "spacing_z": 3.799999952316284,
  "summary_bg_k": 50.81529877102966,
  "summary_bg_mad": 5.165195555526436,
  "summary_bg_mean": 31.272918701171875,
  "summary_bg_median": 16.810483932495117,
  "summary_bg_n": 91112.0,
  "summary_bg_p05": 12.447580337524414,
  "summary_bg_p95": 107.5578590393066,
  "summary_bg_stdv": 48.24001693725586,
  "summary_fg_k": 1.3528230980010774,
  "summary_fg_mad": 117.38863218633195,
  "summary_fg_mean": 759.6590576171875,
  "summary_fg_median": 754.5120849609375,
  "summary_fg_n": 19399.0,
  "summary_fg_p05": 554.1447387695313,
  "summary_fg_p95": 978.1656982421873,
  "summary_fg_stdv": 131.0351104736328,
  "tsnr": 66.27814157051034
}