{
  "aor": 0.0007124596774193549,
  "aqi": 0.004164162540322581,
  "bids_meta": {
    "AcquisitionMatrixPE": 64,
    "AcquisitionNumber": 1,
    "AcquisitionTime": "12:25:22.440000",
    "BandwidthPerPixelPhaseEncode": 72.674,
    "BaseResolution": 64,
    "CoilString": "T:HEA;HEP",
    "ConversionSoftware": "dcm2niix",
    "ConversionSoftwareVersion": "v1.0.20190902",
    "DerivedVendorReportedEchoSpacing": 0.000430002,
    "DeviceSerialNumber": "35002",
    "DwellTime": 2.7e-06,
    "EchoTime": 0.031,
    "EffectiveEchoSpacing": 0.000215001,
    "FlipAngle": 90,
    "ImageOrientationPatientDICOM": [
      1,
      0,
      0,
      0,
      1,
      0
    ],
    "ImageType": [
      "ORIGINAL",
      "PRIMARY",
      "M",
      "ND",
      "MOSAIC"
    ],
    "ImagingFrequency": 123.263,
    "InPlanePhaseEncodingDirectionDICOM": "COL",
    "InstitutionAddress": "University_Pkwy_1700_North_685_Provo_AEC1C0_UT_US_84601",
    "InstitutionName": "Brigham_Young_University",
    "InstitutionalDepartmentName": "MRI",
    "MRAcquisitionType": "2D",
    "MagneticFieldStrength": 3,
    "Manufacturer": "Siemens",
    "ManufacturersModelName": "TrioTim",
    "Modality": "MR",
    "ParallelReductionFactorInPlane": 2,
    "PartialFourier": 1,
    "PatientPosition": "HFS",
    "PercentPhaseFOV": 100,
    "PhaseEncodingDirection": "j-",
    "PhaseEncodingSteps": 63,
    "PhaseResolution": 1,
    "PixelBandwidth": 2894,
    "ProcedureStepDescription": "Research_KIRWAN",
    "ProtocolName": "Daselaar_run3",
    "PulseSequenceDetails": "%CustomerSeq%_ep2d_bold_PMU",
    "ReceiveCoilName": "HeadMatrix",
    "ReconMatrixPE": 64,
    "RefLinesPE": 24,
    "RepetitionTime": 1.8,
    "SAR": 0.173593,
    "ScanOptions": "FS",
    "ScanningSequence": "EP",
    "SequenceName": "epfid2d1_64",
    "SequenceVariant": "SK",
    "SeriesDescription": "Daselaar_run3",
    "SeriesNumber": 8,
    "ShimSetting": [
      -2791,
      -22889,
      2097,
      411,
      -112,
      125,
      -814,
      280
    ],
    "SliceThickness": 3.8,
    "SliceTiming": [
      0.9025,
      0,
      0.955,
      0.0525,
      1.01,
      0.105,
      1.0625,
      0.1575,
      1.115,
      0.2125,
      1.1675,
      0.265,
      1.2225,
      0.3175,
      1.275,
      0.3725,
      1.3275,
      0.425,
      1.38,
      0.4775,
      1.435,
      0.53,
      1.4875,
      0.585,
      1.54,
      0.6375,
      1.5925,
      0.69,
      1.6475,
      0.7425,
      1.7,
      0.7975,
      1.7525,
      0.85
    ],
    "SoftwareVersions": "syngo_MR_B17",
    "SpacingBetweenSlices": 3.8,
    "StationName": "MRC35002",
    "TaskName": "RecogConf",
    "TotalReadoutTime": 0.0135451,
    "TxRefAmp": 323.027,
    "dataset": "ds004086",
    "modality": "bold",
    "run_id": 3,
    "subject_id": "016",
    "task_id": "RecogConf"
  },
  "dummy_trs": 0,
  "dvars_nstd": 22.12888155514171,
  "dvars_std": 1.1219659930364367,
  "dvars_vstd": 1.0041837686234822,
  "efc": 0.43383229803843976,
  "fber": 2004.889404296875,
  "fd_mean": 0.07750406145314925,
  "fd_num": 6,
  "fd_perc": 2.4193548387096775,
  "fwhm_avg": 2.0527929910909877,
  "fwhm_x": 1.9992453333333333,
  "fwhm_y": 2.0947546666666668,
  "fwhm_z": 2.064378973272963,
  "gcor": 0.0342459,
  "gsr_x": -0.00843932293355465,
  "gsr_y": 0.0028248545713722706,
  "provenance": {
    "md5sum": "a1790719799a735f4f52b60ee156aa67",
    "settings": {
      "fd_thres": 0.2,
      "testing": false
    },
    "software": "mriqc",
    "version": "23.0.0",
    "webapi_port": null,
    "webapi_url": "https://mriqc.nimh.nih.gov/api/v1"
  },
  "size_t": 248,
  "size_x": 64,
  "size_y": 64,
  "size_z": 34,
  "snr": 5.685099164189799,
  "spacing_tr": 1.7999999523162842,
  "spacing_x": 3.75,
  "spacing_y": 3.75,
  "spacing_z": 3.799999952316284,
  "summary_bg_k": 53.17970563040785,
  "summary_bg_mad": 5.523888591611595,
  "summary_bg_mean": 26.968965530395508,
  "summary_bg_median": 16.572580337524414,
  "summary_bg_n": 95735.0,
  "summary_bg_p05": 11.82661247253418,
  "summary_bg_p95": 75.98346557617191,
  "summary_bg_stdv": 36.32905578613281,
  "summary_fg_k": 1.3229351770807414,
  "summary_fg_mad": 111.32370865179877,
  "summary_fg_mean": 752.7559204101562,
  "summary_fg_median": 744.79833984375,
  "summary_fg_n": 15994.0,
  "summary_fg_p05": 556.7386993408203,
  "summary_fg_p95": 982.0933166503905,
  "summary_fg_stdv": 131.0047607421875,
  "tsnr": 69.41081070620567
}