{
  "bids_meta": {
    "AcquisitionMatrixPE": 215,
    "AcquisitionNumber": 1,
    "AcquisitionTime": "09:24:56.472500",
    "BaseResolution": 256,
    "CoilString": "C:HEA;HEP",
    "ConversionSoftware": "dcm2niix",
    "ConversionSoftwareVersion": "v1.0.20190902",
    "DeviceSerialNumber": "35002",
    "DwellTime": 9.8e-06,
    "EchoTime": 0.00226,
    "FlipAngle": 9,
    "ImageOrientationPatientDICOM": [
      0,
      1,
      0,
      0,
      0,
      -1
    ],
    "ImageType": [
      "ORIGINAL",
      "PRIMARY",
      "M",
      "ND",
      "NORM"
    ],
    "ImagingFrequency": 123.263,
    "InPlanePhaseEncodingDirectionDICOM": "ROW",
    "InstitutionAddress": "University_Pkwy_1700_North_685_Provo_AEC1C0_UT_US_84601",
    "InstitutionName": "Brigham_Young_University",
    "InstitutionalDepartmentName": "MRI",
    "InversionTime": 0.9,
    "MRAcquisitionType": "3D",
    "MagneticFieldStrength": 3,
    "Manufacturer": "Siemens",
    "ManufacturersModelName": "TrioTim",
    "Modality": "MR",
    "PartialFourier": 0.875,
    "PatientPosition": "HFS",
    "PercentPhaseFOV": 87.5,
    "PhaseEncodingSteps": 227,
    "PhaseOversampling": 0.2,
    "PhaseResolution": 0.96,
    "PixelBandwidth": 199,
    "ProcedureStepDescription": "Research_KIRWAN",
    "ProtocolName": "t1_mpr_sag_iso_(mprage)",
    "PulseSequenceDetails": "%SiemensSeq%_tfl",
    "ReceiveCoilName": "HeadMatrix",
    "ReconMatrixPE": 224,
    "RepetitionTime": 1.9,
    "SAR": 0.0907552,
    "ScanOptions": "IR_PFP",
    "ScanningSequence": "GR_IR",
    "SequenceName": "_tfl3d1_ns",
    "SequenceVariant": "SP_MP_OSP",
    "SeriesDescription": "t1_mpr_sag_iso_(mprage)",
    "SeriesNumber": 2,
    "ShimSetting": [
      -2768,
      -22810,
      1838,
      -69,
      10,
      173,
      -426,
      363
    ],
    "SliceThickness": 1,
    "SoftwareVersions": "syngo_MR_B17",
    "StationName": "MRC35002",
    "TxRefAmp": 334.693,
    "dataset": "ds004086",
    "modality": "T1w",
    "subject_id": "051"
  },
  "cjv": 0.28881861399459774,
  "cnr": 4.694512129316918,
  "efc": 0.5956774362765851,
  "fber": 23905.499846106493,
  "fwhm_avg": 4.5248741866666675,
  "fwhm_x": 4.47158,
  "fwhm_y": 4.65252352,
  "fwhm_z": 4.4505190400000005,
  "icvs_csf": 0.17275046544952896,
  "icvs_gm": 0.47248687632069386,
  "icvs_wm": 0.35476265822977715,
  "inu_med": 0.4184446185827255,
  "inu_range": 0.15354704558849325,
  "provenance": {
    "md5sum": "1bdc0a93f045c9ca5d001076a20681e9",
    "settings": {
      "testing": false
    },
    "software": "mriqc",
    "version": "23.0.0",
    "warnings": {
      "large_rot_frame": true,
      "small_air_mask": false
    },
    "webapi_port": null,
    "webapi_url": "https://mriqc.nimh.nih.gov/api/v1"
  },
  "qi_1": 1.1785669441889624e-05,
  "qi_2": 0.005445941218687393,
  "rpve_csf": 25.583366297215978,
  "rpve_gm": 10.473097662135824,
  "rpve_wm": 15.325475300300415,
  "size_x": 176,
  "size_y": 224,
  "size_z": 256,
  "snr_csf": 2.2662244672735343,
  "snr_gm": 13.860976295822693,
  "snr_total": 14.882528454728856,
  "snr_wm": 28.52038460109034,
  "snrd_csf": 27.403905249717045,
  "snrd_gm": 65.25723283243512,
  "snrd_total": 61.636340724577884,
  "snrd_wm": 92.24788409158151,
  "spacing_x": 1.0,
  "spacing_y": 0.9765625,
  "spacing_z": 0.9765625,
  "summary_bg_k": 63.420279008405004,
  "summary_bg_mad": 0.0,
  "summary_bg_mean": 4.069211331569276,
  "summary_bg_median": 0.0,
  "summary_bg_n": 2010519.0,
  "summary_bg_p05": 0.0,
  "summary_bg_p95": 16.799999624490738,
  "summary_bg_stdv": 7.10219640551912,
  "summary_csf_k": 5.51925690970867,
  "summary_csf_mad": 108.11135135695143,
  "summary_csf_mean": 297.9211319338582,
  "summary_csf_median": 297.07999335974455,
  "summary_csf_n": 25997.0,
  "summary_csf_p05": 68.91199845969678,
  "summary_csf_p95": 505.43198870271397,
  "summary_csf_stdv": 131.08775580652477,
  "summary_gm_k": 0.008234248099324937,
  "summary_gm_mad": 51.12012335144933,
  "summary_gm_mean": 708.7360415230996,
  "summary_gm_median": 707.4399841874838,
  "summary_gm_n": 76284.0,
  "summary_gm_p05": 626.6859859924764,
  "summary_gm_p95": 794.0799822509289,
  "summary_gm_stdv": 51.03791624709483,
  "summary_wm_k": 0.44243948013309975,
  "summary_wm_mad": 33.38820121446169,
  "summary_wm_mean": 1001.4583144908704,
  "summary_wm_median": 1000.0399776473641,
  "summary_wm_n": 209870.0,
  "summary_wm_p05": 946.2799788489938,
  "summary_wm_p95": 1061.2399762794375,
  "summary_wm_stdv": 35.063958958107236,
  "tpm_overlap_csf": 0.14302387644532155,
  "tpm_overlap_gm": 0.480272200128974,
  "tpm_overlap_wm": 0.506567879359407,
  "wm2max": 0.47781132940906657
}