{
  "bids_meta": {
    "AcquisitionMatrixPE": 215,
    "AcquisitionNumber": 1,
    "AcquisitionTime": "12:21:41.550000",
    "BaseResolution": 256,
    "CoilString": "C:HEA;HEP",
    "ConversionSoftware": "dcm2niix",
    "ConversionSoftwareVersion": "v1.0.20190902",
    "DeviceSerialNumber": "35002",
    "DwellTime": 9.8e-06,
    "EchoTime": 0.00226,
    "FlipAngle": 9,
    "ImageOrientationPatientDICOM": [
      0,
      1,
      0,
      0,
      0,
      -1
    ],
    "ImageType": [
      "ORIGINAL",
      "PRIMARY",
      "M",
      "ND",
      "NORM"
    ],
    "ImagingFrequency": 123.263,
    "InPlanePhaseEncodingDirectionDICOM": "ROW",
    "InstitutionAddress": "University_Pkwy_1700_North_685_Provo_AEC1C0_UT_US_84601",
    "InstitutionName": "Brigham_Young_University",
    "InstitutionalDepartmentName": "MRI",
    "InversionTime": 0.9,
    "MRAcquisitionType": "3D",
    "MagneticFieldStrength": 3,
    "Manufacturer": "Siemens",
    "ManufacturersModelName": "TrioTim",
    "Modality": "MR",
    "PartialFourier": 0.875,
    "PatientPosition": "HFS",
    "PercentPhaseFOV": 87.5,
    "PhaseEncodingSteps": 227,
    "PhaseOversampling": 0.2,
    "PhaseResolution": 0.96,
    "PixelBandwidth": 199,
    "ProcedureStepDescription": "Research_KIRWAN",
    "ProtocolName": "t1_mpr_sag_iso_(mprage)",
    "PulseSequenceDetails": "%SiemensSeq%_tfl",
    "ReceiveCoilName": "HeadMatrix",
    "ReconMatrixPE": 224,
    "RepetitionTime": 1.9,
    "SAR": 0.113678,
    "ScanOptions": "IR_PFP",
    "ScanningSequence": "GR_IR",
    "SequenceName": "_tfl3d1_ns",
    "SequenceVariant": "SP_MP_OSP",
    "SeriesDescription": "t1_mpr_sag_iso_(mprage)",
    "SeriesNumber": 2,
    "ShimSetting": [
      -2768,
      -22810,
      1838,
      -69,
      10,
      173,
      -426,
      363
    ],
    "SliceThickness": 1,
    "SoftwareVersions": "syngo_MR_B17",
    "StationName": "MRC35002",
    "TxRefAmp": 331.281,
    "dataset": "ds004086",
    "modality": "T1w",
    "subject_id": "004"
  },
  "cjv": 0.32490476151709213,
  "cnr": 4.217553344874713,
  "efc": 0.6142743962965006,
  "fber": 19563.49527410208,
  "fwhm_avg": 4.436470906666666,
  "fwhm_x": 4.25287,
  "fwhm_y": 4.72100864,
  "fwhm_z": 4.33553408,
  "icvs_csf": 0.17979427296946376,
  "icvs_gm": 0.45989210461142915,
  "icvs_wm": 0.3603136224191071,
  "inu_med": 0.41456152498722076,
  "inu_range": 0.1588780224323273,
  "provenance": {
    "md5sum": "7a7b8e91cd16b88efe8d52cfe1edecf3",
    "settings": {
      "testing": false
    },
    "software": "mriqc",
    "version": "23.0.0",
    "warnings": {
      "large_rot_frame": true,
      "small_air_mask": false
    },
    "webapi_port": null,
    "webapi_url": "https://mriqc.nimh.nih.gov/api/v1"
  },
  "qi_1": 0.0,
  "qi_2": 0.009935861714509558,
  "rpve_csf": 20.93362325331235,
  "rpve_gm": 9.19516115270183,
  "rpve_wm": 13.34864511790083,
  "size_x": 176,
  "size_y": 224,
  "size_z": 256,
  "snr_csf": 2.4323174430811068,
  "snr_gm": 13.56918082092054,
  "snr_total": 14.92163876580422,
  "snr_wm": 28.763418033411014,
  "snrd_csf": 29.419631625648634,
  "snrd_gm": 68.91150166500455,
  "snrd_total": 64.30267908607054,
  "snrd_wm": 94.57690396755845,
  "spacing_x": 1.0,
  "spacing_y": 0.9765625,
  "spacing_z": 0.9765625,
  "summary_bg_k": 7.795631064170044,
  "summary_bg_mad": 0.0,
  "summary_bg_mean": 3.720277959702173,
  "summary_bg_median": 0.0,
  "summary_bg_n": 2135922.0,
  "summary_bg_p05": 0.0,
  "summary_bg_p95": 18.53473462164402,
  "summary_bg_stdv": 6.9272759418006675,
  "summary_csf_k": 43.95524687577998,
  "summary_csf_mad": 76.05585033319605,
  "summary_csf_mean": 320.3319732643378,
  "summary_csf_median": 311.0770617797971,
  "summary_csf_n": 33888.0,
  "summary_csf_p05": 157.20592729188502,
  "summary_csf_p95": 502.8696065610274,
  "summary_csf_stdv": 127.89139544628462,
  "summary_gm_k": -0.05533978645029336,
  "summary_gm_mad": 54.20196446220657,
  "summary_gm_mean": 728.1595820862975,
  "summary_gm_median": 728.6558762378991,
  "summary_gm_n": 64117.0,
  "summary_gm_p05": 639.2294302582741,
  "summary_gm_p95": 815.7107518427074,
  "summary_gm_stdv": 53.69890810623866,
  "summary_wm_k": 0.20702501511442284,
  "summary_wm_mad": 33.970891898468786,
  "summary_wm_mean": 1000.5845150881102,
  "summary_wm_median": 1000.0364985130727,
  "summary_wm_n": 252519.0,
  "summary_wm_p05": 944.6512088365853,
  "summary_wm_p95": 1058.5230725258589,
  "summary_wm_stdv": 34.76758281050595,
  "tpm_overlap_csf": 0.1614973498858343,
  "tpm_overlap_gm": 0.47459718784162536,
  "tpm_overlap_wm": 0.529144052352536,
  "wm2max": 0.5143682258519476
}