{
  "aor": 0.002033588709677419,
  "aqi": 0.008324932983870968,
  "bids_meta": {
    "AcquisitionMatrixPE": 64,
    "AcquisitionNumber": 1,
    "AcquisitionTime": "13:36:49.155000",
    "BandwidthPerPixelPhaseEncode": 72.674,
    "BaseResolution": 64,
    "CoilString": "T:HEA;HEP",
    "ConversionSoftware": "dcm2niix",
    "ConversionSoftwareVersion": "v1.0.20190902",
    "DerivedVendorReportedEchoSpacing": 0.000430002,
    "DeviceSerialNumber": "35002",
    "DwellTime": 2.7e-06,
    "EchoTime": 0.031,
    "EffectiveEchoSpacing": 0.000215001,
    "FlipAngle": 90,
    "ImageOrientationPatientDICOM": [
      1,
      0,
      0,
      0,
      1,
      0
    ],
    "ImageType": [
      "ORIGINAL",
      "PRIMARY",
      "M",
      "ND",
      "MOSAIC"
    ],
    "ImagingFrequency": 123.263,
    "InPlanePhaseEncodingDirectionDICOM": "COL",
    "InstitutionAddress": "University_Pkwy_1700_North_685_Provo_AEC1C0_UT_US_84601",
    "InstitutionName": "Brigham_Young_University",
    "InstitutionalDepartmentName": "MRI",
    "MRAcquisitionType": "2D",
    "MagneticFieldStrength": 3,
    "Manufacturer": "Siemens",
    "ManufacturersModelName": "TrioTim",
    "Modality": "MR",
    "ParallelReductionFactorInPlane": 2,
    "PartialFourier": 1,
    "PatientPosition": "HFS",
    "PercentPhaseFOV": 100,
    "PhaseEncodingDirection": "j-",
    "PhaseEncodingSteps": 63,
    "PhaseResolution": 1,
    "PixelBandwidth": 2894,
    "ProcedureStepDescription": "Research_KIRWAN",
    "ProtocolName": "Daselaar_run4",
    "PulseSequenceDetails": "%CustomerSeq%_ep2d_bold_PMU",
    "ReceiveCoilName": "HeadMatrix",
    "ReconMatrixPE": 64,
    "RefLinesPE": 24,
    "RepetitionTime": 1.8,
    "SAR": 0.147077,
    "ScanOptions": "FS",
    "ScanningSequence": "EP",
    "SequenceName": "epfid2d1_64",
    "SequenceVariant": "SK",
    "SeriesDescription": "Daselaar_run4",
    "SeriesNumber": 9,
    "ShimSetting": [
      -2772,
      -22763,
      2285,
      458,
      -49,
      187,
      -764,
      489
    ],
    "SliceThickness": 3.8,
    "SliceTiming": [
      0.905,
      0,
      0.9575,
      0.055,
      1.01,
      0.1075,
      1.065,
      0.16,
      1.1175,
      0.2125,
      1.17,
      0.2675,
      1.2225,
      0.32,
      1.2775,
      0.3725,
      1.33,
      0.4275,
      1.3825,
      0.48,
      1.435,
      0.5325,
      1.49,
      0.585,
      1.5425,
      0.64,
      1.595,
      0.6925,
      1.6475,
      0.745,
      1.7025,
      0.7975,
      1.755,
      0.8525
    ],
    "SoftwareVersions": "syngo_MR_B17",
    "SpacingBetweenSlices": 3.8,
    "StationName": "MRC35002",
    "TaskName": "RecogConf",
    "TotalReadoutTime": 0.0135451,
    "TxRefAmp": 343.93,
    "dataset": "ds004086",
    "modality": "bold",
    "run_id": 4,
    "subject_id": "023",
    "task_id": "RecogConf"
  },
  "dummy_trs": 0,
  "dvars_nstd": 25.84537166336031,
  "dvars_std": 1.168162765951417,
  "dvars_vstd": 1.0221217699999996,
  "efc": 0.47793796556738827,
  "fber": 1737.9107666015625,
  "fd_mean": 0.11347009109370064,
  "fd_num": 21,
  "fd_perc": 8.46774193548387,
  "fwhm_avg": 1.856814685986519,
  "fwhm_x": 1.7585680000000001,
  "fwhm_y": 1.9891786666666667,
  "fwhm_z": 1.8226973912928905,
  "gcor": 0.0475505,
  "gsr_x": -0.014926847070455551,
  "gsr_y": 0.022670216858386993,
  "provenance": {
    "md5sum": "8f13f52955168b362731500dd04a7dfc",
    "settings": {
      "fd_thres": 0.2,
      "testing": false
    },
    "software": "mriqc",
    "version": "23.0.0",
    "webapi_port": null,
    "webapi_url": "https://mriqc.nimh.nih.gov/api/v1"
  },
  "size_t": 248,
  "size_x": 64,
  "size_y": 64,
  "size_z": 34,
  "snr": 5.8775252648227765,
  "spacing_tr": 1.7999999523162842,
  "spacing_x": 3.75,
  "spacing_y": 3.75,
  "spacing_z": 3.799999952316284,
  "summary_bg_k": 36.96217922653169,
  "summary_bg_mad": 6.372797470297977,
  "summary_bg_mean": 35.04864501953125,
  "summary_bg_median": 18.766128540039062,
  "summary_bg_n": 90459.0,
  "summary_bg_p05": 13.32661247253418,
  "summary_bg_p95": 117.77378616332976,
  "summary_bg_stdv": 53.123050689697266,
  "summary_fg_k": 1.6492224004393963,
  "summary_fg_mad": 116.16008305183846,
  "summary_fg_mean": 786.1383666992188,
  "summary_fg_median": 783.399169921875,
  "summary_fg_n": 20304.0,
  "summary_fg_p05": 581.6195617675781,
  "summary_fg_p95": 1006.0309997558592,
  "summary_fg_stdv": 133.28396606445312,
  "tsnr": 54.0455218491843
}