{
  "aor": 0.0029174193548387093,
  "aqi": 0.017648051290322576,
  "bids_meta": {
    "AcquisitionMatrixPE": 64,
    "AcquisitionNumber": 1,
    "AcquisitionTime": "13:28:43.115000",
    "BandwidthPerPixelPhaseEncode": 72.674,
    "BaseResolution": 64,
    "CoilString": "T:HEA;HEP",
    "ConversionSoftware": "dcm2niix",
    "ConversionSoftwareVersion": "v1.0.20190902",
    "DerivedVendorReportedEchoSpacing": 0.000430002,
    "DeviceSerialNumber": "35002",
    "DwellTime": 2.7e-06,
    "EchoTime": 0.031,
    "EffectiveEchoSpacing": 0.000215001,
    "FlipAngle": 90,
    "ImageOrientationPatientDICOM": [
      1,
      0,
      0,
      0,
      1,
      0
    ],
    "ImageType": [
      "ORIGINAL",
      "PRIMARY",
      "M",
      "ND",
      "MOSAIC"
    ],
    "ImagingFrequency": 123.263,
    "InPlanePhaseEncodingDirectionDICOM": "COL",
    "InstitutionAddress": "University_Pkwy_1700_North_685_Provo_AEC1C0_UT_US_84601",
    "InstitutionName": "Brigham_Young_University",
    "InstitutionalDepartmentName": "MRI",
    "MRAcquisitionType": "2D",
    "MagneticFieldStrength": 3,
    "Manufacturer": "Siemens",
    "ManufacturersModelName": "TrioTim",
    "Modality": "MR",
    "ParallelReductionFactorInPlane": 2,
    "PartialFourier": 1,
    "PatientPosition": "HFS",
    "PercentPhaseFOV": 100,
    "PhaseEncodingDirection": "j-",
    "PhaseEncodingSteps": 63,
    "PhaseResolution": 1,
    "PixelBandwidth": 2894,
    "ProcedureStepDescription": "Research_KIRWAN",
    "ProtocolName": "Daselaar_run3",
    "PulseSequenceDetails": "%CustomerSeq%_ep2d_bold_PMU",
    "ReceiveCoilName": "HeadMatrix",
    "ReconMatrixPE": 64,
    "RefLinesPE": 24,
    "RepetitionTime": 1.8,
    "SAR": 0.147077,
    "ScanOptions": "FS",
    "ScanningSequence": "EP",
    "SequenceName": "epfid2d1_64",
    "SequenceVariant": "SK",
    "SeriesDescription": "Daselaar_run3",
    "SeriesNumber": 8,
    "ShimSetting": [
      -2772,
      -22763,
      2285,
      458,
      -49,
      187,
      -764,
      489
    ],
    "SliceThickness": 3.8,
    "SliceTiming": [
      0.905,
      0,
      0.9575,
      0.0525,
      1.01,
      0.1075,
      1.0625,
      0.16,
      1.1175,
      0.2125,
      1.17,
      0.265,
      1.2225,
      0.32,
      1.275,
      0.3725,
      1.33,
      0.425,
      1.3825,
      0.48,
      1.435,
      0.5325,
      1.4875,
      0.585,
      1.5425,
      0.6375,
      1.595,
      0.6925,
      1.6475,
      0.745,
      1.7,
      0.7975,
      1.755,
      0.85
    ],
    "SoftwareVersions": "syngo_MR_B17",
    "SpacingBetweenSlices": 3.8,
    "StationName": "MRC35002",
    "TaskName": "RecogConf",
    "TotalReadoutTime": 0.0135451,
    "TxRefAmp": 343.93,
    "dataset": "ds004086",
    "modality": "bold",
    "run_id": 3,
    "subject_id": "023",
    "task_id": "RecogConf"
  },
  "dummy_trs": 0,
  "dvars_nstd": 26.681499396275296,
  "dvars_std": 0.9921176195141703,
  "dvars_vstd": 0.9252239569635625,
  "efc": 0.47922760190018565,
  "fber": 1706.8271484375,
  "fd_mean": 0.16629134689387806,
  "fd_num": 34,
  "fd_perc": 13.709677419354838,
  "fwhm_avg": 1.8769972824179995,
  "fwhm_x": 1.7760399999999998,
  "fwhm_y": 2.0465386666666667,
  "fwhm_z": 1.8084131805873316,
  "gcor": 0.0348753,
  "gsr_x": -0.015193339437246323,
  "gsr_y": 0.023402392864227295,
  "provenance": {
    "md5sum": "bc796ceb9e9cb4429c95e54708ac64d7",
    "settings": {
      "fd_thres": 0.2,
      "testing": false
    },
    "software": "mriqc",
    "version": "23.0.0",
    "webapi_port": null,
    "webapi_url": "https://mriqc.nimh.nih.gov/api/v1"
  },
  "size_t": 248,
  "size_x": 64,
  "size_y": 64,
  "size_z": 34,
  "snr": 5.8470441305123675,
  "spacing_tr": 1.7999999523162842,
  "spacing_x": 3.75,
  "spacing_y": 3.75,
  "spacing_z": 3.799999952316284,
  "summary_bg_k": 38.01455882723247,
  "summary_bg_mad": 6.540190004598457,
  "summary_bg_mean": 35.16511917114258,
  "summary_bg_median": 18.86693572998047,
  "summary_bg_n": 90308.0,
  "summary_bg_p05": 13.133064270019531,
  "summary_bg_p95": 116.68749427795386,
  "summary_bg_stdv": 52.38917922973633,
  "summary_fg_k": 1.5548482285782432,
  "summary_fg_mad": 116.65927587034346,
  "summary_fg_mean": 784.2811279296875,
  "summary_fg_median": 781.008056640625,
  "summary_fg_n": 20411.0,
  "summary_fg_p05": 578.9717712402344,
  "summary_fg_p95": 1005.2943115234375,
  "summary_fg_stdv": 133.5698699951172,
  "tsnr": 40.40726643288508
}