{
  "aor": 0.0004843145161290322,
  "aqi": 0.004201929919354838,
  "bids_meta": {
    "AcquisitionMatrixPE": 64,
    "AcquisitionNumber": 1,
    "AcquisitionTime": "10:04:19.120000",
    "BandwidthPerPixelPhaseEncode": 72.674,
    "BaseResolution": 64,
    "CoilString": "T:HEA;HEP",
    "ConversionSoftware": "dcm2niix",
    "ConversionSoftwareVersion": "v1.0.20190902",
    "DerivedVendorReportedEchoSpacing": 0.000430002,
    "DeviceSerialNumber": "35002",
    "DwellTime": 2.7e-06,
    "EchoTime": 0.031,
    "EffectiveEchoSpacing": 0.000215001,
    "FlipAngle": 90,
    "ImageOrientationPatientDICOM": [
      1,
      0,
      0,
      0,
      1,
      0
    ],
    "ImageType": [
      "ORIGINAL",
      "PRIMARY",
      "M",
      "ND",
      "MOSAIC"
    ],
    "ImagingFrequency": 123.262,
    "InPlanePhaseEncodingDirectionDICOM": "COL",
    "InstitutionAddress": "University_Pkwy_1700_North_685_Provo_AEC1C0_UT_US_84601",
    "InstitutionName": "Brigham_Young_University",
    "InstitutionalDepartmentName": "MRI",
    "MRAcquisitionType": "2D",
    "MagneticFieldStrength": 3,
    "Manufacturer": "Siemens",
    "ManufacturersModelName": "TrioTim",
    "Modality": "MR",
    "ParallelReductionFactorInPlane": 2,
    "PartialFourier": 1,
    "PatientPosition": "HFS",
    "PercentPhaseFOV": 100,
    "PhaseEncodingDirection": "j-",
    "PhaseEncodingSteps": 63,
    "PhaseResolution": 1,
    "PixelBandwidth": 2894,
    "ProcedureStepDescription": "Research_KIRWAN",
    "ProtocolName": "Daselaar_run4",
    "PulseSequenceDetails": "%CustomerSeq%_ep2d_bold_PMU",
    "ReceiveCoilName": "HeadMatrix",
    "ReconMatrixPE": 64,
    "RefLinesPE": 24,
    "RepetitionTime": 1.8,
    "SAR": 0.13301,
    "ScanOptions": "FS",
    "ScanningSequence": "EP",
    "SequenceName": "epfid2d1_64",
    "SequenceVariant": "SK",
    "SeriesDescription": "Daselaar_run4",
    "SeriesNumber": 8,
    "ShimSetting": [
      -2722,
      -22659,
      2104,
      809,
      -82,
      301,
      -1561,
      185
    ],
    "SliceThickness": 3.8,
    "SliceTiming": [
      0.905,
      0,
      0.9575,
      0.055,
      1.01,
      0.1075,
      1.0625,
      0.16,
      1.1175,
      0.2125,
      1.17,
      0.2675,
      1.2225,
      0.32,
      1.275,
      0.3725,
      1.33,
      0.425,
      1.3825,
      0.48,
      1.435,
      0.5325,
      1.49,
      0.585,
      1.5425,
      0.6375,
      1.595,
      0.6925,
      1.6475,
      0.745,
      1.7025,
      0.7975,
      1.755,
      0.85
    ],
    "SoftwareVersions": "syngo_MR_B17",
    "SpacingBetweenSlices": 3.8,
    "StationName": "MRC35002",
    "TaskName": "RecogConf",
    "TotalReadoutTime": 0.0135451,
    "TxRefAmp": 342.905,
    "dataset": "ds004086",
    "modality": "bold",
    "run_id": 4,
    "subject_id": "039",
    "task_id": "RecogConf"
  },
  "dummy_trs": 0,
  "dvars_nstd": 22.000401184372464,
  "dvars_std": 1.108602568259109,
  "dvars_vstd": 0.9944719482995953,
  "efc": 0.4281756121698451,
  "fber": 2252.877197265625,
  "fd_mean": 0.09388880403019145,
  "fd_num": 16,
  "fd_perc": 6.451612903225806,
  "fwhm_avg": 1.9428069554313059,
  "fwhm_x": 1.840792,
  "fwhm_y": 2.059992,
  "fwhm_z": 1.927636866293918,
  "gcor": 0.0228167,
  "gsr_x": -0.01728876493871212,
  "gsr_y": 0.004613129422068596,
  "provenance": {
    "md5sum": "0b08741dc049b11a768e2e9879b22771",
    "settings": {
      "fd_thres": 0.2,
      "testing": false
    },
    "software": "mriqc",
    "version": "23.0.0",
    "webapi_port": null,
    "webapi_url": "https://mriqc.nimh.nih.gov/api/v1"
  },
  "size_t": 248,
  "size_x": 64,
  "size_y": 64,
  "size_z": 34,
  "snr": 5.458273802165897,
  "spacing_tr": 1.7999999523162842,
  "spacing_x": 3.75,
  "spacing_y": 3.75,
  "spacing_z": 3.799999952316284,
  "summary_bg_k": 58.50675104221709,
  "summary_bg_mad": 4.0353083207952,
  "summary_bg_mean": 26.871034622192383,
  "summary_bg_median": 15.641128540039062,
  "summary_bg_n": 96627.0,
  "summary_bg_p05": 11.983870506286621,
  "summary_bg_p95": 74.09959640502929,
  "summary_bg_stdv": 42.46868133544922,
  "summary_fg_k": 1.6457361258720562,
  "summary_fg_mad": 119.86957479641855,
  "summary_fg_mean": 749.0821533203125,
  "summary_fg_median": 746.570556640625,
  "summary_fg_n": 15650.0,
  "summary_fg_p05": 537.6755828857422,
  "summary_fg_p95": 968.8540222167965,
  "summary_fg_stdv": 136.77340698242188,
  "tsnr": 67.92067531496286
}