{
  "aor": 0.0015414112903225806,
  "aqi": 0.003472754314516129,
  "bids_meta": {
    "AcquisitionMatrixPE": 64,
    "AcquisitionNumber": 1,
    "AcquisitionTime": "09:56:27.405000",
    "BandwidthPerPixelPhaseEncode": 72.674,
    "BaseResolution": 64,
    "CoilString": "T:HEA;HEP",
    "ConversionSoftware": "dcm2niix",
    "ConversionSoftwareVersion": "v1.0.20190902",
    "DerivedVendorReportedEchoSpacing": 0.000430002,
    "DeviceSerialNumber": "35002",
    "DwellTime": 2.7e-06,
    "EchoTime": 0.031,
    "EffectiveEchoSpacing": 0.000215001,
    "FlipAngle": 90,
    "ImageOrientationPatientDICOM": [
      1,
      0,
      0,
      0,
      1,
      0
    ],
    "ImageType": [
      "ORIGINAL",
      "PRIMARY",
      "M",
      "ND",
      "MOSAIC"
    ],
    "ImagingFrequency": 123.262,
    "InPlanePhaseEncodingDirectionDICOM": "COL",
    "InstitutionAddress": "University_Pkwy_1700_North_685_Provo_AEC1C0_UT_US_84601",
    "InstitutionName": "Brigham_Young_University",
    "InstitutionalDepartmentName": "MRI",
    "MRAcquisitionType": "2D",
    "MagneticFieldStrength": 3,
    "Manufacturer": "Siemens",
    "ManufacturersModelName": "TrioTim",
    "Modality": "MR",
    "ParallelReductionFactorInPlane": 2,
    "PartialFourier": 1,
    "PatientPosition": "HFS",
    "PercentPhaseFOV": 100,
    "PhaseEncodingDirection": "j-",
    "PhaseEncodingSteps": 63,
    "PhaseResolution": 1,
    "PixelBandwidth": 2894,
    "ProcedureStepDescription": "Research_KIRWAN",
    "ProtocolName": "Daselaar_run3",
    "PulseSequenceDetails": "%CustomerSeq%_ep2d_bold_PMU",
    "ReceiveCoilName": "HeadMatrix",
    "ReconMatrixPE": 64,
    "RefLinesPE": 24,
    "RepetitionTime": 1.8,
    "SAR": 0.13301,
    "ScanOptions": "FS",
    "ScanningSequence": "EP",
    "SequenceName": "epfid2d1_64",
    "SequenceVariant": "SK",
    "SeriesDescription": "Daselaar_run3",
    "SeriesNumber": 7,
    "ShimSetting": [
      -2722,
      -22659,
      2104,
      809,
      -82,
      301,
      -1561,
      185
    ],
    "SliceThickness": 3.8,
    "SliceTiming": [
      0.905,
      0,
      0.9575,
      0.055,
      1.01,
      0.1075,
      1.0625,
      0.16,
      1.1175,
      0.2125,
      1.17,
      0.2675,
      1.2225,
      0.32,
      1.275,
      0.3725,
      1.33,
      0.425,
      1.3825,
      0.48,
      1.435,
      0.5325,
      1.4875,
      0.585,
      1.5425,
      0.6375,
      1.595,
      0.6925,
      1.6475,
      0.745,
      1.7025,
      0.7975,
      1.755,
      0.85
    ],
    "SoftwareVersions": "syngo_MR_B17",
    "SpacingBetweenSlices": 3.8,
    "StationName": "MRC35002",
    "TaskName": "RecogConf",
    "TotalReadoutTime": 0.0135451,
    "TxRefAmp": 342.905,
    "dataset": "ds004086",
    "modality": "bold",
    "run_id": 3,
    "subject_id": "039",
    "task_id": "RecogConf"
  },
  "dummy_trs": 0,
  "dvars_nstd": 22.013335780283388,
  "dvars_std": 1.1308876091093116,
  "dvars_vstd": 1.0178608018218616,
  "efc": 0.4280082488801254,
  "fber": 2246.94091796875,
  "fd_mean": 0.09256320148154717,
  "fd_num": 20,
  "fd_perc": 8.064516129032258,
  "fwhm_avg": 1.9333955987135019,
  "fwhm_x": 1.8217413333333332,
  "fwhm_y": 2.0490533333333336,
  "fwhm_z": 1.9293921294738385,
  "gcor": 0.0373512,
  "gsr_x": -0.01735176332294941,
  "gsr_y": 0.00553153408691287,
  "provenance": {
    "md5sum": "387a4cf17a846eb442295a6da840da66",
    "settings": {
      "fd_thres": 0.2,
      "testing": false
    },
    "software": "mriqc",
    "version": "23.0.0",
    "webapi_port": null,
    "webapi_url": "https://mriqc.nimh.nih.gov/api/v1"
  },
  "size_t": 248,
  "size_x": 64,
  "size_y": 64,
  "size_z": 34,
  "snr": 5.458960904290809,
  "spacing_tr": 1.7999999523162842,
  "spacing_x": 3.75,
  "spacing_y": 3.75,
  "spacing_z": 3.799999952316284,
  "summary_bg_k": 59.67560525075541,
  "summary_bg_mad": 4.05922053003837,
  "summary_bg_mean": 26.665725708007812,
  "summary_bg_median": 15.592741012573242,
  "summary_bg_n": 96569.0,
  "summary_bg_p05": 11.95161247253418,
  "summary_bg_p95": 73.57822418212876,
  "summary_bg_stdv": 41.80571746826172,
  "summary_fg_k": 1.6236827752419716,
  "summary_fg_mad": 119.33454759812055,
  "summary_fg_mean": 746.6839599609375,
  "summary_fg_median": 744.0826416015625,
  "summary_fg_n": 15662.0,
  "summary_fg_p05": 535.2707458496094,
  "summary_fg_p95": 966.921728515625,
  "summary_fg_stdv": 136.3004608154297,
  "tsnr": 70.78999303362798
}