{
  "bids_meta": {
    "AcquisitionMatrixPE": 215,
    "AcquisitionNumber": 1,
    "AcquisitionTime": "14:13:54.520000",
    "BaseResolution": 256,
    "CoilString": "C:HEA;HEP",
    "ConversionSoftware": "dcm2niix",
    "ConversionSoftwareVersion": "v1.0.20190902",
    "DeviceSerialNumber": "35002",
    "DwellTime": 9.8e-06,
    "EchoTime": 0.00226,
    "FlipAngle": 9,
    "ImageOrientationPatientDICOM": [
      0,
      1,
      0,
      0,
      0,
      -1
    ],
    "ImageType": [
      "ORIGINAL",
      "PRIMARY",
      "M",
      "ND",
      "NORM"
    ],
    "ImagingFrequency": 123.263,
    "InPlanePhaseEncodingDirectionDICOM": "ROW",
    "InstitutionAddress": "University_Pkwy_1700_North_685_Provo_AEC1C0_UT_US_84601",
    "InstitutionName": "Brigham_Young_University",
    "InstitutionalDepartmentName": "MRI",
    "InversionTime": 0.9,
    "MRAcquisitionType": "3D",
    "MagneticFieldStrength": 3,
    "Manufacturer": "Siemens",
    "ManufacturersModelName": "TrioTim",
    "Modality": "MR",
    "PartialFourier": 0.875,
    "PatientPosition": "HFS",
    "PercentPhaseFOV": 87.5,
    "PhaseEncodingSteps": 227,
    "PhaseOversampling": 0.2,
    "PhaseResolution": 0.96,
    "PixelBandwidth": 199,
    "ProcedureStepDescription": "Research_KIRWAN",
    "ProtocolName": "t1_mpr_sag_iso_(mprage)",
    "PulseSequenceDetails": "%SiemensSeq%_tfl",
    "ReceiveCoilName": "HeadMatrix",
    "ReconMatrixPE": 224,
    "RepetitionTime": 1.9,
    "SAR": 0.0799177,
    "ScanOptions": "IR_PFP",
    "ScanningSequence": "GR_IR",
    "SequenceName": "_tfl3d1_ns",
    "SequenceVariant": "SP_MP_OSP",
    "SeriesDescription": "t1_mpr_sag_iso_(mprage)",
    "SeriesNumber": 2,
    "ShimSetting": [
      -2768,
      -22810,
      1838,
      -69,
      10,
      173,
      -426,
      363
    ],
    "SliceThickness": 1,
    "SoftwareVersions": "syngo_MR_B17",
    "StationName": "MRC35002",
    "TxRefAmp": 326.838,
    "dataset": "ds004086",
    "modality": "T1w",
    "subject_id": "005"
  },
  "cjv": 0.34971529446152344,
  "cnr": 3.9590416004923954,
  "efc": 0.557871317045574,
  "fber": 15213.946492271107,
  "fwhm_avg": 4.475802613333333,
  "fwhm_x": 4.32286,
  "fwhm_y": 4.691968,
  "fwhm_z": 4.41257984,
  "icvs_csf": 0.22274272882128,
  "icvs_gm": 0.4361552359886781,
  "icvs_wm": 0.3411020351900419,
  "inu_med": 0.4706467390060425,
  "inu_range": 0.17416342198848722,
  "provenance": {
    "md5sum": "7ab49ea2c0b7dfb65703fc88b4fc276c",
    "settings": {
      "testing": false
    },
    "software": "mriqc",
    "version": "23.0.0",
    "warnings": {
      "large_rot_frame": true,
      "small_air_mask": false
    },
    "webapi_port": null,
    "webapi_url": "https://mriqc.nimh.nih.gov/api/v1"
  },
  "qi_1": 0.0,
  "qi_2": 0.014700241464795618,
  "rpve_csf": 23.14407591913845,
  "rpve_gm": 12.185738447991005,
  "rpve_wm": 17.64350399974644,
  "size_x": 176,
  "size_y": 224,
  "size_z": 256,
  "snr_csf": 3.2247995606869853,
  "snr_gm": 14.200991540616968,
  "snr_total": 14.372048925314331,
  "snr_wm": 25.690355674639036,
  "snrd_csf": 23.312204683648716,
  "snrd_gm": 56.84391808716282,
  "snrd_total": 52.31582384409129,
  "snrd_wm": 76.79134876146236,
  "spacing_x": 1.0,
  "spacing_y": 0.9765625,
  "spacing_z": 0.9765625,
  "summary_bg_k": 28.006588101099474,
  "summary_bg_mad": 0.0,
  "summary_bg_mean": 5.114154258520673,
  "summary_bg_median": 0.0,
  "summary_bg_n": 2833913.0,
  "summary_bg_p05": 0.0,
  "summary_bg_p95": 20.51771369576454,
  "summary_bg_stdv": 8.53172183549887,
  "summary_csf_k": 2.4393873428508117,
  "summary_csf_mad": 77.93550691816345,
  "summary_csf_mean": 314.83318007974566,
  "summary_csf_median": 303.59058927744627,
  "summary_csf_n": 39781.0,
  "summary_csf_p05": 180.00715097039938,
  "summary_csf_p95": 487.6535673737526,
  "summary_csf_stdv": 94.14128468036175,
  "summary_gm_k": -0.07754321322074897,
  "summary_gm_mad": 53.11640827024604,
  "summary_gm_mean": 738.7475192602021,
  "summary_gm_median": 740.2679765000939,
  "summary_gm_n": 33196.0,
  "summary_gm_p05": 650.8012016639113,
  "summary_gm_p95": 821.7821491286159,
  "summary_gm_stdv": 52.127122556295035,
  "summary_wm_k": 0.3243233631954894,
  "summary_wm_mad": 37.72974616310485,
  "summary_wm_mean": 1001.0554679844794,
  "summary_wm_median": 1000.0397276133299,
  "summary_wm_n": 166780.0,
  "summary_wm_p05": 938.9637426584959,
  "summary_wm_p95": 1066.8833373192692,
  "summary_wm_stdv": 38.926542792693304,
  "tpm_overlap_csf": 0.16167915067690117,
  "tpm_overlap_gm": 0.46903855903691455,
  "tpm_overlap_wm": 0.517673618191487,
  "wm2max": 0.48408460232068723
}