{
  "aor": 0.00075375,
  "aqi": 0.0040613384274193545,
  "bids_meta": {
    "AcquisitionMatrixPE": 64,
    "AcquisitionNumber": 1,
    "AcquisitionTime": "10:44:45.627500",
    "BandwidthPerPixelPhaseEncode": 72.674,
    "BaseResolution": 64,
    "CoilString": "T:HEA;HEP",
    "ConversionSoftware": "dcm2niix",
    "ConversionSoftwareVersion": "v1.0.20190902",
    "DerivedVendorReportedEchoSpacing": 0.000430002,
    "DeviceSerialNumber": "35002",
    "DwellTime": 2.7e-06,
    "EchoTime": 0.031,
    "EffectiveEchoSpacing": 0.000215001,
    "FlipAngle": 90,
    "ImageOrientationPatientDICOM": [
      1,
      0,
      0,
      0,
      1,
      0
    ],
    "ImageType": [
      "ORIGINAL",
      "PRIMARY",
      "M",
      "ND",
      "MOSAIC"
    ],
    "ImagingFrequency": 123.263,
    "InPlanePhaseEncodingDirectionDICOM": "COL",
    "InstitutionAddress": "University_Pkwy_1700_North_685_Provo_AEC1C0_UT_US_84601",
    "InstitutionName": "Brigham_Young_University",
    "InstitutionalDepartmentName": "MRI",
    "MRAcquisitionType": "2D",
    "MagneticFieldStrength": 3,
    "Manufacturer": "Siemens",
    "ManufacturersModelName": "TrioTim",
    "Modality": "MR",
    "ParallelReductionFactorInPlane": 2,
    "PartialFourier": 1,
    "PatientPosition": "HFS",
    "PercentPhaseFOV": 100,
    "PhaseEncodingDirection": "j-",
    "PhaseEncodingSteps": 63,
    "PhaseResolution": 1,
    "PixelBandwidth": 2894,
    "ProcedureStepDescription": "Research_KIRWAN",
    "ProtocolName": "Daselaar_run2",
    "PulseSequenceDetails": "%CustomerSeq%_ep2d_bold_PMU",
    "ReceiveCoilName": "HeadMatrix",
    "ReconMatrixPE": 64,
    "RefLinesPE": 24,
    "RepetitionTime": 1.8,
    "SAR": 0.181515,
    "ScanOptions": "FS",
    "ScanningSequence": "EP",
    "SequenceName": "epfid2d1_64",
    "SequenceVariant": "SK",
    "SeriesDescription": "Daselaar_run2",
    "SeriesNumber": 6,
    "ShimSetting": [
      -2781,
      -22706,
      2276,
      419,
      -58,
      -403,
      -783,
      447
    ],
    "SliceThickness": 3.8,
    "SliceTiming": [
      0.9025,
      0,
      0.9575,
      0.0525,
      1.01,
      0.105,
      1.0625,
      0.16,
      1.115,
      0.2125,
      1.17,
      0.265,
      1.2225,
      0.3175,
      1.275,
      0.3725,
      1.3275,
      0.425,
      1.3825,
      0.4775,
      1.435,
      0.5325,
      1.4875,
      0.585,
      1.54,
      0.6375,
      1.595,
      0.69,
      1.6475,
      0.745,
      1.7,
      0.7975,
      1.7525,
      0.85
    ],
    "SoftwareVersions": "syngo_MR_B17",
    "SpacingBetweenSlices": 3.8,
    "StationName": "MRC35002",
    "TaskName": "RecogConf",
    "TotalReadoutTime": 0.0135451,
    "TxRefAmp": 388.6,
    "dataset": "ds004086",
    "modality": "bold",
    "run_id": 2,
    "subject_id": "059",
    "task_id": "RecogConf"
  },
  "dummy_trs": 0,
  "dvars_nstd": 24.94394174186234,
  "dvars_std": 1.0970927245748987,
  "dvars_vstd": 1.009964210080972,
  "efc": 0.49926999105132785,
  "fber": 1191.0059814453125,
  "fd_mean": 0.05648943877413612,
  "fd_num": 2,
  "fd_perc": 0.8064516129032258,
  "fwhm_avg": 1.9430592126887207,
  "fwhm_x": 1.8595573333333335,
  "fwhm_y": 2.0545413333333333,
  "fwhm_z": 1.9150789713994951,
  "gcor": 0.0178292,
  "gsr_x": -0.008044402115046978,
  "gsr_y": 0.019781002774834633,
  "provenance": {
    "md5sum": "2bb76770c1226910ae791e0ec7108876",
    "settings": {
      "fd_thres": 0.2,
      "testing": false
    },
    "software": "mriqc",
    "version": "23.0.0",
    "webapi_port": null,
    "webapi_url": "https://mriqc.nimh.nih.gov/api/v1"
  },
  "size_t": 248,
  "size_x": 64,
  "size_y": 64,
  "size_z": 34,
  "snr": 5.294615826987345,
  "spacing_tr": 1.7999999523162842,
  "spacing_x": 3.75,
  "spacing_y": 3.75,
  "spacing_z": 3.799999952316284,
  "summary_bg_k": 26.75214935989918,
  "summary_bg_mad": 7.968988338387268,
  "summary_bg_mean": 39.852256774902344,
  "summary_bg_median": 20.560483932495117,
  "summary_bg_n": 89455.0,
  "summary_bg_p05": 14.064516067504883,
  "summary_bg_p95": 142.92540435791022,
  "summary_bg_stdv": 55.50277328491211,
  "summary_fg_k": 1.008450294532433,
  "summary_fg_mad": 125.13636896283532,
  "summary_fg_mean": 726.9188842773438,
  "summary_fg_median": 716.9818115234375,
  "summary_fg_n": 21064.0,
  "summary_fg_p05": 527.5951293945312,
  "summary_fg_p95": 957.7949066162108,
  "summary_fg_stdv": 135.4139404296875,
  "tsnr": 62.86355257034302
}