{
  "bids_meta": {
    "AcquisitionMatrixPE": 215,
    "AcquisitionNumber": 1,
    "AcquisitionTime": "13:38:5.942500",
    "BaseResolution": 256,
    "CoilString": "C:HEA;HEP",
    "ConversionSoftware": "dcm2niix",
    "ConversionSoftwareVersion": "v1.0.20190902",
    "DeviceSerialNumber": "35002",
    "DwellTime": 9.8e-06,
    "EchoTime": 0.00226,
    "FlipAngle": 9,
    "ImageOrientationPatientDICOM": [
      0,
      1,
      0,
      0,
      0,
      -1
    ],
    "ImageType": [
      "ORIGINAL",
      "PRIMARY",
      "M",
      "ND",
      "NORM"
    ],
    "ImagingFrequency": 123.263,
    "InPlanePhaseEncodingDirectionDICOM": "ROW",
    "InstitutionAddress": "University_Pkwy_1700_North_685_Provo_AEC1C0_UT_US_84601",
    "InstitutionName": "Brigham_Young_University",
    "InstitutionalDepartmentName": "MRI",
    "InversionTime": 0.9,
    "MRAcquisitionType": "3D",
    "MagneticFieldStrength": 3,
    "Manufacturer": "Siemens",
    "ManufacturersModelName": "TrioTim",
    "Modality": "MR",
    "PartialFourier": 0.875,
    "PatientPosition": "HFS",
    "PercentPhaseFOV": 87.5,
    "PhaseEncodingSteps": 227,
    "PhaseOversampling": 0.2,
    "PhaseResolution": 0.96,
    "PixelBandwidth": 199,
    "ProcedureStepDescription": "Research_KIRWAN",
    "ProtocolName": "t1_mpr_sag_iso_(mprage)",
    "PulseSequenceDetails": "%SiemensSeq%_tfl",
    "ReceiveCoilName": "HeadMatrix",
    "ReconMatrixPE": 224,
    "RepetitionTime": 1.9,
    "SAR": 0.0878051,
    "ScanOptions": "IR_PFP",
    "ScanningSequence": "GR_IR",
    "SequenceName": "_tfl3d1_ns",
    "SequenceVariant": "SP_MP_OSP",
    "SeriesDescription": "t1_mpr_sag_iso_(mprage)",
    "SeriesNumber": 2,
    "ShimSetting": [
      -2768,
      -22810,
      1838,
      -69,
      10,
      173,
      -426,
      363
    ],
    "SliceThickness": 1,
    "SoftwareVersions": "syngo_MR_B17",
    "StationName": "MRC35002",
    "TxRefAmp": 333.293,
    "dataset": "ds004086",
    "modality": "T1w",
    "subject_id": "049"
  },
  "cjv": 0.3256087609919528,
  "cnr": 4.163742539823757,
  "efc": 0.5978680632198663,
  "fber": 18637.624403248807,
  "fwhm_avg": 4.546672026666666,
  "fwhm_x": 4.30685,
  "fwhm_y": 4.80549888,
  "fwhm_z": 4.5276672,
  "icvs_csf": 0.22684707886479058,
  "icvs_gm": 0.4344913989395889,
  "icvs_wm": 0.3386615221956205,
  "inu_med": 0.4784204661846161,
  "inu_range": 0.1777656078338623,
  "provenance": {
    "md5sum": "56ad7444dc65a83eb1a2b9d06eb89e92",
    "settings": {
      "testing": false
    },
    "software": "mriqc",
    "version": "23.0.0",
    "warnings": {
      "large_rot_frame": true,
      "small_air_mask": false
    },
    "webapi_port": null,
    "webapi_url": "https://mriqc.nimh.nih.gov/api/v1"
  },
  "qi_1": 0.00039480893546836734,
  "qi_2": 0.006674130217951975,
  "rpve_csf": 19.792782991248753,
  "rpve_gm": 10.602240722775196,
  "rpve_wm": 15.57504120064676,
  "size_x": 176,
  "size_y": 224,
  "size_z": 256,
  "snr_csf": 3.155358619497684,
  "snr_gm": 14.055527691080284,
  "snr_total": 14.925423775855373,
  "snr_wm": 27.565385016988156,
  "snrd_csf": 24.238371890715754,
  "snrd_gm": 61.58500783245773,
  "snrd_total": 56.5981929198855,
  "snrd_wm": 83.97119903648301,
  "spacing_x": 1.0,
  "spacing_y": 0.9765625,
  "spacing_z": 0.9765625,
  "summary_bg_k": 15.246238881362,
  "summary_bg_mad": 0.0,
  "summary_bg_mean": 4.408869106565637,
  "summary_bg_median": 0.0,
  "summary_bg_n": 1601559.0,
  "summary_bg_p05": 0.0,
  "summary_bg_p95": 18.36834041029215,
  "summary_bg_stdv": 7.802234436609301,
  "summary_csf_k": 1.5655414425395842,
  "summary_csf_mad": 61.92037640141765,
  "summary_csf_mean": 304.85466975910606,
  "summary_csf_median": 288.66272711008787,
  "summary_csf_n": 60538.0,
  "summary_csf_p05": 177.80391324311495,
  "summary_csf_p95": 486.179154018685,
  "summary_csf_stdv": 91.48257861139788,
  "summary_gm_k": 0.1417496162933669,
  "summary_gm_mad": 51.52015784079119,
  "summary_gm_mean": 731.1450773427,
  "summary_gm_median": 733.4360736012459,
  "summary_gm_n": 38298.0,
  "summary_gm_p05": 642.3242393806577,
  "summary_gm_p95": 813.5187939330935,
  "summary_gm_stdv": 52.180644816394086,
  "summary_wm_k": 0.30641874761743715,
  "summary_wm_mad": 35.2886028617788,
  "summary_wm_mean": 999.9200093257882,
  "summary_wm_median": 1000.0405729338527,
  "summary_wm_n": 190620.0,
  "summary_wm_p05": 940.1508625894785,
  "summary_wm_p95": 1059.0787708088756,
  "summary_wm_stdv": 36.27875863834514,
  "tpm_overlap_csf": 0.157590100295129,
  "tpm_overlap_gm": 0.48446016552139665,
  "tpm_overlap_wm": 0.5025339901033732,
  "wm2max": 0.43188311659485284
}