{
  "bids_meta": {
    "AcquisitionMatrixPE": 215,
    "AcquisitionNumber": 1,
    "AcquisitionTime": "12:17:42.552500",
    "BaseResolution": 256,
    "CoilString": "C:HEA;HEP",
    "ConversionSoftware": "dcm2niix",
    "ConversionSoftwareVersion": "v1.0.20190902",
    "DeviceSerialNumber": "35002",
    "DwellTime": 9.8e-06,
    "EchoTime": 0.00226,
    "FlipAngle": 9,
    "ImageOrientationPatientDICOM": [
      0,
      1,
      0,
      0,
      0,
      -1
    ],
    "ImageType": [
      "ORIGINAL",
      "PRIMARY",
      "M",
      "ND",
      "NORM"
    ],
    "ImagingFrequency": 123.263,
    "InPlanePhaseEncodingDirectionDICOM": "ROW",
    "InstitutionAddress": "University_Pkwy_1700_North_685_Provo_AEC1C0_UT_US_84601",
    "InstitutionName": "Brigham_Young_University",
    "InstitutionalDepartmentName": "MRI",
    "InversionTime": 0.9,
    "MRAcquisitionType": "3D",
    "MagneticFieldStrength": 3,
    "Manufacturer": "Siemens",
    "ManufacturersModelName": "TrioTim",
    "Modality": "MR",
    "PartialFourier": 0.875,
    "PatientPosition": "HFS",
    "PercentPhaseFOV": 87.5,
    "PhaseEncodingSteps": 227,
    "PhaseOversampling": 0.2,
    "PhaseResolution": 0.96,
    "PixelBandwidth": 199,
    "ProcedureStepDescription": "Research_KIRWAN",
    "ProtocolName": "t1_mpr_sag_iso_(mprage)",
    "PulseSequenceDetails": "%SiemensSeq%_tfl",
    "ReceiveCoilName": "HeadMatrix",
    "ReconMatrixPE": 224,
    "RepetitionTime": 1.9,
    "SAR": 0.101593,
    "ScanOptions": "IR_PFP",
    "ScanningSequence": "GR_IR",
    "SequenceName": "_tfl3d1_ns",
    "SequenceVariant": "SP_MP_OSP",
    "SeriesDescription": "t1_mpr_sag_iso_(mprage)",
    "SeriesNumber": 2,
    "ShimSetting": [
      -2768,
      -22810,
      1838,
      -69,
      10,
      173,
      -426,
      363
    ],
    "SliceThickness": 1,
    "SoftwareVersions": "syngo_MR_B17",
    "StationName": "MRC35002",
    "TxRefAmp": 333.666,
    "dataset": "ds004086",
    "modality": "T1w",
    "subject_id": "020"
  },
  "cjv": 0.3317119842386167,
  "cnr": 4.203988500358833,
  "efc": 0.5641401089607658,
  "fber": -1.0,
  "fwhm_avg": 4.61924392,
  "fwhm_x": 4.39931,
  "fwhm_y": 4.8955904,
  "fwhm_z": 4.562831360000001,
  "icvs_csf": 0.1794411092207895,
  "icvs_gm": 0.46058713478170976,
  "icvs_wm": 0.3599717559975007,
  "inu_med": 0.3955780565738678,
  "inu_range": 0.15194356441497803,
  "provenance": {
    "md5sum": "60f43ce7eee21e7481360f5266bea117",
    "settings": {
      "testing": false
    },
    "software": "mriqc",
    "version": "23.0.0",
    "warnings": {
      "large_rot_frame": true,
      "small_air_mask": false
    },
    "webapi_port": null,
    "webapi_url": "https://mriqc.nimh.nih.gov/api/v1"
  },
  "qi_1": 0.0,
  "qi_2": 0.019970494334575244,
  "rpve_csf": 24.14997022438996,
  "rpve_gm": 10.561271126554772,
  "rpve_wm": 15.248097472737294,
  "size_x": 176,
  "size_y": 224,
  "size_z": 256,
  "snr_csf": 2.680965498310386,
  "snr_gm": 14.09247982557143,
  "snr_total": 15.19112254668656,
  "snr_wm": 28.799922316177863,
  "snrd_csf": 29.40818313229419,
  "snrd_gm": 75.54035722928113,
  "snrd_total": 69.23275249059964,
  "snrd_wm": 102.74971711022361,
  "spacing_x": 1.0,
  "spacing_y": 0.9765625,
  "spacing_z": 0.9765625,
  "summary_bg_k": 8.67373418743853,
  "summary_bg_mad": 0.0,
  "summary_bg_mean": 3.232406052825341,
  "summary_bg_median": 0.0,
  "summary_bg_n": 2479057.0,
  "summary_bg_p05": 0.0,
  "summary_bg_p95": 17.582141052931547,
  "summary_bg_stdv": 6.376308516705748,
  "summary_csf_k": 1.543946227637826,
  "summary_csf_mad": 87.78279331326809,
  "summary_csf_mean": 298.6047683321681,
  "summary_csf_median": 286.2238284535706,
  "summary_csf_n": 23318.0,
  "summary_csf_p05": 152.5680848384276,
  "summary_csf_p95": 501.2148083524776,
  "summary_csf_stdv": 106.75918476655079,
  "summary_gm_k": -0.09278844267235131,
  "summary_gm_mad": 54.06325116175051,
  "summary_gm_mean": 734.3167323762016,
  "summary_gm_median": 735.2188386358321,
  "summary_gm_n": 55092.0,
  "summary_gm_p05": 648.2124177141116,
  "summary_gm_p95": 817.8003507889807,
  "summary_gm_stdv": 52.17053173461851,
  "summary_wm_k": 0.2617636023901966,
  "summary_wm_mad": 33.7817553289189,
  "summary_wm_mean": 1000.7086559226569,
  "summary_wm_median": 1000.0419703423977,
  "summary_wm_n": 215896.0,
  "summary_wm_p05": 944.6519317030907,
  "summary_wm_p95": 1058.7889810204506,
  "summary_wm_stdv": 34.72369277020126,
  "tpm_overlap_csf": 0.15619529885712044,
  "tpm_overlap_gm": 0.48182371500266863,
  "tpm_overlap_wm": 0.5322750733475843,
  "wm2max": 0.4484166556908198
}