{
  "aor": 0.003502862903225807,
  "aqi": 0.009290479677419354,
  "bids_meta": {
    "AcquisitionMatrixPE": 64,
    "AcquisitionNumber": 1,
    "AcquisitionTime": "10:48:49.390000",
    "BandwidthPerPixelPhaseEncode": 72.674,
    "BaseResolution": 64,
    "CoilString": "T:HEA;HEP",
    "ConversionSoftware": "dcm2niix",
    "ConversionSoftwareVersion": "v1.0.20190902",
    "DerivedVendorReportedEchoSpacing": 0.000430002,
    "DeviceSerialNumber": "35002",
    "DwellTime": 2.7e-06,
    "EchoTime": 0.031,
    "EffectiveEchoSpacing": 0.000215001,
    "FlipAngle": 90,
    "ImageOrientationPatientDICOM": [
      1,
      0,
      0,
      0,
      1,
      0
    ],
    "ImageType": [
      "ORIGINAL",
      "PRIMARY",
      "M",
      "ND",
      "MOSAIC"
    ],
    "ImagingFrequency": 123.263,
    "InPlanePhaseEncodingDirectionDICOM": "COL",
    "InstitutionAddress": "University_Pkwy_1700_North_685_Provo_AEC1C0_UT_US_84601",
    "InstitutionName": "Brigham_Young_University",
    "InstitutionalDepartmentName": "MRI",
    "MRAcquisitionType": "2D",
    "MagneticFieldStrength": 3,
    "Manufacturer": "Siemens",
    "ManufacturersModelName": "TrioTim",
    "Modality": "MR",
    "ParallelReductionFactorInPlane": 2,
    "PartialFourier": 1,
    "PatientPosition": "HFS",
    "PercentPhaseFOV": 100,
    "PhaseEncodingDirection": "j",
    "PhaseEncodingSteps": 63,
    "PhaseResolution": 1,
    "PixelBandwidth": 2894,
    "ProcedureStepDescription": "Research_KIRWAN",
    "ProtocolName": "Daselaar_run3",
    "PulseSequenceDetails": "%CustomerSeq%_ep2d_bold_PMU",
    "ReceiveCoilName": "HeadMatrix",
    "ReconMatrixPE": 64,
    "RefLinesPE": 24,
    "RepetitionTime": 1.8,
    "SAR": 0.171259,
    "ScanOptions": "FS",
    "ScanningSequence": "EP",
    "SequenceName": "epfid2d1_64",
    "SequenceVariant": "SK",
    "SeriesDescription": "Daselaar_run3",
    "SeriesNumber": 8,
    "ShimSetting": [
      -2720,
      -22756,
      2282,
      387,
      180,
      188,
      -680,
      374
    ],
    "SliceThickness": 3.8,
    "SliceTiming": [
      0.905,
      0,
      0.9575,
      0.055,
      1.01,
      0.1075,
      1.0625,
      0.16,
      1.1175,
      0.2125,
      1.17,
      0.2675,
      1.2225,
      0.32,
      1.275,
      0.3725,
      1.33,
      0.425,
      1.3825,
      0.48,
      1.435,
      0.5325,
      1.4875,
      0.585,
      1.5425,
      0.6375,
      1.595,
      0.6925,
      1.6475,
      0.745,
      1.7025,
      0.7975,
      1.755,
      0.85
    ],
    "SoftwareVersions": "syngo_MR_B17",
    "SpacingBetweenSlices": 3.8,
    "StationName": "MRC35002",
    "TaskName": "RecogConf",
    "TotalReadoutTime": 0.0135451,
    "TxRefAmp": 358.2,
    "dataset": "ds004086",
    "modality": "bold",
    "run_id": 3,
    "subject_id": "002",
    "task_id": "RecogConf"
  },
  "dummy_trs": 0,
  "dvars_nstd": 22.498658979514154,
  "dvars_std": 1.0606841248987862,
  "dvars_vstd": 1.02412915097166,
  "efc": 0.49016482050107424,
  "fber": 1832.2669677734375,
  "fd_mean": 0.13586024873698863,
  "fd_num": 28,
  "fd_perc": 11.290322580645162,
  "fwhm_avg": 1.9528983823763493,
  "fwhm_x": 1.8559759999999998,
  "fwhm_y": 2.0644533333333333,
  "fwhm_z": 1.9382658137957147,
  "gcor": 0.221243,
  "gsr_x": -0.00761963939294219,
  "gsr_y": 0.023891126736998558,
  "provenance": {
    "md5sum": "f2950538e3a1aa2bb893112dfafefc84",
    "settings": {
      "fd_thres": 0.2,
      "testing": false
    },
    "software": "mriqc",
    "version": "23.0.0",
    "webapi_port": null,
    "webapi_url": "https://mriqc.nimh.nih.gov/api/v1"
  },
  "size_t": 248,
  "size_x": 64,
  "size_y": 64,
  "size_z": 34,
  "snr": 6.04699420907929,
  "spacing_tr": 1.7999999523162842,
  "spacing_x": 3.75,
  "spacing_y": 3.75,
  "spacing_z": 3.799999952316284,
  "summary_bg_k": 61.56266327378023,
  "summary_bg_mad": 6.1336683082679855,
  "summary_bg_mean": 31.244190216064453,
  "summary_bg_median": 17.895160675048828,
  "summary_bg_n": 87022.0,
  "summary_bg_p05": 12.491934776306152,
  "summary_bg_p95": 98.43144989013672,
  "summary_bg_stdv": 42.71861267089844,
  "summary_fg_k": 1.5923063774659525,
  "summary_fg_mad": 109.42561765849649,
  "summary_fg_mean": 759.3484497070312,
  "summary_fg_median": 760.6290283203125,
  "summary_fg_n": 22777.0,
  "summary_fg_p05": 552.5096557617187,
  "summary_fg_p95": 962.1781860351563,
  "summary_fg_stdv": 125.78353881835938,
  "tsnr": 44.23489564808551
}