{
  "aor": 0.001207983870967742,
  "aqi": 0.004751130322580645,
  "bids_meta": {
    "AcquisitionMatrixPE": 64,
    "AcquisitionNumber": 1,
    "AcquisitionTime": "11:59:14.642500",
    "BandwidthPerPixelPhaseEncode": 72.674,
    "BaseResolution": 64,
    "CoilString": "T:HEA;HEP",
    "ConversionSoftware": "dcm2niix",
    "ConversionSoftwareVersion": "v1.0.20190902",
    "DerivedVendorReportedEchoSpacing": 0.000430002,
    "DeviceSerialNumber": "35002",
    "DwellTime": 2.7e-06,
    "EchoTime": 0.031,
    "EffectiveEchoSpacing": 0.000215001,
    "FlipAngle": 90,
    "ImageOrientationPatientDICOM": [
      1,
      0,
      0,
      0,
      1,
      0
    ],
    "ImageType": [
      "ORIGINAL",
      "PRIMARY",
      "M",
      "ND",
      "MOSAIC"
    ],
    "ImagingFrequency": 123.263,
    "InPlanePhaseEncodingDirectionDICOM": "COL",
    "InstitutionAddress": "University_Pkwy_1700_North_685_Provo_AEC1C0_UT_US_84601",
    "InstitutionName": "Brigham_Young_University",
    "InstitutionalDepartmentName": "MRI",
    "MRAcquisitionType": "2D",
    "MagneticFieldStrength": 3,
    "Manufacturer": "Siemens",
    "ManufacturersModelName": "TrioTim",
    "Modality": "MR",
    "ParallelReductionFactorInPlane": 2,
    "PartialFourier": 1,
    "PatientPosition": "HFS",
    "PercentPhaseFOV": 100,
    "PhaseEncodingDirection": "j-",
    "PhaseEncodingSteps": 63,
    "PhaseResolution": 1,
    "PixelBandwidth": 2894,
    "ProcedureStepDescription": "Research_KIRWAN",
    "ProtocolName": "Daselaar_run3",
    "PulseSequenceDetails": "%CustomerSeq%_ep2d_bold_PMU",
    "ReceiveCoilName": "HeadMatrix",
    "ReconMatrixPE": 64,
    "RefLinesPE": 24,
    "RepetitionTime": 1.8,
    "SAR": 0.127232,
    "ScanOptions": "FS",
    "ScanningSequence": "EP",
    "SequenceName": "epfid2d1_64",
    "SequenceVariant": "SK",
    "SeriesDescription": "Daselaar_run3",
    "SeriesNumber": 7,
    "ShimSetting": [
      -2745,
      -22629,
      2217,
      980,
      23,
      914,
      -765,
      357
    ],
    "SliceThickness": 3.8,
    "SliceTiming": [
      0.905,
      0,
      0.9575,
      0.055,
      1.01,
      0.1075,
      1.065,
      0.16,
      1.1175,
      0.2125,
      1.17,
      0.2675,
      1.2225,
      0.32,
      1.2775,
      0.3725,
      1.33,
      0.425,
      1.3825,
      0.48,
      1.435,
      0.5325,
      1.49,
      0.585,
      1.5425,
      0.6375,
      1.595,
      0.6925,
      1.6475,
      0.745,
      1.7025,
      0.7975,
      1.755,
      0.8525
    ],
    "SoftwareVersions": "syngo_MR_B17",
    "SpacingBetweenSlices": 3.8,
    "StationName": "MRC35002",
    "TaskName": "RecogConf",
    "TotalReadoutTime": 0.0135451,
    "TxRefAmp": 334.67,
    "dataset": "ds004086",
    "modality": "bold",
    "run_id": 3,
    "subject_id": "022",
    "task_id": "RecogConf"
  },
  "dummy_trs": 0,
  "dvars_nstd": 20.581768800202436,
  "dvars_std": 1.1029879036437245,
  "dvars_vstd": 1.0089913327530364,
  "efc": 0.41739343936243617,
  "fber": 2685.366943359375,
  "fd_mean": 0.08422694891099089,
  "fd_num": 3,
  "fd_perc": 1.2096774193548387,
  "fwhm_avg": 1.8679335399845216,
  "fwhm_x": 1.7334426666666665,
  "fwhm_y": 2.0006026666666665,
  "fwhm_z": 1.8697552866202316,
  "gcor": 0.0141472,
  "gsr_x": -0.019272025674581528,
  "gsr_y": 0.013434022665023804,
  "provenance": {
    "md5sum": "b8fc68378b65606a8ebd1a3508b536ea",
    "settings": {
      "fd_thres": 0.2,
      "testing": false
    },
    "software": "mriqc",
    "version": "23.0.0",
    "webapi_port": null,
    "webapi_url": "https://mriqc.nimh.nih.gov/api/v1"
  },
  "size_t": 248,
  "size_x": 64,
  "size_y": 64,
  "size_z": 34,
  "snr": 6.478681574194772,
  "spacing_tr": 1.7999999523162842,
  "spacing_x": 3.75,
  "spacing_y": 3.75,
  "spacing_z": 3.799999952316284,
  "summary_bg_k": 99.07084576491191,
  "summary_bg_mad": 4.113025828674818,
  "summary_bg_mean": 24.23790168762207,
  "summary_bg_median": 15.22580623626709,
  "summary_bg_n": 96652.0,
  "summary_bg_p05": 11.532258033752441,
  "summary_bg_p95": 60.924998474120954,
  "summary_bg_stdv": 35.07883071899414,
  "summary_fg_k": 1.8047785203581554,
  "summary_fg_mad": 106.74138733577118,
  "summary_fg_mean": 792.1004638671875,
  "summary_fg_median": 789.75,
  "summary_fg_n": 15548.0,
  "summary_fg_p05": 602.4159088134766,
  "summary_fg_p95": 990.6354736328125,
  "summary_fg_stdv": 121.89588165283203,
  "tsnr": 73.87896175892092
}