{
  "bids_meta": {
    "AcquisitionMatrixPE": 215,
    "AcquisitionNumber": 1,
    "AcquisitionTime": "11:54:15.382500",
    "BaseResolution": 256,
    "CoilString": "C:HEA;HEP",
    "ConversionSoftware": "dcm2niix",
    "ConversionSoftwareVersion": "v1.0.20190902",
    "DeviceSerialNumber": "35002",
    "DwellTime": 9.8e-06,
    "EchoTime": 0.00226,
    "FlipAngle": 9,
    "ImageOrientationPatientDICOM": [
      0,
      1,
      0,
      0,
      0,
      -1
    ],
    "ImageType": [
      "ORIGINAL",
      "PRIMARY",
      "M",
      "ND",
      "NORM"
    ],
    "ImagingFrequency": 123.263,
    "InPlanePhaseEncodingDirectionDICOM": "ROW",
    "InstitutionAddress": "University_Pkwy_1700_North_685_Provo_AEC1C0_UT_US_84601",
    "InstitutionName": "Brigham_Young_University",
    "InstitutionalDepartmentName": "MRI",
    "InversionTime": 0.9,
    "MRAcquisitionType": "3D",
    "MagneticFieldStrength": 3,
    "Manufacturer": "Siemens",
    "ManufacturersModelName": "TrioTim",
    "Modality": "MR",
    "PartialFourier": 0.875,
    "PatientPosition": "HFS",
    "PercentPhaseFOV": 87.5,
    "PhaseEncodingSteps": 227,
    "PhaseOversampling": 0.2,
    "PhaseResolution": 0.96,
    "PixelBandwidth": 199,
    "ProcedureStepDescription": "Research_KIRWAN",
    "ProtocolName": "t1_mpr_sag_iso_(mprage)",
    "PulseSequenceDetails": "%SiemensSeq%_tfl",
    "ReceiveCoilName": "HeadMatrix",
    "ReconMatrixPE": 224,
    "RepetitionTime": 1.9,
    "SAR": 0.106789,
    "ScanOptions": "IR_PFP",
    "ScanningSequence": "GR_IR",
    "SequenceName": "_tfl3d1_ns",
    "SequenceVariant": "SP_MP_OSP",
    "SeriesDescription": "t1_mpr_sag_iso_(mprage)",
    "SeriesNumber": 2,
    "ShimSetting": [
      -2768,
      -22810,
      1838,
      -69,
      10,
      173,
      -426,
      363
    ],
    "SliceThickness": 1,
    "SoftwareVersions": "syngo_MR_B17",
    "StationName": "MRC35002",
    "TxRefAmp": 323.027,
    "dataset": "ds004086",
    "modality": "T1w",
    "subject_id": "016"
  },
  "cjv": 0.32097101765671,
  "cnr": 4.273217149850507,
  "efc": 0.5994553877222427,
  "fber": 18146.423460846923,
  "fwhm_avg": 4.457996853333333,
  "fwhm_x": 4.41226,
  "fwhm_y": 4.6845951999999995,
  "fwhm_z": 4.27713536,
  "icvs_csf": 0.1638781768297905,
  "icvs_gm": 0.4772918654961068,
  "icvs_wm": 0.3588299576741027,
  "inu_med": 0.4479132294654846,
  "inu_range": 0.17237356305122375,
  "provenance": {
    "md5sum": "e28c90f8cc7a612d16e3b1ba98ca27b1",
    "settings": {
      "testing": false
    },
    "software": "mriqc",
    "version": "23.0.0",
    "warnings": {
      "large_rot_frame": true,
      "small_air_mask": false
    },
    "webapi_port": null,
    "webapi_url": "https://mriqc.nimh.nih.gov/api/v1"
  },
  "qi_1": 0.0,
  "qi_2": 0.008192697310921223,
  "rpve_csf": 26.039383566094575,
  "rpve_gm": 10.25587110670994,
  "rpve_wm": 15.022958459766766,
  "size_x": 176,
  "size_y": 224,
  "size_z": 256,
  "snr_csf": 2.7015579759543753,
  "snr_gm": 14.543093479579817,
  "snr_total": 14.344663035759273,
  "snr_wm": 25.789337651743626,
  "snrd_csf": 29.73332039487229,
  "snrd_gm": 70.96838533703779,
  "snrd_total": 66.06539807809548,
  "snrd_wm": 97.49448850237638,
  "spacing_x": 1.0,
  "spacing_y": 0.9765625,
  "spacing_z": 0.9765625,
  "summary_bg_k": 8.811463262074826,
  "summary_bg_mad": 0.0,
  "summary_bg_mean": 3.7565753892268754,
  "summary_bg_median": 0.0,
  "summary_bg_n": 1706475.0,
  "summary_bg_p05": 0.0,
  "summary_bg_p95": 17.39422745257616,
  "summary_bg_stdv": 6.720009999254461,
  "summary_csf_k": 1.418579302299964,
  "summary_csf_mad": 88.8901056526882,
  "summary_csf_mean": 307.22397065128615,
  "summary_csf_median": 304.98719101026654,
  "summary_csf_n": 20409.0,
  "summary_csf_p05": 103.23936158567668,
  "summary_csf_p95": 505.21407590880983,
  "summary_csf_stdv": 112.89031061092261,
  "summary_gm_k": -0.06549117180416486,
  "summary_gm_mad": 51.079107663072406,
  "summary_gm_mean": 727.5432833406745,
  "summary_gm_median": 727.9526203945279,
  "summary_gm_n": 53705.0,
  "summary_gm_p05": 645.0149271786213,
  "summary_gm_p95": 808.2853809967637,
  "summary_gm_stdv": 50.054401703377316,
  "summary_wm_k": 0.6144164268166294,
  "summary_wm_mad": 36.253708121839196,
  "summary_wm_mean": 1002.2341183861786,
  "summary_wm_median": 1000.0420333966613,
  "summary_wm_n": 196860.0,
  "summary_wm_p05": 942.4814256429672,
  "summary_wm_p95": 1069.8710334599018,
  "summary_wm_stdv": 38.77724612066603,
  "tpm_overlap_csf": 0.15834263443156885,
  "tpm_overlap_gm": 0.4750156366667858,
  "tpm_overlap_wm": 0.5038489791883088,
  "wm2max": 0.4351848466010897
}