{
  "bids_meta": {
    "AcquisitionMatrixPE": 215,
    "AcquisitionNumber": 1,
    "AcquisitionTime": "15:52:45.302500",
    "BaseResolution": 256,
    "CoilString": "C:HEA;HEP",
    "ConversionSoftware": "dcm2niix",
    "ConversionSoftwareVersion": "v1.0.20190902",
    "DeviceSerialNumber": "35002",
    "DwellTime": 9.8e-06,
    "EchoTime": 0.00226,
    "FlipAngle": 9,
    "ImageOrientationPatientDICOM": [
      0,
      1,
      0,
      0,
      0,
      -1
    ],
    "ImageType": [
      "ORIGINAL",
      "PRIMARY",
      "M",
      "ND",
      "NORM"
    ],
    "ImagingFrequency": 123.262,
    "InPlanePhaseEncodingDirectionDICOM": "ROW",
    "InstitutionAddress": "University_Pkwy_1700_North_685_Provo_AEC1C0_UT_US_84601",
    "InstitutionName": "Brigham_Young_University",
    "InstitutionalDepartmentName": "MRI",
    "InversionTime": 0.9,
    "MRAcquisitionType": "3D",
    "MagneticFieldStrength": 3,
    "Manufacturer": "Siemens",
    "ManufacturersModelName": "TrioTim",
    "Modality": "MR",
    "PartialFourier": 0.875,
    "PatientPosition": "HFS",
    "PercentPhaseFOV": 87.5,
    "PhaseEncodingSteps": 227,
    "PhaseOversampling": 0.2,
    "PhaseResolution": 0.96,
    "PixelBandwidth": 199,
    "ProcedureStepDescription": "Research_KIRWAN",
    "ProtocolName": "t1_mpr_sag_iso_(mprage)",
    "PulseSequenceDetails": "%SiemensSeq%_tfl",
    "ReceiveCoilName": "HeadMatrix",
    "ReconMatrixPE": 224,
    "RepetitionTime": 1.9,
    "SAR": 0.0796861,
    "ScanOptions": "IR_PFP",
    "ScanningSequence": "GR_IR",
    "SequenceName": "_tfl3d1_ns",
    "SequenceVariant": "SP_MP_OSP",
    "SeriesDescription": "t1_mpr_sag_iso_(mprage)",
    "SeriesNumber": 2,
    "ShimSetting": [
      -2768,
      -22810,
      1838,
      -69,
      10,
      173,
      -426,
      363
    ],
    "SliceThickness": 1,
    "SoftwareVersions": "syngo_MR_B17",
    "StationName": "MRC35002",
    "TxRefAmp": 330.963,
    "dataset": "ds004086",
    "modality": "T1w",
    "subject_id": "045"
  },
  "cjv": 0.3245960732717183,
  "cnr": 4.147613823416378,
  "efc": 0.5967246339336775,
  "fber": 10878.883588465646,
  "fwhm_avg": 4.535204586666667,
  "fwhm_x": 4.2926,
  "fwhm_y": 4.91267072,
  "fwhm_z": 4.40034304,
  "icvs_csf": 0.17990412269980555,
  "icvs_gm": 0.47595370199771686,
  "icvs_wm": 0.34414217530247754,
  "inu_med": 0.4843543767929077,
  "inu_range": 0.19338263273239137,
  "provenance": {
    "md5sum": "d7dd0c2ad748ce45a04da037eed8dbae",
    "settings": {
      "testing": false
    },
    "software": "mriqc",
    "version": "23.0.0",
    "warnings": {
      "large_rot_frame": true,
      "small_air_mask": false
    },
    "webapi_port": null,
    "webapi_url": "https://mriqc.nimh.nih.gov/api/v1"
  },
  "qi_1": 0.0,
  "qi_2": 0.0056538782213833,
  "rpve_csf": 24.68068536209553,
  "rpve_gm": 10.667539939053537,
  "rpve_wm": 16.42302777590961,
  "size_x": 176,
  "size_y": 224,
  "size_z": 256,
  "snr_csf": 2.5393308249768975,
  "snr_gm": 14.365772613586389,
  "snr_total": 13.73848199666591,
  "snr_wm": 24.310342551434445,
  "snrd_csf": 20.948991575355475,
  "snrd_gm": 50.37450405272139,
  "snrd_total": 46.879619878470145,
  "snrd_wm": 69.31536400733356,
  "spacing_x": 1.0,
  "spacing_y": 0.9765625,
  "spacing_z": 0.9765625,
  "summary_bg_k": 13.601813371770564,
  "summary_bg_mad": 0.0,
  "summary_bg_mean": 5.849443840560296,
  "summary_bg_median": 0.0,
  "summary_bg_n": 1791326.0,
  "summary_bg_p05": 0.0,
  "summary_bg_p95": 24.576094675809145,
  "summary_bg_stdv": 9.451928327449043,
  "summary_csf_k": 0.27710837628869456,
  "summary_csf_mad": 101.98515945264288,
  "summary_csf_mean": 305.55106038869656,
  "summary_csf_median": 302.23991050198674,
  "summary_csf_n": 18373.0,
  "summary_csf_p05": 90.50031729340553,
  "summary_csf_p95": 512.4890284627675,
  "summary_csf_stdv": 119.02020890968903,
  "summary_gm_k": 0.19682313202197577,
  "summary_gm_mad": 49.34765779966591,
  "summary_gm_mean": 724.6959140363365,
  "summary_gm_median": 726.774152431637,
  "summary_gm_n": 48680.0,
  "summary_gm_p05": 637.8061776682734,
  "summary_gm_p95": 803.7701778380199,
  "summary_gm_stdv": 50.590156696019726,
  "summary_wm_k": 0.2406376035894593,
  "summary_wm_mad": 39.353981188664385,
  "summary_wm_mean": 1000.8886432122534,
  "summary_wm_median": 1000.0419036224484,
  "summary_wm_n": 182815.0,
  "summary_wm_p05": 933.9753322452307,
  "summary_wm_p95": 1070.337070506066,
  "summary_wm_stdv": 41.136366811078126,
  "tpm_overlap_csf": 0.15782303016043805,
  "tpm_overlap_gm": 0.4867906678406749,
  "tpm_overlap_wm": 0.5170577237313221,
  "wm2max": 0.4297898373398589
}