{
  "bids_meta": {
    "AcquisitionMatrixPE": 215,
    "AcquisitionNumber": 1,
    "AcquisitionTime": "14:44:23.567500",
    "BaseResolution": 256,
    "CoilString": "C:HEA;HEP",
    "ConversionSoftware": "dcm2niix",
    "ConversionSoftwareVersion": "v1.0.20190902",
    "DeviceSerialNumber": "35002",
    "DwellTime": 9.8e-06,
    "EchoTime": 0.00226,
    "FlipAngle": 9,
    "ImageOrientationPatientDICOM": [
      0,
      1,
      0,
      0,
      0,
      -1
    ],
    "ImageType": [
      "ORIGINAL",
      "PRIMARY",
      "M",
      "ND",
      "NORM"
    ],
    "ImagingFrequency": 123.263,
    "InPlanePhaseEncodingDirectionDICOM": "ROW",
    "InstitutionAddress": "University_Pkwy_1700_North_685_Provo_AEC1C0_UT_US_84601",
    "InstitutionName": "Brigham_Young_University",
    "InstitutionalDepartmentName": "MRI",
    "InversionTime": 0.9,
    "MRAcquisitionType": "3D",
    "MagneticFieldStrength": 3,
    "Manufacturer": "Siemens",
    "ManufacturersModelName": "TrioTim",
    "Modality": "MR",
    "PartialFourier": 0.875,
    "PatientPosition": "HFS",
    "PercentPhaseFOV": 87.5,
    "PhaseEncodingSteps": 227,
    "PhaseOversampling": 0.2,
    "PhaseResolution": 0.96,
    "PixelBandwidth": 199,
    "ProcedureStepDescription": "Research_KIRWAN",
    "ProtocolName": "t1_mpr_sag_iso_(mprage)",
    "PulseSequenceDetails": "%SiemensSeq%_tfl",
    "ReceiveCoilName": "HeadMatrix",
    "ReconMatrixPE": 224,
    "RepetitionTime": 1.9,
    "SAR": 0.0690998,
    "ScanOptions": "IR_PFP",
    "ScanningSequence": "GR_IR",
    "SequenceName": "_tfl3d1_ns",
    "SequenceVariant": "SP_MP_OSP",
    "SeriesDescription": "t1_mpr_sag_iso_(mprage)",
    "SeriesNumber": 2,
    "ShimSetting": [
      -2768,
      -22810,
      1838,
      -69,
      10,
      173,
      -426,
      363
    ],
    "SliceThickness": 1,
    "SoftwareVersions": "syngo_MR_B17",
    "StationName": "MRC35002",
    "TxRefAmp": 341.376,
    "dataset": "ds004086",
    "modality": "T1w",
    "subject_id": "058"
  },
  "cjv": 0.3919796351794608,
  "cnr": 3.5168952818029195,
  "efc": 0.5610824829866937,
  "fber": 12963.226168136613,
  "fwhm_avg": 4.490728026666667,
  "fwhm_x": 4.43137,
  "fwhm_y": 4.699873279999999,
  "fwhm_z": 4.3409408,
  "icvs_csf": 0.18364639988769707,
  "icvs_gm": 0.46662666955221527,
  "icvs_wm": 0.3497269305600877,
  "inu_med": 0.568785548210144,
  "inu_range": 0.2723246231675148,
  "provenance": {
    "md5sum": "f0e8c2a12504818326c405587a38577f",
    "settings": {
      "testing": false
    },
    "software": "mriqc",
    "version": "23.0.0",
    "warnings": {
      "large_rot_frame": true,
      "small_air_mask": false
    },
    "webapi_port": null,
    "webapi_url": "https://mriqc.nimh.nih.gov/api/v1"
  },
  "qi_1": 0.0,
  "qi_2": 0.004549256256768701,
  "rpve_csf": 26.847926686876693,
  "rpve_gm": 11.389656449129918,
  "rpve_wm": 16.193009071789053,
  "size_x": 176,
  "size_y": 224,
  "size_z": 256,
  "snr_csf": 3.2362866674796504,
  "snr_gm": 16.03790998585061,
  "snr_total": 12.677689990192448,
  "snr_wm": 18.758873317247083,
  "snrd_csf": 18.1337331382189,
  "snrd_gm": 43.147030700246574,
  "snrd_total": 39.66100440030679,
  "snrd_wm": 57.70224936245488,
  "spacing_x": 1.0,
  "spacing_y": 0.9765625,
  "spacing_z": 0.9765625,
  "summary_bg_k": 12.410841680136281,
  "summary_bg_mad": 0.0,
  "summary_bg_mean": 6.490885910607053,
  "summary_bg_median": 0.0,
  "summary_bg_n": 2497823.0,
  "summary_bg_p05": 0.0,
  "summary_bg_p95": 27.684149771928787,
  "summary_bg_stdv": 11.354251660502037,
  "summary_csf_k": 4.035240424544418,
  "summary_csf_mad": 79.0241462613528,
  "summary_csf_mean": 322.9835822378187,
  "summary_csf_median": 314.27801843360066,
  "summary_csf_n": 29473.0,
  "summary_csf_p05": 180.441333334893,
  "summary_csf_p95": 495.99569893330323,
  "summary_csf_stdv": 97.10903855351467,
  "summary_gm_k": 0.12861676149305845,
  "summary_gm_mad": 46.10852378824295,
  "summary_gm_mean": 746.6965173342999,
  "summary_gm_median": 747.7866364531219,
  "summary_gm_n": 32052.0,
  "summary_gm_p05": 668.5542402714491,
  "summary_gm_p95": 821.4462492391467,
  "summary_gm_stdv": 46.62546253293775,
  "summary_wm_k": 0.22923437526101242,
  "summary_wm_mad": 52.7716052605324,
  "summary_wm_mean": 1004.0828398473146,
  "summary_wm_median": 1000.0449687093496,
  "summary_wm_n": 149382.0,
  "summary_wm_p05": 924.1382658444345,
  "summary_wm_p95": 1098.4652670746661,
  "summary_wm_stdv": 53.31032437381526,
  "tpm_overlap_csf": 0.16093972268483508,
  "tpm_overlap_gm": 0.47570777418441285,
  "tpm_overlap_wm": 0.4905114350308748,
  "wm2max": 0.4218308657655779
}