{
  "aor": 0.001457056451612903,
  "aqi": 0.005240486975806451,
  "bids_meta": {
    "AcquisitionMatrixPE": 64,
    "AcquisitionNumber": 1,
    "AcquisitionTime": "14:06:23.460000",
    "BandwidthPerPixelPhaseEncode": 72.674,
    "BaseResolution": 64,
    "CoilString": "T:HEA;HEP",
    "ConversionSoftware": "dcm2niix",
    "ConversionSoftwareVersion": "v1.0.20190902",
    "DerivedVendorReportedEchoSpacing": 0.000430002,
    "DeviceSerialNumber": "35002",
    "DwellTime": 2.7e-06,
    "EchoTime": 0.031,
    "EffectiveEchoSpacing": 0.000215001,
    "FlipAngle": 90,
    "ImageOrientationPatientDICOM": [
      1,
      0,
      0,
      0,
      1,
      0
    ],
    "ImageType": [
      "ORIGINAL",
      "PRIMARY",
      "M",
      "ND",
      "MOSAIC"
    ],
    "ImagingFrequency": 123.263,
    "InPlanePhaseEncodingDirectionDICOM": "COL",
    "InstitutionAddress": "University_Pkwy_1700_North_685_Provo_AEC1C0_UT_US_84601",
    "InstitutionName": "Brigham_Young_University",
    "InstitutionalDepartmentName": "MRI",
    "MRAcquisitionType": "2D",
    "MagneticFieldStrength": 3,
    "Manufacturer": "Siemens",
    "ManufacturersModelName": "TrioTim",
    "Modality": "MR",
    "ParallelReductionFactorInPlane": 2,
    "PartialFourier": 1,
    "PatientPosition": "HFS",
    "PercentPhaseFOV": 100,
    "PhaseEncodingDirection": "j-",
    "PhaseEncodingSteps": 63,
    "PhaseResolution": 1,
    "PixelBandwidth": 2894,
    "ProcedureStepDescription": "Research_KIRWAN",
    "ProtocolName": "Daselaar_run4",
    "PulseSequenceDetails": "%CustomerSeq%_ep2d_bold_PMU",
    "ReceiveCoilName": "HeadMatrix",
    "ReconMatrixPE": 64,
    "RefLinesPE": 24,
    "RepetitionTime": 1.8,
    "SAR": 0.124654,
    "ScanOptions": "FS",
    "ScanningSequence": "EP",
    "SequenceName": "epfid2d1_64",
    "SequenceVariant": "SK",
    "SeriesDescription": "Daselaar_run4",
    "SeriesNumber": 9,
    "ShimSetting": [
      -2803,
      -22769,
      2245,
      810,
      -283,
      280,
      -511,
      379
    ],
    "SliceThickness": 3.8,
    "SliceTiming": [
      0.905,
      0,
      0.9575,
      0.055,
      1.01,
      0.1075,
      1.0625,
      0.16,
      1.1175,
      0.2125,
      1.17,
      0.2675,
      1.2225,
      0.32,
      1.275,
      0.3725,
      1.33,
      0.425,
      1.3825,
      0.48,
      1.435,
      0.5325,
      1.49,
      0.585,
      1.5425,
      0.6375,
      1.595,
      0.6925,
      1.6475,
      0.745,
      1.7025,
      0.7975,
      1.755,
      0.85
    ],
    "SoftwareVersions": "syngo_MR_B17",
    "SpacingBetweenSlices": 3.8,
    "StationName": "MRC35002",
    "TaskName": "RecogConf",
    "TotalReadoutTime": 0.0135451,
    "TxRefAmp": 333.575,
    "dataset": "ds004086",
    "modality": "bold",
    "run_id": 4,
    "subject_id": "057",
    "task_id": "RecogConf"
  },
  "dummy_trs": 0,
  "dvars_nstd": 21.897360411376514,
  "dvars_std": 1.1373701499595141,
  "dvars_vstd": 1.0178905835627536,
  "efc": 0.4430911611146489,
  "fber": 2218.851318359375,
  "fd_mean": 0.0910353901794835,
  "fd_num": 10,
  "fd_perc": 4.032258064516129,
  "fwhm_avg": 1.9205477742155115,
  "fwhm_x": 1.7839146666666668,
  "fwhm_y": 2.033176,
  "fwhm_z": 1.9445526559798676,
  "gcor": 0.0353452,
  "gsr_x": -0.015115531161427498,
  "gsr_y": 0.008210583589971066,
  "provenance": {
    "md5sum": "dbe8328162d8be3e33831b18c3c22de1",
    "settings": {
      "fd_thres": 0.2,
      "testing": false
    },
    "software": "mriqc",
    "version": "23.0.0",
    "webapi_port": null,
    "webapi_url": "https://mriqc.nimh.nih.gov/api/v1"
  },
  "size_t": 248,
  "size_x": 64,
  "size_y": 64,
  "size_z": 34,
  "snr": 5.999750582454734,
  "spacing_tr": 1.7999999523162842,
  "spacing_x": 3.75,
  "spacing_y": 3.75,
  "spacing_z": 3.799999952316284,
  "summary_bg_k": 50.69640281342268,
  "summary_bg_mad": 5.003783901376064,
  "summary_bg_mean": 28.740447998046875,
  "summary_bg_median": 16.68145179748535,
  "summary_bg_n": 94401.0,
  "summary_bg_p05": 12.439516067504883,
  "summary_bg_p95": 85.69757843017578,
  "summary_bg_stdv": 40.842628479003906,
  "summary_fg_k": 1.5044120713568017,
  "summary_fg_mad": 117.81900670727998,
  "summary_fg_mean": 791.3837280273438,
  "summary_fg_median": 789.3709716796875,
  "summary_fg_n": 17147.0,
  "summary_fg_p05": 585.5370788574219,
  "summary_fg_p95": 1004.4947265624999,
  "summary_fg_stdv": 131.56346130371094,
  "tsnr": 64.38480220083147
}