{
  "aor": 0.006463750000000001,
  "aqi": 0.005789034435483871,
  "bids_meta": {
    "AcquisitionMatrixPE": 64,
    "AcquisitionNumber": 1,
    "AcquisitionTime": "13:39:51.092500",
    "BandwidthPerPixelPhaseEncode": 72.674,
    "BaseResolution": 64,
    "CoilString": "T:HEA;HEP",
    "ConversionSoftware": "dcm2niix",
    "ConversionSoftwareVersion": "v1.0.20190902",
    "DerivedVendorReportedEchoSpacing": 0.000430002,
    "DeviceSerialNumber": "35002",
    "DwellTime": 2.7e-06,
    "EchoTime": 0.031,
    "EffectiveEchoSpacing": 0.000215001,
    "FlipAngle": 90,
    "ImageOrientationPatientDICOM": [
      1,
      0,
      0,
      0,
      1,
      0
    ],
    "ImageType": [
      "ORIGINAL",
      "PRIMARY",
      "M",
      "ND",
      "MOSAIC"
    ],
    "ImagingFrequency": 123.263,
    "InPlanePhaseEncodingDirectionDICOM": "COL",
    "InstitutionAddress": "University_Pkwy_1700_North_685_Provo_AEC1C0_UT_US_84601",
    "InstitutionName": "Brigham_Young_University",
    "InstitutionalDepartmentName": "MRI",
    "MRAcquisitionType": "2D",
    "MagneticFieldStrength": 3,
    "Manufacturer": "Siemens",
    "ManufacturersModelName": "TrioTim",
    "Modality": "MR",
    "ParallelReductionFactorInPlane": 2,
    "PartialFourier": 1,
    "PatientPosition": "HFS",
    "PercentPhaseFOV": 100,
    "PhaseEncodingDirection": "j-",
    "PhaseEncodingSteps": 63,
    "PhaseResolution": 1,
    "PixelBandwidth": 2894,
    "ProcedureStepDescription": "Research_KIRWAN",
    "ProtocolName": "Daselaar_run1",
    "PulseSequenceDetails": "%CustomerSeq%_ep2d_bold_PMU",
    "ReceiveCoilName": "HeadMatrix",
    "ReconMatrixPE": 64,
    "RefLinesPE": 24,
    "RepetitionTime": 1.8,
    "SAR": 0.124654,
    "ScanOptions": "FS",
    "ScanningSequence": "EP",
    "SequenceName": "epfid2d1_64",
    "SequenceVariant": "SK",
    "SeriesDescription": "Daselaar_run1",
    "SeriesNumber": 5,
    "ShimSetting": [
      -2803,
      -22769,
      2245,
      810,
      -283,
      280,
      -511,
      379
    ],
    "SliceThickness": 3.8,
    "SliceTiming": [
      0.905,
      0,
      0.9575,
      0.055,
      1.01,
      0.1075,
      1.065,
      0.16,
      1.1175,
      0.2125,
      1.17,
      0.2675,
      1.2225,
      0.32,
      1.2775,
      0.3725,
      1.33,
      0.425,
      1.3825,
      0.48,
      1.435,
      0.5325,
      1.49,
      0.585,
      1.5425,
      0.64,
      1.595,
      0.6925,
      1.6475,
      0.745,
      1.7025,
      0.7975,
      1.755,
      0.8525
    ],
    "SoftwareVersions": "syngo_MR_B17",
    "SpacingBetweenSlices": 3.8,
    "StationName": "MRC35002",
    "TaskName": "RecogConf",
    "TotalReadoutTime": 0.0135451,
    "TxRefAmp": 333.575,
    "dataset": "ds004086",
    "modality": "bold",
    "run_id": 1,
    "subject_id": "057",
    "task_id": "RecogConf"
  },
  "dummy_trs": 0,
  "dvars_nstd": 22.117606097327943,
  "dvars_std": 1.06543932242915,
  "dvars_vstd": 1.018111336558705,
  "efc": 0.4445509777430326,
  "fber": 2157.853515625,
  "fd_mean": 0.14335216626326439,
  "fd_num": 17,
  "fd_perc": 6.854838709677419,
  "fwhm_avg": 1.9252751190855852,
  "fwhm_x": 1.8177733333333335,
  "fwhm_y": 2.051552,
  "fwhm_z": 1.9065000239234224,
  "gcor": 0.0609809,
  "gsr_x": -0.01615833304822445,
  "gsr_y": 0.008561220951378345,
  "provenance": {
    "md5sum": "b4277409156c459b54de501832bd2958",
    "settings": {
      "fd_thres": 0.2,
      "testing": false
    },
    "software": "mriqc",
    "version": "23.0.0",
    "webapi_port": null,
    "webapi_url": "https://mriqc.nimh.nih.gov/api/v1"
  },
  "size_t": 248,
  "size_x": 64,
  "size_y": 64,
  "size_z": 34,
  "snr": 5.942948066886479,
  "spacing_tr": 1.7999999523162842,
  "spacing_x": 3.75,
  "spacing_y": 3.75,
  "spacing_z": 3.799999952316284,
  "summary_bg_k": 51.37637302813236,
  "summary_bg_mad": 5.40432330363677,
  "summary_bg_mean": 29.26905632019043,
  "summary_bg_median": 17.0,
  "summary_bg_n": 94287.0,
  "summary_bg_p05": 12.258064270019531,
  "summary_bg_p95": 87.5241928100586,
  "summary_bg_stdv": 41.64971160888672,
  "summary_fg_k": 1.4703746084693758,
  "summary_fg_mad": 119.90545442164056,
  "summary_fg_mean": 797.079833984375,
  "summary_fg_median": 793.2862548828125,
  "summary_fg_n": 17365.0,
  "summary_fg_p05": 589.4636840820312,
  "summary_fg_p95": 1014.8564208984374,
  "summary_fg_stdv": 133.4797821044922,
  "tsnr": 57.73698154091835
}