{
  "aor": 0.008270846774193548,
  "aqi": 0.006685003104838709,
  "bids_meta": {
    "AcquisitionMatrixPE": 64,
    "AcquisitionNumber": 1,
    "AcquisitionTime": "13:50:38.787500",
    "BandwidthPerPixelPhaseEncode": 72.674,
    "BaseResolution": 64,
    "CoilString": "T:HEA;HEP",
    "ConversionSoftware": "dcm2niix",
    "ConversionSoftwareVersion": "v1.0.20190902",
    "DerivedVendorReportedEchoSpacing": 0.000430002,
    "DeviceSerialNumber": "35002",
    "DwellTime": 2.7e-06,
    "EchoTime": 0.031,
    "EffectiveEchoSpacing": 0.000215001,
    "FlipAngle": 90,
    "ImageOrientationPatientDICOM": [
      1,
      0,
      0,
      0,
      1,
      0
    ],
    "ImageType": [
      "ORIGINAL",
      "PRIMARY",
      "M",
      "ND",
      "MOSAIC"
    ],
    "ImagingFrequency": 123.263,
    "InPlanePhaseEncodingDirectionDICOM": "COL",
    "InstitutionAddress": "University_Pkwy_1700_North_685_Provo_AEC1C0_UT_US_84601",
    "InstitutionName": "Brigham_Young_University",
    "InstitutionalDepartmentName": "MRI",
    "MRAcquisitionType": "2D",
    "MagneticFieldStrength": 3,
    "Manufacturer": "Siemens",
    "ManufacturersModelName": "TrioTim",
    "Modality": "MR",
    "ParallelReductionFactorInPlane": 2,
    "PartialFourier": 1,
    "PatientPosition": "HFS",
    "PercentPhaseFOV": 100,
    "PhaseEncodingDirection": "j-",
    "PhaseEncodingSteps": 63,
    "PhaseResolution": 1,
    "PixelBandwidth": 2894,
    "ProcedureStepDescription": "Research_KIRWAN",
    "ProtocolName": "Daselaar_run2",
    "PulseSequenceDetails": "%CustomerSeq%_ep2d_bold_PMU",
    "ReceiveCoilName": "HeadMatrix",
    "ReconMatrixPE": 64,
    "RefLinesPE": 24,
    "RepetitionTime": 1.8,
    "SAR": 0.124654,
    "ScanOptions": "FS",
    "ScanningSequence": "EP",
    "SequenceName": "epfid2d1_64",
    "SequenceVariant": "SK",
    "SeriesDescription": "Daselaar_run2",
    "SeriesNumber": 7,
    "ShimSetting": [
      -2805,
      -22773,
      2228,
      716,
      -268,
      223,
      -479,
      383
    ],
    "SliceThickness": 3.8,
    "SliceTiming": [
      0.9025,
      0,
      0.955,
      0.0525,
      1.01,
      0.105,
      1.0625,
      0.16,
      1.115,
      0.2125,
      1.17,
      0.265,
      1.2225,
      0.3175,
      1.275,
      0.3725,
      1.3275,
      0.425,
      1.3825,
      0.4775,
      1.435,
      0.53,
      1.4875,
      0.585,
      1.54,
      0.6375,
      1.595,
      0.69,
      1.6475,
      0.7425,
      1.7,
      0.7975,
      1.7525,
      0.85
    ],
    "SoftwareVersions": "syngo_MR_B17",
    "SpacingBetweenSlices": 3.8,
    "StationName": "MRC35002",
    "TaskName": "RecogConf",
    "TotalReadoutTime": 0.0135451,
    "TxRefAmp": 333.575,
    "dataset": "ds004086",
    "modality": "bold",
    "run_id": 2,
    "subject_id": "057",
    "task_id": "RecogConf"
  },
  "dummy_trs": 0,
  "dvars_nstd": 20.790330887004036,
  "dvars_std": 1.144161130323887,
  "dvars_vstd": 1.080396387692307,
  "efc": 0.44480688339361724,
  "fber": 2115.834716796875,
  "fd_mean": 0.09408189311888276,
  "fd_num": 6,
  "fd_perc": 2.4193548387096775,
  "fwhm_avg": 1.973609505360706,
  "fwhm_x": 1.8424666666666667,
  "fwhm_y": 2.0976986666666666,
  "fwhm_z": 1.9806631827487842,
  "gcor": 0.0217082,
  "gsr_x": -0.015710709616541862,
  "gsr_y": 0.008627641014754772,
  "provenance": {
    "md5sum": "0422c1da22577b1ff27a3d278e6c3076",
    "settings": {
      "fd_thres": 0.2,
      "testing": false
    },
    "software": "mriqc",
    "version": "23.0.0",
    "webapi_port": null,
    "webapi_url": "https://mriqc.nimh.nih.gov/api/v1"
  },
  "size_t": 248,
  "size_x": 64,
  "size_y": 64,
  "size_z": 34,
  "snr": 5.862193306949429,
  "spacing_tr": 1.7999999523162842,
  "spacing_x": 3.75,
  "spacing_y": 3.75,
  "spacing_z": 3.799999952316284,
  "summary_bg_k": 50.29944789440352,
  "summary_bg_mad": 5.8347557952907545,
  "summary_bg_mean": 29.24270248413086,
  "summary_bg_median": 17.10483741760254,
  "summary_bg_n": 94302.0,
  "summary_bg_p05": 11.875,
  "summary_bg_p95": 87.80463523864735,
  "summary_bg_stdv": 40.71147155761719,
  "summary_fg_k": 1.1852557368453596,
  "summary_fg_mad": 122.28178959980623,
  "summary_fg_mean": 789.8129272460938,
  "summary_fg_median": 788.3648681640625,
  "summary_fg_n": 17242.0,
  "summary_fg_p05": 573.090298461914,
  "summary_fg_p95": 1008.6033874511719,
  "summary_fg_stdv": 134.47901916503906,
  "tsnr": 60.209230642416514
}