{
  "aor": 0.008986169354838711,
  "aqi": 0.025189590725806447,
  "bids_meta": {
    "AcquisitionMatrixPE": 64,
    "AcquisitionNumber": 1,
    "AcquisitionTime": "10:53:14.280000",
    "BandwidthPerPixelPhaseEncode": 72.674,
    "BaseResolution": 64,
    "CoilString": "T:HEA;HEP",
    "ConversionSoftware": "dcm2niix",
    "ConversionSoftwareVersion": "v1.0.20190902",
    "DerivedVendorReportedEchoSpacing": 0.000430002,
    "DeviceSerialNumber": "35002",
    "DwellTime": 2.7e-06,
    "EchoTime": 0.031,
    "EffectiveEchoSpacing": 0.000215001,
    "FlipAngle": 90,
    "ImageOrientationPatientDICOM": [
      1,
      0,
      0,
      0,
      1,
      0
    ],
    "ImageType": [
      "ORIGINAL",
      "PRIMARY",
      "M",
      "ND",
      "MOSAIC"
    ],
    "ImagingFrequency": 123.263,
    "InPlanePhaseEncodingDirectionDICOM": "COL",
    "InstitutionAddress": "University_Pkwy_1700_North_685_Provo_AEC1C0_UT_US_84601",
    "InstitutionName": "Brigham_Young_University",
    "InstitutionalDepartmentName": "MRI",
    "MRAcquisitionType": "2D",
    "MagneticFieldStrength": 3,
    "Manufacturer": "Siemens",
    "ManufacturersModelName": "TrioTim",
    "Modality": "MR",
    "ParallelReductionFactorInPlane": 2,
    "PartialFourier": 1,
    "PatientPosition": "HFS",
    "PercentPhaseFOV": 100,
    "PhaseEncodingDirection": "j-",
    "PhaseEncodingSteps": 63,
    "PhaseResolution": 1,
    "PixelBandwidth": 2894,
    "ProcedureStepDescription": "Research_KIRWAN",
    "ProtocolName": "Daselaar_run4",
    "PulseSequenceDetails": "%CustomerSeq%_ep2d_bold_PMU",
    "ReceiveCoilName": "HeadMatrix",
    "ReconMatrixPE": 64,
    "RefLinesPE": 24,
    "RepetitionTime": 1.8,
    "SAR": 0.127428,
    "ScanOptions": "FS",
    "ScanningSequence": "EP",
    "SequenceName": "epfid2d1_64",
    "SequenceVariant": "SK",
    "SeriesDescription": "Daselaar_run4",
    "SeriesNumber": 8,
    "ShimSetting": [
      -2720,
      -22670,
      2148,
      696,
      210,
      517,
      -301,
      259
    ],
    "SliceThickness": 3.8,
    "SliceTiming": [
      0.9025,
      0,
      0.955,
      0.0525,
      1.01,
      0.105,
      1.0625,
      0.16,
      1.115,
      0.2125,
      1.1675,
      0.265,
      1.2225,
      0.3175,
      1.275,
      0.3725,
      1.3275,
      0.425,
      1.3825,
      0.4775,
      1.435,
      0.53,
      1.4875,
      0.585,
      1.54,
      0.6375,
      1.595,
      0.69,
      1.6475,
      0.7425,
      1.7,
      0.7975,
      1.7525,
      0.85
    ],
    "SoftwareVersions": "syngo_MR_B17",
    "SpacingBetweenSlices": 3.8,
    "StationName": "MRC35002",
    "TaskName": "RecogConf",
    "TotalReadoutTime": 0.0135451,
    "TxRefAmp": 337.689,
    "dataset": "ds004086",
    "modality": "bold",
    "run_id": 4,
    "subject_id": "027",
    "task_id": "RecogConf"
  },
  "dummy_trs": 0,
  "dvars_nstd": 28.329317278016216,
  "dvars_std": 0.8807351494331981,
  "dvars_vstd": 0.8985433012145746,
  "efc": 0.44085603266575335,
  "fber": 2124.1298828125,
  "fd_mean": 0.38745553876172734,
  "fd_num": 58,
  "fd_perc": 23.387096774193548,
  "fwhm_avg": 2.1325916932790956,
  "fwhm_x": 2.0293066666666664,
  "fwhm_y": 2.2003973333333335,
  "fwhm_z": 2.168071079837286,
  "gcor": 0.0361811,
  "gsr_x": -0.0115260761231184,
  "gsr_y": 0.01509355939924717,
  "provenance": {
    "md5sum": "3eab3c0070ebe879a5cb3a8bb4977933",
    "settings": {
      "fd_thres": 0.2,
      "testing": false
    },
    "software": "mriqc",
    "version": "23.0.0",
    "webapi_port": null,
    "webapi_url": "https://mriqc.nimh.nih.gov/api/v1"
  },
  "size_t": 248,
  "size_x": 64,
  "size_y": 64,
  "size_z": 34,
  "snr": 5.554558119228135,
  "spacing_tr": 1.7999999523162842,
  "spacing_x": 3.75,
  "spacing_y": 3.75,
  "spacing_z": 3.799999952316284,
  "summary_bg_k": 50.68988986299536,
  "summary_bg_mad": 6.199429711526019,
  "summary_bg_mean": 25.861318588256836,
  "summary_bg_median": 16.891128540039062,
  "summary_bg_n": 93772.0,
  "summary_bg_p05": 11.588708877563477,
  "summary_bg_p95": 68.33064270019531,
  "summary_bg_stdv": 27.76364517211914,
  "summary_fg_k": 1.226244209068553,
  "summary_fg_mad": 115.14378022493193,
  "summary_fg_mean": 780.4765014648438,
  "summary_fg_median": 771.9737548828125,
  "summary_fg_n": 17984.0,
  "summary_fg_p05": 562.604605102539,
  "summary_fg_p95": 1029.0265869140624,
  "summary_fg_stdv": 138.9763641357422,
  "tsnr": 30.743080044630915
}