{
  "aor": 0.024476975806451612,
  "aqi": 0.01000895556451613,
  "bids_meta": {
    "AcquisitionMatrixPE": 64,
    "AcquisitionNumber": 1,
    "AcquisitionTime": "10:29:53.205000",
    "BandwidthPerPixelPhaseEncode": 72.674,
    "BaseResolution": 64,
    "CoilString": "T:HEA;HEP",
    "ConversionSoftware": "dcm2niix",
    "ConversionSoftwareVersion": "v1.0.20190902",
    "DerivedVendorReportedEchoSpacing": 0.000430002,
    "DeviceSerialNumber": "35002",
    "DwellTime": 2.7e-06,
    "EchoTime": 0.031,
    "EffectiveEchoSpacing": 0.000215001,
    "FlipAngle": 90,
    "ImageOrientationPatientDICOM": [
      1,
      0,
      0,
      0,
      1,
      0
    ],
    "ImageType": [
      "ORIGINAL",
      "PRIMARY",
      "M",
      "ND",
      "MOSAIC"
    ],
    "ImagingFrequency": 123.263,
    "InPlanePhaseEncodingDirectionDICOM": "COL",
    "InstitutionAddress": "University_Pkwy_1700_North_685_Provo_AEC1C0_UT_US_84601",
    "InstitutionName": "Brigham_Young_University",
    "InstitutionalDepartmentName": "MRI",
    "MRAcquisitionType": "2D",
    "MagneticFieldStrength": 3,
    "Manufacturer": "Siemens",
    "ManufacturersModelName": "TrioTim",
    "Modality": "MR",
    "ParallelReductionFactorInPlane": 2,
    "PartialFourier": 1,
    "PatientPosition": "HFS",
    "PercentPhaseFOV": 100,
    "PhaseEncodingDirection": "j-",
    "PhaseEncodingSteps": 63,
    "PhaseResolution": 1,
    "PixelBandwidth": 2894,
    "ProcedureStepDescription": "Research_KIRWAN",
    "ProtocolName": "Daselaar_run1",
    "PulseSequenceDetails": "%CustomerSeq%_ep2d_bold_PMU",
    "ReceiveCoilName": "HeadMatrix",
    "ReconMatrixPE": 64,
    "RefLinesPE": 24,
    "RepetitionTime": 1.8,
    "SAR": 0.127428,
    "ScanOptions": "FS",
    "ScanningSequence": "EP",
    "SequenceName": "epfid2d1_64",
    "SequenceVariant": "SK",
    "SeriesDescription": "Daselaar_run1",
    "SeriesNumber": 5,
    "ShimSetting": [
      -2720,
      -22670,
      2148,
      696,
      210,
      517,
      -301,
      259
    ],
    "SliceThickness": 3.8,
    "SliceTiming": [
      0.9025,
      0,
      0.955,
      0.0525,
      1.01,
      0.105,
      1.0625,
      0.16,
      1.115,
      0.2125,
      1.1675,
      0.265,
      1.2225,
      0.3175,
      1.275,
      0.3725,
      1.3275,
      0.425,
      1.3825,
      0.4775,
      1.435,
      0.53,
      1.4875,
      0.585,
      1.54,
      0.6375,
      1.595,
      0.69,
      1.6475,
      0.7425,
      1.7,
      0.7975,
      1.7525,
      0.85
    ],
    "SoftwareVersions": "syngo_MR_B17",
    "SpacingBetweenSlices": 3.8,
    "StationName": "MRC35002",
    "TaskName": "RecogConf",
    "TotalReadoutTime": 0.0135451,
    "TxRefAmp": 337.689,
    "dataset": "ds004086",
    "modality": "bold",
    "run_id": 1,
    "subject_id": "027",
    "task_id": "RecogConf"
  },
  "dummy_trs": 0,
  "dvars_nstd": 22.647065629554668,
  "dvars_std": 1.1912615263967614,
  "dvars_vstd": 1.183047168582996,
  "efc": 0.4412459946543412,
  "fber": 2109.540283203125,
  "fd_mean": 0.13181964180777905,
  "fd_num": 22,
  "fd_perc": 8.870967741935484,
  "fwhm_avg": 2.1247380909686098,
  "fwhm_x": 2.0102853333333335,
  "fwhm_y": 2.1889973333333335,
  "fwhm_z": 2.1749316062391633,
  "gcor": 0.0202208,
  "gsr_x": -0.011019141413271427,
  "gsr_y": 0.010409987531602383,
  "provenance": {
    "md5sum": "b168c782262a485b41763805189b49f8",
    "settings": {
      "fd_thres": 0.2,
      "testing": false
    },
    "software": "mriqc",
    "version": "23.0.0",
    "webapi_port": null,
    "webapi_url": "https://mriqc.nimh.nih.gov/api/v1"
  },
  "size_t": 248,
  "size_x": 64,
  "size_y": 64,
  "size_z": 34,
  "snr": 5.511369754220359,
  "spacing_tr": 1.7999999523162842,
  "spacing_x": 3.75,
  "spacing_y": 3.75,
  "spacing_z": 3.799999952316284,
  "summary_bg_k": 54.02077225407195,
  "summary_bg_mad": 5.607582737882348,
  "summary_bg_mean": 25.12925910949707,
  "summary_bg_median": 16.875,
  "summary_bg_n": 93545.0,
  "summary_bg_p05": 12.129032135009766,
  "summary_bg_p95": 66.19274291992188,
  "summary_bg_stdv": 27.259410858154297,
  "summary_fg_k": 1.267818767387845,
  "summary_fg_mad": 115.81635352748583,
  "summary_fg_mean": 782.3295288085938,
  "summary_fg_median": 774.4475708007812,
  "summary_fg_n": 18090.0,
  "summary_fg_p05": 566.5280242919922,
  "summary_fg_p95": 1033.0165161132813,
  "summary_fg_stdv": 140.5142822265625,
  "tsnr": 52.075590335181914
}