{
  "aor": 0.01587810483870968,
  "aqi": 0.01488917947580645,
  "bids_meta": {
    "AcquisitionMatrixPE": 64,
    "AcquisitionNumber": 1,
    "AcquisitionTime": "10:37:40.382500",
    "BandwidthPerPixelPhaseEncode": 72.674,
    "BaseResolution": 64,
    "CoilString": "T:HEA;HEP",
    "ConversionSoftware": "dcm2niix",
    "ConversionSoftwareVersion": "v1.0.20190902",
    "DerivedVendorReportedEchoSpacing": 0.000430002,
    "DeviceSerialNumber": "35002",
    "DwellTime": 2.7e-06,
    "EchoTime": 0.031,
    "EffectiveEchoSpacing": 0.000215001,
    "FlipAngle": 90,
    "ImageOrientationPatientDICOM": [
      1,
      0,
      0,
      0,
      1,
      0
    ],
    "ImageType": [
      "ORIGINAL",
      "PRIMARY",
      "M",
      "ND",
      "MOSAIC"
    ],
    "ImagingFrequency": 123.263,
    "InPlanePhaseEncodingDirectionDICOM": "COL",
    "InstitutionAddress": "University_Pkwy_1700_North_685_Provo_AEC1C0_UT_US_84601",
    "InstitutionName": "Brigham_Young_University",
    "InstitutionalDepartmentName": "MRI",
    "MRAcquisitionType": "2D",
    "MagneticFieldStrength": 3,
    "Manufacturer": "Siemens",
    "ManufacturersModelName": "TrioTim",
    "Modality": "MR",
    "ParallelReductionFactorInPlane": 2,
    "PartialFourier": 1,
    "PatientPosition": "HFS",
    "PercentPhaseFOV": 100,
    "PhaseEncodingDirection": "j-",
    "PhaseEncodingSteps": 63,
    "PhaseResolution": 1,
    "PixelBandwidth": 2894,
    "ProcedureStepDescription": "Research_KIRWAN",
    "ProtocolName": "Daselaar_run2",
    "PulseSequenceDetails": "%CustomerSeq%_ep2d_bold_PMU",
    "ReceiveCoilName": "HeadMatrix",
    "ReconMatrixPE": 64,
    "RefLinesPE": 24,
    "RepetitionTime": 1.8,
    "SAR": 0.127428,
    "ScanOptions": "FS",
    "ScanningSequence": "EP",
    "SequenceName": "epfid2d1_64",
    "SequenceVariant": "SK",
    "SeriesDescription": "Daselaar_run2",
    "SeriesNumber": 6,
    "ShimSetting": [
      -2720,
      -22670,
      2148,
      696,
      210,
      517,
      -301,
      259
    ],
    "SliceThickness": 3.8,
    "SliceTiming": [
      0.905,
      0,
      0.9575,
      0.055,
      1.01,
      0.1075,
      1.065,
      0.16,
      1.1175,
      0.2125,
      1.17,
      0.2675,
      1.2225,
      0.32,
      1.2775,
      0.3725,
      1.33,
      0.425,
      1.3825,
      0.48,
      1.435,
      0.5325,
      1.49,
      0.585,
      1.5425,
      0.64,
      1.595,
      0.6925,
      1.6475,
      0.745,
      1.7025,
      0.7975,
      1.755,
      0.8525
    ],
    "SoftwareVersions": "syngo_MR_B17",
    "SpacingBetweenSlices": 3.8,
    "StationName": "MRC35002",
    "TaskName": "RecogConf",
    "TotalReadoutTime": 0.0135451,
    "TxRefAmp": 337.689,
    "dataset": "ds004086",
    "modality": "bold",
    "run_id": 2,
    "subject_id": "027",
    "task_id": "RecogConf"
  },
  "dummy_trs": 0,
  "dvars_nstd": 28.67867541591093,
  "dvars_std": 1.0453182846558708,
  "dvars_vstd": 1.015145978299595,
  "efc": 0.44116256156882255,
  "fber": 2123.182373046875,
  "fd_mean": 0.33206275627379345,
  "fd_num": 63,
  "fd_perc": 25.403225806451612,
  "fwhm_avg": 2.1320559857651555,
  "fwhm_x": 2.022861333333333,
  "fwhm_y": 2.184101333333333,
  "fwhm_z": 2.189205290628801,
  "gcor": 0.0614951,
  "gsr_x": -0.011133388616144657,
  "gsr_y": 0.011392218992114067,
  "provenance": {
    "md5sum": "818eb7850b6bff5649f961cf39955a22",
    "settings": {
      "fd_thres": 0.2,
      "testing": false
    },
    "software": "mriqc",
    "version": "23.0.0",
    "webapi_port": null,
    "webapi_url": "https://mriqc.nimh.nih.gov/api/v1"
  },
  "size_t": 248,
  "size_x": 64,
  "size_y": 64,
  "size_z": 34,
  "snr": 5.517697322079201,
  "spacing_tr": 1.7999999523162842,
  "spacing_x": 3.75,
  "spacing_y": 3.75,
  "spacing_z": 3.799999952316284,
  "summary_bg_k": 55.404805703824294,
  "summary_bg_mad": 5.625518308734383,
  "summary_bg_mean": 25.2115421295166,
  "summary_bg_median": 16.770160675048828,
  "summary_bg_n": 93577.0,
  "summary_bg_p05": 11.923386573791504,
  "summary_bg_p95": 66.9322555541992,
  "summary_bg_stdv": 27.650226593017578,
  "summary_fg_k": 1.2541164661032314,
  "summary_fg_mad": 116.70411409051373,
  "summary_fg_mean": 778.3504638671875,
  "summary_fg_median": 771.1229248046875,
  "summary_fg_n": 18054.0,
  "summary_fg_p05": 561.75,
  "summary_fg_p95": 1024.24677734375,
  "summary_fg_stdv": 139.7506103515625,
  "tsnr": 37.61376459232997
}