{
  "aor": 0.0008215322580645162,
  "aqi": 0.004080003911290322,
  "bids_meta": {
    "AcquisitionMatrixPE": 64,
    "AcquisitionNumber": 1,
    "AcquisitionTime": "16:37:14.397500",
    "BandwidthPerPixelPhaseEncode": 72.674,
    "BaseResolution": 64,
    "CoilString": "T:HEA;HEP",
    "ConversionSoftware": "dcm2niix",
    "ConversionSoftwareVersion": "v1.0.20190902",
    "DerivedVendorReportedEchoSpacing": 0.000430002,
    "DeviceSerialNumber": "35002",
    "DwellTime": 2.7e-06,
    "EchoTime": 0.031,
    "EffectiveEchoSpacing": 0.000215001,
    "FlipAngle": 90,
    "ImageOrientationPatientDICOM": [
      1,
      0,
      0,
      0,
      1,
      0
    ],
    "ImageType": [
      "ORIGINAL",
      "PRIMARY",
      "M",
      "ND",
      "MOSAIC"
    ],
    "ImagingFrequency": 123.263,
    "InPlanePhaseEncodingDirectionDICOM": "COL",
    "InstitutionAddress": "University_Pkwy_1700_North_685_Provo_AEC1C0_UT_US_84601",
    "InstitutionName": "Brigham_Young_University",
    "InstitutionalDepartmentName": "MRI",
    "MRAcquisitionType": "2D",
    "MagneticFieldStrength": 3,
    "Manufacturer": "Siemens",
    "ManufacturersModelName": "TrioTim",
    "Modality": "MR",
    "ParallelReductionFactorInPlane": 2,
    "PartialFourier": 1,
    "PatientPosition": "HFS",
    "PercentPhaseFOV": 100,
    "PhaseEncodingDirection": "j-",
    "PhaseEncodingSteps": 63,
    "PhaseResolution": 1,
    "PixelBandwidth": 2894,
    "ProcedureStepDescription": "Research_KIRWAN",
    "ProtocolName": "Daselaar_run3",
    "PulseSequenceDetails": "%CustomerSeq%_ep2d_bold_PMU",
    "ReceiveCoilName": "HeadMatrix",
    "ReconMatrixPE": 64,
    "RefLinesPE": 24,
    "RepetitionTime": 1.8,
    "SAR": 0.120839,
    "ScanOptions": "FS",
    "ScanningSequence": "EP",
    "SequenceName": "epfid2d1_64",
    "SequenceVariant": "SK",
    "SeriesDescription": "Daselaar_run3",
    "SeriesNumber": 7,
    "ShimSetting": [
      -2805,
      -22767,
      2206,
      256,
      45,
      22,
      -385,
      412
    ],
    "SliceThickness": 3.8,
    "SliceTiming": [
      0.9025,
      0,
      0.9575,
      0.0525,
      1.01,
      0.1075,
      1.0625,
      0.16,
      1.115,
      0.2125,
      1.17,
      0.265,
      1.2225,
      0.32,
      1.275,
      0.3725,
      1.33,
      0.425,
      1.3825,
      0.4775,
      1.435,
      0.5325,
      1.4875,
      0.585,
      1.5425,
      0.6375,
      1.595,
      0.69,
      1.6475,
      0.745,
      1.7,
      0.7975,
      1.755,
      0.85
    ],
    "SoftwareVersions": "syngo_MR_B17",
    "SpacingBetweenSlices": 3.8,
    "StationName": "MRC35002",
    "TaskName": "RecogConf",
    "TotalReadoutTime": 0.0135451,
    "TxRefAmp": 328.512,
    "dataset": "ds004086",
    "modality": "bold",
    "run_id": 3,
    "subject_id": "011",
    "task_id": "RecogConf"
  },
  "dummy_trs": 0,
  "dvars_nstd": 21.472988614939258,
  "dvars_std": 1.10569779048583,
  "dvars_vstd": 1.0073009259919026,
  "efc": 0.42981914176905645,
  "fber": 2323.6416015625,
  "fd_mean": 0.08056227035430855,
  "fd_num": 9,
  "fd_perc": 3.629032258064516,
  "fwhm_avg": 1.9727324996287259,
  "fwhm_x": 1.8244906666666667,
  "fwhm_y": 2.0853173333333332,
  "fwhm_z": 2.0083894988861775,
  "gcor": 0.0260534,
  "gsr_x": -0.014980579726397991,
  "gsr_y": 0.009036647155880928,
  "provenance": {
    "md5sum": "0e2a58d0dfdcb597b6164b02f63ebe1d",
    "settings": {
      "fd_thres": 0.2,
      "testing": false
    },
    "software": "mriqc",
    "version": "23.0.0",
    "webapi_port": null,
    "webapi_url": "https://mriqc.nimh.nih.gov/api/v1"
  },
  "size_t": 248,
  "size_x": 64,
  "size_y": 64,
  "size_z": 34,
  "snr": 6.02668749345693,
  "spacing_tr": 1.7999999523162842,
  "spacing_x": 3.75,
  "spacing_y": 3.75,
  "spacing_z": 3.799999952316284,
  "summary_bg_k": 65.1618355138336,
  "summary_bg_mad": 5.201063869391192,
  "summary_bg_mean": 30.062963485717773,
  "summary_bg_median": 16.665321350097656,
  "summary_bg_n": 96565.0,
  "summary_bg_p05": 12.310483932495117,
  "summary_bg_p95": 95.44112396240237,
  "summary_bg_stdv": 47.18455505371094,
  "summary_fg_k": 1.5338851508141103,
  "summary_fg_mad": 116.40816373921841,
  "summary_fg_mean": 811.6007080078125,
  "summary_fg_median": 807.6612548828125,
  "summary_fg_n": 15262.0,
  "summary_fg_p05": 603.2330352783204,
  "summary_fg_p95": 1031.7999450683592,
  "summary_fg_stdv": 134.00973510742188,
  "tsnr": 72.04172204900533
}