{
  "aor": 0.00041387096774193546,
  "aqi": 0.0034671364516129038,
  "bids_meta": {
    "AcquisitionMatrixPE": 64,
    "AcquisitionNumber": 1,
    "AcquisitionTime": "09:38:39.472500",
    "BandwidthPerPixelPhaseEncode": 72.674,
    "BaseResolution": 64,
    "CoilString": "T:HEA;HEP",
    "ConversionSoftware": "dcm2niix",
    "ConversionSoftwareVersion": "v1.0.20190902",
    "DerivedVendorReportedEchoSpacing": 0.000430002,
    "DeviceSerialNumber": "35002",
    "DwellTime": 2.7e-06,
    "EchoTime": 0.031,
    "EffectiveEchoSpacing": 0.000215001,
    "FlipAngle": 90,
    "ImageOrientationPatientDICOM": [
      1,
      0,
      0,
      0,
      1,
      0
    ],
    "ImageType": [
      "ORIGINAL",
      "PRIMARY",
      "M",
      "ND",
      "MOSAIC"
    ],
    "ImagingFrequency": 123.263,
    "InPlanePhaseEncodingDirectionDICOM": "COL",
    "InstitutionAddress": "University_Pkwy_1700_North_685_Provo_AEC1C0_UT_US_84601",
    "InstitutionName": "Brigham_Young_University",
    "InstitutionalDepartmentName": "MRI",
    "MRAcquisitionType": "2D",
    "MagneticFieldStrength": 3,
    "Manufacturer": "Siemens",
    "ManufacturersModelName": "TrioTim",
    "Modality": "MR",
    "ParallelReductionFactorInPlane": 2,
    "PartialFourier": 1,
    "PatientPosition": "HFS",
    "PercentPhaseFOV": 100,
    "PhaseEncodingDirection": "j-",
    "PhaseEncodingSteps": 63,
    "PhaseResolution": 1,
    "PixelBandwidth": 2894,
    "ProcedureStepDescription": "Research_KIRWAN",
    "ProtocolName": "Daselaar_run1",
    "PulseSequenceDetails": "%CustomerSeq%_ep2d_bold_PMU",
    "ReceiveCoilName": "HeadMatrix",
    "ReconMatrixPE": 64,
    "RefLinesPE": 24,
    "RepetitionTime": 1.8,
    "SAR": 0.148986,
    "ScanOptions": "FS",
    "ScanningSequence": "EP",
    "SequenceName": "epfid2d1_64",
    "SequenceVariant": "SK",
    "SeriesDescription": "Daselaar_run1",
    "SeriesNumber": 5,
    "ShimSetting": [
      -2820,
      -22899,
      2254,
      450,
      -263,
      157,
      -591,
      288
    ],
    "SliceThickness": 3.8,
    "SliceTiming": [
      0.9025,
      0,
      0.9575,
      0.0525,
      1.01,
      0.105,
      1.0625,
      0.16,
      1.115,
      0.2125,
      1.17,
      0.265,
      1.2225,
      0.3175,
      1.275,
      0.3725,
      1.3275,
      0.425,
      1.3825,
      0.4775,
      1.435,
      0.5325,
      1.4875,
      0.585,
      1.54,
      0.6375,
      1.595,
      0.69,
      1.6475,
      0.745,
      1.7,
      0.7975,
      1.7525,
      0.85
    ],
    "SoftwareVersions": "syngo_MR_B17",
    "SpacingBetweenSlices": 3.8,
    "StationName": "MRC35002",
    "TaskName": "RecogConf",
    "TotalReadoutTime": 0.0135451,
    "TxRefAmp": 334.693,
    "dataset": "ds004086",
    "modality": "bold",
    "run_id": 1,
    "subject_id": "051",
    "task_id": "RecogConf"
  },
  "dummy_trs": 0,
  "dvars_nstd": 19.690973644817806,
  "dvars_std": 1.0547209111740894,
  "dvars_vstd": 0.9992387663157895,
  "efc": 0.4407678217173433,
  "fber": 2102.45751953125,
  "fd_mean": 0.0732666883533698,
  "fd_num": 1,
  "fd_perc": 0.4032258064516129,
  "fwhm_avg": 1.8918775284366969,
  "fwhm_x": 1.8019093333333334,
  "fwhm_y": 1.9685653333333333,
  "fwhm_z": 1.9051579186434235,
  "gcor": 0.0167367,
  "gsr_x": -0.01230672188103199,
  "gsr_y": 0.0068521639332175255,
  "provenance": {
    "md5sum": "217268dcf659c8d6016fb7100823f74e",
    "settings": {
      "fd_thres": 0.2,
      "testing": false
    },
    "software": "mriqc",
    "version": "23.0.0",
    "webapi_port": null,
    "webapi_url": "https://mriqc.nimh.nih.gov/api/v1"
  },
  "size_t": 248,
  "size_x": 64,
  "size_y": 64,
  "size_z": 34,
  "snr": 6.151973690412134,
  "spacing_tr": 1.7999999523162842,
  "spacing_x": 3.75,
  "spacing_y": 3.75,
  "spacing_z": 3.799999952316284,
  "summary_bg_k": 88.35070025400483,
  "summary_bg_mad": 5.147259984674402,
  "summary_bg_mean": 28.72037696838379,
  "summary_bg_median": 16.44354820251465,
  "summary_bg_n": 94885.0,
  "summary_bg_p05": 12.024192810058594,
  "summary_bg_p95": 83.68467254638674,
  "summary_bg_stdv": 44.580326080322266,
  "summary_fg_k": 1.2064684789705709,
  "summary_fg_mad": 115.69075221649426,
  "summary_fg_mean": 759.4921264648438,
  "summary_fg_median": 756.6007690429688,
  "summary_fg_n": 16517.0,
  "summary_fg_p05": 563.8951416015625,
  "summary_fg_p95": 956.3153198242187,
  "summary_fg_stdv": 122.9813232421875,
  "tsnr": 73.94372354610823
}