{
  "bids_meta": {
    "AcquisitionMatrixPE": 215,
    "AcquisitionNumber": 1,
    "AcquisitionTime": "09:50:25.917500",
    "BaseResolution": 256,
    "CoilString": "C:HEA;HEP",
    "ConversionSoftware": "dcm2niix",
    "ConversionSoftwareVersion": "v1.0.20190902",
    "DeviceSerialNumber": "35002",
    "DwellTime": 9.8e-06,
    "EchoTime": 0.00226,
    "FlipAngle": 9,
    "ImageOrientationPatientDICOM": [
      0,
      1,
      0,
      0,
      0,
      -1
    ],
    "ImageType": [
      "ORIGINAL",
      "PRIMARY",
      "M",
      "ND",
      "NORM"
    ],
    "ImagingFrequency": 123.263,
    "InPlanePhaseEncodingDirectionDICOM": "ROW",
    "InstitutionAddress": "University_Pkwy_1700_North_685_Provo_AEC1C0_UT_US_84601",
    "InstitutionName": "Brigham_Young_University",
    "InstitutionalDepartmentName": "MRI",
    "InversionTime": 0.9,
    "MRAcquisitionType": "3D",
    "MagneticFieldStrength": 3,
    "Manufacturer": "Siemens",
    "ManufacturersModelName": "TrioTim",
    "Modality": "MR",
    "PartialFourier": 0.875,
    "PatientPosition": "HFS",
    "PercentPhaseFOV": 87.5,
    "PhaseEncodingSteps": 227,
    "PhaseOversampling": 0.2,
    "PhaseResolution": 0.96,
    "PixelBandwidth": 199,
    "ProcedureStepDescription": "Research_KIRWAN",
    "ProtocolName": "t1_mpr_sag_iso_(mprage)",
    "PulseSequenceDetails": "%SiemensSeq%_tfl",
    "ReceiveCoilName": "HeadMatrix",
    "ReconMatrixPE": 224,
    "RepetitionTime": 1.9,
    "SAR": 0.113669,
    "ScanOptions": "IR_PFP",
    "ScanningSequence": "GR_IR",
    "SequenceName": "_tfl3d1_ns",
    "SequenceVariant": "SP_MP_OSP",
    "SeriesDescription": "t1_mpr_sag_iso_(mprage)",
    "SeriesNumber": 2,
    "ShimSetting": [
      -2768,
      -22810,
      1838,
      -69,
      10,
      173,
      -426,
      363
    ],
    "SliceThickness": 1,
    "SoftwareVersions": "syngo_MR_B17",
    "StationName": "MRC35002",
    "TxRefAmp": 361.855,
    "dataset": "ds004086",
    "modality": "T1w",
    "subject_id": "032"
  },
  "cjv": 0.319348795852169,
  "cnr": 4.251163328670511,
  "efc": 0.6272163149160844,
  "fber": 10320.955851800554,
  "fwhm_avg": 4.827044773333333,
  "fwhm_x": 4.51359,
  "fwhm_y": 5.21837568,
  "fwhm_z": 4.74916864,
  "icvs_csf": 0.19675313561496582,
  "icvs_gm": 0.46557664790883374,
  "icvs_wm": 0.33767021647620044,
  "inu_med": 0.48905764520168304,
  "inu_range": 0.22403122335672376,
  "provenance": {
    "md5sum": "1188f0aad1fa2705c5f83a5de61d03e6",
    "settings": {
      "testing": false
    },
    "software": "mriqc",
    "version": "23.0.0",
    "warnings": {
      "large_rot_frame": true,
      "small_air_mask": false
    },
    "webapi_port": null,
    "webapi_url": "https://mriqc.nimh.nih.gov/api/v1"
  },
  "qi_1": 0.0,
  "qi_2": 0.00424154365115859,
  "rpve_csf": 20.16439150849332,
  "rpve_gm": 9.173198378843932,
  "rpve_wm": 13.69392974659788,
  "size_x": 176,
  "size_y": 224,
  "size_z": 256,
  "snr_csf": 2.8129814750341082,
  "snr_gm": 14.41291084072617,
  "snr_total": 13.833998714844862,
  "snr_wm": 24.276103828774314,
  "snrd_csf": 20.324391931727714,
  "snrd_gm": 47.74163227840204,
  "snrd_total": 44.75256947227738,
  "snrd_wm": 66.1916842067024,
  "spacing_x": 1.0,
  "spacing_y": 0.9765625,
  "spacing_z": 0.9765625,
  "summary_bg_k": 9.345451066294357,
  "summary_bg_mad": 0.0,
  "summary_bg_mean": 6.472098516523342,
  "summary_bg_median": 0.0,
  "summary_bg_n": 2618719.0,
  "summary_bg_p05": 0.0,
  "summary_bg_p95": 25.845579706132412,
  "summary_bg_stdv": 9.898025301798164,
  "summary_csf_k": 0.6368209781143346,
  "summary_csf_mad": 91.57757596678496,
  "summary_csf_mean": 310.6595374114245,
  "summary_csf_median": 307.0678801909089,
  "summary_csf_n": 48723.0,
  "summary_csf_p05": 118.17588078267872,
  "summary_csf_p95": 500.43853601031014,
  "summary_csf_stdv": 109.15988311355783,
  "summary_gm_k": 0.062130470466822185,
  "summary_gm_mad": 49.86966183689725,
  "summary_gm_mean": 720.8306700807234,
  "summary_gm_median": 721.296945553273,
  "summary_gm_n": 73534.0,
  "summary_gm_p05": 638.8616759851575,
  "summary_gm_p95": 802.1460243090987,
  "summary_gm_stdv": 50.04485554613126,
  "summary_wm_k": 0.44279303304960793,
  "summary_wm_mad": 39.14872205226608,
  "summary_wm_mean": 1000.9040429346863,
  "summary_wm_median": 1000.0466544777155,
  "summary_wm_n": 221405.0,
  "summary_wm_p05": 934.6022876694799,
  "summary_wm_p95": 1069.9323555603623,
  "summary_wm_stdv": 41.1946003822715,
  "tpm_overlap_csf": 0.15397729239151414,
  "tpm_overlap_gm": 0.49201659250171104,
  "tpm_overlap_wm": 0.513103144969553,
  "wm2max": 0.398787044444031
}