{
  "bids_meta": {
    "AcquisitionMatrixPE": 215,
    "AcquisitionNumber": 1,
    "AcquisitionTime": "10:37:11.652500",
    "BaseResolution": 256,
    "CoilString": "C:HEA;HEP",
    "ConversionSoftware": "dcm2niix",
    "ConversionSoftwareVersion": "v1.0.20190902",
    "DeviceSerialNumber": "35002",
    "DwellTime": 9.8e-06,
    "EchoTime": 0.00226,
    "FlipAngle": 9,
    "ImageOrientationPatientDICOM": [
      0,
      1,
      0,
      0,
      0,
      -1
    ],
    "ImageType": [
      "ORIGINAL",
      "PRIMARY",
      "M",
      "ND",
      "NORM"
    ],
    "ImagingFrequency": 123.262,
    "InPlanePhaseEncodingDirectionDICOM": "ROW",
    "InstitutionAddress": "University_Pkwy_1700_North_685_Provo_AEC1C0_UT_US_84601",
    "InstitutionName": "Brigham_Young_University",
    "InstitutionalDepartmentName": "MRI",
    "InversionTime": 0.9,
    "MRAcquisitionType": "3D",
    "MagneticFieldStrength": 3,
    "Manufacturer": "Siemens",
    "ManufacturersModelName": "TrioTim",
    "Modality": "MR",
    "PartialFourier": 0.875,
    "PatientPosition": "HFS",
    "PercentPhaseFOV": 87.5,
    "PhaseEncodingSteps": 227,
    "PhaseOversampling": 0.2,
    "PhaseResolution": 0.96,
    "PixelBandwidth": 199,
    "ProcedureStepDescription": "Research_KIRWAN",
    "ProtocolName": "t1_mpr_sag_iso_(mprage)",
    "PulseSequenceDetails": "%SiemensSeq%_tfl",
    "ReceiveCoilName": "HeadMatrix",
    "ReconMatrixPE": 224,
    "RepetitionTime": 1.9,
    "SAR": 0.120338,
    "ScanOptions": "IR_PFP",
    "ScanningSequence": "GR_IR",
    "SequenceName": "_tfl3d1_ns",
    "SequenceVariant": "SP_MP_OSP",
    "SeriesDescription": "t1_mpr_sag_iso_(mprage)",
    "SeriesNumber": 2,
    "ShimSetting": [
      -2768,
      -22810,
      1838,
      -69,
      10,
      173,
      -426,
      363
    ],
    "SliceThickness": 1,
    "SoftwareVersions": "syngo_MR_B17",
    "StationName": "MRC35002",
    "TxRefAmp": 353.423,
    "dataset": "ds004086",
    "modality": "T1w",
    "subject_id": "040"
  },
  "cjv": 0.366791411322598,
  "cnr": 3.783142775702295,
  "efc": 0.6252187582846425,
  "fber": -1.0,
  "fwhm_avg": 4.661088800000001,
  "fwhm_x": 4.46278,
  "fwhm_y": 4.97804288,
  "fwhm_z": 4.54244352,
  "icvs_csf": 0.24446265635512102,
  "icvs_gm": 0.3976358695784439,
  "icvs_wm": 0.3579014740664351,
  "inu_med": 0.4309443086385727,
  "inu_range": 0.14986975491046906,
  "provenance": {
    "md5sum": "6254201bcd615690c3ef28882232799b",
    "settings": {
      "testing": false
    },
    "software": "mriqc",
    "version": "23.0.0",
    "warnings": {
      "large_rot_frame": true,
      "small_air_mask": false
    },
    "webapi_port": null,
    "webapi_url": "https://mriqc.nimh.nih.gov/api/v1"
  },
  "qi_1": 0.0,
  "qi_2": 0.005485763928485223,
  "rpve_csf": 20.32856531101401,
  "rpve_gm": 12.111376575781906,
  "rpve_wm": 15.908892238250807,
  "size_x": 176,
  "size_y": 224,
  "size_z": 256,
  "snr_csf": 3.1347641884369115,
  "snr_gm": 12.956205465735854,
  "snr_total": 14.266360628569103,
  "snr_wm": 26.708112231534546,
  "snrd_csf": 22.17268916220829,
  "snrd_gm": 60.32236956377237,
  "snrd_total": 54.67483711317226,
  "snrd_wm": 81.52945261353611,
  "spacing_x": 1.0,
  "spacing_y": 0.9765625,
  "spacing_z": 0.9765625,
  "summary_bg_k": 8.904548472098334,
  "summary_bg_mad": 0.0,
  "summary_bg_mean": 4.312828484482078,
  "summary_bg_median": 0.0,
  "summary_bg_n": 1785862.0,
  "summary_bg_p05": 0.0,
  "summary_bg_p95": 19.92885408550501,
  "summary_bg_stdv": 8.035904226659921,
  "summary_csf_k": 1.6896949639203207,
  "summary_csf_mad": 70.42030801895919,
  "summary_csf_mean": 286.4947789709874,
  "summary_csf_median": 271.9702439904213,
  "summary_csf_n": 64299.0,
  "summary_csf_p05": 177.37892845273018,
  "summary_csf_p95": 458.4081099696457,
  "summary_csf_stdv": 86.758720192847,
  "summary_gm_k": -0.13813891296782543,
  "summary_gm_mad": 59.153058735925725,
  "summary_gm_mean": 739.5315077817293,
  "summary_gm_median": 739.9142904281616,
  "summary_gm_n": 20685.0,
  "summary_gm_p05": 644.7651286706329,
  "summary_gm_p95": 832.2823058143258,
  "summary_gm_stdv": 57.10749238135542,
  "summary_wm_k": 0.42375006884380717,
  "summary_wm_mad": 36.258967107634305,
  "summary_wm_mean": 1000.9832344677333,
  "summary_wm_median": 1000.0404081568122,
  "summary_wm_n": 196479.0,
  "summary_wm_p05": 941.1835896000266,
  "summary_wm_p95": 1063.4650979340076,
  "summary_wm_stdv": 37.44322528601488,
  "tpm_overlap_csf": 0.15610169235193355,
  "tpm_overlap_gm": 0.4544046131052589,
  "tpm_overlap_wm": 0.5232326014001635,
  "wm2max": 0.4508104013525422
}