{
  "aor": 0.005556774193548387,
  "aqi": 0.0076689863306451615,
  "bids_meta": {
    "AcquisitionMatrixPE": 64,
    "AcquisitionNumber": 1,
    "AcquisitionTime": "11:04:59.780000",
    "BandwidthPerPixelPhaseEncode": 72.674,
    "BaseResolution": 64,
    "CoilString": "T:HEA;HEP",
    "ConversionSoftware": "dcm2niix",
    "ConversionSoftwareVersion": "v1.0.20190902",
    "DerivedVendorReportedEchoSpacing": 0.000430002,
    "DeviceSerialNumber": "35002",
    "DwellTime": 2.7e-06,
    "EchoTime": 0.031,
    "EffectiveEchoSpacing": 0.000215001,
    "FlipAngle": 90,
    "ImageOrientationPatientDICOM": [
      1,
      0,
      0,
      0,
      1,
      0
    ],
    "ImageType": [
      "ORIGINAL",
      "PRIMARY",
      "M",
      "ND",
      "MOSAIC"
    ],
    "ImagingFrequency": 123.263,
    "InPlanePhaseEncodingDirectionDICOM": "COL",
    "InstitutionAddress": "University_Pkwy_1700_North_685_Provo_AEC1C0_UT_US_84601",
    "InstitutionName": "Brigham_Young_University",
    "InstitutionalDepartmentName": "MRI",
    "MRAcquisitionType": "2D",
    "MagneticFieldStrength": 3,
    "Manufacturer": "Siemens",
    "ManufacturersModelName": "TrioTim",
    "Modality": "MR",
    "ParallelReductionFactorInPlane": 2,
    "PartialFourier": 1,
    "PatientPosition": "HFS",
    "PercentPhaseFOV": 100,
    "PhaseEncodingDirection": "j-",
    "PhaseEncodingSteps": 63,
    "PhaseResolution": 1,
    "PixelBandwidth": 2894,
    "ProcedureStepDescription": "Research_KIRWAN",
    "ProtocolName": "Daselaar_run4",
    "PulseSequenceDetails": "%CustomerSeq%_ep2d_bold_PMU",
    "ReceiveCoilName": "HeadMatrix",
    "ReconMatrixPE": 64,
    "RefLinesPE": 24,
    "RepetitionTime": 1.8,
    "SAR": 0.167366,
    "ScanOptions": "FS",
    "ScanningSequence": "EP",
    "SequenceName": "epfid2d1_64",
    "SequenceVariant": "SK",
    "SeriesDescription": "Daselaar_run4",
    "SeriesNumber": 8,
    "ShimSetting": [
      -2728,
      -22649,
      2180,
      611,
      278,
      916,
      -573,
      293
    ],
    "SliceThickness": 3.8,
    "SliceTiming": [
      0.9025,
      0,
      0.955,
      0.0525,
      1.0075,
      0.105,
      1.0625,
      0.1575,
      1.115,
      0.2125,
      1.1675,
      0.265,
      1.22,
      0.3175,
      1.275,
      0.37,
      1.3275,
      0.425,
      1.38,
      0.4775,
      1.435,
      0.53,
      1.4875,
      0.5825,
      1.54,
      0.6375,
      1.5925,
      0.69,
      1.6475,
      0.7425,
      1.7,
      0.795,
      1.7525,
      0.85
    ],
    "SoftwareVersions": "syngo_MR_B17",
    "SpacingBetweenSlices": 3.8,
    "StationName": "MRC35002",
    "TaskName": "RecogConf",
    "TotalReadoutTime": 0.0135451,
    "TxRefAmp": 333.157,
    "dataset": "ds004086",
    "modality": "bold",
    "run_id": 4,
    "subject_id": "052",
    "task_id": "RecogConf"
  },
  "dummy_trs": 0,
  "dvars_nstd": 30.903298227530367,
  "dvars_std": 1.217362794291498,
  "dvars_vstd": 1.0644622138866395,
  "efc": 0.4720850559077938,
  "fber": 2089.068359375,
  "fd_mean": 0.258688194140837,
  "fd_num": 116,
  "fd_perc": 46.774193548387096,
  "fwhm_avg": 2.0111575876146985,
  "fwhm_x": 1.8808586666666665,
  "fwhm_y": 2.0804693333333333,
  "fwhm_z": 2.072144762844095,
  "gcor": 0.0334187,
  "gsr_x": -0.009258630685508251,
  "gsr_y": 0.014578276313841343,
  "provenance": {
    "md5sum": "826efbc99e9e2db53a4839eaccf73225",
    "settings": {
      "fd_thres": 0.2,
      "testing": false
    },
    "software": "mriqc",
    "version": "23.0.0",
    "webapi_port": null,
    "webapi_url": "https://mriqc.nimh.nih.gov/api/v1"
  },
  "size_t": 248,
  "size_x": 64,
  "size_y": 64,
  "size_z": 34,
  "snr": 5.97477103997971,
  "spacing_tr": 1.7999999523162842,
  "spacing_x": 3.75,
  "spacing_y": 3.75,
  "spacing_z": 3.799999952316284,
  "summary_bg_k": 49.278153531650105,
  "summary_bg_mad": 5.5657363717068,
  "summary_bg_mean": 27.51985740661621,
  "summary_bg_median": 17.169353485107422,
  "summary_bg_n": 88654.0,
  "summary_bg_p05": 12.415322303771973,
  "summary_bg_p95": 73.42076225280758,
  "summary_bg_stdv": 36.086429595947266,
  "summary_fg_k": 0.9512436538547693,
  "summary_fg_mad": 122.25486856953246,
  "summary_fg_mean": 797.9478759765625,
  "summary_fg_median": 788.9838256835938,
  "summary_fg_n": 21557.0,
  "summary_fg_p05": 600.1435302734375,
  "summary_fg_p95": 1025.5983154296875,
  "summary_fg_stdv": 132.04949951171875,
  "tsnr": 55.28812144976109
}