{
  "aor": 0.004508225806451613,
  "aqi": 0.017612926451612904,
  "bids_meta": {
    "AcquisitionMatrixPE": 64,
    "AcquisitionNumber": 1,
    "AcquisitionTime": "10:57:12.635000",
    "BandwidthPerPixelPhaseEncode": 72.674,
    "BaseResolution": 64,
    "CoilString": "T:HEA;HEP",
    "ConversionSoftware": "dcm2niix",
    "ConversionSoftwareVersion": "v1.0.20190902",
    "DerivedVendorReportedEchoSpacing": 0.000430002,
    "DeviceSerialNumber": "35002",
    "DwellTime": 2.7e-06,
    "EchoTime": 0.031,
    "EffectiveEchoSpacing": 0.000215001,
    "FlipAngle": 90,
    "ImageOrientationPatientDICOM": [
      1,
      0,
      0,
      0,
      1,
      0
    ],
    "ImageType": [
      "ORIGINAL",
      "PRIMARY",
      "M",
      "ND",
      "MOSAIC"
    ],
    "ImagingFrequency": 123.263,
    "InPlanePhaseEncodingDirectionDICOM": "COL",
    "InstitutionAddress": "University_Pkwy_1700_North_685_Provo_AEC1C0_UT_US_84601",
    "InstitutionName": "Brigham_Young_University",
    "InstitutionalDepartmentName": "MRI",
    "MRAcquisitionType": "2D",
    "MagneticFieldStrength": 3,
    "Manufacturer": "Siemens",
    "ManufacturersModelName": "TrioTim",
    "Modality": "MR",
    "ParallelReductionFactorInPlane": 2,
    "PartialFourier": 1,
    "PatientPosition": "HFS",
    "PercentPhaseFOV": 100,
    "PhaseEncodingDirection": "j-",
    "PhaseEncodingSteps": 63,
    "PhaseResolution": 1,
    "PixelBandwidth": 2894,
    "ProcedureStepDescription": "Research_KIRWAN",
    "ProtocolName": "Daselaar_run3",
    "PulseSequenceDetails": "%CustomerSeq%_ep2d_bold_PMU",
    "ReceiveCoilName": "HeadMatrix",
    "ReconMatrixPE": 64,
    "RefLinesPE": 24,
    "RepetitionTime": 1.8,
    "SAR": 0.167366,
    "ScanOptions": "FS",
    "ScanningSequence": "EP",
    "SequenceName": "epfid2d1_64",
    "SequenceVariant": "SK",
    "SeriesDescription": "Daselaar_run3",
    "SeriesNumber": 7,
    "ShimSetting": [
      -2728,
      -22649,
      2180,
      611,
      278,
      916,
      -573,
      293
    ],
    "SliceThickness": 3.8,
    "SliceTiming": [
      0.905,
      0,
      0.9575,
      0.055,
      1.01,
      0.1075,
      1.065,
      0.16,
      1.1175,
      0.2125,
      1.17,
      0.2675,
      1.2225,
      0.32,
      1.2775,
      0.3725,
      1.33,
      0.425,
      1.3825,
      0.48,
      1.435,
      0.5325,
      1.49,
      0.585,
      1.5425,
      0.6375,
      1.595,
      0.6925,
      1.6475,
      0.745,
      1.7025,
      0.7975,
      1.755,
      0.8525
    ],
    "SoftwareVersions": "syngo_MR_B17",
    "SpacingBetweenSlices": 3.8,
    "StationName": "MRC35002",
    "TaskName": "RecogConf",
    "TotalReadoutTime": 0.0135451,
    "TxRefAmp": 333.157,
    "dataset": "ds004086",
    "modality": "bold",
    "run_id": 3,
    "subject_id": "052",
    "task_id": "RecogConf"
  },
  "dummy_trs": 0,
  "dvars_nstd": 35.1477478271255,
  "dvars_std": 1.0231934618218623,
  "dvars_vstd": 0.9430250849797569,
  "efc": 0.473488863831301,
  "fber": 2069.135009765625,
  "fd_mean": 0.33664310507770595,
  "fd_num": 165,
  "fd_perc": 66.53225806451613,
  "fwhm_avg": 2.0458502425049514,
  "fwhm_x": 1.9312773333333333,
  "fwhm_y": 2.153376,
  "fwhm_z": 2.05289739418152,
  "gcor": 0.0382573,
  "gsr_x": -0.009224943816661835,
  "gsr_y": 0.014887179248034954,
  "provenance": {
    "md5sum": "25761cc4e9b5e32c1c842a871bbd7043",
    "settings": {
      "fd_thres": 0.2,
      "testing": false
    },
    "software": "mriqc",
    "version": "23.0.0",
    "webapi_port": null,
    "webapi_url": "https://mriqc.nimh.nih.gov/api/v1"
  },
  "size_t": 248,
  "size_x": 64,
  "size_y": 64,
  "size_z": 34,
  "snr": 5.977731583183096,
  "spacing_tr": 1.7999999523162842,
  "spacing_x": 3.75,
  "spacing_y": 3.75,
  "spacing_z": 3.799999952316284,
  "summary_bg_k": 46.86304724467799,
  "summary_bg_mad": 5.664377062674193,
  "summary_bg_mean": 27.72107696533203,
  "summary_bg_median": 17.235885620117188,
  "summary_bg_n": 88504.0,
  "summary_bg_p05": 12.439516067504883,
  "summary_bg_p95": 74.21370697021484,
  "summary_bg_stdv": 35.759159088134766,
  "summary_fg_k": 0.8796548673693922,
  "summary_fg_mad": 121.83046644521659,
  "summary_fg_mean": 797.4771728515625,
  "summary_fg_median": 786.8225708007812,
  "summary_fg_n": 21671.0,
  "summary_fg_p05": 601.5140991210938,
  "summary_fg_p95": 1026.3770141601562,
  "summary_fg_stdv": 131.62257385253906,
  "tsnr": 39.99456805852242
}