{
  "aor": 0.004264072580645161,
  "aqi": 0.009458947661290322,
  "bids_meta": {
    "AcquisitionMatrixPE": 64,
    "AcquisitionNumber": 1,
    "AcquisitionTime": "10:49:21.575000",
    "BandwidthPerPixelPhaseEncode": 72.674,
    "BaseResolution": 64,
    "CoilString": "T:HEA;HEP",
    "ConversionSoftware": "dcm2niix",
    "ConversionSoftwareVersion": "v1.0.20190902",
    "DerivedVendorReportedEchoSpacing": 0.000430002,
    "DeviceSerialNumber": "35002",
    "DwellTime": 2.7e-06,
    "EchoTime": 0.031,
    "EffectiveEchoSpacing": 0.000215001,
    "FlipAngle": 90,
    "ImageOrientationPatientDICOM": [
      1,
      0,
      0,
      0,
      1,
      0
    ],
    "ImageType": [
      "ORIGINAL",
      "PRIMARY",
      "M",
      "ND",
      "MOSAIC"
    ],
    "ImagingFrequency": 123.263,
    "InPlanePhaseEncodingDirectionDICOM": "COL",
    "InstitutionAddress": "University_Pkwy_1700_North_685_Provo_AEC1C0_UT_US_84601",
    "InstitutionName": "Brigham_Young_University",
    "InstitutionalDepartmentName": "MRI",
    "MRAcquisitionType": "2D",
    "MagneticFieldStrength": 3,
    "Manufacturer": "Siemens",
    "ManufacturersModelName": "TrioTim",
    "Modality": "MR",
    "ParallelReductionFactorInPlane": 2,
    "PartialFourier": 1,
    "PatientPosition": "HFS",
    "PercentPhaseFOV": 100,
    "PhaseEncodingDirection": "j-",
    "PhaseEncodingSteps": 63,
    "PhaseResolution": 1,
    "PixelBandwidth": 2894,
    "ProcedureStepDescription": "Research_KIRWAN",
    "ProtocolName": "Daselaar_run2",
    "PulseSequenceDetails": "%CustomerSeq%_ep2d_bold_PMU",
    "ReceiveCoilName": "HeadMatrix",
    "ReconMatrixPE": 64,
    "RefLinesPE": 24,
    "RepetitionTime": 1.8,
    "SAR": 0.167366,
    "ScanOptions": "FS",
    "ScanningSequence": "EP",
    "SequenceName": "epfid2d1_64",
    "SequenceVariant": "SK",
    "SeriesDescription": "Daselaar_run2",
    "SeriesNumber": 6,
    "ShimSetting": [
      -2728,
      -22649,
      2180,
      611,
      278,
      916,
      -573,
      293
    ],
    "SliceThickness": 3.8,
    "SliceTiming": [
      0.905,
      0,
      0.9575,
      0.0525,
      1.01,
      0.1075,
      1.0625,
      0.16,
      1.1175,
      0.2125,
      1.17,
      0.265,
      1.2225,
      0.32,
      1.275,
      0.3725,
      1.33,
      0.425,
      1.3825,
      0.4775,
      1.435,
      0.5325,
      1.4875,
      0.585,
      1.5425,
      0.6375,
      1.595,
      0.69,
      1.6475,
      0.745,
      1.7,
      0.7975,
      1.755,
      0.85
    ],
    "SoftwareVersions": "syngo_MR_B17",
    "SpacingBetweenSlices": 3.8,
    "StationName": "MRC35002",
    "TaskName": "RecogConf",
    "TotalReadoutTime": 0.0135451,
    "TxRefAmp": 333.157,
    "dataset": "ds004086",
    "modality": "bold",
    "run_id": 2,
    "subject_id": "052",
    "task_id": "RecogConf"
  },
  "dummy_trs": 0,
  "dvars_nstd": 32.18012503182187,
  "dvars_std": 1.123710568056681,
  "dvars_vstd": 1.0170749644129562,
  "efc": 0.4777691661570307,
  "fber": 1939.333984375,
  "fd_mean": 0.3101206239215833,
  "fd_num": 174,
  "fd_perc": 70.16129032258064,
  "fwhm_avg": 2.01086187961472,
  "fwhm_x": 1.9369653333333334,
  "fwhm_y": 2.1185413333333334,
  "fwhm_z": 1.9770789721774926,
  "gcor": 0.0298713,
  "gsr_x": -0.011961850337684155,
  "gsr_y": 0.024314818903803825,
  "provenance": {
    "md5sum": "79f3edf70282e4377e9e2472d6c7805d",
    "settings": {
      "fd_thres": 0.2,
      "testing": false
    },
    "software": "mriqc",
    "version": "23.0.0",
    "webapi_port": null,
    "webapi_url": "https://mriqc.nimh.nih.gov/api/v1"
  },
  "size_t": 248,
  "size_x": 64,
  "size_y": 64,
  "size_z": 34,
  "snr": 5.8773420518400785,
  "spacing_tr": 1.7999999523162842,
  "spacing_x": 3.75,
  "spacing_y": 3.75,
  "spacing_z": 3.799999952316284,
  "summary_bg_k": 38.25525042258157,
  "summary_bg_mad": 7.161924411956776,
  "summary_bg_mean": 30.00450325012207,
  "summary_bg_median": 17.891128540039062,
  "summary_bg_n": 88423.0,
  "summary_bg_p05": 11.846774101257324,
  "summary_bg_p95": 81.1758010864257,
  "summary_bg_stdv": 37.13322830200195,
  "summary_fg_k": 0.8648415536043914,
  "summary_fg_mad": 123.0500117393328,
  "summary_fg_mean": 793.8604125976562,
  "summary_fg_median": 784.133056640625,
  "summary_fg_n": 21783.0,
  "summary_fg_p05": 589.9423400878907,
  "summary_fg_p95": 1023.8032226562498,
  "summary_fg_stdv": 133.4132080078125,
  "tsnr": 47.36826071841642
}