{
  "aor": 0.0010081048387096776,
  "aqi": 0.0063066477016129035,
  "bids_meta": {
    "AcquisitionMatrixPE": 64,
    "AcquisitionNumber": 1,
    "AcquisitionTime": "14:54:23.322500",
    "BandwidthPerPixelPhaseEncode": 72.674,
    "BaseResolution": 64,
    "CoilString": "T:HEA;HEP",
    "ConversionSoftware": "dcm2niix",
    "ConversionSoftwareVersion": "v1.0.20190902",
    "DerivedVendorReportedEchoSpacing": 0.000430002,
    "DeviceSerialNumber": "35002",
    "DwellTime": 2.7e-06,
    "EchoTime": 0.031,
    "EffectiveEchoSpacing": 0.000215001,
    "FlipAngle": 90,
    "ImageOrientationPatientDICOM": [
      1,
      0,
      0,
      0,
      1,
      0
    ],
    "ImageType": [
      "ORIGINAL",
      "PRIMARY",
      "M",
      "ND",
      "MOSAIC"
    ],
    "ImagingFrequency": 123.263,
    "InPlanePhaseEncodingDirectionDICOM": "COL",
    "InstitutionAddress": "University_Pkwy_1700_North_685_Provo_AEC1C0_UT_US_84601",
    "InstitutionName": "Brigham_Young_University",
    "InstitutionalDepartmentName": "MRI",
    "MRAcquisitionType": "2D",
    "MagneticFieldStrength": 3,
    "Manufacturer": "Siemens",
    "ManufacturersModelName": "TrioTim",
    "Modality": "MR",
    "ParallelReductionFactorInPlane": 2,
    "PartialFourier": 1,
    "PatientPosition": "HFS",
    "PercentPhaseFOV": 100,
    "PhaseEncodingDirection": "j-",
    "PhaseEncodingSteps": 63,
    "PhaseResolution": 1,
    "PixelBandwidth": 2894,
    "ProcedureStepDescription": "Research_KIRWAN",
    "ProtocolName": "Daselaar_run1",
    "PulseSequenceDetails": "%CustomerSeq%_ep2d_bold_PMU",
    "ReceiveCoilName": "HeadMatrix",
    "ReconMatrixPE": 64,
    "RefLinesPE": 24,
    "RepetitionTime": 1.8,
    "SAR": 0.163127,
    "ScanOptions": "FS",
    "ScanningSequence": "EP",
    "SequenceName": "epfid2d1_64",
    "SequenceVariant": "SK",
    "SeriesDescription": "Daselaar_run1",
    "SeriesNumber": 5,
    "ShimSetting": [
      -2861,
      -22885,
      2325,
      557,
      49,
      43,
      -513,
      454
    ],
    "SliceThickness": 3.8,
    "SliceTiming": [
      0.9025,
      0,
      0.955,
      0.0525,
      1.01,
      0.105,
      1.0625,
      0.16,
      1.115,
      0.2125,
      1.1675,
      0.265,
      1.2225,
      0.3175,
      1.275,
      0.3725,
      1.3275,
      0.425,
      1.3825,
      0.4775,
      1.435,
      0.53,
      1.4875,
      0.585,
      1.54,
      0.6375,
      1.595,
      0.69,
      1.6475,
      0.7425,
      1.7,
      0.7975,
      1.7525,
      0.85
    ],
    "SoftwareVersions": "syngo_MR_B17",
    "SpacingBetweenSlices": 3.8,
    "StationName": "MRC35002",
    "TaskName": "RecogConf",
    "TotalReadoutTime": 0.0135451,
    "TxRefAmp": 323.343,
    "dataset": "ds004086",
    "modality": "bold",
    "run_id": 1,
    "subject_id": "038",
    "task_id": "RecogConf"
  },
  "dummy_trs": 0,
  "dvars_nstd": 23.465852436072865,
  "dvars_std": 1.1111038177732793,
  "dvars_vstd": 0.9995430327530364,
  "efc": 0.4493689691591176,
  "fber": 2093.443359375,
  "fd_mean": 0.13328828935847997,
  "fd_num": 36,
  "fd_perc": 14.516129032258064,
  "fwhm_avg": 1.9062445181397072,
  "fwhm_x": 1.7539466666666668,
  "fwhm_y": 2.0780106666666667,
  "fwhm_z": 1.8867762210857881,
  "gcor": 0.0121932,
  "gsr_x": -0.015583537518978119,
  "gsr_y": 0.009480536915361881,
  "provenance": {
    "md5sum": "3675ed443e3e4edd83664dd3a54f4b1d",
    "settings": {
      "fd_thres": 0.2,
      "testing": false
    },
    "software": "mriqc",
    "version": "23.0.0",
    "webapi_port": null,
    "webapi_url": "https://mriqc.nimh.nih.gov/api/v1"
  },
  "size_t": 248,
  "size_x": 64,
  "size_y": 64,
  "size_z": 34,
  "snr": 6.576673389018433,
  "spacing_tr": 1.7999999523162842,
  "spacing_x": 3.75,
  "spacing_y": 3.75,
  "spacing_z": 3.8000001907348633,
  "summary_bg_k": 56.83704965246967,
  "summary_bg_mad": 4.244547221271228,
  "summary_bg_mean": 24.112937927246094,
  "summary_bg_median": 15.608870506286621,
  "summary_bg_n": 93020.0,
  "summary_bg_p05": 11.907258033752441,
  "summary_bg_p95": 59.004032135009766,
  "summary_bg_stdv": 31.39264488220215,
  "summary_fg_k": 1.3570774281713804,
  "summary_fg_mad": 100.47625277777341,
  "summary_fg_mean": 713.5767211914062,
  "summary_fg_median": 717.54833984375,
  "summary_fg_n": 18319.0,
  "summary_fg_p05": 527.5140930175781,
  "summary_fg_p95": 880.9342224121093,
  "summary_fg_stdv": 109.10208129882812,
  "tsnr": 64.31382109876722
}