{
  "bids_meta": {
    "AcquisitionMatrixPE": 215,
    "AcquisitionNumber": 1,
    "AcquisitionTime": "16:00:36.275000",
    "BaseResolution": 256,
    "CoilString": "C:HEA;HEP",
    "ConversionSoftware": "dcm2niix",
    "ConversionSoftwareVersion": "v1.0.20190902",
    "DeviceSerialNumber": "35002",
    "DwellTime": 9.8e-06,
    "EchoTime": 0.00226,
    "FlipAngle": 9,
    "ImageOrientationPatientDICOM": [
      0,
      1,
      0,
      0,
      0,
      -1
    ],
    "ImageType": [
      "ORIGINAL",
      "PRIMARY",
      "M",
      "ND",
      "NORM"
    ],
    "ImagingFrequency": 123.263,
    "InPlanePhaseEncodingDirectionDICOM": "ROW",
    "InstitutionAddress": "University_Pkwy_1700_North_685_Provo_AEC1C0_UT_US_84601",
    "InstitutionName": "Brigham_Young_University",
    "InstitutionalDepartmentName": "MRI",
    "InversionTime": 0.9,
    "MRAcquisitionType": "3D",
    "MagneticFieldStrength": 3,
    "Manufacturer": "Siemens",
    "ManufacturersModelName": "TrioTim",
    "Modality": "MR",
    "PartialFourier": 0.875,
    "PatientPosition": "HFS",
    "PercentPhaseFOV": 87.5,
    "PhaseEncodingSteps": 227,
    "PhaseOversampling": 0.2,
    "PhaseResolution": 0.96,
    "PixelBandwidth": 199,
    "ProcedureStepDescription": "Research_KIRWAN",
    "ProtocolName": "t1_mpr_sag_iso_(mprage)",
    "PulseSequenceDetails": "%SiemensSeq%_tfl",
    "ReceiveCoilName": "HeadMatrix",
    "ReconMatrixPE": 224,
    "RepetitionTime": 1.9,
    "SAR": 0.086334,
    "ScanOptions": "IR_PFP",
    "ScanningSequence": "GR_IR",
    "SequenceName": "_tfl3d1_ns",
    "SequenceVariant": "SP_MP_OSP",
    "SeriesDescription": "t1_mpr_sag_iso_(mprage)",
    "SeriesNumber": 2,
    "ShimSetting": [
      -2768,
      -22810,
      1838,
      -69,
      10,
      173,
      -426,
      363
    ],
    "SliceThickness": 1,
    "SoftwareVersions": "syngo_MR_B17",
    "StationName": "MRC35002",
    "TxRefAmp": 332.368,
    "dataset": "ds004086",
    "modality": "T1w",
    "subject_id": "030"
  },
  "cjv": 0.32468534312701297,
  "cnr": 4.26553541475083,
  "efc": 0.60482805902479,
  "fber": 11751.7319211103,
  "fwhm_avg": 4.6153122133333335,
  "fwhm_x": 4.40608,
  "fwhm_y": 4.95824896,
  "fwhm_z": 4.48160768,
  "icvs_csf": 0.20223340027048003,
  "icvs_gm": 0.4583357296138549,
  "icvs_wm": 0.3394308701156651,
  "inu_med": 0.46937111020088196,
  "inu_range": 0.17721824645996098,
  "provenance": {
    "md5sum": "f95038d2db43b17d6545b054bb05748a",
    "settings": {
      "testing": false
    },
    "software": "mriqc",
    "version": "23.0.0",
    "warnings": {
      "large_rot_frame": true,
      "small_air_mask": false
    },
    "webapi_port": null,
    "webapi_url": "https://mriqc.nimh.nih.gov/api/v1"
  },
  "qi_1": 0.0,
  "qi_2": 0.005112615793410061,
  "rpve_csf": 22.756204966700068,
  "rpve_gm": 10.778798653283408,
  "rpve_wm": 16.17083560154621,
  "size_x": 176,
  "size_y": 224,
  "size_z": 256,
  "snr_csf": 2.870828222650507,
  "snr_gm": 14.101941586560649,
  "snr_total": 14.457453012978908,
  "snr_wm": 26.399589229725564,
  "snrd_csf": 26.275029920960776,
  "snrd_gm": 61.92293536081496,
  "snrd_total": 57.84914088229552,
  "snrd_wm": 85.34945736511084,
  "spacing_x": 1.0,
  "spacing_y": 0.9765625,
  "spacing_z": 0.9765625,
  "summary_bg_k": 8.833317490150465,
  "summary_bg_mad": 0.0,
  "summary_bg_mean": 4.163859398125633,
  "summary_bg_median": 0.0,
  "summary_bg_n": 1913275.0,
  "summary_bg_p05": 0.0,
  "summary_bg_p95": 20.539152801036835,
  "summary_bg_stdv": 7.676269087369434,
  "summary_csf_k": 0.4321583204410344,
  "summary_csf_mad": 87.31805832711507,
  "summary_csf_mean": 297.1004325681811,
  "summary_csf_median": 307.86596493795514,
  "summary_csf_n": 40374.0,
  "summary_csf_p05": 90.6998363994062,
  "summary_csf_p95": 460.4488522335887,
  "summary_csf_stdv": 107.23809589487396,
  "summary_gm_k": 0.009968682946969842,
  "summary_gm_mad": 51.91175057252764,
  "summary_gm_mean": 723.6195670076971,
  "summary_gm_median": 725.5544257797301,
  "summary_gm_n": 43100.0,
  "summary_gm_p05": 636.0497555993497,
  "summary_gm_p95": 803.9042112492025,
  "summary_gm_stdv": 51.450078996047935,
  "summary_wm_k": 0.19347625795952483,
  "summary_wm_mad": 37.21107784402423,
  "summary_wm_mean": 1001.1400003432286,
  "summary_wm_median": 1000.0442674160004,
  "summary_wm_n": 181431.0,
  "summary_wm_p05": 940.5515489578247,
  "summary_wm_p95": 1064.8045703209937,
  "summary_wm_stdv": 37.880949689003224,
  "tpm_overlap_csf": 0.15739753587370708,
  "tpm_overlap_gm": 0.48133050330728216,
  "tpm_overlap_wm": 0.5052069733980463,
  "wm2max": 0.4155406271939342
}