{
  "aor": 0.004597246963562753,
  "aqi": 0.015143976639676114,
  "bids_meta": {
    "AcquisitionMatrixPE": 64,
    "AcquisitionNumber": 1,
    "AcquisitionTime": "15:49:34.525000",
    "BandwidthPerPixelPhaseEncode": 72.674,
    "BaseResolution": 64,
    "CoilString": "T:HEA;HEP",
    "ConversionSoftware": "dcm2niix",
    "ConversionSoftwareVersion": "v1.0.20190902",
    "DerivedVendorReportedEchoSpacing": 0.000430002,
    "DeviceSerialNumber": "35002",
    "DwellTime": 2.7e-06,
    "EchoTime": 0.031,
    "EffectiveEchoSpacing": 0.000215001,
    "FlipAngle": 90,
    "ImageOrientationPatientDICOM": [
      1,
      0,
      0,
      0,
      1,
      0
    ],
    "ImageType": [
      "ORIGINAL",
      "PRIMARY",
      "M",
      "ND",
      "MOSAIC"
    ],
    "ImagingFrequency": 123.263,
    "InPlanePhaseEncodingDirectionDICOM": "COL",
    "InstitutionAddress": "University_Pkwy_1700_North_685_Provo_AEC1C0_UT_US_84601",
    "InstitutionName": "Brigham_Young_University",
    "InstitutionalDepartmentName": "MRI",
    "MRAcquisitionType": "2D",
    "MagneticFieldStrength": 3,
    "Manufacturer": "Siemens",
    "ManufacturersModelName": "TrioTim",
    "Modality": "MR",
    "ParallelReductionFactorInPlane": 2,
    "PartialFourier": 1,
    "PatientPosition": "HFS",
    "PercentPhaseFOV": 100,
    "PhaseEncodingDirection": "j-",
    "PhaseEncodingSteps": 63,
    "PhaseResolution": 1,
    "PixelBandwidth": 2894,
    "ProcedureStepDescription": "Research_KIRWAN",
    "ProtocolName": "Daselaar_run4",
    "PulseSequenceDetails": "%CustomerSeq%_ep2d_bold_PMU",
    "ReceiveCoilName": "HeadMatrix",
    "ReconMatrixPE": 64,
    "RefLinesPE": 24,
    "RepetitionTime": 1.8,
    "SAR": 0.171004,
    "ScanOptions": "FS",
    "ScanningSequence": "EP",
    "SequenceName": "epfid2d1_64",
    "SequenceVariant": "SK",
    "SeriesDescription": "Daselaar_run4",
    "SeriesNumber": 8,
    "ShimSetting": [
      -2706,
      -22817,
      2088,
      592,
      251,
      297,
      -902,
      343
    ],
    "SliceThickness": 3.8,
    "SliceTiming": [
      0.905,
      0,
      0.9575,
      0.0525,
      1.01,
      0.1075,
      1.0625,
      0.16,
      1.1175,
      0.2125,
      1.17,
      0.265,
      1.2225,
      0.32,
      1.275,
      0.3725,
      1.33,
      0.425,
      1.3825,
      0.48,
      1.435,
      0.5325,
      1.4875,
      0.585,
      1.5425,
      0.6375,
      1.595,
      0.6925,
      1.6475,
      0.745,
      1.7,
      0.7975,
      1.755,
      0.85
    ],
    "SoftwareVersions": "syngo_MR_B17",
    "SpacingBetweenSlices": 3.8,
    "StationName": "MRC35002",
    "TaskName": "RecogConf",
    "TotalReadoutTime": 0.0135451,
    "TxRefAmp": 327.036,
    "dataset": "ds004086",
    "modality": "bold",
    "run_id": 4,
    "subject_id": "006",
    "task_id": "RecogConf"
  },
  "dummy_trs": 1,
  "dvars_nstd": 25.297726049674814,
  "dvars_std": 0.9145010570325205,
  "dvars_vstd": 0.9197594567479681,
  "efc": 0.43740691277688915,
  "fber": 2282.298095703125,
  "fd_mean": 0.23323174772165153,
  "fd_num": 75,
  "fd_perc": 30.364372469635626,
  "fwhm_avg": 2.117407096494797,
  "fwhm_x": 2.0283226666666665,
  "fwhm_y": 2.225893333333333,
  "fwhm_z": 2.0980052894843917,
  "gcor": 0.0175916,
  "gsr_x": -0.010903507471084595,
  "gsr_y": 0.012417512014508247,
  "provenance": {
    "md5sum": "d665f9ab62c5810d0ad1f25833cf9812",
    "settings": {
      "fd_thres": 0.2,
      "testing": false
    },
    "software": "mriqc",
    "version": "23.0.0",
    "webapi_port": null,
    "webapi_url": "https://mriqc.nimh.nih.gov/api/v1"
  },
  "size_t": 247,
  "size_x": 64,
  "size_y": 64,
  "size_z": 34,
  "snr": 5.381619809400346,
  "spacing_tr": 1.7999999523162842,
  "spacing_x": 3.75,
  "spacing_y": 3.75,
  "spacing_z": 3.799999952316284,
  "summary_bg_k": 62.913411543420295,
  "summary_bg_mad": 6.4766300742467395,
  "summary_bg_mean": 29.175458908081055,
  "summary_bg_median": 17.38866424560547,
  "summary_bg_n": 93820.0,
  "summary_bg_p05": 11.570850372314453,
  "summary_bg_p95": 81.64555168151865,
  "summary_bg_stdv": 42.851890563964844,
  "summary_fg_k": 1.3949488053992543,
  "summary_fg_mad": 130.66101682930284,
  "summary_fg_mean": 839.3193359375,
  "summary_fg_median": 825.3077392578125,
  "summary_fg_n": 17379.0,
  "summary_fg_p05": 618.8024291992188,
  "summary_fg_p95": 1118.6874999999998,
  "summary_fg_stdv": 153.3523406982422,
  "tsnr": 38.317260458366945
}