{
  "aor": 0.003199959514170041,
  "aqi": 0.008314465465587045,
  "bids_meta": {
    "AcquisitionMatrixPE": 64,
    "AcquisitionNumber": 1,
    "AcquisitionTime": "15:41:38.340000",
    "BandwidthPerPixelPhaseEncode": 72.674,
    "BaseResolution": 64,
    "CoilString": "T:HEA;HEP",
    "ConversionSoftware": "dcm2niix",
    "ConversionSoftwareVersion": "v1.0.20190902",
    "DerivedVendorReportedEchoSpacing": 0.000430002,
    "DeviceSerialNumber": "35002",
    "DwellTime": 2.7e-06,
    "EchoTime": 0.031,
    "EffectiveEchoSpacing": 0.000215001,
    "FlipAngle": 90,
    "ImageOrientationPatientDICOM": [
      1,
      0,
      0,
      0,
      1,
      0
    ],
    "ImageType": [
      "ORIGINAL",
      "PRIMARY",
      "M",
      "ND",
      "MOSAIC"
    ],
    "ImagingFrequency": 123.263,
    "InPlanePhaseEncodingDirectionDICOM": "COL",
    "InstitutionAddress": "University_Pkwy_1700_North_685_Provo_AEC1C0_UT_US_84601",
    "InstitutionName": "Brigham_Young_University",
    "InstitutionalDepartmentName": "MRI",
    "MRAcquisitionType": "2D",
    "MagneticFieldStrength": 3,
    "Manufacturer": "Siemens",
    "ManufacturersModelName": "TrioTim",
    "Modality": "MR",
    "ParallelReductionFactorInPlane": 2,
    "PartialFourier": 1,
    "PatientPosition": "HFS",
    "PercentPhaseFOV": 100,
    "PhaseEncodingDirection": "j-",
    "PhaseEncodingSteps": 63,
    "PhaseResolution": 1,
    "PixelBandwidth": 2894,
    "ProcedureStepDescription": "Research_KIRWAN",
    "ProtocolName": "Daselaar_run3",
    "PulseSequenceDetails": "%CustomerSeq%_ep2d_bold_PMU",
    "ReceiveCoilName": "HeadMatrix",
    "ReconMatrixPE": 64,
    "RefLinesPE": 24,
    "RepetitionTime": 1.8,
    "SAR": 0.171004,
    "ScanOptions": "FS",
    "ScanningSequence": "EP",
    "SequenceName": "epfid2d1_64",
    "SequenceVariant": "SK",
    "SeriesDescription": "Daselaar_run3",
    "SeriesNumber": 7,
    "ShimSetting": [
      -2706,
      -22817,
      2088,
      592,
      251,
      297,
      -902,
      343
    ],
    "SliceThickness": 3.8,
    "SliceTiming": [
      0.9025,
      0,
      0.955,
      0.0525,
      1.01,
      0.105,
      1.0625,
      0.1575,
      1.115,
      0.2125,
      1.1675,
      0.265,
      1.2225,
      0.3175,
      1.275,
      0.37,
      1.3275,
      0.425,
      1.38,
      0.4775,
      1.435,
      0.53,
      1.4875,
      0.5825,
      1.54,
      0.6375,
      1.5925,
      0.69,
      1.6475,
      0.7425,
      1.7,
      0.7975,
      1.7525,
      0.85
    ],
    "SoftwareVersions": "syngo_MR_B17",
    "SpacingBetweenSlices": 3.8,
    "StationName": "MRC35002",
    "TaskName": "RecogConf",
    "TotalReadoutTime": 0.0135451,
    "TxRefAmp": 327.036,
    "dataset": "ds004086",
    "modality": "bold",
    "run_id": 3,
    "subject_id": "006",
    "task_id": "RecogConf"
  },
  "dummy_trs": 1,
  "dvars_nstd": 23.444337953333328,
  "dvars_std": 1.0283306678048783,
  "dvars_vstd": 0.9938138691463406,
  "efc": 0.43622291416408815,
  "fber": 2375.334228515625,
  "fd_mean": 0.1870067776918703,
  "fd_num": 71,
  "fd_perc": 28.74493927125506,
  "fwhm_avg": 2.1056467221424877,
  "fwhm_x": 2.0161146666666667,
  "fwhm_y": 2.222736,
  "fwhm_z": 2.078089499760797,
  "gcor": 0.011646,
  "gsr_x": -0.010866017080843449,
  "gsr_y": 0.009963932447135448,
  "provenance": {
    "md5sum": "0b632791bca5fd14c3771f5b92adfdd0",
    "settings": {
      "fd_thres": 0.2,
      "testing": false
    },
    "software": "mriqc",
    "version": "23.0.0",
    "webapi_port": null,
    "webapi_url": "https://mriqc.nimh.nih.gov/api/v1"
  },
  "size_t": 247,
  "size_x": 64,
  "size_y": 64,
  "size_z": 34,
  "snr": 5.356365209429274,
  "spacing_tr": 1.7999999523162842,
  "spacing_x": 3.75,
  "spacing_y": 3.75,
  "spacing_z": 3.799999952316284,
  "summary_bg_k": 60.458768889468445,
  "summary_bg_mad": 5.828366292359706,
  "summary_bg_mean": 28.70607566833496,
  "summary_bg_median": 17.052631378173828,
  "summary_bg_n": 93872.0,
  "summary_bg_p05": 11.635627746582031,
  "summary_bg_p95": 81.13765716552734,
  "summary_bg_stdv": 42.71816635131836,
  "summary_fg_k": 1.4216607712240652,
  "summary_fg_mad": 132.03263201039408,
  "summary_fg_mean": 842.8486938476562,
  "summary_fg_median": 829.0809936523438,
  "summary_fg_n": 17318.0,
  "summary_fg_p05": 619.0514556884766,
  "summary_fg_p95": 1121.0506347656249,
  "summary_fg_stdv": 154.77978515625,
  "tsnr": 52.139612756611314
}