{
  "aor": 0.0010863306451612904,
  "aqi": 0.009155215161290323,
  "bids_meta": {
    "AcquisitionMatrixPE": 64,
    "AcquisitionNumber": 1,
    "AcquisitionTime": "15:33:16.145000",
    "BandwidthPerPixelPhaseEncode": 72.674,
    "BaseResolution": 64,
    "CoilString": "T:HEA;HEP",
    "ConversionSoftware": "dcm2niix",
    "ConversionSoftwareVersion": "v1.0.20190902",
    "DerivedVendorReportedEchoSpacing": 0.000430002,
    "DeviceSerialNumber": "35002",
    "DwellTime": 2.7e-06,
    "EchoTime": 0.031,
    "EffectiveEchoSpacing": 0.000215001,
    "FlipAngle": 90,
    "ImageOrientationPatientDICOM": [
      1,
      0,
      0,
      0,
      1,
      0
    ],
    "ImageType": [
      "ORIGINAL",
      "PRIMARY",
      "M",
      "ND",
      "MOSAIC"
    ],
    "ImagingFrequency": 123.263,
    "InPlanePhaseEncodingDirectionDICOM": "COL",
    "InstitutionAddress": "University_Pkwy_1700_North_685_Provo_AEC1C0_UT_US_84601",
    "InstitutionName": "Brigham_Young_University",
    "InstitutionalDepartmentName": "MRI",
    "MRAcquisitionType": "2D",
    "MagneticFieldStrength": 3,
    "Manufacturer": "Siemens",
    "ManufacturersModelName": "TrioTim",
    "Modality": "MR",
    "ParallelReductionFactorInPlane": 2,
    "PartialFourier": 1,
    "PatientPosition": "HFS",
    "PercentPhaseFOV": 100,
    "PhaseEncodingDirection": "j-",
    "PhaseEncodingSteps": 63,
    "PhaseResolution": 1,
    "PixelBandwidth": 2894,
    "ProcedureStepDescription": "Research_KIRWAN",
    "ProtocolName": "Daselaar_run2",
    "PulseSequenceDetails": "%CustomerSeq%_ep2d_bold_PMU",
    "ReceiveCoilName": "HeadMatrix",
    "ReconMatrixPE": 64,
    "RefLinesPE": 24,
    "RepetitionTime": 1.8,
    "SAR": 0.171004,
    "ScanOptions": "FS",
    "ScanningSequence": "EP",
    "SequenceName": "epfid2d1_64",
    "SequenceVariant": "SK",
    "SeriesDescription": "Daselaar_run2",
    "SeriesNumber": 6,
    "ShimSetting": [
      -2706,
      -22817,
      2088,
      592,
      251,
      297,
      -902,
      343
    ],
    "SliceThickness": 3.8,
    "SliceTiming": [
      0.905,
      0,
      0.9575,
      0.055,
      1.01,
      0.1075,
      1.0625,
      0.16,
      1.1175,
      0.2125,
      1.17,
      0.2675,
      1.2225,
      0.32,
      1.2775,
      0.3725,
      1.33,
      0.425,
      1.3825,
      0.48,
      1.435,
      0.5325,
      1.49,
      0.585,
      1.5425,
      0.6375,
      1.595,
      0.6925,
      1.6475,
      0.745,
      1.7025,
      0.7975,
      1.755,
      0.85
    ],
    "SoftwareVersions": "syngo_MR_B17",
    "SpacingBetweenSlices": 3.8,
    "StationName": "MRC35002",
    "TaskName": "RecogConf",
    "TotalReadoutTime": 0.0135451,
    "TxRefAmp": 327.036,
    "dataset": "ds004086",
    "modality": "bold",
    "run_id": 2,
    "subject_id": "006",
    "task_id": "RecogConf"
  },
  "dummy_trs": 0,
  "dvars_nstd": 21.970280149595148,
  "dvars_std": 0.9684990414574901,
  "dvars_vstd": 0.9452769413360326,
  "efc": 0.43712938246362293,
  "fber": 2354.701904296875,
  "fd_mean": 0.15493038344932725,
  "fd_num": 43,
  "fd_perc": 17.338709677419356,
  "fwhm_avg": 2.09197959918532,
  "fwhm_x": 2.0418506666666665,
  "fwhm_y": 2.191896,
  "fwhm_z": 2.042192130889292,
  "gcor": 0.0088979,
  "gsr_x": -0.011142644099891186,
  "gsr_y": 0.010462199337780476,
  "provenance": {
    "md5sum": "103ed493df8aa141c93cc27ec7984b5e",
    "settings": {
      "fd_thres": 0.2,
      "testing": false
    },
    "software": "mriqc",
    "version": "23.0.0",
    "webapi_port": null,
    "webapi_url": "https://mriqc.nimh.nih.gov/api/v1"
  },
  "size_t": 248,
  "size_x": 64,
  "size_y": 64,
  "size_z": 34,
  "snr": 5.358530073749399,
  "spacing_tr": 1.7999999523162842,
  "spacing_x": 3.75,
  "spacing_y": 3.75,
  "spacing_z": 3.799999952316284,
  "summary_bg_k": 57.584472620075715,
  "summary_bg_mad": 5.8706269369948245,
  "summary_bg_mean": 29.066343307495117,
  "summary_bg_median": 17.13306427001953,
  "summary_bg_n": 93893.0,
  "summary_bg_p05": 12.00241928100586,
  "summary_bg_p95": 82.29999847412095,
  "summary_bg_stdv": 43.22163772583008,
  "summary_fg_k": 1.4145730492741038,
  "summary_fg_mad": 130.82770098985503,
  "summary_fg_mean": 842.3570556640625,
  "summary_fg_median": 828.0120849609375,
  "summary_fg_n": 17299.0,
  "summary_fg_p05": 617.8040344238282,
  "summary_fg_p95": 1123.2406372070309,
  "summary_fg_stdv": 154.5177764892578,
  "tsnr": 50.45299979596166
}