{
  "aor": 0.0007933870967741935,
  "aqi": 0.004829868951612904,
  "bids_meta": {
    "AcquisitionMatrixPE": 64,
    "AcquisitionNumber": 1,
    "AcquisitionTime": "16:05:54.345000",
    "BandwidthPerPixelPhaseEncode": 72.674,
    "BaseResolution": 64,
    "CoilString": "T:HEA;HEP",
    "ConversionSoftware": "dcm2niix",
    "ConversionSoftwareVersion": "v1.0.20190902",
    "DerivedVendorReportedEchoSpacing": 0.000430002,
    "DeviceSerialNumber": "35002",
    "DwellTime": 2.7e-06,
    "EchoTime": 0.031,
    "EffectiveEchoSpacing": 0.000215001,
    "FlipAngle": 90,
    "ImageOrientationPatientDICOM": [
      1,
      0,
      0,
      0,
      1,
      0
    ],
    "ImageType": [
      "ORIGINAL",
      "PRIMARY",
      "M",
      "ND",
      "MOSAIC"
    ],
    "ImagingFrequency": 123.263,
    "InPlanePhaseEncodingDirectionDICOM": "COL",
    "InstitutionAddress": "University_Pkwy_1700_North_685_Provo_AEC1C0_UT_US_84601",
    "InstitutionName": "Brigham_Young_University",
    "InstitutionalDepartmentName": "MRI",
    "MRAcquisitionType": "2D",
    "MagneticFieldStrength": 3,
    "Manufacturer": "Siemens",
    "ManufacturersModelName": "TrioTim",
    "Modality": "MR",
    "ParallelReductionFactorInPlane": 2,
    "PartialFourier": 1,
    "PatientPosition": "HFS",
    "PercentPhaseFOV": 100,
    "PhaseEncodingDirection": "j-",
    "PhaseEncodingSteps": 63,
    "PhaseResolution": 1,
    "PixelBandwidth": 2894,
    "ProcedureStepDescription": "Research_KIRWAN",
    "ProtocolName": "Daselaar_run3",
    "PulseSequenceDetails": "%CustomerSeq%_ep2d_bold_PMU",
    "ReceiveCoilName": "HeadMatrix",
    "ReconMatrixPE": 64,
    "RefLinesPE": 24,
    "RepetitionTime": 1.8,
    "SAR": 0.168204,
    "ScanOptions": "FS",
    "ScanningSequence": "EP",
    "SequenceName": "epfid2d1_64",
    "SequenceVariant": "SK",
    "SeriesDescription": "Daselaar_run3",
    "SeriesNumber": 8,
    "ShimSetting": [
      -2712,
      -22815,
      2298,
      600,
      190,
      198,
      -466,
      279
    ],
    "SliceThickness": 3.8,
    "SliceTiming": [
      0.9025,
      0,
      0.9575,
      0.0525,
      1.01,
      0.1075,
      1.0625,
      0.16,
      1.115,
      0.2125,
      1.17,
      0.265,
      1.2225,
      0.32,
      1.275,
      0.3725,
      1.3275,
      0.425,
      1.3825,
      0.4775,
      1.435,
      0.5325,
      1.4875,
      0.585,
      1.54,
      0.6375,
      1.595,
      0.69,
      1.6475,
      0.745,
      1.7,
      0.7975,
      1.7525,
      0.85
    ],
    "SoftwareVersions": "syngo_MR_B17",
    "SpacingBetweenSlices": 3.8,
    "StationName": "MRC35002",
    "TaskName": "RecogConf",
    "TotalReadoutTime": 0.0135451,
    "TxRefAmp": 330.524,
    "dataset": "ds004086",
    "modality": "bold",
    "run_id": 3,
    "subject_id": "054",
    "task_id": "RecogConf"
  },
  "dummy_trs": 0,
  "dvars_nstd": 22.894469620242923,
  "dvars_std": 1.1040354813360331,
  "dvars_vstd": 0.9968456414170034,
  "efc": 0.45614759665833504,
  "fber": 1937.3272705078125,
  "fd_mean": 0.12156056496121939,
  "fd_num": 30,
  "fd_perc": 12.096774193548388,
  "fwhm_avg": 1.9824623005105189,
  "fwhm_x": 1.87868,
  "fwhm_y": 2.1291226666666665,
  "fwhm_z": 1.9395842348648904,
  "gcor": 0.0517361,
  "gsr_x": -0.0074403597973287106,
  "gsr_y": 0.0074010081589221954,
  "provenance": {
    "md5sum": "da5cfe7f60b609ff02d45d00943c92ba",
    "settings": {
      "fd_thres": 0.2,
      "testing": false
    },
    "software": "mriqc",
    "version": "23.0.0",
    "webapi_port": null,
    "webapi_url": "https://mriqc.nimh.nih.gov/api/v1"
  },
  "size_t": 248,
  "size_x": 64,
  "size_y": 64,
  "size_z": 34,
  "snr": 6.052250513937817,
  "spacing_tr": 1.7999999523162842,
  "spacing_x": 3.75,
  "spacing_y": 3.75,
  "spacing_z": 3.799999952316284,
  "summary_bg_k": 43.368998273786,
  "summary_bg_mad": 5.248888287877533,
  "summary_bg_mean": 32.584388732910156,
  "summary_bg_median": 17.544353485107422,
  "summary_bg_n": 93743.0,
  "summary_bg_p05": 13.181450843811035,
  "summary_bg_p95": 110.9004020690914,
  "summary_bg_stdv": 48.30501174926758,
  "summary_fg_k": 1.5665382461892952,
  "summary_fg_mad": 114.22018528211105,
  "summary_fg_mean": 775.1862182617188,
  "summary_fg_median": 775.79833984375,
  "summary_fg_n": 17689.0,
  "summary_fg_p05": 568.699169921875,
  "summary_fg_p95": 982.915283203125,
  "summary_fg_stdv": 128.17982482910156,
  "tsnr": 64.882653596811
}