{
  "aor": 0.00046735537190082646,
  "aqi": 0.006597621983471075,
  "bids_meta": {
    "AcquisitionMatrixPE": 64,
    "AcquisitionNumber": 1,
    "AcquisitionTime": "15:58:5.677500",
    "BandwidthPerPixelPhaseEncode": 72.674,
    "BaseResolution": 64,
    "CoilString": "T:HEA;HEP",
    "ConversionSoftware": "dcm2niix",
    "ConversionSoftwareVersion": "v1.0.20190902",
    "DerivedVendorReportedEchoSpacing": 0.000430002,
    "DeviceSerialNumber": "35002",
    "DwellTime": 2.7e-06,
    "EchoTime": 0.031,
    "EffectiveEchoSpacing": 0.000215001,
    "FlipAngle": 90,
    "ImageOrientationPatientDICOM": [
      1,
      0,
      0,
      0,
      1,
      0
    ],
    "ImageType": [
      "ORIGINAL",
      "PRIMARY",
      "M",
      "ND",
      "MOSAIC"
    ],
    "ImagingFrequency": 123.263,
    "InPlanePhaseEncodingDirectionDICOM": "COL",
    "InstitutionAddress": "University_Pkwy_1700_North_685_Provo_AEC1C0_UT_US_84601",
    "InstitutionName": "Brigham_Young_University",
    "InstitutionalDepartmentName": "MRI",
    "MRAcquisitionType": "2D",
    "MagneticFieldStrength": 3,
    "Manufacturer": "Siemens",
    "ManufacturersModelName": "TrioTim",
    "Modality": "MR",
    "ParallelReductionFactorInPlane": 2,
    "PartialFourier": 1,
    "PatientPosition": "HFS",
    "PercentPhaseFOV": 100,
    "PhaseEncodingDirection": "j-",
    "PhaseEncodingSteps": 63,
    "PhaseResolution": 1,
    "PixelBandwidth": 2894,
    "ProcedureStepDescription": "Research_KIRWAN",
    "ProtocolName": "Daselaar_run2",
    "PulseSequenceDetails": "%CustomerSeq%_ep2d_bold_PMU",
    "ReceiveCoilName": "HeadMatrix",
    "ReconMatrixPE": 64,
    "RefLinesPE": 24,
    "RepetitionTime": 1.8,
    "SAR": 0.168204,
    "ScanOptions": "FS",
    "ScanningSequence": "EP",
    "SequenceName": "epfid2d1_64",
    "SequenceVariant": "SK",
    "SeriesDescription": "Daselaar_run2",
    "SeriesNumber": 7,
    "ShimSetting": [
      -2712,
      -22815,
      2298,
      600,
      190,
      198,
      -466,
      279
    ],
    "SliceThickness": 3.8,
    "SliceTiming": [
      0.9025,
      0,
      0.955,
      0.0525,
      1.01,
      0.105,
      1.0625,
      0.16,
      1.115,
      0.2125,
      1.1675,
      0.265,
      1.2225,
      0.3175,
      1.275,
      0.3725,
      1.3275,
      0.425,
      1.38,
      0.4775,
      1.435,
      0.53,
      1.4875,
      0.585,
      1.54,
      0.6375,
      1.5925,
      0.69,
      1.6475,
      0.7425,
      1.7,
      0.7975,
      1.7525,
      0.85
    ],
    "SoftwareVersions": "syngo_MR_B17",
    "SpacingBetweenSlices": 3.8,
    "StationName": "MRC35002",
    "TaskName": "RecogConf",
    "TotalReadoutTime": 0.0135451,
    "TxRefAmp": 330.524,
    "dataset": "ds004086",
    "modality": "bold",
    "run_id": 2,
    "subject_id": "054",
    "task_id": "RecogConf"
  },
  "dummy_trs": 0,
  "dvars_nstd": 22.91798910564317,
  "dvars_std": 1.0813593063485476,
  "dvars_vstd": 0.9844174657676341,
  "efc": 0.456579841352626,
  "fber": 1916.201416015625,
  "fd_mean": 0.1185370177155523,
  "fd_num": 24,
  "fd_perc": 9.917355371900827,
  "fwhm_avg": 1.988160791711148,
  "fwhm_x": 1.8961919999999999,
  "fwhm_y": 2.135266666666667,
  "fwhm_z": 1.9330237084667772,
  "gcor": 0.0246561,
  "gsr_x": -0.007259891834110022,
  "gsr_y": 0.007988706231117249,
  "provenance": {
    "md5sum": "6e2356a73a77af265fce8c40313ce0a7",
    "settings": {
      "fd_thres": 0.2,
      "testing": false
    },
    "software": "mriqc",
    "version": "23.0.0",
    "webapi_port": null,
    "webapi_url": "https://mriqc.nimh.nih.gov/api/v1"
  },
  "size_t": 242,
  "size_x": 64,
  "size_y": 64,
  "size_z": 34,
  "snr": 6.01320347127029,
  "spacing_tr": 1.7999999523162842,
  "spacing_x": 3.75,
  "spacing_y": 3.75,
  "spacing_z": 3.799999952316284,
  "summary_bg_k": 44.12606267622106,
  "summary_bg_mad": 5.556694355498777,
  "summary_bg_mean": 32.787635803222656,
  "summary_bg_median": 17.64462661743164,
  "summary_bg_n": 93692.0,
  "summary_bg_p05": 13.016528129577637,
  "summary_bg_p95": 109.30536918640135,
  "summary_bg_stdv": 48.56784439086914,
  "summary_fg_k": 1.500006047550924,
  "summary_fg_mad": 114.47279051239416,
  "summary_fg_mean": 772.3592529296875,
  "summary_fg_median": 773.892578125,
  "summary_fg_n": 17788.0,
  "summary_fg_p05": 561.2578033447265,
  "summary_fg_p95": 980.5208221435545,
  "summary_fg_stdv": 128.6952667236328,
  "tsnr": 59.31852225691546
}