{
  "aor": 0.007060161290322581,
  "aqi": 0.0060828262903225815,
  "bids_meta": {
    "AcquisitionMatrixPE": 64,
    "AcquisitionNumber": 1,
    "AcquisitionTime": "11:08:36.260000",
    "BandwidthPerPixelPhaseEncode": 72.674,
    "BaseResolution": 64,
    "CoilString": "T:HEA;HEP",
    "ConversionSoftware": "dcm2niix",
    "ConversionSoftwareVersion": "v1.0.20190902",
    "DerivedVendorReportedEchoSpacing": 0.000430002,
    "DeviceSerialNumber": "35002",
    "DwellTime": 2.7e-06,
    "EchoTime": 0.031,
    "EffectiveEchoSpacing": 0.000215001,
    "FlipAngle": 90,
    "ImageOrientationPatientDICOM": [
      1,
      0,
      0,
      0,
      1,
      0
    ],
    "ImageType": [
      "ORIGINAL",
      "PRIMARY",
      "M",
      "ND",
      "MOSAIC"
    ],
    "ImagingFrequency": 123.263,
    "InPlanePhaseEncodingDirectionDICOM": "COL",
    "InstitutionAddress": "University_Pkwy_1700_North_685_Provo_AEC1C0_UT_US_84601",
    "InstitutionName": "Brigham_Young_University",
    "InstitutionalDepartmentName": "MRI",
    "MRAcquisitionType": "2D",
    "MagneticFieldStrength": 3,
    "Manufacturer": "Siemens",
    "ManufacturersModelName": "TrioTim",
    "Modality": "MR",
    "ParallelReductionFactorInPlane": 2,
    "PartialFourier": 1,
    "PatientPosition": "HFS",
    "PercentPhaseFOV": 100,
    "PhaseEncodingDirection": "j-",
    "PhaseEncodingSteps": 63,
    "PhaseResolution": 1,
    "PixelBandwidth": 2894,
    "ProcedureStepDescription": "Research_KIRWAN",
    "ProtocolName": "Daselaar_run2",
    "PulseSequenceDetails": "%CustomerSeq%_ep2d_bold_PMU",
    "ReceiveCoilName": "HeadMatrix",
    "ReconMatrixPE": 64,
    "RefLinesPE": 24,
    "RepetitionTime": 1.8,
    "SAR": 0.155609,
    "ScanOptions": "FS",
    "ScanningSequence": "EP",
    "SequenceName": "epfid2d1_64",
    "SequenceVariant": "SK",
    "SeriesDescription": "Daselaar_run2",
    "SeriesNumber": 6,
    "ShimSetting": [
      -2783,
      -22760,
      2265,
      424,
      -82,
      466,
      -444,
      364
    ],
    "SliceThickness": 3.8,
    "SliceTiming": [
      0.905,
      0,
      0.9575,
      0.055,
      1.01,
      0.1075,
      1.065,
      0.16,
      1.1175,
      0.2125,
      1.17,
      0.2675,
      1.2225,
      0.32,
      1.2775,
      0.3725,
      1.33,
      0.425,
      1.3825,
      0.48,
      1.435,
      0.5325,
      1.49,
      0.585,
      1.5425,
      0.64,
      1.595,
      0.6925,
      1.6475,
      0.745,
      1.7025,
      0.7975,
      1.755,
      0.8525
    ],
    "SoftwareVersions": "syngo_MR_B17",
    "SpacingBetweenSlices": 3.8,
    "StationName": "MRC35002",
    "TaskName": "RecogConf",
    "TotalReadoutTime": 0.0135451,
    "TxRefAmp": 334.108,
    "dataset": "ds004086",
    "modality": "bold",
    "run_id": 2,
    "subject_id": "037",
    "task_id": "RecogConf"
  },
  "dummy_trs": 0,
  "dvars_nstd": 24.29410602421052,
  "dvars_std": 1.107672970121458,
  "dvars_vstd": 1.037732738623482,
  "efc": 0.4707335559167502,
  "fber": 1903.6611328125,
  "fd_mean": 0.16053797042327606,
  "fd_num": 42,
  "fd_perc": 16.93548387096774,
  "fwhm_avg": 2.0043432483958767,
  "fwhm_x": 1.8272666666666666,
  "fwhm_y": 2.122592,
  "fwhm_z": 2.063171078520964,
  "gcor": 0.0461999,
  "gsr_x": -0.012049228884279728,
  "gsr_y": 0.019402004778385162,
  "provenance": {
    "md5sum": "a13e6206784c9c03d4da6dd910a93292",
    "settings": {
      "fd_thres": 0.2,
      "testing": false
    },
    "software": "mriqc",
    "version": "23.0.0",
    "webapi_port": null,
    "webapi_url": "https://mriqc.nimh.nih.gov/api/v1"
  },
  "size_t": 248,
  "size_x": 64,
  "size_y": 64,
  "size_z": 34,
  "snr": 5.7582581440120295,
  "spacing_tr": 1.7999999523162842,
  "spacing_x": 3.75,
  "spacing_y": 3.75,
  "spacing_z": 3.799999952316284,
  "summary_bg_k": 53.92493205082199,
  "summary_bg_mad": 5.990192224969649,
  "summary_bg_mean": 30.981014251708984,
  "summary_bg_median": 17.754032135009766,
  "summary_bg_n": 90161.0,
  "summary_bg_p05": 12.616934776306152,
  "summary_bg_p95": 94.18547821044922,
  "summary_bg_stdv": 44.79944610595703,
  "summary_fg_k": 1.8438952466854426,
  "summary_fg_mad": 113.5027737593869,
  "summary_fg_mean": 781.4329223632812,
  "summary_fg_median": 776.76611328125,
  "summary_fg_n": 20033.0,
  "summary_fg_p05": 571.9096557617188,
  "summary_fg_p95": 1005.8290039062498,
  "summary_fg_stdv": 134.8926544189453,
  "tsnr": 56.462809443473816
}