{
  "aor": 0.0014909274193548384,
  "aqi": 0.005459055120967743,
  "bids_meta": {
    "AcquisitionMatrixPE": 64,
    "AcquisitionNumber": 1,
    "AcquisitionTime": "15:02:11.542500",
    "BandwidthPerPixelPhaseEncode": 72.674,
    "BaseResolution": 64,
    "CoilString": "T:HEA;HEP",
    "ConversionSoftware": "dcm2niix",
    "ConversionSoftwareVersion": "v1.0.20190902",
    "DerivedVendorReportedEchoSpacing": 0.000430002,
    "DeviceSerialNumber": "35002",
    "DwellTime": 2.7e-06,
    "EchoTime": 0.031,
    "EffectiveEchoSpacing": 0.000215001,
    "FlipAngle": 90,
    "ImageOrientationPatientDICOM": [
      1,
      0,
      0,
      0,
      1,
      0
    ],
    "ImageType": [
      "ORIGINAL",
      "PRIMARY",
      "M",
      "ND",
      "MOSAIC"
    ],
    "ImagingFrequency": 123.263,
    "InPlanePhaseEncodingDirectionDICOM": "COL",
    "InstitutionAddress": "University_Pkwy_1700_North_685_Provo_AEC1C0_UT_US_84601",
    "InstitutionName": "Brigham_Young_University",
    "InstitutionalDepartmentName": "MRI",
    "MRAcquisitionType": "2D",
    "MagneticFieldStrength": 3,
    "Manufacturer": "Siemens",
    "ManufacturersModelName": "TrioTim",
    "Modality": "MR",
    "ParallelReductionFactorInPlane": 2,
    "PartialFourier": 1,
    "PatientPosition": "HFS",
    "PercentPhaseFOV": 100,
    "PhaseEncodingDirection": "j-",
    "PhaseEncodingSteps": 63,
    "PhaseResolution": 1,
    "PixelBandwidth": 2894,
    "ProcedureStepDescription": "Research_KIRWAN",
    "ProtocolName": "Daselaar_run2",
    "PulseSequenceDetails": "%CustomerSeq%_ep2d_bold_PMU",
    "ReceiveCoilName": "HeadMatrix",
    "ReconMatrixPE": 64,
    "RefLinesPE": 24,
    "RepetitionTime": 1.8,
    "SAR": 0.163127,
    "ScanOptions": "FS",
    "ScanningSequence": "EP",
    "SequenceName": "epfid2d1_64",
    "SequenceVariant": "SK",
    "SeriesDescription": "Daselaar_run2",
    "SeriesNumber": 6,
    "ShimSetting": [
      -2861,
      -22885,
      2325,
      557,
      49,
      43,
      -513,
      454
    ],
    "SliceThickness": 3.8,
    "SliceTiming": [
      0.905,
      0,
      0.9575,
      0.055,
      1.01,
      0.1075,
      1.065,
      0.16,
      1.1175,
      0.215,
      1.17,
      0.2675,
      1.2225,
      0.32,
      1.2775,
      0.3725,
      1.33,
      0.4275,
      1.3825,
      0.48,
      1.435,
      0.5325,
      1.49,
      0.585,
      1.5425,
      0.64,
      1.595,
      0.6925,
      1.6475,
      0.745,
      1.7025,
      0.7975,
      1.755,
      0.8525
    ],
    "SoftwareVersions": "syngo_MR_B17",
    "SpacingBetweenSlices": 3.8,
    "StationName": "MRC35002",
    "TaskName": "RecogConf",
    "TotalReadoutTime": 0.0135451,
    "TxRefAmp": 323.343,
    "dataset": "ds004086",
    "modality": "bold",
    "run_id": 2,
    "subject_id": "038",
    "task_id": "RecogConf"
  },
  "dummy_trs": 0,
  "dvars_nstd": 22.825039643603223,
  "dvars_std": 1.1231557525506066,
  "dvars_vstd": 1.0142334434008096,
  "efc": 0.44888560409365974,
  "fber": 2127.33056640625,
  "fd_mean": 0.10065480274993939,
  "fd_num": 14,
  "fd_perc": 5.645161290322581,
  "fwhm_avg": 1.8974450328786456,
  "fwhm_x": 1.7356213333333335,
  "fwhm_y": 2.077053333333333,
  "fwhm_z": 1.8796604319692696,
  "gcor": 0.0165128,
  "gsr_x": -0.0153247294947505,
  "gsr_y": 0.00854579545557499,
  "provenance": {
    "md5sum": "4cb65b7e2d3804b59ff034e88d1f8633",
    "settings": {
      "fd_thres": 0.2,
      "testing": false
    },
    "software": "mriqc",
    "version": "23.0.0",
    "webapi_port": null,
    "webapi_url": "https://mriqc.nimh.nih.gov/api/v1"
  },
  "size_t": 248,
  "size_x": 64,
  "size_y": 64,
  "size_z": 34,
  "snr": 6.575651443524121,
  "spacing_tr": 1.7999999523162842,
  "spacing_x": 3.75,
  "spacing_y": 3.75,
  "spacing_z": 3.8000001907348633,
  "summary_bg_k": 56.723227162441724,
  "summary_bg_mad": 3.9874824883892015,
  "summary_bg_mean": 23.935901641845703,
  "summary_bg_median": 15.415322303771973,
  "summary_bg_n": 93049.0,
  "summary_bg_p05": 11.971774101257324,
  "summary_bg_p95": 59.01290283203118,
  "summary_bg_stdv": 31.19362449645996,
  "summary_fg_k": 1.3172936497286791,
  "summary_fg_mad": 99.18788918610022,
  "summary_fg_mean": 711.0100708007812,
  "summary_fg_median": 715.42333984375,
  "summary_fg_n": 18266.0,
  "summary_fg_p05": 526.0312194824219,
  "summary_fg_p95": 878.8195495605469,
  "summary_fg_stdv": 108.7958755493164,
  "tsnr": 66.46630674786866
}