{
  "aor": 0.0019425806451612905,
  "aqi": 0.006769924475806452,
  "bids_meta": {
    "AcquisitionMatrixPE": 64,
    "AcquisitionNumber": 1,
    "AcquisitionTime": "15:17:57.702500",
    "BandwidthPerPixelPhaseEncode": 72.674,
    "BaseResolution": 64,
    "CoilString": "T:HEA;HEP",
    "ConversionSoftware": "dcm2niix",
    "ConversionSoftwareVersion": "v1.0.20190902",
    "DerivedVendorReportedEchoSpacing": 0.000430002,
    "DeviceSerialNumber": "35002",
    "DwellTime": 2.7e-06,
    "EchoTime": 0.031,
    "EffectiveEchoSpacing": 0.000215001,
    "FlipAngle": 90,
    "ImageOrientationPatientDICOM": [
      1,
      0,
      0,
      0,
      1,
      0
    ],
    "ImageType": [
      "ORIGINAL",
      "PRIMARY",
      "M",
      "ND",
      "MOSAIC"
    ],
    "ImagingFrequency": 123.263,
    "InPlanePhaseEncodingDirectionDICOM": "COL",
    "InstitutionAddress": "University_Pkwy_1700_North_685_Provo_AEC1C0_UT_US_84601",
    "InstitutionName": "Brigham_Young_University",
    "InstitutionalDepartmentName": "MRI",
    "MRAcquisitionType": "2D",
    "MagneticFieldStrength": 3,
    "Manufacturer": "Siemens",
    "ManufacturersModelName": "TrioTim",
    "Modality": "MR",
    "ParallelReductionFactorInPlane": 2,
    "PartialFourier": 1,
    "PatientPosition": "HFS",
    "PercentPhaseFOV": 100,
    "PhaseEncodingDirection": "j-",
    "PhaseEncodingSteps": 63,
    "PhaseResolution": 1,
    "PixelBandwidth": 2894,
    "ProcedureStepDescription": "Research_KIRWAN",
    "ProtocolName": "Daselaar_run4",
    "PulseSequenceDetails": "%CustomerSeq%_ep2d_bold_PMU",
    "ReceiveCoilName": "HeadMatrix",
    "ReconMatrixPE": 64,
    "RefLinesPE": 24,
    "RepetitionTime": 1.8,
    "SAR": 0.163127,
    "ScanOptions": "FS",
    "ScanningSequence": "EP",
    "SequenceName": "epfid2d1_64",
    "SequenceVariant": "SK",
    "SeriesDescription": "Daselaar_run4",
    "SeriesNumber": 8,
    "ShimSetting": [
      -2861,
      -22885,
      2325,
      557,
      49,
      43,
      -513,
      454
    ],
    "SliceThickness": 3.8,
    "SliceTiming": [
      0.9025,
      0,
      0.9575,
      0.0525,
      1.01,
      0.105,
      1.0625,
      0.16,
      1.115,
      0.2125,
      1.17,
      0.265,
      1.2225,
      0.32,
      1.275,
      0.3725,
      1.3275,
      0.425,
      1.3825,
      0.4775,
      1.435,
      0.5325,
      1.4875,
      0.585,
      1.54,
      0.6375,
      1.595,
      0.69,
      1.6475,
      0.745,
      1.7,
      0.7975,
      1.7525,
      0.85
    ],
    "SoftwareVersions": "syngo_MR_B17",
    "SpacingBetweenSlices": 3.8,
    "StationName": "MRC35002",
    "TaskName": "RecogConf",
    "TotalReadoutTime": 0.0135451,
    "TxRefAmp": 323.343,
    "dataset": "ds004086",
    "modality": "bold",
    "run_id": 4,
    "subject_id": "038",
    "task_id": "RecogConf"
  },
  "dummy_trs": 0,
  "dvars_nstd": 24.019968179554652,
  "dvars_std": 1.1130751353846156,
  "dvars_vstd": 0.994802007165992,
  "efc": 0.4477287813021597,
  "fber": 2161.187255859375,
  "fd_mean": 0.14879772339572653,
  "fd_num": 42,
  "fd_perc": 16.93548387096774,
  "fwhm_avg": 1.9103217342692613,
  "fwhm_x": 1.7477093333333333,
  "fwhm_y": 2.081853333333333,
  "fwhm_z": 1.9014025361411175,
  "gcor": 0.0175395,
  "gsr_x": -0.016130682080984116,
  "gsr_y": 0.0075389789417386055,
  "provenance": {
    "md5sum": "bc61ff9edf63dc7b07bb37f7a2237e1f",
    "settings": {
      "fd_thres": 0.2,
      "testing": false
    },
    "software": "mriqc",
    "version": "23.0.0",
    "webapi_port": null,
    "webapi_url": "https://mriqc.nimh.nih.gov/api/v1"
  },
  "size_t": 248,
  "size_x": 64,
  "size_y": 64,
  "size_z": 34,
  "snr": 6.614133963342974,
  "spacing_tr": 1.7999999523162842,
  "spacing_x": 3.75,
  "spacing_y": 3.75,
  "spacing_z": 3.8000001907348633,
  "summary_bg_k": 56.04060268749214,
  "summary_bg_mad": 4.113025828674818,
  "summary_bg_mean": 24.36453628540039,
  "summary_bg_median": 15.419354438781738,
  "summary_bg_n": 93407.0,
  "summary_bg_p05": 11.875,
  "summary_bg_p95": 60.89798316955565,
  "summary_bg_stdv": 32.67729187011719,
  "summary_fg_k": 1.4049728628425155,
  "summary_fg_mad": 98.7186488416141,
  "summary_fg_mean": 716.6153564453125,
  "summary_fg_median": 722.2862548828125,
  "summary_fg_n": 18039.0,
  "summary_fg_p05": 528.7249633789063,
  "summary_fg_p95": 881.8515808105468,
  "summary_fg_stdv": 109.20042419433594,
  "tsnr": 62.0398343866691
}