{
  "bids_meta": {
    "AcquisitionMatrixPE": 215,
    "AcquisitionNumber": 1,
    "AcquisitionTime": "15:51:30.500000",
    "BaseResolution": 256,
    "CoilString": "C:HEA;HEP",
    "ConversionSoftware": "dcm2niix",
    "ConversionSoftwareVersion": "v1.0.20190902",
    "DeviceSerialNumber": "35002",
    "DwellTime": 9.8e-06,
    "EchoTime": 0.00226,
    "FlipAngle": 9,
    "ImageOrientationPatientDICOM": [
      0,
      1,
      0,
      0,
      0,
      -1
    ],
    "ImageType": [
      "ORIGINAL",
      "PRIMARY",
      "M",
      "ND",
      "NORM"
    ],
    "ImagingFrequency": 123.263,
    "InPlanePhaseEncodingDirectionDICOM": "ROW",
    "InstitutionAddress": "University_Pkwy_1700_North_685_Provo_AEC1C0_UT_US_84601",
    "InstitutionName": "Brigham_Young_University",
    "InstitutionalDepartmentName": "MRI",
    "InversionTime": 0.9,
    "MRAcquisitionType": "3D",
    "MagneticFieldStrength": 3,
    "Manufacturer": "Siemens",
    "ManufacturersModelName": "TrioTim",
    "Modality": "MR",
    "PartialFourier": 0.875,
    "PatientPosition": "HFS",
    "PercentPhaseFOV": 87.5,
    "PhaseEncodingSteps": 227,
    "PhaseOversampling": 0.2,
    "PhaseResolution": 0.96,
    "PixelBandwidth": 199,
    "ProcedureStepDescription": "Research_KIRWAN",
    "ProtocolName": "t1_mpr_sag_iso_(mprage)",
    "PulseSequenceDetails": "%SiemensSeq%_tfl",
    "ReceiveCoilName": "HeadMatrix",
    "ReconMatrixPE": 224,
    "RepetitionTime": 1.9,
    "SAR": 0.0946652,
    "ScanOptions": "IR_PFP",
    "ScanningSequence": "GR_IR",
    "SequenceName": "_tfl3d1_ns",
    "SequenceVariant": "SP_MP_OSP",
    "SeriesDescription": "t1_mpr_sag_iso_(mprage)",
    "SeriesNumber": 2,
    "ShimSetting": [
      -2768,
      -22810,
      1838,
      -69,
      10,
      173,
      -426,
      363
    ],
    "SliceThickness": 1,
    "SoftwareVersions": "syngo_MR_B17",
    "StationName": "MRC35002",
    "TxRefAmp": 327.557,
    "dataset": "ds004086",
    "modality": "T1w",
    "subject_id": "018"
  },
  "cjv": 0.3082052793096361,
  "cnr": 4.436115712155302,
  "efc": 0.5740074957330936,
  "fber": 21260.070069444442,
  "fwhm_avg": 4.59809792,
  "fwhm_x": 4.42368,
  "fwhm_y": 4.8384921599999995,
  "fwhm_z": 4.5321216,
  "icvs_csf": 0.14569053453048028,
  "icvs_gm": 0.4968174177557113,
  "icvs_wm": 0.3574920477138084,
  "inu_med": 0.4457456171512604,
  "inu_range": 0.19281150698661798,
  "provenance": {
    "md5sum": "6ace5c77ada406505719d859b826f611",
    "settings": {
      "testing": false
    },
    "software": "mriqc",
    "version": "23.0.0",
    "warnings": {
      "large_rot_frame": true,
      "small_air_mask": false
    },
    "webapi_port": null,
    "webapi_url": "https://mriqc.nimh.nih.gov/api/v1"
  },
  "qi_1": 0.0,
  "qi_2": 0.007060992317782307,
  "rpve_csf": 28.730225547535195,
  "rpve_gm": 9.988397237121607,
  "rpve_wm": 14.880686178281431,
  "size_x": 176,
  "size_y": 224,
  "size_z": 256,
  "snr_csf": 2.377784727761089,
  "snr_gm": 16.23663615436141,
  "snr_total": 14.948065661052686,
  "snr_wm": 26.22977610103556,
  "snrd_csf": 25.772665146438882,
  "snrd_gm": 63.56174185297273,
  "snrd_total": 58.59415512325253,
  "snrd_wm": 86.44805837034596,
  "spacing_x": 1.0,
  "spacing_y": 0.9765625,
  "spacing_z": 0.9765625,
  "summary_bg_k": 7.8135364183087415,
  "summary_bg_mad": 0.0,
  "summary_bg_mean": 4.204812519988073,
  "summary_bg_median": 0.0,
  "summary_bg_n": 2004886.0,
  "summary_bg_p05": 0.0,
  "summary_bg_p95": 20.484879314899445,
  "summary_bg_stdv": 7.578381931794242,
  "summary_csf_k": 0.40022773623867636,
  "summary_csf_mad": 103.22984332694934,
  "summary_csf_mean": 299.60841011360594,
  "summary_csf_median": 298.1289085447788,
  "summary_csf_n": 15412.0,
  "summary_csf_p05": 77.00202779173851,
  "summary_csf_p95": 518.1196176409721,
  "summary_csf_stdv": 125.37688249649753,
  "summary_gm_k": 0.039168153900979163,
  "summary_gm_mad": 45.2119786970321,
  "summary_gm_mean": 735.6920519310438,
  "summary_gm_median": 735.2593383789062,
  "summary_gm_n": 75680.0,
  "summary_gm_p05": 661.6827203035355,
  "summary_gm_p95": 809.9784636408092,
  "summary_gm_stdv": 45.28367044053365,
  "summary_wm_k": 0.52044558669603,
  "summary_wm_mad": 36.38249255259785,
  "summary_wm_mean": 1001.2404394148354,
  "summary_wm_median": 1000.0000054836273,
  "summary_wm_n": 207588.0,
  "summary_wm_p05": 940.6297568053008,
  "summary_wm_p95": 1065.5093824267387,
  "summary_wm_stdv": 38.12451898223274,
  "tpm_overlap_csf": 0.12718449399959317,
  "tpm_overlap_gm": 0.4786076878114663,
  "tpm_overlap_wm": 0.5014319388786888,
  "wm2max": 0.44383849171696904
}