{
  "aor": 0.00042435483870967744,
  "aqi": 0.006518771653225806,
  "bids_meta": {
    "AcquisitionMatrixPE": 64,
    "AcquisitionNumber": 1,
    "AcquisitionTime": "10:54:39.695000",
    "BandwidthPerPixelPhaseEncode": 72.674,
    "BaseResolution": 64,
    "CoilString": "T:HEA;HEP",
    "ConversionSoftware": "dcm2niix",
    "ConversionSoftwareVersion": "v1.0.20190902",
    "DerivedVendorReportedEchoSpacing": 0.000430002,
    "DeviceSerialNumber": "35002",
    "DwellTime": 2.7e-06,
    "EchoTime": 0.031,
    "EffectiveEchoSpacing": 0.000215001,
    "FlipAngle": 90,
    "ImageOrientationPatientDICOM": [
      1,
      0,
      0,
      0,
      1,
      0
    ],
    "ImageType": [
      "ORIGINAL",
      "PRIMARY",
      "M",
      "ND",
      "MOSAIC"
    ],
    "ImagingFrequency": 123.263,
    "InPlanePhaseEncodingDirectionDICOM": "COL",
    "InstitutionAddress": "University_Pkwy_1700_North_685_Provo_AEC1C0_UT_US_84601",
    "InstitutionName": "Brigham_Young_University",
    "InstitutionalDepartmentName": "MRI",
    "MRAcquisitionType": "2D",
    "MagneticFieldStrength": 3,
    "Manufacturer": "Siemens",
    "ManufacturersModelName": "TrioTim",
    "Modality": "MR",
    "ParallelReductionFactorInPlane": 2,
    "PartialFourier": 1,
    "PatientPosition": "HFS",
    "PercentPhaseFOV": 100,
    "PhaseEncodingDirection": "j-",
    "PhaseEncodingSteps": 63,
    "PhaseResolution": 1,
    "PixelBandwidth": 2894,
    "ProcedureStepDescription": "Research_KIRWAN",
    "ProtocolName": "Daselaar_run2",
    "PulseSequenceDetails": "%CustomerSeq%_ep2d_bold_PMU",
    "ReceiveCoilName": "HeadMatrix",
    "ReconMatrixPE": 64,
    "RefLinesPE": 24,
    "RepetitionTime": 1.8,
    "SAR": 0.150068,
    "ScanOptions": "FS",
    "ScanningSequence": "EP",
    "SequenceName": "epfid2d1_64",
    "SequenceVariant": "SK",
    "SeriesDescription": "Daselaar_run2",
    "SeriesNumber": 6,
    "ShimSetting": [
      -2733,
      -22876,
      2130,
      522,
      39,
      231,
      -1065,
      450
    ],
    "SliceThickness": 3.8,
    "SliceTiming": [
      0.905,
      0,
      0.9575,
      0.055,
      1.01,
      0.1075,
      1.065,
      0.16,
      1.1175,
      0.215,
      1.17,
      0.2675,
      1.2225,
      0.32,
      1.2775,
      0.3725,
      1.33,
      0.4275,
      1.3825,
      0.48,
      1.435,
      0.5325,
      1.49,
      0.585,
      1.5425,
      0.64,
      1.595,
      0.6925,
      1.6475,
      0.745,
      1.7025,
      0.7975,
      1.755,
      0.8525
    ],
    "SoftwareVersions": "syngo_MR_B17",
    "SpacingBetweenSlices": 3.8,
    "StationName": "MRC35002",
    "TaskName": "RecogConf",
    "TotalReadoutTime": 0.0135451,
    "TxRefAmp": 336.571,
    "dataset": "ds004086",
    "modality": "bold",
    "run_id": 2,
    "subject_id": "047",
    "task_id": "RecogConf"
  },
  "dummy_trs": 0,
  "dvars_nstd": 23.300757744170035,
  "dvars_std": 1.0713654414574898,
  "dvars_vstd": 0.9895926502024288,
  "efc": 0.4566206050845776,
  "fber": 2058.238525390625,
  "fd_mean": 0.1129707736452412,
  "fd_num": 15,
  "fd_perc": 6.048387096774194,
  "fwhm_avg": 1.8501053996584549,
  "fwhm_x": 1.6967466666666666,
  "fwhm_y": 1.9778826666666667,
  "fwhm_z": 1.8756868656420314,
  "gcor": 0.02475,
  "gsr_x": -0.01302762608975172,
  "gsr_y": 0.015066429041326046,
  "provenance": {
    "md5sum": "0d4d38103d6c45b7b6d502c61b90c1c1",
    "settings": {
      "fd_thres": 0.2,
      "testing": false
    },
    "software": "mriqc",
    "version": "23.0.0",
    "webapi_port": null,
    "webapi_url": "https://mriqc.nimh.nih.gov/api/v1"
  },
  "size_t": 248,
  "size_x": 64,
  "size_y": 64,
  "size_z": 34,
  "snr": 6.321473498258731,
  "spacing_tr": 1.7999999523162842,
  "spacing_x": 3.75,
  "spacing_y": 3.75,
  "spacing_z": 3.799999952316284,
  "summary_bg_k": 53.26254101553704,
  "summary_bg_mad": 4.423893032353978,
  "summary_bg_mean": 26.936647415161133,
  "summary_bg_median": 15.834676742553711,
  "summary_bg_n": 92146.0,
  "summary_bg_p05": 12.07661247253418,
  "summary_bg_p95": 79.35987663269043,
  "summary_bg_stdv": 38.37452697753906,
  "summary_fg_k": 2.188468798309465,
  "summary_fg_mad": 98.59603372893861,
  "summary_fg_mean": 723.19189453125,
  "summary_fg_median": 721.1572265625,
  "summary_fg_n": 18372.0,
  "summary_fg_p05": 549.0084594726562,
  "summary_fg_p95": 907.6209381103516,
  "summary_fg_stdv": 114.07745361328125,
  "tsnr": 66.20562440156937
}