{
  "aor": 0.0005562500000000001,
  "aqi": 0.007830327338709678,
  "bids_meta": {
    "AcquisitionMatrixPE": 64,
    "AcquisitionNumber": 1,
    "AcquisitionTime": "11:10:16.720000",
    "BandwidthPerPixelPhaseEncode": 72.674,
    "BaseResolution": 64,
    "CoilString": "T:HEA;HEP",
    "ConversionSoftware": "dcm2niix",
    "ConversionSoftwareVersion": "v1.0.20190902",
    "DerivedVendorReportedEchoSpacing": 0.000430002,
    "DeviceSerialNumber": "35002",
    "DwellTime": 2.7e-06,
    "EchoTime": 0.031,
    "EffectiveEchoSpacing": 0.000215001,
    "FlipAngle": 90,
    "ImageOrientationPatientDICOM": [
      1,
      0,
      0,
      0,
      1,
      0
    ],
    "ImageType": [
      "ORIGINAL",
      "PRIMARY",
      "M",
      "ND",
      "MOSAIC"
    ],
    "ImagingFrequency": 123.263,
    "InPlanePhaseEncodingDirectionDICOM": "COL",
    "InstitutionAddress": "University_Pkwy_1700_North_685_Provo_AEC1C0_UT_US_84601",
    "InstitutionName": "Brigham_Young_University",
    "InstitutionalDepartmentName": "MRI",
    "MRAcquisitionType": "2D",
    "MagneticFieldStrength": 3,
    "Manufacturer": "Siemens",
    "ManufacturersModelName": "TrioTim",
    "Modality": "MR",
    "ParallelReductionFactorInPlane": 2,
    "PartialFourier": 1,
    "PatientPosition": "HFS",
    "PercentPhaseFOV": 100,
    "PhaseEncodingDirection": "j-",
    "PhaseEncodingSteps": 63,
    "PhaseResolution": 1,
    "PixelBandwidth": 2894,
    "ProcedureStepDescription": "Research_KIRWAN",
    "ProtocolName": "Daselaar_run4",
    "PulseSequenceDetails": "%CustomerSeq%_ep2d_bold_PMU",
    "ReceiveCoilName": "HeadMatrix",
    "ReconMatrixPE": 64,
    "RefLinesPE": 24,
    "RepetitionTime": 1.8,
    "SAR": 0.150068,
    "ScanOptions": "FS",
    "ScanningSequence": "EP",
    "SequenceName": "epfid2d1_64",
    "SequenceVariant": "SK",
    "SeriesDescription": "Daselaar_run4",
    "SeriesNumber": 8,
    "ShimSetting": [
      -2733,
      -22876,
      2130,
      522,
      39,
      231,
      -1065,
      450
    ],
    "SliceThickness": 3.8,
    "SliceTiming": [
      0.9025,
      0,
      0.955,
      0.0525,
      1.01,
      0.105,
      1.0625,
      0.1575,
      1.115,
      0.2125,
      1.1675,
      0.265,
      1.2225,
      0.3175,
      1.275,
      0.3725,
      1.3275,
      0.425,
      1.38,
      0.4775,
      1.435,
      0.53,
      1.4875,
      0.585,
      1.54,
      0.6375,
      1.5925,
      0.69,
      1.6475,
      0.7425,
      1.7,
      0.7975,
      1.7525,
      0.85
    ],
    "SoftwareVersions": "syngo_MR_B17",
    "SpacingBetweenSlices": 3.8,
    "StationName": "MRC35002",
    "TaskName": "RecogConf",
    "TotalReadoutTime": 0.0135451,
    "TxRefAmp": 336.571,
    "dataset": "ds004086",
    "modality": "bold",
    "run_id": 4,
    "subject_id": "047",
    "task_id": "RecogConf"
  },
  "dummy_trs": 0,
  "dvars_nstd": 25.280114417246956,
  "dvars_std": 1.0862367225910936,
  "dvars_vstd": 0.9976693226720641,
  "efc": 0.4576856542437775,
  "fber": 2037.353271484375,
  "fd_mean": 0.17053288387708737,
  "fd_num": 72,
  "fd_perc": 29.032258064516128,
  "fwhm_avg": 1.8493161714894668,
  "fwhm_x": 1.7073626666666668,
  "fwhm_y": 1.9885226666666667,
  "fwhm_z": 1.852063181135067,
  "gcor": 0.034922,
  "gsr_x": -0.013535008765757084,
  "gsr_y": 0.015995221212506294,
  "provenance": {
    "md5sum": "5ec6a65479e2dd3a8237744bfebed49d",
    "settings": {
      "fd_thres": 0.2,
      "testing": false
    },
    "software": "mriqc",
    "version": "23.0.0",
    "webapi_port": null,
    "webapi_url": "https://mriqc.nimh.nih.gov/api/v1"
  },
  "size_t": 248,
  "size_x": 64,
  "size_y": 64,
  "size_z": 34,
  "snr": 6.30946813010581,
  "spacing_tr": 1.7999999523162842,
  "spacing_x": 3.75,
  "spacing_y": 3.75,
  "spacing_z": 3.799999952316284,
  "summary_bg_k": 57.07459395940605,
  "summary_bg_mad": 4.591284152734801,
  "summary_bg_mean": 27.515169143676758,
  "summary_bg_median": 15.911290168762207,
  "summary_bg_n": 92144.0,
  "summary_bg_p05": 11.955644607543945,
  "summary_bg_p95": 82.47399215698232,
  "summary_bg_stdv": 40.084415435791016,
  "summary_fg_k": 2.182298277843466,
  "summary_fg_mad": 98.95473949030068,
  "summary_fg_mean": 722.9014282226562,
  "summary_fg_median": 720.3084716796875,
  "summary_fg_n": 18452.0,
  "summary_fg_p05": 549.3667144775391,
  "summary_fg_p95": 906.6443359375,
  "summary_fg_stdv": 114.1600112915039,
  "tsnr": 62.34873757697642
}