{
  "aor": 0.0007777732793522267,
  "aqi": 0.007731006153846154,
  "bids_meta": {
    "AcquisitionMatrixPE": 64,
    "AcquisitionNumber": 1,
    "AcquisitionTime": "10:46:48.787500",
    "BandwidthPerPixelPhaseEncode": 72.674,
    "BaseResolution": 64,
    "CoilString": "T:HEA;HEP",
    "ConversionSoftware": "dcm2niix",
    "ConversionSoftwareVersion": "v1.0.20190902",
    "DerivedVendorReportedEchoSpacing": 0.000430002,
    "DeviceSerialNumber": "35002",
    "DwellTime": 2.7e-06,
    "EchoTime": 0.031,
    "EffectiveEchoSpacing": 0.000215001,
    "FlipAngle": 90,
    "ImageOrientationPatientDICOM": [
      1,
      0,
      0,
      0,
      1,
      0
    ],
    "ImageType": [
      "ORIGINAL",
      "PRIMARY",
      "M",
      "ND",
      "MOSAIC"
    ],
    "ImagingFrequency": 123.263,
    "InPlanePhaseEncodingDirectionDICOM": "COL",
    "InstitutionAddress": "University_Pkwy_1700_North_685_Provo_AEC1C0_UT_US_84601",
    "InstitutionName": "Brigham_Young_University",
    "InstitutionalDepartmentName": "MRI",
    "MRAcquisitionType": "2D",
    "MagneticFieldStrength": 3,
    "Manufacturer": "Siemens",
    "ManufacturersModelName": "TrioTim",
    "Modality": "MR",
    "ParallelReductionFactorInPlane": 2,
    "PartialFourier": 1,
    "PatientPosition": "HFS",
    "PercentPhaseFOV": 100,
    "PhaseEncodingDirection": "j-",
    "PhaseEncodingSteps": 63,
    "PhaseResolution": 1,
    "PixelBandwidth": 2894,
    "ProcedureStepDescription": "Research_KIRWAN",
    "ProtocolName": "Daselaar_run1",
    "PulseSequenceDetails": "%CustomerSeq%_ep2d_bold_PMU",
    "ReceiveCoilName": "HeadMatrix",
    "ReconMatrixPE": 64,
    "RefLinesPE": 24,
    "RepetitionTime": 1.8,
    "SAR": 0.150068,
    "ScanOptions": "FS",
    "ScanningSequence": "EP",
    "SequenceName": "epfid2d1_64",
    "SequenceVariant": "SK",
    "SeriesDescription": "Daselaar_run1",
    "SeriesNumber": 5,
    "ShimSetting": [
      -2733,
      -22876,
      2130,
      522,
      39,
      231,
      -1065,
      450
    ],
    "SliceThickness": 3.8,
    "SliceTiming": [
      0.905,
      0,
      0.9575,
      0.055,
      1.01,
      0.1075,
      1.065,
      0.16,
      1.1175,
      0.215,
      1.17,
      0.2675,
      1.2225,
      0.32,
      1.2775,
      0.3725,
      1.33,
      0.4275,
      1.3825,
      0.48,
      1.435,
      0.5325,
      1.49,
      0.585,
      1.5425,
      0.64,
      1.595,
      0.6925,
      1.6475,
      0.745,
      1.7025,
      0.7975,
      1.755,
      0.8525
    ],
    "SoftwareVersions": "syngo_MR_B17",
    "SpacingBetweenSlices": 3.8,
    "StationName": "MRC35002",
    "TaskName": "RecogConf",
    "TotalReadoutTime": 0.0135451,
    "TxRefAmp": 336.571,
    "dataset": "ds004086",
    "modality": "bold",
    "run_id": 1,
    "subject_id": "047",
    "task_id": "RecogConf"
  },
  "dummy_trs": 1,
  "dvars_nstd": 22.093493082032527,
  "dvars_std": 1.0452345724796752,
  "dvars_vstd": 0.9875074156910568,
  "efc": 0.4566955042993828,
  "fber": 2030.9259033203125,
  "fd_mean": 0.11745863082505627,
  "fd_num": 23,
  "fd_perc": 9.31174089068826,
  "fwhm_avg": 1.8438556919841058,
  "fwhm_x": 1.694936,
  "fwhm_y": 1.97816,
  "fwhm_z": 1.8584710759523175,
  "gcor": 0.0104935,
  "gsr_x": -0.013150831684470177,
  "gsr_y": 0.015188535675406456,
  "provenance": {
    "md5sum": "a67549d760b46e727e04679ad443fe67",
    "settings": {
      "fd_thres": 0.2,
      "testing": false
    },
    "software": "mriqc",
    "version": "23.0.0",
    "webapi_port": null,
    "webapi_url": "https://mriqc.nimh.nih.gov/api/v1"
  },
  "size_t": 247,
  "size_x": 64,
  "size_y": 64,
  "size_z": 34,
  "snr": 6.366017975825273,
  "spacing_tr": 1.7999999523162842,
  "spacing_x": 3.75,
  "spacing_y": 3.75,
  "spacing_z": 3.799999952316284,
  "summary_bg_k": 49.056211387088815,
  "summary_bg_mad": 4.7539301587459395,
  "summary_bg_mean": 27.002077102661133,
  "summary_bg_median": 15.963562965393066,
  "summary_bg_n": 92198.0,
  "summary_bg_p05": 11.8663969039917,
  "summary_bg_p95": 79.1417007446289,
  "summary_bg_stdv": 37.62065887451172,
  "summary_fg_k": 2.1524102950201645,
  "summary_fg_mad": 98.69810741683378,
  "summary_fg_mean": 723.5923461914062,
  "summary_fg_median": 721.2186279296875,
  "summary_fg_n": 18367.0,
  "summary_fg_p05": 551.9656127929687,
  "summary_fg_p95": 909.2170227050782,
  "summary_fg_stdv": 113.28887176513672,
  "tsnr": 59.83733989298344
}