{
  "bids_meta": {
    "AcquisitionMatrixPE": 215,
    "AcquisitionNumber": 1,
    "AcquisitionTime": "10:34:29.072500",
    "BaseResolution": 256,
    "CoilString": "C:HEA;HEP",
    "ConversionSoftware": "dcm2niix",
    "ConversionSoftwareVersion": "v1.0.20190902",
    "DeviceSerialNumber": "35002",
    "DwellTime": 9.8e-06,
    "EchoTime": 0.00226,
    "FlipAngle": 9,
    "ImageOrientationPatientDICOM": [
      0,
      1,
      0,
      0,
      0,
      -1
    ],
    "ImageType": [
      "ORIGINAL",
      "PRIMARY",
      "M",
      "ND",
      "NORM"
    ],
    "ImagingFrequency": 123.263,
    "InPlanePhaseEncodingDirectionDICOM": "ROW",
    "InstitutionAddress": "University_Pkwy_1700_North_685_Provo_AEC1C0_UT_US_84601",
    "InstitutionName": "Brigham_Young_University",
    "InstitutionalDepartmentName": "MRI",
    "InversionTime": 0.9,
    "MRAcquisitionType": "3D",
    "MagneticFieldStrength": 3,
    "Manufacturer": "Siemens",
    "ManufacturersModelName": "TrioTim",
    "Modality": "MR",
    "PartialFourier": 0.875,
    "PatientPosition": "HFS",
    "PercentPhaseFOV": 87.5,
    "PhaseEncodingSteps": 227,
    "PhaseOversampling": 0.2,
    "PhaseResolution": 0.96,
    "PixelBandwidth": 199,
    "ProcedureStepDescription": "Research_KIRWAN",
    "ProtocolName": "t1_mpr_sag_iso_(mprage)",
    "PulseSequenceDetails": "%SiemensSeq%_tfl",
    "ReceiveCoilName": "HeadMatrix",
    "ReconMatrixPE": 224,
    "RepetitionTime": 1.9,
    "SAR": 0.0979306,
    "ScanOptions": "IR_PFP",
    "ScanningSequence": "GR_IR",
    "SequenceName": "_tfl3d1_ns",
    "SequenceVariant": "SP_MP_OSP",
    "SeriesDescription": "t1_mpr_sag_iso_(mprage)",
    "SeriesNumber": 2,
    "ShimSetting": [
      -2768,
      -22810,
      1838,
      -69,
      10,
      173,
      -426,
      363
    ],
    "SliceThickness": 1,
    "SoftwareVersions": "syngo_MR_B17",
    "StationName": "MRC35002",
    "TxRefAmp": 333.733,
    "dataset": "ds004086",
    "modality": "T1w",
    "subject_id": "021"
  },
  "cjv": 0.3501180627178267,
  "cnr": 3.9080649650638932,
  "efc": 0.542815723203211,
  "fber": 16167.022382044763,
  "fwhm_avg": 4.558589226666666,
  "fwhm_x": 4.46328,
  "fwhm_y": 4.81358848,
  "fwhm_z": 4.3988992,
  "icvs_csf": 0.18913734385359018,
  "icvs_gm": 0.45492517420520356,
  "icvs_wm": 0.3559374819412062,
  "inu_med": 0.44029635190963745,
  "inu_range": 0.17884437441825862,
  "provenance": {
    "md5sum": "9a8687ac8d9e8830aeadf7ed376eabcd",
    "settings": {
      "testing": false
    },
    "software": "mriqc",
    "version": "23.0.0",
    "warnings": {
      "large_rot_frame": true,
      "small_air_mask": false
    },
    "webapi_port": null,
    "webapi_url": "https://mriqc.nimh.nih.gov/api/v1"
  },
  "qi_1": 0.0,
  "qi_2": 0.00876053960607893,
  "rpve_csf": 25.08912088324759,
  "rpve_gm": 11.364294287771923,
  "rpve_wm": 16.1318694067488,
  "size_x": 176,
  "size_y": 224,
  "size_z": 256,
  "snr_csf": 3.047483364070123,
  "snr_gm": 15.837633122948152,
  "snr_total": 14.3890884905453,
  "snr_wm": 24.28214898461762,
  "snrd_csf": 21.5828302172325,
  "snrd_gm": 51.691402225374205,
  "snrd_total": 47.34886169976901,
  "snrd_wm": 68.77235265670035,
  "spacing_x": 1.0,
  "spacing_y": 0.9765625,
  "spacing_z": 0.9765625,
  "summary_bg_k": 8.382276980839146,
  "summary_bg_mad": 0.0,
  "summary_bg_mean": 5.7096185724911,
  "summary_bg_median": 0.0,
  "summary_bg_n": 3129854.0,
  "summary_bg_p05": 0.0,
  "summary_bg_p95": 24.423918418586254,
  "summary_bg_stdv": 9.526612705908086,
  "summary_csf_k": 0.8596739990666591,
  "summary_csf_mad": 87.66862942483196,
  "summary_csf_mean": 326.2276779877589,
  "summary_csf_median": 313.84497117996216,
  "summary_csf_n": 28640.0,
  "summary_csf_p05": 178.53503484167157,
  "summary_csf_p95": 518.2845947381109,
  "summary_csf_stdv": 102.98316824145441,
  "summary_gm_k": -0.018029307495303737,
  "summary_gm_mad": 47.85775422708219,
  "summary_gm_mean": 750.7399676908283,
  "summary_gm_median": 751.6663235723972,
  "summary_gm_n": 38101.0,
  "summary_gm_p05": 671.3959016352892,
  "summary_gm_p95": 826.8424779251218,
  "summary_gm_stdv": 47.46015099251179,
  "summary_wm_k": 0.42689774233474953,
  "summary_wm_mad": 39.1050086162294,
  "summary_wm_mean": 1003.0098274058688,
  "summary_wm_median": 1000.0475757941604,
  "summary_wm_n": 183695.0,
  "summary_wm_p05": 940.4874940365553,
  "summary_wm_p95": 1075.6998299211264,
  "summary_wm_stdv": 41.18436364060356,
  "tpm_overlap_csf": 0.1551711711589143,
  "tpm_overlap_gm": 0.4744412737654488,
  "tpm_overlap_wm": 0.5145797273984886,
  "wm2max": 0.4137856312668676
}