{
  "bids_meta": {
    "AcquisitionMatrixPE": 215,
    "AcquisitionNumber": 1,
    "AcquisitionTime": "15:34:53.905000",
    "BaseResolution": 256,
    "CoilString": "C:HEA;HEP",
    "ConversionSoftware": "dcm2niix",
    "ConversionSoftwareVersion": "v1.0.20190902",
    "DeviceSerialNumber": "35002",
    "DwellTime": 9.8e-06,
    "EchoTime": 0.00226,
    "FlipAngle": 9,
    "ImageOrientationPatientDICOM": [
      0,
      1,
      0,
      0,
      0,
      -1
    ],
    "ImageType": [
      "ORIGINAL",
      "PRIMARY",
      "M",
      "ND",
      "NORM"
    ],
    "ImagingFrequency": 123.263,
    "InPlanePhaseEncodingDirectionDICOM": "ROW",
    "InstitutionAddress": "University_Pkwy_1700_North_685_Provo_AEC1C0_UT_US_84601",
    "InstitutionName": "Brigham_Young_University",
    "InstitutionalDepartmentName": "MRI",
    "InversionTime": 0.9,
    "MRAcquisitionType": "3D",
    "MagneticFieldStrength": 3,
    "Manufacturer": "Siemens",
    "ManufacturersModelName": "TrioTim",
    "Modality": "MR",
    "PartialFourier": 0.875,
    "PatientPosition": "HFS",
    "PercentPhaseFOV": 87.5,
    "PhaseEncodingSteps": 227,
    "PhaseOversampling": 0.2,
    "PhaseResolution": 0.96,
    "PixelBandwidth": 199,
    "ProcedureStepDescription": "Research_KIRWAN",
    "ProtocolName": "t1_mpr_sag_iso_(mprage)",
    "PulseSequenceDetails": "%SiemensSeq%_tfl",
    "ReceiveCoilName": "HeadMatrix",
    "ReconMatrixPE": 224,
    "RepetitionTime": 1.9,
    "SAR": 0.102514,
    "ScanOptions": "IR_PFP",
    "ScanningSequence": "GR_IR",
    "SequenceName": "_tfl3d1_ns",
    "SequenceVariant": "SP_MP_OSP",
    "SeriesDescription": "t1_mpr_sag_iso_(mprage)",
    "SeriesNumber": 2,
    "ShimSetting": [
      -2768,
      -22810,
      1838,
      -69,
      10,
      173,
      -426,
      363
    ],
    "SliceThickness": 1,
    "SoftwareVersions": "syngo_MR_B17",
    "StationName": "MRC35002",
    "TxRefAmp": 330.524,
    "dataset": "ds004086",
    "modality": "T1w",
    "subject_id": "054"
  },
  "cjv": 0.3458922760507422,
  "cnr": 4.013607031374823,
  "efc": 0.5993411213942043,
  "fber": 22626.130470252316,
  "fwhm_avg": 4.560661280000001,
  "fwhm_x": 4.39542,
  "fwhm_y": 4.7755161600000005,
  "fwhm_z": 4.51104768,
  "icvs_csf": 0.17528700181465245,
  "icvs_gm": 0.46683756138780585,
  "icvs_wm": 0.3578754367975417,
  "inu_med": 0.44073179364204407,
  "inu_range": 0.18411637544631954,
  "provenance": {
    "md5sum": "1bbf3725874f6c8e784576188321b86b",
    "settings": {
      "testing": false
    },
    "software": "mriqc",
    "version": "23.0.0",
    "warnings": {
      "large_rot_frame": true,
      "small_air_mask": false
    },
    "webapi_port": null,
    "webapi_url": "https://mriqc.nimh.nih.gov/api/v1"
  },
  "qi_1": 0.0,
  "qi_2": 0.012784641593857114,
  "rpve_csf": 22.050927262191454,
  "rpve_gm": 9.300042869699565,
  "rpve_wm": 13.467174404413925,
  "size_x": 176,
  "size_y": 224,
  "size_z": 256,
  "snr_csf": 2.738333153743603,
  "snr_gm": 14.482453679918224,
  "snr_total": 14.101779590278769,
  "snr_wm": 25.084551937174478,
  "snrd_csf": 26.178485401609464,
  "snrd_gm": 58.892854341404465,
  "snrd_total": 54.95015929556794,
  "snrd_wm": 79.77913814368989,
  "spacing_x": 1.0,
  "spacing_y": 0.9765625,
  "spacing_z": 0.9765625,
  "summary_bg_k": 9.253261341055781,
  "summary_bg_mad": 0.0,
  "summary_bg_mean": 4.85476636697036,
  "summary_bg_median": 0.0,
  "summary_bg_n": 3019915.0,
  "summary_bg_p05": 0.0,
  "summary_bg_p95": 22.01533344760537,
  "summary_bg_stdv": 8.212175710744146,
  "summary_csf_k": 0.3675339677228724,
  "summary_csf_mad": 104.22601284649066,
  "summary_csf_mean": 325.04029257401675,
  "summary_csf_median": 328.14895029366016,
  "summary_csf_n": 27002.0,
  "summary_csf_p05": 102.26542247664185,
  "summary_csf_p95": 519.6421906463802,
  "summary_csf_stdv": 119.8330719571074,
  "summary_gm_k": -0.009832215406607947,
  "summary_gm_mad": 51.80176281178476,
  "summary_gm_mean": 736.7154838339407,
  "summary_gm_median": 738.225609138608,
  "summary_gm_n": 53299.0,
  "summary_gm_p05": 650.4928624145687,
  "summary_gm_p95": 816.7980786453932,
  "summary_gm_stdv": 50.973315716969736,
  "summary_wm_k": 0.3477983367888635,
  "summary_wm_mad": 38.756595792307095,
  "summary_wm_mean": 1001.7652442789899,
  "summary_wm_median": 1000.0364816971123,
  "summary_wm_n": 226856.0,
  "summary_wm_p05": 939.5764614827931,
  "summary_wm_p95": 1069.9981445809826,
  "summary_wm_stdv": 39.86653937760507,
  "tpm_overlap_csf": 0.15911526310781168,
  "tpm_overlap_gm": 0.4777958386198063,
  "tpm_overlap_wm": 0.503044813582218,
  "wm2max": 0.5284091182567473
}