{
  "aor": 0.0004815322580645161,
  "aqi": 0.00377745875,
  "bids_meta": {
    "AcquisitionMatrixPE": 64,
    "AcquisitionNumber": 1,
    "AcquisitionTime": "14:23:8.525000",
    "BandwidthPerPixelPhaseEncode": 72.674,
    "BaseResolution": 64,
    "CoilString": "T:HEA;HEP",
    "ConversionSoftware": "dcm2niix",
    "ConversionSoftwareVersion": "v1.0.20190902",
    "DerivedVendorReportedEchoSpacing": 0.000430002,
    "DeviceSerialNumber": "35002",
    "DwellTime": 2.7e-06,
    "EchoTime": 0.031,
    "EffectiveEchoSpacing": 0.000215001,
    "FlipAngle": 90,
    "ImageOrientationPatientDICOM": [
      1,
      0,
      0,
      0,
      1,
      0
    ],
    "ImageType": [
      "ORIGINAL",
      "PRIMARY",
      "M",
      "ND",
      "MOSAIC"
    ],
    "ImagingFrequency": 123.262,
    "InPlanePhaseEncodingDirectionDICOM": "COL",
    "InstitutionAddress": "University_Pkwy_1700_North_685_Provo_AEC1C0_UT_US_84601",
    "InstitutionName": "Brigham_Young_University",
    "InstitutionalDepartmentName": "MRI",
    "MRAcquisitionType": "2D",
    "MagneticFieldStrength": 3,
    "Manufacturer": "Siemens",
    "ManufacturersModelName": "TrioTim",
    "Modality": "MR",
    "ParallelReductionFactorInPlane": 2,
    "PartialFourier": 1,
    "PatientPosition": "HFS",
    "PercentPhaseFOV": 100,
    "PhaseEncodingDirection": "j-",
    "PhaseEncodingSteps": 63,
    "PhaseResolution": 1,
    "PixelBandwidth": 2894,
    "ProcedureStepDescription": "Research_KIRWAN",
    "ProtocolName": "Daselaar_run4",
    "PulseSequenceDetails": "%CustomerSeq%_ep2d_bold_PMU",
    "ReceiveCoilName": "HeadMatrix",
    "ReconMatrixPE": 64,
    "RefLinesPE": 24,
    "RepetitionTime": 1.8,
    "SAR": 0.130709,
    "ScanOptions": "FS",
    "ScanningSequence": "EP",
    "SequenceName": "epfid2d1_64",
    "SequenceVariant": "SK",
    "SeriesDescription": "Daselaar_run4",
    "SeriesNumber": 8,
    "ShimSetting": [
      -2731,
      -22826,
      2084,
      620,
      56,
      215,
      -930,
      434
    ],
    "SliceThickness": 3.8,
    "SliceTiming": [
      0.9025,
      0,
      0.955,
      0.0525,
      1.01,
      0.105,
      1.0625,
      0.16,
      1.115,
      0.2125,
      1.1675,
      0.265,
      1.2225,
      0.3175,
      1.275,
      0.3725,
      1.3275,
      0.425,
      1.38,
      0.4775,
      1.435,
      0.53,
      1.4875,
      0.585,
      1.54,
      0.6375,
      1.595,
      0.69,
      1.6475,
      0.7425,
      1.7,
      0.7975,
      1.7525,
      0.85
    ],
    "SoftwareVersions": "syngo_MR_B17",
    "SpacingBetweenSlices": 3.8,
    "StationName": "MRC35002",
    "TaskName": "RecogConf",
    "TotalReadoutTime": 0.0135451,
    "TxRefAmp": 331.929,
    "dataset": "ds004086",
    "modality": "bold",
    "run_id": 4,
    "subject_id": "043",
    "task_id": "RecogConf"
  },
  "dummy_trs": 0,
  "dvars_nstd": 20.19926697445344,
  "dvars_std": 1.0709173595951416,
  "dvars_vstd": 1.0011850197165988,
  "efc": 0.4299692163757127,
  "fber": 2525.765625,
  "fd_mean": 0.13569532780948743,
  "fd_num": 27,
  "fd_perc": 10.887096774193548,
  "fwhm_avg": 2.0145561136884367,
  "fwhm_x": 1.8512613333333334,
  "fwhm_y": 2.1781306666666667,
  "fwhm_z": 2.014276341065311,
  "gcor": 0.0194407,
  "gsr_x": -0.01604871079325676,
  "gsr_y": 0.012731419876217842,
  "provenance": {
    "md5sum": "d2bfee55af9bba661cd5e526330787d0",
    "settings": {
      "fd_thres": 0.2,
      "testing": false
    },
    "software": "mriqc",
    "version": "23.0.0",
    "webapi_port": null,
    "webapi_url": "https://mriqc.nimh.nih.gov/api/v1"
  },
  "size_t": 248,
  "size_x": 64,
  "size_y": 64,
  "size_z": 34,
  "snr": 6.2641076861894245,
  "spacing_tr": 1.7999999523162842,
  "spacing_x": 3.75,
  "spacing_y": 3.75,
  "spacing_z": 3.799999952316284,
  "summary_bg_k": 56.859098639143305,
  "summary_bg_mad": 4.680956351316347,
  "summary_bg_mean": 27.433324813842773,
  "summary_bg_median": 16.294353485107422,
  "summary_bg_n": 95760.0,
  "summary_bg_p05": 12.395160675048828,
  "summary_bg_p95": 79.22177124023438,
  "summary_bg_stdv": 38.93812561035156,
  "summary_fg_k": 1.6611901749158084,
  "summary_fg_mad": 107.47074365175965,
  "summary_fg_mean": 812.2576293945312,
  "summary_fg_median": 822.4556274414062,
  "summary_fg_n": 15780.0,
  "summary_fg_p05": 570.4090393066406,
  "summary_fg_p95": 1005.7852508544921,
  "summary_fg_stdv": 131.29237365722656,
  "tsnr": 75.58469559065998
}