{
  "aor": 0.004641935483870967,
  "aqi": 0.019571942580645162,
  "bids_meta": {
    "AcquisitionMatrixPE": 64,
    "AcquisitionNumber": 1,
    "AcquisitionTime": "13:57:6.020000",
    "BandwidthPerPixelPhaseEncode": 72.674,
    "BaseResolution": 64,
    "CoilString": "T:HEA;HEP",
    "ConversionSoftware": "dcm2niix",
    "ConversionSoftwareVersion": "v1.0.20190902",
    "DerivedVendorReportedEchoSpacing": 0.000430002,
    "DeviceSerialNumber": "35002",
    "DwellTime": 2.7e-06,
    "EchoTime": 0.031,
    "EffectiveEchoSpacing": 0.000215001,
    "FlipAngle": 90,
    "ImageOrientationPatientDICOM": [
      1,
      0,
      0,
      0,
      1,
      0
    ],
    "ImageType": [
      "ORIGINAL",
      "PRIMARY",
      "M",
      "ND",
      "MOSAIC"
    ],
    "ImagingFrequency": 123.263,
    "InPlanePhaseEncodingDirectionDICOM": "COL",
    "InstitutionAddress": "University_Pkwy_1700_North_685_Provo_AEC1C0_UT_US_84601",
    "InstitutionName": "Brigham_Young_University",
    "InstitutionalDepartmentName": "MRI",
    "MRAcquisitionType": "2D",
    "MagneticFieldStrength": 3,
    "Manufacturer": "Siemens",
    "ManufacturersModelName": "TrioTim",
    "Modality": "MR",
    "ParallelReductionFactorInPlane": 2,
    "PartialFourier": 1,
    "PatientPosition": "HFS",
    "PercentPhaseFOV": 100,
    "PhaseEncodingDirection": "j-",
    "PhaseEncodingSteps": 63,
    "PhaseResolution": 1,
    "PixelBandwidth": 2894,
    "ProcedureStepDescription": "Research_KIRWAN",
    "ProtocolName": "Daselaar_run2",
    "PulseSequenceDetails": "%CustomerSeq%_ep2d_bold_PMU",
    "ReceiveCoilName": "HeadMatrix",
    "ReconMatrixPE": 64,
    "RefLinesPE": 24,
    "RepetitionTime": 1.8,
    "SAR": 0.143125,
    "ScanOptions": "FS",
    "ScanningSequence": "EP",
    "SequenceName": "epfid2d1_64",
    "SequenceVariant": "SK",
    "SeriesDescription": "Daselaar_run2",
    "SeriesNumber": 6,
    "ShimSetting": [
      -2759,
      -22829,
      2365,
      838,
      221,
      77,
      -400,
      396
    ],
    "SliceThickness": 3.8,
    "SliceTiming": [
      0.9025,
      0,
      0.955,
      0.0525,
      1.01,
      0.105,
      1.0625,
      0.1575,
      1.115,
      0.2125,
      1.1675,
      0.265,
      1.2225,
      0.3175,
      1.275,
      0.37,
      1.3275,
      0.425,
      1.38,
      0.4775,
      1.435,
      0.53,
      1.4875,
      0.5825,
      1.54,
      0.6375,
      1.5925,
      0.69,
      1.6475,
      0.7425,
      1.7,
      0.7975,
      1.7525,
      0.85
    ],
    "SoftwareVersions": "syngo_MR_B17",
    "SpacingBetweenSlices": 3.8,
    "StationName": "MRC35002",
    "TaskName": "RecogConf",
    "TotalReadoutTime": 0.0135451,
    "TxRefAmp": 333.293,
    "dataset": "ds004086",
    "modality": "bold",
    "run_id": 2,
    "subject_id": "049",
    "task_id": "RecogConf"
  },
  "dummy_trs": 0,
  "dvars_nstd": 19.352696260526322,
  "dvars_std": 0.9506828791902828,
  "dvars_vstd": 0.949534419230769,
  "efc": 0.4372177315005558,
  "fber": 2479.87548828125,
  "fd_mean": 0.18171018329017777,
  "fd_num": 65,
  "fd_perc": 26.20967741935484,
  "fwhm_avg": 2.004230628193855,
  "fwhm_x": 1.8979146666666666,
  "fwhm_y": 2.127866666666667,
  "fwhm_z": 1.986910551248231,
  "gcor": 0.0187577,
  "gsr_x": -0.014473922550678253,
  "gsr_y": 0.009940223768353462,
  "provenance": {
    "md5sum": "fa376159d112a2ee5907f680d151483b",
    "settings": {
      "fd_thres": 0.2,
      "testing": false
    },
    "software": "mriqc",
    "version": "23.0.0",
    "webapi_port": null,
    "webapi_url": "https://mriqc.nimh.nih.gov/api/v1"
  },
  "size_t": 248,
  "size_x": 64,
  "size_y": 64,
  "size_z": 34,
  "snr": 6.710425053319199,
  "spacing_tr": 1.7999999523162842,
  "spacing_x": 3.75,
  "spacing_y": 3.75,
  "spacing_z": 3.799999952316284,
  "summary_bg_k": 54.53853207989314,
  "summary_bg_mad": 4.818457210143206,
  "summary_bg_mean": 25.81443977355957,
  "summary_bg_median": 15.911290168762207,
  "summary_bg_n": 94605.0,
  "summary_bg_p05": 11.842741966247559,
  "summary_bg_p95": 68.16773681640628,
  "summary_bg_stdv": 35.01957321166992,
  "summary_fg_k": 0.9770766949979746,
  "summary_fg_mad": 104.17669543654719,
  "summary_fg_mean": 791.4071044921875,
  "summary_fg_median": 788.3951416015625,
  "summary_fg_n": 17139.0,
  "summary_fg_p05": 594.3745849609375,
  "summary_fg_p95": 986.5487426757812,
  "summary_fg_stdv": 117.48468017578125,
  "tsnr": 39.648321023676544
}