{
  "aor": 0.00039834677419354835,
  "aqi": 0.006196969395161291,
  "bids_meta": {
    "AcquisitionMatrixPE": 64,
    "AcquisitionNumber": 1,
    "AcquisitionTime": "14:12:43.027500",
    "BandwidthPerPixelPhaseEncode": 72.674,
    "BaseResolution": 64,
    "CoilString": "T:HEA;HEP",
    "ConversionSoftware": "dcm2niix",
    "ConversionSoftwareVersion": "v1.0.20190902",
    "DerivedVendorReportedEchoSpacing": 0.000430002,
    "DeviceSerialNumber": "35002",
    "DwellTime": 2.7e-06,
    "EchoTime": 0.031,
    "EffectiveEchoSpacing": 0.000215001,
    "FlipAngle": 90,
    "ImageOrientationPatientDICOM": [
      1,
      0,
      0,
      0,
      1,
      0
    ],
    "ImageType": [
      "ORIGINAL",
      "PRIMARY",
      "M",
      "ND",
      "MOSAIC"
    ],
    "ImagingFrequency": 123.263,
    "InPlanePhaseEncodingDirectionDICOM": "COL",
    "InstitutionAddress": "University_Pkwy_1700_North_685_Provo_AEC1C0_UT_US_84601",
    "InstitutionName": "Brigham_Young_University",
    "InstitutionalDepartmentName": "MRI",
    "MRAcquisitionType": "2D",
    "MagneticFieldStrength": 3,
    "Manufacturer": "Siemens",
    "ManufacturersModelName": "TrioTim",
    "Modality": "MR",
    "ParallelReductionFactorInPlane": 2,
    "PartialFourier": 1,
    "PatientPosition": "HFS",
    "PercentPhaseFOV": 100,
    "PhaseEncodingDirection": "j-",
    "PhaseEncodingSteps": 63,
    "PhaseResolution": 1,
    "PixelBandwidth": 2894,
    "ProcedureStepDescription": "Research_KIRWAN",
    "ProtocolName": "Daselaar_run4",
    "PulseSequenceDetails": "%CustomerSeq%_ep2d_bold_PMU",
    "ReceiveCoilName": "HeadMatrix",
    "ReconMatrixPE": 64,
    "RefLinesPE": 24,
    "RepetitionTime": 1.8,
    "SAR": 0.143125,
    "ScanOptions": "FS",
    "ScanningSequence": "EP",
    "SequenceName": "epfid2d1_64",
    "SequenceVariant": "SK",
    "SeriesDescription": "Daselaar_run4",
    "SeriesNumber": 8,
    "ShimSetting": [
      -2759,
      -22829,
      2365,
      838,
      221,
      77,
      -400,
      396
    ],
    "SliceThickness": 3.8,
    "SliceTiming": [
      0.905,
      0,
      0.9575,
      0.0525,
      1.01,
      0.1075,
      1.0625,
      0.16,
      1.1175,
      0.2125,
      1.17,
      0.265,
      1.2225,
      0.32,
      1.275,
      0.3725,
      1.33,
      0.425,
      1.3825,
      0.4775,
      1.435,
      0.5325,
      1.4875,
      0.585,
      1.5425,
      0.6375,
      1.595,
      0.6925,
      1.6475,
      0.745,
      1.7,
      0.7975,
      1.755,
      0.85
    ],
    "SoftwareVersions": "syngo_MR_B17",
    "SpacingBetweenSlices": 3.8,
    "StationName": "MRC35002",
    "TaskName": "RecogConf",
    "TotalReadoutTime": 0.0135451,
    "TxRefAmp": 333.293,
    "dataset": "ds004086",
    "modality": "bold",
    "run_id": 4,
    "subject_id": "049",
    "task_id": "RecogConf"
  },
  "dummy_trs": 0,
  "dvars_nstd": 18.5929644657085,
  "dvars_std": 1.023158951376519,
  "dvars_vstd": 0.9731690089473687,
  "efc": 0.43440696723522,
  "fber": 2664.218017578125,
  "fd_mean": 0.12619676071679597,
  "fd_num": 30,
  "fd_perc": 12.096774193548388,
  "fwhm_avg": 1.9396827683609759,
  "fwhm_x": 1.8391973333333334,
  "fwhm_y": 2.0368720000000002,
  "fwhm_z": 1.942978971749594,
  "gcor": 0.0202828,
  "gsr_x": -0.01409677043557167,
  "gsr_y": 0.007366520818322897,
  "provenance": {
    "md5sum": "78023305be3c6a17bcf9c1378bd1a979",
    "settings": {
      "fd_thres": 0.2,
      "testing": false
    },
    "software": "mriqc",
    "version": "23.0.0",
    "webapi_port": null,
    "webapi_url": "https://mriqc.nimh.nih.gov/api/v1"
  },
  "size_t": 248,
  "size_x": 64,
  "size_y": 64,
  "size_z": 34,
  "snr": 6.842314427669312,
  "spacing_tr": 1.7999999523162842,
  "spacing_x": 3.75,
  "spacing_y": 3.75,
  "spacing_z": 3.799999952316284,
  "summary_bg_k": 57.01618193077352,
  "summary_bg_mad": 4.047264425416785,
  "summary_bg_mean": 24.580535888671875,
  "summary_bg_median": 15.209676742553711,
  "summary_bg_n": 94433.0,
  "summary_bg_p05": 11.693548202514648,
  "summary_bg_p95": 66.08225708007811,
  "summary_bg_stdv": 33.892860412597656,
  "summary_fg_k": 1.203259850826412,
  "summary_fg_mad": 100.39254873406506,
  "summary_fg_mean": 790.669677734375,
  "summary_fg_median": 788.39111328125,
  "summary_fg_n": 17195.0,
  "summary_fg_p05": 601.121337890625,
  "summary_fg_p95": 982.2326354980469,
  "summary_fg_stdv": 115.21952056884766,
  "tsnr": 68.54828775441274
}