{
  "aor": 0.000630766129032258,
  "aqi": 0.004072100604838709,
  "bids_meta": {
    "AcquisitionMatrixPE": 64,
    "AcquisitionNumber": 1,
    "AcquisitionTime": "13:49:16.605000",
    "BandwidthPerPixelPhaseEncode": 72.674,
    "BaseResolution": 64,
    "CoilString": "T:HEA;HEP",
    "ConversionSoftware": "dcm2niix",
    "ConversionSoftwareVersion": "v1.0.20190902",
    "DerivedVendorReportedEchoSpacing": 0.000430002,
    "DeviceSerialNumber": "35002",
    "DwellTime": 2.7e-06,
    "EchoTime": 0.031,
    "EffectiveEchoSpacing": 0.000215001,
    "FlipAngle": 90,
    "ImageOrientationPatientDICOM": [
      1,
      0,
      0,
      0,
      1,
      0
    ],
    "ImageType": [
      "ORIGINAL",
      "PRIMARY",
      "M",
      "ND",
      "MOSAIC"
    ],
    "ImagingFrequency": 123.263,
    "InPlanePhaseEncodingDirectionDICOM": "COL",
    "InstitutionAddress": "University_Pkwy_1700_North_685_Provo_AEC1C0_UT_US_84601",
    "InstitutionName": "Brigham_Young_University",
    "InstitutionalDepartmentName": "MRI",
    "MRAcquisitionType": "2D",
    "MagneticFieldStrength": 3,
    "Manufacturer": "Siemens",
    "ManufacturersModelName": "TrioTim",
    "Modality": "MR",
    "ParallelReductionFactorInPlane": 2,
    "PartialFourier": 1,
    "PatientPosition": "HFS",
    "PercentPhaseFOV": 100,
    "PhaseEncodingDirection": "j-",
    "PhaseEncodingSteps": 63,
    "PhaseResolution": 1,
    "PixelBandwidth": 2894,
    "ProcedureStepDescription": "Research_KIRWAN",
    "ProtocolName": "Daselaar_run1",
    "PulseSequenceDetails": "%CustomerSeq%_ep2d_bold_PMU",
    "ReceiveCoilName": "HeadMatrix",
    "ReconMatrixPE": 64,
    "RefLinesPE": 24,
    "RepetitionTime": 1.8,
    "SAR": 0.143125,
    "ScanOptions": "FS",
    "ScanningSequence": "EP",
    "SequenceName": "epfid2d1_64",
    "SequenceVariant": "SK",
    "SeriesDescription": "Daselaar_run1",
    "SeriesNumber": 5,
    "ShimSetting": [
      -2759,
      -22829,
      2365,
      838,
      221,
      77,
      -400,
      396
    ],
    "SliceThickness": 3.8,
    "SliceTiming": [
      0.905,
      0,
      0.9575,
      0.055,
      1.01,
      0.1075,
      1.065,
      0.16,
      1.1175,
      0.2125,
      1.17,
      0.2675,
      1.2225,
      0.32,
      1.2775,
      0.3725,
      1.33,
      0.425,
      1.3825,
      0.48,
      1.435,
      0.5325,
      1.49,
      0.585,
      1.5425,
      0.6375,
      1.595,
      0.6925,
      1.6475,
      0.745,
      1.7025,
      0.7975,
      1.755,
      0.8525
    ],
    "SoftwareVersions": "syngo_MR_B17",
    "SpacingBetweenSlices": 3.8,
    "StationName": "MRC35002",
    "TaskName": "RecogConf",
    "TotalReadoutTime": 0.0135451,
    "TxRefAmp": 333.293,
    "dataset": "ds004086",
    "modality": "bold",
    "run_id": 1,
    "subject_id": "049",
    "task_id": "RecogConf"
  },
  "dummy_trs": 0,
  "dvars_nstd": 18.522749179149805,
  "dvars_std": 1.056220786072874,
  "dvars_vstd": 1.0030433695546561,
  "efc": 0.436060439208078,
  "fber": 2518.333984375,
  "fd_mean": 0.10033431429551051,
  "fd_num": 21,
  "fd_perc": 8.46774193548387,
  "fwhm_avg": 2.011421049301512,
  "fwhm_x": 1.9008986666666667,
  "fwhm_y": 2.1332986666666667,
  "fwhm_z": 2.0000658145712027,
  "gcor": 0.0205696,
  "gsr_x": -0.013798963278532028,
  "gsr_y": 0.006005648989230394,
  "provenance": {
    "md5sum": "9ebd6b82f1dfaa58b8f8a5e670ce937a",
    "settings": {
      "fd_thres": 0.2,
      "testing": false
    },
    "software": "mriqc",
    "version": "23.0.0",
    "webapi_port": null,
    "webapi_url": "https://mriqc.nimh.nih.gov/api/v1"
  },
  "size_t": 248,
  "size_x": 64,
  "size_y": 64,
  "size_z": 34,
  "snr": 6.508313196551613,
  "spacing_tr": 1.7999999523162842,
  "spacing_x": 3.75,
  "spacing_y": 3.75,
  "spacing_z": 3.799999952316284,
  "summary_bg_k": 55.32666659612539,
  "summary_bg_mad": 4.322263315231189,
  "summary_bg_mean": 25.64324378967285,
  "summary_bg_median": 15.741934776306152,
  "summary_bg_n": 94702.0,
  "summary_bg_p05": 12.048386573791504,
  "summary_bg_p95": 68.47096481323237,
  "summary_bg_stdv": 36.132850646972656,
  "summary_fg_k": 0.8709155586341595,
  "summary_fg_mad": 107.96093262988738,
  "summary_fg_mean": 795.0662231445312,
  "summary_fg_median": 792.67333984375,
  "summary_fg_n": 17129.0,
  "summary_fg_p05": 589.5112670898437,
  "summary_fg_p95": 995.9548095703122,
  "summary_fg_stdv": 121.79042053222656,
  "tsnr": 75.35470983199775
}