{
  "aor": 0.00032732793522267207,
  "aqi": 0.004561051336032389,
  "bids_meta": {
    "AcquisitionMatrixPE": 64,
    "AcquisitionNumber": 1,
    "AcquisitionTime": "16:12:45.915000",
    "BandwidthPerPixelPhaseEncode": 72.674,
    "BaseResolution": 64,
    "CoilString": "T:HEA;HEP",
    "ConversionSoftware": "dcm2niix",
    "ConversionSoftwareVersion": "v1.0.20190902",
    "DerivedVendorReportedEchoSpacing": 0.000430002,
    "DeviceSerialNumber": "35002",
    "DwellTime": 2.7e-06,
    "EchoTime": 0.031,
    "EffectiveEchoSpacing": 0.000215001,
    "FlipAngle": 90,
    "ImageOrientationPatientDICOM": [
      1,
      0,
      0,
      0,
      1,
      0
    ],
    "ImageType": [
      "ORIGINAL",
      "PRIMARY",
      "M",
      "ND",
      "MOSAIC"
    ],
    "ImagingFrequency": 123.263,
    "InPlanePhaseEncodingDirectionDICOM": "COL",
    "InstitutionAddress": "University_Pkwy_1700_North_685_Provo_AEC1C0_UT_US_84601",
    "InstitutionName": "Brigham_Young_University",
    "InstitutionalDepartmentName": "MRI",
    "MRAcquisitionType": "2D",
    "MagneticFieldStrength": 3,
    "Manufacturer": "Siemens",
    "ManufacturersModelName": "TrioTim",
    "Modality": "MR",
    "ParallelReductionFactorInPlane": 2,
    "PartialFourier": 1,
    "PatientPosition": "HFS",
    "PercentPhaseFOV": 100,
    "PhaseEncodingDirection": "j-",
    "PhaseEncodingSteps": 63,
    "PhaseResolution": 1,
    "PixelBandwidth": 2894,
    "ProcedureStepDescription": "Research_KIRWAN",
    "ProtocolName": "Daselaar_run1",
    "PulseSequenceDetails": "%CustomerSeq%_ep2d_bold_PMU",
    "ReceiveCoilName": "HeadMatrix",
    "ReconMatrixPE": 64,
    "RefLinesPE": 24,
    "RepetitionTime": 1.8,
    "SAR": 0.142282,
    "ScanOptions": "FS",
    "ScanningSequence": "EP",
    "SequenceName": "epfid2d1_64",
    "SequenceVariant": "SK",
    "SeriesDescription": "Daselaar_run1",
    "SeriesNumber": 5,
    "ShimSetting": [
      -2768,
      -22775,
      2197,
      397,
      56,
      395,
      -427,
      294
    ],
    "SliceThickness": 3.8,
    "SliceTiming": [
      0.9025,
      0,
      0.955,
      0.0525,
      1.0075,
      0.105,
      1.0625,
      0.1575,
      1.115,
      0.2125,
      1.1675,
      0.265,
      1.22,
      0.3175,
      1.275,
      0.37,
      1.3275,
      0.425,
      1.38,
      0.4775,
      1.435,
      0.53,
      1.4875,
      0.5825,
      1.54,
      0.6375,
      1.5925,
      0.69,
      1.6475,
      0.7425,
      1.7,
      0.795,
      1.7525,
      0.85
    ],
    "SoftwareVersions": "syngo_MR_B17",
    "SpacingBetweenSlices": 3.8,
    "StationName": "MRC35002",
    "TaskName": "RecogConf",
    "TotalReadoutTime": 0.0135451,
    "TxRefAmp": 332.368,
    "dataset": "ds004086",
    "modality": "bold",
    "run_id": 1,
    "subject_id": "030",
    "task_id": "RecogConf"
  },
  "dummy_trs": 1,
  "dvars_nstd": 23.252996483617892,
  "dvars_std": 1.1740757691463417,
  "dvars_vstd": 1.0027778198780493,
  "efc": 0.4240110280262814,
  "fber": 2220.400390625,
  "fd_mean": 0.04113918536003794,
  "fd_num": 0,
  "fd_perc": 0.0,
  "fwhm_avg": 1.9140208615690473,
  "fwhm_x": 1.8240293333333333,
  "fwhm_y": 2.060925333333333,
  "fwhm_z": 1.8571079180404753,
  "gcor": 0.0279357,
  "gsr_x": -0.012677443213760853,
  "gsr_y": 0.015228236094117165,
  "provenance": {
    "md5sum": "12940e4eea49abae0c30232f723ce02a",
    "settings": {
      "fd_thres": 0.2,
      "testing": false
    },
    "software": "mriqc",
    "version": "23.0.0",
    "webapi_port": null,
    "webapi_url": "https://mriqc.nimh.nih.gov/api/v1"
  },
  "size_t": 247,
  "size_x": 64,
  "size_y": 64,
  "size_z": 34,
  "snr": 6.479533008738449,
  "spacing_tr": 1.7999999523162842,
  "spacing_x": 3.75,
  "spacing_y": 3.75,
  "spacing_z": 3.799999952316284,
  "summary_bg_k": 124.79271603600378,
  "summary_bg_mad": 5.306154861834894,
  "summary_bg_mean": 27.954740524291992,
  "summary_bg_median": 17.32388687133789,
  "summary_bg_n": 97052.0,
  "summary_bg_p05": 12.635627746582031,
  "summary_bg_p95": 71.10850448608393,
  "summary_bg_stdv": 41.48154830932617,
  "summary_fg_k": 1.9247797286762562,
  "summary_fg_mad": 110.53494508749186,
  "summary_fg_mean": 816.3148803710938,
  "summary_fg_median": 820.1417236328125,
  "summary_fg_n": 15031.0,
  "summary_fg_p05": 607.8603515625,
  "summary_fg_p95": 1011.3684387207031,
  "summary_fg_stdv": 126.56999206542969,
  "tsnr": 70.23993202671409
}