{
  "aor": 0.0012121370967741938,
  "aqi": 0.006070101693548387,
  "bids_meta": {
    "AcquisitionMatrixPE": 64,
    "AcquisitionNumber": 1,
    "AcquisitionTime": "14:06:50.620000",
    "BandwidthPerPixelPhaseEncode": 72.674,
    "BaseResolution": 64,
    "CoilString": "T:HEA;HEP",
    "ConversionSoftware": "dcm2niix",
    "ConversionSoftwareVersion": "v1.0.20190902",
    "DerivedVendorReportedEchoSpacing": 0.000430002,
    "DeviceSerialNumber": "35002",
    "DwellTime": 2.7e-06,
    "EchoTime": 0.031,
    "EffectiveEchoSpacing": 0.000215001,
    "FlipAngle": 90,
    "ImageOrientationPatientDICOM": [
      1,
      0,
      0,
      0,
      1,
      0
    ],
    "ImageType": [
      "ORIGINAL",
      "PRIMARY",
      "M",
      "ND",
      "MOSAIC"
    ],
    "ImagingFrequency": 123.262,
    "InPlanePhaseEncodingDirectionDICOM": "COL",
    "InstitutionAddress": "University_Pkwy_1700_North_685_Provo_AEC1C0_UT_US_84601",
    "InstitutionName": "Brigham_Young_University",
    "InstitutionalDepartmentName": "MRI",
    "MRAcquisitionType": "2D",
    "MagneticFieldStrength": 3,
    "Manufacturer": "Siemens",
    "ManufacturersModelName": "TrioTim",
    "Modality": "MR",
    "ParallelReductionFactorInPlane": 2,
    "PartialFourier": 1,
    "PatientPosition": "HFS",
    "PercentPhaseFOV": 100,
    "PhaseEncodingDirection": "j-",
    "PhaseEncodingSteps": 63,
    "PhaseResolution": 1,
    "PixelBandwidth": 2894,
    "ProcedureStepDescription": "Research_KIRWAN",
    "ProtocolName": "Daselaar_run2",
    "PulseSequenceDetails": "%CustomerSeq%_ep2d_bold_PMU",
    "ReceiveCoilName": "HeadMatrix",
    "ReconMatrixPE": 64,
    "RefLinesPE": 24,
    "RepetitionTime": 1.8,
    "SAR": 0.130709,
    "ScanOptions": "FS",
    "ScanningSequence": "EP",
    "SequenceName": "epfid2d1_64",
    "SequenceVariant": "SK",
    "SeriesDescription": "Daselaar_run2",
    "SeriesNumber": 6,
    "ShimSetting": [
      -2731,
      -22826,
      2084,
      620,
      56,
      215,
      -930,
      434
    ],
    "SliceThickness": 3.8,
    "SliceTiming": [
      0.9025,
      0,
      0.955,
      0.0525,
      1.0075,
      0.105,
      1.0625,
      0.1575,
      1.115,
      0.2125,
      1.1675,
      0.265,
      1.22,
      0.3175,
      1.275,
      0.37,
      1.3275,
      0.425,
      1.38,
      0.4775,
      1.4325,
      0.53,
      1.4875,
      0.5825,
      1.54,
      0.6375,
      1.5925,
      0.69,
      1.645,
      0.7425,
      1.7,
      0.795,
      1.7525,
      0.85
    ],
    "SoftwareVersions": "syngo_MR_B17",
    "SpacingBetweenSlices": 3.8,
    "StationName": "MRC35002",
    "TaskName": "RecogConf",
    "TotalReadoutTime": 0.0135451,
    "TxRefAmp": 331.929,
    "dataset": "ds004086",
    "modality": "bold",
    "run_id": 2,
    "subject_id": "043",
    "task_id": "RecogConf"
  },
  "dummy_trs": 0,
  "dvars_nstd": 20.719765242186238,
  "dvars_std": 1.0388135088663968,
  "dvars_vstd": 0.984163654736843,
  "efc": 0.42994665271107557,
  "fber": 2566.038330078125,
  "fd_mean": 0.17026525928997693,
  "fd_num": 82,
  "fd_perc": 33.064516129032256,
  "fwhm_avg": 2.012442452810218,
  "fwhm_x": 1.8464746666666667,
  "fwhm_y": 2.190802666666667,
  "fwhm_z": 2.00005002509732,
  "gcor": 0.0112424,
  "gsr_x": -0.016429809853434563,
  "gsr_y": 0.014081626199185848,
  "provenance": {
    "md5sum": "644280dd2e69977ae975d90942a6bbba",
    "settings": {
      "fd_thres": 0.2,
      "testing": false
    },
    "software": "mriqc",
    "version": "23.0.0",
    "webapi_port": null,
    "webapi_url": "https://mriqc.nimh.nih.gov/api/v1"
  },
  "size_t": 248,
  "size_x": 64,
  "size_y": 64,
  "size_z": 34,
  "snr": 6.273543406210605,
  "spacing_tr": 1.7999999523162842,
  "spacing_x": 3.75,
  "spacing_y": 3.75,
  "spacing_z": 3.799999952316284,
  "summary_bg_k": 51.488832751454225,
  "summary_bg_mad": 4.75269722080483,
  "summary_bg_mean": 27.377731323242188,
  "summary_bg_median": 16.177419662475586,
  "summary_bg_n": 95768.0,
  "summary_bg_p05": 12.125,
  "summary_bg_p95": 78.99979591369622,
  "summary_bg_stdv": 37.13387680053711,
  "summary_fg_k": 1.531609449483084,
  "summary_fg_mad": 108.31665219293338,
  "summary_fg_mean": 812.1249389648438,
  "summary_fg_median": 822.4112548828125,
  "summary_fg_n": 15834.0,
  "summary_fg_p05": 572.7001678466797,
  "summary_fg_p95": 1007.3096405029296,
  "summary_fg_stdv": 131.0878448486328,
  "tsnr": 64.45334638562053
}