{
  "aor": 0.001598906882591093,
  "aqi": 0.005281181295546559,
  "bids_meta": {
    "AcquisitionMatrixPE": 64,
    "AcquisitionNumber": 1,
    "AcquisitionTime": "12:16:15.277500",
    "BandwidthPerPixelPhaseEncode": 72.674,
    "BaseResolution": 64,
    "CoilString": "T:HEA;HEP",
    "ConversionSoftware": "dcm2niix",
    "ConversionSoftwareVersion": "v1.0.20190902",
    "DerivedVendorReportedEchoSpacing": 0.000430002,
    "DeviceSerialNumber": "35002",
    "DwellTime": 2.7e-06,
    "EchoTime": 0.031,
    "EffectiveEchoSpacing": 0.000215001,
    "FlipAngle": 90,
    "ImageOrientationPatientDICOM": [
      1,
      0,
      0,
      0,
      1,
      0
    ],
    "ImageType": [
      "ORIGINAL",
      "PRIMARY",
      "M",
      "ND",
      "MOSAIC"
    ],
    "ImagingFrequency": 123.263,
    "InPlanePhaseEncodingDirectionDICOM": "COL",
    "InstitutionAddress": "University_Pkwy_1700_North_685_Provo_AEC1C0_UT_US_84601",
    "InstitutionName": "Brigham_Young_University",
    "InstitutionalDepartmentName": "MRI",
    "MRAcquisitionType": "2D",
    "MagneticFieldStrength": 3,
    "Manufacturer": "Siemens",
    "ManufacturersModelName": "TrioTim",
    "Modality": "MR",
    "ParallelReductionFactorInPlane": 2,
    "PartialFourier": 1,
    "PatientPosition": "HFS",
    "PercentPhaseFOV": 100,
    "PhaseEncodingDirection": "j-",
    "PhaseEncodingSteps": 63,
    "PhaseResolution": 1,
    "PixelBandwidth": 2894,
    "ProcedureStepDescription": "Research_KIRWAN",
    "ProtocolName": "Daselaar_run3",
    "PulseSequenceDetails": "%CustomerSeq%_ep2d_bold_PMU",
    "ReceiveCoilName": "HeadMatrix",
    "ReconMatrixPE": 64,
    "RefLinesPE": 24,
    "RepetitionTime": 1.8,
    "SAR": 0.15047,
    "ScanOptions": "FS",
    "ScanningSequence": "EP",
    "SequenceName": "epfid2d1_64",
    "SequenceVariant": "SK",
    "SeriesDescription": "Daselaar_run3",
    "SeriesNumber": 7,
    "ShimSetting": [
      -2759,
      -22769,
      2174,
      551,
      130,
      571,
      -524,
      386
    ],
    "SliceThickness": 3.8,
    "SliceTiming": [
      0.9025,
      0,
      0.9575,
      0.0525,
      1.01,
      0.105,
      1.0625,
      0.16,
      1.115,
      0.2125,
      1.17,
      0.265,
      1.2225,
      0.32,
      1.275,
      0.3725,
      1.3275,
      0.425,
      1.3825,
      0.4775,
      1.435,
      0.5325,
      1.4875,
      0.585,
      1.54,
      0.6375,
      1.595,
      0.69,
      1.6475,
      0.745,
      1.7,
      0.7975,
      1.7525,
      0.85
    ],
    "SoftwareVersions": "syngo_MR_B17",
    "SpacingBetweenSlices": 3.8,
    "StationName": "MRC35002",
    "TaskName": "RecogConf",
    "TotalReadoutTime": 0.0135451,
    "TxRefAmp": 327.455,
    "dataset": "ds004086",
    "modality": "bold",
    "run_id": 3,
    "subject_id": "028",
    "task_id": "RecogConf"
  },
  "dummy_trs": 1,
  "dvars_nstd": 24.97826872386179,
  "dvars_std": 1.1475365602439027,
  "dvars_vstd": 1.0194186871544713,
  "efc": 0.42870578924455627,
  "fber": 2124.24365234375,
  "fd_mean": 0.1503368403514313,
  "fd_num": 37,
  "fd_perc": 14.979757085020243,
  "fwhm_avg": 1.922819317799526,
  "fwhm_x": 1.8295546666666667,
  "fwhm_y": 2.060248,
  "fwhm_z": 1.8786552867319117,
  "gcor": 0.0139924,
  "gsr_x": -0.01253654807806015,
  "gsr_y": 0.004962400533258915,
  "provenance": {
    "md5sum": "d4f8ef92273057d1be2818d0d2c48447",
    "settings": {
      "fd_thres": 0.2,
      "testing": false
    },
    "software": "mriqc",
    "version": "23.0.0",
    "webapi_port": null,
    "webapi_url": "https://mriqc.nimh.nih.gov/api/v1"
  },
  "size_t": 247,
  "size_x": 64,
  "size_y": 64,
  "size_z": 34,
  "snr": 6.173447678537268,
  "spacing_tr": 1.7999999523162842,
  "spacing_x": 3.75,
  "spacing_y": 3.75,
  "spacing_z": 3.799999952316284,
  "summary_bg_k": 41.826361022266695,
  "summary_bg_mad": 5.246132558465581,
  "summary_bg_mean": 28.581228256225586,
  "summary_bg_median": 16.145750045776367,
  "summary_bg_n": 97182.0,
  "summary_bg_p05": 11.672064781188965,
  "summary_bg_p95": 87.68745307922359,
  "summary_bg_stdv": 41.48517608642578,
  "summary_fg_k": 1.2384651093636618,
  "summary_fg_mad": 106.40521379806681,
  "summary_fg_mean": 746.981201171875,
  "summary_fg_median": 744.1255493164062,
  "summary_fg_n": 14513.0,
  "summary_fg_p05": 558.3206665039063,
  "summary_fg_p95": 949.6518432617187,
  "summary_fg_stdv": 120.53231048583984,
  "tsnr": 64.27574537287
}