{
  "aor": 0.014748185483870968,
  "aqi": 0.019703385040322575,
  "bids_meta": {
    "AcquisitionMatrixPE": 64,
    "AcquisitionNumber": 1,
    "AcquisitionTime": "15:10:47.960000",
    "BandwidthPerPixelPhaseEncode": 72.674,
    "BaseResolution": 64,
    "CoilString": "T:HEA;HEP",
    "ConversionSoftware": "dcm2niix",
    "ConversionSoftwareVersion": "v1.0.20190902",
    "DerivedVendorReportedEchoSpacing": 0.000430002,
    "DeviceSerialNumber": "35002",
    "DwellTime": 2.7e-06,
    "EchoTime": 0.031,
    "EffectiveEchoSpacing": 0.000215001,
    "FlipAngle": 90,
    "ImageOrientationPatientDICOM": [
      1,
      0,
      0,
      0,
      1,
      0
    ],
    "ImageType": [
      "ORIGINAL",
      "PRIMARY",
      "M",
      "ND",
      "MOSAIC"
    ],
    "ImagingFrequency": 123.263,
    "InPlanePhaseEncodingDirectionDICOM": "COL",
    "InstitutionAddress": "University_Pkwy_1700_North_685_Provo_AEC1C0_UT_US_84601",
    "InstitutionName": "Brigham_Young_University",
    "InstitutionalDepartmentName": "MRI",
    "MRAcquisitionType": "2D",
    "MagneticFieldStrength": 3,
    "Manufacturer": "Siemens",
    "ManufacturersModelName": "TrioTim",
    "Modality": "MR",
    "ParallelReductionFactorInPlane": 2,
    "PartialFourier": 1,
    "PatientPosition": "HFS",
    "PercentPhaseFOV": 100,
    "PhaseEncodingDirection": "j-",
    "PhaseEncodingSteps": 63,
    "PhaseResolution": 1,
    "PixelBandwidth": 2894,
    "ProcedureStepDescription": "Research_KIRWAN",
    "ProtocolName": "Daselaar_run3",
    "PulseSequenceDetails": "%CustomerSeq%_ep2d_bold_PMU",
    "ReceiveCoilName": "HeadMatrix",
    "ReconMatrixPE": 64,
    "RefLinesPE": 24,
    "RepetitionTime": 1.8,
    "SAR": 0.114119,
    "ScanOptions": "FS",
    "ScanningSequence": "EP",
    "SequenceName": "epfid2d1_64",
    "SequenceVariant": "SK",
    "SeriesDescription": "Daselaar_run3",
    "SeriesNumber": 7,
    "ShimSetting": [
      -2794,
      -22578,
      2079,
      236,
      231,
      1364,
      -282,
      328
    ],
    "SliceThickness": 3.8,
    "SliceTiming": [
      0.9025,
      0,
      0.955,
      0.0525,
      1.01,
      0.105,
      1.0625,
      0.16,
      1.115,
      0.2125,
      1.1675,
      0.265,
      1.2225,
      0.3175,
      1.275,
      0.3725,
      1.3275,
      0.425,
      1.38,
      0.4775,
      1.435,
      0.53,
      1.4875,
      0.585,
      1.54,
      0.6375,
      1.595,
      0.69,
      1.6475,
      0.7425,
      1.7,
      0.7975,
      1.7525,
      0.85
    ],
    "SoftwareVersions": "syngo_MR_B17",
    "SpacingBetweenSlices": 3.8,
    "StationName": "MRC35002",
    "TaskName": "RecogConf",
    "TotalReadoutTime": 0.0135451,
    "TxRefAmp": 341.376,
    "dataset": "ds004086",
    "modality": "bold",
    "run_id": 3,
    "subject_id": "058",
    "task_id": "RecogConf"
  },
  "dummy_trs": 0,
  "dvars_nstd": 29.618608636963558,
  "dvars_std": 1.008893119797571,
  "dvars_vstd": 1.0052416047368427,
  "efc": 0.42851815455967907,
  "fber": 2473.919189453125,
  "fd_mean": 0.4236436022660003,
  "fd_num": 74,
  "fd_perc": 29.838709677419356,
  "fwhm_avg": 2.010158230829551,
  "fwhm_x": 1.94388,
  "fwhm_y": 2.0287946666666667,
  "fwhm_z": 2.057800025821987,
  "gcor": 0.0531254,
  "gsr_x": -0.01637188158929348,
  "gsr_y": 0.020880145952105522,
  "provenance": {
    "md5sum": "d2f753a8c196e216e41c1f4a681be2cc",
    "settings": {
      "fd_thres": 0.2,
      "testing": false
    },
    "software": "mriqc",
    "version": "23.0.0",
    "webapi_port": null,
    "webapi_url": "https://mriqc.nimh.nih.gov/api/v1"
  },
  "size_t": 248,
  "size_x": 64,
  "size_y": 64,
  "size_z": 34,
  "snr": 6.228202466680719,
  "spacing_tr": 1.7999999523162842,
  "spacing_x": 3.75,
  "spacing_y": 3.75,
  "spacing_z": 3.799999952316284,
  "summary_bg_k": 86.41713591193708,
  "summary_bg_mad": 5.434214979110391,
  "summary_bg_mean": 28.84108543395996,
  "summary_bg_median": 16.145160675048828,
  "summary_bg_n": 96737.0,
  "summary_bg_p05": 11.717741966247559,
  "summary_bg_p95": 84.83548126220695,
  "summary_bg_stdv": 40.00116729736328,
  "summary_fg_k": 1.6197904777718524,
  "summary_fg_mad": 108.46315689213752,
  "summary_fg_mean": 801.9754638671875,
  "summary_fg_median": 796.7056274414062,
  "summary_fg_n": 15809.0,
  "summary_fg_p05": 608.3047973632813,
  "summary_fg_p95": 1021.3999633789059,
  "summary_fg_stdv": 127.91498565673828,
  "tsnr": 35.128664555144496
}