{
  "aor": 0.012335040650406503,
  "aqi": 0.010428367886178862,
  "bids_meta": {
    "AcquisitionMatrixPE": 64,
    "AcquisitionNumber": 1,
    "AcquisitionTime": "15:18:38.810000",
    "BandwidthPerPixelPhaseEncode": 72.674,
    "BaseResolution": 64,
    "CoilString": "T:HEA;HEP",
    "ConversionSoftware": "dcm2niix",
    "ConversionSoftwareVersion": "v1.0.20190902",
    "DerivedVendorReportedEchoSpacing": 0.000430002,
    "DeviceSerialNumber": "35002",
    "DwellTime": 2.7e-06,
    "EchoTime": 0.031,
    "EffectiveEchoSpacing": 0.000215001,
    "FlipAngle": 90,
    "ImageOrientationPatientDICOM": [
      1,
      0,
      0,
      0,
      1,
      0
    ],
    "ImageType": [
      "ORIGINAL",
      "PRIMARY",
      "M",
      "ND",
      "MOSAIC"
    ],
    "ImagingFrequency": 123.263,
    "InPlanePhaseEncodingDirectionDICOM": "COL",
    "InstitutionAddress": "University_Pkwy_1700_North_685_Provo_AEC1C0_UT_US_84601",
    "InstitutionName": "Brigham_Young_University",
    "InstitutionalDepartmentName": "MRI",
    "MRAcquisitionType": "2D",
    "MagneticFieldStrength": 3,
    "Manufacturer": "Siemens",
    "ManufacturersModelName": "TrioTim",
    "Modality": "MR",
    "ParallelReductionFactorInPlane": 2,
    "PartialFourier": 1,
    "PatientPosition": "HFS",
    "PercentPhaseFOV": 100,
    "PhaseEncodingDirection": "j-",
    "PhaseEncodingSteps": 63,
    "PhaseResolution": 1,
    "PixelBandwidth": 2894,
    "ProcedureStepDescription": "Research_KIRWAN",
    "ProtocolName": "Daselaar_run4",
    "PulseSequenceDetails": "%CustomerSeq%_ep2d_bold_PMU",
    "ReceiveCoilName": "HeadMatrix",
    "ReconMatrixPE": 64,
    "RefLinesPE": 24,
    "RepetitionTime": 1.8,
    "SAR": 0.114119,
    "ScanOptions": "FS",
    "ScanningSequence": "EP",
    "SequenceName": "epfid2d1_64",
    "SequenceVariant": "SK",
    "SeriesDescription": "Daselaar_run4",
    "SeriesNumber": 8,
    "ShimSetting": [
      -2794,
      -22578,
      2079,
      236,
      231,
      1364,
      -282,
      328
    ],
    "SliceThickness": 3.8,
    "SliceTiming": [
      0.9025,
      0,
      0.9575,
      0.0525,
      1.01,
      0.105,
      1.0625,
      0.16,
      1.115,
      0.2125,
      1.17,
      0.265,
      1.2225,
      0.3175,
      1.275,
      0.3725,
      1.3275,
      0.425,
      1.3825,
      0.4775,
      1.435,
      0.53,
      1.4875,
      0.585,
      1.54,
      0.6375,
      1.595,
      0.69,
      1.6475,
      0.745,
      1.7,
      0.7975,
      1.7525,
      0.85
    ],
    "SoftwareVersions": "syngo_MR_B17",
    "SpacingBetweenSlices": 3.8,
    "StationName": "MRC35002",
    "TaskName": "RecogConf",
    "TotalReadoutTime": 0.0135451,
    "TxRefAmp": 341.376,
    "dataset": "ds004086",
    "modality": "bold",
    "run_id": 4,
    "subject_id": "058",
    "task_id": "RecogConf"
  },
  "dummy_trs": 2,
  "dvars_nstd": 24.41112609428572,
  "dvars_std": 1.1852210764897964,
  "dvars_vstd": 1.0742962534285718,
  "efc": 0.423548127679913,
  "fber": 2652.958984375,
  "fd_mean": 0.1980307245172507,
  "fd_num": 39,
  "fd_perc": 15.853658536585366,
  "fwhm_avg": 1.986003388481852,
  "fwhm_x": 1.9312053333333334,
  "fwhm_y": 2.0269653333333335,
  "fwhm_z": 1.999839498778889,
  "gcor": 0.0389166,
  "gsr_x": -0.014591683633625507,
  "gsr_y": 0.00831911712884903,
  "provenance": {
    "md5sum": "40aa9838bf7cc0318721b940bafb959e",
    "settings": {
      "fd_thres": 0.2,
      "testing": false
    },
    "software": "mriqc",
    "version": "23.0.0",
    "webapi_port": null,
    "webapi_url": "https://mriqc.nimh.nih.gov/api/v1"
  },
  "size_t": 246,
  "size_x": 64,
  "size_y": 64,
  "size_z": 34,
  "snr": 6.319974398628235,
  "spacing_tr": 1.7999999523162842,
  "spacing_x": 3.75,
  "spacing_y": 3.75,
  "spacing_z": 3.799999952316284,
  "summary_bg_k": 95.94208971591846,
  "summary_bg_mad": 4.345349795394534,
  "summary_bg_mean": 26.329517364501953,
  "summary_bg_median": 15.51625919342041,
  "summary_bg_n": 96615.0,
  "summary_bg_p05": 11.813007354736328,
  "summary_bg_p95": 76.46869583129885,
  "summary_bg_stdv": 38.93449020385742,
  "summary_fg_k": 1.7171815410177347,
  "summary_fg_mad": 107.29881102143979,
  "summary_fg_mean": 806.0308837890625,
  "summary_fg_median": 801.6544189453125,
  "summary_fg_n": 15740.0,
  "summary_fg_p05": 614.8007934570312,
  "summary_fg_p95": 1023.2767730712891,
  "summary_fg_stdv": 126.84053802490234,
  "tsnr": 50.78709452995099
}