{
  "aor": 0.0010848987854251012,
  "aqi": 0.006473991943319838,
  "bids_meta": {
    "AcquisitionMatrixPE": 64,
    "AcquisitionNumber": 1,
    "AcquisitionTime": "12:08:28.262500",
    "BandwidthPerPixelPhaseEncode": 72.674,
    "BaseResolution": 64,
    "CoilString": "T:HEA;HEP",
    "ConversionSoftware": "dcm2niix",
    "ConversionSoftwareVersion": "v1.0.20190902",
    "DerivedVendorReportedEchoSpacing": 0.000430002,
    "DeviceSerialNumber": "35002",
    "DwellTime": 2.7e-06,
    "EchoTime": 0.031,
    "EffectiveEchoSpacing": 0.000215001,
    "FlipAngle": 90,
    "ImageOrientationPatientDICOM": [
      1,
      0,
      0,
      0,
      1,
      0
    ],
    "ImageType": [
      "ORIGINAL",
      "PRIMARY",
      "M",
      "ND",
      "MOSAIC"
    ],
    "ImagingFrequency": 123.263,
    "InPlanePhaseEncodingDirectionDICOM": "COL",
    "InstitutionAddress": "University_Pkwy_1700_North_685_Provo_AEC1C0_UT_US_84601",
    "InstitutionName": "Brigham_Young_University",
    "InstitutionalDepartmentName": "MRI",
    "MRAcquisitionType": "2D",
    "MagneticFieldStrength": 3,
    "Manufacturer": "Siemens",
    "ManufacturersModelName": "TrioTim",
    "Modality": "MR",
    "ParallelReductionFactorInPlane": 2,
    "PartialFourier": 1,
    "PatientPosition": "HFS",
    "PercentPhaseFOV": 100,
    "PhaseEncodingDirection": "j-",
    "PhaseEncodingSteps": 63,
    "PhaseResolution": 1,
    "PixelBandwidth": 2894,
    "ProcedureStepDescription": "Research_KIRWAN",
    "ProtocolName": "Daselaar_run2",
    "PulseSequenceDetails": "%CustomerSeq%_ep2d_bold_PMU",
    "ReceiveCoilName": "HeadMatrix",
    "ReconMatrixPE": 64,
    "RefLinesPE": 24,
    "RepetitionTime": 1.8,
    "SAR": 0.15047,
    "ScanOptions": "FS",
    "ScanningSequence": "EP",
    "SequenceName": "epfid2d1_64",
    "SequenceVariant": "SK",
    "SeriesDescription": "Daselaar_run2",
    "SeriesNumber": 6,
    "ShimSetting": [
      -2759,
      -22769,
      2174,
      551,
      130,
      571,
      -524,
      386
    ],
    "SliceThickness": 3.8,
    "SliceTiming": [
      0.9025,
      0,
      0.955,
      0.0525,
      1.01,
      0.105,
      1.0625,
      0.16,
      1.115,
      0.2125,
      1.1675,
      0.265,
      1.2225,
      0.3175,
      1.275,
      0.3725,
      1.3275,
      0.425,
      1.38,
      0.4775,
      1.435,
      0.53,
      1.4875,
      0.585,
      1.54,
      0.6375,
      1.595,
      0.69,
      1.6475,
      0.7425,
      1.7,
      0.7975,
      1.7525,
      0.85
    ],
    "SoftwareVersions": "syngo_MR_B17",
    "SpacingBetweenSlices": 3.8,
    "StationName": "MRC35002",
    "TaskName": "RecogConf",
    "TotalReadoutTime": 0.0135451,
    "TxRefAmp": 327.455,
    "dataset": "ds004086",
    "modality": "bold",
    "run_id": 2,
    "subject_id": "028",
    "task_id": "RecogConf"
  },
  "dummy_trs": 1,
  "dvars_nstd": 24.96452841699187,
  "dvars_std": 1.1068317156097556,
  "dvars_vstd": 0.9876872067479672,
  "efc": 0.42885475914302956,
  "fber": 2131.149169921875,
  "fd_mean": 0.15553940880489436,
  "fd_num": 42,
  "fd_perc": 17.004048582995953,
  "fwhm_avg": 1.9188619493509,
  "fwhm_x": 1.8249360000000001,
  "fwhm_y": 2.0595866666666667,
  "fwhm_z": 1.8720631813860338,
  "gcor": 0.0122612,
  "gsr_x": -0.01262626051902771,
  "gsr_y": 0.0052450234070420265,
  "provenance": {
    "md5sum": "c5a3f90e5fe14a05acd2456cb2634af0",
    "settings": {
      "fd_thres": 0.2,
      "testing": false
    },
    "software": "mriqc",
    "version": "23.0.0",
    "webapi_port": null,
    "webapi_url": "https://mriqc.nimh.nih.gov/api/v1"
  },
  "size_t": 247,
  "size_x": 64,
  "size_y": 64,
  "size_z": 34,
  "snr": 6.137672585459176,
  "spacing_tr": 1.7999999523162842,
  "spacing_x": 3.75,
  "spacing_y": 3.75,
  "spacing_z": 3.799999952316284,
  "summary_bg_k": 41.648036983949964,
  "summary_bg_mad": 5.294150683944963,
  "summary_bg_mean": 28.67991828918457,
  "summary_bg_median": 16.153846740722656,
  "summary_bg_n": 97172.0,
  "summary_bg_p05": 11.716599464416504,
  "summary_bg_p95": 88.35182533264158,
  "summary_bg_stdv": 41.31932830810547,
  "summary_fg_k": 1.1537707500394534,
  "summary_fg_mad": 107.2335671127763,
  "summary_fg_mean": 748.4600830078125,
  "summary_fg_median": 745.0162353515625,
  "summary_fg_n": 14551.0,
  "summary_fg_p05": 557.7368469238281,
  "summary_fg_p95": 951.9757385253906,
  "summary_fg_stdv": 121.37998962402344,
  "tsnr": 59.57192941009998
}