{
  "aor": 0.0004398387096774193,
  "aqi": 0.00444604685483871,
  "bids_meta": {
    "AcquisitionMatrixPE": 64,
    "AcquisitionNumber": 1,
    "AcquisitionTime": "14:11:59.042500",
    "BandwidthPerPixelPhaseEncode": 72.674,
    "BaseResolution": 64,
    "CoilString": "T:HEA;HEP",
    "ConversionSoftware": "dcm2niix",
    "ConversionSoftwareVersion": "v1.0.20190902",
    "DerivedVendorReportedEchoSpacing": 0.000430002,
    "DeviceSerialNumber": "35002",
    "DwellTime": 2.7e-06,
    "EchoTime": 0.031,
    "EffectiveEchoSpacing": 0.000215001,
    "FlipAngle": 90,
    "ImageOrientationPatientDICOM": [
      1,
      0,
      0,
      0,
      1,
      0
    ],
    "ImageType": [
      "ORIGINAL",
      "PRIMARY",
      "M",
      "ND",
      "MOSAIC"
    ],
    "ImagingFrequency": 123.263,
    "InPlanePhaseEncodingDirectionDICOM": "COL",
    "InstitutionAddress": "University_Pkwy_1700_North_685_Provo_AEC1C0_UT_US_84601",
    "InstitutionName": "Brigham_Young_University",
    "InstitutionalDepartmentName": "MRI",
    "MRAcquisitionType": "2D",
    "MagneticFieldStrength": 3,
    "Manufacturer": "Siemens",
    "ManufacturersModelName": "TrioTim",
    "Modality": "MR",
    "ParallelReductionFactorInPlane": 2,
    "PartialFourier": 1,
    "PatientPosition": "HFS",
    "PercentPhaseFOV": 100,
    "PhaseEncodingDirection": "j-",
    "PhaseEncodingSteps": 63,
    "PhaseResolution": 1,
    "PixelBandwidth": 2894,
    "ProcedureStepDescription": "Research_KIRWAN",
    "ProtocolName": "Daselaar_run4",
    "PulseSequenceDetails": "%CustomerSeq%_ep2d_bold_PMU",
    "ReceiveCoilName": "HeadMatrix",
    "ReconMatrixPE": 64,
    "RefLinesPE": 24,
    "RepetitionTime": 1.8,
    "SAR": 0.190382,
    "ScanOptions": "FS",
    "ScanningSequence": "EP",
    "SequenceName": "epfid2d1_64",
    "SequenceVariant": "SK",
    "SeriesDescription": "Daselaar_run4",
    "SeriesNumber": 8,
    "ShimSetting": [
      -2786,
      -22899,
      2370,
      521,
      111,
      227,
      -294,
      382
    ],
    "SliceThickness": 3.8,
    "SliceTiming": [
      0.9025,
      0,
      0.955,
      0.0525,
      1.0075,
      0.105,
      1.0625,
      0.1575,
      1.115,
      0.2125,
      1.1675,
      0.265,
      1.2225,
      0.3175,
      1.275,
      0.37,
      1.3275,
      0.425,
      1.38,
      0.4775,
      1.435,
      0.53,
      1.4875,
      0.5825,
      1.54,
      0.6375,
      1.5925,
      0.69,
      1.6475,
      0.7425,
      1.7,
      0.795,
      1.7525,
      0.85
    ],
    "SoftwareVersions": "syngo_MR_B17",
    "SpacingBetweenSlices": 3.8,
    "StationName": "MRC35002",
    "TaskName": "RecogConf",
    "TotalReadoutTime": 0.0135451,
    "TxRefAmp": 343.468,
    "dataset": "ds004086",
    "modality": "bold",
    "run_id": 4,
    "subject_id": "036",
    "task_id": "RecogConf"
  },
  "dummy_trs": 0,
  "dvars_nstd": 21.770020905748982,
  "dvars_std": 1.0801460525101203,
  "dvars_vstd": 0.9968545008502024,
  "efc": 0.452284514995608,
  "fber": 2000.1427001953125,
  "fd_mean": 0.12307703695279136,
  "fd_num": 27,
  "fd_perc": 10.887096774193548,
  "fwhm_avg": 1.8886579610597625,
  "fwhm_x": 1.7643039999999999,
  "fwhm_y": 2.0265093333333333,
  "fwhm_z": 1.8751605498459534,
  "gcor": 0.0340484,
  "gsr_x": -0.015827523544430733,
  "gsr_y": 0.019922686740756035,
  "provenance": {
    "md5sum": "daa6c3d204d602a136b986f43392713c",
    "settings": {
      "fd_thres": 0.2,
      "testing": false
    },
    "software": "mriqc",
    "version": "23.0.0",
    "webapi_port": null,
    "webapi_url": "https://mriqc.nimh.nih.gov/api/v1"
  },
  "size_t": 248,
  "size_x": 64,
  "size_y": 64,
  "size_z": 34,
  "snr": 6.14242511638782,
  "spacing_tr": 1.7999999523162842,
  "spacing_x": 3.75,
  "spacing_y": 3.75,
  "spacing_z": 3.799999952316284,
  "summary_bg_k": 82.12263308358256,
  "summary_bg_mad": 5.368454989772014,
  "summary_bg_mean": 32.04817199707031,
  "summary_bg_median": 17.020160675048828,
  "summary_bg_n": 94128.0,
  "summary_bg_p05": 12.572580337524414,
  "summary_bg_p95": 105.24515762329074,
  "summary_bg_stdv": 49.60847854614258,
  "summary_fg_k": 1.473726697398014,
  "summary_fg_mad": 110.5554865122722,
  "summary_fg_mean": 763.6412353515625,
  "summary_fg_median": 762.1854858398438,
  "summary_fg_n": 17193.0,
  "summary_fg_p05": 565.93544921875,
  "summary_fg_p95": 964.5902954101562,
  "summary_fg_stdv": 124.08182525634766,
  "tsnr": 69.17132524773479
}