{
  "aor": 0.0010690725806451612,
  "aqi": 0.007402090120967741,
  "bids_meta": {
    "AcquisitionMatrixPE": 64,
    "AcquisitionNumber": 1,
    "AcquisitionTime": "13:48:19.032500",
    "BandwidthPerPixelPhaseEncode": 72.674,
    "BaseResolution": 64,
    "CoilString": "T:HEA;HEP",
    "ConversionSoftware": "dcm2niix",
    "ConversionSoftwareVersion": "v1.0.20190902",
    "DerivedVendorReportedEchoSpacing": 0.000430002,
    "DeviceSerialNumber": "35002",
    "DwellTime": 2.7e-06,
    "EchoTime": 0.031,
    "EffectiveEchoSpacing": 0.000215001,
    "FlipAngle": 90,
    "ImageOrientationPatientDICOM": [
      1,
      0,
      0,
      0,
      1,
      0
    ],
    "ImageType": [
      "ORIGINAL",
      "PRIMARY",
      "M",
      "ND",
      "MOSAIC"
    ],
    "ImagingFrequency": 123.263,
    "InPlanePhaseEncodingDirectionDICOM": "COL",
    "InstitutionAddress": "University_Pkwy_1700_North_685_Provo_AEC1C0_UT_US_84601",
    "InstitutionName": "Brigham_Young_University",
    "InstitutionalDepartmentName": "MRI",
    "MRAcquisitionType": "2D",
    "MagneticFieldStrength": 3,
    "Manufacturer": "Siemens",
    "ManufacturersModelName": "TrioTim",
    "Modality": "MR",
    "ParallelReductionFactorInPlane": 2,
    "PartialFourier": 1,
    "PatientPosition": "HFS",
    "PercentPhaseFOV": 100,
    "PhaseEncodingDirection": "j-",
    "PhaseEncodingSteps": 63,
    "PhaseResolution": 1,
    "PixelBandwidth": 2894,
    "ProcedureStepDescription": "Research_KIRWAN",
    "ProtocolName": "Daselaar_run1",
    "PulseSequenceDetails": "%CustomerSeq%_ep2d_bold_PMU",
    "ReceiveCoilName": "HeadMatrix",
    "ReconMatrixPE": 64,
    "RefLinesPE": 24,
    "RepetitionTime": 1.8,
    "SAR": 0.190382,
    "ScanOptions": "FS",
    "ScanningSequence": "EP",
    "SequenceName": "epfid2d1_64",
    "SequenceVariant": "SK",
    "SeriesDescription": "Daselaar_run1",
    "SeriesNumber": 5,
    "ShimSetting": [
      -2786,
      -22899,
      2370,
      521,
      111,
      227,
      -294,
      382
    ],
    "SliceThickness": 3.8,
    "SliceTiming": [
      0.9025,
      0,
      0.955,
      0.0525,
      1.01,
      0.105,
      1.0625,
      0.16,
      1.115,
      0.2125,
      1.1675,
      0.265,
      1.2225,
      0.3175,
      1.275,
      0.3725,
      1.3275,
      0.425,
      1.38,
      0.4775,
      1.435,
      0.53,
      1.4875,
      0.585,
      1.54,
      0.6375,
      1.5925,
      0.69,
      1.6475,
      0.7425,
      1.7,
      0.7975,
      1.7525,
      0.85
    ],
    "SoftwareVersions": "syngo_MR_B17",
    "SpacingBetweenSlices": 3.8,
    "StationName": "MRC35002",
    "TaskName": "RecogConf",
    "TotalReadoutTime": 0.0135451,
    "TxRefAmp": 343.468,
    "dataset": "ds004086",
    "modality": "bold",
    "run_id": 1,
    "subject_id": "036",
    "task_id": "RecogConf"
  },
  "dummy_trs": 0,
  "dvars_nstd": 22.201474950040506,
  "dvars_std": 1.0579524046558701,
  "dvars_vstd": 0.9884138743724692,
  "efc": 0.45232458828494515,
  "fber": 1976.5321044921875,
  "fd_mean": 0.13195257186232984,
  "fd_num": 28,
  "fd_perc": 11.290322580645162,
  "fwhm_avg": 1.9319918676224743,
  "fwhm_x": 1.8009893333333333,
  "fwhm_y": 2.088754666666667,
  "fwhm_z": 1.9062316028674227,
  "gcor": 0.0162362,
  "gsr_x": -0.016299817711114883,
  "gsr_y": 0.02108096517622471,
  "provenance": {
    "md5sum": "80502f26f87c7cc26da3e93e6c5056f3",
    "settings": {
      "fd_thres": 0.2,
      "testing": false
    },
    "software": "mriqc",
    "version": "23.0.0",
    "webapi_port": null,
    "webapi_url": "https://mriqc.nimh.nih.gov/api/v1"
  },
  "size_t": 248,
  "size_x": 64,
  "size_y": 64,
  "size_z": 34,
  "snr": 6.082939211937927,
  "spacing_tr": 1.7999999523162842,
  "spacing_x": 3.75,
  "spacing_y": 3.75,
  "spacing_z": 3.799999952316284,
  "summary_bg_k": 85.15921641539364,
  "summary_bg_mad": 5.75704111525045,
  "summary_bg_mean": 31.94150733947754,
  "summary_bg_median": 17.177419662475586,
  "summary_bg_n": 94012.0,
  "summary_bg_p05": 12.278225898742676,
  "summary_bg_p95": 103.47136421203611,
  "summary_bg_stdv": 49.147796630859375,
  "summary_fg_k": 1.4270957041455974,
  "summary_fg_mad": 112.25933887874204,
  "summary_fg_mean": 766.3563232421875,
  "summary_fg_median": 765.8064575195312,
  "summary_fg_n": 17227.0,
  "summary_fg_p05": 562.9673095703125,
  "summary_fg_p95": 967.8931335449216,
  "summary_fg_stdv": 125.89049530029297,
  "tsnr": 57.36404245533049
}