{
  "bids_meta": {
    "AcquisitionMatrixPE": 215,
    "AcquisitionNumber": 1,
    "AcquisitionTime": "14:05:50.435000",
    "BaseResolution": 256,
    "CoilString": "C:HEA;HEP",
    "ConversionSoftware": "dcm2niix",
    "ConversionSoftwareVersion": "v1.0.20190902",
    "DeviceSerialNumber": "35002",
    "DwellTime": 9.8e-06,
    "EchoTime": 0.00226,
    "FlipAngle": 9,
    "ImageOrientationPatientDICOM": [
      0,
      1,
      0,
      0,
      0,
      -1
    ],
    "ImageType": [
      "ORIGINAL",
      "PRIMARY",
      "M",
      "ND",
      "NORM"
    ],
    "ImagingFrequency": 123.263,
    "InPlanePhaseEncodingDirectionDICOM": "ROW",
    "InstitutionAddress": "University_Pkwy_1700_North_685_Provo_AEC1C0_UT_US_84601",
    "InstitutionName": "Brigham_Young_University",
    "InstitutionalDepartmentName": "MRI",
    "InversionTime": 0.9,
    "MRAcquisitionType": "3D",
    "MagneticFieldStrength": 3,
    "Manufacturer": "Siemens",
    "ManufacturersModelName": "TrioTim",
    "Modality": "MR",
    "PartialFourier": 0.875,
    "PatientPosition": "HFS",
    "PercentPhaseFOV": 87.5,
    "PhaseEncodingSteps": 227,
    "PhaseOversampling": 0.2,
    "PhaseResolution": 0.96,
    "PixelBandwidth": 199,
    "ProcedureStepDescription": "Research_KIRWAN",
    "ProtocolName": "t1_mpr_sag_iso_(mprage)",
    "PulseSequenceDetails": "%SiemensSeq%_tfl",
    "ReceiveCoilName": "HeadMatrix",
    "ReconMatrixPE": 224,
    "RepetitionTime": 1.9,
    "SAR": 0.0922429,
    "ScanOptions": "IR_PFP",
    "ScanningSequence": "GR_IR",
    "SequenceName": "_tfl3d1_ns",
    "SequenceVariant": "SP_MP_OSP",
    "SeriesDescription": "t1_mpr_sag_iso_(mprage)",
    "SeriesNumber": 2,
    "ShimSetting": [
      -2768,
      -22810,
      1838,
      -69,
      10,
      173,
      -426,
      363
    ],
    "SliceThickness": 1,
    "SoftwareVersions": "syngo_MR_B17",
    "StationName": "MRC35002",
    "TxRefAmp": 329.729,
    "dataset": "ds004086",
    "modality": "T1w",
    "subject_id": "010"
  },
  "cjv": 0.3243404395632392,
  "cnr": 4.31627297596353,
  "efc": 0.5538665468445352,
  "fber": 14392.106345221608,
  "fwhm_avg": 4.59518368,
  "fwhm_x": 4.49228,
  "fwhm_y": 4.858030080000001,
  "fwhm_z": 4.43524096,
  "icvs_csf": 0.191023664378105,
  "icvs_gm": 0.47324203805825965,
  "icvs_wm": 0.3357342975636353,
  "inu_med": 0.4626101702451706,
  "inu_range": 0.18617888391017912,
  "provenance": {
    "md5sum": "cc977d09be2fe44a8dfa5f3f1aa4eb4c",
    "settings": {
      "testing": false
    },
    "software": "mriqc",
    "version": "23.0.0",
    "warnings": {
      "large_rot_frame": true,
      "small_air_mask": false
    },
    "webapi_port": null,
    "webapi_url": "https://mriqc.nimh.nih.gov/api/v1"
  },
  "qi_1": 0.0,
  "qi_2": 0.00938399935991556,
  "rpve_csf": 22.97167619584936,
  "rpve_gm": 10.222534808364914,
  "rpve_wm": 15.726203662244009,
  "size_x": 176,
  "size_y": 224,
  "size_z": 256,
  "snr_csf": 2.3797923167875172,
  "snr_gm": 15.689689538692743,
  "snr_total": 14.85536258579142,
  "snr_wm": 26.496605901893997,
  "snrd_csf": 29.630830234712633,
  "snrd_gm": 70.22181611807338,
  "snrd_total": 65.00097399004223,
  "snrd_wm": 95.1502756173407,
  "spacing_x": 1.0,
  "spacing_y": 0.9765625,
  "spacing_z": 0.9765625,
  "summary_bg_k": 5.679580740455007,
  "summary_bg_mad": 0.0,
  "summary_bg_mean": 4.670570962068161,
  "summary_bg_median": 0.0,
  "summary_bg_n": 2860891.0,
  "summary_bg_p05": 0.0,
  "summary_bg_p95": 18.025579247623682,
  "summary_bg_stdv": 6.885281048898395,
  "summary_csf_k": 3.4224853668070434,
  "summary_csf_mad": 113.80245863426158,
  "summary_csf_mean": 315.6343590050871,
  "summary_csf_median": 311.4108663145453,
  "summary_csf_n": 35532.0,
  "summary_csf_p05": 91.36690501123667,
  "summary_csf_p95": 540.7413982124996,
  "summary_csf_stdv": 130.85447917809034,
  "summary_gm_k": -0.08143371494673302,
  "summary_gm_mad": 48.471966239430344,
  "summary_gm_mean": 736.9455667772037,
  "summary_gm_median": 738.0095805041492,
  "summary_gm_n": 59980.0,
  "summary_gm_p05": 658.75298704952,
  "summary_gm_p95": 811.7905545420945,
  "summary_gm_stdv": 47.03747811758479,
  "summary_wm_k": 0.22653017494634442,
  "summary_wm_mad": 36.502116385683486,
  "summary_wm_mean": 1000.6331570117629,
  "summary_wm_median": 999.9999839812517,
  "summary_wm_n": 184551.0,
  "summary_wm_p05": 939.2885540984571,
  "summary_wm_p95": 1063.6490636970848,
  "summary_wm_stdv": 37.74057999737809,
  "tpm_overlap_csf": 0.15115219152004683,
  "tpm_overlap_gm": 0.48380087177504716,
  "tpm_overlap_wm": 0.5016639508347265,
  "wm2max": 0.4596054226826849
}