{
  "bids_meta": {
    "AcquisitionMatrixPE": 215,
    "AcquisitionNumber": 1,
    "AcquisitionTime": "15:23:22.402500",
    "BaseResolution": 256,
    "CoilString": "C:HEA;HEP",
    "ConversionSoftware": "dcm2niix",
    "ConversionSoftwareVersion": "v1.0.20190902",
    "DeviceSerialNumber": "35002",
    "DwellTime": 9.8e-06,
    "EchoTime": 0.00226,
    "FlipAngle": 9,
    "ImageOrientationPatientDICOM": [
      0,
      1,
      0,
      0,
      0,
      -1
    ],
    "ImageType": [
      "ORIGINAL",
      "PRIMARY",
      "M",
      "ND",
      "NORM"
    ],
    "ImagingFrequency": 123.263,
    "InPlanePhaseEncodingDirectionDICOM": "ROW",
    "InstitutionAddress": "University_Pkwy_1700_North_685_Provo_AEC1C0_UT_US_84601",
    "InstitutionName": "Brigham_Young_University",
    "InstitutionalDepartmentName": "MRI",
    "InversionTime": 0.9,
    "MRAcquisitionType": "3D",
    "MagneticFieldStrength": 3,
    "Manufacturer": "Siemens",
    "ManufacturersModelName": "TrioTim",
    "Modality": "MR",
    "PartialFourier": 0.875,
    "PatientPosition": "HFS",
    "PercentPhaseFOV": 87.5,
    "PhaseEncodingSteps": 227,
    "PhaseOversampling": 0.2,
    "PhaseResolution": 0.96,
    "PixelBandwidth": 199,
    "ProcedureStepDescription": "Research_KIRWAN",
    "ProtocolName": "t1_mpr_sag_iso_(mprage)",
    "PulseSequenceDetails": "%SiemensSeq%_tfl",
    "ReceiveCoilName": "HeadMatrix",
    "ReconMatrixPE": 224,
    "RepetitionTime": 1.9,
    "SAR": 0.0810399,
    "ScanOptions": "IR_PFP",
    "ScanningSequence": "GR_IR",
    "SequenceName": "_tfl3d1_ns",
    "SequenceVariant": "SP_MP_OSP",
    "SeriesDescription": "t1_mpr_sag_iso_(mprage)",
    "SeriesNumber": 2,
    "ShimSetting": [
      -2768,
      -22810,
      1838,
      -69,
      10,
      173,
      -426,
      363
    ],
    "SliceThickness": 1,
    "SoftwareVersions": "syngo_MR_B17",
    "StationName": "MRC35002",
    "TxRefAmp": 332.773,
    "dataset": "ds004086",
    "modality": "T1w",
    "subject_id": "035"
  },
  "cjv": 0.3214809570316246,
  "cnr": 4.248203709591335,
  "efc": 0.6301331885252739,
  "fber": 10970.714048442906,
  "fwhm_avg": 4.62332008,
  "fwhm_x": 4.47987,
  "fwhm_y": 4.95387648,
  "fwhm_z": 4.436213759999999,
  "icvs_csf": 0.18202331282400414,
  "icvs_gm": 0.45818189034751944,
  "icvs_wm": 0.3597947968284764,
  "inu_med": 0.4617522954940796,
  "inu_range": 0.19771674871444705,
  "provenance": {
    "md5sum": "2669213df41b543aba33c4e90c1427a4",
    "settings": {
      "testing": false
    },
    "software": "mriqc",
    "version": "23.0.0",
    "warnings": {
      "large_rot_frame": true,
      "small_air_mask": false
    },
    "webapi_port": null,
    "webapi_url": "https://mriqc.nimh.nih.gov/api/v1"
  },
  "qi_1": 0.0,
  "qi_2": 0.006852530721459008,
  "rpve_csf": 19.627684884556345,
  "rpve_gm": 8.684039913591302,
  "rpve_wm": 12.438827403889237,
  "size_x": 176,
  "size_y": 224,
  "size_z": 256,
  "snr_csf": 2.635337801343743,
  "snr_gm": 14.469555175256215,
  "snr_total": 14.519280124732674,
  "snr_wm": 26.45294739759807,
  "snrd_csf": 24.980824801490414,
  "snrd_gm": 61.54473171160501,
  "snrd_total": 56.93957096559112,
  "snrd_wm": 84.29315638367797,
  "spacing_x": 1.0,
  "spacing_y": 0.9765625,
  "spacing_z": 0.9765625,
  "summary_bg_k": 5.204572008619943,
  "summary_bg_mad": 0.0,
  "summary_bg_mean": 4.924568381971129,
  "summary_bg_median": 0.0,
  "summary_bg_n": 1975908.0,
  "summary_bg_p05": 0.0,
  "summary_bg_p95": 20.53762548416853,
  "summary_bg_stdv": 7.77242649594593,
  "summary_csf_k": 26.99854460092873,
  "summary_csf_mad": 74.565097047368,
  "summary_csf_mean": 308.46776300857425,
  "summary_csf_median": 296.3682441972196,
  "summary_csf_n": 37824.0,
  "summary_csf_p05": 170.01625235509127,
  "summary_csf_p95": 489.17015942055724,
  "summary_csf_stdv": 112.45781329922336,
  "summary_gm_k": -0.002251916814969057,
  "summary_gm_mad": 50.6701723727483,
  "summary_gm_mean": 729.7829082000409,
  "summary_gm_median": 730.1561986804008,
  "summary_gm_n": 66439.0,
  "summary_gm_p05": 646.1818921640515,
  "summary_gm_p95": 811.5137421041727,
  "summary_gm_stdv": 50.46117139603749,
  "summary_wm_k": 0.49692742398009493,
  "summary_wm_mad": 36.09221094764206,
  "summary_wm_mean": 1002.017521903908,
  "summary_wm_median": 1000.039628546685,
  "summary_wm_n": 259490.0,
  "summary_wm_p05": 943.6999262049794,
  "summary_wm_p95": 1067.1853730229657,
  "summary_wm_stdv": 37.80439610683032,
  "tpm_overlap_csf": 0.15382839911021454,
  "tpm_overlap_gm": 0.46981192088344487,
  "tpm_overlap_wm": 0.5002177451630585,
  "wm2max": 0.4816699914716064
}